{
  "aor": 0.014742060606060604,
  "aqi": 0.006833707818181818,
  "bids_meta": {
    "AcquisitionMatrixPE": 70,
    "AcquisitionNumber": 1,
    "AcquisitionTime": "16:51:43.802500",
    "BandwidthPerPixelPhaseEncode": 29.155,
    "BaseResolution": 70,
    "BodyPartExamined": "BRAIN",
    "ConsistencyInfo": "N4_VE11C_LATEST_20160120",
    "ConversionSoftware": "dcm2niix",
    "ConversionSoftwareVersion": "v1.0.20181125  (JP2:OpenJPEG) (JP-LS:CharLS) GCC5.5.0",
    "DerivedVendorReportedEchoSpacing": 0.000489992,
    "DeviceSerialNumber": "167012",
    "DwellTime": 3e-06,
    "EchoTime": 0.03,
    "EchoTrainLength": 70,
    "EffectiveEchoSpacing": 0.000489992,
    "FlipAngle": 90,
    "ImageOrientationPatientDICOM": [
      0.999471,
      -0.0301098,
      -0.0122706,
      0.0303621,
      0.99932,
      0.0209167
    ],
    "ImageType": [
      "ORIGINAL",
      "PRIMARY",
      "M",
      "ND",
      "MOSAIC"
    ],
    "ImagingFrequency": 123.253,
    "InPlanePhaseEncodingDirectionDICOM": "COL",
    "InstitutionAddress": "Vassar_Street_43_Cambridge_Boston_US_02139",
    "InstitutionName": "McGovern_Institute_for_Brain_Research_(3T1)",
    "InstitutionalDepartmentName": "Department",
    "MRAcquisitionType": "2D",
    "MagneticFieldStrength": 3,
    "Manufacturer": "Siemens",
    "ManufacturersModelName": "Prisma_fit",
    "Modality": "MR",
    "PartialFourier": 1,
    "PatientPosition": "HFS",
    "PercentPhaseFOV": 100,
    "PhaseEncodingDirection": "j-",
    "PhaseEncodingSteps": 70,
    "PhaseResolution": 1,
    "PixelBandwidth": 2380,
    "ProcedureStepDescription": "Young_Minjae",
    "ProtocolName": "TPS_run1",
    "PulseSequenceDetails": "%SiemensSeq%_ep2d_pace",
    "ReceiveCoilActiveElements": "HEA;HEP",
    "ReceiveCoilName": "Head_32",
    "ReconMatrixPE": 70,
    "RepetitionTime": 2,
    "SAR": 0.110295,
    "ScanOptions": "FS",
    "ScanningSequence": "EP",
    "SequenceName": "_epfid2d1_70",
    "SequenceVariant": "SK",
    "SeriesDescription": "TPS_run1",
    "SeriesNumber": 15,
    "ShimSetting": [
      -5624,
      -1554,
      3192,
      414,
      25,
      17,
      -81,
      -2
    ],
    "SliceThickness": 3,
    "SliceTiming": [
      0,
      0.0625,
      0.125,
      0.185,
      0.2475,
      0.31,
      0.3725,
      0.4325,
      0.495,
      0.5575,
      0.62,
      0.68,
      0.7425,
      0.805,
      0.8675,
      0.9275,
      0.99,
      1.0525,
      1.115,
      1.175,
      1.2375,
      1.3,
      1.3625,
      1.4225,
      1.485,
      1.5475,
      1.61,
      1.67,
      1.7325,
      1.795,
      1.8575,
      1.9175
    ],
    "SoftwareVersions": "syngo_MR_E11",
    "SpacingBetweenSlices": 3.6,
    "StationName": "MRC35115",
    "TaskName": "tps",
    "TotalReadoutTime": 0.0338094,
    "TxRefAmp": 273.692,
    "dataset": "ds002793",
    "modality": "bold",
    "run_id": 1,
    "subject_id": "19",
    "task_id": "tps"
  },
  "dummy_trs": 0,
  "dvars_nstd": 42.38285022823171,
  "dvars_std": 1.3647710276829264,
  "dvars_vstd": 1.109304443963415,
  "efc": 0.5780412387925935,
  "fber": 272.5857849121094,
  "fd_mean": 0.5439367818152971,
  "fd_num": 137,
  "fd_perc": 83.03030303030303,
  "fwhm_avg": 2.5927807636669447,
  "fwhm_x": 2.2989666666666664,
  "fwhm_y": 2.88307,
  "fwhm_z": 2.5963056243341667,
  "gcor": 0.0426849,
  "gsr_x": -0.003697381354868412,
  "gsr_y": 0.04832429066300392,
  "provenance": {
    "md5sum": "a057af5132c76936b2d9d3412980f121",
    "settings": {
      "fd_thres": 0.2,
      "testing": false
    },
    "software": "mriqc",
    "version": "22.0.6",
    "webapi_port": null,
    "webapi_url": "https://mriqc.nimh.nih.gov/api/v1"
  },
  "size_t": 165,
  "size_x": 70,
  "size_y": 70,
  "size_z": 32,
  "snr": 2.532994199864661,
  "spacing_tr": 2.0,
  "spacing_x": 3.0,
  "spacing_y": 3.0,
  "spacing_z": 3.5999999046325684,
  "summary_bg_k": 39.722941194103,
  "summary_bg_mad": 6.819970770693632,
  "summary_bg_mean": 38.051055908203125,
  "summary_bg_median": 21.49696922302246,
  "summary_bg_n": 87307.0,
  "summary_bg_p05": 16.393938064575195,
  "summary_bg_p95": 122.23635864257812,
  "summary_bg_stdv": 49.57732391357422,
  "summary_fg_k": 0.11699006670831924,
  "summary_fg_mad": 139.9396779425175,
  "summary_fg_mean": 392.10174560546875,
  "summary_fg_median": 365.83636474609375,
  "summary_fg_n": 32795.0,
  "summary_fg_p05": 200.85938415527343,
  "summary_fg_p95": 666.0520935058593,
  "summary_fg_stdv": 144.4262237548828,
  "tsnr": 44.09394097572658
}