{
  "aor": 0.009277151515151516,
  "aqi": 0.00715772412121212,
  "bids_meta": {
    "AcquisitionMatrixPE": 70,
    "AcquisitionNumber": 1,
    "AcquisitionTime": "17:31:26.100000",
    "BandwidthPerPixelPhaseEncode": 29.155,
    "BaseResolution": 70,
    "BodyPartExamined": "BRAIN",
    "ConsistencyInfo": "N4_VE11C_LATEST_20160120",
    "ConversionSoftware": "dcm2niix",
    "ConversionSoftwareVersion": "v1.0.20181125  (JP2:OpenJPEG) (JP-LS:CharLS) GCC5.5.0",
    "DerivedVendorReportedEchoSpacing": 0.000489992,
    "DeviceSerialNumber": "167012",
    "DwellTime": 3e-06,
    "EchoTime": 0.03,
    "EchoTrainLength": 70,
    "EffectiveEchoSpacing": 0.000489992,
    "FlipAngle": 90,
    "ImageOrientationPatientDICOM": [
      0.999471,
      -0.0301098,
      -0.0122706,
      0.0303621,
      0.99932,
      0.0209167
    ],
    "ImageType": [
      "ORIGINAL",
      "PRIMARY",
      "M",
      "ND",
      "MOSAIC"
    ],
    "ImagingFrequency": 123.253,
    "InPlanePhaseEncodingDirectionDICOM": "COL",
    "InstitutionAddress": "Vassar_Street_43_Cambridge_Boston_US_02139",
    "InstitutionName": "McGovern_Institute_for_Brain_Research_(3T1)",
    "InstitutionalDepartmentName": "Department",
    "MRAcquisitionType": "2D",
    "MagneticFieldStrength": 3,
    "Manufacturer": "Siemens",
    "ManufacturersModelName": "Prisma_fit",
    "Modality": "MR",
    "PartialFourier": 1,
    "PatientPosition": "HFS",
    "PercentPhaseFOV": 100,
    "PhaseEncodingDirection": "j-",
    "PhaseEncodingSteps": 70,
    "PhaseResolution": 1,
    "PixelBandwidth": 2380,
    "ProcedureStepDescription": "Young_Minjae",
    "ProtocolName": "TPS_run7",
    "PulseSequenceDetails": "%SiemensSeq%_ep2d_pace",
    "ReceiveCoilActiveElements": "HEA;HEP",
    "ReceiveCoilName": "Head_32",
    "ReconMatrixPE": 70,
    "RepetitionTime": 2,
    "SAR": 0.110295,
    "ScanOptions": "FS",
    "ScanningSequence": "EP",
    "SequenceName": "_epfid2d1_70",
    "SequenceVariant": "SK",
    "SeriesDescription": "TPS_run7",
    "SeriesNumber": 27,
    "ShimSetting": [
      -5624,
      -1554,
      3192,
      414,
      25,
      17,
      -81,
      -2
    ],
    "SliceThickness": 3,
    "SliceTiming": [
      0,
      0.0625,
      0.1225,
      0.185,
      0.2475,
      0.31,
      0.37,
      0.4325,
      0.495,
      0.5575,
      0.6175,
      0.68,
      0.7425,
      0.8025,
      0.865,
      0.9275,
      0.99,
      1.05,
      1.1125,
      1.175,
      1.2375,
      1.2975,
      1.36,
      1.4225,
      1.485,
      1.545,
      1.6075,
      1.67,
      1.7325,
      1.7925,
      1.855,
      1.9175
    ],
    "SoftwareVersions": "syngo_MR_E11",
    "SpacingBetweenSlices": 3.6,
    "StationName": "MRC35115",
    "TaskName": "tps",
    "TotalReadoutTime": 0.0338094,
    "TxRefAmp": 273.692,
    "dataset": "ds002793",
    "modality": "bold",
    "run_id": 7,
    "subject_id": "19",
    "task_id": "tps"
  },
  "dummy_trs": 0,
  "dvars_nstd": 42.140117215,
  "dvars_std": 1.2993811889024391,
  "dvars_vstd": 1.0628643098170731,
  "efc": 0.5788592674307864,
  "fber": 276.4667663574219,
  "fd_mean": 0.5281278502026115,
  "fd_num": 132,
  "fd_perc": 80.0,
  "fwhm_avg": 2.5250218742851764,
  "fwhm_x": 2.2236866666666666,
  "fwhm_y": 2.81089,
  "fwhm_z": 2.5404889561888626,
  "gcor": 0.0683038,
  "gsr_x": -0.0018409456824883819,
  "gsr_y": 0.05000191926956177,
  "provenance": {
    "md5sum": "81b3f4d296127e98d544605f4da06d5d",
    "settings": {
      "fd_thres": 0.2,
      "testing": false
    },
    "software": "mriqc",
    "version": "22.0.6",
    "webapi_port": null,
    "webapi_url": "https://mriqc.nimh.nih.gov/api/v1"
  },
  "size_t": 165,
  "size_x": 70,
  "size_y": 70,
  "size_z": 32,
  "snr": 2.6002491265699064,
  "spacing_tr": 2.0,
  "spacing_x": 3.0,
  "spacing_y": 3.0,
  "spacing_z": 3.5999999046325684,
  "summary_bg_k": 39.87941721872215,
  "summary_bg_mad": 6.31678221523727,
  "summary_bg_mean": 37.330039978027344,
  "summary_bg_median": 20.9818172454834,
  "summary_bg_n": 87799.0,
  "summary_bg_p05": 16.27272605895996,
  "summary_bg_p95": 118.65514678955073,
  "summary_bg_stdv": 48.660953521728516,
  "summary_fg_k": 0.12658185544201173,
  "summary_fg_mad": 134.56637603616048,
  "summary_fg_mean": 382.32080078125,
  "summary_fg_median": 358.1757507324219,
  "summary_fg_n": 32451.0,
  "summary_fg_p05": 199.1848373413086,
  "summary_fg_p95": 640.0969543457031,
  "summary_fg_stdv": 137.7445831298828,
  "tsnr": 45.52870172448456
}