{
  "aor": 0.008004727272727273,
  "aqi": 0.0053935956969696965,
  "bids_meta": {
    "AcquisitionMatrixPE": 70,
    "AcquisitionNumber": 1,
    "AcquisitionTime": "17:11:23.322500",
    "BandwidthPerPixelPhaseEncode": 29.155,
    "BaseResolution": 70,
    "BodyPartExamined": "BRAIN",
    "ConsistencyInfo": "N4_VE11C_LATEST_20160120",
    "ConversionSoftware": "dcm2niix",
    "ConversionSoftwareVersion": "v1.0.20181125  (JP2:OpenJPEG) (JP-LS:CharLS) GCC5.5.0",
    "DerivedVendorReportedEchoSpacing": 0.000489992,
    "DeviceSerialNumber": "167012",
    "DwellTime": 3e-06,
    "EchoTime": 0.03,
    "EchoTrainLength": 70,
    "EffectiveEchoSpacing": 0.000489992,
    "FlipAngle": 90,
    "ImageOrientationPatientDICOM": [
      0.999471,
      -0.0301098,
      -0.0122706,
      0.0303621,
      0.99932,
      0.0209167
    ],
    "ImageType": [
      "ORIGINAL",
      "PRIMARY",
      "M",
      "ND",
      "MOSAIC"
    ],
    "ImagingFrequency": 123.253,
    "InPlanePhaseEncodingDirectionDICOM": "COL",
    "InstitutionAddress": "Vassar_Street_43_Cambridge_Boston_US_02139",
    "InstitutionName": "McGovern_Institute_for_Brain_Research_(3T1)",
    "InstitutionalDepartmentName": "Department",
    "MRAcquisitionType": "2D",
    "MagneticFieldStrength": 3,
    "Manufacturer": "Siemens",
    "ManufacturersModelName": "Prisma_fit",
    "Modality": "MR",
    "PartialFourier": 1,
    "PatientPosition": "HFS",
    "PercentPhaseFOV": 100,
    "PhaseEncodingDirection": "j-",
    "PhaseEncodingSteps": 70,
    "PhaseResolution": 1,
    "PixelBandwidth": 2380,
    "ProcedureStepDescription": "Young_Minjae",
    "ProtocolName": "TPS_run4",
    "PulseSequenceDetails": "%SiemensSeq%_ep2d_pace",
    "ReceiveCoilActiveElements": "HEA;HEP",
    "ReceiveCoilName": "Head_32",
    "ReconMatrixPE": 70,
    "RepetitionTime": 2,
    "SAR": 0.110295,
    "ScanOptions": "FS",
    "ScanningSequence": "EP",
    "SequenceName": "_epfid2d1_70",
    "SequenceVariant": "SK",
    "SeriesDescription": "TPS_run4",
    "SeriesNumber": 21,
    "ShimSetting": [
      -5624,
      -1554,
      3192,
      414,
      25,
      17,
      -81,
      -2
    ],
    "SliceThickness": 3,
    "SliceTiming": [
      0,
      0.0625,
      0.1225,
      0.185,
      0.2475,
      0.31,
      0.37,
      0.4325,
      0.495,
      0.5575,
      0.6175,
      0.68,
      0.7425,
      0.805,
      0.865,
      0.9275,
      0.99,
      1.0525,
      1.1125,
      1.175,
      1.2375,
      1.3,
      1.36,
      1.4225,
      1.485,
      1.545,
      1.6075,
      1.67,
      1.7325,
      1.7925,
      1.855,
      1.9175
    ],
    "SoftwareVersions": "syngo_MR_E11",
    "SpacingBetweenSlices": 3.6,
    "StationName": "MRC35115",
    "TaskName": "tps",
    "TotalReadoutTime": 0.0338094,
    "TxRefAmp": 273.692,
    "dataset": "ds002793",
    "modality": "bold",
    "run_id": 4,
    "subject_id": "19",
    "task_id": "tps"
  },
  "dummy_trs": 0,
  "dvars_nstd": 34.22544026969512,
  "dvars_std": 1.2771156041463414,
  "dvars_vstd": 1.050695158536586,
  "efc": 0.5790424374018133,
  "fber": 274.56640625,
  "fd_mean": 0.4006405425101343,
  "fd_num": 108,
  "fd_perc": 65.45454545454545,
  "fwhm_avg": 2.5556353930011753,
  "fwhm_x": 2.2747100000000002,
  "fwhm_y": 2.8293433333333335,
  "fwhm_z": 2.5628528456701924,
  "gcor": 0.0678411,
  "gsr_x": 0.0005663138581439853,
  "gsr_y": 0.05005647987127304,
  "provenance": {
    "md5sum": "af3cb833c93a3ba542e53ed6e80cab75",
    "settings": {
      "fd_thres": 0.2,
      "testing": false
    },
    "software": "mriqc",
    "version": "22.0.6",
    "webapi_port": null,
    "webapi_url": "https://mriqc.nimh.nih.gov/api/v1"
  },
  "size_t": 165,
  "size_x": 70,
  "size_y": 70,
  "size_z": 32,
  "snr": 2.6006805505677195,
  "spacing_tr": 2.0,
  "spacing_x": 3.0,
  "spacing_y": 3.0,
  "spacing_z": 3.5999999046325684,
  "summary_bg_k": 38.43257194768579,
  "summary_bg_mad": 6.460549565984998,
  "summary_bg_mean": 37.94487762451172,
  "summary_bg_median": 21.09090805053711,
  "summary_bg_n": 87837.0,
  "summary_bg_p05": 16.27878761291504,
  "summary_bg_p95": 121.71029663085936,
  "summary_bg_stdv": 50.386940002441406,
  "summary_fg_k": 0.08292463520532989,
  "summary_fg_mad": 134.10360578802585,
  "summary_fg_mean": 383.1536560058594,
  "summary_fg_median": 358.25152587890625,
  "summary_fg_n": 32230.0,
  "summary_fg_p05": 199.94514541625978,
  "summary_fg_p95": 642.890869140625,
  "summary_fg_stdv": 137.7508544921875,
  "tsnr": 50.97309985756874
}