{
  "aor": 0.008971777777777778,
  "aqi": 0.004938175333333333,
  "bids_meta": {
    "AcquisitionMatrixPE": 70,
    "AcquisitionNumber": 1,
    "AcquisitionTime": "16:45:29.662500",
    "BandwidthPerPixelPhaseEncode": 29.155,
    "BaseResolution": 70,
    "BodyPartExamined": "BRAIN",
    "ConsistencyInfo": "N4_VE11C_LATEST_20160120",
    "ConversionSoftware": "dcm2niix",
    "ConversionSoftwareVersion": "v1.0.20181125  (JP2:OpenJPEG) (JP-LS:CharLS) GCC5.5.0",
    "DerivedVendorReportedEchoSpacing": 0.000489992,
    "DeviceSerialNumber": "167012",
    "DwellTime": 3e-06,
    "EchoTime": 0.03,
    "EchoTrainLength": 70,
    "EffectiveEchoSpacing": 0.000489992,
    "FlipAngle": 90,
    "ImageOrientationPatientDICOM": [
      0.999471,
      -0.0301098,
      -0.0122706,
      0.0303621,
      0.99932,
      0.0209167
    ],
    "ImageType": [
      "ORIGINAL",
      "PRIMARY",
      "M",
      "ND",
      "MOSAIC"
    ],
    "ImagingFrequency": 123.253,
    "InPlanePhaseEncodingDirectionDICOM": "COL",
    "InstitutionAddress": "Vassar_Street_43_Cambridge_Boston_US_02139",
    "InstitutionName": "McGovern_Institute_for_Brain_Research_(3T1)",
    "InstitutionalDepartmentName": "Department",
    "MRAcquisitionType": "2D",
    "MagneticFieldStrength": 3,
    "Manufacturer": "Siemens",
    "ManufacturersModelName": "Prisma_fit",
    "Modality": "MR",
    "PartialFourier": 1,
    "PatientPosition": "HFS",
    "PercentPhaseFOV": 100,
    "PhaseEncodingDirection": "j-",
    "PhaseEncodingSteps": 70,
    "PhaseResolution": 1,
    "PixelBandwidth": 2380,
    "ProcedureStepDescription": "Young_Minjae",
    "ProtocolName": "tom_localizer_run2",
    "PulseSequenceDetails": "%SiemensSeq%_ep2d_pace",
    "ReceiveCoilActiveElements": "HEA;HEP",
    "ReceiveCoilName": "Head_32",
    "ReconMatrixPE": 70,
    "RepetitionTime": 2,
    "SAR": 0.110191,
    "ScanOptions": "FS",
    "ScanningSequence": "EP",
    "SequenceName": "_epfid2d1_70",
    "SequenceVariant": "SK",
    "SeriesDescription": "tom_localizer_run2",
    "SeriesNumber": 13,
    "ShimSetting": [
      -5624,
      -1554,
      3192,
      414,
      25,
      17,
      -81,
      -2
    ],
    "SliceThickness": 3,
    "SliceTiming": [
      0,
      0.06,
      0.1225,
      0.185,
      0.2475,
      0.3075,
      0.37,
      0.4325,
      0.495,
      0.555,
      0.6175,
      0.68,
      0.7425,
      0.8025,
      0.865,
      0.9275,
      0.99,
      1.05,
      1.1125,
      1.175,
      1.2375,
      1.2975,
      1.36,
      1.4225,
      1.485,
      1.545,
      1.6075,
      1.67,
      1.7325,
      1.7925,
      1.855,
      1.9175
    ],
    "SoftwareVersions": "syngo_MR_E11",
    "SpacingBetweenSlices": 3.6,
    "StationName": "MRC35115",
    "TaskName": "tom",
    "TotalReadoutTime": 0.0338094,
    "TxRefAmp": 273.692,
    "dataset": "ds002793",
    "modality": "bold",
    "run_id": 2,
    "subject_id": "19",
    "task_id": "tom"
  },
  "dummy_trs": 1,
  "dvars_nstd": 34.671559775223876,
  "dvars_std": 1.2867473702238803,
  "dvars_vstd": 1.0643867008208954,
  "efc": 0.5773722097003314,
  "fber": 278.2678527832031,
  "fd_mean": 0.41102614599958637,
  "fd_num": 97,
  "fd_perc": 71.85185185185185,
  "fwhm_avg": 2.5918468749643018,
  "fwhm_x": 2.29379,
  "fwhm_y": 2.8643533333333333,
  "fwhm_z": 2.6173972915595716,
  "gcor": 0.032829,
  "gsr_x": -0.00492128124460578,
  "gsr_y": 0.04911072552204132,
  "provenance": {
    "md5sum": "2677e440e90d2b435176545dfeb6ce01",
    "settings": {
      "fd_thres": 0.2,
      "testing": false
    },
    "software": "mriqc",
    "version": "22.0.6",
    "webapi_port": null,
    "webapi_url": "https://mriqc.nimh.nih.gov/api/v1"
  },
  "size_t": 135,
  "size_x": 70,
  "size_y": 70,
  "size_z": 32,
  "snr": 2.5468129582736285,
  "spacing_tr": 2.0,
  "spacing_x": 3.0,
  "spacing_y": 3.0,
  "spacing_z": 3.5999999046325684,
  "summary_bg_k": 39.02352487579487,
  "summary_bg_mad": 6.523449195856785,
  "summary_bg_mean": 37.68145751953125,
  "summary_bg_median": 21.19999885559082,
  "summary_bg_n": 87401.0,
  "summary_bg_p05": 16.325925827026367,
  "summary_bg_p95": 121.19258880615234,
  "summary_bg_stdv": 49.4145622253418,
  "summary_fg_k": 0.09052051719434218,
  "summary_fg_mad": 138.55193276597652,
  "summary_fg_mean": 388.33123779296875,
  "summary_fg_median": 362.89630126953125,
  "summary_fg_n": 32792.0,
  "summary_fg_p05": 199.21629486083984,
  "summary_fg_p95": 657.559622192382,
  "summary_fg_stdv": 142.48818969726562,
  "tsnr": 54.453964652493596
}