{
  "aor": 0.006301151515151515,
  "aqi": 0.00889156121212121,
  "bids_meta": {
    "AcquisitionMatrixPE": 70,
    "AcquisitionNumber": 1,
    "AcquisitionTime": "17:51:5.755000",
    "BandwidthPerPixelPhaseEncode": 29.155,
    "BaseResolution": 70,
    "BodyPartExamined": "BRAIN",
    "ConsistencyInfo": "N4_VE11C_LATEST_20160120",
    "ConversionSoftware": "dcm2niix",
    "ConversionSoftwareVersion": "v1.0.20181125  (JP2:OpenJPEG) (JP-LS:CharLS) GCC5.5.0",
    "DerivedVendorReportedEchoSpacing": 0.000489992,
    "DeviceSerialNumber": "167012",
    "DwellTime": 3e-06,
    "EchoTime": 0.03,
    "EchoTrainLength": 70,
    "EffectiveEchoSpacing": 0.000489992,
    "FlipAngle": 90,
    "ImageOrientationPatientDICOM": [
      0.999471,
      -0.0301098,
      -0.0122706,
      0.0303621,
      0.99932,
      0.0209167
    ],
    "ImageType": [
      "ORIGINAL",
      "PRIMARY",
      "M",
      "ND",
      "MOSAIC"
    ],
    "ImagingFrequency": 123.253,
    "InPlanePhaseEncodingDirectionDICOM": "COL",
    "InstitutionAddress": "Vassar_Street_43_Cambridge_Boston_US_02139",
    "InstitutionName": "McGovern_Institute_for_Brain_Research_(3T1)",
    "InstitutionalDepartmentName": "Department",
    "MRAcquisitionType": "2D",
    "MagneticFieldStrength": 3,
    "Manufacturer": "Siemens",
    "ManufacturersModelName": "Prisma_fit",
    "Modality": "MR",
    "PartialFourier": 1,
    "PatientPosition": "HFS",
    "PercentPhaseFOV": 100,
    "PhaseEncodingDirection": "j-",
    "PhaseEncodingSteps": 70,
    "PhaseResolution": 1,
    "PixelBandwidth": 2380,
    "ProcedureStepDescription": "Young_Minjae",
    "ProtocolName": "TPS_run10",
    "PulseSequenceDetails": "%SiemensSeq%_ep2d_pace",
    "ReceiveCoilActiveElements": "HEA;HEP",
    "ReceiveCoilName": "Head_32",
    "ReconMatrixPE": 70,
    "RepetitionTime": 2,
    "SAR": 0.110295,
    "ScanOptions": "FS",
    "ScanningSequence": "EP",
    "SequenceName": "_epfid2d1_70",
    "SequenceVariant": "SK",
    "SeriesDescription": "TPS_run10",
    "SeriesNumber": 33,
    "ShimSetting": [
      -5624,
      -1554,
      3192,
      414,
      25,
      17,
      -81,
      -2
    ],
    "SliceThickness": 3,
    "SliceTiming": [
      0,
      0.06,
      0.1225,
      0.185,
      0.2475,
      0.3075,
      0.37,
      0.4325,
      0.495,
      0.555,
      0.6175,
      0.68,
      0.7425,
      0.8025,
      0.865,
      0.9275,
      0.99,
      1.05,
      1.1125,
      1.175,
      1.2375,
      1.2975,
      1.36,
      1.4225,
      1.485,
      1.545,
      1.6075,
      1.67,
      1.7325,
      1.7925,
      1.855,
      1.9175
    ],
    "SoftwareVersions": "syngo_MR_E11",
    "SpacingBetweenSlices": 3.6,
    "StationName": "MRC35115",
    "TaskName": "tps",
    "TotalReadoutTime": 0.0338094,
    "TxRefAmp": 273.692,
    "dataset": "ds002793",
    "modality": "bold",
    "run_id": 10,
    "subject_id": "19",
    "task_id": "tps"
  },
  "dummy_trs": 0,
  "dvars_nstd": 53.38885916713413,
  "dvars_std": 1.271731030792683,
  "dvars_vstd": 1.0321224590243905,
  "efc": 0.579334097184042,
  "fber": 273.3200988769531,
  "fd_mean": 0.7384636055883091,
  "fd_num": 156,
  "fd_perc": 94.54545454545455,
  "fwhm_avg": 2.5589107634996098,
  "fwhm_x": 2.26838,
  "fwhm_y": 2.830996666666667,
  "fwhm_z": 2.5773556238321627,
  "gcor": 0.0366203,
  "gsr_x": -0.0010985499247908592,
  "gsr_y": 0.04977434128522873,
  "provenance": {
    "md5sum": "acfc86e06bbfecf6bd58b72098b961ad",
    "settings": {
      "fd_thres": 0.2,
      "testing": false
    },
    "software": "mriqc",
    "version": "22.0.6",
    "webapi_port": null,
    "webapi_url": "https://mriqc.nimh.nih.gov/api/v1"
  },
  "size_t": 165,
  "size_x": 70,
  "size_y": 70,
  "size_z": 32,
  "snr": 2.5911842139592975,
  "spacing_tr": 2.0,
  "spacing_x": 3.0,
  "spacing_y": 3.0,
  "spacing_z": 3.5999999046325684,
  "summary_bg_k": 39.063328898845484,
  "summary_bg_mad": 6.60431974457204,
  "summary_bg_mean": 37.9379997253418,
  "summary_bg_median": 21.303030014038086,
  "summary_bg_n": 87547.0,
  "summary_bg_p05": 16.35151481628418,
  "summary_bg_p95": 122.12787704467767,
  "summary_bg_stdv": 49.5973014831543,
  "summary_fg_k": 0.08677825407147965,
  "summary_fg_mad": 136.07144261018024,
  "summary_fg_mean": 386.91119384765625,
  "summary_fg_median": 362.07879638671875,
  "summary_fg_n": 32562.0,
  "summary_fg_p05": 200.92211303710937,
  "summary_fg_p95": 649.5796661376952,
  "summary_fg_stdv": 139.73272705078125,
  "tsnr": 39.5233781542629
}