{
  "aor": 0.0019974074074074074,
  "aqi": 0.0014054502074074076,
  "bids_meta": {
    "AcquisitionMatrixPE": 70,
    "AcquisitionNumber": 1,
    "AcquisitionTime": "16:11:48.385000",
    "BandwidthPerPixelPhaseEncode": 29.155,
    "BaseResolution": 70,
    "BodyPartExamined": "BRAIN",
    "ConsistencyInfo": "N4_VE11C_LATEST_20160120",
    "ConversionSoftware": "dcm2niix",
    "ConversionSoftwareVersion": "v1.0.20181125  (JP2:OpenJPEG) (JP-LS:CharLS) GCC5.5.0",
    "DerivedVendorReportedEchoSpacing": 0.000489992,
    "DeviceSerialNumber": "167012",
    "DwellTime": 3e-06,
    "EchoTime": 0.03,
    "EchoTrainLength": 70,
    "EffectiveEchoSpacing": 0.000489992,
    "FlipAngle": 90,
    "ImageOrientationPatientDICOM": [
      0.999404,
      0.0305268,
      -0.0160998,
      -0.0305345,
      0.999534,
      -0.00023127
    ],
    "ImageType": [
      "ORIGINAL",
      "PRIMARY",
      "M",
      "ND",
      "MOSAIC"
    ],
    "ImagingFrequency": 123.254,
    "InPlanePhaseEncodingDirectionDICOM": "COL",
    "InstitutionAddress": "Vassar_Street_43_Cambridge_Boston_US_02139",
    "InstitutionName": "McGovern_Institute_for_Brain_Research_(3T1)",
    "InstitutionalDepartmentName": "Department",
    "MRAcquisitionType": "2D",
    "MagneticFieldStrength": 3,
    "Manufacturer": "Siemens",
    "ManufacturersModelName": "Prisma_fit",
    "Modality": "MR",
    "PartialFourier": 1,
    "PatientPosition": "HFS",
    "PercentPhaseFOV": 100,
    "PhaseEncodingDirection": "j-",
    "PhaseEncodingSteps": 70,
    "PhaseResolution": 1,
    "PixelBandwidth": 2380,
    "ProcedureStepDescription": "Young_Minjae",
    "ProtocolName": "tom_localizer_run1",
    "PulseSequenceDetails": "%SiemensSeq%_ep2d_pace",
    "ReceiveCoilActiveElements": "HEA;HEP",
    "ReceiveCoilName": "Head_32",
    "ReconMatrixPE": 70,
    "RepetitionTime": 2,
    "SAR": 0.083133,
    "ScanOptions": "FS",
    "ScanningSequence": "EP",
    "SequenceName": "_epfid2d1_70",
    "SequenceVariant": "SK",
    "SeriesDescription": "tom_localizer_run1",
    "SeriesNumber": 11,
    "ShimSetting": [
      -5604,
      -1564,
      3220,
      514,
      36,
      74,
      71,
      -22
    ],
    "SliceThickness": 3,
    "SliceTiming": [
      0,
      0.0625,
      0.125,
      0.185,
      0.2475,
      0.31,
      0.3725,
      0.4325,
      0.495,
      0.5575,
      0.62,
      0.68,
      0.7425,
      0.805,
      0.8675,
      0.9275,
      0.99,
      1.0525,
      1.115,
      1.175,
      1.2375,
      1.3,
      1.3625,
      1.4225,
      1.485,
      1.5475,
      1.61,
      1.67,
      1.7325,
      1.795,
      1.8575,
      1.9175
    ],
    "SoftwareVersions": "syngo_MR_E11",
    "SpacingBetweenSlices": 3.6,
    "StationName": "MRC35115",
    "TaskName": "tom",
    "TotalReadoutTime": 0.0338094,
    "TxRefAmp": 219.494,
    "dataset": "ds002793",
    "modality": "bold",
    "run_id": 1,
    "subject_id": "15",
    "task_id": "tom"
  },
  "dummy_trs": 1,
  "dvars_nstd": 21.02798457649254,
  "dvars_std": 1.2518180208208962,
  "dvars_vstd": 1.004832546940299,
  "efc": 0.5276071859850414,
  "fber": 522.193603515625,
  "fd_mean": 0.1441492153707916,
  "fd_num": 20,
  "fd_perc": 14.814814814814815,
  "fwhm_avg": 2.8551131116089206,
  "fwhm_x": 2.73217,
  "fwhm_y": 3.07455,
  "fwhm_z": 2.758619334826761,
  "gcor": 0.0482048,
  "gsr_x": -0.008124659769237041,
  "gsr_y": 0.04695998504757881,
  "provenance": {
    "md5sum": "b39cbfa65656a686f98df8426e7f9409",
    "settings": {
      "fd_thres": 0.2,
      "testing": false
    },
    "software": "mriqc",
    "version": "22.0.6",
    "webapi_port": null,
    "webapi_url": "https://mriqc.nimh.nih.gov/api/v1"
  },
  "size_t": 135,
  "size_x": 70,
  "size_y": 70,
  "size_z": 32,
  "snr": 2.5426276817424656,
  "spacing_tr": 2.0,
  "spacing_x": 3.0,
  "spacing_y": 3.0,
  "spacing_z": 3.6000001430511475,
  "summary_bg_k": 34.85442835334841,
  "summary_bg_mad": 5.040849805190498,
  "summary_bg_mean": 35.25328063964844,
  "summary_bg_median": 19.792593002319336,
  "summary_bg_n": 92941.0,
  "summary_bg_p05": 16.11111068725586,
  "summary_bg_p95": 112.25184631347656,
  "summary_bg_stdv": 45.711822509765625,
  "summary_fg_k": 0.4907670479287862,
  "summary_fg_mad": 183.22765397786887,
  "summary_fg_mean": 490.04388427734375,
  "summary_fg_median": 459.0518493652344,
  "summary_fg_n": 28977.0,
  "summary_fg_p05": 250.69480895996094,
  "summary_fg_p95": 819.7747802734372,
  "summary_fg_stdv": 180.5391845703125,
  "tsnr": 95.40487211430445
}