{
  "aor": 0.006627134146341466,
  "aqi": 0.0026648229878048777,
  "bids_meta": {
    "AcquisitionMatrixPE": 70,
    "AcquisitionNumber": 1,
    "AcquisitionTime": "16:30:28.285000",
    "BandwidthPerPixelPhaseEncode": 29.155,
    "BaseResolution": 70,
    "BodyPartExamined": "HEAD",
    "ConsistencyInfo": "N4_VE11C_LATEST_20160120",
    "ConversionSoftware": "dcm2niix",
    "ConversionSoftwareVersion": "v1.0.20181125  (JP2:OpenJPEG) (JP-LS:CharLS) GCC5.5.0",
    "DerivedVendorReportedEchoSpacing": 0.000489992,
    "DeviceSerialNumber": "167012",
    "DwellTime": 3e-06,
    "EchoTime": 0.03,
    "EchoTrainLength": 70,
    "EffectiveEchoSpacing": 0.000489992,
    "FlipAngle": 90,
    "ImageOrientationPatientDICOM": [
      0.998244,
      0.0563945,
      -0.0181094,
      -0.0510929,
      0.974526,
      0.218379
    ],
    "ImageType": [
      "ORIGINAL",
      "PRIMARY",
      "M",
      "ND",
      "MOSAIC"
    ],
    "ImagingFrequency": 123.253,
    "InPlanePhaseEncodingDirectionDICOM": "COL",
    "InstitutionAddress": "Vassar_Street_43_Cambridge_Boston_US_02139",
    "InstitutionName": "McGovern_Institute_for_Brain_Research_(3T1)",
    "InstitutionalDepartmentName": "Department",
    "MRAcquisitionType": "2D",
    "MagneticFieldStrength": 3,
    "Manufacturer": "Siemens",
    "ManufacturersModelName": "Prisma_fit",
    "Modality": "MR",
    "PartialFourier": 1,
    "PatientPosition": "HFS",
    "PercentPhaseFOV": 100,
    "PhaseEncodingDirection": "j-",
    "PhaseEncodingSteps": 70,
    "PhaseResolution": 1,
    "PixelBandwidth": 2380,
    "ProcedureStepDescription": "Young_Minjae",
    "ProtocolName": "TPS_RUN8",
    "PulseSequenceDetails": "%SiemensSeq%_ep2d_pace",
    "ReceiveCoilActiveElements": "HEA;HEP",
    "ReceiveCoilName": "Head_32",
    "ReconMatrixPE": 70,
    "RepetitionTime": 2,
    "SAR": 0.0815158,
    "ScanOptions": "FS",
    "ScanningSequence": "EP",
    "SequenceName": "_epfid2d1_70",
    "SequenceVariant": "SK",
    "SeriesDescription": "TPS_RUN8",
    "SeriesNumber": 29,
    "ShimSetting": [
      -5622,
      -1569,
      3256,
      552,
      11,
      31,
      -84,
      4
    ],
    "SliceThickness": 3,
    "SliceTiming": [
      0,
      0.0625,
      0.125,
      0.1875,
      0.2475,
      0.31,
      0.3725,
      0.435,
      0.495,
      0.5575,
      0.62,
      0.6825,
      0.7425,
      0.805,
      0.8675,
      0.93,
      0.99,
      1.0525,
      1.115,
      1.1775,
      1.2375,
      1.3,
      1.3625,
      1.425,
      1.485,
      1.5475,
      1.61,
      1.67,
      1.7325,
      1.795,
      1.8575,
      1.9175
    ],
    "SoftwareVersions": "syngo_MR_E11",
    "SpacingBetweenSlices": 3.6,
    "StationName": "MRC35115",
    "TaskName": "tps",
    "TotalReadoutTime": 0.0338094,
    "TxRefAmp": 228.248,
    "dataset": "ds002793",
    "modality": "bold",
    "run_id": 8,
    "subject_id": "04",
    "task_id": "tps"
  },
  "dummy_trs": 1,
  "dvars_nstd": 21.6828137907362,
  "dvars_std": 1.1232156941717795,
  "dvars_vstd": 0.9526839534355828,
  "efc": 0.5261598133636722,
  "fber": 476.6630859375,
  "fd_mean": 0.14947438138165134,
  "fd_num": 14,
  "fd_perc": 8.536585365853659,
  "fwhm_avg": 2.892324839433987,
  "fwhm_x": 2.7668166666666667,
  "fwhm_y": 3.1221300000000003,
  "fwhm_z": 2.788027851635293,
  "gcor": 0.0586547,
  "gsr_x": -0.005190255120396614,
  "gsr_y": 0.04791976511478424,
  "provenance": {
    "md5sum": "8b10009384f80672de697a042c4d62eb",
    "settings": {
      "fd_thres": 0.2,
      "testing": false
    },
    "software": "mriqc",
    "version": "22.0.6",
    "webapi_port": null,
    "webapi_url": "https://mriqc.nimh.nih.gov/api/v1"
  },
  "size_t": 164,
  "size_x": 70,
  "size_y": 70,
  "size_z": 32,
  "snr": 2.4885769243002582,
  "spacing_tr": 2.0,
  "spacing_x": 3.0,
  "spacing_y": 3.0,
  "spacing_z": 3.5999999046325684,
  "summary_bg_k": 24.959868950505477,
  "summary_bg_mad": 6.219696835892836,
  "summary_bg_mean": 40.628353118896484,
  "summary_bg_median": 21.09756088256836,
  "summary_bg_n": 95461.0,
  "summary_bg_p05": 16.542682647705078,
  "summary_bg_p95": 147.59146118164062,
  "summary_bg_stdv": 56.28657531738281,
  "summary_fg_k": 0.42600337784583786,
  "summary_fg_mad": 184.57492711814115,
  "summary_fg_mean": 502.4971008300781,
  "summary_fg_median": 468.4725341796875,
  "summary_fg_n": 27122.0,
  "summary_fg_p05": 255.6646270751953,
  "summary_fg_p95": 856.6143249511714,
  "summary_fg_stdv": 188.24569702148438,
  "tsnr": 70.8100357814692
}