{
  "aor": 0.0019359558823529414,
  "aqi": 0.0018377811176470587,
  "bids_meta": {
    "AcquisitionMatrixPE": 70,
    "AcquisitionNumber": 1,
    "AcquisitionTime": "15:39:18.922500",
    "BandwidthPerPixelPhaseEncode": 29.155,
    "BaseResolution": 70,
    "BodyPartExamined": "HEAD",
    "ConsistencyInfo": "N4_VE11C_LATEST_20160120",
    "ConversionSoftware": "dcm2niix",
    "ConversionSoftwareVersion": "v1.0.20181125  (JP2:OpenJPEG) (JP-LS:CharLS) GCC5.5.0",
    "DerivedVendorReportedEchoSpacing": 0.000489992,
    "DeviceSerialNumber": "167012",
    "DwellTime": 3e-06,
    "EchoTime": 0.03,
    "EchoTrainLength": 70,
    "EffectiveEchoSpacing": 0.000489992,
    "FlipAngle": 90,
    "ImageOrientationPatientDICOM": [
      0.998244,
      0.0563945,
      -0.0181094,
      -0.0510929,
      0.974526,
      0.218379
    ],
    "ImageType": [
      "ORIGINAL",
      "PRIMARY",
      "M",
      "ND",
      "MOSAIC"
    ],
    "ImagingFrequency": 123.253,
    "InPlanePhaseEncodingDirectionDICOM": "COL",
    "InstitutionAddress": "Vassar_Street_43_Cambridge_Boston_US_02139",
    "InstitutionName": "McGovern_Institute_for_Brain_Research_(3T1)",
    "InstitutionalDepartmentName": "Department",
    "MRAcquisitionType": "2D",
    "MagneticFieldStrength": 3,
    "Manufacturer": "Siemens",
    "ManufacturersModelName": "Prisma_fit",
    "Modality": "MR",
    "PartialFourier": 1,
    "PatientPosition": "HFS",
    "PercentPhaseFOV": 100,
    "PhaseEncodingDirection": "j-",
    "PhaseEncodingSteps": 70,
    "PhaseResolution": 1,
    "PixelBandwidth": 2380,
    "ProcedureStepDescription": "Young_Minjae",
    "ProtocolName": "TOM_RUN2",
    "PulseSequenceDetails": "%SiemensSeq%_ep2d_pace",
    "ReceiveCoilActiveElements": "HEA;HEP",
    "ReceiveCoilName": "Head_32",
    "ReconMatrixPE": 70,
    "RepetitionTime": 2,
    "SAR": 0.0814393,
    "ScanOptions": "FS",
    "ScanningSequence": "EP",
    "SequenceName": "_epfid2d1_70",
    "SequenceVariant": "SK",
    "SeriesDescription": "TOM_RUN2",
    "SeriesNumber": 13,
    "ShimSetting": [
      -5622,
      -1569,
      3256,
      552,
      11,
      31,
      -84,
      4
    ],
    "SliceThickness": 3,
    "SliceTiming": [
      0,
      0.0625,
      0.125,
      0.1875,
      0.2475,
      0.31,
      0.3725,
      0.435,
      0.495,
      0.5575,
      0.62,
      0.6825,
      0.7425,
      0.805,
      0.8675,
      0.93,
      0.99,
      1.0525,
      1.115,
      1.1775,
      1.2375,
      1.3,
      1.3625,
      1.425,
      1.485,
      1.5475,
      1.61,
      1.6725,
      1.7325,
      1.795,
      1.8575,
      1.92
    ],
    "SoftwareVersions": "syngo_MR_E11",
    "SpacingBetweenSlices": 3.6,
    "StationName": "MRC35115",
    "TaskName": "tom",
    "TotalReadoutTime": 0.0338094,
    "TxRefAmp": 228.248,
    "dataset": "ds002793",
    "modality": "bold",
    "run_id": 2,
    "subject_id": "04",
    "task_id": "tom"
  },
  "dummy_trs": 0,
  "dvars_nstd": 20.537192062074073,
  "dvars_std": 1.2640530219259258,
  "dvars_vstd": 0.99642671562963,
  "efc": 0.523963577579945,
  "fber": 488.3306884765625,
  "fd_mean": 0.10842188819366251,
  "fd_num": 10,
  "fd_perc": 7.352941176470588,
  "fwhm_avg": 2.8788978023157603,
  "fwhm_x": 2.7638133333333332,
  "fwhm_y": 3.094046666666667,
  "fwhm_z": 2.778833406947279,
  "gcor": 0.0639576,
  "gsr_x": -0.006211248692125082,
  "gsr_y": 0.050395768135786057,
  "provenance": {
    "md5sum": "4c391a93335cee075872a13fd767b301",
    "settings": {
      "fd_thres": 0.2,
      "testing": false
    },
    "software": "mriqc",
    "version": "22.0.6",
    "webapi_port": null,
    "webapi_url": "https://mriqc.nimh.nih.gov/api/v1"
  },
  "size_t": 136,
  "size_x": 70,
  "size_y": 70,
  "size_z": 32,
  "snr": 2.494189986482062,
  "spacing_tr": 2.0,
  "spacing_x": 3.0,
  "spacing_y": 3.0,
  "spacing_z": 3.5999999046325684,
  "summary_bg_k": 28.244277024118603,
  "summary_bg_mad": 5.96311283569427,
  "summary_bg_mean": 39.17675018310547,
  "summary_bg_median": 20.72058868408203,
  "summary_bg_n": 95337.0,
  "summary_bg_p05": 16.375,
  "summary_bg_p95": 137.31470642089835,
  "summary_bg_stdv": 54.303443908691406,
  "summary_fg_k": 0.47223167992173387,
  "summary_fg_mad": 183.78819959814066,
  "summary_fg_mean": 500.707275390625,
  "summary_fg_median": 467.20587158203125,
  "summary_fg_n": 27255.0,
  "summary_fg_p05": 255.7051513671875,
  "summary_fg_p95": 853.7022033691406,
  "summary_fg_stdv": 187.31423950195312,
  "tsnr": 95.83448904007673
}