{
  "aor": 0.003016962962962963,
  "aqi": 0.0014763625481481481,
  "bids_meta": {
    "AcquisitionMatrixPE": 70,
    "AcquisitionNumber": 1,
    "AcquisitionTime": "18:20:19.892500",
    "BandwidthPerPixelPhaseEncode": 29.155,
    "BaseResolution": 70,
    "BodyPartExamined": "BRAIN",
    "ConsistencyInfo": "N4_VE11C_LATEST_20160120",
    "ConversionSoftware": "dcm2niix",
    "ConversionSoftwareVersion": "v1.0.20181125  (JP2:OpenJPEG) (JP-LS:CharLS) GCC5.5.0",
    "DerivedVendorReportedEchoSpacing": 0.000489992,
    "DeviceSerialNumber": "167012",
    "DwellTime": 3e-06,
    "EchoTime": 0.03,
    "EchoTrainLength": 70,
    "EffectiveEchoSpacing": 0.000489992,
    "FlipAngle": 90,
    "ImageOrientationPatientDICOM": [
      0.999735,
      -0.0228361,
      0.00305085,
      0.0230364,
      0.992819,
      -0.117383
    ],
    "ImageType": [
      "ORIGINAL",
      "PRIMARY",
      "M",
      "ND",
      "MOSAIC"
    ],
    "ImagingFrequency": 123.253,
    "InPlanePhaseEncodingDirectionDICOM": "COL",
    "InstitutionAddress": "Vassar_Street_43_Cambridge_Boston_US_02139",
    "InstitutionName": "McGovern_Institute_for_Brain_Research_(3T1)",
    "InstitutionalDepartmentName": "Department",
    "MRAcquisitionType": "2D",
    "MagneticFieldStrength": 3,
    "Manufacturer": "Siemens",
    "ManufacturersModelName": "Prisma_fit",
    "Modality": "MR",
    "PartialFourier": 1,
    "PatientPosition": "HFS",
    "PercentPhaseFOV": 100,
    "PhaseEncodingDirection": "j-",
    "PhaseEncodingSteps": 70,
    "PhaseResolution": 1,
    "PixelBandwidth": 2380,
    "ProcedureStepDescription": "Young_Minjae",
    "ProtocolName": "tom_localizer_run1",
    "PulseSequenceDetails": "%SiemensSeq%_ep2d_pace",
    "ReceiveCoilActiveElements": "HEA;HEP",
    "ReceiveCoilName": "Head_32",
    "ReconMatrixPE": 70,
    "RepetitionTime": 2,
    "SAR": 0.0830584,
    "ScanOptions": "FS",
    "ScanningSequence": "EP",
    "SequenceName": "_epfid2d1_70",
    "SequenceVariant": "SK",
    "SeriesDescription": "tom_localizer_run1",
    "SeriesNumber": 11,
    "ShimSetting": [
      -5608,
      -1516,
      3194,
      637,
      4,
      15,
      88,
      20
    ],
    "SliceThickness": 3,
    "SliceTiming": [
      0,
      0.0625,
      0.1225,
      0.185,
      0.2475,
      0.31,
      0.37,
      0.4325,
      0.495,
      0.5575,
      0.6175,
      0.68,
      0.7425,
      0.805,
      0.865,
      0.9275,
      0.99,
      1.0525,
      1.1125,
      1.175,
      1.2375,
      1.3,
      1.36,
      1.4225,
      1.485,
      1.5475,
      1.6075,
      1.67,
      1.7325,
      1.795,
      1.855,
      1.9175
    ],
    "SoftwareVersions": "syngo_MR_E11",
    "SpacingBetweenSlices": 3.6,
    "StationName": "MRC35115",
    "TaskName": "tom",
    "TotalReadoutTime": 0.0338094,
    "TxRefAmp": 221.717,
    "dataset": "ds002793",
    "modality": "bold",
    "run_id": 1,
    "subject_id": "16",
    "task_id": "tom"
  },
  "dummy_trs": 1,
  "dvars_nstd": 15.995499980746269,
  "dvars_std": 1.2008400897014926,
  "dvars_vstd": 1.0172774566417913,
  "efc": 0.5352770806328465,
  "fber": 447.93798828125,
  "fd_mean": 0.09877071676307538,
  "fd_num": 3,
  "fd_perc": 2.2222222222222223,
  "fwhm_avg": 2.6074661335162035,
  "fwhm_x": 2.451356666666667,
  "fwhm_y": 2.83375,
  "fwhm_z": 2.5372917338819434,
  "gcor": 0.0435775,
  "gsr_x": -0.01166981179267168,
  "gsr_y": 0.06730688363313675,
  "provenance": {
    "md5sum": "7ea890b3c3fe96982dbdbf24408fe975",
    "settings": {
      "fd_thres": 0.2,
      "testing": false
    },
    "software": "mriqc",
    "version": "22.0.6",
    "webapi_port": null,
    "webapi_url": "https://mriqc.nimh.nih.gov/api/v1"
  },
  "size_t": 135,
  "size_x": 70,
  "size_y": 70,
  "size_z": 32,
  "snr": 2.9739305638991267,
  "spacing_tr": 2.0,
  "spacing_x": 3.0,
  "spacing_y": 3.0,
  "spacing_z": 3.5999999046325684,
  "summary_bg_k": 29.99840813857997,
  "summary_bg_mad": 4.00851595721024,
  "summary_bg_mean": 35.6619873046875,
  "summary_bg_median": 18.58518409729004,
  "summary_bg_n": 97943.0,
  "summary_bg_p05": 15.688888549804688,
  "summary_bg_p95": 122.47333450317379,
  "summary_bg_stdv": 47.88445281982422,
  "summary_fg_k": 0.3048000060094438,
  "summary_fg_mad": 131.8198201349442,
  "summary_fg_mean": 420.0953674316406,
  "summary_fg_median": 400.33331298828125,
  "summary_fg_n": 25372.0,
  "summary_fg_p05": 233.08221511840821,
  "summary_fg_p95": 668.607421875,
  "summary_fg_stdv": 134.61155700683594,
  "tsnr": 96.2885946300812
}