{
  "bids_meta": {
    "AcquisitionMatrixPE": 256,
    "AcquisitionNumber": 1,
    "AcquisitionTime": "12:27:37.747500",
    "BaseResolution": 256,
    "BodyPartExamined": "BRAIN",
    "ConsistencyInfo": "N4_VE11C_LATEST_20160120",
    "ConversionSoftware": "dcm2niix",
    "ConversionSoftwareVersion": "v1.0.20181125  (JP2:OpenJPEG) (JP-LS:CharLS) GCC5.5.0",
    "DeviceSerialNumber": "167012",
    "DwellTime": 3e-06,
    "EchoTime": 0.00169,
    "FlipAngle": 7,
    "ImageOrientationPatientDICOM": [
      -0.0184562,
      0.980146,
      0.197415,
      0.0237351,
      0.197822,
      -0.97995
    ],
    "ImageType": [
      "ORIGINAL",
      "PRIMARY",
      "OTHER",
      "ND",
      "NORM",
      "MEAN"
    ],
    "ImagingFrequency": 123.253,
    "InPlanePhaseEncodingDirectionDICOM": "ROW",
    "InstitutionAddress": "Vassar_Street_43_Cambridge_Boston_US_02139",
    "InstitutionName": "McGovern_Institute_for_Brain_Research_(3T1)",
    "InstitutionalDepartmentName": "Department",
    "InversionTime": 1.4,
    "MRAcquisitionType": "3D",
    "MagneticFieldStrength": 3,
    "Manufacturer": "Siemens",
    "ManufacturersModelName": "Prisma_fit",
    "Modality": "MR",
    "PartialFourier": 1,
    "PatientPosition": "HFS",
    "PercentPhaseFOV": 100,
    "PhaseEncodingSteps": 255,
    "PhaseResolution": 1,
    "PixelBandwidth": 650,
    "ProcedureStepDescription": "Young_Minjae",
    "ProtocolName": "T1w_MPRAGE_FourEcho_vNav",
    "PulseSequenceDetails": "%CustomerSeq%_tfl_mgh_epinav_ABCD",
    "ReceiveCoilActiveElements": "HEA;HEP",
    "ReceiveCoilName": "Head_32",
    "ReconMatrixPE": 256,
    "RepetitionTime": 2.53,
    "SAR": 0.032761,
    "ScanOptions": "IR_WE",
    "ScanningSequence": "GR_IR",
    "SequenceName": "tfl3d4_16ns",
    "SequenceVariant": "SK_SP_MP",
    "SeriesDescription": "T1w_MPRAGE_FourEcho_vNav_RMS",
    "SeriesNumber": 10,
    "ShimSetting": [
      -5610,
      -1568,
      3185,
      355,
      -74,
      -91,
      30,
      -36
    ],
    "SliceThickness": 1,
    "SoftwareVersions": "syngo_MR_E11",
    "StationName": "MRC35115",
    "TxRefAmp": 217.854,
    "WipMemBlock": "Prisma_epi_moco_navigator_ABCD_tfl.prot",
    "dataset": "ds002793",
    "modality": "T1w",
    "run_id": 1,
    "subject_id": "11"
  },
  "cjv": 0.40836293619452235,
  "cnr": 3.2381795904019737,
  "efc": 0.5396087692768039,
  "fber": 28444.189948867785,
  "fwhm_avg": 3.943713333333333,
  "fwhm_x": 3.97287,
  "fwhm_y": 4.10645,
  "fwhm_z": 3.75182,
  "icvs_csf": 0.2155432217684888,
  "icvs_gm": 0.3976411065480668,
  "icvs_wm": 0.38681567168344444,
  "inu_med": 0.32716523110866547,
  "inu_range": 0.10276720970869063,
  "provenance": {
    "md5sum": "a7f3560d40b99497c895f4e0a1d87c4f",
    "settings": {
      "testing": false
    },
    "software": "mriqc",
    "version": "22.0.6",
    "warnings": {
      "large_rot_frame": true,
      "small_air_mask": false
    },
    "webapi_port": null,
    "webapi_url": "https://mriqc.nimh.nih.gov/api/v1"
  },
  "qi_1": 0.0,
  "qi_2": 0.0019734992424223136,
  "rpve_csf": 24.33968648178219,
  "rpve_gm": 13.116295563689285,
  "rpve_wm": 15.770023300591392,
  "size_x": 176,
  "size_y": 256,
  "size_z": 256,
  "snr_csf": 2.4806838291543065,
  "snr_gm": 13.985617106606378,
  "snr_total": 15.889863190944409,
  "snr_wm": 31.20328863707254,
  "snrd_csf": 49.33197672711995,
  "snrd_gm": 121.35486210624302,
  "snrd_total": 108.14077229815359,
  "snrd_wm": 153.7354780610978,
  "spacing_x": 1.0,
  "spacing_y": 1.0,
  "spacing_z": 1.0,
  "summary_bg_k": 6.210105374628451,
  "summary_bg_mad": 0.0,
  "summary_bg_mean": 2.891259116201689,
  "summary_bg_median": 0.0,
  "summary_bg_n": 2531142.0,
  "summary_bg_p05": 0.0,
  "summary_bg_p95": 11.840708965435624,
  "summary_bg_stdv": 4.261452384280111,
  "summary_csf_k": 0.2629206232936623,
  "summary_csf_mad": 93.7445704339746,
  "summary_csf_mean": 324.28220974575504,
  "summary_csf_median": 320.8887032456696,
  "summary_csf_n": 45395.0,
  "summary_csf_p05": 74.00351598691196,
  "summary_csf_p95": 548.7171204183251,
  "summary_csf_stdv": 129.35351335352993,
  "summary_gm_k": 0.07212123420344829,
  "summary_gm_mad": 55.622682891359744,
  "summary_gm_mean": 790.3924079870806,
  "summary_gm_median": 789.3744973819703,
  "summary_gm_n": 24103.0,
  "summary_gm_p05": 699.3539976445958,
  "summary_gm_p95": 886.457330333814,
  "summary_gm_stdv": 56.44070734736315,
  "summary_wm_k": 0.4456896368225829,
  "summary_wm_mad": 30.38897796991362,
  "summary_wm_mean": 1000.5755504320399,
  "summary_wm_median": 1000.0000298134983,
  "summary_wm_n": 239088.0,
  "summary_wm_p05": 948.9770057089627,
  "summary_wm_p95": 1054.2074176892638,
  "summary_wm_stdv": 32.04783797509588,
  "tpm_overlap_csf": 0.13898906547751838,
  "tpm_overlap_gm": 0.43975611490556055,
  "tpm_overlap_wm": 0.4996744310256811,
  "wm2max": 0.9201313462995706
}