{
  "aor": 0.0017598787878787877,
  "aqi": 0.0013464394424242425,
  "bids_meta": {
    "AcquisitionMatrixPE": 70,
    "AcquisitionNumber": 1,
    "AcquisitionTime": "19:24:50.705000",
    "BandwidthPerPixelPhaseEncode": 29.155,
    "BaseResolution": 70,
    "BodyPartExamined": "BRAIN",
    "ConsistencyInfo": "N4_VE11C_LATEST_20160120",
    "ConversionSoftware": "dcm2niix",
    "ConversionSoftwareVersion": "v1.0.20181125  (JP2:OpenJPEG) (JP-LS:CharLS) GCC5.5.0",
    "DerivedVendorReportedEchoSpacing": 0.000489992,
    "DeviceSerialNumber": "167012",
    "DwellTime": 3e-06,
    "EchoTime": 0.03,
    "EchoTrainLength": 70,
    "EffectiveEchoSpacing": 0.000489992,
    "FlipAngle": 90,
    "ImageOrientationPatientDICOM": [
      0.999735,
      -0.0228361,
      0.00305085,
      0.0230364,
      0.992819,
      -0.117383
    ],
    "ImageType": [
      "ORIGINAL",
      "PRIMARY",
      "M",
      "ND",
      "MOSAIC"
    ],
    "ImagingFrequency": 123.253,
    "InPlanePhaseEncodingDirectionDICOM": "COL",
    "InstitutionAddress": "Vassar_Street_43_Cambridge_Boston_US_02139",
    "InstitutionName": "McGovern_Institute_for_Brain_Research_(3T1)",
    "InstitutionalDepartmentName": "Department",
    "MRAcquisitionType": "2D",
    "MagneticFieldStrength": 3,
    "Manufacturer": "Siemens",
    "ManufacturersModelName": "Prisma_fit",
    "Modality": "MR",
    "PartialFourier": 1,
    "PatientPosition": "HFS",
    "PercentPhaseFOV": 100,
    "PhaseEncodingDirection": "j-",
    "PhaseEncodingSteps": 70,
    "PhaseResolution": 1,
    "PixelBandwidth": 2380,
    "ProcedureStepDescription": "Young_Minjae",
    "ProtocolName": "TPS_run9",
    "PulseSequenceDetails": "%SiemensSeq%_ep2d_pace",
    "ReceiveCoilActiveElements": "HEA;HEP",
    "ReceiveCoilName": "Head_32",
    "ReconMatrixPE": 70,
    "RepetitionTime": 2,
    "SAR": 0.0831365,
    "ScanOptions": "FS",
    "ScanningSequence": "EP",
    "SequenceName": "_epfid2d1_70",
    "SequenceVariant": "SK",
    "SeriesDescription": "TPS_run9",
    "SeriesNumber": 31,
    "ShimSetting": [
      -5608,
      -1516,
      3194,
      637,
      4,
      15,
      88,
      20
    ],
    "SliceThickness": 3,
    "SliceTiming": [
      0,
      0.0625,
      0.1225,
      0.185,
      0.2475,
      0.31,
      0.37,
      0.4325,
      0.495,
      0.5575,
      0.6175,
      0.68,
      0.7425,
      0.805,
      0.865,
      0.9275,
      0.99,
      1.0525,
      1.1125,
      1.175,
      1.2375,
      1.3,
      1.36,
      1.4225,
      1.485,
      1.5475,
      1.6075,
      1.67,
      1.7325,
      1.795,
      1.855,
      1.9175
    ],
    "SoftwareVersions": "syngo_MR_E11",
    "SpacingBetweenSlices": 3.6,
    "StationName": "MRC35115",
    "TaskName": "tps",
    "TotalReadoutTime": 0.0338094,
    "TxRefAmp": 221.717,
    "dataset": "ds002793",
    "modality": "bold",
    "run_id": 9,
    "subject_id": "16",
    "task_id": "tps"
  },
  "dummy_trs": 0,
  "dvars_nstd": 15.59745624012195,
  "dvars_std": 1.2119074975609756,
  "dvars_vstd": 1.010750668658537,
  "efc": 0.5397189781997984,
  "fber": 435.7096862792969,
  "fd_mean": 0.0844444310815563,
  "fd_num": 1,
  "fd_perc": 0.6060606060606061,
  "fwhm_avg": 2.672060208044499,
  "fwhm_x": 2.52528,
  "fwhm_y": 2.90217,
  "fwhm_z": 2.5887306241334977,
  "gcor": 0.0297699,
  "gsr_x": -0.014789690263569355,
  "gsr_y": 0.06787218153476715,
  "provenance": {
    "md5sum": "7c943aa5bcd8712c0220380ed641e950",
    "settings": {
      "fd_thres": 0.2,
      "testing": false
    },
    "software": "mriqc",
    "version": "22.0.6",
    "webapi_port": null,
    "webapi_url": "https://mriqc.nimh.nih.gov/api/v1"
  },
  "size_t": 165,
  "size_x": 70,
  "size_y": 70,
  "size_z": 32,
  "snr": 2.8881408015263292,
  "spacing_tr": 2.0,
  "spacing_x": 3.0,
  "spacing_y": 3.0,
  "spacing_z": 3.5999999046325684,
  "summary_bg_k": 24.32571317757632,
  "summary_bg_mad": 5.031862931849108,
  "summary_bg_mean": 39.795265197753906,
  "summary_bg_median": 19.690908432006836,
  "summary_bg_n": 97406.0,
  "summary_bg_p05": 16.042423248291016,
  "summary_bg_p95": 144.45908737182617,
  "summary_bg_stdv": 54.47742462158203,
  "summary_fg_k": 0.2781974878563629,
  "summary_fg_mad": 143.18343586336138,
  "summary_fg_mean": 441.2944641113281,
  "summary_fg_median": 419.06060791015625,
  "summary_fg_n": 25708.0,
  "summary_fg_p05": 240.29968795776367,
  "summary_fg_p95": 708.5408966064452,
  "summary_fg_stdv": 145.0941925048828,
  "tsnr": 112.78756368951872
}