{
  "aor": 0.0016592592592592592,
  "aqi": 0.0013671389851851851,
  "bids_meta": {
    "AcquisitionMatrixPE": 70,
    "AcquisitionNumber": 1,
    "AcquisitionTime": "18:25:56.350000",
    "BandwidthPerPixelPhaseEncode": 29.155,
    "BaseResolution": 70,
    "BodyPartExamined": "BRAIN",
    "ConsistencyInfo": "N4_VE11C_LATEST_20160120",
    "ConversionSoftware": "dcm2niix",
    "ConversionSoftwareVersion": "v1.0.20181125  (JP2:OpenJPEG) (JP-LS:CharLS) GCC5.5.0",
    "DerivedVendorReportedEchoSpacing": 0.000489992,
    "DeviceSerialNumber": "167012",
    "DwellTime": 3e-06,
    "EchoTime": 0.03,
    "EchoTrainLength": 70,
    "EffectiveEchoSpacing": 0.000489992,
    "FlipAngle": 90,
    "ImageOrientationPatientDICOM": [
      0.999735,
      -0.0228361,
      0.00305085,
      0.0230364,
      0.992819,
      -0.117383
    ],
    "ImageType": [
      "ORIGINAL",
      "PRIMARY",
      "M",
      "ND",
      "MOSAIC"
    ],
    "ImagingFrequency": 123.253,
    "InPlanePhaseEncodingDirectionDICOM": "COL",
    "InstitutionAddress": "Vassar_Street_43_Cambridge_Boston_US_02139",
    "InstitutionName": "McGovern_Institute_for_Brain_Research_(3T1)",
    "InstitutionalDepartmentName": "Department",
    "MRAcquisitionType": "2D",
    "MagneticFieldStrength": 3,
    "Manufacturer": "Siemens",
    "ManufacturersModelName": "Prisma_fit",
    "Modality": "MR",
    "PartialFourier": 1,
    "PatientPosition": "HFS",
    "PercentPhaseFOV": 100,
    "PhaseEncodingDirection": "j-",
    "PhaseEncodingSteps": 70,
    "PhaseResolution": 1,
    "PixelBandwidth": 2380,
    "ProcedureStepDescription": "Young_Minjae",
    "ProtocolName": "tom_localizer_run2",
    "PulseSequenceDetails": "%SiemensSeq%_ep2d_pace",
    "ReceiveCoilActiveElements": "HEA;HEP",
    "ReceiveCoilName": "Head_32",
    "ReconMatrixPE": 70,
    "RepetitionTime": 2,
    "SAR": 0.0830584,
    "ScanOptions": "FS",
    "ScanningSequence": "EP",
    "SequenceName": "_epfid2d1_70",
    "SequenceVariant": "SK",
    "SeriesDescription": "tom_localizer_run2",
    "SeriesNumber": 13,
    "ShimSetting": [
      -5608,
      -1516,
      3194,
      637,
      4,
      15,
      88,
      20
    ],
    "SliceThickness": 3,
    "SliceTiming": [
      0,
      0.0625,
      0.125,
      0.1875,
      0.2475,
      0.31,
      0.3725,
      0.435,
      0.495,
      0.5575,
      0.62,
      0.6825,
      0.7425,
      0.805,
      0.8675,
      0.93,
      0.99,
      1.0525,
      1.115,
      1.1775,
      1.2375,
      1.3,
      1.3625,
      1.425,
      1.485,
      1.5475,
      1.61,
      1.6725,
      1.7325,
      1.795,
      1.8575,
      1.92
    ],
    "SoftwareVersions": "syngo_MR_E11",
    "SpacingBetweenSlices": 3.6,
    "StationName": "MRC35115",
    "TaskName": "tom",
    "TotalReadoutTime": 0.0338094,
    "TxRefAmp": 221.717,
    "dataset": "ds002793",
    "modality": "bold",
    "run_id": 2,
    "subject_id": "16",
    "task_id": "tom"
  },
  "dummy_trs": 1,
  "dvars_nstd": 15.13428098022388,
  "dvars_std": 1.1355256038059705,
  "dvars_vstd": 0.9893786447761199,
  "efc": 0.5356203825959893,
  "fber": 445.5973815917969,
  "fd_mean": 0.09042707273454413,
  "fd_num": 1,
  "fd_perc": 0.7407407407407407,
  "fwhm_avg": 2.605902985361555,
  "fwhm_x": 2.4570466666666664,
  "fwhm_y": 2.8241066666666668,
  "fwhm_z": 2.536555622751332,
  "gcor": 0.0205216,
  "gsr_x": -0.011753082275390625,
  "gsr_y": 0.0685206726193428,
  "provenance": {
    "md5sum": "122507db42b9da82da23b5f22b0dfca8",
    "settings": {
      "fd_thres": 0.2,
      "testing": false
    },
    "software": "mriqc",
    "version": "22.0.6",
    "webapi_port": null,
    "webapi_url": "https://mriqc.nimh.nih.gov/api/v1"
  },
  "size_t": 135,
  "size_x": 70,
  "size_y": 70,
  "size_z": 32,
  "snr": 2.9619153026206813,
  "spacing_tr": 2.0,
  "spacing_x": 3.0,
  "spacing_y": 3.0,
  "spacing_z": 3.5999999046325684,
  "summary_bg_k": 30.833270480319833,
  "summary_bg_mad": 4.063428354938304,
  "summary_bg_mean": 35.81126403808594,
  "summary_bg_median": 18.66666603088379,
  "summary_bg_n": 97844.0,
  "summary_bg_p05": 15.733332633972168,
  "summary_bg_p95": 123.51740531921381,
  "summary_bg_stdv": 48.02106475830078,
  "summary_fg_k": 0.3386928620776959,
  "summary_fg_mad": 131.89669211886877,
  "summary_fg_mean": 421.910400390625,
  "summary_fg_median": 401.46295166015625,
  "summary_fg_n": 25380.0,
  "summary_fg_p05": 234.05776901245116,
  "summary_fg_p95": 673.2022338867188,
  "summary_fg_stdv": 135.53900146484375,
  "tsnr": 105.9911328740418
}