{
  "aor": 0.0018930303030303024,
  "aqi": 0.0014736209393939395,
  "bids_meta": {
    "AcquisitionMatrixPE": 70,
    "AcquisitionNumber": 1,
    "AcquisitionTime": "18:58:37.075000",
    "BandwidthPerPixelPhaseEncode": 29.155,
    "BaseResolution": 70,
    "BodyPartExamined": "BRAIN",
    "ConsistencyInfo": "N4_VE11C_LATEST_20160120",
    "ConversionSoftware": "dcm2niix",
    "ConversionSoftwareVersion": "v1.0.20181125  (JP2:OpenJPEG) (JP-LS:CharLS) GCC5.5.0",
    "DerivedVendorReportedEchoSpacing": 0.000489992,
    "DeviceSerialNumber": "167012",
    "DwellTime": 3e-06,
    "EchoTime": 0.03,
    "EchoTrainLength": 70,
    "EffectiveEchoSpacing": 0.000489992,
    "FlipAngle": 90,
    "ImageOrientationPatientDICOM": [
      0.999735,
      -0.0228361,
      0.00305085,
      0.0230364,
      0.992819,
      -0.117383
    ],
    "ImageType": [
      "ORIGINAL",
      "PRIMARY",
      "M",
      "ND",
      "MOSAIC"
    ],
    "ImagingFrequency": 123.253,
    "InPlanePhaseEncodingDirectionDICOM": "COL",
    "InstitutionAddress": "Vassar_Street_43_Cambridge_Boston_US_02139",
    "InstitutionName": "McGovern_Institute_for_Brain_Research_(3T1)",
    "InstitutionalDepartmentName": "Department",
    "MRAcquisitionType": "2D",
    "MagneticFieldStrength": 3,
    "Manufacturer": "Siemens",
    "ManufacturersModelName": "Prisma_fit",
    "Modality": "MR",
    "PartialFourier": 1,
    "PatientPosition": "HFS",
    "PercentPhaseFOV": 100,
    "PhaseEncodingDirection": "j-",
    "PhaseEncodingSteps": 70,
    "PhaseResolution": 1,
    "PixelBandwidth": 2380,
    "ProcedureStepDescription": "Young_Minjae",
    "ProtocolName": "TPS_run5",
    "PulseSequenceDetails": "%SiemensSeq%_ep2d_pace",
    "ReceiveCoilActiveElements": "HEA;HEP",
    "ReceiveCoilName": "Head_32",
    "ReconMatrixPE": 70,
    "RepetitionTime": 2,
    "SAR": 0.0831365,
    "ScanOptions": "FS",
    "ScanningSequence": "EP",
    "SequenceName": "_epfid2d1_70",
    "SequenceVariant": "SK",
    "SeriesDescription": "TPS_run5",
    "SeriesNumber": 23,
    "ShimSetting": [
      -5608,
      -1516,
      3194,
      637,
      4,
      15,
      88,
      20
    ],
    "SliceThickness": 3,
    "SliceTiming": [
      0,
      0.0625,
      0.1225,
      0.185,
      0.2475,
      0.31,
      0.37,
      0.4325,
      0.495,
      0.5575,
      0.6175,
      0.68,
      0.7425,
      0.805,
      0.865,
      0.9275,
      0.99,
      1.0525,
      1.1125,
      1.175,
      1.2375,
      1.3,
      1.36,
      1.4225,
      1.485,
      1.5475,
      1.6075,
      1.67,
      1.7325,
      1.795,
      1.855,
      1.9175
    ],
    "SoftwareVersions": "syngo_MR_E11",
    "SpacingBetweenSlices": 3.6,
    "StationName": "MRC35115",
    "TaskName": "tps",
    "TotalReadoutTime": 0.0338094,
    "TxRefAmp": 221.717,
    "dataset": "ds002793",
    "modality": "bold",
    "run_id": 5,
    "subject_id": "16",
    "task_id": "tps"
  },
  "dummy_trs": 0,
  "dvars_nstd": 20.502394914878057,
  "dvars_std": 1.4641431059756107,
  "dvars_vstd": 1.0025039394512198,
  "efc": 0.5385597091625709,
  "fber": 434.85595703125,
  "fd_mean": 0.09229958082556325,
  "fd_num": 5,
  "fd_perc": 3.0303030303030303,
  "fwhm_avg": 2.6696113190998325,
  "fwhm_x": 2.51231,
  "fwhm_y": 2.9141100000000004,
  "fwhm_z": 2.5824139572994964,
  "gcor": 0.0406963,
  "gsr_x": -0.010118935257196426,
  "gsr_y": 0.059232134371995926,
  "provenance": {
    "md5sum": "bf53e88742fa619448226272e5c588e9",
    "settings": {
      "fd_thres": 0.2,
      "testing": false
    },
    "software": "mriqc",
    "version": "22.0.6",
    "webapi_port": null,
    "webapi_url": "https://mriqc.nimh.nih.gov/api/v1"
  },
  "size_t": 165,
  "size_x": 70,
  "size_y": 70,
  "size_z": 32,
  "snr": 2.9041369056144406,
  "spacing_tr": 2.0,
  "spacing_x": 3.0,
  "spacing_y": 3.0,
  "spacing_z": 3.5999999046325684,
  "summary_bg_k": 25.980744609032783,
  "summary_bg_mad": 4.447806655516806,
  "summary_bg_mean": 36.2861213684082,
  "summary_bg_median": 19.16363525390625,
  "summary_bg_n": 96310.0,
  "summary_bg_p05": 15.933332443237305,
  "summary_bg_p95": 126.12787590026859,
  "summary_bg_stdv": 46.58375549316406,
  "summary_fg_k": 0.3268269873519696,
  "summary_fg_mad": 139.83185808513534,
  "summary_fg_mean": 432.48394775390625,
  "summary_fg_median": 411.9454345703125,
  "summary_fg_n": 25751.0,
  "summary_fg_p05": 235.41817474365234,
  "summary_fg_p95": 692.4060363769531,
  "summary_fg_stdv": 141.8450469970703,
  "tsnr": 104.64707331731915
}