{
  "aor": 0.001715272727272727,
  "aqi": 0.0014556917818181819,
  "bids_meta": {
    "AcquisitionMatrixPE": 70,
    "AcquisitionNumber": 1,
    "AcquisitionTime": "19:18:27.405000",
    "BandwidthPerPixelPhaseEncode": 29.155,
    "BaseResolution": 70,
    "BodyPartExamined": "BRAIN",
    "ConsistencyInfo": "N4_VE11C_LATEST_20160120",
    "ConversionSoftware": "dcm2niix",
    "ConversionSoftwareVersion": "v1.0.20181125  (JP2:OpenJPEG) (JP-LS:CharLS) GCC5.5.0",
    "DerivedVendorReportedEchoSpacing": 0.000489992,
    "DeviceSerialNumber": "167012",
    "DwellTime": 3e-06,
    "EchoTime": 0.03,
    "EchoTrainLength": 70,
    "EffectiveEchoSpacing": 0.000489992,
    "FlipAngle": 90,
    "ImageOrientationPatientDICOM": [
      0.999735,
      -0.0228361,
      0.00305085,
      0.0230364,
      0.992819,
      -0.117383
    ],
    "ImageType": [
      "ORIGINAL",
      "PRIMARY",
      "M",
      "ND",
      "MOSAIC"
    ],
    "ImagingFrequency": 123.253,
    "InPlanePhaseEncodingDirectionDICOM": "COL",
    "InstitutionAddress": "Vassar_Street_43_Cambridge_Boston_US_02139",
    "InstitutionName": "McGovern_Institute_for_Brain_Research_(3T1)",
    "InstitutionalDepartmentName": "Department",
    "MRAcquisitionType": "2D",
    "MagneticFieldStrength": 3,
    "Manufacturer": "Siemens",
    "ManufacturersModelName": "Prisma_fit",
    "Modality": "MR",
    "PartialFourier": 1,
    "PatientPosition": "HFS",
    "PercentPhaseFOV": 100,
    "PhaseEncodingDirection": "j-",
    "PhaseEncodingSteps": 70,
    "PhaseResolution": 1,
    "PixelBandwidth": 2380,
    "ProcedureStepDescription": "Young_Minjae",
    "ProtocolName": "TPS_run8",
    "PulseSequenceDetails": "%SiemensSeq%_ep2d_pace",
    "ReceiveCoilActiveElements": "HEA;HEP",
    "ReceiveCoilName": "Head_32",
    "ReconMatrixPE": 70,
    "RepetitionTime": 2,
    "SAR": 0.0831365,
    "ScanOptions": "FS",
    "ScanningSequence": "EP",
    "SequenceName": "_epfid2d1_70",
    "SequenceVariant": "SK",
    "SeriesDescription": "TPS_run8",
    "SeriesNumber": 29,
    "ShimSetting": [
      -5608,
      -1516,
      3194,
      637,
      4,
      15,
      88,
      20
    ],
    "SliceThickness": 3,
    "SliceTiming": [
      0,
      0.0625,
      0.125,
      0.1875,
      0.2475,
      0.31,
      0.3725,
      0.435,
      0.495,
      0.5575,
      0.62,
      0.6825,
      0.7425,
      0.805,
      0.8675,
      0.93,
      0.99,
      1.0525,
      1.115,
      1.1775,
      1.2375,
      1.3,
      1.3625,
      1.425,
      1.485,
      1.5475,
      1.61,
      1.6725,
      1.7325,
      1.795,
      1.8575,
      1.92
    ],
    "SoftwareVersions": "syngo_MR_E11",
    "SpacingBetweenSlices": 3.6,
    "StationName": "MRC35115",
    "TaskName": "tps",
    "TotalReadoutTime": 0.0338094,
    "TxRefAmp": 221.717,
    "dataset": "ds002793",
    "modality": "bold",
    "run_id": 8,
    "subject_id": "16",
    "task_id": "tps"
  },
  "dummy_trs": 0,
  "dvars_nstd": 16.078569551707318,
  "dvars_std": 1.2180878104878046,
  "dvars_vstd": 1.0101330437195115,
  "efc": 0.5398414866469371,
  "fber": 431.20501708984375,
  "fd_mean": 0.08999917312899132,
  "fd_num": 5,
  "fd_perc": 3.0303030303030303,
  "fwhm_avg": 2.6893644675482355,
  "fwhm_x": 2.5496133333333333,
  "fwhm_y": 2.902063333333333,
  "fwhm_z": 2.61641673597804,
  "gcor": 0.0526248,
  "gsr_x": -0.011832505464553833,
  "gsr_y": 0.06818760186433792,
  "provenance": {
    "md5sum": "a2353f38cf0292cd351b73e2caeb7c31",
    "settings": {
      "fd_thres": 0.2,
      "testing": false
    },
    "software": "mriqc",
    "version": "22.0.6",
    "webapi_port": null,
    "webapi_url": "https://mriqc.nimh.nih.gov/api/v1"
  },
  "size_t": 165,
  "size_x": 70,
  "size_y": 70,
  "size_z": 32,
  "snr": 2.874287449777469,
  "spacing_tr": 2.0,
  "spacing_x": 3.0,
  "spacing_y": 3.0,
  "spacing_z": 3.5999999046325684,
  "summary_bg_k": 25.37446069201542,
  "summary_bg_mad": 4.87910870775999,
  "summary_bg_mean": 38.988773345947266,
  "summary_bg_median": 19.563634872436523,
  "summary_bg_n": 97220.0,
  "summary_bg_p05": 16.024242401123047,
  "summary_bg_p95": 139.50938262939454,
  "summary_bg_stdv": 52.9422721862793,
  "summary_fg_k": 0.2824703314230894,
  "summary_fg_mad": 142.46459910962275,
  "summary_fg_mean": 436.6101379394531,
  "summary_fg_median": 414.97271728515625,
  "summary_fg_n": 25678.0,
  "summary_fg_p05": 236.30089950561523,
  "summary_fg_p95": 702.4254302978514,
  "summary_fg_stdv": 144.37130737304688,
  "tsnr": 101.70554407173768
}