{
  "aor": 0.005731333333333333,
  "aqi": 0.0011565112303030304,
  "bids_meta": {
    "AcquisitionMatrixPE": 70,
    "AcquisitionNumber": 1,
    "AcquisitionTime": "18:38:53.307500",
    "BandwidthPerPixelPhaseEncode": 29.155,
    "BaseResolution": 70,
    "BodyPartExamined": "BRAIN",
    "ConsistencyInfo": "N4_VE11C_LATEST_20160120",
    "ConversionSoftware": "dcm2niix",
    "ConversionSoftwareVersion": "v1.0.20181125  (JP2:OpenJPEG) (JP-LS:CharLS) GCC5.5.0",
    "DerivedVendorReportedEchoSpacing": 0.000489992,
    "DeviceSerialNumber": "167012",
    "DwellTime": 3e-06,
    "EchoTime": 0.03,
    "EchoTrainLength": 70,
    "EffectiveEchoSpacing": 0.000489992,
    "FlipAngle": 90,
    "ImageOrientationPatientDICOM": [
      0.999735,
      -0.0228361,
      0.00305085,
      0.0230364,
      0.992819,
      -0.117383
    ],
    "ImageType": [
      "ORIGINAL",
      "PRIMARY",
      "M",
      "ND",
      "MOSAIC"
    ],
    "ImagingFrequency": 123.253,
    "InPlanePhaseEncodingDirectionDICOM": "COL",
    "InstitutionAddress": "Vassar_Street_43_Cambridge_Boston_US_02139",
    "InstitutionName": "McGovern_Institute_for_Brain_Research_(3T1)",
    "InstitutionalDepartmentName": "Department",
    "MRAcquisitionType": "2D",
    "MagneticFieldStrength": 3,
    "Manufacturer": "Siemens",
    "ManufacturersModelName": "Prisma_fit",
    "Modality": "MR",
    "PartialFourier": 1,
    "PatientPosition": "HFS",
    "PercentPhaseFOV": 100,
    "PhaseEncodingDirection": "j-",
    "PhaseEncodingSteps": 70,
    "PhaseResolution": 1,
    "PixelBandwidth": 2380,
    "ProcedureStepDescription": "Young_Minjae",
    "ProtocolName": "TPS_run2",
    "PulseSequenceDetails": "%SiemensSeq%_ep2d_pace",
    "ReceiveCoilActiveElements": "HEA;HEP",
    "ReceiveCoilName": "Head_32",
    "ReconMatrixPE": 70,
    "RepetitionTime": 2,
    "SAR": 0.0831365,
    "ScanOptions": "FS",
    "ScanningSequence": "EP",
    "SequenceName": "_epfid2d1_70",
    "SequenceVariant": "SK",
    "SeriesDescription": "TPS_run2",
    "SeriesNumber": 17,
    "ShimSetting": [
      -5608,
      -1516,
      3194,
      637,
      4,
      15,
      88,
      20
    ],
    "SliceThickness": 3,
    "SliceTiming": [
      0,
      0.06,
      0.1225,
      0.185,
      0.2475,
      0.3075,
      0.37,
      0.4325,
      0.495,
      0.555,
      0.6175,
      0.68,
      0.7425,
      0.8025,
      0.865,
      0.9275,
      0.99,
      1.05,
      1.1125,
      1.175,
      1.2375,
      1.2975,
      1.36,
      1.4225,
      1.485,
      1.545,
      1.6075,
      1.67,
      1.7325,
      1.7925,
      1.855,
      1.9175
    ],
    "SoftwareVersions": "syngo_MR_E11",
    "SpacingBetweenSlices": 3.6,
    "StationName": "MRC35115",
    "TaskName": "tps",
    "TotalReadoutTime": 0.0338094,
    "TxRefAmp": 221.717,
    "dataset": "ds002793",
    "modality": "bold",
    "run_id": 2,
    "subject_id": "16",
    "task_id": "tps"
  },
  "dummy_trs": 0,
  "dvars_nstd": 17.68641793439024,
  "dvars_std": 1.367807598414634,
  "dvars_vstd": 1.0648062168902437,
  "efc": 0.5372680361704848,
  "fber": 440.87298583984375,
  "fd_mean": 0.09198889215969136,
  "fd_num": 1,
  "fd_perc": 0.6060606060606061,
  "fwhm_avg": 2.6185770595497364,
  "fwhm_x": 2.4827766666666666,
  "fwhm_y": 2.8234766666666666,
  "fwhm_z": 2.549477845315876,
  "gcor": 0.0291028,
  "gsr_x": -0.009032491594552994,
  "gsr_y": 0.05769724398851395,
  "provenance": {
    "md5sum": "40276cc896b47e16e6e23008e8f5c24e",
    "settings": {
      "fd_thres": 0.2,
      "testing": false
    },
    "software": "mriqc",
    "version": "22.0.6",
    "webapi_port": null,
    "webapi_url": "https://mriqc.nimh.nih.gov/api/v1"
  },
  "size_t": 165,
  "size_x": 70,
  "size_y": 70,
  "size_z": 32,
  "snr": 2.9496005992385044,
  "spacing_tr": 2.0,
  "spacing_x": 3.0,
  "spacing_y": 3.0,
  "spacing_z": 3.5999999046325684,
  "summary_bg_k": 27.27554435243552,
  "summary_bg_mad": 4.277081512584221,
  "summary_bg_mean": 35.450252532958984,
  "summary_bg_median": 18.92121124267578,
  "summary_bg_n": 96605.0,
  "summary_bg_p05": 15.824241638183594,
  "summary_bg_p95": 120.96241912841799,
  "summary_bg_stdv": 45.34402847290039,
  "summary_fg_k": 0.3282353111880574,
  "summary_fg_mad": 135.99504570326047,
  "summary_fg_mean": 429.1191711425781,
  "summary_fg_median": 408.4302978515625,
  "summary_fg_n": 25637.0,
  "summary_fg_p05": 235.9309051513672,
  "summary_fg_p95": 683.8618041992187,
  "summary_fg_stdv": 138.4669952392578,
  "tsnr": 109.01428505079821
}