{
  "aor": 0.002366909090909091,
  "aqi": 0.003200099757575758,
  "bids_meta": {
    "AcquisitionMatrixPE": 70,
    "AcquisitionNumber": 1,
    "AcquisitionTime": "12:46:21.360000",
    "BandwidthPerPixelPhaseEncode": 29.155,
    "BaseResolution": 70,
    "BodyPartExamined": "BRAIN",
    "ConsistencyInfo": "N4_VE11C_LATEST_20160120",
    "ConversionSoftware": "dcm2niix",
    "ConversionSoftwareVersion": "v1.0.20181125  (JP2:OpenJPEG) (JP-LS:CharLS) GCC5.5.0",
    "DerivedVendorReportedEchoSpacing": 0.000489992,
    "DeviceSerialNumber": "167012",
    "DwellTime": 3e-06,
    "EchoTime": 0.03,
    "EchoTrainLength": 70,
    "EffectiveEchoSpacing": 0.000489992,
    "FlipAngle": 90,
    "ImageOrientationPatientDICOM": [
      0.999837,
      0.0180237,
      0.000451611,
      -0.0179759,
      0.994633,
      0.101888
    ],
    "ImageType": [
      "ORIGINAL",
      "PRIMARY",
      "M",
      "ND",
      "MOSAIC"
    ],
    "ImagingFrequency": 123.253,
    "InPlanePhaseEncodingDirectionDICOM": "COL",
    "InstitutionAddress": "Vassar_Street_43_Cambridge_Boston_US_02139",
    "InstitutionName": "McGovern_Institute_for_Brain_Research_(3T1)",
    "InstitutionalDepartmentName": "Department",
    "MRAcquisitionType": "2D",
    "MagneticFieldStrength": 3,
    "Manufacturer": "Siemens",
    "ManufacturersModelName": "Prisma_fit",
    "Modality": "MR",
    "PartialFourier": 1,
    "PatientPosition": "HFS",
    "PercentPhaseFOV": 100,
    "PhaseEncodingDirection": "j-",
    "PhaseEncodingSteps": 70,
    "PhaseResolution": 1,
    "PixelBandwidth": 2380,
    "ProcedureStepDescription": "Young_Minjae",
    "ProtocolName": "TPS_RUN7",
    "PulseSequenceDetails": "%SiemensSeq%_ep2d_pace",
    "ReceiveCoilActiveElements": "HEA;HEP",
    "ReceiveCoilName": "Head_32",
    "ReconMatrixPE": 70,
    "RepetitionTime": 2,
    "SAR": 0.116576,
    "ScanOptions": "FS",
    "ScanningSequence": "EP",
    "SequenceName": "_epfid2d1_70",
    "SequenceVariant": "SK",
    "SeriesDescription": "TPS_RUN7",
    "SeriesNumber": 25,
    "ShimSetting": [
      -5603,
      -1608,
      3218,
      564,
      -17,
      -128,
      -132,
      31
    ],
    "SliceThickness": 3,
    "SliceTiming": [
      0,
      0.0625,
      0.1225,
      0.185,
      0.2475,
      0.31,
      0.37,
      0.4325,
      0.495,
      0.5575,
      0.6175,
      0.68,
      0.7425,
      0.805,
      0.865,
      0.9275,
      0.99,
      1.0525,
      1.1125,
      1.175,
      1.2375,
      1.3,
      1.36,
      1.4225,
      1.485,
      1.5475,
      1.6075,
      1.67,
      1.7325,
      1.795,
      1.855,
      1.9175
    ],
    "SoftwareVersions": "syngo_MR_E11",
    "SpacingBetweenSlices": 3.6,
    "StationName": "MRC35115",
    "TaskName": "tps",
    "TotalReadoutTime": 0.0338094,
    "TxRefAmp": 254.923,
    "dataset": "ds002793",
    "modality": "bold",
    "run_id": 7,
    "subject_id": "02",
    "task_id": "tps"
  },
  "dummy_trs": 0,
  "dvars_nstd": 26.62625628560977,
  "dvars_std": 1.3112961468902438,
  "dvars_vstd": 1.0257395843292678,
  "efc": 0.5667675239269833,
  "fber": 338.0973205566406,
  "fd_mean": 0.22168461048481672,
  "fd_num": 89,
  "fd_perc": 53.93939393939394,
  "fwhm_avg": 2.7507628011849636,
  "fwhm_x": 2.5787533333333332,
  "fwhm_y": 3.02276,
  "fwhm_z": 2.6507750702215582,
  "gcor": 0.0366072,
  "gsr_x": -0.01132131926715374,
  "gsr_y": 0.07100080698728561,
  "provenance": {
    "md5sum": "5924573256ed5f8095f05432d3d2705f",
    "settings": {
      "fd_thres": 0.2,
      "testing": false
    },
    "software": "mriqc",
    "version": "22.0.6",
    "webapi_port": null,
    "webapi_url": "https://mriqc.nimh.nih.gov/api/v1"
  },
  "size_t": 165,
  "size_x": 70,
  "size_y": 70,
  "size_z": 32,
  "snr": 2.6951722891670884,
  "spacing_tr": 2.0,
  "spacing_x": 3.0,
  "spacing_y": 3.0,
  "spacing_z": 3.5999999046325684,
  "summary_bg_k": 25.31509055826105,
  "summary_bg_mad": 5.903451081837551,
  "summary_bg_mean": 40.69207763671875,
  "summary_bg_median": 20.5696964263916,
  "summary_bg_n": 90145.0,
  "summary_bg_p05": 16.303030014038086,
  "summary_bg_p95": 141.35030212402344,
  "summary_bg_stdv": 56.64547348022461,
  "summary_fg_k": 0.5884883337743623,
  "summary_fg_mad": 144.13587476718988,
  "summary_fg_mean": 410.8011169433594,
  "summary_fg_median": 389.90301513671875,
  "summary_fg_n": 30331.0,
  "summary_fg_p05": 218.09393310546875,
  "summary_fg_p95": 674.5272521972656,
  "summary_fg_stdv": 144.66481018066406,
  "tsnr": 82.80986966751516
}