{
  "aor": 0.00553389705882353,
  "aqi": 0.003127817426470588,
  "bids_meta": {
    "AcquisitionMatrixPE": 70,
    "AcquisitionNumber": 1,
    "AcquisitionTime": "13:12:34.220000",
    "BandwidthPerPixelPhaseEncode": 29.155,
    "BaseResolution": 70,
    "BodyPartExamined": "BRAIN",
    "ConsistencyInfo": "N4_VE11C_LATEST_20160120",
    "ConversionSoftware": "dcm2niix",
    "ConversionSoftwareVersion": "v1.0.20181125  (JP2:OpenJPEG) (JP-LS:CharLS) GCC5.5.0",
    "DerivedVendorReportedEchoSpacing": 0.000489992,
    "DeviceSerialNumber": "167012",
    "DwellTime": 3e-06,
    "EchoTime": 0.03,
    "EchoTrainLength": 70,
    "EffectiveEchoSpacing": 0.000489992,
    "FlipAngle": 90,
    "ImageOrientationPatientDICOM": [
      0.999837,
      0.0180237,
      0.000451611,
      -0.0179759,
      0.994633,
      0.101888
    ],
    "ImageType": [
      "ORIGINAL",
      "PRIMARY",
      "M",
      "ND",
      "MOSAIC"
    ],
    "ImagingFrequency": 123.253,
    "InPlanePhaseEncodingDirectionDICOM": "COL",
    "InstitutionAddress": "Vassar_Street_43_Cambridge_Boston_US_02139",
    "InstitutionName": "McGovern_Institute_for_Brain_Research_(3T1)",
    "InstitutionalDepartmentName": "Department",
    "MRAcquisitionType": "2D",
    "MagneticFieldStrength": 3,
    "Manufacturer": "Siemens",
    "ManufacturersModelName": "Prisma_fit",
    "Modality": "MR",
    "PartialFourier": 1,
    "PatientPosition": "HFS",
    "PercentPhaseFOV": 100,
    "PhaseEncodingDirection": "j-",
    "PhaseEncodingSteps": 70,
    "PhaseResolution": 1,
    "PixelBandwidth": 2380,
    "ProcedureStepDescription": "Young_Minjae",
    "ProtocolName": "TOM_RUN1",
    "PulseSequenceDetails": "%SiemensSeq%_ep2d_pace",
    "ReceiveCoilActiveElements": "HEA;HEP",
    "ReceiveCoilName": "Head_32",
    "ReconMatrixPE": 70,
    "RepetitionTime": 2,
    "SAR": 0.116467,
    "ScanOptions": "FS",
    "ScanningSequence": "EP",
    "SequenceName": "_epfid2d1_70",
    "SequenceVariant": "SK",
    "SeriesDescription": "TOM_RUN1",
    "SeriesNumber": 33,
    "ShimSetting": [
      -5603,
      -1608,
      3218,
      564,
      -17,
      -128,
      -132,
      31
    ],
    "SliceThickness": 3,
    "SliceTiming": [
      0,
      0.0625,
      0.125,
      0.1875,
      0.2475,
      0.31,
      0.3725,
      0.435,
      0.495,
      0.5575,
      0.62,
      0.6825,
      0.7425,
      0.805,
      0.8675,
      0.93,
      0.99,
      1.0525,
      1.115,
      1.1775,
      1.2375,
      1.3,
      1.3625,
      1.425,
      1.485,
      1.5475,
      1.61,
      1.6725,
      1.7325,
      1.795,
      1.8575,
      1.9175
    ],
    "SoftwareVersions": "syngo_MR_E11",
    "SpacingBetweenSlices": 3.6,
    "StationName": "MRC35115",
    "TaskName": "tom",
    "TotalReadoutTime": 0.0338094,
    "TxRefAmp": 254.923,
    "dataset": "ds002793",
    "modality": "bold",
    "run_id": 1,
    "subject_id": "02",
    "task_id": "tom"
  },
  "dummy_trs": 0,
  "dvars_nstd": 25.285491576000002,
  "dvars_std": 1.3079694448148147,
  "dvars_vstd": 1.0392540882962966,
  "efc": 0.5679984838560785,
  "fber": 334.69805908203125,
  "fd_mean": 0.22159201784166216,
  "fd_num": 60,
  "fd_perc": 44.11764705882353,
  "fwhm_avg": 2.758679097572409,
  "fwhm_x": 2.5947,
  "fwhm_y": 3.02024,
  "fwhm_z": 2.6610972927172263,
  "gcor": 0.0175393,
  "gsr_x": -0.010315552353858948,
  "gsr_y": 0.0720643475651741,
  "provenance": {
    "md5sum": "4f69042499521945575a9a1d8a377a5d",
    "settings": {
      "fd_thres": 0.2,
      "testing": false
    },
    "software": "mriqc",
    "version": "22.0.6",
    "webapi_port": null,
    "webapi_url": "https://mriqc.nimh.nih.gov/api/v1"
  },
  "size_t": 136,
  "size_x": 70,
  "size_y": 70,
  "size_z": 32,
  "snr": 2.67397329267945,
  "spacing_tr": 2.0,
  "spacing_x": 3.0,
  "spacing_y": 3.0,
  "spacing_z": 3.5999999046325684,
  "summary_bg_k": 24.840621633942074,
  "summary_bg_mad": 6.028523586877309,
  "summary_bg_mean": 41.423667907714844,
  "summary_bg_median": 20.72058868408203,
  "summary_bg_n": 90064.0,
  "summary_bg_p05": 16.360294342041016,
  "summary_bg_p95": 145.40734786987278,
  "summary_bg_stdv": 57.98191452026367,
  "summary_fg_k": 0.5953130716199562,
  "summary_fg_mad": 144.3901993237762,
  "summary_fg_mean": 410.8556213378906,
  "summary_fg_median": 389.83087158203125,
  "summary_fg_n": 30457.0,
  "summary_fg_p05": 217.08529968261718,
  "summary_fg_p95": 677.7014892578125,
  "summary_fg_stdv": 145.78472900390625,
  "tsnr": 79.3674428856466
}