{
  "aor": 0.004191102941176471,
  "aqi": 0.004109075441176471,
  "bids_meta": {
    "AcquisitionMatrixPE": 70,
    "AcquisitionNumber": 1,
    "AcquisitionTime": "16:40:8.190000",
    "BandwidthPerPixelPhaseEncode": 29.155,
    "BaseResolution": 70,
    "BodyPartExamined": "BRAIN",
    "ConsistencyInfo": "N4_VE11C_LATEST_20160120",
    "ConversionSoftware": "dcm2niix",
    "ConversionSoftwareVersion": "v1.0.20181125  (JP2:OpenJPEG) (JP-LS:CharLS) GCC5.5.0",
    "DerivedVendorReportedEchoSpacing": 0.000489992,
    "DeviceSerialNumber": "167012",
    "DwellTime": 3e-06,
    "EchoTime": 0.03,
    "EchoTrainLength": 70,
    "EffectiveEchoSpacing": 0.000489992,
    "FlipAngle": 90,
    "ImageOrientationPatientDICOM": [
      0.999471,
      -0.0301098,
      -0.0122706,
      0.0303621,
      0.99932,
      0.0209167
    ],
    "ImageType": [
      "ORIGINAL",
      "PRIMARY",
      "M",
      "ND",
      "MOSAIC"
    ],
    "ImagingFrequency": 123.253,
    "InPlanePhaseEncodingDirectionDICOM": "COL",
    "InstitutionAddress": "Vassar_Street_43_Cambridge_Boston_US_02139",
    "InstitutionName": "McGovern_Institute_for_Brain_Research_(3T1)",
    "InstitutionalDepartmentName": "Department",
    "MRAcquisitionType": "2D",
    "MagneticFieldStrength": 3,
    "Manufacturer": "Siemens",
    "ManufacturersModelName": "Prisma_fit",
    "Modality": "MR",
    "PartialFourier": 1,
    "PatientPosition": "HFS",
    "PercentPhaseFOV": 100,
    "PhaseEncodingDirection": "j-",
    "PhaseEncodingSteps": 70,
    "PhaseResolution": 1,
    "PixelBandwidth": 2380,
    "ProcedureStepDescription": "Young_Minjae",
    "ProtocolName": "tom_localizer_run1",
    "PulseSequenceDetails": "%SiemensSeq%_ep2d_pace",
    "ReceiveCoilActiveElements": "HEA;HEP",
    "ReceiveCoilName": "Head_32",
    "ReconMatrixPE": 70,
    "RepetitionTime": 2,
    "SAR": 0.110191,
    "ScanOptions": "FS",
    "ScanningSequence": "EP",
    "SequenceName": "_epfid2d1_70",
    "SequenceVariant": "SK",
    "SeriesDescription": "tom_localizer_run1",
    "SeriesNumber": 11,
    "ShimSetting": [
      -5624,
      -1554,
      3192,
      414,
      25,
      17,
      -81,
      -2
    ],
    "SliceThickness": 3,
    "SliceTiming": [
      0,
      0.06,
      0.1225,
      0.185,
      0.2475,
      0.3075,
      0.37,
      0.4325,
      0.495,
      0.555,
      0.6175,
      0.68,
      0.7425,
      0.8025,
      0.865,
      0.9275,
      0.99,
      1.05,
      1.1125,
      1.175,
      1.2375,
      1.2975,
      1.36,
      1.4225,
      1.485,
      1.545,
      1.6075,
      1.67,
      1.7325,
      1.7925,
      1.855,
      1.9175
    ],
    "SoftwareVersions": "syngo_MR_E11",
    "SpacingBetweenSlices": 3.6,
    "StationName": "MRC35115",
    "TaskName": "tom",
    "TotalReadoutTime": 0.0338094,
    "TxRefAmp": 273.692,
    "dataset": "ds002793",
    "modality": "bold",
    "run_id": 1,
    "subject_id": "19",
    "task_id": "tom"
  },
  "dummy_trs": 0,
  "dvars_nstd": 31.2987200845926,
  "dvars_std": 1.1953517187407405,
  "dvars_vstd": 0.9922741382222225,
  "efc": 0.5767570905095027,
  "fber": 277.51910400390625,
  "fd_mean": 0.3418127541436494,
  "fd_num": 91,
  "fd_perc": 66.91176470588235,
  "fwhm_avg": 2.6062198381055386,
  "fwhm_x": 2.29248,
  "fwhm_y": 2.888593333333333,
  "fwhm_z": 2.6375861809832832,
  "gcor": 0.071136,
  "gsr_x": -0.004389653913676739,
  "gsr_y": 0.04936392605304718,
  "provenance": {
    "md5sum": "6a2e471c59f4c155f0feb4163d457d96",
    "settings": {
      "fd_thres": 0.2,
      "testing": false
    },
    "software": "mriqc",
    "version": "22.0.6",
    "webapi_port": null,
    "webapi_url": "https://mriqc.nimh.nih.gov/api/v1"
  },
  "size_t": 136,
  "size_x": 70,
  "size_y": 70,
  "size_z": 32,
  "snr": 2.5170242761852406,
  "spacing_tr": 2.0,
  "spacing_x": 3.0,
  "spacing_y": 3.0,
  "spacing_z": 3.5999999046325684,
  "summary_bg_k": 38.57751966880398,
  "summary_bg_mad": 6.551792629305733,
  "summary_bg_mean": 37.667266845703125,
  "summary_bg_median": 21.227941513061523,
  "summary_bg_n": 87322.0,
  "summary_bg_p05": 16.33823585510254,
  "summary_bg_p95": 120.64705657958984,
  "summary_bg_stdv": 49.0088996887207,
  "summary_fg_k": 0.10571621101126816,
  "summary_fg_mad": 140.6019579099667,
  "summary_fg_mean": 389.87493896484375,
  "summary_fg_median": 364.08453369140625,
  "summary_fg_n": 33016.0,
  "summary_fg_p05": 198.41911697387695,
  "summary_fg_p95": 664.0110473632812,
  "summary_fg_stdv": 144.6466064453125,
  "tsnr": 57.277139284531586
}