{
  "aor": 0.007555365853658537,
  "aqi": 0.006214411036585366,
  "bids_meta": {
    "AcquisitionMatrixPE": 70,
    "AcquisitionNumber": 1,
    "AcquisitionTime": "17:04:44.805000",
    "BandwidthPerPixelPhaseEncode": 29.155,
    "BaseResolution": 70,
    "BodyPartExamined": "BRAIN",
    "ConsistencyInfo": "N4_VE11C_LATEST_20160120",
    "ConversionSoftware": "dcm2niix",
    "ConversionSoftwareVersion": "v1.0.20181125  (JP2:OpenJPEG) (JP-LS:CharLS) GCC5.5.0",
    "DerivedVendorReportedEchoSpacing": 0.000489992,
    "DeviceSerialNumber": "167012",
    "DwellTime": 3e-06,
    "EchoTime": 0.03,
    "EchoTrainLength": 70,
    "EffectiveEchoSpacing": 0.000489992,
    "FlipAngle": 90,
    "ImageOrientationPatientDICOM": [
      0.999471,
      -0.0301098,
      -0.0122706,
      0.0303621,
      0.99932,
      0.0209167
    ],
    "ImageType": [
      "ORIGINAL",
      "PRIMARY",
      "M",
      "ND",
      "MOSAIC"
    ],
    "ImagingFrequency": 123.253,
    "InPlanePhaseEncodingDirectionDICOM": "COL",
    "InstitutionAddress": "Vassar_Street_43_Cambridge_Boston_US_02139",
    "InstitutionName": "McGovern_Institute_for_Brain_Research_(3T1)",
    "InstitutionalDepartmentName": "Department",
    "MRAcquisitionType": "2D",
    "MagneticFieldStrength": 3,
    "Manufacturer": "Siemens",
    "ManufacturersModelName": "Prisma_fit",
    "Modality": "MR",
    "PartialFourier": 1,
    "PatientPosition": "HFS",
    "PercentPhaseFOV": 100,
    "PhaseEncodingDirection": "j-",
    "PhaseEncodingSteps": 70,
    "PhaseResolution": 1,
    "PixelBandwidth": 2380,
    "ProcedureStepDescription": "Young_Minjae",
    "ProtocolName": "TPS_run3",
    "PulseSequenceDetails": "%SiemensSeq%_ep2d_pace",
    "ReceiveCoilActiveElements": "HEA;HEP",
    "ReceiveCoilName": "Head_32",
    "ReconMatrixPE": 70,
    "RepetitionTime": 2,
    "SAR": 0.110295,
    "ScanOptions": "FS",
    "ScanningSequence": "EP",
    "SequenceName": "_epfid2d1_70",
    "SequenceVariant": "SK",
    "SeriesDescription": "TPS_run3",
    "SeriesNumber": 19,
    "ShimSetting": [
      -5624,
      -1554,
      3192,
      414,
      25,
      17,
      -81,
      -2
    ],
    "SliceThickness": 3,
    "SliceTiming": [
      0,
      0.0625,
      0.125,
      0.185,
      0.2475,
      0.31,
      0.3725,
      0.4325,
      0.495,
      0.5575,
      0.62,
      0.68,
      0.7425,
      0.805,
      0.8675,
      0.9275,
      0.99,
      1.0525,
      1.115,
      1.175,
      1.2375,
      1.3,
      1.3625,
      1.4225,
      1.485,
      1.5475,
      1.61,
      1.67,
      1.7325,
      1.795,
      1.855,
      1.9175
    ],
    "SoftwareVersions": "syngo_MR_E11",
    "SpacingBetweenSlices": 3.6,
    "StationName": "MRC35115",
    "TaskName": "tps",
    "TotalReadoutTime": 0.0338094,
    "TxRefAmp": 273.692,
    "dataset": "ds002793",
    "modality": "bold",
    "run_id": 3,
    "subject_id": "19",
    "task_id": "tps"
  },
  "dummy_trs": 1,
  "dvars_nstd": 39.76086916036811,
  "dvars_std": 1.2751823425766864,
  "dvars_vstd": 1.0415000980981597,
  "efc": 0.5791349500911754,
  "fber": 274.2305908203125,
  "fd_mean": 0.47025950764894253,
  "fd_num": 129,
  "fd_perc": 78.65853658536585,
  "fwhm_avg": 2.5941822454253547,
  "fwhm_x": 2.2874666666666665,
  "fwhm_y": 2.8674133333333334,
  "fwhm_z": 2.6276667362760633,
  "gcor": 0.0679443,
  "gsr_x": -0.000886832014657557,
  "gsr_y": 0.0494796521961689,
  "provenance": {
    "md5sum": "ce675138154679b60c4ffae7f9858d6e",
    "settings": {
      "fd_thres": 0.2,
      "testing": false
    },
    "software": "mriqc",
    "version": "22.0.6",
    "webapi_port": null,
    "webapi_url": "https://mriqc.nimh.nih.gov/api/v1"
  },
  "size_t": 164,
  "size_x": 70,
  "size_y": 70,
  "size_z": 32,
  "snr": 2.580923720929611,
  "spacing_tr": 2.0,
  "spacing_x": 3.0,
  "spacing_y": 3.0,
  "spacing_z": 3.5999999046325684,
  "summary_bg_k": 39.449195057241916,
  "summary_bg_mad": 6.635550401961062,
  "summary_bg_mean": 38.110252380371094,
  "summary_bg_median": 21.25,
  "summary_bg_n": 87553.0,
  "summary_bg_p05": 16.31097412109375,
  "summary_bg_p95": 121.75487518310504,
  "summary_bg_stdv": 50.623069763183594,
  "summary_fg_k": 0.10095040916239695,
  "summary_fg_mad": 136.55762736783868,
  "summary_fg_mean": 386.0631408691406,
  "summary_fg_median": 361.42987060546875,
  "summary_fg_n": 32498.0,
  "summary_fg_p05": 199.4719436645508,
  "summary_fg_p95": 649.7969085693354,
  "summary_fg_stdv": 140.03680419921875,
  "tsnr": 46.57523545157164
}