{
  "aor": 0.002399390243902439,
  "aqi": 0.001644839713414634,
  "bids_meta": {
    "AcquisitionMatrixPE": 70,
    "AcquisitionNumber": 1,
    "AcquisitionTime": "14:33:40.240000",
    "BandwidthPerPixelPhaseEncode": 29.155,
    "BaseResolution": 70,
    "BodyPartExamined": "BRAIN",
    "ConsistencyInfo": "N4_VE11C_LATEST_20160120",
    "ConversionSoftware": "dcm2niix",
    "ConversionSoftwareVersion": "v1.0.20181125  (JP2:OpenJPEG) (JP-LS:CharLS) GCC5.5.0",
    "DerivedVendorReportedEchoSpacing": 0.000489992,
    "DeviceSerialNumber": "167012",
    "DwellTime": 3e-06,
    "EchoTime": 0.03,
    "EchoTrainLength": 70,
    "EffectiveEchoSpacing": 0.000489992,
    "FlipAngle": 90,
    "ImageOrientationPatientDICOM": [
      0.998315,
      0.00882625,
      -0.0573469,
      -0.0130687,
      0.99717,
      -0.0740307
    ],
    "ImageType": [
      "ORIGINAL",
      "PRIMARY",
      "M",
      "ND",
      "MOSAIC"
    ],
    "ImagingFrequency": 123.253,
    "InPlanePhaseEncodingDirectionDICOM": "COL",
    "InstitutionAddress": "Vassar_Street_43_Cambridge_Boston_US_02139",
    "InstitutionName": "McGovern_Institute_for_Brain_Research_(3T1)",
    "InstitutionalDepartmentName": "Department",
    "MRAcquisitionType": "2D",
    "MagneticFieldStrength": 3,
    "Manufacturer": "Siemens",
    "ManufacturersModelName": "Prisma_fit",
    "Modality": "MR",
    "PartialFourier": 1,
    "PatientPosition": "HFS",
    "PercentPhaseFOV": 100,
    "PhaseEncodingDirection": "j-",
    "PhaseEncodingSteps": 70,
    "PhaseResolution": 1,
    "PixelBandwidth": 2380,
    "ProcedureStepDescription": "Young_Minjae",
    "ProtocolName": "TPS_run10",
    "PulseSequenceDetails": "%SiemensSeq%_ep2d_pace",
    "ReceiveCoilActiveElements": "HEA;HEP",
    "ReceiveCoilName": "Head_32",
    "ReconMatrixPE": 70,
    "RepetitionTime": 2,
    "SAR": 0.11825,
    "ScanOptions": "FS",
    "ScanningSequence": "EP",
    "SequenceName": "_epfid2d1_70",
    "SequenceVariant": "SK",
    "SeriesDescription": "TPS_run10",
    "SeriesNumber": 33,
    "ShimSetting": [
      -5651,
      -1554,
      3252,
      499,
      -80,
      -93,
      4,
      14
    ],
    "SliceThickness": 3,
    "SliceTiming": [
      0,
      0.0625,
      0.1225,
      0.185,
      0.2475,
      0.31,
      0.37,
      0.4325,
      0.495,
      0.5575,
      0.6175,
      0.68,
      0.7425,
      0.805,
      0.865,
      0.9275,
      0.99,
      1.0525,
      1.1125,
      1.175,
      1.2375,
      1.3,
      1.36,
      1.4225,
      1.485,
      1.5475,
      1.6075,
      1.67,
      1.7325,
      1.795,
      1.855,
      1.9175
    ],
    "SoftwareVersions": "syngo_MR_E11",
    "SpacingBetweenSlices": 3.6,
    "StationName": "MRC35115",
    "TaskName": "tps",
    "TotalReadoutTime": 0.0338094,
    "TxRefAmp": 271.274,
    "dataset": "ds002793",
    "modality": "bold",
    "run_id": 10,
    "subject_id": "09",
    "task_id": "tps"
  },
  "dummy_trs": 1,
  "dvars_nstd": 19.64662141760736,
  "dvars_std": 1.197393648466257,
  "dvars_vstd": 1.018954400368098,
  "efc": 0.5852050709909016,
  "fber": 271.0851135253906,
  "fd_mean": 0.10831584811958797,
  "fd_num": 6,
  "fd_perc": 3.658536585365854,
  "fwhm_avg": 2.922974470231916,
  "fwhm_x": 2.7775166666666666,
  "fwhm_y": 3.071073333333333,
  "fwhm_z": 2.920333410695749,
  "gcor": 0.041134,
  "gsr_x": -0.009830381721258163,
  "gsr_y": 0.0668497383594513,
  "provenance": {
    "md5sum": "fdeb55bddc281535fc574bc7c22733ec",
    "settings": {
      "fd_thres": 0.2,
      "testing": false
    },
    "software": "mriqc",
    "version": "22.0.6",
    "webapi_port": null,
    "webapi_url": "https://mriqc.nimh.nih.gov/api/v1"
  },
  "size_t": 164,
  "size_x": 70,
  "size_y": 70,
  "size_z": 32,
  "snr": 2.3646718428084372,
  "spacing_tr": 2.0,
  "spacing_x": 3.0,
  "spacing_y": 3.0,
  "spacing_z": 3.5999999046325684,
  "summary_bg_k": 16.51013173917924,
  "summary_bg_mad": 9.673076829439873,
  "summary_bg_mean": 50.04591369628906,
  "summary_bg_median": 24.341463088989258,
  "summary_bg_n": 86184.0,
  "summary_bg_p05": 17.34756088256836,
  "summary_bg_p95": 176.94054107665988,
  "summary_bg_stdv": 65.26386260986328,
  "summary_fg_k": 0.27505413938258894,
  "summary_fg_mad": 173.60910920176926,
  "summary_fg_mean": 444.2558898925781,
  "summary_fg_median": 410.3597412109375,
  "summary_fg_n": 34570.0,
  "summary_fg_p05": 220.4661491394043,
  "summary_fg_p95": 772.6652221679688,
  "summary_fg_stdv": 173.5352020263672,
  "tsnr": 95.72524529416114
}