{
  "aor": 0.0020189090909090907,
  "aqi": 0.0020668681818181815,
  "bids_meta": {
    "AcquisitionMatrixPE": 70,
    "AcquisitionNumber": 1,
    "AcquisitionTime": "13:43:54.995000",
    "BandwidthPerPixelPhaseEncode": 29.155,
    "BaseResolution": 70,
    "BodyPartExamined": "BRAIN",
    "ConsistencyInfo": "N4_VE11C_LATEST_20160120",
    "ConversionSoftware": "dcm2niix",
    "ConversionSoftwareVersion": "v1.0.20181125  (JP2:OpenJPEG) (JP-LS:CharLS) GCC5.5.0",
    "DerivedVendorReportedEchoSpacing": 0.000489992,
    "DeviceSerialNumber": "167012",
    "DwellTime": 3e-06,
    "EchoTime": 0.03,
    "EchoTrainLength": 70,
    "EffectiveEchoSpacing": 0.000489992,
    "FlipAngle": 90,
    "ImageOrientationPatientDICOM": [
      0.998315,
      0.00882625,
      -0.0573469,
      -0.0130687,
      0.99717,
      -0.0740307
    ],
    "ImageType": [
      "ORIGINAL",
      "PRIMARY",
      "M",
      "ND",
      "MOSAIC"
    ],
    "ImagingFrequency": 123.253,
    "InPlanePhaseEncodingDirectionDICOM": "COL",
    "InstitutionAddress": "Vassar_Street_43_Cambridge_Boston_US_02139",
    "InstitutionName": "McGovern_Institute_for_Brain_Research_(3T1)",
    "InstitutionalDepartmentName": "Department",
    "MRAcquisitionType": "2D",
    "MagneticFieldStrength": 3,
    "Manufacturer": "Siemens",
    "ManufacturersModelName": "Prisma_fit",
    "Modality": "MR",
    "PartialFourier": 1,
    "PatientPosition": "HFS",
    "PercentPhaseFOV": 100,
    "PhaseEncodingDirection": "j-",
    "PhaseEncodingSteps": 70,
    "PhaseResolution": 1,
    "PixelBandwidth": 2380,
    "ProcedureStepDescription": "Young_Minjae",
    "ProtocolName": "TPS_run2",
    "PulseSequenceDetails": "%SiemensSeq%_ep2d_pace",
    "ReceiveCoilActiveElements": "HEA;HEP",
    "ReceiveCoilName": "Head_32",
    "ReconMatrixPE": 70,
    "RepetitionTime": 2,
    "SAR": 0.11825,
    "ScanOptions": "FS",
    "ScanningSequence": "EP",
    "SequenceName": "_epfid2d1_70",
    "SequenceVariant": "SK",
    "SeriesDescription": "TPS_run2",
    "SeriesNumber": 17,
    "ShimSetting": [
      -5651,
      -1554,
      3252,
      499,
      -80,
      -93,
      4,
      14
    ],
    "SliceThickness": 3,
    "SliceTiming": [
      0,
      0.0625,
      0.1225,
      0.185,
      0.2475,
      0.31,
      0.37,
      0.4325,
      0.495,
      0.5575,
      0.6175,
      0.68,
      0.7425,
      0.805,
      0.865,
      0.9275,
      0.99,
      1.0525,
      1.1125,
      1.175,
      1.2375,
      1.3,
      1.36,
      1.4225,
      1.485,
      1.5475,
      1.6075,
      1.67,
      1.7325,
      1.795,
      1.855,
      1.9175
    ],
    "SoftwareVersions": "syngo_MR_E11",
    "SpacingBetweenSlices": 3.6,
    "StationName": "MRC35115",
    "TaskName": "tps",
    "TotalReadoutTime": 0.0338094,
    "TxRefAmp": 271.274,
    "dataset": "ds002793",
    "modality": "bold",
    "run_id": 2,
    "subject_id": "09",
    "task_id": "tps"
  },
  "dummy_trs": 0,
  "dvars_nstd": 21.869278768292673,
  "dvars_std": 1.2390403235975613,
  "dvars_vstd": 1.0221413084756095,
  "efc": 0.583697603775774,
  "fber": 281.32745361328125,
  "fd_mean": 0.12766449224759874,
  "fd_num": 16,
  "fd_perc": 9.696969696969697,
  "fwhm_avg": 2.926153359355545,
  "fwhm_x": 2.7576133333333335,
  "fwhm_y": 3.0739300000000003,
  "fwhm_z": 2.9469167447333002,
  "gcor": 0.0637362,
  "gsr_x": -0.011901482939720154,
  "gsr_y": 0.07136495411396027,
  "provenance": {
    "md5sum": "182a4537543d938c5fe0cfc076d0f010",
    "settings": {
      "fd_thres": 0.2,
      "testing": false
    },
    "software": "mriqc",
    "version": "22.0.6",
    "webapi_port": null,
    "webapi_url": "https://mriqc.nimh.nih.gov/api/v1"
  },
  "size_t": 165,
  "size_x": 70,
  "size_y": 70,
  "size_z": 32,
  "snr": 2.3803156561433374,
  "spacing_tr": 2.0,
  "spacing_x": 3.0,
  "spacing_y": 3.0,
  "spacing_z": 3.5999999046325684,
  "summary_bg_k": 18.90269293563967,
  "summary_bg_mad": 9.138219301500746,
  "summary_bg_mean": 48.4402961730957,
  "summary_bg_median": 23.763635635375977,
  "summary_bg_n": 86184.0,
  "summary_bg_p05": 17.187877655029297,
  "summary_bg_p95": 168.52968826293923,
  "summary_bg_stdv": 63.678794860839844,
  "summary_fg_k": 0.24813644994048412,
  "summary_fg_mad": 170.58015395525263,
  "summary_fg_mean": 440.10162353515625,
  "summary_fg_median": 406.2969665527344,
  "summary_fg_n": 34683.0,
  "summary_fg_p05": 219.5393829345703,
  "summary_fg_p95": 762.4084472656255,
  "summary_fg_stdv": 170.6879119873047,
  "tsnr": 88.03538082307205
}