{
  "aor": 0.002335121951219512,
  "aqi": 0.0018929056097560975,
  "bids_meta": {
    "AcquisitionMatrixPE": 70,
    "AcquisitionNumber": 1,
    "AcquisitionTime": "14:21:16.105000",
    "BandwidthPerPixelPhaseEncode": 29.155,
    "BaseResolution": 70,
    "BodyPartExamined": "BRAIN",
    "ConsistencyInfo": "N4_VE11C_LATEST_20160120",
    "ConversionSoftware": "dcm2niix",
    "ConversionSoftwareVersion": "v1.0.20181125  (JP2:OpenJPEG) (JP-LS:CharLS) GCC5.5.0",
    "DerivedVendorReportedEchoSpacing": 0.000489992,
    "DeviceSerialNumber": "167012",
    "DwellTime": 3e-06,
    "EchoTime": 0.03,
    "EchoTrainLength": 70,
    "EffectiveEchoSpacing": 0.000489992,
    "FlipAngle": 90,
    "ImageOrientationPatientDICOM": [
      0.998315,
      0.00882625,
      -0.0573469,
      -0.0130687,
      0.99717,
      -0.0740307
    ],
    "ImageType": [
      "ORIGINAL",
      "PRIMARY",
      "M",
      "ND",
      "MOSAIC"
    ],
    "ImagingFrequency": 123.253,
    "InPlanePhaseEncodingDirectionDICOM": "COL",
    "InstitutionAddress": "Vassar_Street_43_Cambridge_Boston_US_02139",
    "InstitutionName": "McGovern_Institute_for_Brain_Research_(3T1)",
    "InstitutionalDepartmentName": "Department",
    "MRAcquisitionType": "2D",
    "MagneticFieldStrength": 3,
    "Manufacturer": "Siemens",
    "ManufacturersModelName": "Prisma_fit",
    "Modality": "MR",
    "PartialFourier": 1,
    "PatientPosition": "HFS",
    "PercentPhaseFOV": 100,
    "PhaseEncodingDirection": "j-",
    "PhaseEncodingSteps": 70,
    "PhaseResolution": 1,
    "PixelBandwidth": 2380,
    "ProcedureStepDescription": "Young_Minjae",
    "ProtocolName": "TPS_run8",
    "PulseSequenceDetails": "%SiemensSeq%_ep2d_pace",
    "ReceiveCoilActiveElements": "HEA;HEP",
    "ReceiveCoilName": "Head_32",
    "ReconMatrixPE": 70,
    "RepetitionTime": 2,
    "SAR": 0.11825,
    "ScanOptions": "FS",
    "ScanningSequence": "EP",
    "SequenceName": "_epfid2d1_70",
    "SequenceVariant": "SK",
    "SeriesDescription": "TPS_run8",
    "SeriesNumber": 29,
    "ShimSetting": [
      -5651,
      -1554,
      3252,
      499,
      -80,
      -93,
      4,
      14
    ],
    "SliceThickness": 3,
    "SliceTiming": [
      0,
      0.0625,
      0.125,
      0.185,
      0.2475,
      0.31,
      0.3725,
      0.4325,
      0.495,
      0.5575,
      0.62,
      0.68,
      0.7425,
      0.805,
      0.8675,
      0.9275,
      0.99,
      1.0525,
      1.115,
      1.175,
      1.2375,
      1.3,
      1.3625,
      1.4225,
      1.485,
      1.5475,
      1.61,
      1.67,
      1.7325,
      1.795,
      1.8575,
      1.9175
    ],
    "SoftwareVersions": "syngo_MR_E11",
    "SpacingBetweenSlices": 3.6,
    "StationName": "MRC35115",
    "TaskName": "tps",
    "TotalReadoutTime": 0.0338094,
    "TxRefAmp": 271.274,
    "dataset": "ds002793",
    "modality": "bold",
    "run_id": 8,
    "subject_id": "09",
    "task_id": "tps"
  },
  "dummy_trs": 1,
  "dvars_nstd": 18.98644992601227,
  "dvars_std": 1.1769127200000005,
  "dvars_vstd": 1.0086893415950917,
  "efc": 0.5862376053745683,
  "fber": 273.3340148925781,
  "fd_mean": 0.1109915157786587,
  "fd_num": 8,
  "fd_perc": 4.878048780487805,
  "fwhm_avg": 2.9181474335139974,
  "fwhm_x": 2.7464733333333338,
  "fwhm_y": 3.0514966666666665,
  "fwhm_z": 2.9564723005419915,
  "gcor": 0.0382202,
  "gsr_x": -0.009725579991936684,
  "gsr_y": 0.06857818365097046,
  "provenance": {
    "md5sum": "6805158a2466dee1b3a455098777247c",
    "settings": {
      "fd_thres": 0.2,
      "testing": false
    },
    "software": "mriqc",
    "version": "22.0.6",
    "webapi_port": null,
    "webapi_url": "https://mriqc.nimh.nih.gov/api/v1"
  },
  "size_t": 164,
  "size_x": 70,
  "size_y": 70,
  "size_z": 32,
  "snr": 2.3903043273957683,
  "spacing_tr": 2.0,
  "spacing_x": 3.0,
  "spacing_y": 3.0,
  "spacing_z": 3.5999999046325684,
  "summary_bg_k": 17.55261224503494,
  "summary_bg_mad": 9.302423446974158,
  "summary_bg_mean": 49.19873046875,
  "summary_bg_median": 23.95731544494629,
  "summary_bg_n": 86187.0,
  "summary_bg_p05": 17.231706619262695,
  "summary_bg_p95": 172.81097412109375,
  "summary_bg_stdv": 64.52986907958984,
  "summary_fg_k": 0.23172816379933714,
  "summary_fg_mad": 169.50480584345993,
  "summary_fg_mean": 436.85943603515625,
  "summary_fg_median": 403.731689453125,
  "summary_fg_n": 34577.0,
  "summary_fg_p05": 218.37193908691407,
  "summary_fg_p95": 755.1317016601561,
  "summary_fg_stdv": 168.9014434814453,
  "tsnr": 90.20852468628436
}