{
  "aor": 0.0022731515151515154,
  "aqi": 0.0019145022545454548,
  "bids_meta": {
    "AcquisitionMatrixPE": 70,
    "AcquisitionNumber": 1,
    "AcquisitionTime": "19:11:14.565000",
    "BandwidthPerPixelPhaseEncode": 29.155,
    "BaseResolution": 70,
    "BodyPartExamined": "BRAIN",
    "ConsistencyInfo": "N4_VE11C_LATEST_20160120",
    "ConversionSoftware": "dcm2niix",
    "ConversionSoftwareVersion": "v1.0.20181125  (JP2:OpenJPEG) (JP-LS:CharLS) GCC5.5.0",
    "DerivedVendorReportedEchoSpacing": 0.000489992,
    "DeviceSerialNumber": "167012",
    "DwellTime": 3e-06,
    "EchoTime": 0.03,
    "EchoTrainLength": 70,
    "EffectiveEchoSpacing": 0.000489992,
    "FlipAngle": 90,
    "ImageOrientationPatientDICOM": [
      0.999192,
      -0.0329411,
      -0.0230111,
      0.0354164,
      0.992491,
      0.117079
    ],
    "ImageType": [
      "ORIGINAL",
      "PRIMARY",
      "M",
      "ND",
      "MOSAIC"
    ],
    "ImagingFrequency": 123.253,
    "InPlanePhaseEncodingDirectionDICOM": "COL",
    "InstitutionAddress": "Vassar_Street_43_Cambridge_Boston_US_02139",
    "InstitutionName": "McGovern_Institute_for_Brain_Research_(3T1)",
    "InstitutionalDepartmentName": "Department",
    "MRAcquisitionType": "2D",
    "MagneticFieldStrength": 3,
    "Manufacturer": "Siemens",
    "ManufacturersModelName": "Prisma_fit",
    "Modality": "MR",
    "PartialFourier": 1,
    "PatientPosition": "HFS",
    "PercentPhaseFOV": 100,
    "PhaseEncodingDirection": "j-",
    "PhaseEncodingSteps": 70,
    "PhaseResolution": 1,
    "PixelBandwidth": 2380,
    "ProcedureStepDescription": "Young_Minjae",
    "ProtocolName": "TPS_run8",
    "PulseSequenceDetails": "%SiemensSeq%_ep2d_pace",
    "ReceiveCoilActiveElements": "HEA;HEP",
    "ReceiveCoilName": "Head_32",
    "ReconMatrixPE": 70,
    "RepetitionTime": 2,
    "SAR": 0.0997052,
    "ScanOptions": "FS",
    "ScanningSequence": "EP",
    "SequenceName": "_epfid2d1_70",
    "SequenceVariant": "SK",
    "SeriesDescription": "TPS_run8",
    "SeriesNumber": 29,
    "ShimSetting": [
      -5624,
      -1622,
      3197,
      630,
      -37,
      -190,
      27,
      -18
    ],
    "SliceThickness": 3,
    "SliceTiming": [
      0,
      0.0625,
      0.1225,
      0.185,
      0.2475,
      0.31,
      0.37,
      0.4325,
      0.495,
      0.5575,
      0.6175,
      0.68,
      0.7425,
      0.805,
      0.865,
      0.9275,
      0.99,
      1.0525,
      1.1125,
      1.175,
      1.2375,
      1.3,
      1.36,
      1.4225,
      1.485,
      1.5475,
      1.6075,
      1.67,
      1.7325,
      1.795,
      1.855,
      1.9175
    ],
    "SoftwareVersions": "syngo_MR_E11",
    "SpacingBetweenSlices": 3.6,
    "StationName": "MRC35115",
    "TaskName": "tps",
    "TotalReadoutTime": 0.0338094,
    "TxRefAmp": 221.973,
    "dataset": "ds002793",
    "modality": "bold",
    "run_id": 8,
    "subject_id": "17",
    "task_id": "tps"
  },
  "dummy_trs": 0,
  "dvars_nstd": 21.0535031525,
  "dvars_std": 1.2441602720731704,
  "dvars_vstd": 1.0110085384146346,
  "efc": 0.5481662371337592,
  "fber": 394.6528015136719,
  "fd_mean": 0.13647447669336954,
  "fd_num": 15,
  "fd_perc": 9.090909090909092,
  "fwhm_avg": 2.6915063188993096,
  "fwhm_x": 2.5885766666666665,
  "fwhm_y": 2.9262366666666666,
  "fwhm_z": 2.5597056233645974,
  "gcor": 0.0476901,
  "gsr_x": 0.009364854544401169,
  "gsr_y": 0.036209121346473694,
  "provenance": {
    "md5sum": "2c3b1f5e4f6be4c4e86e53d41f818137",
    "settings": {
      "fd_thres": 0.2,
      "testing": false
    },
    "software": "mriqc",
    "version": "22.0.6",
    "webapi_port": null,
    "webapi_url": "https://mriqc.nimh.nih.gov/api/v1"
  },
  "size_t": 165,
  "size_x": 70,
  "size_y": 70,
  "size_z": 32,
  "snr": 2.6167571634420463,
  "spacing_tr": 2.0,
  "spacing_x": 3.0,
  "spacing_y": 3.0,
  "spacing_z": 3.5999999046325684,
  "summary_bg_k": 23.570863272831957,
  "summary_bg_mad": 7.179389147562952,
  "summary_bg_mean": 40.494537353515625,
  "summary_bg_median": 21.781818389892578,
  "summary_bg_n": 91862.0,
  "summary_bg_p05": 16.521211624145508,
  "summary_bg_p95": 137.81787338256834,
  "summary_bg_stdv": 53.16923904418945,
  "summary_fg_k": 0.19921494468531753,
  "summary_fg_mad": 166.8152365601089,
  "summary_fg_mean": 469.17333984375,
  "summary_fg_median": 437.81817626953125,
  "summary_fg_n": 29809.0,
  "summary_fg_p05": 246.5442321777344,
  "summary_fg_p95": 780.0921020507809,
  "summary_fg_stdv": 167.31045532226562,
  "tsnr": 94.65145742800087
}