{
  "bids_meta": {
    "AcquisitionMatrixPE": 256,
    "AcquisitionNumber": 1,
    "AcquisitionTime": "11:21:34.780000",
    "BaseResolution": 256,
    "BodyPartExamined": "BRAIN",
    "ConsistencyInfo": "N4_VE11C_LATEST_20160120",
    "ConversionSoftware": "dcm2niix",
    "ConversionSoftwareVersion": "v1.0.20181125  (JP2:OpenJPEG) (JP-LS:CharLS) GCC5.5.0",
    "DeviceSerialNumber": "167012",
    "DwellTime": 3e-06,
    "EchoTime": 0.00169,
    "FlipAngle": 7,
    "ImageOrientationPatientDICOM": [
      0.0335713,
      0.999225,
      0.0205709,
      -0.0461162,
      0.0221093,
      -0.998691
    ],
    "ImageType": [
      "ORIGINAL",
      "PRIMARY",
      "OTHER",
      "ND",
      "NORM",
      "MEAN"
    ],
    "ImagingFrequency": 123.253,
    "InPlanePhaseEncodingDirectionDICOM": "ROW",
    "InstitutionAddress": "Vassar_Street_43_Cambridge_Boston_US_02139",
    "InstitutionName": "McGovern_Institute_for_Brain_Research_(3T1)",
    "InstitutionalDepartmentName": "Department",
    "InversionTime": 1.4,
    "MRAcquisitionType": "3D",
    "MagneticFieldStrength": 3,
    "Manufacturer": "Siemens",
    "ManufacturersModelName": "Prisma_fit",
    "Modality": "MR",
    "PartialFourier": 1,
    "PatientPosition": "HFS",
    "PercentPhaseFOV": 100,
    "PhaseEncodingSteps": 255,
    "PhaseResolution": 1,
    "PixelBandwidth": 650,
    "ProcedureStepDescription": "Young_Minjae",
    "ProtocolName": "T1w_MPRAGE_FourEcho_vNav",
    "PulseSequenceDetails": "%CustomerSeq%_tfl_mgh_epinav_ABCD",
    "ReceiveCoilActiveElements": "HEA;HEP",
    "ReceiveCoilName": "Head_32",
    "ReconMatrixPE": 256,
    "RepetitionTime": 2.53,
    "SAR": 0.0322181,
    "ScanOptions": "IR_WE",
    "ScanningSequence": "GR_IR",
    "SequenceName": "tfl3d4_16ns",
    "SequenceVariant": "SK_SP_MP",
    "SeriesDescription": "T1w_MPRAGE_FourEcho_vNav_RMS",
    "SeriesNumber": 10,
    "ShimSetting": [
      -5636,
      -1565,
      3147,
      184,
      26,
      -311,
      89,
      -24
    ],
    "SliceThickness": 1,
    "SoftwareVersions": "syngo_MR_E11",
    "StationName": "MRC35115",
    "TxRefAmp": 215.005,
    "WipMemBlock": "Prisma_epi_moco_navigator_ABCD_tfl.prot",
    "dataset": "ds002793",
    "modality": "T1w",
    "run_id": 1,
    "subject_id": "23"
  },
  "cjv": 0.40923319390048796,
  "cnr": 3.231399823674491,
  "efc": 0.5314876437117637,
  "fber": 11228.429846938776,
  "fwhm_avg": 4.149943333333334,
  "fwhm_x": 4.18663,
  "fwhm_y": 4.3625,
  "fwhm_z": 3.9007,
  "icvs_csf": 0.21449785145093214,
  "icvs_gm": 0.40355463769027083,
  "icvs_wm": 0.381947510858797,
  "inu_med": 0.31702160835266113,
  "inu_range": 0.08570776879787445,
  "provenance": {
    "md5sum": "dc7b7b617c11cc95a29834555b691d75",
    "settings": {
      "testing": false
    },
    "software": "mriqc",
    "version": "22.0.6",
    "warnings": {
      "large_rot_frame": true,
      "small_air_mask": false
    },
    "webapi_port": null,
    "webapi_url": "https://mriqc.nimh.nih.gov/api/v1"
  },
  "qi_1": 5.716239936214647e-05,
  "qi_2": 0.001120497051069282,
  "rpve_csf": 27.413656345565748,
  "rpve_gm": 14.50192126256577,
  "rpve_wm": 17.749643504662696,
  "size_x": 176,
  "size_y": 256,
  "size_z": 256,
  "snr_csf": 2.602947133300283,
  "snr_gm": 13.358175753511322,
  "snr_total": 15.842537746944393,
  "snr_wm": 31.56649035402157,
  "snrd_csf": 54.176737066984884,
  "snrd_gm": 132.35025266642697,
  "snrd_total": 118.50830086230594,
  "snrd_wm": 168.99791285350602,
  "spacing_x": 1.0,
  "spacing_y": 1.0,
  "spacing_z": 1.0,
  "summary_bg_k": 90.3650411598932,
  "summary_bg_mad": 3.876631143076932,
  "summary_bg_mean": 4.601748583887886,
  "summary_bg_median": 2.6147479712963104,
  "summary_bg_n": 2823039.0,
  "summary_bg_p05": 0.0,
  "summary_bg_p95": 17.174567610025406,
  "summary_bg_stdv": 7.932838912505453,
  "summary_csf_k": 0.2633774837313938,
  "summary_csf_mad": 95.77231183687903,
  "summary_csf_mean": 316.9062785962881,
  "summary_csf_median": 320.57938796281815,
  "summary_csf_n": 50817.0,
  "summary_csf_p05": 78.80361295938494,
  "summary_csf_p95": 521.9902262985706,
  "summary_csf_stdv": 123.15894917445422,
  "summary_gm_k": -0.05444478152401322,
  "summary_gm_mad": 58.6654216508081,
  "summary_gm_mean": 784.1945514649816,
  "summary_gm_median": 783.1546396762133,
  "summary_gm_n": 30038.0,
  "summary_gm_p05": 689.5005750194192,
  "summary_gm_p95": 883.5778917968273,
  "summary_gm_stdv": 58.62638865916104,
  "summary_wm_k": 0.3899340143113377,
  "summary_wm_mad": 30.07875314970123,
  "summary_wm_mean": 1000.3139958303415,
  "summary_wm_median": 1000.0094210654497,
  "summary_wm_n": 206774.0,
  "summary_wm_p05": 948.6456128954887,
  "summary_wm_p95": 1053.1292488262052,
  "summary_wm_stdv": 31.67938506072648,
  "tpm_overlap_csf": 0.1341052294894329,
  "tpm_overlap_gm": 0.4336530499872067,
  "tpm_overlap_wm": 0.494222133288255,
  "wm2max": 0.9237753488452917
}