{
  "bids_meta": {
    "AcquisitionMatrixPE": 256,
    "AcquisitionNumber": 1,
    "AcquisitionTime": "11:34:23.800000",
    "BaseResolution": 256,
    "BodyPartExamined": "BRAIN",
    "ConsistencyInfo": "N4_VE11C_LATEST_20160120",
    "ConversionSoftware": "dcm2niix",
    "ConversionSoftwareVersion": "v1.0.20181125  (JP2:OpenJPEG) (JP-LS:CharLS) GCC5.5.0",
    "DeviceSerialNumber": "167012",
    "DwellTime": 3e-06,
    "EchoTime": 0.00169,
    "FlipAngle": 7,
    "ImageOrientationPatientDICOM": [
      0.0929231,
      0.995656,
      0.0059218,
      0.0644698,
      -8.15993e-05,
      -0.99792
    ],
    "ImageType": [
      "ORIGINAL",
      "PRIMARY",
      "OTHER",
      "ND",
      "NORM",
      "MEAN"
    ],
    "ImagingFrequency": 123.253,
    "InPlanePhaseEncodingDirectionDICOM": "ROW",
    "InstitutionAddress": "Vassar_Street_43_Cambridge_Boston_US_02139",
    "InstitutionName": "McGovern_Institute_for_Brain_Research_(3T1)",
    "InstitutionalDepartmentName": "Department",
    "InversionTime": 1.4,
    "MRAcquisitionType": "3D",
    "MagneticFieldStrength": 3,
    "Manufacturer": "Siemens",
    "ManufacturersModelName": "Prisma_fit",
    "Modality": "MR",
    "PartialFourier": 1,
    "PatientPosition": "HFS",
    "PercentPhaseFOV": 100,
    "PhaseEncodingSteps": 255,
    "PhaseResolution": 1,
    "PixelBandwidth": 650,
    "ProcedureStepDescription": "Young_Minjae",
    "ProtocolName": "T1w_MPRAGE_FourEcho_vNav",
    "PulseSequenceDetails": "%CustomerSeq%_tfl_mgh_epinav_ABCD",
    "ReceiveCoilActiveElements": "HEA;HEP",
    "ReceiveCoilName": "Head_32",
    "ReconMatrixPE": 256,
    "RepetitionTime": 2.53,
    "SAR": 0.0341953,
    "ScanOptions": "IR_WE",
    "ScanningSequence": "GR_IR",
    "SequenceName": "tfl3d4_16ns",
    "SequenceVariant": "SK_SP_MP",
    "SeriesDescription": "T1w_MPRAGE_FourEcho_vNav_RMS",
    "SeriesNumber": 10,
    "ShimSetting": [
      -5620,
      -1576,
      3164,
      515,
      -25,
      -97,
      44,
      -3
    ],
    "SliceThickness": 1,
    "SoftwareVersions": "syngo_MR_E11",
    "StationName": "MRC35115",
    "TxRefAmp": 216.169,
    "WipMemBlock": "Prisma_epi_moco_navigator_ABCD_tfl.prot",
    "dataset": "ds002793",
    "modality": "T1w",
    "run_id": 1,
    "subject_id": "12"
  },
  "cjv": 0.3691811074587293,
  "cnr": 3.4940882792795116,
  "efc": 0.5312220913944746,
  "fber": 23241.23946951596,
  "fwhm_avg": 3.8494433333333333,
  "fwhm_x": 3.90489,
  "fwhm_y": 3.9719,
  "fwhm_z": 3.67154,
  "icvs_csf": 0.19433166756621983,
  "icvs_gm": 0.4273049179218973,
  "icvs_wm": 0.3783634145118829,
  "inu_med": 0.35621216893196106,
  "inu_range": 0.12234457135200505,
  "provenance": {
    "md5sum": "279b4fa0b0a8f6101d312190cad65097",
    "settings": {
      "testing": false
    },
    "software": "mriqc",
    "version": "22.0.6",
    "warnings": {
      "large_rot_frame": true,
      "small_air_mask": false
    },
    "webapi_port": null,
    "webapi_url": "https://mriqc.nimh.nih.gov/api/v1"
  },
  "qi_1": 0.0,
  "qi_2": 0.0018636969758327744,
  "rpve_csf": 26.34496367242897,
  "rpve_gm": 12.603426367846422,
  "rpve_wm": 16.44198404270585,
  "size_x": 176,
  "size_y": 256,
  "size_z": 256,
  "snr_csf": 2.5357720208606156,
  "snr_gm": 16.069650669741602,
  "snr_total": 16.94903870655799,
  "snr_wm": 32.24169342907176,
  "snrd_csf": 51.557500799070404,
  "snrd_gm": 123.62497611652445,
  "snrd_total": 110.21769124460924,
  "snrd_wm": 155.47059681823288,
  "spacing_x": 1.0,
  "spacing_y": 1.0,
  "spacing_z": 1.0,
  "summary_bg_k": 7.215194026559795,
  "summary_bg_mad": 4.213973917775661,
  "summary_bg_mean": 3.7066933545759273,
  "summary_bg_median": 2.8422822151333094,
  "summary_bg_n": 2789767.0,
  "summary_bg_p05": 0.0,
  "summary_bg_p95": 14.05672905035317,
  "summary_bg_stdv": 5.123734860678069,
  "summary_csf_k": 0.40833910269075835,
  "summary_csf_mad": 101.20704024970729,
  "summary_csf_mean": 330.2316512778932,
  "summary_csf_median": 331.628594645299,
  "summary_csf_n": 33716.0,
  "summary_csf_p05": 93.4569461690262,
  "summary_csf_p95": 555.0667802104726,
  "summary_csf_stdv": 130.77819059051907,
  "summary_gm_k": 0.493787327318548,
  "summary_gm_mad": 46.03838171393001,
  "summary_gm_mean": 794.4073531978003,
  "summary_gm_median": 795.1816216297448,
  "summary_gm_n": 26875.0,
  "summary_gm_p05": 712.459608017467,
  "summary_gm_p95": 875.9701099256054,
  "summary_gm_stdv": 49.48252104276935,
  "summary_wm_k": 0.40110655708677045,
  "summary_wm_mad": 29.583816892139335,
  "summary_wm_mean": 1000.6534091583454,
  "summary_wm_median": 1000.0192936509848,
  "summary_wm_n": 219685.0,
  "summary_wm_p05": 950.6950628291816,
  "summary_wm_p95": 1052.5531764980406,
  "summary_wm_stdv": 31.016268417114656,
  "tpm_overlap_csf": 0.14416196807505016,
  "tpm_overlap_gm": 0.46210589135983,
  "tpm_overlap_wm": 0.5176451465010259,
  "wm2max": 0.9172001631523878
}