{
  "aor": 0.0028324264705882358,
  "aqi": 0.0036544202941176476,
  "bids_meta": {
    "AcquisitionMatrixPE": 70,
    "AcquisitionNumber": 1,
    "AcquisitionTime": "14:08:43.100000",
    "BandwidthPerPixelPhaseEncode": 29.155,
    "BaseResolution": 70,
    "BodyPartExamined": "BRAIN",
    "ConsistencyInfo": "N4_VE11C_LATEST_20160120",
    "ConversionSoftware": "dcm2niix",
    "ConversionSoftwareVersion": "v1.0.20181125  (JP2:OpenJPEG) (JP-LS:CharLS) GCC5.5.0",
    "DerivedVendorReportedEchoSpacing": 0.000489992,
    "DeviceSerialNumber": "167012",
    "DwellTime": 3e-06,
    "EchoTime": 0.03,
    "EchoTrainLength": 70,
    "EffectiveEchoSpacing": 0.000489992,
    "FlipAngle": 90,
    "ImageOrientationPatientDICOM": [
      0.998843,
      -0.0277708,
      0.0392651,
      0.0272024,
      0.999518,
      0.0149385
    ],
    "ImageType": [
      "ORIGINAL",
      "PRIMARY",
      "M",
      "ND",
      "MOSAIC"
    ],
    "ImagingFrequency": 123.253,
    "InPlanePhaseEncodingDirectionDICOM": "COL",
    "InstitutionAddress": "Vassar_Street_43_Cambridge_Boston_US_02139",
    "InstitutionName": "McGovern_Institute_for_Brain_Research_(3T1)",
    "InstitutionalDepartmentName": "Department",
    "MRAcquisitionType": "2D",
    "MagneticFieldStrength": 3,
    "Manufacturer": "Siemens",
    "ManufacturersModelName": "Prisma_fit",
    "Modality": "MR",
    "PartialFourier": 1,
    "PatientPosition": "HFS",
    "PercentPhaseFOV": 100,
    "PhaseEncodingDirection": "j-",
    "PhaseEncodingSteps": 70,
    "PhaseResolution": 1,
    "PixelBandwidth": 2380,
    "ProcedureStepDescription": "Young_Minjae",
    "ProtocolName": "tom_localizer_run1",
    "PulseSequenceDetails": "%SiemensSeq%_ep2d_pace",
    "ReceiveCoilActiveElements": "HEA;HEP",
    "ReceiveCoilName": "Head_32",
    "ReconMatrixPE": 70,
    "RepetitionTime": 2,
    "SAR": 0.106016,
    "ScanOptions": "FS",
    "ScanningSequence": "EP",
    "SequenceName": "_epfid2d1_70",
    "SequenceVariant": "SK",
    "SeriesDescription": "tom_localizer_run1",
    "SeriesNumber": 11,
    "ShimSetting": [
      -5622,
      -1570,
      3200,
      596,
      8,
      -84,
      38,
      -32
    ],
    "SliceThickness": 3,
    "SliceTiming": [
      0,
      0.0625,
      0.1225,
      0.185,
      0.2475,
      0.31,
      0.37,
      0.4325,
      0.495,
      0.5575,
      0.6175,
      0.68,
      0.7425,
      0.805,
      0.865,
      0.9275,
      0.99,
      1.0525,
      1.1125,
      1.175,
      1.2375,
      1.3,
      1.36,
      1.4225,
      1.485,
      1.5475,
      1.6075,
      1.67,
      1.7325,
      1.795,
      1.855,
      1.9175
    ],
    "SoftwareVersions": "syngo_MR_E11",
    "SpacingBetweenSlices": 3.6,
    "StationName": "MRC35115",
    "TaskName": "tom",
    "TotalReadoutTime": 0.0338094,
    "TxRefAmp": 242.864,
    "dataset": "ds002793",
    "modality": "bold",
    "run_id": 1,
    "subject_id": "26",
    "task_id": "tom"
  },
  "dummy_trs": 0,
  "dvars_nstd": 22.08700907674074,
  "dvars_std": 1.2102193681481483,
  "dvars_vstd": 1.0032734537037038,
  "efc": 0.5923976104694183,
  "fber": 287.8997497558594,
  "fd_mean": 0.11927748101702065,
  "fd_num": 11,
  "fd_perc": 8.088235294117647,
  "fwhm_avg": 2.6036166895195296,
  "fwhm_x": 2.3581666666666665,
  "fwhm_y": 2.8646833333333332,
  "fwhm_z": 2.588000068558589,
  "gcor": 0.0358252,
  "gsr_x": -0.036738138645887375,
  "gsr_y": 0.11539718508720398,
  "provenance": {
    "md5sum": "33a616830daca440a5750b61bd824ce5",
    "settings": {
      "fd_thres": 0.2,
      "testing": false
    },
    "software": "mriqc",
    "version": "22.0.6",
    "webapi_port": null,
    "webapi_url": "https://mriqc.nimh.nih.gov/api/v1"
  },
  "size_t": 136,
  "size_x": 70,
  "size_y": 70,
  "size_z": 32,
  "snr": 2.791023904744142,
  "spacing_tr": 2.0,
  "spacing_x": 3.0,
  "spacing_y": 3.0,
  "spacing_z": 3.5999999046325684,
  "summary_bg_k": 17.54873699282612,
  "summary_bg_mad": 6.726216586061645,
  "summary_bg_mean": 51.899375915527344,
  "summary_bg_median": 21.757352828979492,
  "summary_bg_n": 88607.0,
  "summary_bg_p05": 16.867647171020508,
  "summary_bg_p95": 222.26765136718745,
  "summary_bg_stdv": 81.21640014648438,
  "summary_fg_k": 0.31340614675374523,
  "summary_fg_mad": 134.01196117152247,
  "summary_fg_mean": 403.3218078613281,
  "summary_fg_median": 381.83087158203125,
  "summary_fg_n": 30858.0,
  "summary_fg_p05": 218.83824157714844,
  "summary_fg_p95": 660.4286590576172,
  "summary_fg_stdv": 136.8045196533203,
  "tsnr": 76.99167274357751
}