{
  "aor": 0.016121212121212123,
  "aqi": 0.009838756787878787,
  "bids_meta": {
    "AcquisitionMatrixPE": 70,
    "AcquisitionNumber": 1,
    "AcquisitionTime": "14:33:24.350000",
    "BandwidthPerPixelPhaseEncode": 29.155,
    "BaseResolution": 70,
    "BodyPartExamined": "BRAIN",
    "ConsistencyInfo": "N4_VE11C_LATEST_20160120",
    "ConversionSoftware": "dcm2niix",
    "ConversionSoftwareVersion": "v1.0.20181125  (JP2:OpenJPEG) (JP-LS:CharLS) GCC5.5.0",
    "DerivedVendorReportedEchoSpacing": 0.000489992,
    "DeviceSerialNumber": "167012",
    "DwellTime": 3e-06,
    "EchoTime": 0.03,
    "EchoTrainLength": 70,
    "EffectiveEchoSpacing": 0.000489992,
    "FlipAngle": 90,
    "ImageOrientationPatientDICOM": [
      0.998843,
      -0.0277708,
      0.0392651,
      0.0272024,
      0.999518,
      0.0149385
    ],
    "ImageType": [
      "ORIGINAL",
      "PRIMARY",
      "M",
      "ND",
      "MOSAIC"
    ],
    "ImagingFrequency": 123.253,
    "InPlanePhaseEncodingDirectionDICOM": "COL",
    "InstitutionAddress": "Vassar_Street_43_Cambridge_Boston_US_02139",
    "InstitutionName": "McGovern_Institute_for_Brain_Research_(3T1)",
    "InstitutionalDepartmentName": "Department",
    "MRAcquisitionType": "2D",
    "MagneticFieldStrength": 3,
    "Manufacturer": "Siemens",
    "ManufacturersModelName": "Prisma_fit",
    "Modality": "MR",
    "PartialFourier": 1,
    "PatientPosition": "HFS",
    "PercentPhaseFOV": 100,
    "PhaseEncodingDirection": "j-",
    "PhaseEncodingSteps": 70,
    "PhaseResolution": 1,
    "PixelBandwidth": 2380,
    "ProcedureStepDescription": "Young_Minjae",
    "ProtocolName": "run3",
    "PulseSequenceDetails": "%SiemensSeq%_ep2d_pace",
    "ReceiveCoilActiveElements": "HEA;HEP",
    "ReceiveCoilName": "Head_32",
    "ReconMatrixPE": 70,
    "RepetitionTime": 2,
    "SAR": 0.106116,
    "ScanOptions": "FS",
    "ScanningSequence": "EP",
    "SequenceName": "_epfid2d1_70",
    "SequenceVariant": "SK",
    "SeriesDescription": "run3",
    "SeriesNumber": 19,
    "ShimSetting": [
      -5622,
      -1570,
      3200,
      596,
      8,
      -84,
      38,
      -32
    ],
    "SliceThickness": 3,
    "SliceTiming": [
      0,
      0.0625,
      0.125,
      0.1875,
      0.2475,
      0.31,
      0.3725,
      0.435,
      0.495,
      0.5575,
      0.62,
      0.6825,
      0.7425,
      0.805,
      0.8675,
      0.93,
      0.99,
      1.0525,
      1.115,
      1.1775,
      1.2375,
      1.3,
      1.3625,
      1.425,
      1.485,
      1.5475,
      1.61,
      1.6725,
      1.7325,
      1.795,
      1.8575,
      1.92
    ],
    "SoftwareVersions": "syngo_MR_E11",
    "SpacingBetweenSlices": 3.6,
    "StationName": "MRC35115",
    "TaskName": "tps",
    "TotalReadoutTime": 0.0338094,
    "TxRefAmp": 242.864,
    "dataset": "ds002793",
    "modality": "bold",
    "run_id": 3,
    "subject_id": "26",
    "task_id": "tps"
  },
  "dummy_trs": 0,
  "dvars_nstd": 46.75027121573172,
  "dvars_std": 1.5199533239024388,
  "dvars_vstd": 1.1394960383536583,
  "efc": 0.5858129231682483,
  "fber": 303.7430114746094,
  "fd_mean": 0.5461166160163242,
  "fd_num": 118,
  "fd_perc": 71.51515151515152,
  "fwhm_avg": 2.4694566883240516,
  "fwhm_x": 2.259723333333333,
  "fwhm_y": 2.69603,
  "fwhm_z": 2.452616731638822,
  "gcor": 0.0617369,
  "gsr_x": -0.010758394375443459,
  "gsr_y": 0.11707334965467453,
  "provenance": {
    "md5sum": "2f1f70b761b578cfe25c9b46b3af1f9f",
    "settings": {
      "fd_thres": 0.2,
      "testing": false
    },
    "software": "mriqc",
    "version": "22.0.6",
    "webapi_port": null,
    "webapi_url": "https://mriqc.nimh.nih.gov/api/v1"
  },
  "size_t": 165,
  "size_x": 70,
  "size_y": 70,
  "size_z": 32,
  "snr": 2.9101642831032635,
  "spacing_tr": 2.0,
  "spacing_x": 3.0,
  "spacing_y": 3.0,
  "spacing_z": 3.5999999046325684,
  "summary_bg_k": 14.66485826652509,
  "summary_bg_mad": 4.88809558110138,
  "summary_bg_mean": 48.65597915649414,
  "summary_bg_median": 19.89090919494629,
  "summary_bg_n": 92835.0,
  "summary_bg_p05": 16.375757217407227,
  "summary_bg_p95": 218.06120147705107,
  "summary_bg_stdv": 76.06551361083984,
  "summary_fg_k": 0.5450025970698267,
  "summary_fg_mad": 113.97165214044078,
  "summary_fg_mean": 370.32568359375,
  "summary_fg_median": 350.7393798828125,
  "summary_fg_n": 29493.0,
  "summary_fg_p05": 210.97211303710938,
  "summary_fg_p95": 598.1236328124997,
  "summary_fg_stdv": 120.52014923095703,
  "tsnr": 50.6504052283708
}