{
  "bids_meta": {
    "AcquisitionMatrixPE": 256,
    "AcquisitionNumber": 1,
    "AcquisitionTime": "16:32:20.215000",
    "BaseResolution": 256,
    "BodyPartExamined": "BRAIN",
    "ConsistencyInfo": "N4_VE11C_LATEST_20160120",
    "ConversionSoftware": "dcm2niix",
    "ConversionSoftwareVersion": "v1.0.20181125  (JP2:OpenJPEG) (JP-LS:CharLS) GCC5.5.0",
    "DeviceSerialNumber": "167012",
    "DwellTime": 3e-06,
    "EchoTime": 0.00169,
    "FlipAngle": 7,
    "ImageOrientationPatientDICOM": [
      0.0368426,
      0.998827,
      0.0314072,
      -0.0138389,
      0.0319355,
      -0.999394
    ],
    "ImageType": [
      "ORIGINAL",
      "PRIMARY",
      "OTHER",
      "ND",
      "NORM",
      "MEAN"
    ],
    "ImagingFrequency": 123.253,
    "InPlanePhaseEncodingDirectionDICOM": "ROW",
    "InstitutionAddress": "Vassar_Street_43_Cambridge_Boston_US_02139",
    "InstitutionName": "McGovern_Institute_for_Brain_Research_(3T1)",
    "InstitutionalDepartmentName": "Department",
    "InversionTime": 1.4,
    "MRAcquisitionType": "3D",
    "MagneticFieldStrength": 3,
    "Manufacturer": "Siemens",
    "ManufacturersModelName": "Prisma_fit",
    "Modality": "MR",
    "PartialFourier": 1,
    "PatientPosition": "HFS",
    "PercentPhaseFOV": 100,
    "PhaseEncodingSteps": 255,
    "PhaseResolution": 1,
    "PixelBandwidth": 650,
    "ProcedureStepDescription": "Young_Minjae",
    "ProtocolName": "T1w_MPRAGE_FourEcho_vNav",
    "PulseSequenceDetails": "%CustomerSeq%_tfl_mgh_epinav_ABCD",
    "ReceiveCoilActiveElements": "HEA;HEP",
    "ReceiveCoilName": "Head_32",
    "ReconMatrixPE": 256,
    "RepetitionTime": 2.53,
    "SAR": 0.0407307,
    "ScanOptions": "IR_WE",
    "ScanningSequence": "GR_IR",
    "SequenceName": "tfl3d4_16ns",
    "SequenceVariant": "SK_SP_MP",
    "SeriesDescription": "T1w_MPRAGE_FourEcho_vNav_RMS",
    "SeriesNumber": 10,
    "ShimSetting": [
      -5627,
      -1582,
      3164,
      295,
      43,
      -191,
      -16,
      -7
    ],
    "SliceThickness": 1,
    "SoftwareVersions": "syngo_MR_E11",
    "StationName": "MRC35115",
    "TxRefAmp": 273.692,
    "WipMemBlock": "Prisma_epi_moco_navigator_ABCD_tfl.prot",
    "dataset": "ds002793",
    "modality": "T1w",
    "run_id": 1,
    "subject_id": "19"
  },
  "cjv": 0.40207109669232544,
  "cnr": 3.244686903052104,
  "efc": 0.5742409105656776,
  "fber": 17021.393685632975,
  "fwhm_avg": 3.9009066666666663,
  "fwhm_x": 4.03519,
  "fwhm_y": 3.88558,
  "fwhm_z": 3.78195,
  "icvs_csf": 0.18379534825404442,
  "icvs_gm": 0.42812282656109324,
  "icvs_wm": 0.38808182518486234,
  "inu_med": 0.3511236310005188,
  "inu_range": 0.13195055127143862,
  "provenance": {
    "md5sum": "46f0c63762d85ab07d17022cb2a765cd",
    "settings": {
      "testing": false
    },
    "software": "mriqc",
    "version": "22.0.6",
    "warnings": {
      "large_rot_frame": true,
      "small_air_mask": false
    },
    "webapi_port": null,
    "webapi_url": "https://mriqc.nimh.nih.gov/api/v1"
  },
  "qi_1": 0.0,
  "qi_2": 0.0020193738554330244,
  "rpve_csf": 28.274675963480092,
  "rpve_gm": 12.964949413225275,
  "rpve_wm": 16.33472892218915,
  "size_x": 176,
  "size_y": 256,
  "size_z": 256,
  "snr_csf": 2.4763935322248543,
  "snr_gm": 14.508089954481846,
  "snr_total": 15.406578756452168,
  "snr_wm": 29.235252782649802,
  "snrd_csf": 53.21349617206079,
  "snrd_gm": 127.15415615568958,
  "snrd_total": 113.7450799352611,
  "snrd_wm": 160.8675874780329,
  "spacing_x": 1.0,
  "spacing_y": 1.0,
  "spacing_z": 1.0,
  "summary_bg_k": 6.005916795363378,
  "summary_bg_mad": 4.072600170075485,
  "summary_bg_mean": 4.076370951963851,
  "summary_bg_median": 2.746927071362734,
  "summary_bg_n": 2685670.0,
  "summary_bg_p05": 0.0,
  "summary_bg_p95": 15.888700470328331,
  "summary_bg_stdv": 5.799335603217729,
  "summary_csf_k": 0.6660166811999364,
  "summary_csf_mad": 91.61885418579887,
  "summary_csf_mean": 329.62237485853797,
  "summary_csf_median": 330.7972104139626,
  "summary_csf_n": 26573.0,
  "summary_csf_p05": 72.16710992231965,
  "summary_csf_p95": 559.760498534888,
  "summary_csf_stdv": 133.57771361469588,
  "summary_gm_k": 0.22901792401021126,
  "summary_gm_mad": 52.006225193409975,
  "summary_gm_mean": 791.7546925475502,
  "summary_gm_median": 790.4430863335729,
  "summary_gm_n": 29584.0,
  "summary_gm_p05": 704.2834461027757,
  "summary_gm_p95": 885.653752454184,
  "summary_gm_stdv": 54.48199793358006,
  "summary_wm_k": 0.5788787141373133,
  "summary_wm_mad": 32.25850926081373,
  "summary_wm_mean": 1000.575952902658,
  "summary_wm_median": 1000.0197884328663,
  "summary_wm_n": 224863.0,
  "summary_wm_p05": 945.6760851699859,
  "summary_wm_p95": 1057.8238293230534,
  "summary_wm_stdv": 34.20588055950516,
  "tpm_overlap_csf": 0.14334593692226108,
  "tpm_overlap_gm": 0.45433577965982125,
  "tpm_overlap_wm": 0.5086418873969553,
  "wm2max": 0.905144349443709
}