{
  "aor": 0.001967030303030303,
  "aqi": 0.0028599577575757575,
  "bids_meta": {
    "AcquisitionMatrixPE": 70,
    "AcquisitionNumber": 1,
    "AcquisitionTime": "13:50:17.165000",
    "BandwidthPerPixelPhaseEncode": 29.155,
    "BaseResolution": 70,
    "BodyPartExamined": "BRAIN",
    "ConsistencyInfo": "N4_VE11C_LATEST_20160120",
    "ConversionSoftware": "dcm2niix",
    "ConversionSoftwareVersion": "v1.0.20181125  (JP2:OpenJPEG) (JP-LS:CharLS) GCC5.5.0",
    "DerivedVendorReportedEchoSpacing": 0.000489992,
    "DeviceSerialNumber": "167012",
    "DwellTime": 3e-06,
    "EchoTime": 0.03,
    "EchoTrainLength": 70,
    "EffectiveEchoSpacing": 0.000489992,
    "FlipAngle": 90,
    "ImageOrientationPatientDICOM": [
      0.998315,
      0.00882625,
      -0.0573469,
      -0.0130687,
      0.99717,
      -0.0740307
    ],
    "ImageType": [
      "ORIGINAL",
      "PRIMARY",
      "M",
      "ND",
      "MOSAIC"
    ],
    "ImagingFrequency": 123.253,
    "InPlanePhaseEncodingDirectionDICOM": "COL",
    "InstitutionAddress": "Vassar_Street_43_Cambridge_Boston_US_02139",
    "InstitutionName": "McGovern_Institute_for_Brain_Research_(3T1)",
    "InstitutionalDepartmentName": "Department",
    "MRAcquisitionType": "2D",
    "MagneticFieldStrength": 3,
    "Manufacturer": "Siemens",
    "ManufacturersModelName": "Prisma_fit",
    "Modality": "MR",
    "PartialFourier": 1,
    "PatientPosition": "HFS",
    "PercentPhaseFOV": 100,
    "PhaseEncodingDirection": "j-",
    "PhaseEncodingSteps": 70,
    "PhaseResolution": 1,
    "PixelBandwidth": 2380,
    "ProcedureStepDescription": "Young_Minjae",
    "ProtocolName": "TPS_run3",
    "PulseSequenceDetails": "%SiemensSeq%_ep2d_pace",
    "ReceiveCoilActiveElements": "HEA;HEP",
    "ReceiveCoilName": "Head_32",
    "ReconMatrixPE": 70,
    "RepetitionTime": 2,
    "SAR": 0.11825,
    "ScanOptions": "FS",
    "ScanningSequence": "EP",
    "SequenceName": "_epfid2d1_70",
    "SequenceVariant": "SK",
    "SeriesDescription": "TPS_run3",
    "SeriesNumber": 19,
    "ShimSetting": [
      -5651,
      -1554,
      3252,
      499,
      -80,
      -93,
      4,
      14
    ],
    "SliceThickness": 3,
    "SliceTiming": [
      0,
      0.0625,
      0.125,
      0.185,
      0.2475,
      0.31,
      0.3725,
      0.4325,
      0.495,
      0.5575,
      0.62,
      0.68,
      0.7425,
      0.805,
      0.8675,
      0.9275,
      0.99,
      1.0525,
      1.1125,
      1.175,
      1.2375,
      1.3,
      1.36,
      1.4225,
      1.485,
      1.5475,
      1.6075,
      1.67,
      1.7325,
      1.795,
      1.855,
      1.9175
    ],
    "SoftwareVersions": "syngo_MR_E11",
    "SpacingBetweenSlices": 3.6,
    "StationName": "MRC35115",
    "TaskName": "tps",
    "TotalReadoutTime": 0.0338094,
    "TxRefAmp": 271.274,
    "dataset": "ds002793",
    "modality": "bold",
    "run_id": 3,
    "subject_id": "09",
    "task_id": "tps"
  },
  "dummy_trs": 0,
  "dvars_nstd": 25.23499151536585,
  "dvars_std": 1.2380831796341465,
  "dvars_vstd": 1.0123268466463409,
  "efc": 0.5841624864822067,
  "fber": 278.82855224609375,
  "fd_mean": 0.18351462053576528,
  "fd_num": 57,
  "fd_perc": 34.54545454545455,
  "fwhm_avg": 2.937230026167912,
  "fwhm_x": 2.7693100000000004,
  "fwhm_y": 3.0789633333333337,
  "fwhm_z": 2.963416745170401,
  "gcor": 0.0653194,
  "gsr_x": -0.01190842967480421,
  "gsr_y": 0.07140450179576874,
  "provenance": {
    "md5sum": "fa55a94a3a0267d31a3920cb71b21c13",
    "settings": {
      "fd_thres": 0.2,
      "testing": false
    },
    "software": "mriqc",
    "version": "22.0.6",
    "webapi_port": null,
    "webapi_url": "https://mriqc.nimh.nih.gov/api/v1"
  },
  "size_t": 165,
  "size_x": 70,
  "size_y": 70,
  "size_z": 32,
  "snr": 2.366642563427394,
  "spacing_tr": 2.0,
  "spacing_x": 3.0,
  "spacing_y": 3.0,
  "spacing_z": 3.5999999046325684,
  "summary_bg_k": 18.532898177072653,
  "summary_bg_mad": 9.264015733405007,
  "summary_bg_mean": 48.78474426269531,
  "summary_bg_median": 23.88484764099121,
  "summary_bg_n": 86169.0,
  "summary_bg_p05": 17.212120056152344,
  "summary_bg_p95": 169.57332153320309,
  "summary_bg_stdv": 64.09859466552734,
  "summary_fg_k": 0.22710454644667655,
  "summary_fg_mad": 171.99981978197536,
  "summary_fg_mean": 439.38232421875,
  "summary_fg_median": 406.10302734375,
  "summary_fg_n": 34895.0,
  "summary_fg_p05": 217.44605407714843,
  "summary_fg_p95": 762.8114685058586,
  "summary_fg_stdv": 171.5921173095703,
  "tsnr": 75.31395190441981
}