{
  "aor": 0.0020205147058823527,
  "aqi": 0.0016565077058823528,
  "bids_meta": {
    "AcquisitionMatrixPE": 70,
    "AcquisitionNumber": 1,
    "AcquisitionTime": "13:31:1.450000",
    "BandwidthPerPixelPhaseEncode": 29.155,
    "BaseResolution": 70,
    "BodyPartExamined": "BRAIN",
    "ConsistencyInfo": "N4_VE11C_LATEST_20160120",
    "ConversionSoftware": "dcm2niix",
    "ConversionSoftwareVersion": "v1.0.20181125  (JP2:OpenJPEG) (JP-LS:CharLS) GCC5.5.0",
    "DerivedVendorReportedEchoSpacing": 0.000489992,
    "DeviceSerialNumber": "167012",
    "DwellTime": 3e-06,
    "EchoTime": 0.03,
    "EchoTrainLength": 70,
    "EffectiveEchoSpacing": 0.000489992,
    "FlipAngle": 90,
    "ImageOrientationPatientDICOM": [
      0.998315,
      0.00882625,
      -0.0573469,
      -0.0130687,
      0.99717,
      -0.0740307
    ],
    "ImageType": [
      "ORIGINAL",
      "PRIMARY",
      "M",
      "ND",
      "MOSAIC"
    ],
    "ImagingFrequency": 123.253,
    "InPlanePhaseEncodingDirectionDICOM": "COL",
    "InstitutionAddress": "Vassar_Street_43_Cambridge_Boston_US_02139",
    "InstitutionName": "McGovern_Institute_for_Brain_Research_(3T1)",
    "InstitutionalDepartmentName": "Department",
    "MRAcquisitionType": "2D",
    "MagneticFieldStrength": 3,
    "Manufacturer": "Siemens",
    "ManufacturersModelName": "Prisma_fit",
    "Modality": "MR",
    "PartialFourier": 1,
    "PatientPosition": "HFS",
    "PercentPhaseFOV": 100,
    "PhaseEncodingDirection": "j-",
    "PhaseEncodingSteps": 70,
    "PhaseResolution": 1,
    "PixelBandwidth": 2380,
    "ProcedureStepDescription": "Young_Minjae",
    "ProtocolName": "TOM_run2",
    "PulseSequenceDetails": "%SiemensSeq%_ep2d_pace",
    "ReceiveCoilActiveElements": "HEA;HEP",
    "ReceiveCoilName": "Head_32",
    "ReconMatrixPE": 70,
    "RepetitionTime": 2,
    "SAR": 0.118139,
    "ScanOptions": "FS",
    "ScanningSequence": "EP",
    "SequenceName": "_epfid2d1_70",
    "SequenceVariant": "SK",
    "SeriesDescription": "TOM_run2",
    "SeriesNumber": 13,
    "ShimSetting": [
      -5651,
      -1554,
      3252,
      499,
      -80,
      -93,
      4,
      14
    ],
    "SliceThickness": 3,
    "SliceTiming": [
      0,
      0.0625,
      0.125,
      0.1875,
      0.2475,
      0.31,
      0.3725,
      0.435,
      0.495,
      0.5575,
      0.62,
      0.6825,
      0.7425,
      0.805,
      0.8675,
      0.93,
      0.99,
      1.0525,
      1.115,
      1.1775,
      1.2375,
      1.3,
      1.3625,
      1.425,
      1.485,
      1.5475,
      1.61,
      1.6725,
      1.7325,
      1.795,
      1.8575,
      1.92
    ],
    "SoftwareVersions": "syngo_MR_E11",
    "SpacingBetweenSlices": 3.6,
    "StationName": "MRC35115",
    "TaskName": "tom",
    "TotalReadoutTime": 0.0338094,
    "TxRefAmp": 271.274,
    "dataset": "ds002793",
    "modality": "bold",
    "run_id": 2,
    "subject_id": "09",
    "task_id": "tom"
  },
  "dummy_trs": 0,
  "dvars_nstd": 17.718032264592594,
  "dvars_std": 1.1701999824444447,
  "dvars_vstd": 1.009974619777778,
  "efc": 0.5825729690155668,
  "fber": 286.8170166015625,
  "fd_mean": 0.10306411232536103,
  "fd_num": 3,
  "fd_perc": 2.2058823529411766,
  "fwhm_avg": 2.8986640998164135,
  "fwhm_x": 2.7256766666666667,
  "fwhm_y": 3.055093333333333,
  "fwhm_z": 2.9152222994492396,
  "gcor": 0.037953,
  "gsr_x": -0.010394701734185219,
  "gsr_y": 0.0702243372797966,
  "provenance": {
    "md5sum": "4b5340118aed3b7c391b4bcc0ecf0a84",
    "settings": {
      "fd_thres": 0.2,
      "testing": false
    },
    "software": "mriqc",
    "version": "22.0.6",
    "webapi_port": null,
    "webapi_url": "https://mriqc.nimh.nih.gov/api/v1"
  },
  "size_t": 136,
  "size_x": 70,
  "size_y": 70,
  "size_z": 32,
  "snr": 2.3838277010437214,
  "spacing_tr": 2.0,
  "spacing_x": 3.0,
  "spacing_y": 3.0,
  "spacing_z": 3.5999999046325684,
  "summary_bg_k": 18.83574801302725,
  "summary_bg_mad": 8.764796050426506,
  "summary_bg_mean": 47.53919219970703,
  "summary_bg_median": 23.419116973876953,
  "summary_bg_n": 86266.0,
  "summary_bg_p05": 17.08823585510254,
  "summary_bg_p95": 165.00367736816406,
  "summary_bg_stdv": 62.385677337646484,
  "summary_fg_k": 0.2423233221789025,
  "summary_fg_mad": 169.26740307733144,
  "summary_fg_mean": 437.08758544921875,
  "summary_fg_median": 404.0073547363281,
  "summary_fg_n": 34753.0,
  "summary_fg_p05": 217.45294494628905,
  "summary_fg_p95": 756.3441162109377,
  "summary_fg_stdv": 169.47598266601562,
  "tsnr": 98.51847569737583
}