{
  "aor": 0.0029183030303030306,
  "aqi": 0.001921392496969697,
  "bids_meta": {
    "AcquisitionMatrixPE": 70,
    "AcquisitionNumber": 1,
    "AcquisitionTime": "14:15:2.055000",
    "BandwidthPerPixelPhaseEncode": 29.155,
    "BaseResolution": 70,
    "BodyPartExamined": "BRAIN",
    "ConsistencyInfo": "N4_VE11C_LATEST_20160120",
    "ConversionSoftware": "dcm2niix",
    "ConversionSoftwareVersion": "v1.0.20181125  (JP2:OpenJPEG) (JP-LS:CharLS) GCC5.5.0",
    "DerivedVendorReportedEchoSpacing": 0.000489992,
    "DeviceSerialNumber": "167012",
    "DwellTime": 3e-06,
    "EchoTime": 0.03,
    "EchoTrainLength": 70,
    "EffectiveEchoSpacing": 0.000489992,
    "FlipAngle": 90,
    "ImageOrientationPatientDICOM": [
      0.998315,
      0.00882625,
      -0.0573469,
      -0.0130687,
      0.99717,
      -0.0740307
    ],
    "ImageType": [
      "ORIGINAL",
      "PRIMARY",
      "M",
      "ND",
      "MOSAIC"
    ],
    "ImagingFrequency": 123.253,
    "InPlanePhaseEncodingDirectionDICOM": "COL",
    "InstitutionAddress": "Vassar_Street_43_Cambridge_Boston_US_02139",
    "InstitutionName": "McGovern_Institute_for_Brain_Research_(3T1)",
    "InstitutionalDepartmentName": "Department",
    "MRAcquisitionType": "2D",
    "MagneticFieldStrength": 3,
    "Manufacturer": "Siemens",
    "ManufacturersModelName": "Prisma_fit",
    "Modality": "MR",
    "PartialFourier": 1,
    "PatientPosition": "HFS",
    "PercentPhaseFOV": 100,
    "PhaseEncodingDirection": "j-",
    "PhaseEncodingSteps": 70,
    "PhaseResolution": 1,
    "PixelBandwidth": 2380,
    "ProcedureStepDescription": "Young_Minjae",
    "ProtocolName": "TPS_run7",
    "PulseSequenceDetails": "%SiemensSeq%_ep2d_pace",
    "ReceiveCoilActiveElements": "HEA;HEP",
    "ReceiveCoilName": "Head_32",
    "ReconMatrixPE": 70,
    "RepetitionTime": 2,
    "SAR": 0.11825,
    "ScanOptions": "FS",
    "ScanningSequence": "EP",
    "SequenceName": "_epfid2d1_70",
    "SequenceVariant": "SK",
    "SeriesDescription": "TPS_run7",
    "SeriesNumber": 27,
    "ShimSetting": [
      -5651,
      -1554,
      3252,
      499,
      -80,
      -93,
      4,
      14
    ],
    "SliceThickness": 3,
    "SliceTiming": [
      0,
      0.0625,
      0.125,
      0.185,
      0.2475,
      0.31,
      0.3725,
      0.4325,
      0.495,
      0.5575,
      0.62,
      0.68,
      0.7425,
      0.805,
      0.8675,
      0.9275,
      0.99,
      1.0525,
      1.115,
      1.175,
      1.2375,
      1.3,
      1.3625,
      1.4225,
      1.485,
      1.5475,
      1.61,
      1.67,
      1.7325,
      1.795,
      1.8575,
      1.9175
    ],
    "SoftwareVersions": "syngo_MR_E11",
    "SpacingBetweenSlices": 3.6,
    "StationName": "MRC35115",
    "TaskName": "tps",
    "TotalReadoutTime": 0.0338094,
    "TxRefAmp": 271.274,
    "dataset": "ds002793",
    "modality": "bold",
    "run_id": 7,
    "subject_id": "09",
    "task_id": "tps"
  },
  "dummy_trs": 0,
  "dvars_nstd": 19.18489621890243,
  "dvars_std": 1.2152258362195119,
  "dvars_vstd": 1.035168547317073,
  "efc": 0.5857415930500994,
  "fber": 272.3191833496094,
  "fd_mean": 0.11061986780498748,
  "fd_num": 13,
  "fd_perc": 7.878787878787879,
  "fwhm_avg": 2.927361877973159,
  "fwhm_x": 2.76364,
  "fwhm_y": 3.060306666666667,
  "fwhm_z": 2.95813896725281,
  "gcor": 0.0478721,
  "gsr_x": -0.010408162139356136,
  "gsr_y": 0.0687912255525589,
  "provenance": {
    "md5sum": "6df44af6f2d5bf73cc0e751386ae8248",
    "settings": {
      "fd_thres": 0.2,
      "testing": false
    },
    "software": "mriqc",
    "version": "22.0.6",
    "webapi_port": null,
    "webapi_url": "https://mriqc.nimh.nih.gov/api/v1"
  },
  "size_t": 165,
  "size_x": 70,
  "size_y": 70,
  "size_z": 32,
  "snr": 2.3752737660665044,
  "spacing_tr": 2.0,
  "spacing_x": 3.0,
  "spacing_y": 3.0,
  "spacing_z": 3.5999999046325684,
  "summary_bg_k": 17.477411743542152,
  "summary_bg_mad": 9.416769957494125,
  "summary_bg_mean": 49.2879638671875,
  "summary_bg_median": 24.066665649414062,
  "summary_bg_n": 86113.0,
  "summary_bg_p05": 17.266666412353516,
  "summary_bg_p95": 173.0060485839842,
  "summary_bg_stdv": 64.45999145507812,
  "summary_fg_k": 0.2499702444564278,
  "summary_fg_mad": 170.95302153590157,
  "summary_fg_mean": 439.13519287109375,
  "summary_fg_median": 405.51513671875,
  "summary_fg_n": 34604.0,
  "summary_fg_p05": 218.6375686645508,
  "summary_fg_p95": 761.1493560791015,
  "summary_fg_stdv": 170.7210693359375,
  "tsnr": 92.24232225958258
}