{
  "aor": 0.0020119117647058823,
  "aqi": 0.0016426780882352941,
  "bids_meta": {
    "AcquisitionMatrixPE": 70,
    "AcquisitionNumber": 1,
    "AcquisitionTime": "13:25:14.910000",
    "BandwidthPerPixelPhaseEncode": 29.155,
    "BaseResolution": 70,
    "BodyPartExamined": "BRAIN",
    "ConsistencyInfo": "N4_VE11C_LATEST_20160120",
    "ConversionSoftware": "dcm2niix",
    "ConversionSoftwareVersion": "v1.0.20181125  (JP2:OpenJPEG) (JP-LS:CharLS) GCC5.5.0",
    "DerivedVendorReportedEchoSpacing": 0.000489992,
    "DeviceSerialNumber": "167012",
    "DwellTime": 3e-06,
    "EchoTime": 0.03,
    "EchoTrainLength": 70,
    "EffectiveEchoSpacing": 0.000489992,
    "FlipAngle": 90,
    "ImageOrientationPatientDICOM": [
      0.998315,
      0.00882625,
      -0.0573469,
      -0.0130687,
      0.99717,
      -0.0740307
    ],
    "ImageType": [
      "ORIGINAL",
      "PRIMARY",
      "M",
      "ND",
      "MOSAIC"
    ],
    "ImagingFrequency": 123.253,
    "InPlanePhaseEncodingDirectionDICOM": "COL",
    "InstitutionAddress": "Vassar_Street_43_Cambridge_Boston_US_02139",
    "InstitutionName": "McGovern_Institute_for_Brain_Research_(3T1)",
    "InstitutionalDepartmentName": "Department",
    "MRAcquisitionType": "2D",
    "MagneticFieldStrength": 3,
    "Manufacturer": "Siemens",
    "ManufacturersModelName": "Prisma_fit",
    "Modality": "MR",
    "PartialFourier": 1,
    "PatientPosition": "HFS",
    "PercentPhaseFOV": 100,
    "PhaseEncodingDirection": "j-",
    "PhaseEncodingSteps": 70,
    "PhaseResolution": 1,
    "PixelBandwidth": 2380,
    "ProcedureStepDescription": "Young_Minjae",
    "ProtocolName": "TOM_run1",
    "PulseSequenceDetails": "%SiemensSeq%_ep2d_pace",
    "ReceiveCoilActiveElements": "HEA;HEP",
    "ReceiveCoilName": "Head_32",
    "ReconMatrixPE": 70,
    "RepetitionTime": 2,
    "SAR": 0.118139,
    "ScanOptions": "FS",
    "ScanningSequence": "EP",
    "SequenceName": "_epfid2d1_70",
    "SequenceVariant": "SK",
    "SeriesDescription": "TOM_run1",
    "SeriesNumber": 11,
    "ShimSetting": [
      -5651,
      -1554,
      3252,
      499,
      -80,
      -93,
      4,
      14
    ],
    "SliceThickness": 3,
    "SliceTiming": [
      0,
      0.0625,
      0.1225,
      0.185,
      0.2475,
      0.31,
      0.37,
      0.4325,
      0.495,
      0.5575,
      0.6175,
      0.68,
      0.7425,
      0.805,
      0.865,
      0.9275,
      0.99,
      1.0525,
      1.1125,
      1.175,
      1.2375,
      1.3,
      1.36,
      1.4225,
      1.485,
      1.5475,
      1.6075,
      1.67,
      1.7325,
      1.795,
      1.855,
      1.9175
    ],
    "SoftwareVersions": "syngo_MR_E11",
    "SpacingBetweenSlices": 3.6,
    "StationName": "MRC35115",
    "TaskName": "tom",
    "TotalReadoutTime": 0.0338094,
    "TxRefAmp": 271.274,
    "dataset": "ds002793",
    "modality": "bold",
    "run_id": 1,
    "subject_id": "09",
    "task_id": "tom"
  },
  "dummy_trs": 0,
  "dvars_nstd": 17.358500523185185,
  "dvars_std": 1.1620997563703706,
  "dvars_vstd": 1.0062364867407407,
  "efc": 0.5819391926695575,
  "fber": 289.1318664550781,
  "fd_mean": 0.0875272437384205,
  "fd_num": 1,
  "fd_perc": 0.7352941176470589,
  "fwhm_avg": 2.865388173564256,
  "fwhm_x": 2.69868,
  "fwhm_y": 3.019206666666667,
  "fwhm_z": 2.878277854026102,
  "gcor": 0.0455542,
  "gsr_x": -0.009890287183225155,
  "gsr_y": 0.06933965533971786,
  "provenance": {
    "md5sum": "42825c76a4c53f0054621d7a3031f653",
    "settings": {
      "fd_thres": 0.2,
      "testing": false
    },
    "software": "mriqc",
    "version": "22.0.6",
    "webapi_port": null,
    "webapi_url": "https://mriqc.nimh.nih.gov/api/v1"
  },
  "size_t": 136,
  "size_x": 70,
  "size_y": 70,
  "size_z": 32,
  "snr": 2.3856713197221024,
  "spacing_tr": 2.0,
  "spacing_x": 3.0,
  "spacing_y": 3.0,
  "spacing_z": 3.5999999046325684,
  "summary_bg_k": 18.79977543141203,
  "summary_bg_mad": 8.563117378357717,
  "summary_bg_mean": 46.893821716308594,
  "summary_bg_median": 23.21691131591797,
  "summary_bg_n": 86316.0,
  "summary_bg_p05": 17.03676414489746,
  "summary_bg_p95": 162.42830657958984,
  "summary_bg_stdv": 61.29734420776367,
  "summary_fg_k": 0.2602097267565351,
  "summary_fg_mad": 168.72233139378844,
  "summary_fg_mean": 435.4234619140625,
  "summary_fg_median": 402.6544189453125,
  "summary_fg_n": 34690.0,
  "summary_fg_p05": 216.9952194213867,
  "summary_fg_p95": 753.0169128417967,
  "summary_fg_stdv": 168.7779083251953,
  "tsnr": 96.02196177793667
}