{
  "aor": 0.004391951219512196,
  "aqi": 0.00410797018292683,
  "bids_meta": {
    "AcquisitionMatrixPE": 70,
    "AcquisitionNumber": 1,
    "AcquisitionTime": "14:02:47.300000",
    "BandwidthPerPixelPhaseEncode": 29.155,
    "BaseResolution": 70,
    "BodyPartExamined": "BRAIN",
    "ConsistencyInfo": "N4_VE11C_LATEST_20160120",
    "ConversionSoftware": "dcm2niix",
    "ConversionSoftwareVersion": "v1.0.20181125  (JP2:OpenJPEG) (JP-LS:CharLS) GCC5.5.0",
    "DerivedVendorReportedEchoSpacing": 0.000489992,
    "DeviceSerialNumber": "167012",
    "DwellTime": 3e-06,
    "EchoTime": 0.03,
    "EchoTrainLength": 70,
    "EffectiveEchoSpacing": 0.000489992,
    "FlipAngle": 90,
    "ImageOrientationPatientDICOM": [
      0.998315,
      0.00882625,
      -0.0573469,
      -0.0130687,
      0.99717,
      -0.0740307
    ],
    "ImageType": [
      "ORIGINAL",
      "PRIMARY",
      "M",
      "ND",
      "MOSAIC"
    ],
    "ImagingFrequency": 123.253,
    "InPlanePhaseEncodingDirectionDICOM": "COL",
    "InstitutionAddress": "Vassar_Street_43_Cambridge_Boston_US_02139",
    "InstitutionName": "McGovern_Institute_for_Brain_Research_(3T1)",
    "InstitutionalDepartmentName": "Department",
    "MRAcquisitionType": "2D",
    "MagneticFieldStrength": 3,
    "Manufacturer": "Siemens",
    "ManufacturersModelName": "Prisma_fit",
    "Modality": "MR",
    "PartialFourier": 1,
    "PatientPosition": "HFS",
    "PercentPhaseFOV": 100,
    "PhaseEncodingDirection": "j-",
    "PhaseEncodingSteps": 70,
    "PhaseResolution": 1,
    "PixelBandwidth": 2380,
    "ProcedureStepDescription": "Young_Minjae",
    "ProtocolName": "TPS_run5",
    "PulseSequenceDetails": "%SiemensSeq%_ep2d_pace",
    "ReceiveCoilActiveElements": "HEA;HEP",
    "ReceiveCoilName": "Head_32",
    "ReconMatrixPE": 70,
    "RepetitionTime": 2,
    "SAR": 0.11825,
    "ScanOptions": "FS",
    "ScanningSequence": "EP",
    "SequenceName": "_epfid2d1_70",
    "SequenceVariant": "SK",
    "SeriesDescription": "TPS_run5",
    "SeriesNumber": 23,
    "ShimSetting": [
      -5651,
      -1554,
      3252,
      499,
      -80,
      -93,
      4,
      14
    ],
    "SliceThickness": 3,
    "SliceTiming": [
      0,
      0.0625,
      0.1225,
      0.185,
      0.2475,
      0.31,
      0.37,
      0.4325,
      0.495,
      0.5575,
      0.6175,
      0.68,
      0.7425,
      0.805,
      0.865,
      0.9275,
      0.99,
      1.0525,
      1.1125,
      1.175,
      1.2375,
      1.3,
      1.36,
      1.4225,
      1.485,
      1.5475,
      1.6075,
      1.67,
      1.7325,
      1.795,
      1.855,
      1.9175
    ],
    "SoftwareVersions": "syngo_MR_E11",
    "SpacingBetweenSlices": 3.6,
    "StationName": "MRC35115",
    "TaskName": "tps",
    "TotalReadoutTime": 0.0338094,
    "TxRefAmp": 271.274,
    "dataset": "ds002793",
    "modality": "bold",
    "run_id": 5,
    "subject_id": "09",
    "task_id": "tps"
  },
  "dummy_trs": 1,
  "dvars_nstd": 34.20130177355829,
  "dvars_std": 1.257925965828222,
  "dvars_vstd": 1.0084158553987734,
  "efc": 0.5849093396195588,
  "fber": 276.7195129394531,
  "fd_mean": 0.2683952262997337,
  "fd_num": 105,
  "fd_perc": 64.02439024390245,
  "fwhm_avg": 2.933940396567962,
  "fwhm_x": 2.7645933333333335,
  "fwhm_y": 3.0704499999999997,
  "fwhm_z": 2.9667778563705514,
  "gcor": 0.0960319,
  "gsr_x": -0.012213217094540596,
  "gsr_y": 0.07066448032855988,
  "provenance": {
    "md5sum": "5adb91183e4a21b5692b4f668df5dba8",
    "settings": {
      "fd_thres": 0.2,
      "testing": false
    },
    "software": "mriqc",
    "version": "22.0.6",
    "webapi_port": null,
    "webapi_url": "https://mriqc.nimh.nih.gov/api/v1"
  },
  "size_t": 164,
  "size_x": 70,
  "size_y": 70,
  "size_z": 32,
  "snr": 2.429084258979465,
  "spacing_tr": 2.0,
  "spacing_x": 3.0,
  "spacing_y": 3.0,
  "spacing_z": 3.5999999046325684,
  "summary_bg_k": 18.60094279598943,
  "summary_bg_mad": 9.284345070236743,
  "summary_bg_mean": 48.92573928833008,
  "summary_bg_median": 23.926828384399414,
  "summary_bg_n": 86272.0,
  "summary_bg_p05": 17.231706619262695,
  "summary_bg_p95": 170.34754943847656,
  "summary_bg_stdv": 64.3767318725586,
  "summary_fg_k": 0.23767151623832605,
  "summary_fg_mad": 168.88555427901971,
  "summary_fg_mean": 442.49200439453125,
  "summary_fg_median": 409.125,
  "summary_fg_n": 33916.0,
  "summary_fg_p05": 224.91919708251953,
  "summary_fg_p95": 761.2545623779297,
  "summary_fg_stdv": 168.42518615722656,
  "tsnr": 57.82580302411225
}