{
  "aor": 0.0016469090909090912,
  "aqi": 0.001962801509090909,
  "bids_meta": {
    "AcquisitionMatrixPE": 70,
    "AcquisitionNumber": 1,
    "AcquisitionTime": "16:52:36.132500",
    "BandwidthPerPixelPhaseEncode": 29.155,
    "BaseResolution": 70,
    "BodyPartExamined": "BRAIN",
    "ConsistencyInfo": "N4_VE11C_LATEST_20160120",
    "ConversionSoftware": "dcm2niix",
    "ConversionSoftwareVersion": "v1.0.20181125  (JP2:OpenJPEG) (JP-LS:CharLS) GCC5.5.0",
    "DerivedVendorReportedEchoSpacing": 0.000489992,
    "DeviceSerialNumber": "167012",
    "DwellTime": 3e-06,
    "EchoTime": 0.03,
    "EchoTrainLength": 70,
    "EffectiveEchoSpacing": 0.000489992,
    "FlipAngle": 90,
    "ImageOrientationPatientDICOM": [
      0.996992,
      -0.0287814,
      0.071962,
      0.0322026,
      0.998383,
      -0.0468426
    ],
    "ImageType": [
      "ORIGINAL",
      "PRIMARY",
      "M",
      "ND",
      "MOSAIC"
    ],
    "ImagingFrequency": 123.253,
    "InPlanePhaseEncodingDirectionDICOM": "COL",
    "InstitutionAddress": "Vassar_Street_43_Cambridge_Boston_US_02139",
    "InstitutionName": "McGovern_Institute_for_Brain_Research_(3T1)",
    "InstitutionalDepartmentName": "Department",
    "MRAcquisitionType": "2D",
    "MagneticFieldStrength": 3,
    "Manufacturer": "Siemens",
    "ManufacturersModelName": "Prisma_fit",
    "Modality": "MR",
    "PartialFourier": 1,
    "PatientPosition": "HFS",
    "PercentPhaseFOV": 100,
    "PhaseEncodingDirection": "j-",
    "PhaseEncodingSteps": 70,
    "PhaseResolution": 1,
    "PixelBandwidth": 2380,
    "ProcedureStepDescription": "Young_Minjae",
    "ProtocolName": "TPS_RUN8",
    "PulseSequenceDetails": "%SiemensSeq%_ep2d_pace",
    "ReceiveCoilActiveElements": "HEA;HEP",
    "ReceiveCoilName": "Head_32",
    "ReconMatrixPE": 70,
    "RepetitionTime": 2,
    "SAR": 0.0839636,
    "ScanOptions": "FS",
    "ScanningSequence": "EP",
    "SequenceName": "_epfid2d1_70",
    "SequenceVariant": "SK",
    "SeriesDescription": "TPS_RUN8",
    "SeriesNumber": 29,
    "ShimSetting": [
      -5642,
      -1565,
      3255,
      611,
      -51,
      -171,
      -51,
      -43
    ],
    "SliceThickness": 3,
    "SliceTiming": [
      0,
      0.0625,
      0.1225,
      0.185,
      0.2475,
      0.31,
      0.37,
      0.4325,
      0.495,
      0.555,
      0.6175,
      0.68,
      0.7425,
      0.8025,
      0.865,
      0.9275,
      0.99,
      1.05,
      1.1125,
      1.175,
      1.2375,
      1.2975,
      1.36,
      1.4225,
      1.485,
      1.545,
      1.6075,
      1.67,
      1.7325,
      1.7925,
      1.855,
      1.9175
    ],
    "SoftwareVersions": "syngo_MR_E11",
    "SpacingBetweenSlices": 3.6,
    "StationName": "MRC35115",
    "TaskName": "tps",
    "TotalReadoutTime": 0.0338094,
    "TxRefAmp": 242.089,
    "dataset": "ds002793",
    "modality": "bold",
    "run_id": 8,
    "subject_id": "13",
    "task_id": "tps"
  },
  "dummy_trs": 0,
  "dvars_nstd": 16.55895319859755,
  "dvars_std": 1.1266341815853653,
  "dvars_vstd": 0.9739433727439023,
  "efc": 0.5224255476769112,
  "fber": 529.34423828125,
  "fd_mean": 0.11256078730614327,
  "fd_num": 12,
  "fd_perc": 7.2727272727272725,
  "fwhm_avg": 2.8303497784005356,
  "fwhm_x": 2.6788166666666666,
  "fwhm_y": 3.0630466666666667,
  "fwhm_z": 2.7491860018682743,
  "gcor": 0.0493319,
  "gsr_x": -0.0180502962321043,
  "gsr_y": 0.039654698222875595,
  "provenance": {
    "md5sum": "935c18696f583c98151cbcbb4cb076a6",
    "settings": {
      "fd_thres": 0.2,
      "testing": false
    },
    "software": "mriqc",
    "version": "22.0.6",
    "webapi_port": null,
    "webapi_url": "https://mriqc.nimh.nih.gov/api/v1"
  },
  "size_t": 165,
  "size_x": 70,
  "size_y": 70,
  "size_z": 32,
  "snr": 2.5587568629497146,
  "spacing_tr": 2.0,
  "spacing_x": 3.0,
  "spacing_y": 3.0,
  "spacing_z": 3.6000001430511475,
  "summary_bg_k": 35.29802906545852,
  "summary_bg_mad": 5.220556165785844,
  "summary_bg_mean": 36.431800842285156,
  "summary_bg_median": 20.078786849975586,
  "summary_bg_n": 95225.0,
  "summary_bg_p05": 16.284847259521484,
  "summary_bg_p95": 116.8703018188477,
  "summary_bg_stdv": 48.623779296875,
  "summary_fg_k": 0.25355052223987595,
  "summary_fg_mad": 183.96850263283136,
  "summary_fg_mean": 498.6582946777344,
  "summary_fg_median": 468.7333068847656,
  "summary_fg_n": 27857.0,
  "summary_fg_p05": 255.98908081054688,
  "summary_fg_p95": 840.1005737304686,
  "summary_fg_stdv": 183.1846160888672,
  "tsnr": 83.46468674764037
}