{
  "aor": 0.002242638036809816,
  "aqi": 0.001584649625766871,
  "bids_meta": {
    "AcquisitionMatrixPE": 70,
    "AcquisitionNumber": 1,
    "AcquisitionTime": "16:19:53.392500",
    "BandwidthPerPixelPhaseEncode": 29.155,
    "BaseResolution": 70,
    "BodyPartExamined": "BRAIN",
    "ConsistencyInfo": "N4_VE11C_LATEST_20160120",
    "ConversionSoftware": "dcm2niix",
    "ConversionSoftwareVersion": "v1.0.20181125  (JP2:OpenJPEG) (JP-LS:CharLS) GCC5.5.0",
    "DerivedVendorReportedEchoSpacing": 0.000489992,
    "DeviceSerialNumber": "167012",
    "DwellTime": 3e-06,
    "EchoTime": 0.03,
    "EchoTrainLength": 70,
    "EffectiveEchoSpacing": 0.000489992,
    "FlipAngle": 90,
    "ImageOrientationPatientDICOM": [
      0.996992,
      -0.0287814,
      0.071962,
      0.0322026,
      0.998383,
      -0.0468426
    ],
    "ImageType": [
      "ORIGINAL",
      "PRIMARY",
      "M",
      "ND",
      "MOSAIC"
    ],
    "ImagingFrequency": 123.253,
    "InPlanePhaseEncodingDirectionDICOM": "COL",
    "InstitutionAddress": "Vassar_Street_43_Cambridge_Boston_US_02139",
    "InstitutionName": "McGovern_Institute_for_Brain_Research_(3T1)",
    "InstitutionalDepartmentName": "Department",
    "MRAcquisitionType": "2D",
    "MagneticFieldStrength": 3,
    "Manufacturer": "Siemens",
    "ManufacturersModelName": "Prisma_fit",
    "Modality": "MR",
    "PartialFourier": 1,
    "PatientPosition": "HFS",
    "PercentPhaseFOV": 100,
    "PhaseEncodingDirection": "j-",
    "PhaseEncodingSteps": 70,
    "PhaseResolution": 1,
    "PixelBandwidth": 2380,
    "ProcedureStepDescription": "Young_Minjae",
    "ProtocolName": "TPS_RUN3",
    "PulseSequenceDetails": "%SiemensSeq%_ep2d_pace",
    "ReceiveCoilActiveElements": "HEA;HEP",
    "ReceiveCoilName": "Head_32",
    "ReconMatrixPE": 70,
    "RepetitionTime": 2,
    "SAR": 0.0839636,
    "ScanOptions": "FS",
    "ScanningSequence": "EP",
    "SequenceName": "_epfid2d1_70",
    "SequenceVariant": "SK",
    "SeriesDescription": "TPS_RUN3",
    "SeriesNumber": 19,
    "ShimSetting": [
      -5642,
      -1565,
      3255,
      611,
      -51,
      -171,
      -51,
      -43
    ],
    "SliceThickness": 3,
    "SliceTiming": [
      0,
      0.06,
      0.1225,
      0.185,
      0.2475,
      0.3075,
      0.37,
      0.4325,
      0.495,
      0.555,
      0.6175,
      0.68,
      0.7425,
      0.8025,
      0.865,
      0.9275,
      0.99,
      1.05,
      1.1125,
      1.175,
      1.2375,
      1.2975,
      1.36,
      1.4225,
      1.485,
      1.545,
      1.6075,
      1.67,
      1.7325,
      1.7925,
      1.855,
      1.9175
    ],
    "SoftwareVersions": "syngo_MR_E11",
    "SpacingBetweenSlices": 3.6,
    "StationName": "MRC35115",
    "TaskName": "tps",
    "TotalReadoutTime": 0.0338094,
    "TxRefAmp": 242.089,
    "dataset": "ds002793",
    "modality": "bold",
    "run_id": 3,
    "subject_id": "13",
    "task_id": "tps"
  },
  "dummy_trs": 2,
  "dvars_nstd": 16.661955026913574,
  "dvars_std": 1.1498263446296297,
  "dvars_vstd": 1.0054556524691356,
  "efc": 0.5213556474437806,
  "fber": 516.1179809570312,
  "fd_mean": 0.12292387249040711,
  "fd_num": 25,
  "fd_perc": 15.337423312883436,
  "fwhm_avg": 2.71264792782231,
  "fwhm_x": 2.5326366666666664,
  "fwhm_y": 2.9522766666666667,
  "fwhm_z": 2.6530304501335973,
  "gcor": 0.0227426,
  "gsr_x": -0.011377510614693165,
  "gsr_y": 0.05036338046193123,
  "provenance": {
    "md5sum": "1071cbc14c1957bab22dd0050d6bc903",
    "settings": {
      "fd_thres": 0.2,
      "testing": false
    },
    "software": "mriqc",
    "version": "22.0.6",
    "webapi_port": null,
    "webapi_url": "https://mriqc.nimh.nih.gov/api/v1"
  },
  "size_t": 163,
  "size_x": 70,
  "size_y": 70,
  "size_z": 32,
  "snr": 2.634873680920721,
  "spacing_tr": 2.0,
  "spacing_x": 3.0,
  "spacing_y": 3.0,
  "spacing_z": 3.6000001430511475,
  "summary_bg_k": 45.78271194495563,
  "summary_bg_mad": 3.5746179484763716,
  "summary_bg_mean": 32.245479583740234,
  "summary_bg_median": 18.33742332458496,
  "summary_bg_n": 96297.0,
  "summary_bg_p05": 15.773005485534668,
  "summary_bg_p95": 99.11042785644531,
  "summary_bg_stdv": 42.416969299316406,
  "summary_fg_k": 0.4672388572624766,
  "summary_fg_mad": 153.50846539107403,
  "summary_fg_mean": 446.9690246582031,
  "summary_fg_median": 419.6134948730469,
  "summary_fg_n": 27141.0,
  "summary_fg_p05": 239.9693145751953,
  "summary_fg_p95": 749.4539794921875,
  "summary_fg_stdv": 159.2508087158203,
  "tsnr": 94.18054109858349
}