{
  "aor": 0.009344573170731708,
  "aqi": 0.004024634085365854,
  "bids_meta": {
    "AcquisitionMatrixPE": 70,
    "AcquisitionNumber": 1,
    "AcquisitionTime": "16:46:10.747500",
    "BandwidthPerPixelPhaseEncode": 29.155,
    "BaseResolution": 70,
    "BodyPartExamined": "BRAIN",
    "ConsistencyInfo": "N4_VE11C_LATEST_20160120",
    "ConversionSoftware": "dcm2niix",
    "ConversionSoftwareVersion": "v1.0.20181125  (JP2:OpenJPEG) (JP-LS:CharLS) GCC5.5.0",
    "DerivedVendorReportedEchoSpacing": 0.000489992,
    "DeviceSerialNumber": "167012",
    "DwellTime": 3e-06,
    "EchoTime": 0.03,
    "EchoTrainLength": 70,
    "EffectiveEchoSpacing": 0.000489992,
    "FlipAngle": 90,
    "ImageOrientationPatientDICOM": [
      0.996992,
      -0.0287814,
      0.071962,
      0.0322026,
      0.998383,
      -0.0468426
    ],
    "ImageType": [
      "ORIGINAL",
      "PRIMARY",
      "M",
      "ND",
      "MOSAIC"
    ],
    "ImagingFrequency": 123.253,
    "InPlanePhaseEncodingDirectionDICOM": "COL",
    "InstitutionAddress": "Vassar_Street_43_Cambridge_Boston_US_02139",
    "InstitutionName": "McGovern_Institute_for_Brain_Research_(3T1)",
    "InstitutionalDepartmentName": "Department",
    "MRAcquisitionType": "2D",
    "MagneticFieldStrength": 3,
    "Manufacturer": "Siemens",
    "ManufacturersModelName": "Prisma_fit",
    "Modality": "MR",
    "PartialFourier": 1,
    "PatientPosition": "HFS",
    "PercentPhaseFOV": 100,
    "PhaseEncodingDirection": "j-",
    "PhaseEncodingSteps": 70,
    "PhaseResolution": 1,
    "PixelBandwidth": 2380,
    "ProcedureStepDescription": "Young_Minjae",
    "ProtocolName": "TPS_RUN7",
    "PulseSequenceDetails": "%SiemensSeq%_ep2d_pace",
    "ReceiveCoilActiveElements": "HEA;HEP",
    "ReceiveCoilName": "Head_32",
    "ReconMatrixPE": 70,
    "RepetitionTime": 2,
    "SAR": 0.0839636,
    "ScanOptions": "FS",
    "ScanningSequence": "EP",
    "SequenceName": "_epfid2d1_70",
    "SequenceVariant": "SK",
    "SeriesDescription": "TPS_RUN7",
    "SeriesNumber": 27,
    "ShimSetting": [
      -5642,
      -1565,
      3255,
      611,
      -51,
      -171,
      -51,
      -43
    ],
    "SliceThickness": 3,
    "SliceTiming": [
      0,
      0.06,
      0.1225,
      0.185,
      0.2475,
      0.3075,
      0.37,
      0.4325,
      0.495,
      0.555,
      0.6175,
      0.68,
      0.7425,
      0.8025,
      0.865,
      0.9275,
      0.99,
      1.05,
      1.1125,
      1.175,
      1.2375,
      1.2975,
      1.36,
      1.4225,
      1.485,
      1.545,
      1.6075,
      1.67,
      1.7325,
      1.7925,
      1.855,
      1.9175
    ],
    "SoftwareVersions": "syngo_MR_E11",
    "SpacingBetweenSlices": 3.6,
    "StationName": "MRC35115",
    "TaskName": "tps",
    "TotalReadoutTime": 0.0338094,
    "TxRefAmp": 242.089,
    "dataset": "ds002793",
    "modality": "bold",
    "run_id": 7,
    "subject_id": "13",
    "task_id": "tps"
  },
  "dummy_trs": 1,
  "dvars_nstd": 24.868125412331292,
  "dvars_std": 1.1458837160122701,
  "dvars_vstd": 0.9632239216564417,
  "efc": 0.5216750868023693,
  "fber": 523.581298828125,
  "fd_mean": 0.23759279304865277,
  "fd_num": 49,
  "fd_perc": 29.878048780487806,
  "fwhm_avg": 2.908411444320931,
  "fwhm_x": 2.7739133333333332,
  "fwhm_y": 3.145793333333333,
  "fwhm_z": 2.8055276662961246,
  "gcor": 0.157347,
  "gsr_x": -0.018045075237751007,
  "gsr_y": 0.040007710456848145,
  "provenance": {
    "md5sum": "6c1ae0048507c543152e6e9b9669926d",
    "settings": {
      "fd_thres": 0.2,
      "testing": false
    },
    "software": "mriqc",
    "version": "22.0.6",
    "webapi_port": null,
    "webapi_url": "https://mriqc.nimh.nih.gov/api/v1"
  },
  "size_t": 164,
  "size_x": 70,
  "size_y": 70,
  "size_z": 32,
  "snr": 2.5226599258288447,
  "spacing_tr": 2.0,
  "spacing_x": 3.0,
  "spacing_y": 3.0,
  "spacing_z": 3.6000001430511475,
  "summary_bg_k": 34.883044191001964,
  "summary_bg_mad": 5.532639340370226,
  "summary_bg_mean": 36.79983139038086,
  "summary_bg_median": 20.40853500366211,
  "summary_bg_n": 95304.0,
  "summary_bg_p05": 16.371950149536133,
  "summary_bg_p95": 117.4335308074948,
  "summary_bg_stdv": 48.649742126464844,
  "summary_fg_k": 0.24966221014679446,
  "summary_fg_mad": 189.08150758596992,
  "summary_fg_mean": 506.74212646484375,
  "summary_fg_median": 475.01824951171875,
  "summary_fg_n": 27820.0,
  "summary_fg_p05": 257.2539398193359,
  "summary_fg_p95": 856.2258911132812,
  "summary_fg_stdv": 188.2971649169922,
  "tsnr": 48.252210488542914
}