{
  "bids_meta": {
    "AcquisitionMatrixPE": 256,
    "AcquisitionNumber": 1,
    "AcquisitionTime": "16:18:3.710000",
    "BaseResolution": 256,
    "BodyPartExamined": "BRAIN",
    "ConsistencyInfo": "N4_VE11C_LATEST_20160120",
    "ConversionSoftware": "dcm2niix",
    "ConversionSoftwareVersion": "v1.0.20181125  (JP2:OpenJPEG) (JP-LS:CharLS) GCC5.5.0",
    "DeviceSerialNumber": "167012",
    "DwellTime": 3e-06,
    "EchoTime": 0.00169,
    "FlipAngle": 7,
    "ImageOrientationPatientDICOM": [
      0.0594471,
      0.995883,
      0.0684358,
      0.0936559,
      0.0626903,
      -0.993629
    ],
    "ImageType": [
      "ORIGINAL",
      "PRIMARY",
      "OTHER",
      "ND",
      "NORM",
      "MEAN"
    ],
    "ImagingFrequency": 123.253,
    "InPlanePhaseEncodingDirectionDICOM": "ROW",
    "InstitutionAddress": "Vassar_Street_43_Cambridge_Boston_US_02139",
    "InstitutionName": "McGovern_Institute_for_Brain_Research_(3T1)",
    "InstitutionalDepartmentName": "Department",
    "InversionTime": 1.4,
    "MRAcquisitionType": "3D",
    "MagneticFieldStrength": 3,
    "Manufacturer": "Siemens",
    "ManufacturersModelName": "Prisma_fit",
    "Modality": "MR",
    "PartialFourier": 1,
    "PatientPosition": "HFS",
    "PercentPhaseFOV": 100,
    "PhaseEncodingSteps": 255,
    "PhaseResolution": 1,
    "PixelBandwidth": 650,
    "ProcedureStepDescription": "Young_Minjae",
    "ProtocolName": "T1w_MPRAGE_FourEcho_vNav",
    "PulseSequenceDetails": "%CustomerSeq%_tfl_mgh_epinav_ABCD",
    "ReceiveCoilActiveElements": "HEA;HEP",
    "ReceiveCoilName": "Head_32",
    "ReconMatrixPE": 256,
    "RepetitionTime": 2.53,
    "SAR": 0.0390919,
    "ScanOptions": "IR_WE",
    "ScanningSequence": "GR_IR",
    "SequenceName": "tfl3d4_16ns",
    "SequenceVariant": "SK_SP_MP",
    "SeriesDescription": "T1w_MPRAGE_FourEcho_vNav_RMS",
    "SeriesNumber": 10,
    "ShimSetting": [
      -5611,
      -1548,
      3144,
      422,
      -21,
      49,
      -50,
      -17
    ],
    "SliceThickness": 1,
    "SoftwareVersions": "syngo_MR_E11",
    "StationName": "MRC35115",
    "TxRefAmp": 240.571,
    "WipMemBlock": "Prisma_epi_moco_navigator_ABCD_tfl.prot",
    "dataset": "ds002793",
    "modality": "T1w",
    "run_id": 1,
    "subject_id": "29"
  },
  "cjv": 0.34791808673777425,
  "cnr": 3.7016799383474996,
  "efc": 0.5632482839992776,
  "fber": 22375.173611111113,
  "fwhm_avg": 3.7558900000000004,
  "fwhm_x": 3.8292,
  "fwhm_y": 3.90611,
  "fwhm_z": 3.53236,
  "icvs_csf": 0.23528810632385347,
  "icvs_gm": 0.4409505193215688,
  "icvs_wm": 0.3237613743545777,
  "inu_med": 0.39649002254009247,
  "inu_range": 0.12423477917909614,
  "provenance": {
    "md5sum": "31c92a866cee6368de25c41c664b3cfe",
    "settings": {
      "testing": false
    },
    "software": "mriqc",
    "version": "22.0.6",
    "warnings": {
      "large_rot_frame": true,
      "small_air_mask": false
    },
    "webapi_port": null,
    "webapi_url": "https://mriqc.nimh.nih.gov/api/v1"
  },
  "qi_1": 3.423116796745105e-05,
  "qi_2": 0.0013388328340603222,
  "rpve_csf": 20.463782070749474,
  "rpve_gm": 11.153059934187375,
  "rpve_wm": 16.635823046074428,
  "size_x": 176,
  "size_y": 256,
  "size_z": 256,
  "snr_csf": 3.2601527408785094,
  "snr_gm": 16.014932849377118,
  "snr_total": 16.36497172347114,
  "snr_wm": 29.819829580157798,
  "snrd_csf": 38.596015717002246,
  "snrd_gm": 94.21862621078654,
  "snrd_total": 84.52760671301796,
  "snrd_wm": 120.7681782112651,
  "spacing_x": 1.0,
  "spacing_y": 1.0,
  "spacing_z": 1.0,
  "summary_bg_k": 11.602051880279875,
  "summary_bg_mad": 0.0,
  "summary_bg_mean": 3.522834238122384,
  "summary_bg_median": 0.0,
  "summary_bg_n": 2634743.0,
  "summary_bg_p05": 0.0,
  "summary_bg_p95": 14.015506107360125,
  "summary_bg_stdv": 5.42474342592263,
  "summary_csf_k": 8.198682956692886,
  "summary_csf_mad": 52.67488344632608,
  "summary_csf_mean": 326.1163492715949,
  "summary_csf_median": 319.58761950582266,
  "summary_csf_n": 91779.0,
  "summary_csf_p05": 155.44857685640454,
  "summary_csf_p95": 496.4236882807685,
  "summary_csf_stdv": 98.02788514239013,
  "summary_gm_k": 0.5276139104478679,
  "summary_gm_mad": 44.52732953196629,
  "summary_gm_mean": 779.0644528996096,
  "summary_gm_median": 780.1610063742846,
  "summary_gm_n": 38067.0,
  "summary_gm_p05": 696.0956599397584,
  "summary_gm_p95": 857.9215050766244,
  "summary_gm_stdv": 48.71395755670479,
  "summary_wm_k": 0.4364875970830764,
  "summary_wm_mad": 31.958622330744596,
  "summary_wm_mean": 999.622916483978,
  "summary_wm_median": 999.9999707117677,
  "summary_wm_n": 195016.0,
  "summary_wm_p05": 944.2787488624454,
  "summary_wm_p95": 1054.230181273073,
  "summary_wm_stdv": 33.53464526443048,
  "tpm_overlap_csf": 0.14633437868265617,
  "tpm_overlap_gm": 0.44869945499130914,
  "tpm_overlap_wm": 0.45159321262085095,
  "wm2max": 0.8860955400788932
}