{
  "aor": 0.017694121212121213,
  "aqi": 0.004821164606060606,
  "bids_meta": {
    "AcquisitionMatrixPE": 70,
    "AcquisitionNumber": 1,
    "AcquisitionTime": "11:47:59.297500",
    "BandwidthPerPixelPhaseEncode": 29.155,
    "BaseResolution": 70,
    "BodyPartExamined": "BRAIN",
    "ConsistencyInfo": "N4_VE11C_LATEST_20160120",
    "ConversionSoftware": "dcm2niix",
    "ConversionSoftwareVersion": "v1.0.20181125  (JP2:OpenJPEG) (JP-LS:CharLS) GCC5.5.0",
    "DerivedVendorReportedEchoSpacing": 0.000489992,
    "DeviceSerialNumber": "167012",
    "DwellTime": 3e-06,
    "EchoTime": 0.03,
    "EchoTrainLength": 70,
    "EffectiveEchoSpacing": 0.000489992,
    "FlipAngle": 90,
    "ImageOrientationPatientDICOM": [
      0.998681,
      -0.0261952,
      -0.0441631,
      0.0266747,
      0.999591,
      0.010303
    ],
    "ImageType": [
      "ORIGINAL",
      "PRIMARY",
      "M",
      "ND",
      "MOSAIC"
    ],
    "ImagingFrequency": 123.253,
    "InPlanePhaseEncodingDirectionDICOM": "COL",
    "InstitutionAddress": "Vassar_Street_43_Cambridge_Boston_US_02139",
    "InstitutionName": "McGovern_Institute_for_Brain_Research_(3T1)",
    "InstitutionalDepartmentName": "Department",
    "MRAcquisitionType": "2D",
    "MagneticFieldStrength": 3,
    "Manufacturer": "Siemens",
    "ManufacturersModelName": "Prisma_fit",
    "Modality": "MR",
    "PartialFourier": 1,
    "PatientPosition": "HFS",
    "PercentPhaseFOV": 100,
    "PhaseEncodingDirection": "j-",
    "PhaseEncodingSteps": 70,
    "PhaseResolution": 1,
    "PixelBandwidth": 2380,
    "ProcedureStepDescription": "Young_Minjae",
    "ProtocolName": "TPS_run2",
    "PulseSequenceDetails": "%SiemensSeq%_ep2d_pace",
    "ReceiveCoilActiveElements": "HEA;HEP",
    "ReceiveCoilName": "Head_32",
    "ReconMatrixPE": 70,
    "RepetitionTime": 2,
    "SAR": 0.0872433,
    "ScanOptions": "FS",
    "ScanningSequence": "EP",
    "SequenceName": "_epfid2d1_70",
    "SequenceVariant": "SK",
    "SeriesDescription": "TPS_run2",
    "SeriesNumber": 17,
    "ShimSetting": [
      -5635,
      -1531,
      3183,
      465,
      -1,
      -159,
      86,
      -34
    ],
    "SliceThickness": 3,
    "SliceTiming": [
      0,
      0.06,
      0.1225,
      0.185,
      0.2475,
      0.3075,
      0.37,
      0.4325,
      0.495,
      0.555,
      0.6175,
      0.68,
      0.7425,
      0.8025,
      0.865,
      0.9275,
      0.99,
      1.05,
      1.1125,
      1.175,
      1.2375,
      1.2975,
      1.36,
      1.4225,
      1.4825,
      1.545,
      1.6075,
      1.67,
      1.73,
      1.7925,
      1.855,
      1.9175
    ],
    "SoftwareVersions": "syngo_MR_E11",
    "SpacingBetweenSlices": 3.6,
    "StationName": "MRC35115",
    "TaskName": "tps",
    "TotalReadoutTime": 0.0338094,
    "TxRefAmp": 215.005,
    "dataset": "ds002793",
    "modality": "bold",
    "run_id": 2,
    "subject_id": "23",
    "task_id": "tps"
  },
  "dummy_trs": 0,
  "dvars_nstd": 26.331505862439034,
  "dvars_std": 1.2392771806097567,
  "dvars_vstd": 1.0735746192682927,
  "efc": 0.5623308318094049,
  "fber": 333.4090270996094,
  "fd_mean": 0.26888372393758014,
  "fd_num": 46,
  "fd_perc": 27.87878787878788,
  "fwhm_avg": 2.4891247825926186,
  "fwhm_x": 2.3463833333333333,
  "fwhm_y": 2.6882966666666666,
  "fwhm_z": 2.432694347777856,
  "gcor": 0.0795266,
  "gsr_x": -0.012999298982322216,
  "gsr_y": 0.06694957613945007,
  "provenance": {
    "md5sum": "b95dd2cc54c04e654f9481041e094545",
    "settings": {
      "fd_thres": 0.2,
      "testing": false
    },
    "software": "mriqc",
    "version": "22.0.6",
    "webapi_port": null,
    "webapi_url": "https://mriqc.nimh.nih.gov/api/v1"
  },
  "size_t": 165,
  "size_x": 70,
  "size_y": 70,
  "size_z": 32,
  "snr": 2.9794670041151257,
  "spacing_tr": 2.0,
  "spacing_x": 3.0,
  "spacing_y": 3.0,
  "spacing_z": 3.6000001430511475,
  "summary_bg_k": 22.05174448333336,
  "summary_bg_mad": 4.645486762794932,
  "summary_bg_mean": 34.468833923339844,
  "summary_bg_median": 19.09090805053711,
  "summary_bg_n": 92809.0,
  "summary_bg_p05": 15.757575035095215,
  "summary_bg_p95": 109.19151306152338,
  "summary_bg_stdv": 40.98657989501953,
  "summary_fg_k": 0.42812162143315025,
  "summary_fg_mad": 115.39136321259254,
  "summary_fg_mean": 372.5255432128906,
  "summary_fg_median": 354.02423095703125,
  "summary_fg_n": 29131.0,
  "summary_fg_p05": 212.06665802001953,
  "summary_fg_p95": 596.272705078125,
  "summary_fg_stdv": 118.81929016113281,
  "tsnr": 54.14219972491264
}