{
  "aor": 0.019342147239263804,
  "aqi": 0.005799279877300614,
  "bids_meta": {
    "AcquisitionMatrixPE": 70,
    "AcquisitionNumber": 1,
    "AcquisitionTime": "11:54:14.142500",
    "BandwidthPerPixelPhaseEncode": 29.155,
    "BaseResolution": 70,
    "BodyPartExamined": "BRAIN",
    "ConsistencyInfo": "N4_VE11C_LATEST_20160120",
    "ConversionSoftware": "dcm2niix",
    "ConversionSoftwareVersion": "v1.0.20181125  (JP2:OpenJPEG) (JP-LS:CharLS) GCC5.5.0",
    "DerivedVendorReportedEchoSpacing": 0.000489992,
    "DeviceSerialNumber": "167012",
    "DwellTime": 3e-06,
    "EchoTime": 0.03,
    "EchoTrainLength": 70,
    "EffectiveEchoSpacing": 0.000489992,
    "FlipAngle": 90,
    "ImageOrientationPatientDICOM": [
      0.998681,
      -0.0261952,
      -0.0441631,
      0.0266747,
      0.999591,
      0.010303
    ],
    "ImageType": [
      "ORIGINAL",
      "PRIMARY",
      "M",
      "ND",
      "MOSAIC"
    ],
    "ImagingFrequency": 123.253,
    "InPlanePhaseEncodingDirectionDICOM": "COL",
    "InstitutionAddress": "Vassar_Street_43_Cambridge_Boston_US_02139",
    "InstitutionName": "McGovern_Institute_for_Brain_Research_(3T1)",
    "InstitutionalDepartmentName": "Department",
    "MRAcquisitionType": "2D",
    "MagneticFieldStrength": 3,
    "Manufacturer": "Siemens",
    "ManufacturersModelName": "Prisma_fit",
    "Modality": "MR",
    "PartialFourier": 1,
    "PatientPosition": "HFS",
    "PercentPhaseFOV": 100,
    "PhaseEncodingDirection": "j-",
    "PhaseEncodingSteps": 70,
    "PhaseResolution": 1,
    "PixelBandwidth": 2380,
    "ProcedureStepDescription": "Young_Minjae",
    "ProtocolName": "TPS_run3",
    "PulseSequenceDetails": "%SiemensSeq%_ep2d_pace",
    "ReceiveCoilActiveElements": "HEA;HEP",
    "ReceiveCoilName": "Head_32",
    "ReconMatrixPE": 70,
    "RepetitionTime": 2,
    "SAR": 0.0872433,
    "ScanOptions": "FS",
    "ScanningSequence": "EP",
    "SequenceName": "_epfid2d1_70",
    "SequenceVariant": "SK",
    "SeriesDescription": "TPS_run3",
    "SeriesNumber": 19,
    "ShimSetting": [
      -5635,
      -1531,
      3183,
      465,
      -1,
      -159,
      86,
      -34
    ],
    "SliceThickness": 3,
    "SliceTiming": [
      0,
      0.0625,
      0.125,
      0.1875,
      0.2475,
      0.31,
      0.3725,
      0.435,
      0.495,
      0.5575,
      0.62,
      0.6825,
      0.7425,
      0.805,
      0.8675,
      0.93,
      0.99,
      1.0525,
      1.115,
      1.1775,
      1.2375,
      1.3,
      1.3625,
      1.425,
      1.485,
      1.5475,
      1.61,
      1.6725,
      1.7325,
      1.795,
      1.8575,
      1.92
    ],
    "SoftwareVersions": "syngo_MR_E11",
    "SpacingBetweenSlices": 3.6,
    "StationName": "MRC35115",
    "TaskName": "tps",
    "TotalReadoutTime": 0.0338094,
    "TxRefAmp": 215.005,
    "dataset": "ds002793",
    "modality": "bold",
    "run_id": 3,
    "subject_id": "23",
    "task_id": "tps"
  },
  "dummy_trs": 2,
  "dvars_nstd": 27.935627084074074,
  "dvars_std": 1.2463392035802465,
  "dvars_vstd": 1.0930538196296293,
  "efc": 0.5606787458720766,
  "fber": 346.3486328125,
  "fd_mean": 0.3663879819163177,
  "fd_num": 74,
  "fd_perc": 45.39877300613497,
  "fwhm_avg": 2.4458873758945803,
  "fwhm_x": 2.32023,
  "fwhm_y": 2.6382933333333334,
  "fwhm_z": 2.379138794350407,
  "gcor": 0.0307428,
  "gsr_x": -0.009704026393592358,
  "gsr_y": 0.06737509369850159,
  "provenance": {
    "md5sum": "7844fab31ee14a9bbaa6caef61660194",
    "settings": {
      "fd_thres": 0.2,
      "testing": false
    },
    "software": "mriqc",
    "version": "22.0.6",
    "webapi_port": null,
    "webapi_url": "https://mriqc.nimh.nih.gov/api/v1"
  },
  "size_t": 163,
  "size_x": 70,
  "size_y": 70,
  "size_z": 32,
  "snr": 3.0351710010192616,
  "spacing_tr": 2.0,
  "spacing_x": 3.0,
  "spacing_y": 3.0,
  "spacing_z": 3.6000001430511475,
  "summary_bg_k": 21.37996762881875,
  "summary_bg_mad": 4.593338577996764,
  "summary_bg_mean": 34.98806381225586,
  "summary_bg_median": 18.79754638671875,
  "summary_bg_n": 94175.0,
  "summary_bg_p05": 15.233128547668457,
  "summary_bg_p95": 113.3754585266114,
  "summary_bg_stdv": 42.9992790222168,
  "summary_fg_k": 0.4190271779786081,
  "summary_fg_mad": 113.65099778489424,
  "summary_fg_mean": 370.33209228515625,
  "summary_fg_median": 352.3742370605469,
  "summary_fg_n": 28655.0,
  "summary_fg_p05": 214.24293823242186,
  "summary_fg_p95": 589.569921875,
  "summary_fg_stdv": 116.094970703125,
  "tsnr": 50.7236603210913
}