{
  "aor": 0.00408478787878788,
  "aqi": 0.002780668424242424,
  "bids_meta": {
    "AcquisitionMatrixPE": 70,
    "AcquisitionNumber": 1,
    "AcquisitionTime": "12:00:45.917500",
    "BandwidthPerPixelPhaseEncode": 29.155,
    "BaseResolution": 70,
    "BodyPartExamined": "BRAIN",
    "ConsistencyInfo": "N4_VE11C_LATEST_20160120",
    "ConversionSoftware": "dcm2niix",
    "ConversionSoftwareVersion": "v1.0.20181125  (JP2:OpenJPEG) (JP-LS:CharLS) GCC5.5.0",
    "DerivedVendorReportedEchoSpacing": 0.000489992,
    "DeviceSerialNumber": "167012",
    "DwellTime": 3e-06,
    "EchoTime": 0.03,
    "EchoTrainLength": 70,
    "EffectiveEchoSpacing": 0.000489992,
    "FlipAngle": 90,
    "ImageOrientationPatientDICOM": [
      0.998681,
      -0.0261952,
      -0.0441631,
      0.0266747,
      0.999591,
      0.010303
    ],
    "ImageType": [
      "ORIGINAL",
      "PRIMARY",
      "M",
      "ND",
      "MOSAIC"
    ],
    "ImagingFrequency": 123.253,
    "InPlanePhaseEncodingDirectionDICOM": "COL",
    "InstitutionAddress": "Vassar_Street_43_Cambridge_Boston_US_02139",
    "InstitutionName": "McGovern_Institute_for_Brain_Research_(3T1)",
    "InstitutionalDepartmentName": "Department",
    "MRAcquisitionType": "2D",
    "MagneticFieldStrength": 3,
    "Manufacturer": "Siemens",
    "ManufacturersModelName": "Prisma_fit",
    "Modality": "MR",
    "PartialFourier": 1,
    "PatientPosition": "HFS",
    "PercentPhaseFOV": 100,
    "PhaseEncodingDirection": "j-",
    "PhaseEncodingSteps": 70,
    "PhaseResolution": 1,
    "PixelBandwidth": 2380,
    "ProcedureStepDescription": "Young_Minjae",
    "ProtocolName": "TPS_run4",
    "PulseSequenceDetails": "%SiemensSeq%_ep2d_pace",
    "ReceiveCoilActiveElements": "HEA;HEP",
    "ReceiveCoilName": "Head_32",
    "ReconMatrixPE": 70,
    "RepetitionTime": 2,
    "SAR": 0.0872433,
    "ScanOptions": "FS",
    "ScanningSequence": "EP",
    "SequenceName": "_epfid2d1_70",
    "SequenceVariant": "SK",
    "SeriesDescription": "TPS_run4",
    "SeriesNumber": 21,
    "ShimSetting": [
      -5635,
      -1531,
      3183,
      465,
      -1,
      -159,
      86,
      -34
    ],
    "SliceThickness": 3,
    "SliceTiming": [
      0,
      0.0625,
      0.125,
      0.1875,
      0.2475,
      0.31,
      0.3725,
      0.435,
      0.495,
      0.5575,
      0.62,
      0.6825,
      0.7425,
      0.805,
      0.8675,
      0.93,
      0.99,
      1.0525,
      1.115,
      1.1775,
      1.2375,
      1.3,
      1.3625,
      1.425,
      1.485,
      1.5475,
      1.61,
      1.6725,
      1.7325,
      1.795,
      1.8575,
      1.92
    ],
    "SoftwareVersions": "syngo_MR_E11",
    "SpacingBetweenSlices": 3.6,
    "StationName": "MRC35115",
    "TaskName": "tps",
    "TotalReadoutTime": 0.0338094,
    "TxRefAmp": 215.005,
    "dataset": "ds002793",
    "modality": "bold",
    "run_id": 4,
    "subject_id": "23",
    "task_id": "tps"
  },
  "dummy_trs": 0,
  "dvars_nstd": 19.2461281052439,
  "dvars_std": 1.1750695801219515,
  "dvars_vstd": 1.0268245494512187,
  "efc": 0.5606310206629683,
  "fber": 344.3027038574219,
  "fd_mean": 0.15128096053586798,
  "fd_num": 27,
  "fd_perc": 16.363636363636363,
  "fwhm_avg": 2.4639079307533134,
  "fwhm_x": 2.31535,
  "fwhm_y": 2.644626666666667,
  "fwhm_z": 2.4317471255932728,
  "gcor": 0.0351773,
  "gsr_x": -0.009810355491936207,
  "gsr_y": 0.06821214407682419,
  "provenance": {
    "md5sum": "433c40540c6200246197b6394f022f17",
    "settings": {
      "fd_thres": 0.2,
      "testing": false
    },
    "software": "mriqc",
    "version": "22.0.6",
    "webapi_port": null,
    "webapi_url": "https://mriqc.nimh.nih.gov/api/v1"
  },
  "size_t": 165,
  "size_x": 70,
  "size_y": 70,
  "size_z": 32,
  "snr": 3.054081661697362,
  "spacing_tr": 2.0,
  "spacing_x": 3.0,
  "spacing_y": 3.0,
  "spacing_z": 3.6000001430511475,
  "summary_bg_k": 21.749326695275396,
  "summary_bg_mad": 4.317517493901677,
  "summary_bg_mean": 34.83729934692383,
  "summary_bg_median": 18.751514434814453,
  "summary_bg_n": 94452.0,
  "summary_bg_p05": 15.666666030883789,
  "summary_bg_p95": 114.41636009216298,
  "summary_bg_stdv": 43.25375747680664,
  "summary_fg_k": 0.36109729651616185,
  "summary_fg_mad": 112.5070123572607,
  "summary_fg_mean": 367.6285095214844,
  "summary_fg_median": 350.4302978515625,
  "summary_fg_n": 28539.0,
  "summary_fg_p05": 212.58666229248047,
  "summary_fg_p95": 582.3284790039062,
  "summary_fg_stdv": 114.73961639404297,
  "tsnr": 86.13729287311435
}