{
  "aor": 0.0013934969325153374,
  "aqi": 0.002024554153374233,
  "bids_meta": {
    "AcquisitionMatrixPE": 70,
    "AcquisitionNumber": 1,
    "AcquisitionTime": "18:58:15.237500",
    "BandwidthPerPixelPhaseEncode": 29.155,
    "BaseResolution": 70,
    "BodyPartExamined": "BRAIN",
    "ConsistencyInfo": "N4_VE11C_LATEST_20160120",
    "ConversionSoftware": "dcm2niix",
    "ConversionSoftwareVersion": "v1.0.20181125  (JP2:OpenJPEG) (JP-LS:CharLS) GCC5.5.0",
    "DerivedVendorReportedEchoSpacing": 0.000489992,
    "DeviceSerialNumber": "167012",
    "DwellTime": 3e-06,
    "EchoTime": 0.03,
    "EchoTrainLength": 70,
    "EffectiveEchoSpacing": 0.000489992,
    "FlipAngle": 90,
    "ImageOrientationPatientDICOM": [
      0.999192,
      -0.0329411,
      -0.0230111,
      0.0354164,
      0.992491,
      0.117079
    ],
    "ImageType": [
      "ORIGINAL",
      "PRIMARY",
      "M",
      "ND",
      "MOSAIC"
    ],
    "ImagingFrequency": 123.253,
    "InPlanePhaseEncodingDirectionDICOM": "COL",
    "InstitutionAddress": "Vassar_Street_43_Cambridge_Boston_US_02139",
    "InstitutionName": "McGovern_Institute_for_Brain_Research_(3T1)",
    "InstitutionalDepartmentName": "Department",
    "MRAcquisitionType": "2D",
    "MagneticFieldStrength": 3,
    "Manufacturer": "Siemens",
    "ManufacturersModelName": "Prisma_fit",
    "Modality": "MR",
    "PartialFourier": 1,
    "PatientPosition": "HFS",
    "PercentPhaseFOV": 100,
    "PhaseEncodingDirection": "j-",
    "PhaseEncodingSteps": 70,
    "PhaseResolution": 1,
    "PixelBandwidth": 2380,
    "ProcedureStepDescription": "Young_Minjae",
    "ProtocolName": "TPS_run6",
    "PulseSequenceDetails": "%SiemensSeq%_ep2d_pace",
    "ReceiveCoilActiveElements": "HEA;HEP",
    "ReceiveCoilName": "Head_32",
    "ReconMatrixPE": 70,
    "RepetitionTime": 2,
    "SAR": 0.0997052,
    "ScanOptions": "FS",
    "ScanningSequence": "EP",
    "SequenceName": "_epfid2d1_70",
    "SequenceVariant": "SK",
    "SeriesDescription": "TPS_run6",
    "SeriesNumber": 25,
    "ShimSetting": [
      -5624,
      -1622,
      3197,
      630,
      -37,
      -190,
      27,
      -18
    ],
    "SliceThickness": 3,
    "SliceTiming": [
      0,
      0.06,
      0.1225,
      0.185,
      0.2475,
      0.3075,
      0.37,
      0.4325,
      0.495,
      0.555,
      0.6175,
      0.68,
      0.7425,
      0.8025,
      0.865,
      0.9275,
      0.99,
      1.05,
      1.1125,
      1.175,
      1.2375,
      1.2975,
      1.36,
      1.4225,
      1.485,
      1.545,
      1.6075,
      1.67,
      1.7325,
      1.7925,
      1.855,
      1.9175
    ],
    "SoftwareVersions": "syngo_MR_E11",
    "SpacingBetweenSlices": 3.6,
    "StationName": "MRC35115",
    "TaskName": "tps",
    "TotalReadoutTime": 0.0338094,
    "TxRefAmp": 221.973,
    "dataset": "ds002793",
    "modality": "bold",
    "run_id": 6,
    "subject_id": "17",
    "task_id": "tps"
  },
  "dummy_trs": 2,
  "dvars_nstd": 19.75602792771603,
  "dvars_std": 1.2251207538888884,
  "dvars_vstd": 1.0073477400000002,
  "efc": 0.5471233949295508,
  "fber": 392.59991455078125,
  "fd_mean": 0.12135184869813759,
  "fd_num": 9,
  "fd_perc": 5.521472392638037,
  "fwhm_avg": 2.773682801119031,
  "fwhm_x": 2.6556233333333332,
  "fwhm_y": 3.022116666666667,
  "fwhm_z": 2.6433084033570924,
  "gcor": 0.0392124,
  "gsr_x": 0.00634115980938077,
  "gsr_y": 0.03706103563308716,
  "provenance": {
    "md5sum": "5d434c291aa445890a31bf631bb683ef",
    "settings": {
      "fd_thres": 0.2,
      "testing": false
    },
    "software": "mriqc",
    "version": "22.0.6",
    "webapi_port": null,
    "webapi_url": "https://mriqc.nimh.nih.gov/api/v1"
  },
  "size_t": 163,
  "size_x": 70,
  "size_y": 70,
  "size_z": 32,
  "snr": 2.5684591385166584,
  "spacing_tr": 2.0,
  "spacing_x": 3.0,
  "spacing_y": 3.0,
  "spacing_z": 3.5999999046325684,
  "summary_bg_k": 23.011393913712308,
  "summary_bg_mad": 7.394819602218015,
  "summary_bg_mean": 40.49886703491211,
  "summary_bg_median": 21.993864059448242,
  "summary_bg_n": 91688.0,
  "summary_bg_p05": 16.564416885375977,
  "summary_bg_p95": 138.46380386352524,
  "summary_bg_stdv": 52.5197639465332,
  "summary_fg_k": 0.22584502131041573,
  "summary_fg_mad": 169.75795401889144,
  "summary_fg_mean": 473.6875915527344,
  "summary_fg_median": 440.6134948730469,
  "summary_fg_n": 29724.0,
  "summary_fg_p05": 246.17268829345704,
  "summary_fg_p95": 792.5211730957029,
  "summary_fg_stdv": 171.54490661621094,
  "tsnr": 94.01544980658218
}