{
  "aor": 0.002540242424242424,
  "aqi": 0.0019005628787878788,
  "bids_meta": {
    "AcquisitionMatrixPE": 70,
    "AcquisitionNumber": 1,
    "AcquisitionTime": "19:04:53.847500",
    "BandwidthPerPixelPhaseEncode": 29.155,
    "BaseResolution": 70,
    "BodyPartExamined": "BRAIN",
    "ConsistencyInfo": "N4_VE11C_LATEST_20160120",
    "ConversionSoftware": "dcm2niix",
    "ConversionSoftwareVersion": "v1.0.20181125  (JP2:OpenJPEG) (JP-LS:CharLS) GCC5.5.0",
    "DerivedVendorReportedEchoSpacing": 0.000489992,
    "DeviceSerialNumber": "167012",
    "DwellTime": 3e-06,
    "EchoTime": 0.03,
    "EchoTrainLength": 70,
    "EffectiveEchoSpacing": 0.000489992,
    "FlipAngle": 90,
    "ImageOrientationPatientDICOM": [
      0.999192,
      -0.0329411,
      -0.0230111,
      0.0354164,
      0.992491,
      0.117079
    ],
    "ImageType": [
      "ORIGINAL",
      "PRIMARY",
      "M",
      "ND",
      "MOSAIC"
    ],
    "ImagingFrequency": 123.253,
    "InPlanePhaseEncodingDirectionDICOM": "COL",
    "InstitutionAddress": "Vassar_Street_43_Cambridge_Boston_US_02139",
    "InstitutionName": "McGovern_Institute_for_Brain_Research_(3T1)",
    "InstitutionalDepartmentName": "Department",
    "MRAcquisitionType": "2D",
    "MagneticFieldStrength": 3,
    "Manufacturer": "Siemens",
    "ManufacturersModelName": "Prisma_fit",
    "Modality": "MR",
    "PartialFourier": 1,
    "PatientPosition": "HFS",
    "PercentPhaseFOV": 100,
    "PhaseEncodingDirection": "j-",
    "PhaseEncodingSteps": 70,
    "PhaseResolution": 1,
    "PixelBandwidth": 2380,
    "ProcedureStepDescription": "Young_Minjae",
    "ProtocolName": "TPS_run7",
    "PulseSequenceDetails": "%SiemensSeq%_ep2d_pace",
    "ReceiveCoilActiveElements": "HEA;HEP",
    "ReceiveCoilName": "Head_32",
    "ReconMatrixPE": 70,
    "RepetitionTime": 2,
    "SAR": 0.0997052,
    "ScanOptions": "FS",
    "ScanningSequence": "EP",
    "SequenceName": "_epfid2d1_70",
    "SequenceVariant": "SK",
    "SeriesDescription": "TPS_run7",
    "SeriesNumber": 27,
    "ShimSetting": [
      -5624,
      -1622,
      3197,
      630,
      -37,
      -190,
      27,
      -18
    ],
    "SliceThickness": 3,
    "SliceTiming": [
      0,
      0.06,
      0.1225,
      0.185,
      0.2475,
      0.3075,
      0.37,
      0.4325,
      0.495,
      0.555,
      0.6175,
      0.68,
      0.7425,
      0.8025,
      0.865,
      0.9275,
      0.99,
      1.05,
      1.1125,
      1.175,
      1.2375,
      1.2975,
      1.36,
      1.4225,
      1.485,
      1.545,
      1.6075,
      1.67,
      1.7325,
      1.7925,
      1.855,
      1.9175
    ],
    "SoftwareVersions": "syngo_MR_E11",
    "SpacingBetweenSlices": 3.6,
    "StationName": "MRC35115",
    "TaskName": "tps",
    "TotalReadoutTime": 0.0338094,
    "TxRefAmp": 221.973,
    "dataset": "ds002793",
    "modality": "bold",
    "run_id": 7,
    "subject_id": "17",
    "task_id": "tps"
  },
  "dummy_trs": 0,
  "dvars_nstd": 20.8697771852439,
  "dvars_std": 1.2653240990243895,
  "dvars_vstd": 1.025830707012195,
  "efc": 0.5480741367572187,
  "fber": 394.49188232421875,
  "fd_mean": 0.13817806608216734,
  "fd_num": 15,
  "fd_perc": 9.090909090909092,
  "fwhm_avg": 2.699318356017022,
  "fwhm_x": 2.5969166666666665,
  "fwhm_y": 2.9321966666666666,
  "fwhm_z": 2.5688417347177332,
  "gcor": 0.0435425,
  "gsr_x": 0.009234308265149593,
  "gsr_y": 0.03633321821689606,
  "provenance": {
    "md5sum": "32fe6ded9eded699aede980fb8b83f03",
    "settings": {
      "fd_thres": 0.2,
      "testing": false
    },
    "software": "mriqc",
    "version": "22.0.6",
    "webapi_port": null,
    "webapi_url": "https://mriqc.nimh.nih.gov/api/v1"
  },
  "size_t": 165,
  "size_x": 70,
  "size_y": 70,
  "size_z": 32,
  "snr": 2.620273194827605,
  "spacing_tr": 2.0,
  "spacing_x": 3.0,
  "spacing_y": 3.0,
  "spacing_z": 3.5999999046325684,
  "summary_bg_k": 23.362085047157514,
  "summary_bg_mad": 7.215330985249884,
  "summary_bg_mean": 40.332427978515625,
  "summary_bg_median": 21.799999237060547,
  "summary_bg_n": 91794.0,
  "summary_bg_p05": 16.509090423583984,
  "summary_bg_p95": 137.20211715698238,
  "summary_bg_stdv": 52.6773681640625,
  "summary_fg_k": 0.1879564467848165,
  "summary_fg_mad": 166.68940902197218,
  "summary_fg_mean": 469.2264099121094,
  "summary_fg_median": 438.0727233886719,
  "summary_fg_n": 29787.0,
  "summary_fg_p05": 246.47514495849612,
  "summary_fg_p95": 779.4672668457029,
  "summary_fg_stdv": 167.18309020996094,
  "tsnr": 97.8100484595634
}