{
  "aor": 0.0015803636363636363,
  "aqi": 0.002565303939393939,
  "bids_meta": {
    "AcquisitionMatrixPE": 70,
    "AcquisitionNumber": 1,
    "AcquisitionTime": "19:17:24.185000",
    "BandwidthPerPixelPhaseEncode": 29.155,
    "BaseResolution": 70,
    "BodyPartExamined": "BRAIN",
    "ConsistencyInfo": "N4_VE11C_LATEST_20160120",
    "ConversionSoftware": "dcm2niix",
    "ConversionSoftwareVersion": "v1.0.20181125  (JP2:OpenJPEG) (JP-LS:CharLS) GCC5.5.0",
    "DerivedVendorReportedEchoSpacing": 0.000489992,
    "DeviceSerialNumber": "167012",
    "DwellTime": 3e-06,
    "EchoTime": 0.03,
    "EchoTrainLength": 70,
    "EffectiveEchoSpacing": 0.000489992,
    "FlipAngle": 90,
    "ImageOrientationPatientDICOM": [
      0.999192,
      -0.0329411,
      -0.0230111,
      0.0354164,
      0.992491,
      0.117079
    ],
    "ImageType": [
      "ORIGINAL",
      "PRIMARY",
      "M",
      "ND",
      "MOSAIC"
    ],
    "ImagingFrequency": 123.253,
    "InPlanePhaseEncodingDirectionDICOM": "COL",
    "InstitutionAddress": "Vassar_Street_43_Cambridge_Boston_US_02139",
    "InstitutionName": "McGovern_Institute_for_Brain_Research_(3T1)",
    "InstitutionalDepartmentName": "Department",
    "MRAcquisitionType": "2D",
    "MagneticFieldStrength": 3,
    "Manufacturer": "Siemens",
    "ManufacturersModelName": "Prisma_fit",
    "Modality": "MR",
    "PartialFourier": 1,
    "PatientPosition": "HFS",
    "PercentPhaseFOV": 100,
    "PhaseEncodingDirection": "j-",
    "PhaseEncodingSteps": 70,
    "PhaseResolution": 1,
    "PixelBandwidth": 2380,
    "ProcedureStepDescription": "Young_Minjae",
    "ProtocolName": "TPS_run9",
    "PulseSequenceDetails": "%SiemensSeq%_ep2d_pace",
    "ReceiveCoilActiveElements": "HEA;HEP",
    "ReceiveCoilName": "Head_32",
    "ReconMatrixPE": 70,
    "RepetitionTime": 2,
    "SAR": 0.0997052,
    "ScanOptions": "FS",
    "ScanningSequence": "EP",
    "SequenceName": "_epfid2d1_70",
    "SequenceVariant": "SK",
    "SeriesDescription": "TPS_run9",
    "SeriesNumber": 31,
    "ShimSetting": [
      -5624,
      -1622,
      3197,
      630,
      -37,
      -190,
      27,
      -18
    ],
    "SliceThickness": 3,
    "SliceTiming": [
      0,
      0.06,
      0.1225,
      0.185,
      0.2475,
      0.3075,
      0.37,
      0.4325,
      0.495,
      0.555,
      0.6175,
      0.68,
      0.7425,
      0.8025,
      0.865,
      0.9275,
      0.99,
      1.05,
      1.1125,
      1.175,
      1.2375,
      1.2975,
      1.36,
      1.4225,
      1.485,
      1.545,
      1.6075,
      1.67,
      1.7325,
      1.7925,
      1.855,
      1.9175
    ],
    "SoftwareVersions": "syngo_MR_E11",
    "SpacingBetweenSlices": 3.6,
    "StationName": "MRC35115",
    "TaskName": "tps",
    "TotalReadoutTime": 0.0338094,
    "TxRefAmp": 221.973,
    "dataset": "ds002793",
    "modality": "bold",
    "run_id": 9,
    "subject_id": "17",
    "task_id": "tps"
  },
  "dummy_trs": 0,
  "dvars_nstd": 21.887349954756107,
  "dvars_std": 1.243642937134146,
  "dvars_vstd": 1.0076593301219516,
  "efc": 0.5492242833732668,
  "fber": 390.3145751953125,
  "fd_mean": 0.15835980027109975,
  "fd_num": 32,
  "fd_perc": 19.393939393939394,
  "fwhm_avg": 2.6985578007080533,
  "fwhm_x": 2.578046666666667,
  "fwhm_y": 2.92086,
  "fwhm_z": 2.596766735457493,
  "gcor": 0.0441586,
  "gsr_x": 0.007793000433593988,
  "gsr_y": 0.03671491518616676,
  "provenance": {
    "md5sum": "73d323764059182ccf9d6705c865cf54",
    "settings": {
      "fd_thres": 0.2,
      "testing": false
    },
    "software": "mriqc",
    "version": "22.0.6",
    "webapi_port": null,
    "webapi_url": "https://mriqc.nimh.nih.gov/api/v1"
  },
  "size_t": 165,
  "size_x": 70,
  "size_y": 70,
  "size_z": 32,
  "snr": 2.6434682402206913,
  "spacing_tr": 2.0,
  "spacing_x": 3.0,
  "spacing_y": 3.0,
  "spacing_z": 3.5999999046325684,
  "summary_bg_k": 23.927058260369403,
  "summary_bg_mad": 7.179389147562952,
  "summary_bg_mean": 40.232505798339844,
  "summary_bg_median": 21.763635635375977,
  "summary_bg_n": 91753.0,
  "summary_bg_p05": 16.503028869628906,
  "summary_bg_p95": 137.72727050781234,
  "summary_bg_stdv": 52.566829681396484,
  "summary_fg_k": 0.19797755672338946,
  "summary_fg_mad": 164.5148910800017,
  "summary_fg_mean": 466.06689453125,
  "summary_fg_median": 436.0484619140625,
  "summary_fg_n": 29724.0,
  "summary_fg_p05": 247.20908813476564,
  "summary_fg_p95": 773.949981689453,
  "summary_fg_stdv": 164.9503936767578,
  "tsnr": 86.29919789358974
}