{
  "aor": 0.0021526470588235295,
  "aqi": 0.0020710483970588236,
  "bids_meta": {
    "AcquisitionMatrixPE": 70,
    "AcquisitionNumber": 1,
    "AcquisitionTime": "18:13:56.400000",
    "BandwidthPerPixelPhaseEncode": 29.155,
    "BaseResolution": 70,
    "BodyPartExamined": "BRAIN",
    "ConsistencyInfo": "N4_VE11C_LATEST_20160120",
    "ConversionSoftware": "dcm2niix",
    "ConversionSoftwareVersion": "v1.0.20181125  (JP2:OpenJPEG) (JP-LS:CharLS) GCC5.5.0",
    "DerivedVendorReportedEchoSpacing": 0.000489992,
    "DeviceSerialNumber": "167012",
    "DwellTime": 3e-06,
    "EchoTime": 0.03,
    "EchoTrainLength": 70,
    "EffectiveEchoSpacing": 0.000489992,
    "FlipAngle": 90,
    "ImageOrientationPatientDICOM": [
      0.999192,
      -0.0329411,
      -0.0230111,
      0.0354164,
      0.992491,
      0.117079
    ],
    "ImageType": [
      "ORIGINAL",
      "PRIMARY",
      "M",
      "ND",
      "MOSAIC"
    ],
    "ImagingFrequency": 123.253,
    "InPlanePhaseEncodingDirectionDICOM": "COL",
    "InstitutionAddress": "Vassar_Street_43_Cambridge_Boston_US_02139",
    "InstitutionName": "McGovern_Institute_for_Brain_Research_(3T1)",
    "InstitutionalDepartmentName": "Department",
    "MRAcquisitionType": "2D",
    "MagneticFieldStrength": 3,
    "Manufacturer": "Siemens",
    "ManufacturersModelName": "Prisma_fit",
    "Modality": "MR",
    "PartialFourier": 1,
    "PatientPosition": "HFS",
    "PercentPhaseFOV": 100,
    "PhaseEncodingDirection": "j-",
    "PhaseEncodingSteps": 70,
    "PhaseResolution": 1,
    "PixelBandwidth": 2380,
    "ProcedureStepDescription": "Young_Minjae",
    "ProtocolName": "tom_localizer_run1",
    "PulseSequenceDetails": "%SiemensSeq%_ep2d_pace",
    "ReceiveCoilActiveElements": "HEA;HEP",
    "ReceiveCoilName": "Head_32",
    "ReconMatrixPE": 70,
    "RepetitionTime": 2,
    "SAR": 0.0996116,
    "ScanOptions": "FS",
    "ScanningSequence": "EP",
    "SequenceName": "_epfid2d1_70",
    "SequenceVariant": "SK",
    "SeriesDescription": "tom_localizer_run1",
    "SeriesNumber": 11,
    "ShimSetting": [
      -5624,
      -1622,
      3197,
      630,
      -37,
      -190,
      27,
      -18
    ],
    "SliceThickness": 3,
    "SliceTiming": [
      0,
      0.06,
      0.1225,
      0.185,
      0.2475,
      0.3075,
      0.37,
      0.4325,
      0.495,
      0.555,
      0.6175,
      0.68,
      0.7425,
      0.8025,
      0.865,
      0.9275,
      0.99,
      1.05,
      1.1125,
      1.175,
      1.2375,
      1.2975,
      1.36,
      1.4225,
      1.485,
      1.545,
      1.6075,
      1.67,
      1.7325,
      1.7925,
      1.855,
      1.9175
    ],
    "SoftwareVersions": "syngo_MR_E11",
    "SpacingBetweenSlices": 3.6,
    "StationName": "MRC35115",
    "TaskName": "tom",
    "TotalReadoutTime": 0.0338094,
    "TxRefAmp": 221.973,
    "dataset": "ds002793",
    "modality": "bold",
    "run_id": 1,
    "subject_id": "17",
    "task_id": "tom"
  },
  "dummy_trs": 0,
  "dvars_nstd": 18.955486304740745,
  "dvars_std": 1.220889507777778,
  "dvars_vstd": 1.011001428888889,
  "efc": 0.5452236120646043,
  "fber": 403.1687927246094,
  "fd_mean": 0.12523654025565345,
  "fd_num": 10,
  "fd_perc": 7.352941176470588,
  "fwhm_avg": 2.753719652661355,
  "fwhm_x": 2.6452533333333332,
  "fwhm_y": 3.00765,
  "fwhm_z": 2.6082556246507336,
  "gcor": 0.0488612,
  "gsr_x": 0.0070189740508794785,
  "gsr_y": 0.03786148875951767,
  "provenance": {
    "md5sum": "129c146d1e12cdd7f73a0a0f4707a170",
    "settings": {
      "fd_thres": 0.2,
      "testing": false
    },
    "software": "mriqc",
    "version": "22.0.6",
    "webapi_port": null,
    "webapi_url": "https://mriqc.nimh.nih.gov/api/v1"
  },
  "size_t": 136,
  "size_x": 70,
  "size_y": 70,
  "size_z": 32,
  "snr": 2.585632890620457,
  "spacing_tr": 2.0,
  "spacing_x": 3.0,
  "spacing_y": 3.0,
  "spacing_z": 3.5999999046325684,
  "summary_bg_k": 25.310050127138798,
  "summary_bg_mad": 7.118672609641935,
  "summary_bg_mean": 39.19584274291992,
  "summary_bg_median": 21.602941513061523,
  "summary_bg_n": 91671.0,
  "summary_bg_p05": 16.397058486938477,
  "summary_bg_p95": 131.125,
  "summary_bg_stdv": 50.50760269165039,
  "summary_fg_k": 0.18095435149515282,
  "summary_fg_mad": 168.56967331623602,
  "summary_fg_mean": 471.2735900878906,
  "summary_fg_median": 438.83087158203125,
  "summary_fg_n": 29835.0,
  "summary_fg_p05": 246.0323501586914,
  "summary_fg_p95": 787.7433715820312,
  "summary_fg_stdv": 169.71609497070312,
  "tsnr": 95.52049754420295
}