{
  "aor": 0.002091463414634146,
  "aqi": 0.003766137073170731,
  "bids_meta": {
    "AcquisitionMatrixPE": 70,
    "AcquisitionNumber": 1,
    "AcquisitionTime": "18:38:23.835000",
    "BandwidthPerPixelPhaseEncode": 29.155,
    "BaseResolution": 70,
    "BodyPartExamined": "BRAIN",
    "ConsistencyInfo": "N4_VE11C_LATEST_20160120",
    "ConversionSoftware": "dcm2niix",
    "ConversionSoftwareVersion": "v1.0.20181125  (JP2:OpenJPEG) (JP-LS:CharLS) GCC5.5.0",
    "DerivedVendorReportedEchoSpacing": 0.000489992,
    "DeviceSerialNumber": "167012",
    "DwellTime": 3e-06,
    "EchoTime": 0.03,
    "EchoTrainLength": 70,
    "EffectiveEchoSpacing": 0.000489992,
    "FlipAngle": 90,
    "ImageOrientationPatientDICOM": [
      0.999192,
      -0.0329411,
      -0.0230111,
      0.0354164,
      0.992491,
      0.117079
    ],
    "ImageType": [
      "ORIGINAL",
      "PRIMARY",
      "M",
      "ND",
      "MOSAIC"
    ],
    "ImagingFrequency": 123.253,
    "InPlanePhaseEncodingDirectionDICOM": "COL",
    "InstitutionAddress": "Vassar_Street_43_Cambridge_Boston_US_02139",
    "InstitutionName": "McGovern_Institute_for_Brain_Research_(3T1)",
    "InstitutionalDepartmentName": "Department",
    "MRAcquisitionType": "2D",
    "MagneticFieldStrength": 3,
    "Manufacturer": "Siemens",
    "ManufacturersModelName": "Prisma_fit",
    "Modality": "MR",
    "PartialFourier": 1,
    "PatientPosition": "HFS",
    "PercentPhaseFOV": 100,
    "PhaseEncodingDirection": "j-",
    "PhaseEncodingSteps": 70,
    "PhaseResolution": 1,
    "PixelBandwidth": 2380,
    "ProcedureStepDescription": "Young_Minjae",
    "ProtocolName": "TPS_run3",
    "PulseSequenceDetails": "%SiemensSeq%_ep2d_pace",
    "ReceiveCoilActiveElements": "HEA;HEP",
    "ReceiveCoilName": "Head_32",
    "ReconMatrixPE": 70,
    "RepetitionTime": 2,
    "SAR": 0.0997052,
    "ScanOptions": "FS",
    "ScanningSequence": "EP",
    "SequenceName": "_epfid2d1_70",
    "SequenceVariant": "SK",
    "SeriesDescription": "TPS_run3",
    "SeriesNumber": 19,
    "ShimSetting": [
      -5624,
      -1622,
      3197,
      630,
      -37,
      -190,
      27,
      -18
    ],
    "SliceThickness": 3,
    "SliceTiming": [
      0,
      0.0625,
      0.125,
      0.1875,
      0.2475,
      0.31,
      0.3725,
      0.435,
      0.495,
      0.5575,
      0.62,
      0.6825,
      0.7425,
      0.805,
      0.8675,
      0.93,
      0.99,
      1.0525,
      1.115,
      1.1775,
      1.2375,
      1.3,
      1.3625,
      1.425,
      1.485,
      1.5475,
      1.61,
      1.6725,
      1.7325,
      1.795,
      1.8575,
      1.92
    ],
    "SoftwareVersions": "syngo_MR_E11",
    "SpacingBetweenSlices": 3.6,
    "StationName": "MRC35115",
    "TaskName": "tps",
    "TotalReadoutTime": 0.0338094,
    "TxRefAmp": 221.973,
    "dataset": "ds002793",
    "modality": "bold",
    "run_id": 3,
    "subject_id": "17",
    "task_id": "tps"
  },
  "dummy_trs": 1,
  "dvars_nstd": 26.42352115907976,
  "dvars_std": 1.2415082625153366,
  "dvars_vstd": 0.9924961315950916,
  "efc": 0.5469792915983772,
  "fber": 389.1433410644531,
  "fd_mean": 0.23084588452675087,
  "fd_num": 79,
  "fd_perc": 48.170731707317074,
  "fwhm_avg": 2.754547430425888,
  "fwhm_x": 2.6459566666666667,
  "fwhm_y": 3.01093,
  "fwhm_z": 2.6067556246109973,
  "gcor": 0.0396983,
  "gsr_x": 0.00838986411690712,
  "gsr_y": 0.03752601519227028,
  "provenance": {
    "md5sum": "fa397de9e36d673c8a5abaabd963942a",
    "settings": {
      "fd_thres": 0.2,
      "testing": false
    },
    "software": "mriqc",
    "version": "22.0.6",
    "webapi_port": null,
    "webapi_url": "https://mriqc.nimh.nih.gov/api/v1"
  },
  "size_t": 164,
  "size_x": 70,
  "size_y": 70,
  "size_z": 32,
  "snr": 2.5804324856341814,
  "spacing_tr": 2.0,
  "spacing_x": 3.0,
  "spacing_y": 3.0,
  "spacing_z": 3.5999999046325684,
  "summary_bg_k": 23.50080981795835,
  "summary_bg_mad": 7.349729704348768,
  "summary_bg_mean": 39.786407470703125,
  "summary_bg_median": 21.871950149536133,
  "summary_bg_n": 91659.0,
  "summary_bg_p05": 16.475608825683594,
  "summary_bg_p95": 134.2762130737303,
  "summary_bg_stdv": 51.12058639526367,
  "summary_fg_k": 0.16762254904871465,
  "summary_fg_mad": 168.25729887420223,
  "summary_fg_mean": 469.6139831542969,
  "summary_fg_median": 437.243896484375,
  "summary_fg_n": 29793.0,
  "summary_fg_p05": 244.94389648437502,
  "summary_fg_p95": 785.5792358398436,
  "summary_fg_stdv": 169.44313049316406,
  "tsnr": 71.85948789538816
}