{
  "bids_meta": {
    "AcquisitionMatrixPE": 256,
    "AcquisitionNumber": 1,
    "AcquisitionTime": "10:25:56.727500",
    "BaseResolution": 256,
    "BodyPartExamined": "BRAIN",
    "ConsistencyInfo": "N4_VE11C_LATEST_20160120",
    "ConversionSoftware": "dcm2niix",
    "ConversionSoftwareVersion": "v1.0.20181125  (JP2:OpenJPEG) (JP-LS:CharLS) GCC5.5.0",
    "DeviceSerialNumber": "167012",
    "DwellTime": 3e-06,
    "EchoTime": 0.00169,
    "FlipAngle": 7,
    "ImageOrientationPatientDICOM": [
      -0.0174775,
      0.966639,
      0.255546,
      0.0825154,
      0.256108,
      -0.96312
    ],
    "ImageType": [
      "ORIGINAL",
      "PRIMARY",
      "OTHER",
      "ND",
      "NORM",
      "MEAN"
    ],
    "ImagingFrequency": 123.253,
    "InPlanePhaseEncodingDirectionDICOM": "ROW",
    "InstitutionAddress": "Vassar_Street_43_Cambridge_Boston_US_02139",
    "InstitutionName": "McGovern_Institute_for_Brain_Research_(3T1)",
    "InstitutionalDepartmentName": "Department",
    "InversionTime": 1.4,
    "MRAcquisitionType": "3D",
    "MagneticFieldStrength": 3,
    "Manufacturer": "Siemens",
    "ManufacturersModelName": "Prisma_fit",
    "Modality": "MR",
    "PartialFourier": 1,
    "PatientPosition": "HFS",
    "PercentPhaseFOV": 100,
    "PhaseEncodingSteps": 255,
    "PhaseResolution": 1,
    "PixelBandwidth": 650,
    "ProcedureStepDescription": "Young_Minjae",
    "ProtocolName": "T1w_MPRAGE_FourEcho_vNav",
    "PulseSequenceDetails": "%CustomerSeq%_tfl_mgh_epinav_ABCD",
    "ReceiveCoilActiveElements": "HEA;HEP",
    "ReceiveCoilName": "Head_32",
    "ReconMatrixPE": 256,
    "RepetitionTime": 2.53,
    "SAR": 0.0337826,
    "ScanOptions": "IR_WE",
    "ScanningSequence": "GR_IR",
    "SequenceName": "tfl3d4_16ns",
    "SequenceVariant": "SK_SP_MP",
    "SeriesDescription": "T1w_MPRAGE_FourEcho_vNav_RMS",
    "SeriesNumber": 10,
    "ShimSetting": [
      -5586,
      -1618,
      3117,
      485,
      35,
      -245,
      -14,
      -31
    ],
    "SliceThickness": 1,
    "SoftwareVersions": "syngo_MR_E11",
    "StationName": "MRC35115",
    "TxRefAmp": 211.559,
    "WipMemBlock": "Prisma_epi_moco_navigator_ABCD_tfl.prot",
    "dataset": "ds002793",
    "modality": "T1w",
    "run_id": 1,
    "subject_id": "21"
  },
  "cjv": 0.3826357385267481,
  "cnr": 3.4081826867917973,
  "efc": 0.523277053980043,
  "fber": 33314.838788927336,
  "fwhm_avg": 4.030156666666667,
  "fwhm_x": 4.02277,
  "fwhm_y": 4.24337,
  "fwhm_z": 3.82433,
  "icvs_csf": 0.1898804382450093,
  "icvs_gm": 0.4343316378713797,
  "icvs_wm": 0.37578792388361104,
  "inu_med": 0.31812775135040283,
  "inu_range": 0.09300980269908904,
  "provenance": {
    "md5sum": "7b8cc9b4a20a33680c85c94d77300f42",
    "settings": {
      "testing": false
    },
    "software": "mriqc",
    "version": "22.0.6",
    "warnings": {
      "large_rot_frame": true,
      "small_air_mask": false
    },
    "webapi_port": null,
    "webapi_url": "https://mriqc.nimh.nih.gov/api/v1"
  },
  "qi_1": 0.0,
  "qi_2": 0.003032416955789214,
  "rpve_csf": 26.75404135755075,
  "rpve_gm": 12.38788172142426,
  "rpve_wm": 16.415557363803586,
  "size_x": 176,
  "size_y": 256,
  "size_z": 256,
  "snr_csf": 2.146813709897359,
  "snr_gm": 13.97239478870511,
  "snr_total": 16.950096595334298,
  "snr_wm": 34.73108128740042,
  "snrd_csf": 54.94446899197844,
  "snrd_gm": 140.04424622536746,
  "snrd_total": 124.49550130363245,
  "snrd_wm": 178.49778869355146,
  "spacing_x": 1.0,
  "spacing_y": 1.0,
  "spacing_z": 1.0,
  "summary_bg_k": 5.475673284370735,
  "summary_bg_mad": 0.0,
  "summary_bg_mean": 2.5216678221786877,
  "summary_bg_median": 0.0,
  "summary_bg_n": 2596124.0,
  "summary_bg_p05": 0.0,
  "summary_bg_p95": 10.328898264095187,
  "summary_bg_stdv": 3.6702772308020473,
  "summary_csf_k": -0.3130030726743165,
  "summary_csf_mad": 118.64652458049669,
  "summary_csf_mean": 298.5695960373143,
  "summary_csf_median": 307.8159502353519,
  "summary_csf_n": 31717.0,
  "summary_csf_p05": 48.64744785279036,
  "summary_csf_p95": 539.028060715273,
  "summary_csf_stdv": 143.38044155352276,
  "summary_gm_k": 0.024012454633176805,
  "summary_gm_mad": 55.20035719919206,
  "summary_gm_mean": 785.8957076526603,
  "summary_gm_median": 784.5712865684181,
  "summary_gm_n": 45764.0,
  "summary_gm_p05": 694.4012981448323,
  "summary_gm_p95": 881.2185474186203,
  "summary_gm_stdv": 56.15091231385277,
  "summary_wm_k": 0.5054789738148644,
  "summary_wm_mad": 27.23034990372055,
  "summary_wm_mean": 1000.5579392281353,
  "summary_wm_median": 999.9999535828829,
  "summary_wm_n": 229912.0,
  "summary_wm_p05": 954.0280414521694,
  "summary_wm_p95": 1048.3924125339836,
  "summary_wm_stdv": 28.79258985807256,
  "tpm_overlap_csf": 0.13644017390919022,
  "tpm_overlap_gm": 0.4539868396121314,
  "tpm_overlap_wm": 0.5024552474769421,
  "wm2max": 0.9264426451204273
}