{
  "aor": 0.004271454545454546,
  "aqi": 0.0021437367515151516,
  "bids_meta": {
    "AcquisitionMatrixPE": 70,
    "AcquisitionNumber": 1,
    "AcquisitionTime": "14:18:54.900000",
    "BandwidthPerPixelPhaseEncode": 29.155,
    "BaseResolution": 70,
    "BodyPartExamined": "BRAIN",
    "ConsistencyInfo": "N4_VE11C_LATEST_20160120",
    "ConversionSoftware": "dcm2niix",
    "ConversionSoftwareVersion": "v1.0.20181125  (JP2:OpenJPEG) (JP-LS:CharLS) GCC5.5.0",
    "DerivedVendorReportedEchoSpacing": 0.000489992,
    "DeviceSerialNumber": "167012",
    "DwellTime": 3e-06,
    "EchoTime": 0.03,
    "EchoTrainLength": 70,
    "EffectiveEchoSpacing": 0.000489992,
    "FlipAngle": 90,
    "ImageOrientationPatientDICOM": [
      0.993293,
      -0.103907,
      0.0507198,
      0.0977433,
      0.988918,
      0.111743
    ],
    "ImageType": [
      "ORIGINAL",
      "PRIMARY",
      "M",
      "ND",
      "MOSAIC"
    ],
    "ImagingFrequency": 123.253,
    "InPlanePhaseEncodingDirectionDICOM": "COL",
    "InstitutionAddress": "Vassar_Street_43_Cambridge_Boston_US_02139",
    "InstitutionName": "McGovern_Institute_for_Brain_Research_(3T1)",
    "InstitutionalDepartmentName": "Department",
    "MRAcquisitionType": "2D",
    "MagneticFieldStrength": 3,
    "Manufacturer": "Siemens",
    "ManufacturersModelName": "Prisma_fit",
    "Modality": "MR",
    "PartialFourier": 1,
    "PatientPosition": "HFS",
    "PercentPhaseFOV": 100,
    "PhaseEncodingDirection": "j-",
    "PhaseEncodingSteps": 70,
    "PhaseResolution": 1,
    "PixelBandwidth": 2380,
    "ProcedureStepDescription": "Young_Minjae",
    "ProtocolName": "TPS_run5",
    "PulseSequenceDetails": "%SiemensSeq%_ep2d_pace",
    "ReceiveCoilActiveElements": "HEA;HEP",
    "ReceiveCoilName": "Head_32",
    "ReconMatrixPE": 70,
    "RepetitionTime": 2,
    "SAR": 0.115254,
    "ScanOptions": "FS",
    "ScanningSequence": "EP",
    "SequenceName": "_epfid2d1_70",
    "SequenceVariant": "SK",
    "SeriesDescription": "TPS_run5",
    "SeriesNumber": 23,
    "ShimSetting": [
      -5632,
      -1612,
      3262,
      556,
      -53,
      -162,
      78,
      30
    ],
    "SliceThickness": 3,
    "SliceTiming": [
      0,
      0.0625,
      0.125,
      0.1875,
      0.2475,
      0.31,
      0.3725,
      0.435,
      0.495,
      0.5575,
      0.62,
      0.6825,
      0.7425,
      0.805,
      0.8675,
      0.93,
      0.99,
      1.0525,
      1.115,
      1.1775,
      1.2375,
      1.3,
      1.3625,
      1.425,
      1.485,
      1.5475,
      1.61,
      1.6725,
      1.7325,
      1.795,
      1.8575,
      1.92
    ],
    "SoftwareVersions": "syngo_MR_E11",
    "SpacingBetweenSlices": 3.6,
    "StationName": "MRC35115",
    "TaskName": "tps",
    "TotalReadoutTime": 0.0338094,
    "TxRefAmp": 249.426,
    "dataset": "ds002793",
    "modality": "bold",
    "run_id": 5,
    "subject_id": "20",
    "task_id": "tps"
  },
  "dummy_trs": 0,
  "dvars_nstd": 21.770950014939014,
  "dvars_std": 1.2588099459146345,
  "dvars_vstd": 1.0499850398780486,
  "efc": 0.579412127385543,
  "fber": 352.5489501953125,
  "fd_mean": 0.1822888296918553,
  "fd_num": 62,
  "fd_perc": 37.57575757575758,
  "fwhm_avg": 2.814738976059586,
  "fwhm_x": 2.597116666666667,
  "fwhm_y": 3.0266,
  "fwhm_z": 2.820500261512092,
  "gcor": 0.0169129,
  "gsr_x": -0.006365720182657242,
  "gsr_y": 0.08676788210868835,
  "provenance": {
    "md5sum": "92151c577325f7a3a3893402f58d4d2d",
    "settings": {
      "fd_thres": 0.2,
      "testing": false
    },
    "software": "mriqc",
    "version": "22.0.6",
    "webapi_port": null,
    "webapi_url": "https://mriqc.nimh.nih.gov/api/v1"
  },
  "size_t": 165,
  "size_x": 70,
  "size_y": 70,
  "size_z": 32,
  "snr": 2.3651333662622,
  "spacing_tr": 2.0,
  "spacing_x": 3.0,
  "spacing_y": 3.0,
  "spacing_z": 3.5999996662139893,
  "summary_bg_k": 20.86836838839399,
  "summary_bg_mad": 6.253885413204796,
  "summary_bg_mean": 43.50914001464844,
  "summary_bg_median": 21.224241256713867,
  "summary_bg_n": 85420.0,
  "summary_bg_p05": 16.763635635375977,
  "summary_bg_p95": 157.83787994384775,
  "summary_bg_stdv": 57.973724365234375,
  "summary_fg_k": 0.3929598691726306,
  "summary_fg_mad": 164.42055436047093,
  "summary_fg_mean": 443.12298583984375,
  "summary_fg_median": 407.5363464355469,
  "summary_fg_n": 35038.0,
  "summary_fg_p05": 222.75302276611328,
  "summary_fg_p95": 774.8572204589844,
  "summary_fg_stdv": 172.30763244628906,
  "tsnr": 81.34151200368069
}