{
  "aor": 0.0035793292682926832,
  "aqi": 0.002379091493902439,
  "bids_meta": {
    "AcquisitionMatrixPE": 70,
    "AcquisitionNumber": 1,
    "AcquisitionTime": "14:51:42.672500",
    "BandwidthPerPixelPhaseEncode": 29.155,
    "BaseResolution": 70,
    "BodyPartExamined": "BRAIN",
    "ConsistencyInfo": "N4_VE11C_LATEST_20160120",
    "ConversionSoftware": "dcm2niix",
    "ConversionSoftwareVersion": "v1.0.20181125  (JP2:OpenJPEG) (JP-LS:CharLS) GCC5.5.0",
    "DerivedVendorReportedEchoSpacing": 0.000489992,
    "DeviceSerialNumber": "167012",
    "DwellTime": 3e-06,
    "EchoTime": 0.03,
    "EchoTrainLength": 70,
    "EffectiveEchoSpacing": 0.000489992,
    "FlipAngle": 90,
    "ImageOrientationPatientDICOM": [
      0.993293,
      -0.103907,
      0.0507198,
      0.0977433,
      0.988918,
      0.111743
    ],
    "ImageType": [
      "ORIGINAL",
      "PRIMARY",
      "M",
      "ND",
      "MOSAIC"
    ],
    "ImagingFrequency": 123.253,
    "InPlanePhaseEncodingDirectionDICOM": "COL",
    "InstitutionAddress": "Vassar_Street_43_Cambridge_Boston_US_02139",
    "InstitutionName": "McGovern_Institute_for_Brain_Research_(3T1)",
    "InstitutionalDepartmentName": "Department",
    "MRAcquisitionType": "2D",
    "MagneticFieldStrength": 3,
    "Manufacturer": "Siemens",
    "ManufacturersModelName": "Prisma_fit",
    "Modality": "MR",
    "PartialFourier": 1,
    "PatientPosition": "HFS",
    "PercentPhaseFOV": 100,
    "PhaseEncodingDirection": "j-",
    "PhaseEncodingSteps": 70,
    "PhaseResolution": 1,
    "PixelBandwidth": 2380,
    "ProcedureStepDescription": "Young_Minjae",
    "ProtocolName": "TPS_run10",
    "PulseSequenceDetails": "%SiemensSeq%_ep2d_pace",
    "ReceiveCoilActiveElements": "HEA;HEP",
    "ReceiveCoilName": "Head_32",
    "ReconMatrixPE": 70,
    "RepetitionTime": 2,
    "SAR": 0.115254,
    "ScanOptions": "FS",
    "ScanningSequence": "EP",
    "SequenceName": "_epfid2d1_70",
    "SequenceVariant": "SK",
    "SeriesDescription": "TPS_run10",
    "SeriesNumber": 33,
    "ShimSetting": [
      -5632,
      -1612,
      3262,
      556,
      -53,
      -162,
      78,
      30
    ],
    "SliceThickness": 3,
    "SliceTiming": [
      0,
      0.0625,
      0.125,
      0.185,
      0.2475,
      0.31,
      0.3725,
      0.4325,
      0.495,
      0.5575,
      0.62,
      0.68,
      0.7425,
      0.805,
      0.8675,
      0.9275,
      0.99,
      1.0525,
      1.115,
      1.175,
      1.2375,
      1.3,
      1.3625,
      1.4225,
      1.485,
      1.5475,
      1.61,
      1.67,
      1.7325,
      1.795,
      1.8575,
      1.9175
    ],
    "SoftwareVersions": "syngo_MR_E11",
    "SpacingBetweenSlices": 3.6,
    "StationName": "MRC35115",
    "TaskName": "tps",
    "TotalReadoutTime": 0.0338094,
    "TxRefAmp": 249.426,
    "dataset": "ds002793",
    "modality": "bold",
    "run_id": 10,
    "subject_id": "20",
    "task_id": "tps"
  },
  "dummy_trs": 1,
  "dvars_nstd": 22.422146001533747,
  "dvars_std": 1.21213299208589,
  "dvars_vstd": 1.0169378511656444,
  "efc": 0.5712733815203966,
  "fber": 378.1933288574219,
  "fd_mean": 0.1906533572169856,
  "fd_num": 62,
  "fd_perc": 37.80487804878049,
  "fwhm_avg": 2.8091886071667,
  "fwhm_x": 2.540833333333333,
  "fwhm_y": 3.0184266666666666,
  "fwhm_z": 2.8683058215000994,
  "gcor": 0.0215477,
  "gsr_x": 0.006749990861862898,
  "gsr_y": 0.09199792891740799,
  "provenance": {
    "md5sum": "64187e3e9f7136b48befb9183ad3b5e5",
    "settings": {
      "fd_thres": 0.2,
      "testing": false
    },
    "software": "mriqc",
    "version": "22.0.6",
    "webapi_port": null,
    "webapi_url": "https://mriqc.nimh.nih.gov/api/v1"
  },
  "size_t": 164,
  "size_x": 70,
  "size_y": 70,
  "size_z": 32,
  "snr": 2.399489933112323,
  "spacing_tr": 2.0,
  "spacing_x": 3.0,
  "spacing_y": 3.0,
  "spacing_z": 3.5999996662139893,
  "summary_bg_k": 26.138070203299346,
  "summary_bg_mad": 4.664772626919627,
  "summary_bg_mean": 39.75712203979492,
  "summary_bg_median": 19.737804412841797,
  "summary_bg_n": 88074.0,
  "summary_bg_p05": 16.390243530273438,
  "summary_bg_p95": 140.6161544799803,
  "summary_bg_stdv": 54.05409622192383,
  "summary_fg_k": 0.48804958853141134,
  "summary_fg_mad": 150.38467572530726,
  "summary_fg_mean": 421.7973327636719,
  "summary_fg_median": 387.3231506347656,
  "summary_fg_n": 33383.0,
  "summary_fg_p05": 218.4884033203125,
  "summary_fg_p95": 739.4542297363281,
  "summary_fg_stdv": 161.41653442382812,
  "tsnr": 80.30079664895311
}