{
  "aor": 0.003921280487804879,
  "aqi": 0.0019427828597560976,
  "bids_meta": {
    "AcquisitionMatrixPE": 70,
    "AcquisitionNumber": 1,
    "AcquisitionTime": "13:59:29.595000",
    "BandwidthPerPixelPhaseEncode": 29.155,
    "BaseResolution": 70,
    "BodyPartExamined": "BRAIN",
    "ConsistencyInfo": "N4_VE11C_LATEST_20160120",
    "ConversionSoftware": "dcm2niix",
    "ConversionSoftwareVersion": "v1.0.20181125  (JP2:OpenJPEG) (JP-LS:CharLS) GCC5.5.0",
    "DerivedVendorReportedEchoSpacing": 0.000489992,
    "DeviceSerialNumber": "167012",
    "DwellTime": 3e-06,
    "EchoTime": 0.03,
    "EchoTrainLength": 70,
    "EffectiveEchoSpacing": 0.000489992,
    "FlipAngle": 90,
    "ImageOrientationPatientDICOM": [
      0.993293,
      -0.103907,
      0.0507198,
      0.0977433,
      0.988918,
      0.111743
    ],
    "ImageType": [
      "ORIGINAL",
      "PRIMARY",
      "M",
      "ND",
      "MOSAIC"
    ],
    "ImagingFrequency": 123.253,
    "InPlanePhaseEncodingDirectionDICOM": "COL",
    "InstitutionAddress": "Vassar_Street_43_Cambridge_Boston_US_02139",
    "InstitutionName": "McGovern_Institute_for_Brain_Research_(3T1)",
    "InstitutionalDepartmentName": "Department",
    "MRAcquisitionType": "2D",
    "MagneticFieldStrength": 3,
    "Manufacturer": "Siemens",
    "ManufacturersModelName": "Prisma_fit",
    "Modality": "MR",
    "PartialFourier": 1,
    "PatientPosition": "HFS",
    "PercentPhaseFOV": 100,
    "PhaseEncodingDirection": "j-",
    "PhaseEncodingSteps": 70,
    "PhaseResolution": 1,
    "PixelBandwidth": 2380,
    "ProcedureStepDescription": "Young_Minjae",
    "ProtocolName": "TPS_run2",
    "PulseSequenceDetails": "%SiemensSeq%_ep2d_pace",
    "ReceiveCoilActiveElements": "HEA;HEP",
    "ReceiveCoilName": "Head_32",
    "ReconMatrixPE": 70,
    "RepetitionTime": 2,
    "SAR": 0.115254,
    "ScanOptions": "FS",
    "ScanningSequence": "EP",
    "SequenceName": "_epfid2d1_70",
    "SequenceVariant": "SK",
    "SeriesDescription": "TPS_run2",
    "SeriesNumber": 17,
    "ShimSetting": [
      -5632,
      -1612,
      3262,
      556,
      -53,
      -162,
      78,
      30
    ],
    "SliceThickness": 3,
    "SliceTiming": [
      0,
      0.0625,
      0.1225,
      0.185,
      0.2475,
      0.31,
      0.37,
      0.4325,
      0.495,
      0.5575,
      0.6175,
      0.68,
      0.7425,
      0.805,
      0.865,
      0.9275,
      0.99,
      1.0525,
      1.1125,
      1.175,
      1.2375,
      1.3,
      1.36,
      1.4225,
      1.485,
      1.5475,
      1.6075,
      1.67,
      1.7325,
      1.795,
      1.855,
      1.9175
    ],
    "SoftwareVersions": "syngo_MR_E11",
    "SpacingBetweenSlices": 3.6,
    "StationName": "MRC35115",
    "TaskName": "tps",
    "TotalReadoutTime": 0.0338094,
    "TxRefAmp": 249.426,
    "dataset": "ds002793",
    "modality": "bold",
    "run_id": 2,
    "subject_id": "20",
    "task_id": "tps"
  },
  "dummy_trs": 1,
  "dvars_nstd": 20.288879365337422,
  "dvars_std": 1.2331145481595092,
  "dvars_vstd": 1.0317858138036815,
  "efc": 0.5747609810615937,
  "fber": 366.0176086425781,
  "fd_mean": 0.1386989330397843,
  "fd_num": 31,
  "fd_perc": 18.902439024390244,
  "fwhm_avg": 2.7880208271508042,
  "fwhm_x": 2.55876,
  "fwhm_y": 3.0094133333333333,
  "fwhm_z": 2.7958891481190795,
  "gcor": 0.0258874,
  "gsr_x": -0.004208602011203766,
  "gsr_y": 0.07844646275043488,
  "provenance": {
    "md5sum": "047665d34307186e60d6ea92fceadfd9",
    "settings": {
      "fd_thres": 0.2,
      "testing": false
    },
    "software": "mriqc",
    "version": "22.0.6",
    "webapi_port": null,
    "webapi_url": "https://mriqc.nimh.nih.gov/api/v1"
  },
  "size_t": 164,
  "size_x": 70,
  "size_y": 70,
  "size_z": 32,
  "snr": 2.340951832403682,
  "spacing_tr": 2.0,
  "spacing_x": 3.0,
  "spacing_y": 3.0,
  "spacing_z": 3.5999996662139893,
  "summary_bg_k": 27.664128900010912,
  "summary_bg_mad": 6.264897019495347,
  "summary_bg_mean": 42.44695281982422,
  "summary_bg_median": 21.21341323852539,
  "summary_bg_n": 85567.0,
  "summary_bg_p05": 16.71341323852539,
  "summary_bg_p95": 150.72987365722653,
  "summary_bg_stdv": 57.1345100402832,
  "summary_fg_k": 0.7147784511615018,
  "summary_fg_mad": 167.52049968513808,
  "summary_fg_mean": 451.2867126464844,
  "summary_fg_median": 415.05792236328125,
  "summary_fg_n": 34724.0,
  "summary_fg_p05": 227.00272903442382,
  "summary_fg_p95": 787.9259033203125,
  "summary_fg_stdv": 177.30050659179688,
  "tsnr": 86.49945788551122
}