{
  "aor": 0.0022919512195121957,
  "aqi": 0.0015772624329268292,
  "bids_meta": {
    "AcquisitionMatrixPE": 70,
    "AcquisitionNumber": 1,
    "AcquisitionTime": "14:25:47.480000",
    "BandwidthPerPixelPhaseEncode": 29.155,
    "BaseResolution": 70,
    "BodyPartExamined": "BRAIN",
    "ConsistencyInfo": "N4_VE11C_LATEST_20160120",
    "ConversionSoftware": "dcm2niix",
    "ConversionSoftwareVersion": "v1.0.20181125  (JP2:OpenJPEG) (JP-LS:CharLS) GCC5.5.0",
    "DerivedVendorReportedEchoSpacing": 0.000489992,
    "DeviceSerialNumber": "167012",
    "DwellTime": 3e-06,
    "EchoTime": 0.03,
    "EchoTrainLength": 70,
    "EffectiveEchoSpacing": 0.000489992,
    "FlipAngle": 90,
    "ImageOrientationPatientDICOM": [
      0.993293,
      -0.103907,
      0.0507198,
      0.0977433,
      0.988918,
      0.111743
    ],
    "ImageType": [
      "ORIGINAL",
      "PRIMARY",
      "M",
      "ND",
      "MOSAIC"
    ],
    "ImagingFrequency": 123.253,
    "InPlanePhaseEncodingDirectionDICOM": "COL",
    "InstitutionAddress": "Vassar_Street_43_Cambridge_Boston_US_02139",
    "InstitutionName": "McGovern_Institute_for_Brain_Research_(3T1)",
    "InstitutionalDepartmentName": "Department",
    "MRAcquisitionType": "2D",
    "MagneticFieldStrength": 3,
    "Manufacturer": "Siemens",
    "ManufacturersModelName": "Prisma_fit",
    "Modality": "MR",
    "PartialFourier": 1,
    "PatientPosition": "HFS",
    "PercentPhaseFOV": 100,
    "PhaseEncodingDirection": "j-",
    "PhaseEncodingSteps": 70,
    "PhaseResolution": 1,
    "PixelBandwidth": 2380,
    "ProcedureStepDescription": "Young_Minjae",
    "ProtocolName": "TPS_run6",
    "PulseSequenceDetails": "%SiemensSeq%_ep2d_pace",
    "ReceiveCoilActiveElements": "HEA;HEP",
    "ReceiveCoilName": "Head_32",
    "ReconMatrixPE": 70,
    "RepetitionTime": 2,
    "SAR": 0.115254,
    "ScanOptions": "FS",
    "ScanningSequence": "EP",
    "SequenceName": "_epfid2d1_70",
    "SequenceVariant": "SK",
    "SeriesDescription": "TPS_run6",
    "SeriesNumber": 25,
    "ShimSetting": [
      -5632,
      -1612,
      3262,
      556,
      -53,
      -162,
      78,
      30
    ],
    "SliceThickness": 3,
    "SliceTiming": [
      0,
      0.0625,
      0.1225,
      0.185,
      0.2475,
      0.31,
      0.37,
      0.4325,
      0.495,
      0.5575,
      0.6175,
      0.68,
      0.7425,
      0.805,
      0.865,
      0.9275,
      0.99,
      1.0525,
      1.1125,
      1.175,
      1.2375,
      1.3,
      1.36,
      1.4225,
      1.485,
      1.5475,
      1.6075,
      1.67,
      1.7325,
      1.795,
      1.855,
      1.9175
    ],
    "SoftwareVersions": "syngo_MR_E11",
    "SpacingBetweenSlices": 3.6,
    "StationName": "MRC35115",
    "TaskName": "tps",
    "TotalReadoutTime": 0.0338094,
    "TxRefAmp": 249.426,
    "dataset": "ds002793",
    "modality": "bold",
    "run_id": 6,
    "subject_id": "20",
    "task_id": "tps"
  },
  "dummy_trs": 1,
  "dvars_nstd": 19.932062096134967,
  "dvars_std": 1.1906774046625772,
  "dvars_vstd": 1.0029449798159513,
  "efc": 0.5791257761308933,
  "fber": 351.990234375,
  "fd_mean": 0.16245400481286768,
  "fd_num": 43,
  "fd_perc": 26.21951219512195,
  "fwhm_avg": 2.8275645316924067,
  "fwhm_x": 2.6248133333333334,
  "fwhm_y": 3.03488,
  "fwhm_z": 2.823000261743888,
  "gcor": 0.0226084,
  "gsr_x": -0.008686578832566738,
  "gsr_y": 0.08323511481285095,
  "provenance": {
    "md5sum": "1b693985f248674699ffada9fcf2fb97",
    "settings": {
      "fd_thres": 0.2,
      "testing": false
    },
    "software": "mriqc",
    "version": "22.0.6",
    "webapi_port": null,
    "webapi_url": "https://mriqc.nimh.nih.gov/api/v1"
  },
  "size_t": 164,
  "size_x": 70,
  "size_y": 70,
  "size_z": 32,
  "snr": 2.379203948787966,
  "spacing_tr": 2.0,
  "spacing_x": 3.0,
  "spacing_y": 3.0,
  "spacing_z": 3.5999996662139893,
  "summary_bg_k": 20.979598844814326,
  "summary_bg_mad": 6.138334243136864,
  "summary_bg_mean": 42.73661422729492,
  "summary_bg_median": 21.15853500366211,
  "summary_bg_n": 85188.0,
  "summary_bg_p05": 16.774389266967773,
  "summary_bg_p95": 154.13170394897446,
  "summary_bg_stdv": 56.41157913208008,
  "summary_fg_k": 0.3863274295068475,
  "summary_fg_mad": 163.97217215876833,
  "summary_fg_mean": 443.0653991699219,
  "summary_fg_median": 407.42987060546875,
  "summary_fg_n": 34974.0,
  "summary_fg_p05": 224.0649314880371,
  "summary_fg_p95": 770.5030303955077,
  "summary_fg_stdv": 171.2438507080078,
  "tsnr": 91.81095308810472
}