{
  "aor": 0.004995878787878788,
  "aqi": 0.0022531133030303033,
  "bids_meta": {
    "AcquisitionMatrixPE": 70,
    "AcquisitionNumber": 1,
    "AcquisitionTime": "14:05:59.157500",
    "BandwidthPerPixelPhaseEncode": 29.155,
    "BaseResolution": 70,
    "BodyPartExamined": "BRAIN",
    "ConsistencyInfo": "N4_VE11C_LATEST_20160120",
    "ConversionSoftware": "dcm2niix",
    "ConversionSoftwareVersion": "v1.0.20181125  (JP2:OpenJPEG) (JP-LS:CharLS) GCC5.5.0",
    "DerivedVendorReportedEchoSpacing": 0.000489992,
    "DeviceSerialNumber": "167012",
    "DwellTime": 3e-06,
    "EchoTime": 0.03,
    "EchoTrainLength": 70,
    "EffectiveEchoSpacing": 0.000489992,
    "FlipAngle": 90,
    "ImageOrientationPatientDICOM": [
      0.993293,
      -0.103907,
      0.0507198,
      0.0977433,
      0.988918,
      0.111743
    ],
    "ImageType": [
      "ORIGINAL",
      "PRIMARY",
      "M",
      "ND",
      "MOSAIC"
    ],
    "ImagingFrequency": 123.253,
    "InPlanePhaseEncodingDirectionDICOM": "COL",
    "InstitutionAddress": "Vassar_Street_43_Cambridge_Boston_US_02139",
    "InstitutionName": "McGovern_Institute_for_Brain_Research_(3T1)",
    "InstitutionalDepartmentName": "Department",
    "MRAcquisitionType": "2D",
    "MagneticFieldStrength": 3,
    "Manufacturer": "Siemens",
    "ManufacturersModelName": "Prisma_fit",
    "Modality": "MR",
    "PartialFourier": 1,
    "PatientPosition": "HFS",
    "PercentPhaseFOV": 100,
    "PhaseEncodingDirection": "j-",
    "PhaseEncodingSteps": 70,
    "PhaseResolution": 1,
    "PixelBandwidth": 2380,
    "ProcedureStepDescription": "Young_Minjae",
    "ProtocolName": "TPS_run3",
    "PulseSequenceDetails": "%SiemensSeq%_ep2d_pace",
    "ReceiveCoilActiveElements": "HEA;HEP",
    "ReceiveCoilName": "Head_32",
    "ReconMatrixPE": 70,
    "RepetitionTime": 2,
    "SAR": 0.115254,
    "ScanOptions": "FS",
    "ScanningSequence": "EP",
    "SequenceName": "_epfid2d1_70",
    "SequenceVariant": "SK",
    "SeriesDescription": "TPS_run3",
    "SeriesNumber": 19,
    "ShimSetting": [
      -5632,
      -1612,
      3262,
      556,
      -53,
      -162,
      78,
      30
    ],
    "SliceThickness": 3,
    "SliceTiming": [
      0,
      0.0625,
      0.125,
      0.185,
      0.2475,
      0.31,
      0.3725,
      0.4325,
      0.495,
      0.5575,
      0.6175,
      0.68,
      0.7425,
      0.805,
      0.865,
      0.9275,
      0.99,
      1.0525,
      1.1125,
      1.175,
      1.2375,
      1.3,
      1.36,
      1.4225,
      1.485,
      1.5475,
      1.6075,
      1.67,
      1.7325,
      1.795,
      1.855,
      1.9175
    ],
    "SoftwareVersions": "syngo_MR_E11",
    "SpacingBetweenSlices": 3.6,
    "StationName": "MRC35115",
    "TaskName": "tps",
    "TotalReadoutTime": 0.0338094,
    "TxRefAmp": 249.426,
    "dataset": "ds002793",
    "modality": "bold",
    "run_id": 3,
    "subject_id": "20",
    "task_id": "tps"
  },
  "dummy_trs": 0,
  "dvars_nstd": 21.13098846408537,
  "dvars_std": 1.2404017206707323,
  "dvars_vstd": 1.039498858719512,
  "efc": 0.5722370081237418,
  "fber": 371.9881896972656,
  "fd_mean": 0.1610075875324323,
  "fd_num": 31,
  "fd_perc": 18.78787878787879,
  "fwhm_avg": 2.7564860119539554,
  "fwhm_x": 2.50247,
  "fwhm_y": 2.9834599999999996,
  "fwhm_z": 2.7835280358618664,
  "gcor": 0.0342268,
  "gsr_x": 6.39677673461847e-05,
  "gsr_y": 0.07881473749876022,
  "provenance": {
    "md5sum": "9857076b35c0f41f6f5fd0b083025fac",
    "settings": {
      "fd_thres": 0.2,
      "testing": false
    },
    "software": "mriqc",
    "version": "22.0.6",
    "webapi_port": null,
    "webapi_url": "https://mriqc.nimh.nih.gov/api/v1"
  },
  "size_t": 165,
  "size_x": 70,
  "size_y": 70,
  "size_z": 32,
  "snr": 2.3432130435106613,
  "spacing_tr": 2.0,
  "spacing_x": 3.0,
  "spacing_y": 3.0,
  "spacing_z": 3.5999996662139893,
  "summary_bg_k": 27.31838692170692,
  "summary_bg_mad": 5.678816010213883,
  "summary_bg_mean": 41.060340881347656,
  "summary_bg_median": 20.63030242919922,
  "summary_bg_n": 86588.0,
  "summary_bg_p05": 16.600000381469727,
  "summary_bg_p95": 146.07454071044916,
  "summary_bg_stdv": 54.83468246459961,
  "summary_fg_k": 0.7335097852338568,
  "summary_fg_mad": 162.74477678271515,
  "summary_fg_mean": 441.1741027832031,
  "summary_fg_median": 404.566650390625,
  "summary_fg_n": 34336.0,
  "summary_fg_p05": 223.89241409301758,
  "summary_fg_p95": 772.9939270019531,
  "summary_fg_stdv": 172.6521453857422,
  "tsnr": 86.78973455075175
}