{
  "aor": 0.0023350609756097557,
  "aqi": 0.0016073527682926832,
  "bids_meta": {
    "AcquisitionMatrixPE": 70,
    "AcquisitionNumber": 1,
    "AcquisitionTime": "13:53:5.282500",
    "BandwidthPerPixelPhaseEncode": 29.155,
    "BaseResolution": 70,
    "BodyPartExamined": "BRAIN",
    "ConsistencyInfo": "N4_VE11C_LATEST_20160120",
    "ConversionSoftware": "dcm2niix",
    "ConversionSoftwareVersion": "v1.0.20181125  (JP2:OpenJPEG) (JP-LS:CharLS) GCC5.5.0",
    "DerivedVendorReportedEchoSpacing": 0.000489992,
    "DeviceSerialNumber": "167012",
    "DwellTime": 3e-06,
    "EchoTime": 0.03,
    "EchoTrainLength": 70,
    "EffectiveEchoSpacing": 0.000489992,
    "FlipAngle": 90,
    "ImageOrientationPatientDICOM": [
      0.993293,
      -0.103907,
      0.0507198,
      0.0977433,
      0.988918,
      0.111743
    ],
    "ImageType": [
      "ORIGINAL",
      "PRIMARY",
      "M",
      "ND",
      "MOSAIC"
    ],
    "ImagingFrequency": 123.253,
    "InPlanePhaseEncodingDirectionDICOM": "COL",
    "InstitutionAddress": "Vassar_Street_43_Cambridge_Boston_US_02139",
    "InstitutionName": "McGovern_Institute_for_Brain_Research_(3T1)",
    "InstitutionalDepartmentName": "Department",
    "MRAcquisitionType": "2D",
    "MagneticFieldStrength": 3,
    "Manufacturer": "Siemens",
    "ManufacturersModelName": "Prisma_fit",
    "Modality": "MR",
    "PartialFourier": 1,
    "PatientPosition": "HFS",
    "PercentPhaseFOV": 100,
    "PhaseEncodingDirection": "j-",
    "PhaseEncodingSteps": 70,
    "PhaseResolution": 1,
    "PixelBandwidth": 2380,
    "ProcedureStepDescription": "Young_Minjae",
    "ProtocolName": "TPS_run1",
    "PulseSequenceDetails": "%SiemensSeq%_ep2d_pace",
    "ReceiveCoilActiveElements": "HEA;HEP",
    "ReceiveCoilName": "Head_32",
    "ReconMatrixPE": 70,
    "RepetitionTime": 2,
    "SAR": 0.115254,
    "ScanOptions": "FS",
    "ScanningSequence": "EP",
    "SequenceName": "_epfid2d1_70",
    "SequenceVariant": "SK",
    "SeriesDescription": "TPS_run1",
    "SeriesNumber": 15,
    "ShimSetting": [
      -5632,
      -1612,
      3262,
      556,
      -53,
      -162,
      78,
      30
    ],
    "SliceThickness": 3,
    "SliceTiming": [
      0,
      0.0625,
      0.125,
      0.1875,
      0.2475,
      0.31,
      0.3725,
      0.435,
      0.495,
      0.5575,
      0.62,
      0.6825,
      0.7425,
      0.805,
      0.8675,
      0.93,
      0.99,
      1.0525,
      1.115,
      1.1775,
      1.2375,
      1.3,
      1.3625,
      1.425,
      1.485,
      1.5475,
      1.61,
      1.6725,
      1.7325,
      1.795,
      1.8575,
      1.92
    ],
    "SoftwareVersions": "syngo_MR_E11",
    "SpacingBetweenSlices": 3.6,
    "StationName": "MRC35115",
    "TaskName": "tps",
    "TotalReadoutTime": 0.0338094,
    "TxRefAmp": 249.426,
    "dataset": "ds002793",
    "modality": "bold",
    "run_id": 1,
    "subject_id": "20",
    "task_id": "tps"
  },
  "dummy_trs": 1,
  "dvars_nstd": 19.80832193527606,
  "dvars_std": 1.20700585404908,
  "dvars_vstd": 1.0075017141717793,
  "efc": 0.5770296292846265,
  "fber": 356.57147216796875,
  "fd_mean": 0.12883092428668336,
  "fd_num": 21,
  "fd_perc": 12.804878048780488,
  "fwhm_avg": 2.817526382835135,
  "fwhm_x": 2.6064166666666666,
  "fwhm_y": 3.0461066666666667,
  "fwhm_z": 2.800055815172072,
  "gcor": 0.0301693,
  "gsr_x": -0.008310463279485703,
  "gsr_y": 0.0752776637673378,
  "provenance": {
    "md5sum": "c34800089339d4fc703a912a6447c7cd",
    "settings": {
      "fd_thres": 0.2,
      "testing": false
    },
    "software": "mriqc",
    "version": "22.0.6",
    "webapi_port": null,
    "webapi_url": "https://mriqc.nimh.nih.gov/api/v1"
  },
  "size_t": 164,
  "size_x": 70,
  "size_y": 70,
  "size_z": 32,
  "snr": 2.354517427405534,
  "spacing_tr": 2.0,
  "spacing_x": 3.0,
  "spacing_y": 3.0,
  "spacing_z": 3.5999996662139893,
  "summary_bg_k": 24.208347247114805,
  "summary_bg_mad": 6.69882896230099,
  "summary_bg_mean": 43.03229522705078,
  "summary_bg_median": 21.60975456237793,
  "summary_bg_n": 84733.0,
  "summary_bg_p05": 16.780487060546875,
  "summary_bg_p95": 153.4512176513672,
  "summary_bg_stdv": 57.08108139038086,
  "summary_fg_k": 0.48599844887231036,
  "summary_fg_mad": 171.20440513960082,
  "summary_fg_mean": 455.2461853027344,
  "summary_fg_median": 418.6524353027344,
  "summary_fg_n": 35049.0,
  "summary_fg_p05": 228.86950073242187,
  "summary_fg_p95": 794.6097290039061,
  "summary_fg_stdv": 177.80563354492188,
  "tsnr": 86.15028336178511
}