{
  "aor": 0.0016338414634146344,
  "aqi": 0.0025354361585365856,
  "bids_meta": {
    "AcquisitionMatrixPE": 70,
    "AcquisitionNumber": 1,
    "AcquisitionTime": "14:45:5.600000",
    "BandwidthPerPixelPhaseEncode": 29.155,
    "BaseResolution": 70,
    "BodyPartExamined": "BRAIN",
    "ConsistencyInfo": "N4_VE11C_LATEST_20160120",
    "ConversionSoftware": "dcm2niix",
    "ConversionSoftwareVersion": "v1.0.20181125  (JP2:OpenJPEG) (JP-LS:CharLS) GCC5.5.0",
    "DerivedVendorReportedEchoSpacing": 0.000489992,
    "DeviceSerialNumber": "167012",
    "DwellTime": 3e-06,
    "EchoTime": 0.03,
    "EchoTrainLength": 70,
    "EffectiveEchoSpacing": 0.000489992,
    "FlipAngle": 90,
    "ImageOrientationPatientDICOM": [
      0.993293,
      -0.103907,
      0.0507198,
      0.0977433,
      0.988918,
      0.111743
    ],
    "ImageType": [
      "ORIGINAL",
      "PRIMARY",
      "M",
      "ND",
      "MOSAIC"
    ],
    "ImagingFrequency": 123.253,
    "InPlanePhaseEncodingDirectionDICOM": "COL",
    "InstitutionAddress": "Vassar_Street_43_Cambridge_Boston_US_02139",
    "InstitutionName": "McGovern_Institute_for_Brain_Research_(3T1)",
    "InstitutionalDepartmentName": "Department",
    "MRAcquisitionType": "2D",
    "MagneticFieldStrength": 3,
    "Manufacturer": "Siemens",
    "ManufacturersModelName": "Prisma_fit",
    "Modality": "MR",
    "PartialFourier": 1,
    "PatientPosition": "HFS",
    "PercentPhaseFOV": 100,
    "PhaseEncodingDirection": "j-",
    "PhaseEncodingSteps": 70,
    "PhaseResolution": 1,
    "PixelBandwidth": 2380,
    "ProcedureStepDescription": "Young_Minjae",
    "ProtocolName": "TPS_run9",
    "PulseSequenceDetails": "%SiemensSeq%_ep2d_pace",
    "ReceiveCoilActiveElements": "HEA;HEP",
    "ReceiveCoilName": "Head_32",
    "ReconMatrixPE": 70,
    "RepetitionTime": 2,
    "SAR": 0.115254,
    "ScanOptions": "FS",
    "ScanningSequence": "EP",
    "SequenceName": "_epfid2d1_70",
    "SequenceVariant": "SK",
    "SeriesDescription": "TPS_run9",
    "SeriesNumber": 31,
    "ShimSetting": [
      -5632,
      -1612,
      3262,
      556,
      -53,
      -162,
      78,
      30
    ],
    "SliceThickness": 3,
    "SliceTiming": [
      0,
      0.06,
      0.1225,
      0.185,
      0.2475,
      0.3075,
      0.37,
      0.4325,
      0.495,
      0.555,
      0.6175,
      0.68,
      0.7425,
      0.8025,
      0.865,
      0.9275,
      0.99,
      1.05,
      1.1125,
      1.175,
      1.2375,
      1.2975,
      1.36,
      1.4225,
      1.485,
      1.545,
      1.6075,
      1.67,
      1.7325,
      1.7925,
      1.855,
      1.9175
    ],
    "SoftwareVersions": "syngo_MR_E11",
    "SpacingBetweenSlices": 3.6,
    "StationName": "MRC35115",
    "TaskName": "tps",
    "TotalReadoutTime": 0.0338094,
    "TxRefAmp": 249.426,
    "dataset": "ds002793",
    "modality": "bold",
    "run_id": 9,
    "subject_id": "20",
    "task_id": "tps"
  },
  "dummy_trs": 1,
  "dvars_nstd": 22.423974154049073,
  "dvars_std": 1.1660822225766874,
  "dvars_vstd": 0.9674926941717792,
  "efc": 0.5769649477107271,
  "fber": 363.0280456542969,
  "fd_mean": 0.20189913883217828,
  "fd_num": 81,
  "fd_perc": 49.390243902439025,
  "fwhm_avg": 2.8558293489908713,
  "fwhm_x": 2.6058266666666667,
  "fwhm_y": 3.0582999999999996,
  "fwhm_z": 2.903361380305948,
  "gcor": 0.0263259,
  "gsr_x": -0.0007990144076757133,
  "gsr_y": 0.09063233435153961,
  "provenance": {
    "md5sum": "0995d3db1562ec4d5576e05289aa16b6",
    "settings": {
      "fd_thres": 0.2,
      "testing": false
    },
    "software": "mriqc",
    "version": "22.0.6",
    "webapi_port": null,
    "webapi_url": "https://mriqc.nimh.nih.gov/api/v1"
  },
  "size_t": 164,
  "size_x": 70,
  "size_y": 70,
  "size_z": 32,
  "snr": 2.3572417306757845,
  "spacing_tr": 2.0,
  "spacing_x": 3.0,
  "spacing_y": 3.0,
  "spacing_z": 3.5999996662139893,
  "summary_bg_k": 21.922796749955452,
  "summary_bg_mad": 5.451276747614254,
  "summary_bg_mean": 41.941070556640625,
  "summary_bg_median": 20.4939022064209,
  "summary_bg_n": 86302.0,
  "summary_bg_p05": 16.60365867614746,
  "summary_bg_p95": 151.06066894531247,
  "summary_bg_stdv": 56.424137115478516,
  "summary_fg_k": 0.48412025492717925,
  "summary_fg_mad": 158.45761402297484,
  "summary_fg_mean": 431.97796630859375,
  "summary_fg_median": 396.8414306640625,
  "summary_fg_n": 34558.0,
  "summary_fg_p05": 218.55914306640625,
  "summary_fg_p95": 759.8389892578125,
  "summary_fg_stdv": 168.34747314453125,
  "tsnr": 72.7142294049263
}