{
  "aor": 0.014512378048780488,
  "aqi": 0.004301031341463414,
  "bids_meta": {
    "AcquisitionMatrixPE": 70,
    "AcquisitionNumber": 1,
    "AcquisitionTime": "12:27:11.262500",
    "BandwidthPerPixelPhaseEncode": 29.155,
    "BaseResolution": 70,
    "BodyPartExamined": "BRAIN",
    "ConsistencyInfo": "N4_VE11C_LATEST_20160120",
    "ConversionSoftware": "dcm2niix",
    "ConversionSoftwareVersion": "v1.0.20181125  (JP2:OpenJPEG) (JP-LS:CharLS) GCC5.5.0",
    "DerivedVendorReportedEchoSpacing": 0.000489992,
    "DeviceSerialNumber": "167012",
    "DwellTime": 3e-06,
    "EchoTime": 0.03,
    "EchoTrainLength": 70,
    "EffectiveEchoSpacing": 0.000489992,
    "FlipAngle": 90,
    "ImageOrientationPatientDICOM": [
      0.999104,
      0.0345716,
      0.0244324,
      -0.0354133,
      0.998763,
      0.0348994
    ],
    "ImageType": [
      "ORIGINAL",
      "PRIMARY",
      "M",
      "ND",
      "MOSAIC"
    ],
    "ImagingFrequency": 123.253,
    "InPlanePhaseEncodingDirectionDICOM": "COL",
    "InstitutionAddress": "Vassar_Street_43_Cambridge_Boston_US_02139",
    "InstitutionName": "McGovern_Institute_for_Brain_Research_(3T1)",
    "InstitutionalDepartmentName": "Department",
    "MRAcquisitionType": "2D",
    "MagneticFieldStrength": 3,
    "Manufacturer": "Siemens",
    "ManufacturersModelName": "Prisma_fit",
    "Modality": "MR",
    "PartialFourier": 1,
    "PatientPosition": "HFS",
    "PercentPhaseFOV": 100,
    "PhaseEncodingDirection": "j-",
    "PhaseEncodingSteps": 70,
    "PhaseResolution": 1,
    "PixelBandwidth": 2380,
    "ProcedureStepDescription": "Young_Minjae",
    "ProtocolName": "TPS_RUN2",
    "PulseSequenceDetails": "%SiemensSeq%_ep2d_pace",
    "ReceiveCoilActiveElements": "HEA;HEP",
    "ReceiveCoilName": "Head_32",
    "ReconMatrixPE": 70,
    "RepetitionTime": 2,
    "SAR": 0.10823,
    "ScanOptions": "FS",
    "ScanningSequence": "EP",
    "SequenceName": "_epfid2d1_70",
    "SequenceVariant": "SK",
    "SeriesDescription": "TPS_RUN2",
    "SeriesNumber": 13,
    "ShimSetting": [
      -5609,
      -1597,
      3176,
      370,
      -38,
      -13,
      20,
      -2
    ],
    "SliceThickness": 3,
    "SliceTiming": [
      0,
      0.06,
      0.1225,
      0.185,
      0.2475,
      0.3075,
      0.37,
      0.4325,
      0.495,
      0.555,
      0.6175,
      0.68,
      0.7425,
      0.8025,
      0.865,
      0.9275,
      0.99,
      1.05,
      1.1125,
      1.175,
      1.2375,
      1.2975,
      1.36,
      1.4225,
      1.485,
      1.545,
      1.6075,
      1.67,
      1.7325,
      1.7925,
      1.855,
      1.9175
    ],
    "SoftwareVersions": "syngo_MR_E11",
    "SpacingBetweenSlices": 3.6,
    "StationName": "MRC35115",
    "TaskName": "tps",
    "TotalReadoutTime": 0.0338094,
    "TxRefAmp": 253.728,
    "dataset": "ds002793",
    "modality": "bold",
    "run_id": 2,
    "subject_id": "06",
    "task_id": "tps"
  },
  "dummy_trs": 1,
  "dvars_nstd": 26.988621167607345,
  "dvars_std": 1.2904209471779136,
  "dvars_vstd": 1.0972365165644167,
  "efc": 0.5881653739722856,
  "fber": 266.3564147949219,
  "fd_mean": 0.2723661885298581,
  "fd_num": 58,
  "fd_perc": 35.36585365853659,
  "fwhm_avg": 2.6744865055099787,
  "fwhm_x": 2.45829,
  "fwhm_y": 2.8440333333333334,
  "fwhm_z": 2.7211361831966023,
  "gcor": 0.0444331,
  "gsr_x": -0.0015494037652388215,
  "gsr_y": 0.07549500465393066,
  "provenance": {
    "md5sum": "9dfc56e16230d6bf3d9635984be329f9",
    "settings": {
      "fd_thres": 0.2,
      "testing": false
    },
    "software": "mriqc",
    "version": "22.0.6",
    "webapi_port": null,
    "webapi_url": "https://mriqc.nimh.nih.gov/api/v1"
  },
  "size_t": 164,
  "size_x": 70,
  "size_y": 70,
  "size_z": 32,
  "snr": 2.6920559193687783,
  "spacing_tr": 2.0,
  "spacing_x": 3.0,
  "spacing_y": 3.0,
  "spacing_z": 3.5999999046325684,
  "summary_bg_k": 17.781672641362956,
  "summary_bg_mad": 7.801742851731141,
  "summary_bg_mean": 48.956077575683594,
  "summary_bg_median": 22.432926177978516,
  "summary_bg_n": 89394.0,
  "summary_bg_p05": 16.719511032104492,
  "summary_bg_p95": 193.58139038085932,
  "summary_bg_stdv": 70.3741226196289,
  "summary_fg_k": 0.2757526064467122,
  "summary_fg_mad": 135.51345335664874,
  "summary_fg_mean": 398.11395263671875,
  "summary_fg_median": 375.7804870605469,
  "summary_fg_n": 30983.0,
  "summary_fg_p05": 209.4396209716797,
  "summary_fg_p95": 659.5298461914062,
  "summary_fg_stdv": 139.58641052246094,
  "tsnr": 64.47247599600814
}