{
  "aor": 0.018430121951219514,
  "aqi": 0.006625649512195123,
  "bids_meta": {
    "AcquisitionMatrixPE": 70,
    "AcquisitionNumber": 1,
    "AcquisitionTime": "12:33:37.717500",
    "BandwidthPerPixelPhaseEncode": 29.155,
    "BaseResolution": 70,
    "BodyPartExamined": "BRAIN",
    "ConsistencyInfo": "N4_VE11C_LATEST_20160120",
    "ConversionSoftware": "dcm2niix",
    "ConversionSoftwareVersion": "v1.0.20181125  (JP2:OpenJPEG) (JP-LS:CharLS) GCC5.5.0",
    "DerivedVendorReportedEchoSpacing": 0.000489992,
    "DeviceSerialNumber": "167012",
    "DwellTime": 3e-06,
    "EchoTime": 0.03,
    "EchoTrainLength": 70,
    "EffectiveEchoSpacing": 0.000489992,
    "FlipAngle": 90,
    "ImageOrientationPatientDICOM": [
      0.999104,
      0.0345716,
      0.0244324,
      -0.0354133,
      0.998763,
      0.0348994
    ],
    "ImageType": [
      "ORIGINAL",
      "PRIMARY",
      "M",
      "ND",
      "MOSAIC"
    ],
    "ImagingFrequency": 123.253,
    "InPlanePhaseEncodingDirectionDICOM": "COL",
    "InstitutionAddress": "Vassar_Street_43_Cambridge_Boston_US_02139",
    "InstitutionName": "McGovern_Institute_for_Brain_Research_(3T1)",
    "InstitutionalDepartmentName": "Department",
    "MRAcquisitionType": "2D",
    "MagneticFieldStrength": 3,
    "Manufacturer": "Siemens",
    "ManufacturersModelName": "Prisma_fit",
    "Modality": "MR",
    "PartialFourier": 1,
    "PatientPosition": "HFS",
    "PercentPhaseFOV": 100,
    "PhaseEncodingDirection": "j-",
    "PhaseEncodingSteps": 70,
    "PhaseResolution": 1,
    "PixelBandwidth": 2380,
    "ProcedureStepDescription": "Young_Minjae",
    "ProtocolName": "TPS_RUN3",
    "PulseSequenceDetails": "%SiemensSeq%_ep2d_pace",
    "ReceiveCoilActiveElements": "HEA;HEP",
    "ReceiveCoilName": "Head_32",
    "ReconMatrixPE": 70,
    "RepetitionTime": 2,
    "SAR": 0.10823,
    "ScanOptions": "FS",
    "ScanningSequence": "EP",
    "SequenceName": "_epfid2d1_70",
    "SequenceVariant": "SK",
    "SeriesDescription": "TPS_RUN3",
    "SeriesNumber": 15,
    "ShimSetting": [
      -5609,
      -1597,
      3176,
      370,
      -38,
      -13,
      20,
      -2
    ],
    "SliceThickness": 3,
    "SliceTiming": [
      0,
      0.0625,
      0.125,
      0.1875,
      0.2475,
      0.31,
      0.3725,
      0.435,
      0.495,
      0.5575,
      0.62,
      0.6825,
      0.7425,
      0.805,
      0.8675,
      0.93,
      0.99,
      1.0525,
      1.115,
      1.1775,
      1.2375,
      1.3,
      1.3625,
      1.425,
      1.485,
      1.5475,
      1.61,
      1.6725,
      1.7325,
      1.795,
      1.8575,
      1.92
    ],
    "SoftwareVersions": "syngo_MR_E11",
    "SpacingBetweenSlices": 3.6,
    "StationName": "MRC35115",
    "TaskName": "tps",
    "TotalReadoutTime": 0.0338094,
    "TxRefAmp": 253.728,
    "dataset": "ds002793",
    "modality": "bold",
    "run_id": 3,
    "subject_id": "06",
    "task_id": "tps"
  },
  "dummy_trs": 1,
  "dvars_nstd": 35.088880310368104,
  "dvars_std": 1.2988219358282211,
  "dvars_vstd": 1.0951660502453993,
  "efc": 0.5890650405491692,
  "fber": 264.7492980957031,
  "fd_mean": 0.4290030021458801,
  "fd_num": 86,
  "fd_perc": 52.4390243902439,
  "fwhm_avg": 2.663430209099575,
  "fwhm_x": 2.4444399999999997,
  "fwhm_y": 2.8376366666666666,
  "fwhm_z": 2.7082139606320585,
  "gcor": 0.0519495,
  "gsr_x": -0.001707197050563991,
  "gsr_y": 0.07559995353221893,
  "provenance": {
    "md5sum": "72e4f5cc2d9aa7de1bed05daeeaf5e22",
    "settings": {
      "fd_thres": 0.2,
      "testing": false
    },
    "software": "mriqc",
    "version": "22.0.6",
    "webapi_port": null,
    "webapi_url": "https://mriqc.nimh.nih.gov/api/v1"
  },
  "size_t": 164,
  "size_x": 70,
  "size_y": 70,
  "size_z": 32,
  "snr": 2.7015607619214275,
  "spacing_tr": 2.0,
  "spacing_x": 3.0,
  "spacing_y": 3.0,
  "spacing_z": 3.5999999046325684,
  "summary_bg_k": 17.740225232982375,
  "summary_bg_mad": 7.8831054444871125,
  "summary_bg_mean": 49.11259841918945,
  "summary_bg_median": 22.5,
  "summary_bg_n": 89374.0,
  "summary_bg_p05": 16.707317352294922,
  "summary_bg_p95": 194.67346649169883,
  "summary_bg_stdv": 70.55084228515625,
  "summary_fg_k": 0.2877602400925894,
  "summary_fg_mad": 134.91680188400977,
  "summary_fg_mean": 398.11309814453125,
  "summary_fg_median": 375.54876708984375,
  "summary_fg_n": 31001.0,
  "summary_fg_p05": 210.18292236328125,
  "summary_fg_p95": 658.6158447265625,
  "summary_fg_stdv": 139.00953674316406,
  "tsnr": 48.30587328202091
}