{
  "aor": 0.0232750303030303,
  "aqi": 0.006207158303030303,
  "bids_meta": {
    "AcquisitionMatrixPE": 70,
    "AcquisitionNumber": 1,
    "AcquisitionTime": "13:11:37.705000",
    "BandwidthPerPixelPhaseEncode": 29.155,
    "BaseResolution": 70,
    "BodyPartExamined": "BRAIN",
    "ConsistencyInfo": "N4_VE11C_LATEST_20160120",
    "ConversionSoftware": "dcm2niix",
    "ConversionSoftwareVersion": "v1.0.20181125  (JP2:OpenJPEG) (JP-LS:CharLS) GCC5.5.0",
    "DerivedVendorReportedEchoSpacing": 0.000489992,
    "DeviceSerialNumber": "167012",
    "DwellTime": 3e-06,
    "EchoTime": 0.03,
    "EchoTrainLength": 70,
    "EffectiveEchoSpacing": 0.000489992,
    "FlipAngle": 90,
    "ImageOrientationPatientDICOM": [
      0.999104,
      0.0345716,
      0.0244324,
      -0.0354133,
      0.998763,
      0.0348994
    ],
    "ImageType": [
      "ORIGINAL",
      "PRIMARY",
      "M",
      "ND",
      "MOSAIC"
    ],
    "ImagingFrequency": 123.253,
    "InPlanePhaseEncodingDirectionDICOM": "COL",
    "InstitutionAddress": "Vassar_Street_43_Cambridge_Boston_US_02139",
    "InstitutionName": "McGovern_Institute_for_Brain_Research_(3T1)",
    "InstitutionalDepartmentName": "Department",
    "MRAcquisitionType": "2D",
    "MagneticFieldStrength": 3,
    "Manufacturer": "Siemens",
    "ManufacturersModelName": "Prisma_fit",
    "Modality": "MR",
    "PartialFourier": 1,
    "PatientPosition": "HFS",
    "PercentPhaseFOV": 100,
    "PhaseEncodingDirection": "j-",
    "PhaseEncodingSteps": 70,
    "PhaseResolution": 1,
    "PixelBandwidth": 2380,
    "ProcedureStepDescription": "Young_Minjae",
    "ProtocolName": "TPS_RUN9",
    "PulseSequenceDetails": "%SiemensSeq%_ep2d_pace",
    "ReceiveCoilActiveElements": "HEA;HEP",
    "ReceiveCoilName": "Head_32",
    "ReconMatrixPE": 70,
    "RepetitionTime": 2,
    "SAR": 0.10823,
    "ScanOptions": "FS",
    "ScanningSequence": "EP",
    "SequenceName": "_epfid2d1_70",
    "SequenceVariant": "SK",
    "SeriesDescription": "TPS_RUN9",
    "SeriesNumber": 27,
    "ShimSetting": [
      -5609,
      -1597,
      3176,
      370,
      -38,
      -13,
      20,
      -2
    ],
    "SliceThickness": 3,
    "SliceTiming": [
      0,
      0.0625,
      0.125,
      0.185,
      0.2475,
      0.31,
      0.3725,
      0.4325,
      0.495,
      0.5575,
      0.62,
      0.68,
      0.7425,
      0.805,
      0.8675,
      0.9275,
      0.99,
      1.0525,
      1.115,
      1.175,
      1.2375,
      1.3,
      1.3625,
      1.4225,
      1.485,
      1.5475,
      1.61,
      1.67,
      1.7325,
      1.795,
      1.8575,
      1.9175
    ],
    "SoftwareVersions": "syngo_MR_E11",
    "SpacingBetweenSlices": 3.6,
    "StationName": "MRC35115",
    "TaskName": "tps",
    "TotalReadoutTime": 0.0338094,
    "TxRefAmp": 253.728,
    "dataset": "ds002793",
    "modality": "bold",
    "run_id": 9,
    "subject_id": "06",
    "task_id": "tps"
  },
  "dummy_trs": 0,
  "dvars_nstd": 33.744263097012194,
  "dvars_std": 1.3343568903048781,
  "dvars_vstd": 1.151497830426829,
  "efc": 0.5876759586529635,
  "fber": 269.1900634765625,
  "fd_mean": 0.39701073106148993,
  "fd_num": 80,
  "fd_perc": 48.484848484848484,
  "fwhm_avg": 2.638002431346228,
  "fwhm_x": 2.379113333333333,
  "fwhm_y": 2.8239133333333335,
  "fwhm_z": 2.7109806273720167,
  "gcor": 0.0931356,
  "gsr_x": 0.004717325326055288,
  "gsr_y": 0.07838147133588791,
  "provenance": {
    "md5sum": "69bfb8d0ce742fe5324e231371713807",
    "settings": {
      "fd_thres": 0.2,
      "testing": false
    },
    "software": "mriqc",
    "version": "22.0.6",
    "webapi_port": null,
    "webapi_url": "https://mriqc.nimh.nih.gov/api/v1"
  },
  "size_t": 165,
  "size_x": 70,
  "size_y": 70,
  "size_z": 32,
  "snr": 2.722096273533247,
  "spacing_tr": 2.0,
  "spacing_x": 3.0,
  "spacing_y": 3.0,
  "spacing_z": 3.5999999046325684,
  "summary_bg_k": 17.216318242496293,
  "summary_bg_mad": 7.22431503075196,
  "summary_bg_mean": 47.998836517333984,
  "summary_bg_median": 21.836362838745117,
  "summary_bg_n": 90281.0,
  "summary_bg_p05": 16.618181228637695,
  "summary_bg_p95": 192.7515106201172,
  "summary_bg_stdv": 69.13215637207031,
  "summary_fg_k": 0.4468718827951319,
  "summary_fg_mad": 129.17511169447795,
  "summary_fg_mean": 390.19696044921875,
  "summary_fg_median": 367.7333068847656,
  "summary_fg_n": 30455.0,
  "summary_fg_p05": 211.34484405517577,
  "summary_fg_p95": 644.6775390624999,
  "summary_fg_stdv": 135.08973693847656,
  "tsnr": 46.66268742270768
}