{
  "aor": 0.019916484848484847,
  "aqi": 0.007329368909090909,
  "bids_meta": {
    "AcquisitionMatrixPE": 70,
    "AcquisitionNumber": 1,
    "AcquisitionTime": "13:05:21.055000",
    "BandwidthPerPixelPhaseEncode": 29.155,
    "BaseResolution": 70,
    "BodyPartExamined": "BRAIN",
    "ConsistencyInfo": "N4_VE11C_LATEST_20160120",
    "ConversionSoftware": "dcm2niix",
    "ConversionSoftwareVersion": "v1.0.20181125  (JP2:OpenJPEG) (JP-LS:CharLS) GCC5.5.0",
    "DerivedVendorReportedEchoSpacing": 0.000489992,
    "DeviceSerialNumber": "167012",
    "DwellTime": 3e-06,
    "EchoTime": 0.03,
    "EchoTrainLength": 70,
    "EffectiveEchoSpacing": 0.000489992,
    "FlipAngle": 90,
    "ImageOrientationPatientDICOM": [
      0.999104,
      0.0345716,
      0.0244324,
      -0.0354133,
      0.998763,
      0.0348994
    ],
    "ImageType": [
      "ORIGINAL",
      "PRIMARY",
      "M",
      "ND",
      "MOSAIC"
    ],
    "ImagingFrequency": 123.253,
    "InPlanePhaseEncodingDirectionDICOM": "COL",
    "InstitutionAddress": "Vassar_Street_43_Cambridge_Boston_US_02139",
    "InstitutionName": "McGovern_Institute_for_Brain_Research_(3T1)",
    "InstitutionalDepartmentName": "Department",
    "MRAcquisitionType": "2D",
    "MagneticFieldStrength": 3,
    "Manufacturer": "Siemens",
    "ManufacturersModelName": "Prisma_fit",
    "Modality": "MR",
    "PartialFourier": 1,
    "PatientPosition": "HFS",
    "PercentPhaseFOV": 100,
    "PhaseEncodingDirection": "j-",
    "PhaseEncodingSteps": 70,
    "PhaseResolution": 1,
    "PixelBandwidth": 2380,
    "ProcedureStepDescription": "Young_Minjae",
    "ProtocolName": "TPS_RUN8",
    "PulseSequenceDetails": "%SiemensSeq%_ep2d_pace",
    "ReceiveCoilActiveElements": "HEA;HEP",
    "ReceiveCoilName": "Head_32",
    "ReconMatrixPE": 70,
    "RepetitionTime": 2,
    "SAR": 0.10823,
    "ScanOptions": "FS",
    "ScanningSequence": "EP",
    "SequenceName": "_epfid2d1_70",
    "SequenceVariant": "SK",
    "SeriesDescription": "TPS_RUN8",
    "SeriesNumber": 25,
    "ShimSetting": [
      -5609,
      -1597,
      3176,
      370,
      -38,
      -13,
      20,
      -2
    ],
    "SliceThickness": 3,
    "SliceTiming": [
      0,
      0.0625,
      0.125,
      0.1875,
      0.2475,
      0.31,
      0.3725,
      0.435,
      0.495,
      0.5575,
      0.62,
      0.6825,
      0.7425,
      0.805,
      0.8675,
      0.93,
      0.99,
      1.0525,
      1.115,
      1.1775,
      1.2375,
      1.3,
      1.3625,
      1.425,
      1.485,
      1.5475,
      1.61,
      1.6725,
      1.7325,
      1.795,
      1.8575,
      1.92
    ],
    "SoftwareVersions": "syngo_MR_E11",
    "SpacingBetweenSlices": 3.6,
    "StationName": "MRC35115",
    "TaskName": "tps",
    "TotalReadoutTime": 0.0338094,
    "TxRefAmp": 253.728,
    "dataset": "ds002793",
    "modality": "bold",
    "run_id": 8,
    "subject_id": "06",
    "task_id": "tps"
  },
  "dummy_trs": 0,
  "dvars_nstd": 38.19002236365854,
  "dvars_std": 1.2764889550609753,
  "dvars_vstd": 1.0847519234756096,
  "efc": 0.5897575199331636,
  "fber": 261.5751037597656,
  "fd_mean": 0.4343379490447648,
  "fd_num": 91,
  "fd_perc": 55.15151515151515,
  "fwhm_avg": 2.6508778014436185,
  "fwhm_x": 2.4377633333333333,
  "fwhm_y": 2.8348033333333333,
  "fwhm_z": 2.6800667376641893,
  "gcor": 0.0791861,
  "gsr_x": 0.003555363044142723,
  "gsr_y": 0.07761402428150177,
  "provenance": {
    "md5sum": "7c8216be4bd5fa6a2949cb9b2890d9b2",
    "settings": {
      "fd_thres": 0.2,
      "testing": false
    },
    "software": "mriqc",
    "version": "22.0.6",
    "webapi_port": null,
    "webapi_url": "https://mriqc.nimh.nih.gov/api/v1"
  },
  "size_t": 165,
  "size_x": 70,
  "size_y": 70,
  "size_z": 32,
  "snr": 2.698362044777041,
  "spacing_tr": 2.0,
  "spacing_x": 3.0,
  "spacing_y": 3.0,
  "spacing_z": 3.5999999046325684,
  "summary_bg_k": 16.9784194841072,
  "summary_bg_mad": 7.718516712866932,
  "summary_bg_mean": 49.09121322631836,
  "summary_bg_median": 22.321210861206055,
  "summary_bg_n": 89653.0,
  "summary_bg_p05": 16.709091186523438,
  "summary_bg_p95": 196.45575256347627,
  "summary_bg_stdv": 70.8662338256836,
  "summary_fg_k": 0.39653760586033426,
  "summary_fg_mad": 131.39899239952183,
  "summary_fg_mean": 393.361328125,
  "summary_fg_median": 370.4757385253906,
  "summary_fg_n": 30768.0,
  "summary_fg_p05": 209.69969177246094,
  "summary_fg_p95": 652.5666168212889,
  "summary_fg_stdv": 137.29429626464844,
  "tsnr": 44.378892176784575
}