{
  "aor": 0.013195853658536585,
  "aqi": 0.0072614834146341465,
  "bids_meta": {
    "AcquisitionMatrixPE": 70,
    "AcquisitionNumber": 1,
    "AcquisitionTime": "12:52:57.080000",
    "BandwidthPerPixelPhaseEncode": 29.155,
    "BaseResolution": 70,
    "BodyPartExamined": "BRAIN",
    "ConsistencyInfo": "N4_VE11C_LATEST_20160120",
    "ConversionSoftware": "dcm2niix",
    "ConversionSoftwareVersion": "v1.0.20181125  (JP2:OpenJPEG) (JP-LS:CharLS) GCC5.5.0",
    "DerivedVendorReportedEchoSpacing": 0.000489992,
    "DeviceSerialNumber": "167012",
    "DwellTime": 3e-06,
    "EchoTime": 0.03,
    "EchoTrainLength": 70,
    "EffectiveEchoSpacing": 0.000489992,
    "FlipAngle": 90,
    "ImageOrientationPatientDICOM": [
      0.999104,
      0.0345716,
      0.0244324,
      -0.0354133,
      0.998763,
      0.0348994
    ],
    "ImageType": [
      "ORIGINAL",
      "PRIMARY",
      "M",
      "ND",
      "MOSAIC"
    ],
    "ImagingFrequency": 123.253,
    "InPlanePhaseEncodingDirectionDICOM": "COL",
    "InstitutionAddress": "Vassar_Street_43_Cambridge_Boston_US_02139",
    "InstitutionName": "McGovern_Institute_for_Brain_Research_(3T1)",
    "InstitutionalDepartmentName": "Department",
    "MRAcquisitionType": "2D",
    "MagneticFieldStrength": 3,
    "Manufacturer": "Siemens",
    "ManufacturersModelName": "Prisma_fit",
    "Modality": "MR",
    "PartialFourier": 1,
    "PatientPosition": "HFS",
    "PercentPhaseFOV": 100,
    "PhaseEncodingDirection": "j-",
    "PhaseEncodingSteps": 70,
    "PhaseResolution": 1,
    "PixelBandwidth": 2380,
    "ProcedureStepDescription": "Young_Minjae",
    "ProtocolName": "TPS_RUN6",
    "PulseSequenceDetails": "%SiemensSeq%_ep2d_pace",
    "ReceiveCoilActiveElements": "HEA;HEP",
    "ReceiveCoilName": "Head_32",
    "ReconMatrixPE": 70,
    "RepetitionTime": 2,
    "SAR": 0.10823,
    "ScanOptions": "FS",
    "ScanningSequence": "EP",
    "SequenceName": "_epfid2d1_70",
    "SequenceVariant": "SK",
    "SeriesDescription": "TPS_RUN6",
    "SeriesNumber": 21,
    "ShimSetting": [
      -5609,
      -1597,
      3176,
      370,
      -38,
      -13,
      20,
      -2
    ],
    "SliceThickness": 3,
    "SliceTiming": [
      0,
      0.0625,
      0.1225,
      0.185,
      0.2475,
      0.31,
      0.37,
      0.4325,
      0.495,
      0.5575,
      0.6175,
      0.68,
      0.7425,
      0.805,
      0.865,
      0.9275,
      0.99,
      1.0525,
      1.1125,
      1.175,
      1.2375,
      1.3,
      1.36,
      1.4225,
      1.485,
      1.5475,
      1.6075,
      1.67,
      1.7325,
      1.795,
      1.855,
      1.9175
    ],
    "SoftwareVersions": "syngo_MR_E11",
    "SpacingBetweenSlices": 3.6,
    "StationName": "MRC35115",
    "TaskName": "tps",
    "TotalReadoutTime": 0.0338094,
    "TxRefAmp": 253.728,
    "dataset": "ds002793",
    "modality": "bold",
    "run_id": 6,
    "subject_id": "06",
    "task_id": "tps"
  },
  "dummy_trs": 1,
  "dvars_nstd": 36.575903014723934,
  "dvars_std": 1.2383599364417166,
  "dvars_vstd": 1.0450520928220859,
  "efc": 0.5898896146534062,
  "fber": 263.64715576171875,
  "fd_mean": 0.45946403697458194,
  "fd_num": 104,
  "fd_perc": 63.41463414634146,
  "fwhm_avg": 2.6367659496728098,
  "fwhm_x": 2.4009233333333335,
  "fwhm_y": 2.8201300000000002,
  "fwhm_z": 2.689244515685095,
  "gcor": 0.0518528,
  "gsr_x": 0.0006309133023023605,
  "gsr_y": 0.0779392346739769,
  "provenance": {
    "md5sum": "57d771b5f7300a8c0cbd59a3fa0816e6",
    "settings": {
      "fd_thres": 0.2,
      "testing": false
    },
    "software": "mriqc",
    "version": "22.0.6",
    "webapi_port": null,
    "webapi_url": "https://mriqc.nimh.nih.gov/api/v1"
  },
  "size_t": 164,
  "size_x": 70,
  "size_y": 70,
  "size_z": 32,
  "snr": 2.7048390730523875,
  "spacing_tr": 2.0,
  "spacing_x": 3.0,
  "spacing_y": 3.0,
  "spacing_z": 3.5999999046325684,
  "summary_bg_k": 17.204928315983036,
  "summary_bg_mad": 7.756539840289315,
  "summary_bg_mean": 49.14516830444336,
  "summary_bg_median": 22.35975456237793,
  "summary_bg_n": 89565.0,
  "summary_bg_p05": 16.689023971557617,
  "summary_bg_p95": 196.6048645019532,
  "summary_bg_stdv": 70.77008056640625,
  "summary_fg_k": 0.350036018866013,
  "summary_fg_mad": 132.4668976382388,
  "summary_fg_mean": 394.74127197265625,
  "summary_fg_median": 372.42071533203125,
  "summary_fg_n": 30895.0,
  "summary_fg_p05": 209.31523590087892,
  "summary_fg_p95": 654.0274047851562,
  "summary_fg_stdv": 137.68460083007812,
  "tsnr": 45.86406965099741
}