{
  "bids_meta": {
    "AcquisitionMatrixPE": 256,
    "AcquisitionNumber": 1,
    "AcquisitionTime": "15:46:24.240000",
    "BaseResolution": 256,
    "BodyPartExamined": "BRAIN",
    "ConsistencyInfo": "N4_VE11C_LATEST_20160120",
    "ConversionSoftware": "dcm2niix",
    "ConversionSoftwareVersion": "v1.0.20181125  (JP2:OpenJPEG) (JP-LS:CharLS) GCC5.5.0",
    "DeviceSerialNumber": "167012",
    "DwellTime": 3e-06,
    "EchoTime": 0.00169,
    "FlipAngle": 7,
    "ImageOrientationPatientDICOM": [
      0.0379222,
      0.998643,
      -0.0356847,
      0.068319,
      -0.0382178,
      -0.996931
    ],
    "ImageType": [
      "ORIGINAL",
      "PRIMARY",
      "OTHER",
      "ND",
      "NORM",
      "MEAN"
    ],
    "ImagingFrequency": 123.253,
    "InPlanePhaseEncodingDirectionDICOM": "ROW",
    "InstitutionAddress": "Vassar_Street_43_Cambridge_Boston_US_02139",
    "InstitutionName": "McGovern_Institute_for_Brain_Research_(3T1)",
    "InstitutionalDepartmentName": "Department",
    "InversionTime": 1.4,
    "MRAcquisitionType": "3D",
    "MagneticFieldStrength": 3,
    "Manufacturer": "Siemens",
    "ManufacturersModelName": "Prisma_fit",
    "Modality": "MR",
    "PartialFourier": 1,
    "PatientPosition": "HFS",
    "PercentPhaseFOV": 100,
    "PhaseEncodingSteps": 255,
    "PhaseResolution": 1,
    "PixelBandwidth": 650,
    "ProcedureStepDescription": "Young_Minjae",
    "ProtocolName": "T1w_MPRAGE_FourEcho_vNav",
    "PulseSequenceDetails": "%CustomerSeq%_tfl_mgh_epinav_ABCD",
    "ReceiveCoilActiveElements": "HEA;HEP",
    "ReceiveCoilName": "Head_32",
    "ReconMatrixPE": 256,
    "RepetitionTime": 2.53,
    "SAR": 0.0310069,
    "ScanOptions": "IR_WE",
    "ScanningSequence": "GR_IR",
    "SequenceName": "tfl3d4_16ns",
    "SequenceVariant": "SK_SP_MP",
    "SeriesDescription": "T1w_MPRAGE_FourEcho_vNav_RMS",
    "SeriesNumber": 10,
    "ShimSetting": [
      -5640,
      -1597,
      3169,
      347,
      -37,
      -351,
      -3,
      -56
    ],
    "SliceThickness": 1,
    "SoftwareVersions": "syngo_MR_E11",
    "StationName": "MRC35115",
    "TxRefAmp": 242.089,
    "WipMemBlock": "Prisma_epi_moco_navigator_ABCD_tfl.prot",
    "dataset": "ds002793",
    "modality": "T1w",
    "run_id": 1,
    "subject_id": "13"
  },
  "cjv": 0.3643111892452357,
  "cnr": 3.462404608390016,
  "efc": 0.5293383754192197,
  "fber": 27487.745175510205,
  "fwhm_avg": 3.6233799999999996,
  "fwhm_x": 3.68361,
  "fwhm_y": 3.7715,
  "fwhm_z": 3.41503,
  "icvs_csf": 0.2016770603302386,
  "icvs_gm": 0.4413909374735539,
  "icvs_wm": 0.35693200219620747,
  "inu_med": 0.3602844476699829,
  "inu_range": 0.12044807374477384,
  "provenance": {
    "md5sum": "6aa8e8320dc747694dbb2848b6f2b395",
    "settings": {
      "testing": false
    },
    "software": "mriqc",
    "version": "22.0.6",
    "warnings": {
      "large_rot_frame": true,
      "small_air_mask": false
    },
    "webapi_port": null,
    "webapi_url": "https://mriqc.nimh.nih.gov/api/v1"
  },
  "qi_1": 0.0,
  "qi_2": 0.0033571607376780676,
  "rpve_csf": 28.805752504665247,
  "rpve_gm": 13.973791651656509,
  "rpve_wm": 19.5826676593434,
  "size_x": 176,
  "size_y": 256,
  "size_z": 256,
  "snr_csf": 3.015580039646329,
  "snr_gm": 15.666287875657643,
  "snr_total": 16.40137389984906,
  "snr_wm": 30.522253784243205,
  "snrd_csf": 59.91373706628116,
  "snrd_gm": 137.48761517888062,
  "snrd_total": 123.72663782216823,
  "snrd_wm": 173.77856122134287,
  "spacing_x": 1.0,
  "spacing_y": 1.0,
  "spacing_z": 1.0,
  "summary_bg_k": 6.995893554919254,
  "summary_bg_mad": 0.0,
  "summary_bg_mean": 2.4838011661777686,
  "summary_bg_median": 0.0,
  "summary_bg_n": 2667635.0,
  "summary_bg_p05": 0.0,
  "summary_bg_p95": 9.746551539748907,
  "summary_bg_stdv": 3.7700210798383877,
  "summary_csf_k": 1.5678427842855447,
  "summary_csf_mad": 84.71569931549676,
  "summary_csf_mean": 356.78750297990814,
  "summary_csf_median": 344.7771360464394,
  "summary_csf_n": 24912.0,
  "summary_csf_p05": 168.87467970494183,
  "summary_csf_p95": 567.0944567380473,
  "summary_csf_stdv": 114.3296518558526,
  "summary_gm_k": 0.5575868489264724,
  "summary_gm_mad": 45.632396638771326,
  "summary_gm_mean": 791.4147054888911,
  "summary_gm_median": 791.1805960424244,
  "summary_gm_n": 24547.0,
  "summary_gm_p05": 708.445102884248,
  "summary_gm_p95": 875.9565953124315,
  "summary_gm_stdv": 50.50108146426459,
  "summary_wm_k": 0.7512445436343733,
  "summary_wm_mad": 30.4497659052542,
  "summary_wm_mean": 1001.6451122266521,
  "summary_wm_median": 1000.018986929208,
  "summary_wm_n": 171368.0,
  "summary_wm_p05": 950.5642624497414,
  "summary_wm_p95": 1057.7763293869793,
  "summary_wm_stdv": 32.76350679215618,
  "tpm_overlap_csf": 0.15349144037820736,
  "tpm_overlap_gm": 0.46949788026340206,
  "tpm_overlap_wm": 0.507432517277028,
  "wm2max": 0.9115864218912366
}