{
  "aor": 0.0017793939393939391,
  "aqi": 0.0011061860545454546,
  "bids_meta": {
    "AcquisitionMatrixPE": 70,
    "AcquisitionNumber": 1,
    "AcquisitionTime": "13:48:40.005000",
    "BandwidthPerPixelPhaseEncode": 29.155,
    "BaseResolution": 70,
    "BodyPartExamined": "BRAIN",
    "ConsistencyInfo": "N4_VE11C_LATEST_20160120",
    "ConversionSoftware": "dcm2niix",
    "ConversionSoftwareVersion": "v1.0.20181125  (JP2:OpenJPEG) (JP-LS:CharLS) GCC5.5.0",
    "DerivedVendorReportedEchoSpacing": 0.000489992,
    "DeviceSerialNumber": "167012",
    "DwellTime": 3e-06,
    "EchoTime": 0.03,
    "EchoTrainLength": 70,
    "EffectiveEchoSpacing": 0.000489992,
    "FlipAngle": 90,
    "ImageOrientationPatientDICOM": [
      0.997719,
      0.0632689,
      -0.02355,
      -0.0643448,
      0.996766,
      -0.0481404
    ],
    "ImageType": [
      "ORIGINAL",
      "PRIMARY",
      "M",
      "ND",
      "MOSAIC"
    ],
    "ImagingFrequency": 123.253,
    "InPlanePhaseEncodingDirectionDICOM": "COL",
    "InstitutionAddress": "Vassar_Street_43_Cambridge_Boston_US_02139",
    "InstitutionName": "McGovern_Institute_for_Brain_Research_(3T1)",
    "InstitutionalDepartmentName": "Department",
    "MRAcquisitionType": "2D",
    "MagneticFieldStrength": 3,
    "Manufacturer": "Siemens",
    "ManufacturersModelName": "Prisma_fit",
    "Modality": "MR",
    "PartialFourier": 1,
    "PatientPosition": "HFS",
    "PercentPhaseFOV": 100,
    "PhaseEncodingDirection": "j-",
    "PhaseEncodingSteps": 70,
    "PhaseResolution": 1,
    "PixelBandwidth": 2380,
    "ProcedureStepDescription": "Young_Minjae",
    "ProtocolName": "TPS_run1",
    "PulseSequenceDetails": "%SiemensSeq%_ep2d_pace",
    "ReceiveCoilActiveElements": "HEA;HEP",
    "ReceiveCoilName": "Head_32",
    "ReconMatrixPE": 70,
    "RepetitionTime": 2,
    "SAR": 0.083491,
    "ScanOptions": "FS",
    "ScanningSequence": "EP",
    "SequenceName": "_epfid2d1_70",
    "SequenceVariant": "SK",
    "SeriesDescription": "TPS_run1",
    "SeriesNumber": 15,
    "ShimSetting": [
      -5610,
      -1503,
      3170,
      519,
      -38,
      135,
      15,
      -20
    ],
    "SliceThickness": 3,
    "SliceTiming": [
      0,
      0.06,
      0.1225,
      0.185,
      0.2475,
      0.3075,
      0.37,
      0.4325,
      0.495,
      0.555,
      0.6175,
      0.68,
      0.7425,
      0.8025,
      0.865,
      0.9275,
      0.99,
      1.05,
      1.1125,
      1.175,
      1.235,
      1.2975,
      1.36,
      1.4225,
      1.4825,
      1.545,
      1.6075,
      1.67,
      1.73,
      1.7925,
      1.855,
      1.9175
    ],
    "SoftwareVersions": "syngo_MR_E11",
    "SpacingBetweenSlices": 3.6,
    "StationName": "MRC35115",
    "TaskName": "tps",
    "TotalReadoutTime": 0.0338094,
    "TxRefAmp": 214.908,
    "dataset": "ds002793",
    "modality": "bold",
    "run_id": 1,
    "subject_id": "24",
    "task_id": "tps"
  },
  "dummy_trs": 0,
  "dvars_nstd": 16.55195642682926,
  "dvars_std": 1.212599181768293,
  "dvars_vstd": 1.0133357186585366,
  "efc": 0.5524035760020601,
  "fber": 387.2983093261719,
  "fd_mean": 0.08560669320911853,
  "fd_num": 2,
  "fd_perc": 1.2121212121212122,
  "fwhm_avg": 2.761827061183787,
  "fwhm_x": 2.6045633333333336,
  "fwhm_y": 2.9463899999999996,
  "fwhm_z": 2.7345278502180275,
  "gcor": 0.0191648,
  "gsr_x": -0.012544256635010242,
  "gsr_y": 0.06804265826940536,
  "provenance": {
    "md5sum": "eb302eb7ecacdff483acba5475637bff",
    "settings": {
      "fd_thres": 0.2,
      "testing": false
    },
    "software": "mriqc",
    "version": "22.0.6",
    "webapi_port": null,
    "webapi_url": "https://mriqc.nimh.nih.gov/api/v1"
  },
  "size_t": 165,
  "size_x": 70,
  "size_y": 70,
  "size_z": 32,
  "snr": 2.6080650280724584,
  "spacing_tr": 2.0,
  "spacing_x": 3.0,
  "spacing_y": 3.0,
  "spacing_z": 3.5999999046325684,
  "summary_bg_k": 31.249077225069783,
  "summary_bg_mad": 6.253885413204796,
  "summary_bg_mean": 41.438392639160156,
  "summary_bg_median": 20.81818199157715,
  "summary_bg_n": 91717.0,
  "summary_bg_p05": 16.24242401123047,
  "summary_bg_p95": 144.49938659667964,
  "summary_bg_stdv": 61.482601165771484,
  "summary_fg_k": 1.084076354392983,
  "summary_fg_mad": 154.1636644488798,
  "summary_fg_mean": 448.8117980957031,
  "summary_fg_median": 421.375732421875,
  "summary_fg_n": 29255.0,
  "summary_fg_p05": 235.16423645019532,
  "summary_fg_p95": 744.3248107910156,
  "summary_fg_stdv": 161.56365966796875,
  "tsnr": 109.14363577030599
}