{
  "aor": 0.016899696969696967,
  "aqi": 0.007225811878787879,
  "bids_meta": {
    "AcquisitionMatrixPE": 70,
    "AcquisitionNumber": 1,
    "AcquisitionTime": "16:10:7.197500",
    "BandwidthPerPixelPhaseEncode": 29.155,
    "BaseResolution": 70,
    "BodyPartExamined": "BRAIN",
    "ConsistencyInfo": "N4_VE11C_LATEST_20160120",
    "ConversionSoftware": "dcm2niix",
    "ConversionSoftwareVersion": "v1.0.20181125  (JP2:OpenJPEG) (JP-LS:CharLS) GCC5.5.0",
    "DerivedVendorReportedEchoSpacing": 0.000489992,
    "DeviceSerialNumber": "167012",
    "DwellTime": 3e-06,
    "EchoTime": 0.03,
    "EchoTrainLength": 70,
    "EffectiveEchoSpacing": 0.000489992,
    "FlipAngle": 90,
    "ImageOrientationPatientDICOM": [
      0.999429,
      -0.00162887,
      0.0337427,
      0.00226763,
      0.999819,
      -0.0189006
    ],
    "ImageType": [
      "ORIGINAL",
      "PRIMARY",
      "M",
      "ND",
      "MOSAIC"
    ],
    "ImagingFrequency": 123.253,
    "InPlanePhaseEncodingDirectionDICOM": "COL",
    "InstitutionAddress": "Vassar_Street_43_Cambridge_Boston_US_02139",
    "InstitutionName": "MIT",
    "InstitutionalDepartmentName": "Department",
    "MRAcquisitionType": "2D",
    "MagneticFieldStrength": 3,
    "Manufacturer": "Siemens",
    "ManufacturersModelName": "Prisma_fit",
    "Modality": "MR",
    "PartialFourier": 1,
    "PatientPosition": "HFS",
    "PercentPhaseFOV": 100,
    "PhaseEncodingDirection": "j-",
    "PhaseEncodingSteps": 70,
    "PhaseResolution": 1,
    "PixelBandwidth": 2380,
    "ProcedureStepDescription": "Young_Minjae",
    "ProtocolName": "TPS_RUN5",
    "PulseSequenceDetails": "%SiemensSeq%_ep2d_pace",
    "ReceiveCoilActiveElements": "HEA;HEP",
    "ReceiveCoilName": "Head_32",
    "ReconMatrixPE": 70,
    "RepetitionTime": 2,
    "SAR": 0.0982119,
    "ScanOptions": "FS",
    "ScanningSequence": "EP",
    "SequenceName": "_epfid2d1_70",
    "SequenceVariant": "SK",
    "SeriesDescription": "TPS_RUN5",
    "SeriesNumber": 19,
    "ShimSetting": [
      -5605,
      -1530,
      3146,
      454,
      18,
      24,
      -87,
      8
    ],
    "SliceThickness": 3,
    "SliceTiming": [
      0,
      0.0625,
      0.1225,
      0.185,
      0.2475,
      0.31,
      0.37,
      0.4325,
      0.495,
      0.5575,
      0.6175,
      0.68,
      0.7425,
      0.805,
      0.865,
      0.9275,
      0.99,
      1.0525,
      1.1125,
      1.175,
      1.2375,
      1.3,
      1.36,
      1.4225,
      1.485,
      1.5475,
      1.6075,
      1.67,
      1.7325,
      1.795,
      1.855,
      1.9175
    ],
    "SoftwareVersions": "syngo_MR_E11",
    "SpacingBetweenSlices": 3.6,
    "StationName": "MRC35115",
    "TaskName": "tps",
    "TotalReadoutTime": 0.0338094,
    "TxRefAmp": 247.815,
    "dataset": "ds002793",
    "modality": "bold",
    "run_id": 5,
    "subject_id": "01",
    "task_id": "tps"
  },
  "dummy_trs": 0,
  "dvars_nstd": 32.836907584573154,
  "dvars_std": 1.3822788206707317,
  "dvars_vstd": 1.1134777710975612,
  "efc": 0.5877874377321225,
  "fber": 305.17388916015625,
  "fd_mean": 0.30031142171559216,
  "fd_num": 77,
  "fd_perc": 46.666666666666664,
  "fwhm_avg": 2.659679964040961,
  "fwhm_x": 2.4434033333333334,
  "fwhm_y": 2.82082,
  "fwhm_z": 2.7148165587895488,
  "gcor": 0.0498639,
  "gsr_x": -0.0081389881670475,
  "gsr_y": 0.08277053385972977,
  "provenance": {
    "md5sum": "1193cb94c864ea83d8c68063a6207fc0",
    "settings": {
      "fd_thres": 0.2,
      "testing": false
    },
    "software": "mriqc",
    "version": "22.0.6",
    "webapi_port": null,
    "webapi_url": "https://mriqc.nimh.nih.gov/api/v1"
  },
  "size_t": 165,
  "size_x": 70,
  "size_y": 70,
  "size_z": 32,
  "snr": 2.6014714187013865,
  "spacing_tr": 2.0,
  "spacing_x": 3.0,
  "spacing_y": 3.0,
  "spacing_z": 3.6000001430511475,
  "summary_bg_k": 17.460214729942784,
  "summary_bg_mad": 6.307798169735194,
  "summary_bg_mean": 46.445640563964844,
  "summary_bg_median": 21.151514053344727,
  "summary_bg_n": 87503.0,
  "summary_bg_p05": 16.53333282470703,
  "summary_bg_p95": 190.40120391845676,
  "summary_bg_stdv": 68.28270721435547,
  "summary_fg_k": 0.2755808416597092,
  "summary_fg_mad": 142.5274902559766,
  "summary_fg_mean": 400.80194091796875,
  "summary_fg_median": 376.684814453125,
  "summary_fg_n": 33170.0,
  "summary_fg_p05": 210.49514465332032,
  "summary_fg_p95": 675.9275604248046,
  "summary_fg_stdv": 144.79464721679688,
  "tsnr": 58.40946185588837
}