{
  "bids_meta": {
    "AcquisitionMatrixPE": 256,
    "AcquisitionNumber": 1,
    "AcquisitionTime": "16:04:36.722500",
    "BaseResolution": 256,
    "BodyPartExamined": "BRAIN",
    "ConsistencyInfo": "N4_VE11C_LATEST_20160120",
    "ConversionSoftware": "dcm2niix",
    "ConversionSoftwareVersion": "v1.0.20181125  (JP2:OpenJPEG) (JP-LS:CharLS) GCC5.5.0",
    "DeviceSerialNumber": "167012",
    "DwellTime": 3e-06,
    "EchoTime": 0.00169,
    "FlipAngle": 7,
    "ImageOrientationPatientDICOM": [
      -0.0238994,
      0.999661,
      0.0102954,
      -0.0189365,
      0.00984386,
      -0.999772
    ],
    "ImageType": [
      "ORIGINAL",
      "PRIMARY",
      "OTHER",
      "ND",
      "NORM",
      "MEAN"
    ],
    "ImagingFrequency": 123.254,
    "InPlanePhaseEncodingDirectionDICOM": "ROW",
    "InstitutionAddress": "Vassar_Street_43_Cambridge_Boston_US_02139",
    "InstitutionName": "McGovern_Institute_for_Brain_Research_(3T1)",
    "InstitutionalDepartmentName": "Department",
    "InversionTime": 1.4,
    "MRAcquisitionType": "3D",
    "MagneticFieldStrength": 3,
    "Manufacturer": "Siemens",
    "ManufacturersModelName": "Prisma_fit",
    "Modality": "MR",
    "PartialFourier": 1,
    "PatientPosition": "HFS",
    "PercentPhaseFOV": 100,
    "PhaseEncodingSteps": 255,
    "PhaseResolution": 1,
    "PixelBandwidth": 650,
    "ProcedureStepDescription": "Young_Minjae",
    "ProtocolName": "T1w_MPRAGE_FourEcho_vNav",
    "PulseSequenceDetails": "%CustomerSeq%_tfl_mgh_epinav_ABCD",
    "ReceiveCoilActiveElements": "HEA;HEP",
    "ReceiveCoilName": "Head_32",
    "ReconMatrixPE": 256,
    "RepetitionTime": 2.53,
    "SAR": 0.030729,
    "ScanOptions": "IR_WE",
    "ScanningSequence": "GR_IR",
    "SequenceName": "tfl3d4_16ns",
    "SequenceVariant": "SK_SP_MP",
    "SeriesDescription": "T1w_MPRAGE_FourEcho_vNav_RMS",
    "SeriesNumber": 10,
    "ShimSetting": [
      -5611,
      -1610,
      3175,
      394,
      15,
      -113,
      79,
      -27
    ],
    "SliceThickness": 1,
    "SoftwareVersions": "syngo_MR_E11",
    "StationName": "MRC35115",
    "TxRefAmp": 219.494,
    "WipMemBlock": "Prisma_epi_moco_navigator_ABCD_tfl.prot",
    "dataset": "ds002793",
    "modality": "T1w",
    "run_id": 1,
    "subject_id": "15"
  },
  "cjv": 0.35105422620959686,
  "cnr": 3.6651176375515107,
  "efc": 0.5250565700732059,
  "fber": 24328.744726879395,
  "fwhm_avg": 3.8259899999999996,
  "fwhm_x": 3.95387,
  "fwhm_y": 3.8942,
  "fwhm_z": 3.6299,
  "icvs_csf": 0.20203457497726865,
  "icvs_gm": 0.45618963366036436,
  "icvs_wm": 0.34177579136236697,
  "inu_med": 0.3714362382888794,
  "inu_range": 0.12557852417230603,
  "provenance": {
    "md5sum": "3024c7496bafc817a52f006d1cd41834",
    "settings": {
      "testing": false
    },
    "software": "mriqc",
    "version": "22.0.6",
    "warnings": {
      "large_rot_frame": true,
      "small_air_mask": false
    },
    "webapi_port": null,
    "webapi_url": "https://mriqc.nimh.nih.gov/api/v1"
  },
  "qi_1": 0.0,
  "qi_2": 0.002852987631833129,
  "rpve_csf": 26.926532471680037,
  "rpve_gm": 12.748426512220465,
  "rpve_wm": 18.81500313481682,
  "size_x": 176,
  "size_y": 256,
  "size_z": 256,
  "snr_csf": 2.7167778775735494,
  "snr_gm": 15.705520596479339,
  "snr_total": 16.592085881726028,
  "snr_wm": 31.353959171125194,
  "snrd_csf": 58.725885443741376,
  "snrd_gm": 142.52876604548567,
  "snrd_total": 127.78162039726084,
  "snrd_wm": 182.09020970255546,
  "spacing_x": 1.0,
  "spacing_y": 1.0,
  "spacing_z": 1.0,
  "summary_bg_k": 6.485429239543361,
  "summary_bg_mad": 0.0,
  "summary_bg_mean": 2.4944510637556645,
  "summary_bg_median": 0.0,
  "summary_bg_n": 2670387.0,
  "summary_bg_p05": 0.0,
  "summary_bg_p95": 9.579094303771853,
  "summary_bg_stdv": 3.5978672811810006,
  "summary_csf_k": 1.0201405500411171,
  "summary_csf_mad": 84.02588566528169,
  "summary_csf_mean": 333.90402572746916,
  "summary_csf_median": 322.5098495464772,
  "summary_csf_n": 36525.0,
  "summary_csf_p05": 114.78503581136465,
  "summary_csf_p95": 552.8757859636097,
  "summary_csf_stdv": 118.70879738062067,
  "summary_gm_k": 0.3839329754988321,
  "summary_gm_mad": 46.255292108900996,
  "summary_gm_mean": 782.7625412580433,
  "summary_gm_median": 782.7371276915073,
  "summary_gm_n": 34110.0,
  "summary_gm_p05": 699.795914046932,
  "summary_gm_p95": 866.437284567859,
  "summary_gm_stdv": 49.83761277315553,
  "summary_wm_k": 0.6810317314215633,
  "summary_wm_mad": 30.015761546012676,
  "summary_wm_mean": 1000.3254390191873,
  "summary_wm_median": 1000.0000117719173,
  "summary_wm_n": 175327.0,
  "summary_wm_p05": 948.7262172726914,
  "summary_wm_p95": 1052.8183583077043,
  "summary_wm_stdv": 31.893808194874026,
  "tpm_overlap_csf": 0.15813973299332856,
  "tpm_overlap_gm": 0.4723822191981052,
  "tpm_overlap_wm": 0.49799778785091314,
  "wm2max": 0.9136945480443054
}