{
  "aor": 0.007922134146341464,
  "aqi": 0.002059053323170732,
  "bids_meta": {
    "AcquisitionMatrixPE": 70,
    "AcquisitionNumber": 1,
    "AcquisitionTime": "15:45:20.327500",
    "BandwidthPerPixelPhaseEncode": 29.155,
    "BaseResolution": 70,
    "BodyPartExamined": "HEAD",
    "ConsistencyInfo": "N4_VE11C_LATEST_20160120",
    "ConversionSoftware": "dcm2niix",
    "ConversionSoftwareVersion": "v1.0.20181125  (JP2:OpenJPEG) (JP-LS:CharLS) GCC5.5.0",
    "DerivedVendorReportedEchoSpacing": 0.000489992,
    "DeviceSerialNumber": "167012",
    "DwellTime": 3e-06,
    "EchoTime": 0.03,
    "EchoTrainLength": 70,
    "EffectiveEchoSpacing": 0.000489992,
    "FlipAngle": 90,
    "ImageOrientationPatientDICOM": [
      0.998244,
      0.0563945,
      -0.0181094,
      -0.0510929,
      0.974526,
      0.218379
    ],
    "ImageType": [
      "ORIGINAL",
      "PRIMARY",
      "M",
      "ND",
      "MOSAIC"
    ],
    "ImagingFrequency": 123.253,
    "InPlanePhaseEncodingDirectionDICOM": "COL",
    "InstitutionAddress": "Vassar_Street_43_Cambridge_Boston_US_02139",
    "InstitutionName": "McGovern_Institute_for_Brain_Research_(3T1)",
    "InstitutionalDepartmentName": "Department",
    "MRAcquisitionType": "2D",
    "MagneticFieldStrength": 3,
    "Manufacturer": "Siemens",
    "ManufacturersModelName": "Prisma_fit",
    "Modality": "MR",
    "PartialFourier": 1,
    "PatientPosition": "HFS",
    "PercentPhaseFOV": 100,
    "PhaseEncodingDirection": "j-",
    "PhaseEncodingSteps": 70,
    "PhaseResolution": 1,
    "PixelBandwidth": 2380,
    "ProcedureStepDescription": "Young_Minjae",
    "ProtocolName": "TPS_RUN1",
    "PulseSequenceDetails": "%SiemensSeq%_ep2d_pace",
    "ReceiveCoilActiveElements": "HEA;HEP",
    "ReceiveCoilName": "Head_32",
    "ReconMatrixPE": 70,
    "RepetitionTime": 2,
    "SAR": 0.0815158,
    "ScanOptions": "FS",
    "ScanningSequence": "EP",
    "SequenceName": "_epfid2d1_70",
    "SequenceVariant": "SK",
    "SeriesDescription": "TPS_RUN1",
    "SeriesNumber": 15,
    "ShimSetting": [
      -5622,
      -1569,
      3256,
      552,
      11,
      31,
      -84,
      4
    ],
    "SliceThickness": 3,
    "SliceTiming": [
      0,
      0.06,
      0.1225,
      0.185,
      0.2475,
      0.3075,
      0.37,
      0.4325,
      0.495,
      0.555,
      0.6175,
      0.68,
      0.7425,
      0.8025,
      0.865,
      0.9275,
      0.99,
      1.05,
      1.1125,
      1.175,
      1.2375,
      1.2975,
      1.36,
      1.4225,
      1.485,
      1.545,
      1.6075,
      1.67,
      1.7325,
      1.7925,
      1.855,
      1.9175
    ],
    "SoftwareVersions": "syngo_MR_E11",
    "SpacingBetweenSlices": 3.6,
    "StationName": "MRC35115",
    "TaskName": "tps",
    "TotalReadoutTime": 0.0338094,
    "TxRefAmp": 228.248,
    "dataset": "ds002793",
    "modality": "bold",
    "run_id": 1,
    "subject_id": "04",
    "task_id": "tps"
  },
  "dummy_trs": 1,
  "dvars_nstd": 22.66435712693251,
  "dvars_std": 1.3334492786503058,
  "dvars_vstd": 1.0694065861349689,
  "efc": 0.5242455480108645,
  "fber": 486.9420471191406,
  "fd_mean": 0.1565717488136559,
  "fd_num": 31,
  "fd_perc": 18.902439024390244,
  "fwhm_avg": 2.8850166913084045,
  "fwhm_x": 2.769433333333333,
  "fwhm_y": 3.0950333333333333,
  "fwhm_z": 2.7905834072585476,
  "gcor": 0.105859,
  "gsr_x": -0.006414769683033228,
  "gsr_y": 0.05006461590528488,
  "provenance": {
    "md5sum": "efd31743b23d256abaaf6ceb8905549b",
    "settings": {
      "fd_thres": 0.2,
      "testing": false
    },
    "software": "mriqc",
    "version": "22.0.6",
    "webapi_port": null,
    "webapi_url": "https://mriqc.nimh.nih.gov/api/v1"
  },
  "size_t": 164,
  "size_x": 70,
  "size_y": 70,
  "size_z": 32,
  "snr": 2.4827190030995236,
  "spacing_tr": 2.0,
  "spacing_x": 3.0,
  "spacing_y": 3.0,
  "spacing_z": 3.5999999046325684,
  "summary_bg_k": 27.745209390731002,
  "summary_bg_mad": 6.056971650380891,
  "summary_bg_mean": 39.67637252807617,
  "summary_bg_median": 20.835365295410156,
  "summary_bg_n": 95409.0,
  "summary_bg_p05": 16.426828384399414,
  "summary_bg_p95": 140.45853271484364,
  "summary_bg_stdv": 55.07716751098633,
  "summary_fg_k": 0.520863220138378,
  "summary_fg_mad": 185.57387832301407,
  "summary_fg_mean": 502.6830139160156,
  "summary_fg_median": 469.0975341796875,
  "summary_fg_n": 27204.0,
  "summary_fg_p05": 255.74602584838868,
  "summary_fg_p95": 859.10791015625,
  "summary_fg_stdv": 188.9416046142578,
  "tsnr": 80.14040155825205
}