{
  "aor": 0.0031782424242424237,
  "aqi": 0.0032167423636363635,
  "bids_meta": {
    "AcquisitionMatrixPE": 70,
    "AcquisitionNumber": 1,
    "AcquisitionTime": "16:11:21.590000",
    "BandwidthPerPixelPhaseEncode": 29.155,
    "BaseResolution": 70,
    "BodyPartExamined": "HEAD",
    "ConsistencyInfo": "N4_VE11C_LATEST_20160120",
    "ConversionSoftware": "dcm2niix",
    "ConversionSoftwareVersion": "v1.0.20181125  (JP2:OpenJPEG) (JP-LS:CharLS) GCC5.5.0",
    "DerivedVendorReportedEchoSpacing": 0.000489992,
    "DeviceSerialNumber": "167012",
    "DwellTime": 3e-06,
    "EchoTime": 0.03,
    "EchoTrainLength": 70,
    "EffectiveEchoSpacing": 0.000489992,
    "FlipAngle": 90,
    "ImageOrientationPatientDICOM": [
      0.998244,
      0.0563945,
      -0.0181094,
      -0.0510929,
      0.974526,
      0.218379
    ],
    "ImageType": [
      "ORIGINAL",
      "PRIMARY",
      "M",
      "ND",
      "MOSAIC"
    ],
    "ImagingFrequency": 123.253,
    "InPlanePhaseEncodingDirectionDICOM": "COL",
    "InstitutionAddress": "Vassar_Street_43_Cambridge_Boston_US_02139",
    "InstitutionName": "McGovern_Institute_for_Brain_Research_(3T1)",
    "InstitutionalDepartmentName": "Department",
    "MRAcquisitionType": "2D",
    "MagneticFieldStrength": 3,
    "Manufacturer": "Siemens",
    "ManufacturersModelName": "Prisma_fit",
    "Modality": "MR",
    "PartialFourier": 1,
    "PatientPosition": "HFS",
    "PercentPhaseFOV": 100,
    "PhaseEncodingDirection": "j-",
    "PhaseEncodingSteps": 70,
    "PhaseResolution": 1,
    "PixelBandwidth": 2380,
    "ProcedureStepDescription": "Young_Minjae",
    "ProtocolName": "TPS_RUN5",
    "PulseSequenceDetails": "%SiemensSeq%_ep2d_pace",
    "ReceiveCoilActiveElements": "HEA;HEP",
    "ReceiveCoilName": "Head_32",
    "ReconMatrixPE": 70,
    "RepetitionTime": 2,
    "SAR": 0.0815158,
    "ScanOptions": "FS",
    "ScanningSequence": "EP",
    "SequenceName": "_epfid2d1_70",
    "SequenceVariant": "SK",
    "SeriesDescription": "TPS_RUN5",
    "SeriesNumber": 23,
    "ShimSetting": [
      -5622,
      -1569,
      3256,
      552,
      11,
      31,
      -84,
      4
    ],
    "SliceThickness": 3,
    "SliceTiming": [
      0,
      0.06,
      0.1225,
      0.185,
      0.2475,
      0.3075,
      0.37,
      0.4325,
      0.495,
      0.555,
      0.6175,
      0.68,
      0.7425,
      0.8025,
      0.865,
      0.9275,
      0.99,
      1.05,
      1.1125,
      1.175,
      1.2375,
      1.2975,
      1.36,
      1.4225,
      1.485,
      1.545,
      1.6075,
      1.67,
      1.7325,
      1.7925,
      1.855,
      1.9175
    ],
    "SoftwareVersions": "syngo_MR_E11",
    "SpacingBetweenSlices": 3.6,
    "StationName": "MRC35115",
    "TaskName": "tps",
    "TotalReadoutTime": 0.0338094,
    "TxRefAmp": 228.248,
    "dataset": "ds002793",
    "modality": "bold",
    "run_id": 5,
    "subject_id": "04",
    "task_id": "tps"
  },
  "dummy_trs": 0,
  "dvars_nstd": 26.842981152378044,
  "dvars_std": 1.288245571707317,
  "dvars_vstd": 1.0117619939024391,
  "efc": 0.526427559002244,
  "fber": 475.8898620605469,
  "fd_mean": 0.21976053640157173,
  "fd_num": 63,
  "fd_perc": 38.18181818181818,
  "fwhm_avg": 2.8397116907164057,
  "fwhm_x": 2.7121099999999996,
  "fwhm_y": 3.0834833333333336,
  "fwhm_z": 2.7235417388158836,
  "gcor": 0.122443,
  "gsr_x": -0.006609725300222635,
  "gsr_y": 0.05169517919421196,
  "provenance": {
    "md5sum": "d44441e0239acf44d50738ad7aebea33",
    "settings": {
      "fd_thres": 0.2,
      "testing": false
    },
    "software": "mriqc",
    "version": "22.0.6",
    "webapi_port": null,
    "webapi_url": "https://mriqc.nimh.nih.gov/api/v1"
  },
  "size_t": 165,
  "size_x": 70,
  "size_y": 70,
  "size_z": 32,
  "snr": 2.539027694528047,
  "spacing_tr": 2.0,
  "spacing_x": 3.0,
  "spacing_y": 3.0,
  "spacing_z": 3.5999999046325684,
  "summary_bg_k": 27.10783614790238,
  "summary_bg_mad": 6.065189351428746,
  "summary_bg_mean": 40.100650787353516,
  "summary_bg_median": 20.860605239868164,
  "summary_bg_n": 95658.0,
  "summary_bg_p05": 16.448484420776367,
  "summary_bg_p95": 143.47362823486324,
  "summary_bg_stdv": 56.15474319458008,
  "summary_fg_k": 0.3989950615625397,
  "summary_fg_mad": 179.69140698105056,
  "summary_fg_mean": 496.2695007324219,
  "summary_fg_median": 463.7605895996094,
  "summary_fg_n": 26990.0,
  "summary_fg_p05": 255.4057472229004,
  "summary_fg_p95": 840.4820831298828,
  "summary_fg_stdv": 182.64944458007812,
  "tsnr": 69.34148560091853
}