{
  "aor": 0.010949878048780486,
  "aqi": 0.002847199085365854,
  "bids_meta": {
    "AcquisitionMatrixPE": 70,
    "AcquisitionNumber": 1,
    "AcquisitionTime": "16:42:58.352500",
    "BandwidthPerPixelPhaseEncode": 29.155,
    "BaseResolution": 70,
    "BodyPartExamined": "HEAD",
    "ConsistencyInfo": "N4_VE11C_LATEST_20160120",
    "ConversionSoftware": "dcm2niix",
    "ConversionSoftwareVersion": "v1.0.20181125  (JP2:OpenJPEG) (JP-LS:CharLS) GCC5.5.0",
    "DerivedVendorReportedEchoSpacing": 0.000489992,
    "DeviceSerialNumber": "167012",
    "DwellTime": 3e-06,
    "EchoTime": 0.03,
    "EchoTrainLength": 70,
    "EffectiveEchoSpacing": 0.000489992,
    "FlipAngle": 90,
    "ImageOrientationPatientDICOM": [
      0.998244,
      0.0563945,
      -0.0181094,
      -0.0510929,
      0.974526,
      0.218379
    ],
    "ImageType": [
      "ORIGINAL",
      "PRIMARY",
      "M",
      "ND",
      "MOSAIC"
    ],
    "ImagingFrequency": 123.253,
    "InPlanePhaseEncodingDirectionDICOM": "COL",
    "InstitutionAddress": "Vassar_Street_43_Cambridge_Boston_US_02139",
    "InstitutionName": "McGovern_Institute_for_Brain_Research_(3T1)",
    "InstitutionalDepartmentName": "Department",
    "MRAcquisitionType": "2D",
    "MagneticFieldStrength": 3,
    "Manufacturer": "Siemens",
    "ManufacturersModelName": "Prisma_fit",
    "Modality": "MR",
    "PartialFourier": 1,
    "PatientPosition": "HFS",
    "PercentPhaseFOV": 100,
    "PhaseEncodingDirection": "j-",
    "PhaseEncodingSteps": 70,
    "PhaseResolution": 1,
    "PixelBandwidth": 2380,
    "ProcedureStepDescription": "Young_Minjae",
    "ProtocolName": "TPS_RUN10",
    "PulseSequenceDetails": "%SiemensSeq%_ep2d_pace",
    "ReceiveCoilActiveElements": "HEA;HEP",
    "ReceiveCoilName": "Head_32",
    "ReconMatrixPE": 70,
    "RepetitionTime": 2,
    "SAR": 0.0815158,
    "ScanOptions": "FS",
    "ScanningSequence": "EP",
    "SequenceName": "_epfid2d1_70",
    "SequenceVariant": "SK",
    "SeriesDescription": "TPS_RUN10",
    "SeriesNumber": 33,
    "ShimSetting": [
      -5622,
      -1569,
      3256,
      552,
      11,
      31,
      -84,
      4
    ],
    "SliceThickness": 3,
    "SliceTiming": [
      0,
      0.0625,
      0.1225,
      0.185,
      0.2475,
      0.31,
      0.37,
      0.4325,
      0.495,
      0.5575,
      0.6175,
      0.68,
      0.7425,
      0.805,
      0.865,
      0.9275,
      0.99,
      1.0525,
      1.1125,
      1.175,
      1.2375,
      1.3,
      1.36,
      1.4225,
      1.485,
      1.5475,
      1.6075,
      1.67,
      1.7325,
      1.795,
      1.855,
      1.9175
    ],
    "SoftwareVersions": "syngo_MR_E11",
    "SpacingBetweenSlices": 3.6,
    "StationName": "MRC35115",
    "TaskName": "tps",
    "TotalReadoutTime": 0.0338094,
    "TxRefAmp": 228.248,
    "dataset": "ds002793",
    "modality": "bold",
    "run_id": 10,
    "subject_id": "04",
    "task_id": "tps"
  },
  "dummy_trs": 1,
  "dvars_nstd": 26.534059015705516,
  "dvars_std": 1.3122653206748465,
  "dvars_vstd": 1.04547377,
  "efc": 0.5278351434363222,
  "fber": 471.9601745605469,
  "fd_mean": 0.1992515784357055,
  "fd_num": 42,
  "fd_perc": 25.609756097560975,
  "fwhm_avg": 2.844847802000958,
  "fwhm_x": 2.71073,
  "fwhm_y": 3.0806299999999998,
  "fwhm_z": 2.743183406002877,
  "gcor": 0.125901,
  "gsr_x": -0.004759686067700386,
  "gsr_y": 0.04799473285675049,
  "provenance": {
    "md5sum": "9e4a0201bdb29394bc50819027e89031",
    "settings": {
      "fd_thres": 0.2,
      "testing": false
    },
    "software": "mriqc",
    "version": "22.0.6",
    "webapi_port": null,
    "webapi_url": "https://mriqc.nimh.nih.gov/api/v1"
  },
  "size_t": 164,
  "size_x": 70,
  "size_y": 70,
  "size_z": 32,
  "snr": 2.5574835475585975,
  "spacing_tr": 2.0,
  "spacing_x": 3.0,
  "spacing_y": 3.0,
  "spacing_z": 3.5999999046325684,
  "summary_bg_k": 25.3597156386118,
  "summary_bg_mad": 6.129296468687813,
  "summary_bg_mean": 40.397239685058594,
  "summary_bg_median": 20.96341323852539,
  "summary_bg_n": 95495.0,
  "summary_bg_p05": 16.481706619262695,
  "summary_bg_p95": 146.49328155517583,
  "summary_bg_stdv": 56.3148078918457,
  "summary_fg_k": 0.4002584678825838,
  "summary_fg_mad": 179.06941806815394,
  "summary_fg_mean": 495.1814880371094,
  "summary_fg_median": 463.8323059082031,
  "summary_fg_n": 27182.0,
  "summary_fg_p05": 255.15273971557616,
  "summary_fg_p95": 834.17041015625,
  "summary_fg_stdv": 181.35943603515625,
  "tsnr": 64.95149834267795
}