{
  "aor": 0.00312769696969697,
  "aqi": 0.002186325939393939,
  "bids_meta": {
    "AcquisitionMatrixPE": 70,
    "AcquisitionNumber": 1,
    "AcquisitionTime": "16:36:43.710000",
    "BandwidthPerPixelPhaseEncode": 29.155,
    "BaseResolution": 70,
    "BodyPartExamined": "HEAD",
    "ConsistencyInfo": "N4_VE11C_LATEST_20160120",
    "ConversionSoftware": "dcm2niix",
    "ConversionSoftwareVersion": "v1.0.20181125  (JP2:OpenJPEG) (JP-LS:CharLS) GCC5.5.0",
    "DerivedVendorReportedEchoSpacing": 0.000489992,
    "DeviceSerialNumber": "167012",
    "DwellTime": 3e-06,
    "EchoTime": 0.03,
    "EchoTrainLength": 70,
    "EffectiveEchoSpacing": 0.000489992,
    "FlipAngle": 90,
    "ImageOrientationPatientDICOM": [
      0.998244,
      0.0563945,
      -0.0181094,
      -0.0510929,
      0.974526,
      0.218379
    ],
    "ImageType": [
      "ORIGINAL",
      "PRIMARY",
      "M",
      "ND",
      "MOSAIC"
    ],
    "ImagingFrequency": 123.253,
    "InPlanePhaseEncodingDirectionDICOM": "COL",
    "InstitutionAddress": "Vassar_Street_43_Cambridge_Boston_US_02139",
    "InstitutionName": "McGovern_Institute_for_Brain_Research_(3T1)",
    "InstitutionalDepartmentName": "Department",
    "MRAcquisitionType": "2D",
    "MagneticFieldStrength": 3,
    "Manufacturer": "Siemens",
    "ManufacturersModelName": "Prisma_fit",
    "Modality": "MR",
    "PartialFourier": 1,
    "PatientPosition": "HFS",
    "PercentPhaseFOV": 100,
    "PhaseEncodingDirection": "j-",
    "PhaseEncodingSteps": 70,
    "PhaseResolution": 1,
    "PixelBandwidth": 2380,
    "ProcedureStepDescription": "Young_Minjae",
    "ProtocolName": "TPS_RUN9",
    "PulseSequenceDetails": "%SiemensSeq%_ep2d_pace",
    "ReceiveCoilActiveElements": "HEA;HEP",
    "ReceiveCoilName": "Head_32",
    "ReconMatrixPE": 70,
    "RepetitionTime": 2,
    "SAR": 0.0815158,
    "ScanOptions": "FS",
    "ScanningSequence": "EP",
    "SequenceName": "_epfid2d1_70",
    "SequenceVariant": "SK",
    "SeriesDescription": "TPS_RUN9",
    "SeriesNumber": 31,
    "ShimSetting": [
      -5622,
      -1569,
      3256,
      552,
      11,
      31,
      -84,
      4
    ],
    "SliceThickness": 3,
    "SliceTiming": [
      0,
      0.0625,
      0.125,
      0.185,
      0.2475,
      0.31,
      0.3725,
      0.4325,
      0.495,
      0.5575,
      0.62,
      0.68,
      0.7425,
      0.805,
      0.8675,
      0.9275,
      0.99,
      1.0525,
      1.115,
      1.175,
      1.2375,
      1.3,
      1.3625,
      1.4225,
      1.485,
      1.5475,
      1.61,
      1.67,
      1.7325,
      1.795,
      1.8575,
      1.9175
    ],
    "SoftwareVersions": "syngo_MR_E11",
    "SpacingBetweenSlices": 3.6,
    "StationName": "MRC35115",
    "TaskName": "tps",
    "TotalReadoutTime": 0.0338094,
    "TxRefAmp": 228.248,
    "dataset": "ds002793",
    "modality": "bold",
    "run_id": 9,
    "subject_id": "04",
    "task_id": "tps"
  },
  "dummy_trs": 0,
  "dvars_nstd": 22.674947942499994,
  "dvars_std": 1.274719174939024,
  "dvars_vstd": 1.02639288152439,
  "efc": 0.5263917393258615,
  "fber": 475.3861083984375,
  "fd_mean": 0.16553141472921354,
  "fd_num": 41,
  "fd_perc": 24.848484848484848,
  "fwhm_avg": 2.8325481721461068,
  "fwhm_x": 2.7038733333333336,
  "fwhm_y": 3.076093333333333,
  "fwhm_z": 2.7176778497716545,
  "gcor": 0.0751422,
  "gsr_x": -0.00485734548419714,
  "gsr_y": 0.04860322177410126,
  "provenance": {
    "md5sum": "456cc58cde2cabbe9156546797fdc59e",
    "settings": {
      "fd_thres": 0.2,
      "testing": false
    },
    "software": "mriqc",
    "version": "22.0.6",
    "webapi_port": null,
    "webapi_url": "https://mriqc.nimh.nih.gov/api/v1"
  },
  "size_t": 165,
  "size_x": 70,
  "size_y": 70,
  "size_z": 32,
  "snr": 2.5396025027516607,
  "spacing_tr": 2.0,
  "spacing_x": 3.0,
  "spacing_y": 3.0,
  "spacing_z": 3.5999999046325684,
  "summary_bg_k": 25.282850142939832,
  "summary_bg_mad": 6.1460599001439995,
  "summary_bg_mean": 40.450408935546875,
  "summary_bg_median": 21.024242401123047,
  "summary_bg_n": 95604.0,
  "summary_bg_p05": 16.527271270751953,
  "summary_bg_p95": 146.8109046936031,
  "summary_bg_stdv": 56.30233383178711,
  "summary_fg_k": 0.3920448862798538,
  "summary_fg_mad": 180.88647449806072,
  "summary_fg_mean": 499.03436279296875,
  "summary_fg_median": 466.7696838378906,
  "summary_fg_n": 27015.0,
  "summary_fg_p05": 256.31756286621095,
  "summary_fg_p95": 844.2466552734375,
  "summary_fg_stdv": 183.79295349121094,
  "tsnr": 79.57160793361254
}