{
  "aor": 0.005333818181818182,
  "aqi": 0.0029936519818181814,
  "bids_meta": {
    "AcquisitionMatrixPE": 70,
    "AcquisitionNumber": 1,
    "AcquisitionTime": "15:58:25.902500",
    "BandwidthPerPixelPhaseEncode": 29.155,
    "BaseResolution": 70,
    "BodyPartExamined": "HEAD",
    "ConsistencyInfo": "N4_VE11C_LATEST_20160120",
    "ConversionSoftware": "dcm2niix",
    "ConversionSoftwareVersion": "v1.0.20181125  (JP2:OpenJPEG) (JP-LS:CharLS) GCC5.5.0",
    "DerivedVendorReportedEchoSpacing": 0.000489992,
    "DeviceSerialNumber": "167012",
    "DwellTime": 3e-06,
    "EchoTime": 0.03,
    "EchoTrainLength": 70,
    "EffectiveEchoSpacing": 0.000489992,
    "FlipAngle": 90,
    "ImageOrientationPatientDICOM": [
      0.998244,
      0.0563945,
      -0.0181094,
      -0.0510929,
      0.974526,
      0.218379
    ],
    "ImageType": [
      "ORIGINAL",
      "PRIMARY",
      "M",
      "ND",
      "MOSAIC"
    ],
    "ImagingFrequency": 123.253,
    "InPlanePhaseEncodingDirectionDICOM": "COL",
    "InstitutionAddress": "Vassar_Street_43_Cambridge_Boston_US_02139",
    "InstitutionName": "McGovern_Institute_for_Brain_Research_(3T1)",
    "InstitutionalDepartmentName": "Department",
    "MRAcquisitionType": "2D",
    "MagneticFieldStrength": 3,
    "Manufacturer": "Siemens",
    "ManufacturersModelName": "Prisma_fit",
    "Modality": "MR",
    "PartialFourier": 1,
    "PatientPosition": "HFS",
    "PercentPhaseFOV": 100,
    "PhaseEncodingDirection": "j-",
    "PhaseEncodingSteps": 70,
    "PhaseResolution": 1,
    "PixelBandwidth": 2380,
    "ProcedureStepDescription": "Young_Minjae",
    "ProtocolName": "TPS_RUN3",
    "PulseSequenceDetails": "%SiemensSeq%_ep2d_pace",
    "ReceiveCoilActiveElements": "HEA;HEP",
    "ReceiveCoilName": "Head_32",
    "ReconMatrixPE": 70,
    "RepetitionTime": 2,
    "SAR": 0.0815158,
    "ScanOptions": "FS",
    "ScanningSequence": "EP",
    "SequenceName": "_epfid2d1_70",
    "SequenceVariant": "SK",
    "SeriesDescription": "TPS_RUN3",
    "SeriesNumber": 19,
    "ShimSetting": [
      -5622,
      -1569,
      3256,
      552,
      11,
      31,
      -84,
      4
    ],
    "SliceThickness": 3,
    "SliceTiming": [
      0,
      0.0625,
      0.1225,
      0.185,
      0.2475,
      0.31,
      0.37,
      0.4325,
      0.495,
      0.5575,
      0.6175,
      0.68,
      0.7425,
      0.805,
      0.865,
      0.9275,
      0.99,
      1.05,
      1.1125,
      1.175,
      1.2375,
      1.2975,
      1.36,
      1.4225,
      1.485,
      1.545,
      1.6075,
      1.67,
      1.7325,
      1.7925,
      1.855,
      1.9175
    ],
    "SoftwareVersions": "syngo_MR_E11",
    "SpacingBetweenSlices": 3.6,
    "StationName": "MRC35115",
    "TaskName": "tps",
    "TotalReadoutTime": 0.0338094,
    "TxRefAmp": 228.248,
    "dataset": "ds002793",
    "modality": "bold",
    "run_id": 3,
    "subject_id": "04",
    "task_id": "tps"
  },
  "dummy_trs": 0,
  "dvars_nstd": 25.217455945548785,
  "dvars_std": 1.2644725145731708,
  "dvars_vstd": 1.010308825365854,
  "efc": 0.5259742725939207,
  "fber": 478.26708984375,
  "fd_mean": 0.1938361403555338,
  "fd_num": 44,
  "fd_perc": 26.666666666666668,
  "fwhm_avg": 2.8581215058177887,
  "fwhm_x": 2.7395066666666668,
  "fwhm_y": 3.078863333333333,
  "fwhm_z": 2.7559945174533667,
  "gcor": 0.0964853,
  "gsr_x": -0.006333194673061371,
  "gsr_y": 0.05132324993610382,
  "provenance": {
    "md5sum": "d36840cc6b4822f5f3cc7ac7e7fe2d58",
    "settings": {
      "fd_thres": 0.2,
      "testing": false
    },
    "software": "mriqc",
    "version": "22.0.6",
    "webapi_port": null,
    "webapi_url": "https://mriqc.nimh.nih.gov/api/v1"
  },
  "size_t": 165,
  "size_x": 70,
  "size_y": 70,
  "size_z": 32,
  "snr": 2.515983681118028,
  "spacing_tr": 2.0,
  "spacing_x": 3.0,
  "spacing_y": 3.0,
  "spacing_z": 3.5999999046325684,
  "summary_bg_k": 27.27534345323544,
  "summary_bg_mad": 5.96635071170934,
  "summary_bg_mean": 39.61212158203125,
  "summary_bg_median": 20.763635635375977,
  "summary_bg_n": 95376.0,
  "summary_bg_p05": 16.40605926513672,
  "summary_bg_p95": 140.08787155151367,
  "summary_bg_stdv": 55.09033203125,
  "summary_fg_k": 0.42497394429442625,
  "summary_fg_mad": 181.49746877170267,
  "summary_fg_mean": 496.46435546875,
  "summary_fg_median": 463.43939208984375,
  "summary_fg_n": 27174.0,
  "summary_fg_p05": 254.06211700439454,
  "summary_fg_p95": 843.0445343017578,
  "summary_fg_stdv": 184.1947021484375,
  "tsnr": 68.16490440443158
}