{
  "aor": 0.0024922794117647057,
  "aqi": 0.0017436462132352942,
  "bids_meta": {
    "AcquisitionMatrixPE": 70,
    "AcquisitionNumber": 1,
    "AcquisitionTime": "15:54:9.240000",
    "BandwidthPerPixelPhaseEncode": 29.155,
    "BaseResolution": 70,
    "BodyPartExamined": "BRAIN",
    "ConsistencyInfo": "N4_VE11C_LATEST_20160120",
    "ConversionSoftware": "dcm2niix",
    "ConversionSoftwareVersion": "v1.0.20181125  (JP2:OpenJPEG) (JP-LS:CharLS) GCC5.5.0",
    "DerivedVendorReportedEchoSpacing": 0.000489992,
    "DeviceSerialNumber": "167012",
    "DwellTime": 3e-06,
    "EchoTime": 0.03,
    "EchoTrainLength": 70,
    "EffectiveEchoSpacing": 0.000489992,
    "FlipAngle": 90,
    "ImageOrientationPatientDICOM": [
      0.996992,
      -0.0287814,
      0.071962,
      0.0322026,
      0.998383,
      -0.0468426
    ],
    "ImageType": [
      "ORIGINAL",
      "PRIMARY",
      "M",
      "ND",
      "MOSAIC"
    ],
    "ImagingFrequency": 123.253,
    "InPlanePhaseEncodingDirectionDICOM": "COL",
    "InstitutionAddress": "Vassar_Street_43_Cambridge_Boston_US_02139",
    "InstitutionName": "McGovern_Institute_for_Brain_Research_(3T1)",
    "InstitutionalDepartmentName": "Department",
    "MRAcquisitionType": "2D",
    "MagneticFieldStrength": 3,
    "Manufacturer": "Siemens",
    "ManufacturersModelName": "Prisma_fit",
    "Modality": "MR",
    "PartialFourier": 1,
    "PatientPosition": "HFS",
    "PercentPhaseFOV": 100,
    "PhaseEncodingDirection": "j-",
    "PhaseEncodingSteps": 70,
    "PhaseResolution": 1,
    "PixelBandwidth": 2380,
    "ProcedureStepDescription": "Young_Minjae",
    "ProtocolName": "TOM_RUN1",
    "PulseSequenceDetails": "%SiemensSeq%_ep2d_pace",
    "ReceiveCoilActiveElements": "HEA;HEP",
    "ReceiveCoilName": "Head_32",
    "ReconMatrixPE": 70,
    "RepetitionTime": 2,
    "SAR": 0.0838848,
    "ScanOptions": "FS",
    "ScanningSequence": "EP",
    "SequenceName": "_epfid2d1_70",
    "SequenceVariant": "SK",
    "SeriesDescription": "TOM_RUN1",
    "SeriesNumber": 11,
    "ShimSetting": [
      -5642,
      -1565,
      3255,
      611,
      -51,
      -171,
      -51,
      -43
    ],
    "SliceThickness": 3,
    "SliceTiming": [
      0,
      0.06,
      0.1225,
      0.185,
      0.2475,
      0.3075,
      0.37,
      0.4325,
      0.495,
      0.555,
      0.6175,
      0.68,
      0.7425,
      0.8025,
      0.865,
      0.9275,
      0.99,
      1.05,
      1.1125,
      1.175,
      1.2375,
      1.2975,
      1.36,
      1.4225,
      1.485,
      1.545,
      1.6075,
      1.67,
      1.7325,
      1.7925,
      1.855,
      1.9175
    ],
    "SoftwareVersions": "syngo_MR_E11",
    "SpacingBetweenSlices": 3.6,
    "StationName": "MRC35115",
    "TaskName": "tom",
    "TotalReadoutTime": 0.0338094,
    "TxRefAmp": 242.089,
    "dataset": "ds002793",
    "modality": "bold",
    "run_id": 1,
    "subject_id": "13",
    "task_id": "tom"
  },
  "dummy_trs": 0,
  "dvars_nstd": 17.225224501777774,
  "dvars_std": 1.1590216522962966,
  "dvars_vstd": 0.996444273925926,
  "efc": 0.5206545610296338,
  "fber": 529.173583984375,
  "fd_mean": 0.10240076897339657,
  "fd_num": 7,
  "fd_perc": 5.147058823529412,
  "fwhm_avg": 2.809922556534286,
  "fwhm_x": 2.6590833333333332,
  "fwhm_y": 3.0483733333333336,
  "fwhm_z": 2.7223110029361908,
  "gcor": 0.0486473,
  "gsr_x": -0.018274841830134392,
  "gsr_y": 0.04513253644108772,
  "provenance": {
    "md5sum": "c0a2072174dfee1a7ef2ca86556c6deb",
    "settings": {
      "fd_thres": 0.2,
      "testing": false
    },
    "software": "mriqc",
    "version": "22.0.6",
    "webapi_port": null,
    "webapi_url": "https://mriqc.nimh.nih.gov/api/v1"
  },
  "size_t": 136,
  "size_x": 70,
  "size_y": 70,
  "size_z": 32,
  "snr": 2.582087994069895,
  "spacing_tr": 2.0,
  "spacing_x": 3.0,
  "spacing_y": 3.0,
  "spacing_z": 3.6000001430511475,
  "summary_bg_k": 40.1143112960934,
  "summary_bg_mad": 4.578625330043569,
  "summary_bg_mean": 34.47719192504883,
  "summary_bg_median": 19.360294342041016,
  "summary_bg_n": 95484.0,
  "summary_bg_p05": 16.044116973876953,
  "summary_bg_p95": 108.27720603942858,
  "summary_bg_stdv": 45.181705474853516,
  "summary_fg_k": 0.21276987535215408,
  "summary_fg_mad": 175.99908587678794,
  "summary_fg_mean": 478.0401916503906,
  "summary_fg_median": 450.29779052734375,
  "summary_fg_n": 27538.0,
  "summary_fg_p05": 246.2845542907715,
  "summary_fg_p95": 798.5999938964843,
  "summary_fg_stdv": 174.3897247314453,
  "tsnr": 88.82441086694598
}