{
  "aor": 0.001626060606060606,
  "aqi": 0.001885159151515151,
  "bids_meta": {
    "AcquisitionMatrixPE": 70,
    "AcquisitionNumber": 1,
    "AcquisitionTime": "16:58:51.222500",
    "BandwidthPerPixelPhaseEncode": 29.155,
    "BaseResolution": 70,
    "BodyPartExamined": "BRAIN",
    "ConsistencyInfo": "N4_VE11C_LATEST_20160120",
    "ConversionSoftware": "dcm2niix",
    "ConversionSoftwareVersion": "v1.0.20181125  (JP2:OpenJPEG) (JP-LS:CharLS) GCC5.5.0",
    "DerivedVendorReportedEchoSpacing": 0.000489992,
    "DeviceSerialNumber": "167012",
    "DwellTime": 3e-06,
    "EchoTime": 0.03,
    "EchoTrainLength": 70,
    "EffectiveEchoSpacing": 0.000489992,
    "FlipAngle": 90,
    "ImageOrientationPatientDICOM": [
      0.996992,
      -0.0287814,
      0.071962,
      0.0322026,
      0.998383,
      -0.0468426
    ],
    "ImageType": [
      "ORIGINAL",
      "PRIMARY",
      "M",
      "ND",
      "MOSAIC"
    ],
    "ImagingFrequency": 123.253,
    "InPlanePhaseEncodingDirectionDICOM": "COL",
    "InstitutionAddress": "Vassar_Street_43_Cambridge_Boston_US_02139",
    "InstitutionName": "McGovern_Institute_for_Brain_Research_(3T1)",
    "InstitutionalDepartmentName": "Department",
    "MRAcquisitionType": "2D",
    "MagneticFieldStrength": 3,
    "Manufacturer": "Siemens",
    "ManufacturersModelName": "Prisma_fit",
    "Modality": "MR",
    "PartialFourier": 1,
    "PatientPosition": "HFS",
    "PercentPhaseFOV": 100,
    "PhaseEncodingDirection": "j-",
    "PhaseEncodingSteps": 70,
    "PhaseResolution": 1,
    "PixelBandwidth": 2380,
    "ProcedureStepDescription": "Young_Minjae",
    "ProtocolName": "TPS_RUN9",
    "PulseSequenceDetails": "%SiemensSeq%_ep2d_pace",
    "ReceiveCoilActiveElements": "HEA;HEP",
    "ReceiveCoilName": "Head_32",
    "ReconMatrixPE": 70,
    "RepetitionTime": 2,
    "SAR": 0.0839636,
    "ScanOptions": "FS",
    "ScanningSequence": "EP",
    "SequenceName": "_epfid2d1_70",
    "SequenceVariant": "SK",
    "SeriesDescription": "TPS_RUN9",
    "SeriesNumber": 31,
    "ShimSetting": [
      -5642,
      -1565,
      3255,
      611,
      -51,
      -171,
      -51,
      -43
    ],
    "SliceThickness": 3,
    "SliceTiming": [
      0,
      0.0625,
      0.1225,
      0.185,
      0.2475,
      0.31,
      0.37,
      0.4325,
      0.495,
      0.5575,
      0.6175,
      0.68,
      0.7425,
      0.805,
      0.865,
      0.9275,
      0.99,
      1.0525,
      1.1125,
      1.175,
      1.2375,
      1.3,
      1.36,
      1.4225,
      1.485,
      1.5475,
      1.6075,
      1.67,
      1.7325,
      1.795,
      1.855,
      1.9175
    ],
    "SoftwareVersions": "syngo_MR_E11",
    "SpacingBetweenSlices": 3.6,
    "StationName": "MRC35115",
    "TaskName": "tps",
    "TotalReadoutTime": 0.0338094,
    "TxRefAmp": 242.089,
    "dataset": "ds002793",
    "modality": "bold",
    "run_id": 9,
    "subject_id": "13",
    "task_id": "tps"
  },
  "dummy_trs": 0,
  "dvars_nstd": 17.423068063963424,
  "dvars_std": 1.1582282751219513,
  "dvars_vstd": 0.990085899878048,
  "efc": 0.5234898816869491,
  "fber": 517.2438354492188,
  "fd_mean": 0.127371847290056,
  "fd_num": 18,
  "fd_perc": 10.909090909090908,
  "fwhm_avg": 2.788194779058505,
  "fwhm_x": 2.6510333333333334,
  "fwhm_y": 3.01404,
  "fwhm_z": 2.6995110038421815,
  "gcor": 0.0589486,
  "gsr_x": -0.017210878431797028,
  "gsr_y": 0.04093330353498459,
  "provenance": {
    "md5sum": "bf610af26238139403a04633b985d178",
    "settings": {
      "fd_thres": 0.2,
      "testing": false
    },
    "software": "mriqc",
    "version": "22.0.6",
    "webapi_port": null,
    "webapi_url": "https://mriqc.nimh.nih.gov/api/v1"
  },
  "size_t": 165,
  "size_x": 70,
  "size_y": 70,
  "size_z": 32,
  "snr": 2.5893530650939063,
  "spacing_tr": 2.0,
  "spacing_x": 3.0,
  "spacing_y": 3.0,
  "spacing_z": 3.6000001430511475,
  "summary_bg_k": 36.21044632273069,
  "summary_bg_mad": 5.130701571568514,
  "summary_bg_mean": 36.06631088256836,
  "summary_bg_median": 19.95757484436035,
  "summary_bg_n": 95266.0,
  "summary_bg_p05": 16.23636245727539,
  "summary_bg_p95": 114.9590892791748,
  "summary_bg_stdv": 48.27202606201172,
  "summary_fg_k": 0.2242375894957398,
  "summary_fg_mad": 177.75949502954722,
  "summary_fg_mean": 489.6880798339844,
  "summary_fg_median": 460.21209716796875,
  "summary_fg_n": 27644.0,
  "summary_fg_p05": 253.9905975341797,
  "summary_fg_p95": 820.5057250976561,
  "summary_fg_stdv": 177.729248046875,
  "tsnr": 82.32816768670455
}