{
  "bids_meta": {
    "AcquisitionMatrixPE": 256,
    "AcquisitionNumber": 1,
    "AcquisitionTime": "15:35:39.227500",
    "BaseResolution": 256,
    "BodyPartExamined": "BRAIN",
    "ConsistencyInfo": "N4_VE11C_LATEST_20160120",
    "ConversionSoftware": "dcm2niix",
    "ConversionSoftwareVersion": "v1.0.20181125  (JP2:OpenJPEG) (JP-LS:CharLS) GCC5.5.0",
    "DeviceSerialNumber": "167012",
    "DwellTime": 3e-06,
    "EchoTime": 0.00169,
    "FlipAngle": 7,
    "ImageOrientationPatientDICOM": [
      -0.0119466,
      0.999289,
      -0.0357659,
      0.0183938,
      -0.0355427,
      -0.999199
    ],
    "ImageType": [
      "ORIGINAL",
      "PRIMARY",
      "OTHER",
      "ND",
      "NORM",
      "MEAN"
    ],
    "ImagingFrequency": 123.253,
    "InPlanePhaseEncodingDirectionDICOM": "ROW",
    "InstitutionAddress": "Vassar_Street_43_Cambridge_Boston_US_02139",
    "InstitutionName": "McGovern_Institute_for_Brain_Research_(3T1)",
    "InstitutionalDepartmentName": "Department",
    "InversionTime": 1.4,
    "MRAcquisitionType": "3D",
    "MagneticFieldStrength": 3,
    "Manufacturer": "Siemens",
    "ManufacturersModelName": "Prisma_fit",
    "Modality": "MR",
    "PartialFourier": 1,
    "PatientPosition": "HFS",
    "PercentPhaseFOV": 100,
    "PhaseEncodingSteps": 255,
    "PhaseResolution": 1,
    "PixelBandwidth": 650,
    "ProcedureStepDescription": "Young_Minjae",
    "ProtocolName": "T1w_MPRAGE_FourEcho_vNav",
    "PulseSequenceDetails": "%CustomerSeq%_tfl_mgh_epinav_ABCD",
    "ReceiveCoilActiveElements": "HEA;HEP",
    "ReceiveCoilName": "Head_32",
    "ReconMatrixPE": 256,
    "RepetitionTime": 2.53,
    "SAR": 0.0331087,
    "ScanOptions": "IR_WE",
    "ScanningSequence": "GR_IR",
    "SequenceName": "tfl3d4_16ns",
    "SequenceVariant": "SK_SP_MP",
    "SeriesDescription": "T1w_MPRAGE_FourEcho_vNav_RMS",
    "SeriesNumber": 10,
    "ShimSetting": [
      -5599,
      -1612,
      3152,
      403,
      21,
      -211,
      122,
      -20
    ],
    "SliceThickness": 1,
    "SoftwareVersions": "syngo_MR_E11",
    "StationName": "MRC35115",
    "TxRefAmp": 231.376,
    "WipMemBlock": "Prisma_epi_moco_navigator_ABCD_tfl.prot",
    "dataset": "ds002793",
    "modality": "T1w",
    "run_id": 1,
    "subject_id": "08"
  },
  "cjv": 0.37504126583432784,
  "cnr": 3.4104585546595367,
  "efc": 0.5146745454129896,
  "fber": 21125.56689866109,
  "fwhm_avg": 4.062729999999999,
  "fwhm_x": 4.09671,
  "fwhm_y": 4.19584,
  "fwhm_z": 3.89564,
  "icvs_csf": 0.19201819811745552,
  "icvs_gm": 0.44068830492525574,
  "icvs_wm": 0.36729349695728875,
  "inu_med": 0.32517296075820923,
  "inu_range": 0.09758265018463136,
  "provenance": {
    "md5sum": "b5585306e6a362047e77c5d232f865af",
    "settings": {
      "testing": false
    },
    "software": "mriqc",
    "version": "22.0.6",
    "warnings": {
      "large_rot_frame": true,
      "small_air_mask": false
    },
    "webapi_port": null,
    "webapi_url": "https://mriqc.nimh.nih.gov/api/v1"
  },
  "qi_1": 2.106706838614654e-05,
  "qi_2": 0.0016429758097782298,
  "rpve_csf": 28.959630975254438,
  "rpve_gm": 13.34680929779497,
  "rpve_wm": 18.14692091674397,
  "size_x": 176,
  "size_y": 256,
  "size_z": 256,
  "snr_csf": 1.89104008900328,
  "snr_gm": 14.066645681991506,
  "snr_total": 16.697499042351453,
  "snr_wm": 34.134811356059565,
  "snrd_csf": 53.55757464148835,
  "snrd_gm": 143.83802541091484,
  "snrd_total": 126.90724040596838,
  "snrd_wm": 183.32612116550195,
  "spacing_x": 1.0,
  "spacing_y": 1.0,
  "spacing_z": 1.0,
  "summary_bg_k": 8.878274010514621,
  "summary_bg_mad": 3.5736119446402483,
  "summary_bg_mean": 3.12398924695546,
  "summary_bg_median": 2.4103646278381348,
  "summary_bg_n": 3054654.0,
  "summary_bg_p05": 0.0,
  "summary_bg_p95": 11.995330218225718,
  "summary_bg_stdv": 4.436733499151204,
  "summary_csf_k": -0.6398752237891028,
  "summary_csf_mad": 164.0790421769589,
  "summary_csf_mean": 279.10402143542007,
  "summary_csf_median": 292.1437252834439,
  "summary_csf_n": 33233.0,
  "summary_csf_p05": 41.541127882897854,
  "summary_csf_p95": 537.2213150136171,
  "summary_csf_stdv": 154.48605852579615,
  "summary_gm_k": 0.14199129047689407,
  "summary_gm_mad": 53.75773280784998,
  "summary_gm_mean": 785.3275588740356,
  "summary_gm_median": 784.6019328217953,
  "summary_gm_n": 33378.0,
  "summary_gm_p05": 693.5070977658033,
  "summary_gm_p95": 879.3311457931995,
  "summary_gm_stdv": 55.77663624943777,
  "summary_wm_k": 0.7033395958473698,
  "summary_wm_mad": 27.025440331341876,
  "summary_wm_mean": 1001.0270535509873,
  "summary_wm_median": 1000.0000249743462,
  "summary_wm_n": 195020.0,
  "summary_wm_p05": 954.1833245230839,
  "summary_wm_p95": 1050.3163865804672,
  "summary_wm_stdv": 29.295532080152277,
  "tpm_overlap_csf": 0.12006472054327305,
  "tpm_overlap_gm": 0.45435051641014257,
  "tpm_overlap_wm": 0.5003152822140604,
  "wm2max": 0.9246923137432524
}