{
  "aor": 0.0013189090909090909,
  "aqi": 0.0017536718545454546,
  "bids_meta": {
    "AcquisitionMatrixPE": 70,
    "AcquisitionNumber": 1,
    "AcquisitionTime": "15:22:9.530000",
    "BandwidthPerPixelPhaseEncode": 29.155,
    "BaseResolution": 70,
    "BodyPartExamined": "BRAIN",
    "ConsistencyInfo": "N4_VE11C_LATEST_20160120",
    "ConversionSoftware": "dcm2niix",
    "ConversionSoftwareVersion": "v1.0.20181125  (JP2:OpenJPEG) (JP-LS:CharLS) GCC5.5.0",
    "DerivedVendorReportedEchoSpacing": 0.000489992,
    "DeviceSerialNumber": "167012",
    "DwellTime": 3e-06,
    "EchoTime": 0.03,
    "EchoTrainLength": 70,
    "EffectiveEchoSpacing": 0.000489992,
    "FlipAngle": 90,
    "ImageOrientationPatientDICOM": [
      0.996164,
      -0.0202959,
      0.0851153,
      0.0245197,
      0.998504,
      -0.0488761
    ],
    "ImageType": [
      "ORIGINAL",
      "PRIMARY",
      "M",
      "ND",
      "MOSAIC"
    ],
    "ImagingFrequency": 123.253,
    "InPlanePhaseEncodingDirectionDICOM": "COL",
    "InstitutionAddress": "Vassar_Street_43_Cambridge_Boston_US_02139",
    "InstitutionName": "McGovern_Institute_for_Brain_Research_(3T1)",
    "InstitutionalDepartmentName": "Department",
    "MRAcquisitionType": "2D",
    "MagneticFieldStrength": 3,
    "Manufacturer": "Siemens",
    "ManufacturersModelName": "Prisma_fit",
    "Modality": "MR",
    "PartialFourier": 1,
    "PatientPosition": "HFS",
    "PercentPhaseFOV": 100,
    "PhaseEncodingDirection": "j-",
    "PhaseEncodingSteps": 70,
    "PhaseResolution": 1,
    "PixelBandwidth": 2380,
    "ProcedureStepDescription": "Young_Minjae",
    "ProtocolName": "TPS",
    "PulseSequenceDetails": "%SiemensSeq%_ep2d_pace",
    "ReceiveCoilActiveElements": "HEA;HEP",
    "ReceiveCoilName": "Head_32",
    "ReconMatrixPE": 70,
    "RepetitionTime": 2,
    "SAR": 0.0784243,
    "ScanOptions": "FS",
    "ScanningSequence": "EP",
    "SequenceName": "_epfid2d1_70",
    "SequenceVariant": "SK",
    "SeriesDescription": "TPS",
    "SeriesNumber": 29,
    "ShimSetting": [
      -5609,
      -1516,
      3176,
      567,
      -47,
      46,
      15,
      -37
    ],
    "SliceThickness": 3,
    "SliceTiming": [
      0,
      0.0625,
      0.125,
      0.1875,
      0.2475,
      0.31,
      0.3725,
      0.435,
      0.495,
      0.5575,
      0.62,
      0.6825,
      0.7425,
      0.805,
      0.8675,
      0.93,
      0.99,
      1.0525,
      1.115,
      1.1775,
      1.2375,
      1.3,
      1.3625,
      1.425,
      1.485,
      1.5475,
      1.61,
      1.6725,
      1.7325,
      1.795,
      1.8575,
      1.92
    ],
    "SoftwareVersions": "syngo_MR_E11",
    "SpacingBetweenSlices": 3.6,
    "StationName": "MRC35115",
    "TaskName": "tps",
    "TotalReadoutTime": 0.0338094,
    "TxRefAmp": 244.421,
    "dataset": "ds002793",
    "modality": "bold",
    "run_id": 6,
    "subject_id": "18",
    "task_id": "tps"
  },
  "dummy_trs": 0,
  "dvars_nstd": 18.889923170914624,
  "dvars_std": 1.200088826097561,
  "dvars_vstd": 0.998204624329268,
  "efc": 0.5450066839813033,
  "fber": 414.68634033203125,
  "fd_mean": 0.1407141560119745,
  "fd_num": 19,
  "fd_perc": 11.515151515151516,
  "fwhm_avg": 2.7803065645463874,
  "fwhm_x": 2.64372,
  "fwhm_y": 3.0095466666666666,
  "fwhm_z": 2.687653026972495,
  "gcor": 0.077207,
  "gsr_x": -0.027187179774045944,
  "gsr_y": 0.06667810678482056,
  "provenance": {
    "md5sum": "6e88e2a92081c04eb6e7fb921baa3432",
    "settings": {
      "fd_thres": 0.2,
      "testing": false
    },
    "software": "mriqc",
    "version": "22.0.6",
    "webapi_port": null,
    "webapi_url": "https://mriqc.nimh.nih.gov/api/v1"
  },
  "size_t": 165,
  "size_x": 70,
  "size_y": 70,
  "size_z": 32,
  "snr": 2.888674137668975,
  "spacing_tr": 2.0,
  "spacing_x": 3.0,
  "spacing_y": 3.0,
  "spacing_z": 3.5999996662139893,
  "summary_bg_k": 59.991976261133075,
  "summary_bg_mad": 4.636499889453542,
  "summary_bg_mean": 35.642024993896484,
  "summary_bg_median": 19.212120056152344,
  "summary_bg_n": 94439.0,
  "summary_bg_p05": 15.872726440429688,
  "summary_bg_p95": 112.94605636596674,
  "summary_bg_stdv": 49.2463264465332,
  "summary_fg_k": 0.32745311990114523,
  "summary_fg_mad": 135.4649050112979,
  "summary_fg_mean": 420.49395751953125,
  "summary_fg_median": 400.412109375,
  "summary_fg_n": 28107.0,
  "summary_fg_p05": 230.75090484619142,
  "summary_fg_p95": 679.6436340332028,
  "summary_fg_stdv": 138.61203002929688,
  "tsnr": 87.84335640515201
}