{
  "aor": 0.0015521818181818178,
  "aqi": 0.0021217215454545453,
  "bids_meta": {
    "AcquisitionMatrixPE": 70,
    "AcquisitionNumber": 1,
    "AcquisitionTime": "15:08:11.510000",
    "BandwidthPerPixelPhaseEncode": 29.155,
    "BaseResolution": 70,
    "BodyPartExamined": "BRAIN",
    "ConsistencyInfo": "N4_VE11C_LATEST_20160120",
    "ConversionSoftware": "dcm2niix",
    "ConversionSoftwareVersion": "v1.0.20181125  (JP2:OpenJPEG) (JP-LS:CharLS) GCC5.5.0",
    "DerivedVendorReportedEchoSpacing": 0.000489992,
    "DeviceSerialNumber": "167012",
    "DwellTime": 3e-06,
    "EchoTime": 0.03,
    "EchoTrainLength": 70,
    "EffectiveEchoSpacing": 0.000489992,
    "FlipAngle": 90,
    "ImageOrientationPatientDICOM": [
      0.996164,
      -0.0202959,
      0.0851153,
      0.0245197,
      0.998504,
      -0.0488761
    ],
    "ImageType": [
      "ORIGINAL",
      "PRIMARY",
      "M",
      "ND",
      "MOSAIC"
    ],
    "ImagingFrequency": 123.253,
    "InPlanePhaseEncodingDirectionDICOM": "COL",
    "InstitutionAddress": "Vassar_Street_43_Cambridge_Boston_US_02139",
    "InstitutionName": "McGovern_Institute_for_Brain_Research_(3T1)",
    "InstitutionalDepartmentName": "Department",
    "MRAcquisitionType": "2D",
    "MagneticFieldStrength": 3,
    "Manufacturer": "Siemens",
    "ManufacturersModelName": "Prisma_fit",
    "Modality": "MR",
    "PartialFourier": 1,
    "PatientPosition": "HFS",
    "PercentPhaseFOV": 100,
    "PhaseEncodingDirection": "j-",
    "PhaseEncodingSteps": 70,
    "PhaseResolution": 1,
    "PixelBandwidth": 2380,
    "ProcedureStepDescription": "Young_Minjae",
    "ProtocolName": "TPS_run4",
    "PulseSequenceDetails": "%SiemensSeq%_ep2d_pace",
    "ReceiveCoilActiveElements": "HEA;HEP",
    "ReceiveCoilName": "Head_32",
    "ReconMatrixPE": 70,
    "RepetitionTime": 2,
    "SAR": 0.0784243,
    "ScanOptions": "FS",
    "ScanningSequence": "EP",
    "SequenceName": "_epfid2d1_70",
    "SequenceVariant": "SK",
    "SeriesDescription": "TPS_run4",
    "SeriesNumber": 23,
    "ShimSetting": [
      -5609,
      -1516,
      3176,
      567,
      -47,
      46,
      15,
      -37
    ],
    "SliceThickness": 3,
    "SliceTiming": [
      0,
      0.06,
      0.1225,
      0.185,
      0.2475,
      0.3075,
      0.37,
      0.4325,
      0.495,
      0.555,
      0.6175,
      0.68,
      0.7425,
      0.8025,
      0.865,
      0.9275,
      0.99,
      1.05,
      1.1125,
      1.175,
      1.2375,
      1.2975,
      1.36,
      1.4225,
      1.485,
      1.545,
      1.6075,
      1.67,
      1.7325,
      1.7925,
      1.855,
      1.9175
    ],
    "SoftwareVersions": "syngo_MR_E11",
    "SpacingBetweenSlices": 3.6,
    "StationName": "MRC35115",
    "TaskName": "tps",
    "TotalReadoutTime": 0.0338094,
    "TxRefAmp": 244.421,
    "dataset": "ds002793",
    "modality": "bold",
    "run_id": 4,
    "subject_id": "18",
    "task_id": "tps"
  },
  "dummy_trs": 0,
  "dvars_nstd": 19.659646371280473,
  "dvars_std": 1.1935182479878044,
  "dvars_vstd": 0.9911263046951211,
  "efc": 0.5463049539785362,
  "fber": 408.0451354980469,
  "fd_mean": 0.15082281580913431,
  "fd_num": 30,
  "fd_perc": 18.181818181818183,
  "fwhm_avg": 2.702537488218313,
  "fwhm_x": 2.5712733333333335,
  "fwhm_y": 2.9216166666666665,
  "fwhm_z": 2.614722464654939,
  "gcor": 0.0608343,
  "gsr_x": -0.02583341673016548,
  "gsr_y": 0.06704256683588028,
  "provenance": {
    "md5sum": "a9b4195436bd35f1b5c6c39928be35f0",
    "settings": {
      "fd_thres": 0.2,
      "testing": false
    },
    "software": "mriqc",
    "version": "22.0.6",
    "webapi_port": null,
    "webapi_url": "https://mriqc.nimh.nih.gov/api/v1"
  },
  "size_t": 165,
  "size_x": 70,
  "size_y": 70,
  "size_z": 32,
  "snr": 2.878109673322392,
  "spacing_tr": 2.0,
  "spacing_x": 3.0,
  "spacing_y": 3.0,
  "spacing_z": 3.5999996662139893,
  "summary_bg_k": 62.441447190764706,
  "summary_bg_mad": 4.330995683034277,
  "summary_bg_mean": 35.1060905456543,
  "summary_bg_median": 18.896968841552734,
  "summary_bg_n": 94089.0,
  "summary_bg_p05": 15.7757568359375,
  "summary_bg_p95": 111.00363464355463,
  "summary_bg_stdv": 49.19635009765625,
  "summary_fg_k": 0.280570003768295,
  "summary_fg_mad": 132.4053412320414,
  "summary_fg_mean": 411.4898376464844,
  "summary_fg_median": 391.61212158203125,
  "summary_fg_n": 28342.0,
  "summary_fg_p05": 224.2078727722168,
  "summary_fg_p95": 668.096966552734,
  "summary_fg_stdv": 136.06333923339844,
  "tsnr": 80.0054923966527
}