{
  "aor": 0.002124044117647059,
  "aqi": 0.0018351616176470588,
  "bids_meta": {
    "AcquisitionMatrixPE": 70,
    "AcquisitionNumber": 1,
    "AcquisitionTime": "14:42:0.270000",
    "BandwidthPerPixelPhaseEncode": 29.155,
    "BaseResolution": 70,
    "BodyPartExamined": "BRAIN",
    "ConsistencyInfo": "N4_VE11C_LATEST_20160120",
    "ConversionSoftware": "dcm2niix",
    "ConversionSoftwareVersion": "v1.0.20181125  (JP2:OpenJPEG) (JP-LS:CharLS) GCC5.5.0",
    "DerivedVendorReportedEchoSpacing": 0.000489992,
    "DeviceSerialNumber": "167012",
    "DwellTime": 3e-06,
    "EchoTime": 0.03,
    "EchoTrainLength": 70,
    "EffectiveEchoSpacing": 0.000489992,
    "FlipAngle": 90,
    "ImageOrientationPatientDICOM": [
      0.996164,
      -0.0202959,
      0.0851153,
      0.0245197,
      0.998504,
      -0.0488761
    ],
    "ImageType": [
      "ORIGINAL",
      "PRIMARY",
      "M",
      "ND",
      "MOSAIC"
    ],
    "ImagingFrequency": 123.253,
    "InPlanePhaseEncodingDirectionDICOM": "COL",
    "InstitutionAddress": "Vassar_Street_43_Cambridge_Boston_US_02139",
    "InstitutionName": "McGovern_Institute_for_Brain_Research_(3T1)",
    "InstitutionalDepartmentName": "Department",
    "MRAcquisitionType": "2D",
    "MagneticFieldStrength": 3,
    "Manufacturer": "Siemens",
    "ManufacturersModelName": "Prisma_fit",
    "Modality": "MR",
    "PartialFourier": 1,
    "PatientPosition": "HFS",
    "PercentPhaseFOV": 100,
    "PhaseEncodingDirection": "j-",
    "PhaseEncodingSteps": 70,
    "PhaseResolution": 1,
    "PixelBandwidth": 2380,
    "ProcedureStepDescription": "Young_Minjae",
    "ProtocolName": "tom_localizer_2",
    "PulseSequenceDetails": "%SiemensSeq%_ep2d_pace",
    "ReceiveCoilActiveElements": "HEA;HEP",
    "ReceiveCoilName": "Head_32",
    "ReconMatrixPE": 70,
    "RepetitionTime": 2,
    "SAR": 0.0783507,
    "ScanOptions": "FS",
    "ScanningSequence": "EP",
    "SequenceName": "_epfid2d1_70",
    "SequenceVariant": "SK",
    "SeriesDescription": "tom_localizer_2",
    "SeriesNumber": 15,
    "ShimSetting": [
      -5609,
      -1516,
      3176,
      567,
      -47,
      46,
      15,
      -37
    ],
    "SliceThickness": 3,
    "SliceTiming": [
      0,
      0.0625,
      0.125,
      0.1875,
      0.2475,
      0.31,
      0.3725,
      0.435,
      0.495,
      0.5575,
      0.62,
      0.6825,
      0.7425,
      0.805,
      0.8675,
      0.93,
      0.99,
      1.0525,
      1.115,
      1.1775,
      1.2375,
      1.3,
      1.3625,
      1.425,
      1.485,
      1.5475,
      1.61,
      1.6725,
      1.7325,
      1.795,
      1.8575,
      1.92
    ],
    "SoftwareVersions": "syngo_MR_E11",
    "SpacingBetweenSlices": 3.6,
    "StationName": "MRC35115",
    "TaskName": "tom",
    "TotalReadoutTime": 0.0338094,
    "TxRefAmp": 244.421,
    "dataset": "ds002793",
    "modality": "bold",
    "run_id": 2,
    "subject_id": "18",
    "task_id": "tom"
  },
  "dummy_trs": 0,
  "dvars_nstd": 19.392397478148155,
  "dvars_std": 1.1882025992592589,
  "dvars_vstd": 1.0023833200740742,
  "efc": 0.5451063090668392,
  "fber": 409.8459167480469,
  "fd_mean": 0.17604964615172028,
  "fd_num": 38,
  "fd_perc": 27.941176470588236,
  "fwhm_avg": 2.6913648957490017,
  "fwhm_x": 2.5564766666666667,
  "fwhm_y": 2.8989066666666665,
  "fwhm_z": 2.618711353913671,
  "gcor": 0.0643129,
  "gsr_x": -0.024679720401763916,
  "gsr_y": 0.06648191809654236,
  "provenance": {
    "md5sum": "2c766a5b0c9b651f98e21a9c93cf1d86",
    "settings": {
      "fd_thres": 0.2,
      "testing": false
    },
    "software": "mriqc",
    "version": "22.0.6",
    "webapi_port": null,
    "webapi_url": "https://mriqc.nimh.nih.gov/api/v1"
  },
  "size_t": 136,
  "size_x": 70,
  "size_y": 70,
  "size_z": 32,
  "snr": 2.884946857592479,
  "spacing_tr": 2.0,
  "spacing_x": 3.0,
  "spacing_y": 3.0,
  "spacing_z": 3.5999996662139893,
  "summary_bg_k": 58.009457863600126,
  "summary_bg_mad": 4.164366665348704,
  "summary_bg_mean": 34.7487907409668,
  "summary_bg_median": 18.65441131591797,
  "summary_bg_n": 94564.0,
  "summary_bg_p05": 15.647058486938477,
  "summary_bg_p95": 109.0882339477539,
  "summary_bg_stdv": 49.353553771972656,
  "summary_fg_k": 0.31857404334711426,
  "summary_fg_mad": 128.48489267460175,
  "summary_fg_mean": 404.2522277832031,
  "summary_fg_median": 384.55517578125,
  "summary_fg_n": 28070.0,
  "summary_fg_p05": 221.5433776855469,
  "summary_fg_p95": 655.8257232666016,
  "summary_fg_stdv": 133.29476928710938,
  "tsnr": 84.5037936901208
}