{
  "aor": 0.0020710303030303033,
  "aqi": 0.0022938954121212124,
  "bids_meta": {
    "AcquisitionMatrixPE": 70,
    "AcquisitionNumber": 1,
    "AcquisitionTime": "15:28:26.585000",
    "BandwidthPerPixelPhaseEncode": 29.155,
    "BaseResolution": 70,
    "BodyPartExamined": "BRAIN",
    "ConsistencyInfo": "N4_VE11C_LATEST_20160120",
    "ConversionSoftware": "dcm2niix",
    "ConversionSoftwareVersion": "v1.0.20181125  (JP2:OpenJPEG) (JP-LS:CharLS) GCC5.5.0",
    "DerivedVendorReportedEchoSpacing": 0.000489992,
    "DeviceSerialNumber": "167012",
    "DwellTime": 3e-06,
    "EchoTime": 0.03,
    "EchoTrainLength": 70,
    "EffectiveEchoSpacing": 0.000489992,
    "FlipAngle": 90,
    "ImageOrientationPatientDICOM": [
      0.996164,
      -0.0202959,
      0.0851153,
      0.0245197,
      0.998504,
      -0.0488761
    ],
    "ImageType": [
      "ORIGINAL",
      "PRIMARY",
      "M",
      "ND",
      "MOSAIC"
    ],
    "ImagingFrequency": 123.253,
    "InPlanePhaseEncodingDirectionDICOM": "COL",
    "InstitutionAddress": "Vassar_Street_43_Cambridge_Boston_US_02139",
    "InstitutionName": "McGovern_Institute_for_Brain_Research_(3T1)",
    "InstitutionalDepartmentName": "Department",
    "MRAcquisitionType": "2D",
    "MagneticFieldStrength": 3,
    "Manufacturer": "Siemens",
    "ManufacturersModelName": "Prisma_fit",
    "Modality": "MR",
    "PartialFourier": 1,
    "PatientPosition": "HFS",
    "PercentPhaseFOV": 100,
    "PhaseEncodingDirection": "j-",
    "PhaseEncodingSteps": 70,
    "PhaseResolution": 1,
    "PixelBandwidth": 2380,
    "ProcedureStepDescription": "Young_Minjae",
    "ProtocolName": "TPS_run7",
    "PulseSequenceDetails": "%SiemensSeq%_ep2d_pace",
    "ReceiveCoilActiveElements": "HEA;HEP",
    "ReceiveCoilName": "Head_32",
    "ReconMatrixPE": 70,
    "RepetitionTime": 2,
    "SAR": 0.0784243,
    "ScanOptions": "FS",
    "ScanningSequence": "EP",
    "SequenceName": "_epfid2d1_70",
    "SequenceVariant": "SK",
    "SeriesDescription": "TPS_run7",
    "SeriesNumber": 31,
    "ShimSetting": [
      -5609,
      -1516,
      3176,
      567,
      -47,
      46,
      15,
      -37
    ],
    "SliceThickness": 3,
    "SliceTiming": [
      0,
      0.0625,
      0.125,
      0.185,
      0.2475,
      0.31,
      0.3725,
      0.4325,
      0.495,
      0.5575,
      0.62,
      0.68,
      0.7425,
      0.805,
      0.8675,
      0.9275,
      0.99,
      1.0525,
      1.1125,
      1.175,
      1.2375,
      1.3,
      1.36,
      1.4225,
      1.485,
      1.5475,
      1.6075,
      1.67,
      1.7325,
      1.795,
      1.855,
      1.9175
    ],
    "SoftwareVersions": "syngo_MR_E11",
    "SpacingBetweenSlices": 3.6,
    "StationName": "MRC35115",
    "TaskName": "tps",
    "TotalReadoutTime": 0.0338094,
    "TxRefAmp": 244.421,
    "dataset": "ds002793",
    "modality": "bold",
    "run_id": 7,
    "subject_id": "18",
    "task_id": "tps"
  },
  "dummy_trs": 0,
  "dvars_nstd": 19.619575878597548,
  "dvars_std": 1.1868738653048778,
  "dvars_vstd": 0.9895424153048781,
  "efc": 0.5455766033790564,
  "fber": 410.7251892089844,
  "fd_mean": 0.15942356727680934,
  "fd_num": 36,
  "fd_perc": 21.818181818181817,
  "fwhm_avg": 2.7464889710733993,
  "fwhm_x": 2.62439,
  "fwhm_y": 2.95591,
  "fwhm_z": 2.659166913220199,
  "gcor": 0.0932048,
  "gsr_x": -0.0273140762001276,
  "gsr_y": 0.06639889627695084,
  "provenance": {
    "md5sum": "ef5b692028769b89df9462c2c1ac571a",
    "settings": {
      "fd_thres": 0.2,
      "testing": false
    },
    "software": "mriqc",
    "version": "22.0.6",
    "webapi_port": null,
    "webapi_url": "https://mriqc.nimh.nih.gov/api/v1"
  },
  "size_t": 165,
  "size_x": 70,
  "size_y": 70,
  "size_z": 32,
  "snr": 2.877867518251602,
  "spacing_tr": 2.0,
  "spacing_x": 3.0,
  "spacing_y": 3.0,
  "spacing_z": 3.5999996662139893,
  "summary_bg_k": 57.68930822340085,
  "summary_bg_mad": 4.61853179844939,
  "summary_bg_mean": 36.18369674682617,
  "summary_bg_median": 19.19999885559082,
  "summary_bg_n": 94707.0,
  "summary_bg_p05": 15.860605239868164,
  "summary_bg_p95": 116.5727264404296,
  "summary_bg_stdv": 50.686241149902344,
  "summary_fg_k": 0.37336495321009355,
  "summary_fg_mad": 134.6831997339199,
  "summary_fg_mean": 419.2650451660156,
  "summary_fg_median": 398.2363586425781,
  "summary_fg_n": 28071.0,
  "summary_fg_p05": 229.73332977294922,
  "summary_fg_p95": 676.0545043945312,
  "summary_fg_stdv": 138.3765106201172,
  "tsnr": 75.80473837978207
}