{
  "aor": 0.001535030303030303,
  "aqi": 0.002215113212121212,
  "bids_meta": {
    "AcquisitionMatrixPE": 70,
    "AcquisitionNumber": 1,
    "AcquisitionTime": "15:14:36.982500",
    "BandwidthPerPixelPhaseEncode": 29.155,
    "BaseResolution": 70,
    "BodyPartExamined": "BRAIN",
    "ConsistencyInfo": "N4_VE11C_LATEST_20160120",
    "ConversionSoftware": "dcm2niix",
    "ConversionSoftwareVersion": "v1.0.20181125  (JP2:OpenJPEG) (JP-LS:CharLS) GCC5.5.0",
    "DerivedVendorReportedEchoSpacing": 0.000489992,
    "DeviceSerialNumber": "167012",
    "DwellTime": 3e-06,
    "EchoTime": 0.03,
    "EchoTrainLength": 70,
    "EffectiveEchoSpacing": 0.000489992,
    "FlipAngle": 90,
    "ImageOrientationPatientDICOM": [
      0.996164,
      -0.0202959,
      0.0851153,
      0.0245197,
      0.998504,
      -0.0488761
    ],
    "ImageType": [
      "ORIGINAL",
      "PRIMARY",
      "M",
      "ND",
      "MOSAIC"
    ],
    "ImagingFrequency": 123.253,
    "InPlanePhaseEncodingDirectionDICOM": "COL",
    "InstitutionAddress": "Vassar_Street_43_Cambridge_Boston_US_02139",
    "InstitutionName": "McGovern_Institute_for_Brain_Research_(3T1)",
    "InstitutionalDepartmentName": "Department",
    "MRAcquisitionType": "2D",
    "MagneticFieldStrength": 3,
    "Manufacturer": "Siemens",
    "ManufacturersModelName": "Prisma_fit",
    "Modality": "MR",
    "PartialFourier": 1,
    "PatientPosition": "HFS",
    "PercentPhaseFOV": 100,
    "PhaseEncodingDirection": "j-",
    "PhaseEncodingSteps": 70,
    "PhaseResolution": 1,
    "PixelBandwidth": 2380,
    "ProcedureStepDescription": "Young_Minjae",
    "ProtocolName": "TPS_run5",
    "PulseSequenceDetails": "%SiemensSeq%_ep2d_pace",
    "ReceiveCoilActiveElements": "HEA;HEP",
    "ReceiveCoilName": "Head_32",
    "ReconMatrixPE": 70,
    "RepetitionTime": 2,
    "SAR": 0.0784243,
    "ScanOptions": "FS",
    "ScanningSequence": "EP",
    "SequenceName": "_epfid2d1_70",
    "SequenceVariant": "SK",
    "SeriesDescription": "TPS_run5",
    "SeriesNumber": 25,
    "ShimSetting": [
      -5609,
      -1516,
      3176,
      567,
      -47,
      46,
      15,
      -37
    ],
    "SliceThickness": 3,
    "SliceTiming": [
      0,
      0.06,
      0.1225,
      0.185,
      0.2475,
      0.3075,
      0.37,
      0.4325,
      0.495,
      0.555,
      0.6175,
      0.68,
      0.7425,
      0.8025,
      0.865,
      0.9275,
      0.99,
      1.05,
      1.1125,
      1.175,
      1.2375,
      1.2975,
      1.36,
      1.4225,
      1.485,
      1.545,
      1.6075,
      1.67,
      1.7325,
      1.7925,
      1.855,
      1.9175
    ],
    "SoftwareVersions": "syngo_MR_E11",
    "SpacingBetweenSlices": 3.6,
    "StationName": "MRC35115",
    "TaskName": "tps",
    "TotalReadoutTime": 0.0338094,
    "TxRefAmp": 244.421,
    "dataset": "ds002793",
    "modality": "bold",
    "run_id": 5,
    "subject_id": "18",
    "task_id": "tps"
  },
  "dummy_trs": 0,
  "dvars_nstd": 20.088345859024386,
  "dvars_std": 1.1758519308536581,
  "dvars_vstd": 0.9729465971951217,
  "efc": 0.5449405593125279,
  "fber": 412.4267578125,
  "fd_mean": 0.15412009563353013,
  "fd_num": 25,
  "fd_perc": 15.151515151515152,
  "fwhm_avg": 2.722109525734481,
  "fwhm_x": 2.5999233333333334,
  "fwhm_y": 2.9361800000000002,
  "fwhm_z": 2.630225243870109,
  "gcor": 0.080989,
  "gsr_x": -0.026698563247919083,
  "gsr_y": 0.06681148707866669,
  "provenance": {
    "md5sum": "cc2eeb92a041f19604ee803a3d019260",
    "settings": {
      "fd_thres": 0.2,
      "testing": false
    },
    "software": "mriqc",
    "version": "22.0.6",
    "webapi_port": null,
    "webapi_url": "https://mriqc.nimh.nih.gov/api/v1"
  },
  "size_t": 165,
  "size_x": 70,
  "size_y": 70,
  "size_z": 32,
  "snr": 2.8903638150142523,
  "spacing_tr": 2.0,
  "spacing_x": 3.0,
  "spacing_y": 3.0,
  "spacing_z": 3.5999996662139893,
  "summary_bg_k": 63.793991964094204,
  "summary_bg_mad": 4.5646162140796775,
  "summary_bg_mean": 35.180782318115234,
  "summary_bg_median": 19.12727165222168,
  "summary_bg_n": 94381.0,
  "summary_bg_p05": 15.836362838745117,
  "summary_bg_p95": 111.73332977294922,
  "summary_bg_stdv": 48.3701286315918,
  "summary_fg_k": 0.30147022741745033,
  "summary_fg_mad": 134.2608788993395,
  "summary_fg_mean": 418.40667724609375,
  "summary_fg_median": 397.7757568359375,
  "summary_fg_n": 28099.0,
  "summary_fg_p05": 230.3151397705078,
  "summary_fg_p95": 676.4242309570311,
  "summary_fg_stdv": 137.618896484375,
  "tsnr": 76.51983408955857
}