{
  "aor": 0.0016748529411764706,
  "aqi": 0.001842538389705882,
  "bids_meta": {
    "AcquisitionMatrixPE": 70,
    "AcquisitionNumber": 1,
    "AcquisitionTime": "14:36:41.185000",
    "BandwidthPerPixelPhaseEncode": 29.155,
    "BaseResolution": 70,
    "BodyPartExamined": "BRAIN",
    "ConsistencyInfo": "N4_VE11C_LATEST_20160120",
    "ConversionSoftware": "dcm2niix",
    "ConversionSoftwareVersion": "v1.0.20181125  (JP2:OpenJPEG) (JP-LS:CharLS) GCC5.5.0",
    "DerivedVendorReportedEchoSpacing": 0.000489992,
    "DeviceSerialNumber": "167012",
    "DwellTime": 3e-06,
    "EchoTime": 0.03,
    "EchoTrainLength": 70,
    "EffectiveEchoSpacing": 0.000489992,
    "FlipAngle": 90,
    "ImageOrientationPatientDICOM": [
      0.996164,
      -0.0202959,
      0.0851153,
      0.0245197,
      0.998504,
      -0.0488761
    ],
    "ImageType": [
      "ORIGINAL",
      "PRIMARY",
      "M",
      "ND",
      "MOSAIC"
    ],
    "ImagingFrequency": 123.253,
    "InPlanePhaseEncodingDirectionDICOM": "COL",
    "InstitutionAddress": "Vassar_Street_43_Cambridge_Boston_US_02139",
    "InstitutionName": "McGovern_Institute_for_Brain_Research_(3T1)",
    "InstitutionalDepartmentName": "Department",
    "MRAcquisitionType": "2D",
    "MagneticFieldStrength": 3,
    "Manufacturer": "Siemens",
    "ManufacturersModelName": "Prisma_fit",
    "Modality": "MR",
    "PartialFourier": 1,
    "PatientPosition": "HFS",
    "PercentPhaseFOV": 100,
    "PhaseEncodingDirection": "j-",
    "PhaseEncodingSteps": 70,
    "PhaseResolution": 1,
    "PixelBandwidth": 2380,
    "ProcedureStepDescription": "Young_Minjae",
    "ProtocolName": "tom_localizer_1",
    "PulseSequenceDetails": "%SiemensSeq%_ep2d_pace",
    "ReceiveCoilActiveElements": "HEA;HEP",
    "ReceiveCoilName": "Head_32",
    "ReconMatrixPE": 70,
    "RepetitionTime": 2,
    "SAR": 0.0783507,
    "ScanOptions": "FS",
    "ScanningSequence": "EP",
    "SequenceName": "_epfid2d1_70",
    "SequenceVariant": "SK",
    "SeriesDescription": "tom_localizer_1",
    "SeriesNumber": 13,
    "ShimSetting": [
      -5609,
      -1516,
      3176,
      567,
      -47,
      46,
      15,
      -37
    ],
    "SliceThickness": 3,
    "SliceTiming": [
      0,
      0.0625,
      0.1225,
      0.185,
      0.2475,
      0.31,
      0.37,
      0.4325,
      0.495,
      0.5575,
      0.6175,
      0.68,
      0.7425,
      0.805,
      0.865,
      0.9275,
      0.99,
      1.0525,
      1.1125,
      1.175,
      1.2375,
      1.2975,
      1.36,
      1.4225,
      1.485,
      1.545,
      1.6075,
      1.67,
      1.7325,
      1.7925,
      1.855,
      1.9175
    ],
    "SoftwareVersions": "syngo_MR_E11",
    "SpacingBetweenSlices": 3.6,
    "StationName": "MRC35115",
    "TaskName": "tom",
    "TotalReadoutTime": 0.0338094,
    "TxRefAmp": 244.421,
    "dataset": "ds002793",
    "modality": "bold",
    "run_id": 1,
    "subject_id": "18",
    "task_id": "tom"
  },
  "dummy_trs": 0,
  "dvars_nstd": 18.694271264222238,
  "dvars_std": 1.1810279537037038,
  "dvars_vstd": 1.0029778734814814,
  "efc": 0.5454767721371095,
  "fber": 408.7860412597656,
  "fd_mean": 0.15317665476155623,
  "fd_num": 24,
  "fd_perc": 17.647058823529413,
  "fwhm_avg": 2.6825382287536996,
  "fwhm_x": 2.5359266666666667,
  "fwhm_y": 2.90361,
  "fwhm_z": 2.6080780195944326,
  "gcor": 0.0553701,
  "gsr_x": -0.023729898035526276,
  "gsr_y": 0.0660419836640358,
  "provenance": {
    "md5sum": "97c2a1da05b8535d853731cc93f204de",
    "settings": {
      "fd_thres": 0.2,
      "testing": false
    },
    "software": "mriqc",
    "version": "22.0.6",
    "webapi_port": null,
    "webapi_url": "https://mriqc.nimh.nih.gov/api/v1"
  },
  "size_t": 136,
  "size_x": 70,
  "size_y": 70,
  "size_z": 32,
  "snr": 2.8867510661556306,
  "spacing_tr": 2.0,
  "spacing_x": 3.0,
  "spacing_y": 3.0,
  "spacing_z": 3.5999996662139893,
  "summary_bg_k": 58.3431370427523,
  "summary_bg_mad": 4.142565438153787,
  "summary_bg_mean": 34.60356521606445,
  "summary_bg_median": 18.625,
  "summary_bg_n": 94434.0,
  "summary_bg_p05": 15.632352828979492,
  "summary_bg_p95": 108.04191169738756,
  "summary_bg_stdv": 49.117942810058594,
  "summary_fg_k": 0.309704596354651,
  "summary_fg_mad": 128.60483830696435,
  "summary_fg_mean": 403.9227600097656,
  "summary_fg_median": 383.9264831542969,
  "summary_fg_n": 28117.0,
  "summary_fg_p05": 221.56911926269532,
  "summary_fg_p95": 654.1191406249998,
  "summary_fg_stdv": 132.99368286132812,
  "tsnr": 90.257453561062
}