{
  "bids_meta": {
    "AcquisitionMatrixPE": 256,
    "AcquisitionNumber": 1,
    "AcquisitionTime": "14:01:33.702500",
    "BaseResolution": 256,
    "BodyPartExamined": "BRAIN",
    "ConsistencyInfo": "N4_VE11C_LATEST_20160120",
    "ConversionSoftware": "dcm2niix",
    "ConversionSoftwareVersion": "v1.0.20181125  (JP2:OpenJPEG) (JP-LS:CharLS) GCC5.5.0",
    "DeviceSerialNumber": "167012",
    "DwellTime": 3e-06,
    "EchoTime": 0.00169,
    "FlipAngle": 7,
    "ImageOrientationPatientDICOM": [
      -0.0157107,
      0.986735,
      0.161577,
      -0.0210925,
      0.161234,
      -0.986691
    ],
    "ImageType": [
      "ORIGINAL",
      "PRIMARY",
      "OTHER",
      "ND",
      "NORM",
      "MEAN"
    ],
    "ImagingFrequency": 123.253,
    "InPlanePhaseEncodingDirectionDICOM": "ROW",
    "InstitutionAddress": "Vassar_Street_43_Cambridge_Boston_US_02139",
    "InstitutionName": "McGovern_Institute_for_Brain_Research_(3T1)",
    "InstitutionalDepartmentName": "Department",
    "InversionTime": 1.4,
    "MRAcquisitionType": "3D",
    "MagneticFieldStrength": 3,
    "Manufacturer": "Siemens",
    "ManufacturersModelName": "Prisma_fit",
    "Modality": "MR",
    "PartialFourier": 1,
    "PatientPosition": "HFS",
    "PercentPhaseFOV": 100,
    "PhaseEncodingSteps": 255,
    "PhaseResolution": 1,
    "PixelBandwidth": 650,
    "ProcedureStepDescription": "Young_Minjae",
    "ProtocolName": "T1w_MPRAGE_FourEcho_vNav",
    "PulseSequenceDetails": "%CustomerSeq%_tfl_mgh_epinav_ABCD",
    "ReceiveCoilActiveElements": "HEA;HEP",
    "ReceiveCoilName": "Head_32",
    "ReconMatrixPE": 256,
    "RepetitionTime": 2.53,
    "SAR": 0.0400537,
    "ScanOptions": "IR_WE",
    "ScanningSequence": "GR_IR",
    "SequenceName": "tfl3d4_16ns",
    "SequenceVariant": "SK_SP_MP",
    "SeriesDescription": "T1w_MPRAGE_FourEcho_vNav_RMS",
    "SeriesNumber": 10,
    "ShimSetting": [
      -5599,
      -1597,
      3156,
      337,
      51,
      -119,
      12,
      -77
    ],
    "SliceThickness": 1,
    "SoftwareVersions": "syngo_MR_E11",
    "StationName": "MRC35115",
    "TxRefAmp": 245.061,
    "WipMemBlock": "Prisma_epi_moco_navigator_ABCD_tfl.prot",
    "dataset": "ds002793",
    "modality": "T1w",
    "run_id": 1,
    "subject_id": "25"
  },
  "cjv": 0.35668315966824576,
  "cnr": 3.578458067803253,
  "efc": 0.5578011189700356,
  "fber": 27211.725756374686,
  "fwhm_avg": 3.8678633333333337,
  "fwhm_x": 3.93798,
  "fwhm_y": 3.98182,
  "fwhm_z": 3.68379,
  "icvs_csf": 0.2122890539981414,
  "icvs_gm": 0.41710148087811766,
  "icvs_wm": 0.37060946512374093,
  "inu_med": 0.3563837856054306,
  "inu_range": 0.1308129101991653,
  "provenance": {
    "md5sum": "c9c36e81782e96689ffaa14b493874bb",
    "settings": {
      "testing": false
    },
    "software": "mriqc",
    "version": "22.0.6",
    "warnings": {
      "large_rot_frame": true,
      "small_air_mask": false
    },
    "webapi_port": null,
    "webapi_url": "https://mriqc.nimh.nih.gov/api/v1"
  },
  "qi_1": 0.0,
  "qi_2": 0.0025864125051450306,
  "rpve_csf": 23.006512178959415,
  "rpve_gm": 11.997481567882186,
  "rpve_wm": 15.652074142106615,
  "size_x": 176,
  "size_y": 256,
  "size_z": 256,
  "snr_csf": 2.8381624124310956,
  "snr_gm": 15.800774112891368,
  "snr_total": 16.575588575920587,
  "snr_wm": 31.087829202439302,
  "snrd_csf": 55.84513648776801,
  "snrd_gm": 132.86444231688284,
  "snrd_total": 119.1552740118869,
  "snrd_wm": 168.75624323100985,
  "spacing_x": 1.0,
  "spacing_y": 1.0,
  "spacing_z": 1.0,
  "summary_bg_k": 5.4438811211403735,
  "summary_bg_mad": 0.0,
  "summary_bg_mean": 2.7716824480746345,
  "summary_bg_median": 0.0,
  "summary_bg_n": 2509858.0,
  "summary_bg_p05": 0.0,
  "summary_bg_p95": 10.208170749247074,
  "summary_bg_stdv": 3.8821461481765827,
  "summary_csf_k": 1.0897546564919303,
  "summary_csf_mad": 82.70902212035811,
  "summary_csf_mean": 341.54050038099984,
  "summary_csf_median": 330.9218988753855,
  "summary_csf_n": 40724.0,
  "summary_csf_p05": 129.44023783830926,
  "summary_csf_p95": 552.9285214096308,
  "summary_csf_stdv": 116.59580664492597,
  "summary_gm_k": 0.5915409006076557,
  "summary_gm_mad": 45.59158950906697,
  "summary_gm_mean": 787.0779789544963,
  "summary_gm_median": 787.3157146666199,
  "summary_gm_n": 24709.0,
  "summary_gm_p05": 705.8232970200479,
  "summary_gm_p95": 869.5547629836946,
  "summary_gm_stdv": 49.82665894217863,
  "summary_wm_k": 0.5180722896416508,
  "summary_wm_mad": 30.26931319943541,
  "summary_wm_mean": 1000.6881547407039,
  "summary_wm_median": 999.9999994505197,
  "summary_wm_n": 223443.0,
  "summary_wm_p05": 948.9802369661629,
  "summary_wm_p95": 1054.6896415017545,
  "summary_wm_stdv": 32.16685717195065,
  "tpm_overlap_csf": 0.15028257571727602,
  "tpm_overlap_gm": 0.44518859191159255,
  "tpm_overlap_wm": 0.49407543817464106,
  "wm2max": 0.9125781926667308
}