{
  "bids_meta": {
    "AcquisitionMatrixPE": 256,
    "AcquisitionNumber": 1,
    "AcquisitionTime": "11:01:23.770000",
    "BaseResolution": 256,
    "BodyPartExamined": "BRAIN",
    "ConsistencyInfo": "N4_VE11C_LATEST_20160120",
    "ConversionSoftware": "dcm2niix",
    "ConversionSoftwareVersion": "v1.0.20181125  (JP2:OpenJPEG) (JP-LS:CharLS) GCC5.5.0",
    "DeviceSerialNumber": "167012",
    "DwellTime": 3e-06,
    "EchoTime": 0.00169,
    "FlipAngle": 7,
    "ImageOrientationPatientDICOM": [
      -0.0773575,
      0.99443,
      0.0715892,
      -0.151726,
      0.0592259,
      -0.986647
    ],
    "ImageType": [
      "ORIGINAL",
      "PRIMARY",
      "OTHER",
      "ND",
      "NORM",
      "MEAN"
    ],
    "ImagingFrequency": 123.253,
    "InPlanePhaseEncodingDirectionDICOM": "ROW",
    "InstitutionAddress": "Vassar_Street_43_Cambridge_Boston_US_02139",
    "InstitutionName": "MIT",
    "InstitutionalDepartmentName": "Department",
    "InversionTime": 1.4,
    "MRAcquisitionType": "3D",
    "MagneticFieldStrength": 3,
    "Manufacturer": "Siemens",
    "ManufacturersModelName": "Prisma_fit",
    "Modality": "MR",
    "PartialFourier": 1,
    "PatientPosition": "HFS",
    "PercentPhaseFOV": 100,
    "PhaseEncodingSteps": 255,
    "PhaseResolution": 1,
    "PixelBandwidth": 650,
    "ProcedureStepDescription": "Young_Minjae",
    "ProtocolName": "T1w_MPRAGE_FourEcho_vNav",
    "PulseSequenceDetails": "%CustomerSeq%_tfl_mgh_epinav_ABCD",
    "ReceiveCoilActiveElements": "HEA;HEP",
    "ReceiveCoilName": "Head_32",
    "ReconMatrixPE": 256,
    "RepetitionTime": 2.53,
    "SAR": 0.0381231,
    "ScanOptions": "IR_WE",
    "ScanningSequence": "GR_IR",
    "SequenceName": "tfl3d4_16ns",
    "SequenceVariant": "SK_SP_MP",
    "SeriesDescription": "T1w_MPRAGE_FourEcho_vNav_RMS",
    "SeriesNumber": 10,
    "ShimSetting": [
      -5652,
      -1612,
      3146,
      300,
      25,
      -244,
      63,
      38
    ],
    "SliceThickness": 1,
    "SoftwareVersions": "syngo_MR_E11",
    "StationName": "MRC35115",
    "TxRefAmp": 219.875,
    "WipMemBlock": "Prisma_epi_moco_navigator_ABCD_tfl.prot",
    "dataset": "ds002793",
    "modality": "T1w",
    "run_id": 1,
    "subject_id": "30"
  },
  "cjv": 0.3954885336429859,
  "cnr": 3.316797330556483,
  "efc": 0.536378409922022,
  "fber": 26161.136940192748,
  "fwhm_avg": 3.58776,
  "fwhm_x": 3.68785,
  "fwhm_y": 3.70369,
  "fwhm_z": 3.37174,
  "icvs_csf": 0.21109800174007132,
  "icvs_gm": 0.44896506692886096,
  "icvs_wm": 0.3399369313310677,
  "inu_med": 0.36765356361866,
  "inu_range": 0.11912209838628757,
  "provenance": {
    "md5sum": "671e7282f4bf16ab34cf821d35cde301",
    "settings": {
      "testing": false
    },
    "software": "mriqc",
    "version": "22.0.6",
    "warnings": {
      "large_rot_frame": true,
      "small_air_mask": false
    },
    "webapi_port": null,
    "webapi_url": "https://mriqc.nimh.nih.gov/api/v1"
  },
  "qi_1": 0.0,
  "qi_2": 0.001998603082631045,
  "rpve_csf": 26.619753831862518,
  "rpve_gm": 13.220203208456887,
  "rpve_wm": 19.78918600798045,
  "size_x": 176,
  "size_y": 256,
  "size_z": 256,
  "snr_csf": 2.5872771900919176,
  "snr_gm": 14.65442769839711,
  "snr_total": 16.08923190401308,
  "snr_wm": 31.02599082355021,
  "snrd_csf": 67.21438898553625,
  "snrd_gm": 152.72674246002288,
  "snrd_total": 137.67059077954295,
  "snrd_wm": 193.07064089306974,
  "spacing_x": 1.0,
  "spacing_y": 1.0,
  "spacing_z": 1.0,
  "summary_bg_k": 8.36292154071987,
  "summary_bg_mad": 3.3933178408405094,
  "summary_bg_mean": 2.907891426387871,
  "summary_bg_median": 2.2887581028044224,
  "summary_bg_n": 2781632.0,
  "summary_bg_p05": 0.0,
  "summary_bg_p95": 11.09007335267961,
  "summary_bg_stdv": 4.063410293511973,
  "summary_csf_k": 0.46275273508156634,
  "summary_csf_mad": 109.11059275502619,
  "summary_csf_mean": 350.1796706802515,
  "summary_csf_median": 348.1409143283963,
  "summary_csf_n": 25434.0,
  "summary_csf_p05": 100.40677762543783,
  "summary_csf_p95": 575.8723455574363,
  "summary_csf_stdv": 134.55615485962605,
  "summary_gm_k": 0.17223530531588338,
  "summary_gm_mad": 51.97945965287507,
  "summary_gm_mean": 791.3688199867694,
  "summary_gm_median": 791.0572210047394,
  "summary_gm_n": 27267.0,
  "summary_gm_p05": 702.1556142242625,
  "summary_gm_p95": 881.4777308898045,
  "summary_gm_stdv": 53.97977535460732,
  "summary_wm_k": 0.42169829453354124,
  "summary_wm_mad": 30.663253943595148,
  "summary_wm_mean": 1000.3159447637113,
  "summary_wm_median": 1000.0208357907832,
  "summary_wm_n": 165195.0,
  "summary_wm_p05": 947.6498890202492,
  "summary_wm_p95": 1053.5153547208756,
  "summary_wm_stdv": 32.2316155730339,
  "tpm_overlap_csf": 0.15645180028542807,
  "tpm_overlap_gm": 0.4747705559185537,
  "tpm_overlap_wm": 0.5068107244072726,
  "wm2max": 0.9164442071542979
}