{
  "aor": 0.006520000000000001,
  "aqi": 0.0018536099624999996,
  "bids_meta": {
    "AcquisitionMatrixPE": 70,
    "AcquisitionNumber": 1,
    "AcquisitionTime": "16:57:2.392500",
    "BandwidthPerPixelPhaseEncode": 29.155,
    "BaseResolution": 70,
    "BodyPartExamined": "BRAIN",
    "ConsistencyInfo": "N4_VE11C_LATEST_20160120",
    "ConversionSoftware": "dcm2niix",
    "ConversionSoftwareVersion": "v1.0.20181125  (JP2:OpenJPEG) (JP-LS:CharLS) GCC5.5.0",
    "DerivedVendorReportedEchoSpacing": 0.000489992,
    "DeviceSerialNumber": "167012",
    "DwellTime": 3e-06,
    "EchoTime": 0.03,
    "EchoTrainLength": 70,
    "EffectiveEchoSpacing": 0.000489992,
    "FlipAngle": 90,
    "ImageOrientationPatientDICOM": [
      0.999404,
      0.0305268,
      -0.0160998,
      -0.0305345,
      0.999534,
      -0.00023127
    ],
    "ImageType": [
      "ORIGINAL",
      "PRIMARY",
      "M",
      "ND",
      "MOSAIC"
    ],
    "ImagingFrequency": 123.254,
    "InPlanePhaseEncodingDirectionDICOM": "COL",
    "InstitutionAddress": "Vassar_Street_43_Cambridge_Boston_US_02139",
    "InstitutionName": "McGovern_Institute_for_Brain_Research_(3T1)",
    "InstitutionalDepartmentName": "Department",
    "MRAcquisitionType": "2D",
    "MagneticFieldStrength": 3,
    "Manufacturer": "Siemens",
    "ManufacturersModelName": "Prisma_fit",
    "Modality": "MR",
    "PartialFourier": 1,
    "PatientPosition": "HFS",
    "PercentPhaseFOV": 100,
    "PhaseEncodingDirection": "j-",
    "PhaseEncodingSteps": 70,
    "PhaseResolution": 1,
    "PixelBandwidth": 2380,
    "ProcedureStepDescription": "Young_Minjae",
    "ProtocolName": "TPS_run6",
    "PulseSequenceDetails": "%SiemensSeq%_ep2d_pace",
    "ReceiveCoilActiveElements": "HEA;HEP",
    "ReceiveCoilName": "Head_32",
    "ReconMatrixPE": 70,
    "RepetitionTime": 2,
    "SAR": 0.0832111,
    "ScanOptions": "FS",
    "ScanningSequence": "EP",
    "SequenceName": "_epfid2d1_70",
    "SequenceVariant": "SK",
    "SeriesDescription": "TPS_run6",
    "SeriesNumber": 25,
    "ShimSetting": [
      -5604,
      -1564,
      3220,
      514,
      36,
      74,
      71,
      -22
    ],
    "SliceThickness": 3,
    "SliceTiming": [
      0,
      0.0625,
      0.125,
      0.1875,
      0.2475,
      0.31,
      0.3725,
      0.435,
      0.495,
      0.5575,
      0.62,
      0.6825,
      0.7425,
      0.805,
      0.8675,
      0.93,
      0.99,
      1.0525,
      1.115,
      1.1775,
      1.2375,
      1.3,
      1.3625,
      1.425,
      1.485,
      1.5475,
      1.61,
      1.6725,
      1.7325,
      1.795,
      1.8575,
      1.92
    ],
    "SoftwareVersions": "syngo_MR_E11",
    "SpacingBetweenSlices": 3.6,
    "StationName": "MRC35115",
    "TaskName": "tps",
    "TotalReadoutTime": 0.0338094,
    "TxRefAmp": 219.494,
    "dataset": "ds002793",
    "modality": "bold",
    "run_id": 6,
    "subject_id": "15",
    "task_id": "tps"
  },
  "dummy_trs": 5,
  "dvars_nstd": 19.404938919685527,
  "dvars_std": 1.3171049055974846,
  "dvars_vstd": 1.0691297221383655,
  "efc": 0.5294814054550444,
  "fber": 519.09423828125,
  "fd_mean": 0.1119828939353444,
  "fd_num": 16,
  "fd_perc": 10.0,
  "fwhm_avg": 2.6996210755854193,
  "fwhm_x": 2.557803333333333,
  "fwhm_y": 2.8589599999999997,
  "fwhm_z": 2.6820998934229254,
  "gcor": 0.08618,
  "gsr_x": -0.0055177356116473675,
  "gsr_y": 0.051422443240880966,
  "provenance": {
    "md5sum": "f31084b6c9f2c6400d40f19b6751fe62",
    "settings": {
      "fd_thres": 0.2,
      "testing": false
    },
    "software": "mriqc",
    "version": "22.0.6",
    "webapi_port": null,
    "webapi_url": "https://mriqc.nimh.nih.gov/api/v1"
  },
  "size_t": 160,
  "size_x": 70,
  "size_y": 70,
  "size_z": 32,
  "snr": 2.7142654457342443,
  "spacing_tr": 2.0,
  "spacing_x": 3.0,
  "spacing_y": 3.0,
  "spacing_z": 3.6000001430511475,
  "summary_bg_k": 49.68708701934753,
  "summary_bg_mad": 3.947428972339028,
  "summary_bg_mean": 32.09532928466797,
  "summary_bg_median": 18.774999618530273,
  "summary_bg_n": 93098.0,
  "summary_bg_p05": 15.90625,
  "summary_bg_p95": 97.32249870300278,
  "summary_bg_stdv": 41.144004821777344,
  "summary_fg_k": 0.04754443020772525,
  "summary_fg_mad": 163.2484262759798,
  "summary_fg_mean": 461.4591064453125,
  "summary_fg_median": 434.95001220703125,
  "summary_fg_n": 28416.0,
  "summary_fg_p05": 247.13438034057617,
  "summary_fg_p95": 761.8156280517578,
  "summary_fg_stdv": 160.2431182861328,
  "tsnr": 94.3379152030684
}