{
  "aor": 0.006171333333333333,
  "aqi": 0.0015235661212121214,
  "bids_meta": {
    "AcquisitionMatrixPE": 70,
    "AcquisitionNumber": 1,
    "AcquisitionTime": "16:43:27.792500",
    "BandwidthPerPixelPhaseEncode": 29.155,
    "BaseResolution": 70,
    "BodyPartExamined": "BRAIN",
    "ConsistencyInfo": "N4_VE11C_LATEST_20160120",
    "ConversionSoftware": "dcm2niix",
    "ConversionSoftwareVersion": "v1.0.20181125  (JP2:OpenJPEG) (JP-LS:CharLS) GCC5.5.0",
    "DerivedVendorReportedEchoSpacing": 0.000489992,
    "DeviceSerialNumber": "167012",
    "DwellTime": 3e-06,
    "EchoTime": 0.03,
    "EchoTrainLength": 70,
    "EffectiveEchoSpacing": 0.000489992,
    "FlipAngle": 90,
    "ImageOrientationPatientDICOM": [
      0.999404,
      0.0305268,
      -0.0160998,
      -0.0305345,
      0.999534,
      -0.00023127
    ],
    "ImageType": [
      "ORIGINAL",
      "PRIMARY",
      "M",
      "ND",
      "MOSAIC"
    ],
    "ImagingFrequency": 123.254,
    "InPlanePhaseEncodingDirectionDICOM": "COL",
    "InstitutionAddress": "Vassar_Street_43_Cambridge_Boston_US_02139",
    "InstitutionName": "McGovern_Institute_for_Brain_Research_(3T1)",
    "InstitutionalDepartmentName": "Department",
    "MRAcquisitionType": "2D",
    "MagneticFieldStrength": 3,
    "Manufacturer": "Siemens",
    "ManufacturersModelName": "Prisma_fit",
    "Modality": "MR",
    "PartialFourier": 1,
    "PatientPosition": "HFS",
    "PercentPhaseFOV": 100,
    "PhaseEncodingDirection": "j-",
    "PhaseEncodingSteps": 70,
    "PhaseResolution": 1,
    "PixelBandwidth": 2380,
    "ProcedureStepDescription": "Young_Minjae",
    "ProtocolName": "TPS_run4",
    "PulseSequenceDetails": "%SiemensSeq%_ep2d_pace",
    "ReceiveCoilActiveElements": "HEA;HEP",
    "ReceiveCoilName": "Head_32",
    "ReconMatrixPE": 70,
    "RepetitionTime": 2,
    "SAR": 0.0832111,
    "ScanOptions": "FS",
    "ScanningSequence": "EP",
    "SequenceName": "_epfid2d1_70",
    "SequenceVariant": "SK",
    "SeriesDescription": "TPS_run4",
    "SeriesNumber": 21,
    "ShimSetting": [
      -5604,
      -1564,
      3220,
      514,
      36,
      74,
      71,
      -22
    ],
    "SliceThickness": 3,
    "SliceTiming": [
      0,
      0.0625,
      0.1225,
      0.185,
      0.2475,
      0.31,
      0.37,
      0.4325,
      0.495,
      0.5575,
      0.6175,
      0.68,
      0.7425,
      0.805,
      0.865,
      0.9275,
      0.99,
      1.0525,
      1.1125,
      1.175,
      1.2375,
      1.3,
      1.36,
      1.4225,
      1.485,
      1.5475,
      1.6075,
      1.67,
      1.7325,
      1.795,
      1.855,
      1.9175
    ],
    "SoftwareVersions": "syngo_MR_E11",
    "SpacingBetweenSlices": 3.6,
    "StationName": "MRC35115",
    "TaskName": "tps",
    "TotalReadoutTime": 0.0338094,
    "TxRefAmp": 219.494,
    "dataset": "ds002793",
    "modality": "bold",
    "run_id": 4,
    "subject_id": "15",
    "task_id": "tps"
  },
  "dummy_trs": 0,
  "dvars_nstd": 19.77219108817074,
  "dvars_std": 1.2966791031707312,
  "dvars_vstd": 1.0525541804878042,
  "efc": 0.5292863299512919,
  "fber": 514.8778076171875,
  "fd_mean": 0.12594337928780527,
  "fd_num": 16,
  "fd_perc": 9.696969696969697,
  "fwhm_avg": 2.6914264464034505,
  "fwhm_x": 2.56261,
  "fwhm_y": 2.8633666666666664,
  "fwhm_z": 2.6483026725436845,
  "gcor": 0.0790815,
  "gsr_x": -0.005887501873075962,
  "gsr_y": 0.05007074400782585,
  "provenance": {
    "md5sum": "43b96d4831ef8d2aa4b63d8b2391d96b",
    "settings": {
      "fd_thres": 0.2,
      "testing": false
    },
    "software": "mriqc",
    "version": "22.0.6",
    "webapi_port": null,
    "webapi_url": "https://mriqc.nimh.nih.gov/api/v1"
  },
  "size_t": 165,
  "size_x": 70,
  "size_y": 70,
  "size_z": 32,
  "snr": 2.683448599128126,
  "spacing_tr": 2.0,
  "spacing_x": 3.0,
  "spacing_y": 3.0,
  "spacing_z": 3.6000001430511475,
  "summary_bg_k": 47.854693217964936,
  "summary_bg_mad": 4.232155629395214,
  "summary_bg_mean": 32.46755599975586,
  "summary_bg_median": 18.993938446044922,
  "summary_bg_n": 92889.0,
  "summary_bg_p05": 15.903029441833496,
  "summary_bg_p95": 98.40726776123036,
  "summary_bg_stdv": 41.46961212158203,
  "summary_fg_k": 0.07592504194062988,
  "summary_fg_mad": 166.9410188528166,
  "summary_fg_mean": 466.3271789550781,
  "summary_fg_median": 439.24847412109375,
  "summary_fg_n": 28503.0,
  "summary_fg_p05": 248.15514068603517,
  "summary_fg_p95": 771.4581481933593,
  "summary_fg_stdv": 163.6851806640625,
  "tsnr": 95.77351622283459
}