{
  "aor": 0.008193030303030303,
  "aqi": 0.002920949115151515,
  "bids_meta": {
    "AcquisitionMatrixPE": 70,
    "AcquisitionNumber": 1,
    "AcquisitionTime": "16:50:7.765000",
    "BandwidthPerPixelPhaseEncode": 29.155,
    "BaseResolution": 70,
    "BodyPartExamined": "BRAIN",
    "ConsistencyInfo": "N4_VE11C_LATEST_20160120",
    "ConversionSoftware": "dcm2niix",
    "ConversionSoftwareVersion": "v1.0.20181125  (JP2:OpenJPEG) (JP-LS:CharLS) GCC5.5.0",
    "DerivedVendorReportedEchoSpacing": 0.000489992,
    "DeviceSerialNumber": "167012",
    "DwellTime": 3e-06,
    "EchoTime": 0.03,
    "EchoTrainLength": 70,
    "EffectiveEchoSpacing": 0.000489992,
    "FlipAngle": 90,
    "ImageOrientationPatientDICOM": [
      0.999404,
      0.0305268,
      -0.0160998,
      -0.0305345,
      0.999534,
      -0.00023127
    ],
    "ImageType": [
      "ORIGINAL",
      "PRIMARY",
      "M",
      "ND",
      "MOSAIC"
    ],
    "ImagingFrequency": 123.254,
    "InPlanePhaseEncodingDirectionDICOM": "COL",
    "InstitutionAddress": "Vassar_Street_43_Cambridge_Boston_US_02139",
    "InstitutionName": "McGovern_Institute_for_Brain_Research_(3T1)",
    "InstitutionalDepartmentName": "Department",
    "MRAcquisitionType": "2D",
    "MagneticFieldStrength": 3,
    "Manufacturer": "Siemens",
    "ManufacturersModelName": "Prisma_fit",
    "Modality": "MR",
    "PartialFourier": 1,
    "PatientPosition": "HFS",
    "PercentPhaseFOV": 100,
    "PhaseEncodingDirection": "j-",
    "PhaseEncodingSteps": 70,
    "PhaseResolution": 1,
    "PixelBandwidth": 2380,
    "ProcedureStepDescription": "Young_Minjae",
    "ProtocolName": "TPS_run5",
    "PulseSequenceDetails": "%SiemensSeq%_ep2d_pace",
    "ReceiveCoilActiveElements": "HEA;HEP",
    "ReceiveCoilName": "Head_32",
    "ReconMatrixPE": 70,
    "RepetitionTime": 2,
    "SAR": 0.0832111,
    "ScanOptions": "FS",
    "ScanningSequence": "EP",
    "SequenceName": "_epfid2d1_70",
    "SequenceVariant": "SK",
    "SeriesDescription": "TPS_run5",
    "SeriesNumber": 23,
    "ShimSetting": [
      -5604,
      -1564,
      3220,
      514,
      36,
      74,
      71,
      -22
    ],
    "SliceThickness": 3,
    "SliceTiming": [
      0,
      0.06,
      0.1225,
      0.185,
      0.2475,
      0.3075,
      0.37,
      0.4325,
      0.495,
      0.555,
      0.6175,
      0.68,
      0.7425,
      0.8025,
      0.865,
      0.9275,
      0.99,
      1.05,
      1.1125,
      1.175,
      1.2375,
      1.2975,
      1.36,
      1.4225,
      1.485,
      1.545,
      1.6075,
      1.67,
      1.7325,
      1.7925,
      1.855,
      1.9175
    ],
    "SoftwareVersions": "syngo_MR_E11",
    "SpacingBetweenSlices": 3.6,
    "StationName": "MRC35115",
    "TaskName": "tps",
    "TotalReadoutTime": 0.0338094,
    "TxRefAmp": 219.494,
    "dataset": "ds002793",
    "modality": "bold",
    "run_id": 5,
    "subject_id": "15",
    "task_id": "tps"
  },
  "dummy_trs": 0,
  "dvars_nstd": 23.445730174756093,
  "dvars_std": 1.2266438885365853,
  "dvars_vstd": 1.0116934303048775,
  "efc": 0.5296406097433117,
  "fber": 513.6731567382812,
  "fd_mean": 0.19433471970284816,
  "fd_num": 30,
  "fd_perc": 18.181818181818183,
  "fwhm_avg": 2.7164520015437605,
  "fwhm_x": 2.57113,
  "fwhm_y": 2.8985733333333332,
  "fwhm_z": 2.679652671297948,
  "gcor": 0.093374,
  "gsr_x": -0.00585594167932868,
  "gsr_y": 0.05011687055230141,
  "provenance": {
    "md5sum": "c1e4c09043cd44fa022f52e87e8def76",
    "settings": {
      "fd_thres": 0.2,
      "testing": false
    },
    "software": "mriqc",
    "version": "22.0.6",
    "webapi_port": null,
    "webapi_url": "https://mriqc.nimh.nih.gov/api/v1"
  },
  "size_t": 165,
  "size_x": 70,
  "size_y": 70,
  "size_z": 32,
  "snr": 2.6698953311895113,
  "spacing_tr": 2.0,
  "spacing_x": 3.0,
  "spacing_y": 3.0,
  "spacing_z": 3.6000001430511475,
  "summary_bg_k": 48.30178000695515,
  "summary_bg_mad": 4.25911342158007,
  "summary_bg_mean": 32.62795639038086,
  "summary_bg_median": 19.07272720336914,
  "summary_bg_n": 92761.0,
  "summary_bg_p05": 15.963635444641113,
  "summary_bg_p95": 99.09696960449219,
  "summary_bg_stdv": 41.76279067993164,
  "summary_fg_k": 0.0972667165417942,
  "summary_fg_mad": 167.8934577566451,
  "summary_fg_mean": 468.3224792480469,
  "summary_fg_median": 440.93939208984375,
  "summary_fg_n": 28626.0,
  "summary_fg_p05": 248.04848098754883,
  "summary_fg_p95": 775.2499694824219,
  "summary_fg_stdv": 165.14942932128906,
  "tsnr": 66.24094898346812
}