{
  "aor": 0.005031878787878788,
  "aqi": 0.002021601709090909,
  "bids_meta": {
    "AcquisitionMatrixPE": 70,
    "AcquisitionNumber": 1,
    "AcquisitionTime": "17:10:5.097500",
    "BandwidthPerPixelPhaseEncode": 29.155,
    "BaseResolution": 70,
    "BodyPartExamined": "BRAIN",
    "ConsistencyInfo": "N4_VE11C_LATEST_20160120",
    "ConversionSoftware": "dcm2niix",
    "ConversionSoftwareVersion": "v1.0.20181125  (JP2:OpenJPEG) (JP-LS:CharLS) GCC5.5.0",
    "DerivedVendorReportedEchoSpacing": 0.000489992,
    "DeviceSerialNumber": "167012",
    "DwellTime": 3e-06,
    "EchoTime": 0.03,
    "EchoTrainLength": 70,
    "EffectiveEchoSpacing": 0.000489992,
    "FlipAngle": 90,
    "ImageOrientationPatientDICOM": [
      0.999404,
      0.0305268,
      -0.0160998,
      -0.0305345,
      0.999534,
      -0.00023127
    ],
    "ImageType": [
      "ORIGINAL",
      "PRIMARY",
      "M",
      "ND",
      "MOSAIC"
    ],
    "ImagingFrequency": 123.254,
    "InPlanePhaseEncodingDirectionDICOM": "COL",
    "InstitutionAddress": "Vassar_Street_43_Cambridge_Boston_US_02139",
    "InstitutionName": "McGovern_Institute_for_Brain_Research_(3T1)",
    "InstitutionalDepartmentName": "Department",
    "MRAcquisitionType": "2D",
    "MagneticFieldStrength": 3,
    "Manufacturer": "Siemens",
    "ManufacturersModelName": "Prisma_fit",
    "Modality": "MR",
    "PartialFourier": 1,
    "PatientPosition": "HFS",
    "PercentPhaseFOV": 100,
    "PhaseEncodingDirection": "j-",
    "PhaseEncodingSteps": 70,
    "PhaseResolution": 1,
    "PixelBandwidth": 2380,
    "ProcedureStepDescription": "Young_Minjae",
    "ProtocolName": "TPS_run8",
    "PulseSequenceDetails": "%SiemensSeq%_ep2d_pace",
    "ReceiveCoilActiveElements": "HEA;HEP",
    "ReceiveCoilName": "Head_32",
    "ReconMatrixPE": 70,
    "RepetitionTime": 2,
    "SAR": 0.0832111,
    "ScanOptions": "FS",
    "ScanningSequence": "EP",
    "SequenceName": "_epfid2d1_70",
    "SequenceVariant": "SK",
    "SeriesDescription": "TPS_run8",
    "SeriesNumber": 29,
    "ShimSetting": [
      -5604,
      -1564,
      3220,
      514,
      36,
      74,
      71,
      -22
    ],
    "SliceThickness": 3,
    "SliceTiming": [
      0,
      0.0625,
      0.1225,
      0.185,
      0.2475,
      0.31,
      0.37,
      0.4325,
      0.495,
      0.5575,
      0.6175,
      0.68,
      0.7425,
      0.805,
      0.865,
      0.9275,
      0.99,
      1.0525,
      1.1125,
      1.175,
      1.2375,
      1.3,
      1.36,
      1.4225,
      1.485,
      1.5475,
      1.6075,
      1.67,
      1.7325,
      1.795,
      1.855,
      1.9175
    ],
    "SoftwareVersions": "syngo_MR_E11",
    "SpacingBetweenSlices": 3.6,
    "StationName": "MRC35115",
    "TaskName": "tps",
    "TotalReadoutTime": 0.0338094,
    "TxRefAmp": 219.494,
    "dataset": "ds002793",
    "modality": "bold",
    "run_id": 8,
    "subject_id": "15",
    "task_id": "tps"
  },
  "dummy_trs": 0,
  "dvars_nstd": 19.29253778817073,
  "dvars_std": 1.2643581996341458,
  "dvars_vstd": 1.0502414226219516,
  "efc": 0.5303275229042136,
  "fber": 509.0011291503906,
  "fd_mean": 0.12069027172172911,
  "fd_num": 19,
  "fd_perc": 11.515151515151516,
  "fwhm_avg": 2.6978679273251633,
  "fwhm_x": 2.5265999999999997,
  "fwhm_y": 2.87644,
  "fwhm_z": 2.69056378197549,
  "gcor": 0.0676667,
  "gsr_x": -0.00582130765542388,
  "gsr_y": 0.05187761411070824,
  "provenance": {
    "md5sum": "84743651c770726ed62a227f6be17adc",
    "settings": {
      "fd_thres": 0.2,
      "testing": false
    },
    "software": "mriqc",
    "version": "22.0.6",
    "webapi_port": null,
    "webapi_url": "https://mriqc.nimh.nih.gov/api/v1"
  },
  "size_t": 165,
  "size_x": 70,
  "size_y": 70,
  "size_z": 32,
  "snr": 2.7064803019842882,
  "spacing_tr": 2.0,
  "spacing_x": 3.0,
  "spacing_y": 3.0,
  "spacing_z": 3.6000001430511475,
  "summary_bg_k": 49.420081353048666,
  "summary_bg_mad": 3.854766333682428,
  "summary_bg_mean": 31.8408260345459,
  "summary_bg_median": 18.68484878540039,
  "summary_bg_n": 93066.0,
  "summary_bg_p05": 15.890908241271973,
  "summary_bg_p95": 96.4196949005127,
  "summary_bg_stdv": 40.38424301147461,
  "summary_fg_k": 0.053865730684386826,
  "summary_fg_mad": 161.35205460898072,
  "summary_fg_mean": 455.5853271484375,
  "summary_fg_median": 429.17572021484375,
  "summary_fg_n": 28424.0,
  "summary_fg_p05": 243.26666259765625,
  "summary_fg_p95": 752.352682495117,
  "summary_fg_stdv": 158.57058715820312,
  "tsnr": 89.75774788297713
}