{
  "aor": 0.0023088235294117646,
  "aqi": 0.001074049125,
  "bids_meta": {
    "AcquisitionMatrixPE": 70,
    "AcquisitionNumber": 1,
    "AcquisitionTime": "10:33:18.070000",
    "BandwidthPerPixelPhaseEncode": 29.155,
    "BaseResolution": 70,
    "BodyPartExamined": "BRAIN",
    "ConsistencyInfo": "N4_VE11C_LATEST_20160120",
    "ConversionSoftware": "dcm2niix",
    "ConversionSoftwareVersion": "v1.0.20181125  (JP2:OpenJPEG) (JP-LS:CharLS) GCC5.5.0",
    "DerivedVendorReportedEchoSpacing": 0.000489992,
    "DeviceSerialNumber": "167012",
    "DwellTime": 3e-06,
    "EchoTime": 0.03,
    "EchoTrainLength": 70,
    "EffectiveEchoSpacing": 0.000489992,
    "FlipAngle": 90,
    "ImageOrientationPatientDICOM": [
      0.996092,
      0.00128682,
      0.0883088,
      -0.0229523,
      0.96931,
      0.244769
    ],
    "ImageType": [
      "ORIGINAL",
      "PRIMARY",
      "M",
      "ND",
      "MOSAIC"
    ],
    "ImagingFrequency": 123.253,
    "InPlanePhaseEncodingDirectionDICOM": "COL",
    "InstitutionAddress": "Vassar_Street_43_Cambridge_Boston_US_02139",
    "InstitutionName": "McGovern_Institute_for_Brain_Research_(3T1)",
    "InstitutionalDepartmentName": "Department",
    "MRAcquisitionType": "2D",
    "MagneticFieldStrength": 3,
    "Manufacturer": "Siemens",
    "ManufacturersModelName": "Prisma_fit",
    "Modality": "MR",
    "PartialFourier": 1,
    "PatientPosition": "HFS",
    "PercentPhaseFOV": 100,
    "PhaseEncodingDirection": "j-",
    "PhaseEncodingSteps": 70,
    "PhaseResolution": 1,
    "PixelBandwidth": 2380,
    "ProcedureStepDescription": "Young_Minjae",
    "ProtocolName": "tom_localizer_run1",
    "PulseSequenceDetails": "%SiemensSeq%_ep2d_pace",
    "ReceiveCoilActiveElements": "HEA;HEP",
    "ReceiveCoilName": "Head_32",
    "ReconMatrixPE": 70,
    "RepetitionTime": 2,
    "SAR": 0.091394,
    "ScanOptions": "FS",
    "ScanningSequence": "EP",
    "SequenceName": "_epfid2d1_70",
    "SequenceVariant": "SK",
    "SeriesDescription": "tom_localizer_run1",
    "SeriesNumber": 11,
    "ShimSetting": [
      -5582,
      -1595,
      3141,
      598,
      71,
      -136,
      15,
      -9
    ],
    "SliceThickness": 3,
    "SliceTiming": [
      0,
      0.06,
      0.1225,
      0.185,
      0.2475,
      0.3075,
      0.37,
      0.4325,
      0.495,
      0.555,
      0.6175,
      0.68,
      0.7425,
      0.8025,
      0.865,
      0.9275,
      0.99,
      1.05,
      1.1125,
      1.175,
      1.2375,
      1.2975,
      1.36,
      1.4225,
      1.485,
      1.545,
      1.6075,
      1.67,
      1.7325,
      1.7925,
      1.855,
      1.9175
    ],
    "SoftwareVersions": "syngo_MR_E11",
    "SpacingBetweenSlices": 3.6,
    "StationName": "MRC35115",
    "TaskName": "tom",
    "TotalReadoutTime": 0.0338094,
    "TxRefAmp": 211.559,
    "dataset": "ds002793",
    "modality": "bold",
    "run_id": 1,
    "subject_id": "21",
    "task_id": "tom"
  },
  "dummy_trs": 0,
  "dvars_nstd": 21.450583154148163,
  "dvars_std": 1.2349365708148143,
  "dvars_vstd": 1.011663270740741,
  "efc": 0.5529939564235887,
  "fber": 441.3988952636719,
  "fd_mean": 0.1647125111390304,
  "fd_num": 42,
  "fd_perc": 30.88235294117647,
  "fwhm_avg": 2.67388242989261,
  "fwhm_x": 2.53172,
  "fwhm_y": 2.9435633333333335,
  "fwhm_z": 2.5463639563444973,
  "gcor": 0.0666289,
  "gsr_x": -0.013122699223458767,
  "gsr_y": 0.06285256892442703,
  "provenance": {
    "md5sum": "bda2f3aa38269bfc27ce6787b6754353",
    "settings": {
      "fd_thres": 0.2,
      "testing": false
    },
    "software": "mriqc",
    "version": "22.0.6",
    "webapi_port": null,
    "webapi_url": "https://mriqc.nimh.nih.gov/api/v1"
  },
  "size_t": 136,
  "size_x": 70,
  "size_y": 70,
  "size_z": 32,
  "snr": 2.6483789160084372,
  "spacing_tr": 2.0,
  "spacing_x": 3.0,
  "spacing_y": 3.0,
  "spacing_z": 3.5999999046325684,
  "summary_bg_k": 24.088293223191954,
  "summary_bg_mad": 4.349691942661905,
  "summary_bg_mean": 35.45512771606445,
  "summary_bg_median": 19.117647171020508,
  "summary_bg_n": 89321.0,
  "summary_bg_p05": 15.926470756530762,
  "summary_bg_p95": 125.56617736816406,
  "summary_bg_stdv": 45.755393981933594,
  "summary_fg_k": 0.15751544568364206,
  "summary_fg_mad": 154.04889941814127,
  "summary_fg_mean": 437.3203125,
  "summary_fg_median": 411.01470947265625,
  "summary_fg_n": 31348.0,
  "summary_fg_p05": 229.41690673828126,
  "summary_fg_p95": 724.7422882080077,
  "summary_fg_stdv": 155.19235229492188,
  "tsnr": 98.29360313550569
}