{
  "aor": 0.0036392682926829263,
  "aqi": 0.0012458473292682925,
  "bids_meta": {
    "AcquisitionMatrixPE": 70,
    "AcquisitionNumber": 1,
    "AcquisitionTime": "11:17:14.157500",
    "BandwidthPerPixelPhaseEncode": 29.155,
    "BaseResolution": 70,
    "BodyPartExamined": "BRAIN",
    "ConsistencyInfo": "N4_VE11C_LATEST_20160120",
    "ConversionSoftware": "dcm2niix",
    "ConversionSoftwareVersion": "v1.0.20181125  (JP2:OpenJPEG) (JP-LS:CharLS) GCC5.5.0",
    "DerivedVendorReportedEchoSpacing": 0.000489992,
    "DeviceSerialNumber": "167012",
    "DwellTime": 3e-06,
    "EchoTime": 0.03,
    "EchoTrainLength": 70,
    "EffectiveEchoSpacing": 0.000489992,
    "FlipAngle": 90,
    "ImageOrientationPatientDICOM": [
      0.996092,
      0.00128682,
      0.0883088,
      -0.0229523,
      0.96931,
      0.244769
    ],
    "ImageType": [
      "ORIGINAL",
      "PRIMARY",
      "M",
      "ND",
      "MOSAIC"
    ],
    "ImagingFrequency": 123.253,
    "InPlanePhaseEncodingDirectionDICOM": "COL",
    "InstitutionAddress": "Vassar_Street_43_Cambridge_Boston_US_02139",
    "InstitutionName": "McGovern_Institute_for_Brain_Research_(3T1)",
    "InstitutionalDepartmentName": "Department",
    "MRAcquisitionType": "2D",
    "MagneticFieldStrength": 3,
    "Manufacturer": "Siemens",
    "ManufacturersModelName": "Prisma_fit",
    "Modality": "MR",
    "PartialFourier": 1,
    "PatientPosition": "HFS",
    "PercentPhaseFOV": 100,
    "PhaseEncodingDirection": "j-",
    "PhaseEncodingSteps": 70,
    "PhaseResolution": 1,
    "PixelBandwidth": 2380,
    "ProcedureStepDescription": "Young_Minjae",
    "ProtocolName": "TPS_run6",
    "PulseSequenceDetails": "%SiemensSeq%_ep2d_pace",
    "ReceiveCoilActiveElements": "HEA;HEP",
    "ReceiveCoilName": "Head_32",
    "ReconMatrixPE": 70,
    "RepetitionTime": 2,
    "SAR": 0.0914798,
    "ScanOptions": "FS",
    "ScanningSequence": "EP",
    "SequenceName": "_epfid2d1_70",
    "SequenceVariant": "SK",
    "SeriesDescription": "TPS_run6",
    "SeriesNumber": 25,
    "ShimSetting": [
      -5582,
      -1595,
      3141,
      598,
      71,
      -136,
      15,
      -9
    ],
    "SliceThickness": 3,
    "SliceTiming": [
      0,
      0.0625,
      0.125,
      0.185,
      0.2475,
      0.31,
      0.3725,
      0.4325,
      0.495,
      0.5575,
      0.62,
      0.68,
      0.7425,
      0.805,
      0.8675,
      0.9275,
      0.99,
      1.0525,
      1.115,
      1.175,
      1.2375,
      1.3,
      1.3625,
      1.4225,
      1.485,
      1.5475,
      1.61,
      1.67,
      1.7325,
      1.795,
      1.8575,
      1.9175
    ],
    "SoftwareVersions": "syngo_MR_E11",
    "SpacingBetweenSlices": 3.6,
    "StationName": "MRC35115",
    "TaskName": "tps",
    "TotalReadoutTime": 0.0338094,
    "TxRefAmp": 211.559,
    "dataset": "ds002793",
    "modality": "bold",
    "run_id": 6,
    "subject_id": "21",
    "task_id": "tps"
  },
  "dummy_trs": 1,
  "dvars_nstd": 21.44594206582821,
  "dvars_std": 1.2624054360736194,
  "dvars_vstd": 1.0276751107361963,
  "efc": 0.5560004384409998,
  "fber": 431.9543762207031,
  "fd_mean": 0.15560570004590032,
  "fd_num": 42,
  "fd_perc": 25.609756097560975,
  "fwhm_avg": 2.7328815048204045,
  "fwhm_x": 2.57376,
  "fwhm_y": 2.98184,
  "fwhm_z": 2.6430445144612134,
  "gcor": 0.0307739,
  "gsr_x": -0.01217756886035204,
  "gsr_y": 0.05926867946982384,
  "provenance": {
    "md5sum": "342f408c55a8de8262cc92470354e096",
    "settings": {
      "fd_thres": 0.2,
      "testing": false
    },
    "software": "mriqc",
    "version": "22.0.6",
    "webapi_port": null,
    "webapi_url": "https://mriqc.nimh.nih.gov/api/v1"
  },
  "size_t": 164,
  "size_x": 70,
  "size_y": 70,
  "size_z": 32,
  "snr": 2.612729047487004,
  "spacing_tr": 2.0,
  "spacing_x": 3.0,
  "spacing_y": 3.0,
  "spacing_z": 3.5999999046325684,
  "summary_bg_k": 20.676750429769697,
  "summary_bg_mad": 4.556291055137874,
  "summary_bg_mean": 36.600833892822266,
  "summary_bg_median": 19.45121955871582,
  "summary_bg_n": 88684.0,
  "summary_bg_p05": 16.091463088989258,
  "summary_bg_p95": 133.9152420043942,
  "summary_bg_stdv": 46.95863723754883,
  "summary_fg_k": 0.19574374332334576,
  "summary_fg_mad": 157.0925368063787,
  "summary_fg_mean": 443.3206787109375,
  "summary_fg_median": 415.5030212402344,
  "summary_fg_n": 31552.0,
  "summary_fg_p05": 230.8454200744629,
  "summary_fg_p95": 738.2325775146484,
  "summary_fg_stdv": 159.0277557373047,
  "tsnr": 95.14751114649698
}