{
  "aor": 0.01164030303030303,
  "aqi": 0.009647846545454548,
  "bids_meta": {
    "AcquisitionMatrixPE": 70,
    "AcquisitionNumber": 1,
    "AcquisitionTime": "16:34:1.745000",
    "BandwidthPerPixelPhaseEncode": 29.155,
    "BaseResolution": 70,
    "BodyPartExamined": "BRAIN",
    "ConsistencyInfo": "N4_VE11C_LATEST_20160120",
    "ConversionSoftware": "dcm2niix",
    "ConversionSoftwareVersion": "v1.0.20181125  (JP2:OpenJPEG) (JP-LS:CharLS) GCC5.5.0",
    "DerivedVendorReportedEchoSpacing": 0.000489992,
    "DeviceSerialNumber": "167012",
    "DwellTime": 3e-06,
    "EchoTime": 0.03,
    "EchoTrainLength": 70,
    "EffectiveEchoSpacing": 0.000489992,
    "FlipAngle": 90,
    "ImageOrientationPatientDICOM": [
      0.999612,
      0.0191046,
      0.0202531,
      -0.0181464,
      0.998754,
      -0.0464812
    ],
    "ImageType": [
      "ORIGINAL",
      "PRIMARY",
      "M",
      "ND",
      "MOSAIC"
    ],
    "ImagingFrequency": 123.253,
    "InPlanePhaseEncodingDirectionDICOM": "COL",
    "InstitutionAddress": "Vassar_Street_43_Cambridge_Boston_US_02139",
    "InstitutionName": "McGovern_Institute_for_Brain_Research_(3T1)",
    "InstitutionalDepartmentName": "Department",
    "MRAcquisitionType": "2D",
    "MagneticFieldStrength": 3,
    "Manufacturer": "Siemens",
    "ManufacturersModelName": "Prisma_fit",
    "Modality": "MR",
    "PartialFourier": 1,
    "PatientPosition": "HFS",
    "PercentPhaseFOV": 100,
    "PhaseEncodingDirection": "j-",
    "PhaseEncodingSteps": 70,
    "PhaseResolution": 1,
    "PixelBandwidth": 2380,
    "ProcedureStepDescription": "Young_Minjae",
    "ProtocolName": "TPS_RUN7",
    "PulseSequenceDetails": "%SiemensSeq%_ep2d_pace",
    "ReceiveCoilActiveElements": "HEA;HEP",
    "ReceiveCoilName": "Head_32",
    "ReconMatrixPE": 70,
    "RepetitionTime": 2,
    "SAR": 0.0896551,
    "ScanOptions": "FS",
    "ScanningSequence": "EP",
    "SequenceName": "_epfid2d1_70",
    "SequenceVariant": "SK",
    "SeriesDescription": "TPS_RUN7",
    "SeriesNumber": 27,
    "ShimSetting": [
      -5605,
      -1573,
      3194,
      559,
      24,
      -20,
      121,
      20
    ],
    "SliceThickness": 3,
    "SliceTiming": [
      0,
      0.0625,
      0.125,
      0.185,
      0.2475,
      0.31,
      0.3725,
      0.4325,
      0.495,
      0.5575,
      0.62,
      0.68,
      0.7425,
      0.805,
      0.8675,
      0.9275,
      0.99,
      1.0525,
      1.115,
      1.175,
      1.2375,
      1.3,
      1.3625,
      1.4225,
      1.485,
      1.5475,
      1.61,
      1.67,
      1.7325,
      1.795,
      1.8575,
      1.9175
    ],
    "SoftwareVersions": "syngo_MR_E11",
    "SpacingBetweenSlices": 3.6,
    "StationName": "MRC35115",
    "TaskName": "tps",
    "TotalReadoutTime": 0.0338094,
    "TxRefAmp": 231.376,
    "dataset": "ds002793",
    "modality": "bold",
    "run_id": 7,
    "subject_id": "08",
    "task_id": "tps"
  },
  "dummy_trs": 0,
  "dvars_nstd": 55.610682104024384,
  "dvars_std": 1.295038648658536,
  "dvars_vstd": 1.0371729243902439,
  "efc": 0.5496159290147504,
  "fber": 356.4147644042969,
  "fd_mean": 0.7351072820402196,
  "fd_num": 154,
  "fd_perc": 93.33333333333333,
  "fwhm_avg": 2.7469083566678165,
  "fwhm_x": 2.6230266666666666,
  "fwhm_y": 2.975156666666667,
  "fwhm_z": 2.642541736670116,
  "gcor": 0.0952446,
  "gsr_x": -0.013687936589121819,
  "gsr_y": 0.06248436123132706,
  "provenance": {
    "md5sum": "acf53d0b0bcd48ac632d068ce0e29a2d",
    "settings": {
      "fd_thres": 0.2,
      "testing": false
    },
    "software": "mriqc",
    "version": "22.0.6",
    "webapi_port": null,
    "webapi_url": "https://mriqc.nimh.nih.gov/api/v1"
  },
  "size_t": 165,
  "size_x": 70,
  "size_y": 70,
  "size_z": 32,
  "snr": 2.5901699305380577,
  "spacing_tr": 2.0,
  "spacing_x": 3.0,
  "spacing_y": 3.0,
  "spacing_z": 3.5999999046325684,
  "summary_bg_k": 20.009624033395124,
  "summary_bg_mad": 7.511849732247415,
  "summary_bg_mean": 43.25431823730469,
  "summary_bg_median": 22.363636016845703,
  "summary_bg_n": 95265.0,
  "summary_bg_p05": 16.92121124267578,
  "summary_bg_p95": 153.93211975097668,
  "summary_bg_stdv": 55.009239196777344,
  "summary_fg_k": 0.29172974288121223,
  "summary_fg_mad": 164.02970172178195,
  "summary_fg_mean": 459.33135986328125,
  "summary_fg_median": 429.33331298828125,
  "summary_fg_n": 27855.0,
  "summary_fg_p05": 238.58181762695312,
  "summary_fg_p95": 768.8557189941406,
  "summary_fg_stdv": 165.7519073486328,
  "tsnr": 34.91377676697448
}