{
  "aor": 0.005213777777777777,
  "aqi": 0.003303879037037037,
  "bids_meta": {
    "AcquisitionMatrixPE": 70,
    "AcquisitionNumber": 1,
    "AcquisitionTime": "15:43:53.227500",
    "BandwidthPerPixelPhaseEncode": 29.155,
    "BaseResolution": 70,
    "BodyPartExamined": "BRAIN",
    "ConsistencyInfo": "N4_VE11C_LATEST_20160120",
    "ConversionSoftware": "dcm2niix",
    "ConversionSoftwareVersion": "v1.0.20181125  (JP2:OpenJPEG) (JP-LS:CharLS) GCC5.5.0",
    "DerivedVendorReportedEchoSpacing": 0.000489992,
    "DeviceSerialNumber": "167012",
    "DwellTime": 3e-06,
    "EchoTime": 0.03,
    "EchoTrainLength": 70,
    "EffectiveEchoSpacing": 0.000489992,
    "FlipAngle": 90,
    "ImageOrientationPatientDICOM": [
      0.999612,
      0.0191046,
      0.0202531,
      -0.0181464,
      0.998754,
      -0.0464812
    ],
    "ImageType": [
      "ORIGINAL",
      "PRIMARY",
      "M",
      "ND",
      "MOSAIC"
    ],
    "ImagingFrequency": 123.253,
    "InPlanePhaseEncodingDirectionDICOM": "COL",
    "InstitutionAddress": "Vassar_Street_43_Cambridge_Boston_US_02139",
    "InstitutionName": "McGovern_Institute_for_Brain_Research_(3T1)",
    "InstitutionalDepartmentName": "Department",
    "MRAcquisitionType": "2D",
    "MagneticFieldStrength": 3,
    "Manufacturer": "Siemens",
    "ManufacturersModelName": "Prisma_fit",
    "Modality": "MR",
    "PartialFourier": 1,
    "PatientPosition": "HFS",
    "PercentPhaseFOV": 100,
    "PhaseEncodingDirection": "j-",
    "PhaseEncodingSteps": 70,
    "PhaseResolution": 1,
    "PixelBandwidth": 2380,
    "ProcedureStepDescription": "Young_Minjae",
    "ProtocolName": "TOM_RUN1",
    "PulseSequenceDetails": "%SiemensSeq%_ep2d_pace",
    "ReceiveCoilActiveElements": "HEA;HEP",
    "ReceiveCoilName": "Head_32",
    "ReconMatrixPE": 70,
    "RepetitionTime": 2,
    "SAR": 0.0895709,
    "ScanOptions": "FS",
    "ScanningSequence": "EP",
    "SequenceName": "_epfid2d1_70",
    "SequenceVariant": "SK",
    "SeriesDescription": "TOM_RUN1",
    "SeriesNumber": 11,
    "ShimSetting": [
      -5605,
      -1573,
      3194,
      559,
      24,
      -20,
      121,
      20
    ],
    "SliceThickness": 3,
    "SliceTiming": [
      0,
      0.0625,
      0.1225,
      0.185,
      0.2475,
      0.31,
      0.37,
      0.4325,
      0.495,
      0.5575,
      0.6175,
      0.68,
      0.7425,
      0.8025,
      0.865,
      0.9275,
      0.99,
      1.05,
      1.1125,
      1.175,
      1.2375,
      1.2975,
      1.36,
      1.4225,
      1.485,
      1.545,
      1.6075,
      1.67,
      1.7325,
      1.7925,
      1.855,
      1.9175
    ],
    "SoftwareVersions": "syngo_MR_E11",
    "SpacingBetweenSlices": 3.6,
    "StationName": "MRC35115",
    "TaskName": "tom",
    "TotalReadoutTime": 0.0338094,
    "TxRefAmp": 231.376,
    "dataset": "ds002793",
    "modality": "bold",
    "run_id": 1,
    "subject_id": "08",
    "task_id": "tom"
  },
  "dummy_trs": 1,
  "dvars_nstd": 28.611116522611926,
  "dvars_std": 1.2884630820895526,
  "dvars_vstd": 1.028650096268657,
  "efc": 0.5443981102565186,
  "fber": 382.6584167480469,
  "fd_mean": 0.2667105694544455,
  "fd_num": 81,
  "fd_perc": 60.0,
  "fwhm_avg": 2.735875948918553,
  "fwhm_x": 2.6405366666666668,
  "fwhm_y": 2.9632633333333334,
  "fwhm_z": 2.6038278467556597,
  "gcor": 0.0226046,
  "gsr_x": -0.01667657494544983,
  "gsr_y": 0.06529438495635986,
  "provenance": {
    "md5sum": "c4805fc19873887ca02feb522a158e75",
    "settings": {
      "fd_thres": 0.2,
      "testing": false
    },
    "software": "mriqc",
    "version": "22.0.6",
    "webapi_port": null,
    "webapi_url": "https://mriqc.nimh.nih.gov/api/v1"
  },
  "size_t": 135,
  "size_x": 70,
  "size_y": 70,
  "size_z": 32,
  "snr": 2.5971129197302494,
  "spacing_tr": 2.0,
  "spacing_x": 3.0,
  "spacing_y": 3.0,
  "spacing_z": 3.5999999046325684,
  "summary_bg_k": 22.829483714574692,
  "summary_bg_mad": 6.743095958929726,
  "summary_bg_mean": 40.886688232421875,
  "summary_bg_median": 21.600000381469727,
  "summary_bg_n": 94979.0,
  "summary_bg_p05": 16.733333587646484,
  "summary_bg_p95": 144.1874023437498,
  "summary_bg_stdv": 51.86680221557617,
  "summary_fg_k": 0.13555924854928136,
  "summary_fg_mad": 165.91964853785854,
  "summary_fg_mean": 461.7110290527344,
  "summary_fg_median": 432.65924072265625,
  "summary_fg_n": 28041.0,
  "summary_fg_p05": 238.9851837158203,
  "summary_fg_p95": 773.8963012695312,
  "summary_fg_stdv": 166.58941650390625,
  "tsnr": 70.10074684862047
}