{
  "aor": 0.005982787878787878,
  "aqi": 0.005366117333333333,
  "bids_meta": {
    "AcquisitionMatrixPE": 70,
    "AcquisitionNumber": 1,
    "AcquisitionTime": "16:40:34.542500",
    "BandwidthPerPixelPhaseEncode": 29.155,
    "BaseResolution": 70,
    "BodyPartExamined": "BRAIN",
    "ConsistencyInfo": "N4_VE11C_LATEST_20160120",
    "ConversionSoftware": "dcm2niix",
    "ConversionSoftwareVersion": "v1.0.20181125  (JP2:OpenJPEG) (JP-LS:CharLS) GCC5.5.0",
    "DerivedVendorReportedEchoSpacing": 0.000489992,
    "DeviceSerialNumber": "167012",
    "DwellTime": 3e-06,
    "EchoTime": 0.03,
    "EchoTrainLength": 70,
    "EffectiveEchoSpacing": 0.000489992,
    "FlipAngle": 90,
    "ImageOrientationPatientDICOM": [
      0.999612,
      0.0191046,
      0.0202531,
      -0.0181464,
      0.998754,
      -0.0464812
    ],
    "ImageType": [
      "ORIGINAL",
      "PRIMARY",
      "M",
      "ND",
      "MOSAIC"
    ],
    "ImagingFrequency": 123.253,
    "InPlanePhaseEncodingDirectionDICOM": "COL",
    "InstitutionAddress": "Vassar_Street_43_Cambridge_Boston_US_02139",
    "InstitutionName": "McGovern_Institute_for_Brain_Research_(3T1)",
    "InstitutionalDepartmentName": "Department",
    "MRAcquisitionType": "2D",
    "MagneticFieldStrength": 3,
    "Manufacturer": "Siemens",
    "ManufacturersModelName": "Prisma_fit",
    "Modality": "MR",
    "PartialFourier": 1,
    "PatientPosition": "HFS",
    "PercentPhaseFOV": 100,
    "PhaseEncodingDirection": "j-",
    "PhaseEncodingSteps": 70,
    "PhaseResolution": 1,
    "PixelBandwidth": 2380,
    "ProcedureStepDescription": "Young_Minjae",
    "ProtocolName": "TPS_RUN8",
    "PulseSequenceDetails": "%SiemensSeq%_ep2d_pace",
    "ReceiveCoilActiveElements": "HEA;HEP",
    "ReceiveCoilName": "Head_32",
    "ReconMatrixPE": 70,
    "RepetitionTime": 2,
    "SAR": 0.0896551,
    "ScanOptions": "FS",
    "ScanningSequence": "EP",
    "SequenceName": "_epfid2d1_70",
    "SequenceVariant": "SK",
    "SeriesDescription": "TPS_RUN8",
    "SeriesNumber": 29,
    "ShimSetting": [
      -5605,
      -1573,
      3194,
      559,
      24,
      -20,
      121,
      20
    ],
    "SliceThickness": 3,
    "SliceTiming": [
      0,
      0.0625,
      0.125,
      0.185,
      0.2475,
      0.31,
      0.3725,
      0.4325,
      0.495,
      0.5575,
      0.62,
      0.68,
      0.7425,
      0.805,
      0.8675,
      0.9275,
      0.99,
      1.0525,
      1.115,
      1.175,
      1.2375,
      1.3,
      1.3625,
      1.4225,
      1.485,
      1.5475,
      1.61,
      1.67,
      1.7325,
      1.795,
      1.855,
      1.9175
    ],
    "SoftwareVersions": "syngo_MR_E11",
    "SpacingBetweenSlices": 3.6,
    "StationName": "MRC35115",
    "TaskName": "tps",
    "TotalReadoutTime": 0.0338094,
    "TxRefAmp": 231.376,
    "dataset": "ds002793",
    "modality": "bold",
    "run_id": 8,
    "subject_id": "08",
    "task_id": "tps"
  },
  "dummy_trs": 0,
  "dvars_nstd": 38.78632054701219,
  "dvars_std": 1.2789318829268295,
  "dvars_vstd": 1.0183135737804878,
  "efc": 0.5497400867131758,
  "fber": 356.4364318847656,
  "fd_mean": 0.4327246223055044,
  "fd_num": 137,
  "fd_perc": 83.03030303030303,
  "fwhm_avg": 2.7365615042794,
  "fwhm_x": 2.647203333333333,
  "fwhm_y": 2.980703333333333,
  "fwhm_z": 2.581777846171534,
  "gcor": 0.0733993,
  "gsr_x": -0.014669702388346195,
  "gsr_y": 0.06468747556209564,
  "provenance": {
    "md5sum": "a848f1f407af3061e12a36bf75648cfc",
    "settings": {
      "fd_thres": 0.2,
      "testing": false
    },
    "software": "mriqc",
    "version": "22.0.6",
    "webapi_port": null,
    "webapi_url": "https://mriqc.nimh.nih.gov/api/v1"
  },
  "size_t": 165,
  "size_x": 70,
  "size_y": 70,
  "size_z": 32,
  "snr": 2.596260847747501,
  "spacing_tr": 2.0,
  "spacing_x": 3.0,
  "spacing_y": 3.0,
  "spacing_z": 3.5999999046325684,
  "summary_bg_k": 19.45062119157533,
  "summary_bg_mad": 7.664603956336534,
  "summary_bg_mean": 43.838844299316406,
  "summary_bg_median": 22.557575225830078,
  "summary_bg_n": 94967.0,
  "summary_bg_p05": 17.012121200561523,
  "summary_bg_p95": 158.14059600830066,
  "summary_bg_stdv": 55.963722229003906,
  "summary_fg_k": 0.15362633175082685,
  "summary_fg_mad": 167.39026071767077,
  "summary_fg_mean": 466.092529296875,
  "summary_fg_median": 435.8302917480469,
  "summary_fg_n": 27933.0,
  "summary_fg_p05": 241.72362365722657,
  "summary_fg_p95": 780.2520874023437,
  "summary_fg_stdv": 167.86544799804688,
  "tsnr": 50.3451541531831
}