{
  "bids_meta": {
    "AcquisitionMatrixPE": 256,
    "AcquisitionNumber": 1,
    "AcquisitionTime": "18:12:30.710000",
    "BaseResolution": 256,
    "BodyPartExamined": "BRAIN",
    "ConsistencyInfo": "N4_VE11C_LATEST_20160120",
    "ConversionSoftware": "dcm2niix",
    "ConversionSoftwareVersion": "v1.0.20181125  (JP2:OpenJPEG) (JP-LS:CharLS) GCC5.5.0",
    "DeviceSerialNumber": "167012",
    "DwellTime": 3e-06,
    "EchoTime": 0.00169,
    "FlipAngle": 7,
    "ImageOrientationPatientDICOM": [
      0.0295168,
      0.993844,
      -0.106785,
      -0.00193364,
      -0.106774,
      -0.994281
    ],
    "ImageType": [
      "ORIGINAL",
      "PRIMARY",
      "OTHER",
      "ND",
      "NORM",
      "MEAN"
    ],
    "ImagingFrequency": 123.253,
    "InPlanePhaseEncodingDirectionDICOM": "ROW",
    "InstitutionAddress": "Vassar_Street_43_Cambridge_Boston_US_02139",
    "InstitutionName": "McGovern_Institute_for_Brain_Research_(3T1)",
    "InstitutionalDepartmentName": "Department",
    "InversionTime": 1.4,
    "MRAcquisitionType": "3D",
    "MagneticFieldStrength": 3,
    "Manufacturer": "Siemens",
    "ManufacturersModelName": "Prisma_fit",
    "Modality": "MR",
    "PartialFourier": 1,
    "PatientPosition": "HFS",
    "PercentPhaseFOV": 100,
    "PhaseEncodingSteps": 255,
    "PhaseResolution": 1,
    "PixelBandwidth": 650,
    "ProcedureStepDescription": "Young_Minjae",
    "ProtocolName": "T1w_MPRAGE_FourEcho_vNav",
    "PulseSequenceDetails": "%CustomerSeq%_tfl_mgh_epinav_ABCD",
    "ReceiveCoilActiveElements": "HEA;HEP",
    "ReceiveCoilName": "Head_32",
    "ReconMatrixPE": 256,
    "RepetitionTime": 2.53,
    "SAR": 0.0307015,
    "ScanOptions": "IR_WE",
    "ScanningSequence": "GR_IR",
    "SequenceName": "tfl3d4_16ns",
    "SequenceVariant": "SK_SP_MP",
    "SeriesDescription": "T1w_MPRAGE_FourEcho_vNav_RMS",
    "SeriesNumber": 10,
    "ShimSetting": [
      -5609,
      -1556,
      3147,
      447,
      18,
      -256,
      117,
      -10
    ],
    "SliceThickness": 1,
    "SoftwareVersions": "syngo_MR_E11",
    "StationName": "MRC35115",
    "TxRefAmp": 221.717,
    "WipMemBlock": "Prisma_epi_moco_navigator_ABCD_tfl.prot",
    "dataset": "ds002793",
    "modality": "T1w",
    "run_id": 1,
    "subject_id": "16"
  },
  "cjv": 0.3660654175230064,
  "cnr": 3.475962039977826,
  "efc": 0.5099113887780785,
  "fber": 27532.743762424438,
  "fwhm_avg": 3.86248,
  "fwhm_x": 3.93547,
  "fwhm_y": 4.01534,
  "fwhm_z": 3.63663,
  "icvs_csf": 0.21299712275864272,
  "icvs_gm": 0.43588277078795334,
  "icvs_wm": 0.35112010645340397,
  "inu_med": 0.34973740577697754,
  "inu_range": 0.10548742860555649,
  "provenance": {
    "md5sum": "fea3a500e9ef46fcf343cc80e0f31ee0",
    "settings": {
      "testing": false
    },
    "software": "mriqc",
    "version": "22.0.6",
    "warnings": {
      "large_rot_frame": true,
      "small_air_mask": false
    },
    "webapi_port": null,
    "webapi_url": "https://mriqc.nimh.nih.gov/api/v1"
  },
  "qi_1": 0.0,
  "qi_2": 0.002662322641851141,
  "rpve_csf": 28.095372727339544,
  "rpve_gm": 14.384824706372134,
  "rpve_wm": 20.331232537690223,
  "size_x": 176,
  "size_y": 256,
  "size_z": 256,
  "snr_csf": 2.034148401449771,
  "snr_gm": 16.536313678218594,
  "snr_total": 16.409638039450755,
  "snr_wm": 30.6584520386839,
  "snrd_csf": 45.572656027917965,
  "snrd_gm": 124.9801866519019,
  "snrd_total": 109.11126052900302,
  "snrd_wm": 156.78093890718918,
  "spacing_x": 1.0,
  "spacing_y": 1.0,
  "spacing_z": 1.0,
  "summary_bg_k": 7.187711506776779,
  "summary_bg_mad": 0.0,
  "summary_bg_mean": 2.7274645175644485,
  "summary_bg_median": 0.0,
  "summary_bg_n": 3025570.0,
  "summary_bg_p05": 0.0,
  "summary_bg_p95": 11.607980903238058,
  "summary_bg_stdv": 4.178844342443904,
  "summary_csf_k": 0.19118272867988217,
  "summary_csf_mad": 133.89938619739365,
  "summary_csf_mean": 275.65304377786185,
  "summary_csf_median": 290.6891386471689,
  "summary_csf_n": 38205.0,
  "summary_csf_p05": 51.55249163880944,
  "summary_csf_p95": 517.79755096212,
  "summary_csf_stdv": 142.90271746220185,
  "summary_gm_k": 0.6630977674964811,
  "summary_gm_mad": 43.28213725964995,
  "summary_gm_mean": 796.3637852542075,
  "summary_gm_median": 797.1969591490924,
  "summary_gm_n": 25357.0,
  "summary_gm_p05": 715.2841912709176,
  "summary_gm_p95": 874.5970989502966,
  "summary_gm_stdv": 48.20791713566274,
  "summary_wm_k": 0.2980992118678225,
  "summary_wm_mad": 30.971983615570615,
  "summary_wm_mean": 1001.4684858868708,
  "summary_wm_median": 1000.0408152490854,
  "summary_wm_n": 166471.0,
  "summary_wm_p05": 949.681762771681,
  "summary_wm_p95": 1057.7747097238898,
  "summary_wm_stdv": 32.61866614576718,
  "tpm_overlap_csf": 0.14624110122816672,
  "tpm_overlap_gm": 0.46441347703881336,
  "tpm_overlap_wm": 0.5132155064294315,
  "wm2max": 0.9202004843160444
}