{
  "aor": 0.0016257575757575758,
  "aqi": 0.0030120565454545456,
  "bids_meta": {
    "AcquisitionMatrixPE": 70,
    "AcquisitionNumber": 1,
    "AcquisitionTime": "13:04:57.957500",
    "BandwidthPerPixelPhaseEncode": 29.155,
    "BaseResolution": 70,
    "BodyPartExamined": "BRAIN",
    "ConsistencyInfo": "N4_VE11C_LATEST_20160120",
    "ConversionSoftware": "dcm2niix",
    "ConversionSoftwareVersion": "v1.0.20181125  (JP2:OpenJPEG) (JP-LS:CharLS) GCC5.5.0",
    "DerivedVendorReportedEchoSpacing": 0.000489992,
    "DeviceSerialNumber": "167012",
    "DwellTime": 3e-06,
    "EchoTime": 0.03,
    "EchoTrainLength": 70,
    "EffectiveEchoSpacing": 0.000489992,
    "FlipAngle": 90,
    "ImageOrientationPatientDICOM": [
      0.999837,
      0.0180237,
      0.000451611,
      -0.0179759,
      0.994633,
      0.101888
    ],
    "ImageType": [
      "ORIGINAL",
      "PRIMARY",
      "M",
      "ND",
      "MOSAIC"
    ],
    "ImagingFrequency": 123.253,
    "InPlanePhaseEncodingDirectionDICOM": "COL",
    "InstitutionAddress": "Vassar_Street_43_Cambridge_Boston_US_02139",
    "InstitutionName": "McGovern_Institute_for_Brain_Research_(3T1)",
    "InstitutionalDepartmentName": "Department",
    "MRAcquisitionType": "2D",
    "MagneticFieldStrength": 3,
    "Manufacturer": "Siemens",
    "ManufacturersModelName": "Prisma_fit",
    "Modality": "MR",
    "PartialFourier": 1,
    "PatientPosition": "HFS",
    "PercentPhaseFOV": 100,
    "PhaseEncodingDirection": "j-",
    "PhaseEncodingSteps": 70,
    "PhaseResolution": 1,
    "PixelBandwidth": 2380,
    "ProcedureStepDescription": "Young_Minjae",
    "ProtocolName": "TPS_RUN10",
    "PulseSequenceDetails": "%SiemensSeq%_ep2d_pace",
    "ReceiveCoilActiveElements": "HEA;HEP",
    "ReceiveCoilName": "Head_32",
    "ReconMatrixPE": 70,
    "RepetitionTime": 2,
    "SAR": 0.116576,
    "ScanOptions": "FS",
    "ScanningSequence": "EP",
    "SequenceName": "_epfid2d1_70",
    "SequenceVariant": "SK",
    "SeriesDescription": "TPS_RUN10",
    "SeriesNumber": 31,
    "ShimSetting": [
      -5603,
      -1608,
      3218,
      564,
      -17,
      -128,
      -132,
      31
    ],
    "SliceThickness": 3,
    "SliceTiming": [
      0,
      0.06,
      0.1225,
      0.185,
      0.2475,
      0.3075,
      0.37,
      0.4325,
      0.495,
      0.555,
      0.6175,
      0.68,
      0.7425,
      0.8025,
      0.865,
      0.9275,
      0.99,
      1.05,
      1.1125,
      1.175,
      1.2375,
      1.2975,
      1.36,
      1.4225,
      1.485,
      1.545,
      1.6075,
      1.67,
      1.7325,
      1.7925,
      1.855,
      1.9175
    ],
    "SoftwareVersions": "syngo_MR_E11",
    "SpacingBetweenSlices": 3.6,
    "StationName": "MRC35115",
    "TaskName": "tps",
    "TotalReadoutTime": 0.0338094,
    "TxRefAmp": 254.923,
    "dataset": "ds002793",
    "modality": "bold",
    "run_id": 10,
    "subject_id": "02",
    "task_id": "tps"
  },
  "dummy_trs": 0,
  "dvars_nstd": 26.14534259408536,
  "dvars_std": 1.2908345273170732,
  "dvars_vstd": 1.0099799731097558,
  "efc": 0.5676715197884943,
  "fber": 335.1336364746094,
  "fd_mean": 0.21311466338204518,
  "fd_num": 82,
  "fd_perc": 49.696969696969695,
  "fwhm_avg": 2.747741875236937,
  "fwhm_x": 2.5773433333333333,
  "fwhm_y": 3.01761,
  "fwhm_z": 2.6482722923774795,
  "gcor": 0.0280411,
  "gsr_x": -0.011138181202113628,
  "gsr_y": 0.06993084400892258,
  "provenance": {
    "md5sum": "aa620141c7160aa0d1a62edfe60fb2c5",
    "settings": {
      "fd_thres": 0.2,
      "testing": false
    },
    "software": "mriqc",
    "version": "22.0.6",
    "webapi_port": null,
    "webapi_url": "https://mriqc.nimh.nih.gov/api/v1"
  },
  "size_t": 165,
  "size_x": 70,
  "size_y": 70,
  "size_z": 32,
  "snr": 2.678965209336457,
  "spacing_tr": 2.0,
  "spacing_x": 3.0,
  "spacing_y": 3.0,
  "spacing_z": 3.5999999046325684,
  "summary_bg_k": 24.47558648157554,
  "summary_bg_mad": 6.074176224770135,
  "summary_bg_mean": 41.344703674316406,
  "summary_bg_median": 20.763635635375977,
  "summary_bg_n": 90133.0,
  "summary_bg_p05": 16.363636016845703,
  "summary_bg_p95": 144.38666687011712,
  "summary_bg_stdv": 57.524749755859375,
  "summary_fg_k": 0.6063867941643579,
  "summary_fg_mad": 145.24560940504654,
  "summary_fg_mean": 413.1658630371094,
  "summary_fg_median": 391.7908935546875,
  "summary_fg_n": 30338.0,
  "summary_fg_p05": 218.37907943725585,
  "summary_fg_p95": 680.8957397460936,
  "summary_fg_stdv": 146.24468994140625,
  "tsnr": 85.89601788669825
}