{
  "aor": 0.0036594852941176474,
  "aqi": 0.0033693713970588232,
  "bids_meta": {
    "AcquisitionMatrixPE": 70,
    "AcquisitionNumber": 1,
    "AcquisitionTime": "13:17:41.842500",
    "BandwidthPerPixelPhaseEncode": 29.155,
    "BaseResolution": 70,
    "BodyPartExamined": "BRAIN",
    "ConsistencyInfo": "N4_VE11C_LATEST_20160120",
    "ConversionSoftware": "dcm2niix",
    "ConversionSoftwareVersion": "v1.0.20181125  (JP2:OpenJPEG) (JP-LS:CharLS) GCC5.5.0",
    "DerivedVendorReportedEchoSpacing": 0.000489992,
    "DeviceSerialNumber": "167012",
    "DwellTime": 3e-06,
    "EchoTime": 0.03,
    "EchoTrainLength": 70,
    "EffectiveEchoSpacing": 0.000489992,
    "FlipAngle": 90,
    "ImageOrientationPatientDICOM": [
      0.999837,
      0.0180237,
      0.000451611,
      -0.0179759,
      0.994633,
      0.101888
    ],
    "ImageType": [
      "ORIGINAL",
      "PRIMARY",
      "M",
      "ND",
      "MOSAIC"
    ],
    "ImagingFrequency": 123.253,
    "InPlanePhaseEncodingDirectionDICOM": "COL",
    "InstitutionAddress": "Vassar_Street_43_Cambridge_Boston_US_02139",
    "InstitutionName": "McGovern_Institute_for_Brain_Research_(3T1)",
    "InstitutionalDepartmentName": "Department",
    "MRAcquisitionType": "2D",
    "MagneticFieldStrength": 3,
    "Manufacturer": "Siemens",
    "ManufacturersModelName": "Prisma_fit",
    "Modality": "MR",
    "PartialFourier": 1,
    "PatientPosition": "HFS",
    "PercentPhaseFOV": 100,
    "PhaseEncodingDirection": "j-",
    "PhaseEncodingSteps": 70,
    "PhaseResolution": 1,
    "PixelBandwidth": 2380,
    "ProcedureStepDescription": "Young_Minjae",
    "ProtocolName": "TOM_RUN2",
    "PulseSequenceDetails": "%SiemensSeq%_ep2d_pace",
    "ReceiveCoilActiveElements": "HEA;HEP",
    "ReceiveCoilName": "Head_32",
    "ReconMatrixPE": 70,
    "RepetitionTime": 2,
    "SAR": 0.116467,
    "ScanOptions": "FS",
    "ScanningSequence": "EP",
    "SequenceName": "_epfid2d1_70",
    "SequenceVariant": "SK",
    "SeriesDescription": "TOM_RUN2",
    "SeriesNumber": 35,
    "ShimSetting": [
      -5603,
      -1608,
      3218,
      564,
      -17,
      -128,
      -132,
      31
    ],
    "SliceThickness": 3,
    "SliceTiming": [
      0,
      0.0625,
      0.125,
      0.1875,
      0.2475,
      0.31,
      0.3725,
      0.435,
      0.495,
      0.5575,
      0.62,
      0.6825,
      0.7425,
      0.805,
      0.8675,
      0.93,
      0.99,
      1.0525,
      1.115,
      1.1775,
      1.2375,
      1.3,
      1.3625,
      1.4225,
      1.485,
      1.5475,
      1.61,
      1.67,
      1.7325,
      1.795,
      1.8575,
      1.9175
    ],
    "SoftwareVersions": "syngo_MR_E11",
    "SpacingBetweenSlices": 3.6,
    "StationName": "MRC35115",
    "TaskName": "tom",
    "TotalReadoutTime": 0.0338094,
    "TxRefAmp": 254.923,
    "dataset": "ds002793",
    "modality": "bold",
    "run_id": 2,
    "subject_id": "02",
    "task_id": "tom"
  },
  "dummy_trs": 0,
  "dvars_nstd": 27.341386060666657,
  "dvars_std": 1.3016367855555557,
  "dvars_vstd": 1.0235929083703705,
  "efc": 0.5680156463772805,
  "fber": 332.7347412109375,
  "fd_mean": 0.21660401503850005,
  "fd_num": 60,
  "fd_perc": 44.11764705882353,
  "fwhm_avg": 2.760904838190825,
  "fwhm_x": 2.586203333333333,
  "fwhm_y": 3.0492666666666666,
  "fwhm_z": 2.647244514572475,
  "gcor": 0.0226213,
  "gsr_x": -0.00978887639939785,
  "gsr_y": 0.07064245641231537,
  "provenance": {
    "md5sum": "eff4835e97f18619c800ca7341b1847f",
    "settings": {
      "fd_thres": 0.2,
      "testing": false
    },
    "software": "mriqc",
    "version": "22.0.6",
    "webapi_port": null,
    "webapi_url": "https://mriqc.nimh.nih.gov/api/v1"
  },
  "size_t": 136,
  "size_x": 70,
  "size_y": 70,
  "size_z": 32,
  "snr": 2.6789436529396102,
  "spacing_tr": 2.0,
  "spacing_x": 3.0,
  "spacing_y": 3.0,
  "spacing_z": 3.5999999046325684,
  "summary_bg_k": 24.303461125987663,
  "summary_bg_mad": 6.061227548549171,
  "summary_bg_mean": 41.43606185913086,
  "summary_bg_median": 20.764705657958984,
  "summary_bg_n": 90175.0,
  "summary_bg_p05": 16.382352828979492,
  "summary_bg_p95": 146.21764984130863,
  "summary_bg_stdv": 57.70671844482422,
  "summary_fg_k": 0.5767169386965749,
  "summary_fg_mad": 144.69542498802298,
  "summary_fg_mean": 411.092041015625,
  "summary_fg_median": 389.8529357910156,
  "summary_fg_n": 30354.0,
  "summary_fg_p05": 217.05551834106447,
  "summary_fg_p95": 676.7025817871092,
  "summary_fg_stdv": 145.52247619628906,
  "tsnr": 78.4582312242128
}