{
  "aor": 0.0012962424242424244,
  "aqi": 0.003033453333333333,
  "bids_meta": {
    "AcquisitionMatrixPE": 70,
    "AcquisitionNumber": 1,
    "AcquisitionTime": "12:21:17.877500",
    "BandwidthPerPixelPhaseEncode": 29.155,
    "BaseResolution": 70,
    "BodyPartExamined": "BRAIN",
    "ConsistencyInfo": "N4_VE11C_LATEST_20160120",
    "ConversionSoftware": "dcm2niix",
    "ConversionSoftwareVersion": "v1.0.20181125  (JP2:OpenJPEG) (JP-LS:CharLS) GCC5.5.0",
    "DerivedVendorReportedEchoSpacing": 0.000489992,
    "DeviceSerialNumber": "167012",
    "DwellTime": 3e-06,
    "EchoTime": 0.03,
    "EchoTrainLength": 70,
    "EffectiveEchoSpacing": 0.000489992,
    "FlipAngle": 90,
    "ImageOrientationPatientDICOM": [
      0.999837,
      0.0180237,
      0.000451611,
      -0.0179759,
      0.994633,
      0.101888
    ],
    "ImageType": [
      "ORIGINAL",
      "PRIMARY",
      "M",
      "ND",
      "MOSAIC"
    ],
    "ImagingFrequency": 123.253,
    "InPlanePhaseEncodingDirectionDICOM": "COL",
    "InstitutionAddress": "Vassar_Street_43_Cambridge_Boston_US_02139",
    "InstitutionName": "McGovern_Institute_for_Brain_Research_(3T1)",
    "InstitutionalDepartmentName": "Department",
    "MRAcquisitionType": "2D",
    "MagneticFieldStrength": 3,
    "Manufacturer": "Siemens",
    "ManufacturersModelName": "Prisma_fit",
    "Modality": "MR",
    "PartialFourier": 1,
    "PatientPosition": "HFS",
    "PercentPhaseFOV": 100,
    "PhaseEncodingDirection": "j-",
    "PhaseEncodingSteps": 70,
    "PhaseResolution": 1,
    "PixelBandwidth": 2380,
    "ProcedureStepDescription": "Young_Minjae",
    "ProtocolName": "TPS_RUN3",
    "PulseSequenceDetails": "%SiemensSeq%_ep2d_pace",
    "ReceiveCoilActiveElements": "HEA;HEP",
    "ReceiveCoilName": "Head_32",
    "ReconMatrixPE": 70,
    "RepetitionTime": 2,
    "SAR": 0.116576,
    "ScanOptions": "FS",
    "ScanningSequence": "EP",
    "SequenceName": "_epfid2d1_70",
    "SequenceVariant": "SK",
    "SeriesDescription": "TPS_RUN3",
    "SeriesNumber": 17,
    "ShimSetting": [
      -5603,
      -1608,
      3218,
      564,
      -17,
      -128,
      -132,
      31
    ],
    "SliceThickness": 3,
    "SliceTiming": [
      0,
      0.0625,
      0.125,
      0.185,
      0.2475,
      0.31,
      0.3725,
      0.4325,
      0.495,
      0.5575,
      0.62,
      0.68,
      0.7425,
      0.805,
      0.8675,
      0.9275,
      0.99,
      1.0525,
      1.115,
      1.175,
      1.2375,
      1.3,
      1.3625,
      1.4225,
      1.485,
      1.5475,
      1.61,
      1.67,
      1.7325,
      1.795,
      1.8575,
      1.9175
    ],
    "SoftwareVersions": "syngo_MR_E11",
    "SpacingBetweenSlices": 3.6,
    "StationName": "MRC35115",
    "TaskName": "tps",
    "TotalReadoutTime": 0.0338094,
    "TxRefAmp": 254.923,
    "dataset": "ds002793",
    "modality": "bold",
    "run_id": 3,
    "subject_id": "02",
    "task_id": "tps"
  },
  "dummy_trs": 0,
  "dvars_nstd": 25.83906750579267,
  "dvars_std": 1.267552137621952,
  "dvars_vstd": 0.9949583007926829,
  "efc": 0.564943606621224,
  "fber": 343.8153076171875,
  "fd_mean": 0.20411465553910185,
  "fd_num": 73,
  "fd_perc": 44.24242424242424,
  "fwhm_avg": 2.7676578010593524,
  "fwhm_x": 2.6194966666666666,
  "fwhm_y": 3.0469266666666663,
  "fwhm_z": 2.636550069844725,
  "gcor": 0.0365912,
  "gsr_x": -0.00904981978237629,
  "gsr_y": 0.06997068226337433,
  "provenance": {
    "md5sum": "f15e91e88f7c69a8af7c1a8273d31350",
    "settings": {
      "fd_thres": 0.2,
      "testing": false
    },
    "software": "mriqc",
    "version": "22.0.6",
    "webapi_port": null,
    "webapi_url": "https://mriqc.nimh.nih.gov/api/v1"
  },
  "size_t": 165,
  "size_x": 70,
  "size_y": 70,
  "size_z": 32,
  "snr": 2.6829208522049943,
  "spacing_tr": 2.0,
  "spacing_x": 3.0,
  "spacing_y": 3.0,
  "spacing_z": 3.5999999046325684,
  "summary_bg_k": 26.262100814320878,
  "summary_bg_mad": 5.615916380342096,
  "summary_bg_mean": 39.590904235839844,
  "summary_bg_median": 20.23636245727539,
  "summary_bg_n": 90324.0,
  "summary_bg_p05": 16.175756454467773,
  "summary_bg_p95": 137.69848785400364,
  "summary_bg_stdv": 54.92705154418945,
  "summary_fg_k": 0.5806963024480263,
  "summary_fg_mad": 141.83564240065527,
  "summary_fg_mean": 405.00518798828125,
  "summary_fg_median": 383.88482666015625,
  "summary_fg_n": 30349.0,
  "summary_fg_p05": 213.44483642578126,
  "summary_fg_p95": 668.6205688476562,
  "summary_fg_stdv": 143.08230590820312,
  "tsnr": 78.16906937584281
}