{
  "bids_meta": {
    "AcquisitionMatrixPE": 256,
    "AcquisitionNumber": 1,
    "AcquisitionTime": "13:29:19.052500",
    "BaseResolution": 256,
    "BodyPartExamined": "BRAIN",
    "ConsistencyInfo": "N4_VE11C_LATEST_20160120",
    "ConversionSoftware": "dcm2niix",
    "ConversionSoftwareVersion": "v1.0.20181125  (JP2:OpenJPEG) (JP-LS:CharLS) GCC5.5.0",
    "DeviceSerialNumber": "167012",
    "DwellTime": 3e-06,
    "EchoTime": 0.00169,
    "FlipAngle": 7,
    "ImageOrientationPatientDICOM": [
      -0.0577628,
      0.997619,
      -0.0376776,
      -0.0236352,
      -0.0390966,
      -0.998956
    ],
    "ImageType": [
      "ORIGINAL",
      "PRIMARY",
      "OTHER",
      "ND",
      "NORM",
      "MEAN"
    ],
    "ImagingFrequency": 123.253,
    "InPlanePhaseEncodingDirectionDICOM": "ROW",
    "InstitutionAddress": "Vassar_Street_43_Cambridge_Boston_US_02139",
    "InstitutionName": "McGovern_Institute_for_Brain_Research_(3T1)",
    "InstitutionalDepartmentName": "Department",
    "InversionTime": 1.4,
    "MRAcquisitionType": "3D",
    "MagneticFieldStrength": 3,
    "Manufacturer": "Siemens",
    "ManufacturersModelName": "Prisma_fit",
    "Modality": "MR",
    "PartialFourier": 1,
    "PatientPosition": "HFS",
    "PercentPhaseFOV": 100,
    "PhaseEncodingSteps": 255,
    "PhaseResolution": 1,
    "PixelBandwidth": 650,
    "ProcedureStepDescription": "Young_Minjae",
    "ProtocolName": "T1w_MPRAGE_FourEcho_vNav",
    "PulseSequenceDetails": "%CustomerSeq%_tfl_mgh_epinav_ABCD",
    "ReceiveCoilActiveElements": "HEA;HEP",
    "ReceiveCoilName": "Head_32",
    "ReconMatrixPE": 256,
    "RepetitionTime": 2.53,
    "SAR": 0.0308324,
    "ScanOptions": "IR_WE",
    "ScanningSequence": "GR_IR",
    "SequenceName": "tfl3d4_16ns",
    "SequenceVariant": "SK_SP_MP",
    "SeriesDescription": "T1w_MPRAGE_FourEcho_vNav_RMS",
    "SeriesNumber": 10,
    "ShimSetting": [
      -5610,
      -1542,
      3139,
      425,
      -21,
      -89,
      46,
      -26
    ],
    "SliceThickness": 1,
    "SoftwareVersions": "syngo_MR_E11",
    "StationName": "MRC35115",
    "TxRefAmp": 214.908,
    "WipMemBlock": "Prisma_epi_moco_navigator_ABCD_tfl.prot",
    "dataset": "ds002793",
    "modality": "T1w",
    "run_id": 1,
    "subject_id": "24"
  },
  "cjv": 0.36695438434301425,
  "cnr": 3.4863160843371,
  "efc": 0.5274400661316351,
  "fber": 29081.757273514246,
  "fwhm_avg": 3.7797366666666665,
  "fwhm_x": 3.93918,
  "fwhm_y": 3.85723,
  "fwhm_z": 3.5428,
  "icvs_csf": 0.20989596907016914,
  "icvs_gm": 0.43800193472717075,
  "icvs_wm": 0.3521020962026601,
  "inu_med": 0.36021319031715393,
  "inu_range": 0.10371727794408803,
  "provenance": {
    "md5sum": "6bf22602d3f17d80b16018ce11dd836a",
    "settings": {
      "testing": false
    },
    "software": "mriqc",
    "version": "22.0.6",
    "warnings": {
      "large_rot_frame": true,
      "small_air_mask": false
    },
    "webapi_port": null,
    "webapi_url": "https://mriqc.nimh.nih.gov/api/v1"
  },
  "qi_1": 0.0,
  "qi_2": 0.002406845823824677,
  "rpve_csf": 27.088959003946332,
  "rpve_gm": 13.517243096005178,
  "rpve_wm": 18.887589627357737,
  "size_x": 176,
  "size_y": 256,
  "size_z": 256,
  "snr_csf": 2.270880845732511,
  "snr_gm": 15.59728344108582,
  "snr_total": 16.24917604671329,
  "snr_wm": 30.879363853321536,
  "snrd_csf": 49.67780598580608,
  "snrd_gm": 126.37679341660605,
  "snrd_total": 112.01250934039818,
  "snrd_wm": 159.98292861878238,
  "spacing_x": 1.0,
  "spacing_y": 1.0,
  "spacing_z": 1.0,
  "summary_bg_k": 7.575983164596616,
  "summary_bg_mad": 0.0,
  "summary_bg_mean": 2.650215356992674,
  "summary_bg_median": 0.0,
  "summary_bg_n": 2709150.0,
  "summary_bg_p05": 0.0,
  "summary_bg_p95": 11.516162566840649,
  "summary_bg_stdv": 4.095039506179792,
  "summary_csf_k": 0.4680078372335532,
  "summary_csf_mad": 107.62437094914462,
  "summary_csf_mean": 313.3269426544921,
  "summary_csf_median": 310.5194247979671,
  "summary_csf_n": 40304.0,
  "summary_csf_p05": 71.40020791441202,
  "summary_csf_p95": 548.0700609181076,
  "summary_csf_stdv": 136.73794164129353,
  "summary_gm_k": 0.4836991517723921,
  "summary_gm_mad": 46.32028109641112,
  "summary_gm_mean": 791.3275068629453,
  "summary_gm_median": 789.9392580008134,
  "summary_gm_n": 28698.0,
  "summary_gm_p05": 709.9882993805222,
  "summary_gm_p95": 879.0832912218757,
  "summary_gm_stdv": 50.645068924826454,
  "summary_wm_k": 0.3231532933079513,
  "summary_wm_mad": 30.762436444709007,
  "summary_wm_mean": 1000.73353796903,
  "summary_wm_median": 1000.0000198557973,
  "summary_wm_n": 180718.0,
  "summary_wm_p05": 948.3758428320289,
  "summary_wm_p95": 1055.1981783658266,
  "summary_wm_stdv": 32.38399786538339,
  "tpm_overlap_csf": 0.14044323759753694,
  "tpm_overlap_gm": 0.4649133259812573,
  "tpm_overlap_wm": 0.49769681110258196,
  "wm2max": 0.9178786221979224
}