{
  "aor": 0.004244060606060606,
  "aqi": 0.002597092581818182,
  "bids_meta": {
    "AcquisitionMatrixPE": 70,
    "AcquisitionNumber": 1,
    "AcquisitionTime": "11:55:48.702500",
    "BandwidthPerPixelPhaseEncode": 29.155,
    "BaseResolution": 70,
    "BodyPartExamined": "BRAIN",
    "ConsistencyInfo": "N4_VE11C_LATEST_20160120",
    "ConversionSoftware": "dcm2niix",
    "ConversionSoftwareVersion": "v1.0.20181125  (JP2:OpenJPEG) (JP-LS:CharLS) GCC5.5.0",
    "DerivedVendorReportedEchoSpacing": 0.000489992,
    "DeviceSerialNumber": "167012",
    "DwellTime": 3e-06,
    "EchoTime": 0.03,
    "EchoTrainLength": 70,
    "EffectiveEchoSpacing": 0.000489992,
    "FlipAngle": 90,
    "ImageOrientationPatientDICOM": [
      0.995254,
      -0.0368163,
      -0.0900755,
      0.0410175,
      0.998134,
      0.0452434
    ],
    "ImageType": [
      "ORIGINAL",
      "PRIMARY",
      "M",
      "ND",
      "MOSAIC"
    ],
    "ImagingFrequency": 123.253,
    "InPlanePhaseEncodingDirectionDICOM": "COL",
    "InstitutionAddress": "Vassar_Street_43_Cambridge_Boston_US_02139",
    "InstitutionName": "McGovern_Institute_for_Brain_Research_(3T1)",
    "InstitutionalDepartmentName": "Department",
    "MRAcquisitionType": "2D",
    "MagneticFieldStrength": 3,
    "Manufacturer": "Siemens",
    "ManufacturersModelName": "Prisma_fit",
    "Modality": "MR",
    "PartialFourier": 1,
    "PatientPosition": "HFS",
    "PercentPhaseFOV": 100,
    "PhaseEncodingDirection": "j-",
    "PhaseEncodingSteps": 70,
    "PhaseResolution": 1,
    "PixelBandwidth": 2380,
    "ProcedureStepDescription": "Young_Minjae",
    "ProtocolName": "TPS_RUN6",
    "PulseSequenceDetails": "%SiemensSeq%_ep2d_pace",
    "ReceiveCoilActiveElements": "HEA;HEP",
    "ReceiveCoilName": "Head_32",
    "ReconMatrixPE": 70,
    "RepetitionTime": 2,
    "SAR": 0.0991007,
    "ScanOptions": "FS",
    "ScanningSequence": "EP",
    "SequenceName": "_epfid2d1_70",
    "SequenceVariant": "SK",
    "SeriesDescription": "TPS_RUN6",
    "SeriesNumber": 25,
    "ShimSetting": [
      -5617,
      -1587,
      3233,
      519,
      113,
      -24,
      39,
      20
    ],
    "SliceThickness": 3,
    "SliceTiming": [
      0,
      0.0625,
      0.125,
      0.185,
      0.2475,
      0.31,
      0.3725,
      0.4325,
      0.495,
      0.5575,
      0.62,
      0.68,
      0.7425,
      0.805,
      0.8675,
      0.9275,
      0.99,
      1.0525,
      1.115,
      1.175,
      1.2375,
      1.3,
      1.3625,
      1.4225,
      1.485,
      1.5475,
      1.61,
      1.67,
      1.7325,
      1.795,
      1.8575,
      1.9175
    ],
    "SoftwareVersions": "syngo_MR_E11",
    "SpacingBetweenSlices": 3.6,
    "StationName": "MRC35115",
    "TaskName": "tps",
    "TotalReadoutTime": 0.0338094,
    "TxRefAmp": 221.575,
    "dataset": "ds002793",
    "modality": "bold",
    "run_id": 6,
    "subject_id": "14",
    "task_id": "tps"
  },
  "dummy_trs": 0,
  "dvars_nstd": 25.177368501158533,
  "dvars_std": 1.2667899740243902,
  "dvars_vstd": 1.042680053902439,
  "efc": 0.5333241609530073,
  "fber": 433.4253845214844,
  "fd_mean": 0.2579003839866837,
  "fd_num": 79,
  "fd_perc": 47.878787878787875,
  "fwhm_avg": 2.6661075630743207,
  "fwhm_x": 2.5493833333333336,
  "fwhm_y": 2.885200229295113,
  "fwhm_z": 2.5637391265945153,
  "gcor": 0.0400857,
  "gsr_x": -0.006720326840877533,
  "gsr_y": 0.06766212731599808,
  "provenance": {
    "md5sum": "d34224d69c2081ee4c57d642d28ceb24",
    "settings": {
      "fd_thres": 0.2,
      "testing": false
    },
    "software": "mriqc",
    "version": "22.0.6",
    "webapi_port": null,
    "webapi_url": "https://mriqc.nimh.nih.gov/api/v1"
  },
  "size_t": 165,
  "size_x": 70,
  "size_y": 70,
  "size_z": 32,
  "snr": 2.6396754351003735,
  "spacing_tr": 2.0,
  "spacing_x": 3.0,
  "spacing_y": 2.999999761581421,
  "spacing_z": 3.5999996662139893,
  "summary_bg_k": 37.14078396163038,
  "summary_bg_mad": 5.993305676054882,
  "summary_bg_mean": 41.012508392333984,
  "summary_bg_median": 20.66060447692871,
  "summary_bg_n": 96272.0,
  "summary_bg_p05": 16.333332061767578,
  "summary_bg_p95": 144.91787185668943,
  "summary_bg_stdv": 62.274078369140625,
  "summary_fg_k": 0.4383283777337086,
  "summary_fg_mad": 163.59837704682425,
  "summary_fg_mean": 465.2453918457031,
  "summary_fg_median": 439.4060363769531,
  "summary_fg_n": 25831.0,
  "summary_fg_p05": 241.51514434814453,
  "summary_fg_p95": 775.7333374023438,
  "summary_fg_stdv": 166.45892333984375,
  "tsnr": 79.50212642911356
}