{
  "aor": 0.003286848484848485,
  "aqi": 0.0025523570909090913,
  "bids_meta": {
    "AcquisitionMatrixPE": 70,
    "AcquisitionNumber": 1,
    "AcquisitionTime": "11:49:20.655000",
    "BandwidthPerPixelPhaseEncode": 29.155,
    "BaseResolution": 70,
    "BodyPartExamined": "BRAIN",
    "ConsistencyInfo": "N4_VE11C_LATEST_20160120",
    "ConversionSoftware": "dcm2niix",
    "ConversionSoftwareVersion": "v1.0.20181125  (JP2:OpenJPEG) (JP-LS:CharLS) GCC5.5.0",
    "DerivedVendorReportedEchoSpacing": 0.000489992,
    "DeviceSerialNumber": "167012",
    "DwellTime": 3e-06,
    "EchoTime": 0.03,
    "EchoTrainLength": 70,
    "EffectiveEchoSpacing": 0.000489992,
    "FlipAngle": 90,
    "ImageOrientationPatientDICOM": [
      0.995254,
      -0.0368163,
      -0.0900755,
      0.0410175,
      0.998134,
      0.0452434
    ],
    "ImageType": [
      "ORIGINAL",
      "PRIMARY",
      "M",
      "ND",
      "MOSAIC"
    ],
    "ImagingFrequency": 123.253,
    "InPlanePhaseEncodingDirectionDICOM": "COL",
    "InstitutionAddress": "Vassar_Street_43_Cambridge_Boston_US_02139",
    "InstitutionName": "McGovern_Institute_for_Brain_Research_(3T1)",
    "InstitutionalDepartmentName": "Department",
    "MRAcquisitionType": "2D",
    "MagneticFieldStrength": 3,
    "Manufacturer": "Siemens",
    "ManufacturersModelName": "Prisma_fit",
    "Modality": "MR",
    "PartialFourier": 1,
    "PatientPosition": "HFS",
    "PercentPhaseFOV": 100,
    "PhaseEncodingDirection": "j-",
    "PhaseEncodingSteps": 70,
    "PhaseResolution": 1,
    "PixelBandwidth": 2380,
    "ProcedureStepDescription": "Young_Minjae",
    "ProtocolName": "TPS_RUN5",
    "PulseSequenceDetails": "%SiemensSeq%_ep2d_pace",
    "ReceiveCoilActiveElements": "HEA;HEP",
    "ReceiveCoilName": "Head_32",
    "ReconMatrixPE": 70,
    "RepetitionTime": 2,
    "SAR": 0.0991007,
    "ScanOptions": "FS",
    "ScanningSequence": "EP",
    "SequenceName": "_epfid2d1_70",
    "SequenceVariant": "SK",
    "SeriesDescription": "TPS_RUN5",
    "SeriesNumber": 23,
    "ShimSetting": [
      -5617,
      -1587,
      3233,
      519,
      113,
      -24,
      39,
      20
    ],
    "SliceThickness": 3,
    "SliceTiming": [
      0,
      0.0625,
      0.1225,
      0.185,
      0.2475,
      0.31,
      0.37,
      0.4325,
      0.495,
      0.5575,
      0.6175,
      0.68,
      0.7425,
      0.805,
      0.865,
      0.9275,
      0.99,
      1.0525,
      1.1125,
      1.175,
      1.2375,
      1.3,
      1.36,
      1.4225,
      1.485,
      1.5475,
      1.6075,
      1.67,
      1.7325,
      1.795,
      1.855,
      1.9175
    ],
    "SoftwareVersions": "syngo_MR_E11",
    "SpacingBetweenSlices": 3.6,
    "StationName": "MRC35115",
    "TaskName": "tps",
    "TotalReadoutTime": 0.0338094,
    "TxRefAmp": 221.575,
    "dataset": "ds002793",
    "modality": "bold",
    "run_id": 5,
    "subject_id": "14",
    "task_id": "tps"
  },
  "dummy_trs": 0,
  "dvars_nstd": 24.825256836219513,
  "dvars_std": 1.2359089224390245,
  "dvars_vstd": 1.0186065345731712,
  "efc": 0.5330225025848532,
  "fber": 439.20574951171875,
  "fd_mean": 0.2152231596086331,
  "fd_num": 64,
  "fd_perc": 38.78787878787879,
  "fwhm_avg": 2.6445205251084762,
  "fwhm_x": 2.517256666666667,
  "fwhm_y": 2.8671268945254402,
  "fwhm_z": 2.549178014133322,
  "gcor": 0.0369129,
  "gsr_x": -0.006457527168095112,
  "gsr_y": 0.06868895143270493,
  "provenance": {
    "md5sum": "ed78b50799e7fe7a9a8f7643b6381663",
    "settings": {
      "fd_thres": 0.2,
      "testing": false
    },
    "software": "mriqc",
    "version": "22.0.6",
    "webapi_port": null,
    "webapi_url": "https://mriqc.nimh.nih.gov/api/v1"
  },
  "size_t": 165,
  "size_x": 70,
  "size_y": 70,
  "size_z": 32,
  "snr": 2.6699297411431817,
  "spacing_tr": 2.0,
  "spacing_x": 3.0,
  "spacing_y": 2.999999761581421,
  "spacing_z": 3.5999996662139893,
  "summary_bg_k": 37.46330271742041,
  "summary_bg_mad": 5.930408874022408,
  "summary_bg_mean": 40.839080810546875,
  "summary_bg_median": 20.606060028076172,
  "summary_bg_n": 96313.0,
  "summary_bg_p05": 16.327272415161133,
  "summary_bg_p95": 142.6945434570311,
  "summary_bg_stdv": 62.24882507324219,
  "summary_fg_k": 0.4237175194574223,
  "summary_fg_mad": 162.87956291580014,
  "summary_fg_mean": 467.6918640136719,
  "summary_fg_median": 442.2424011230469,
  "summary_fg_n": 25825.0,
  "summary_fg_p05": 245.00604553222655,
  "summary_fg_p95": 775.8690551757812,
  "summary_fg_stdv": 165.635009765625,
  "tsnr": 80.13723005563952
}