{
  "aor": 0.00284455223880597,
  "aqi": 0.0031270928358208957,
  "bids_meta": {
    "AcquisitionMatrixPE": 70,
    "AcquisitionNumber": 1,
    "AcquisitionTime": "11:09:12.285000",
    "BandwidthPerPixelPhaseEncode": 29.155,
    "BaseResolution": 70,
    "BodyPartExamined": "BRAIN",
    "ConsistencyInfo": "N4_VE11C_LATEST_20160120",
    "ConversionSoftware": "dcm2niix",
    "ConversionSoftwareVersion": "v1.0.20181125  (JP2:OpenJPEG) (JP-LS:CharLS) GCC5.5.0",
    "DerivedVendorReportedEchoSpacing": 0.000489992,
    "DeviceSerialNumber": "167012",
    "DwellTime": 3e-06,
    "EchoTime": 0.03,
    "EchoTrainLength": 70,
    "EffectiveEchoSpacing": 0.000489992,
    "FlipAngle": 90,
    "ImageOrientationPatientDICOM": [
      0.995254,
      -0.0368163,
      -0.0900755,
      0.0410175,
      0.998134,
      0.0452434
    ],
    "ImageType": [
      "ORIGINAL",
      "PRIMARY",
      "M",
      "ND",
      "MOSAIC"
    ],
    "ImagingFrequency": 123.253,
    "InPlanePhaseEncodingDirectionDICOM": "COL",
    "InstitutionAddress": "Vassar_Street_43_Cambridge_Boston_US_02139",
    "InstitutionName": "McGovern_Institute_for_Brain_Research_(3T1)",
    "InstitutionalDepartmentName": "Department",
    "MRAcquisitionType": "2D",
    "MagneticFieldStrength": 3,
    "Manufacturer": "Siemens",
    "ManufacturersModelName": "Prisma_fit",
    "Modality": "MR",
    "PartialFourier": 1,
    "PatientPosition": "HFS",
    "PercentPhaseFOV": 100,
    "PhaseEncodingDirection": "j-",
    "PhaseEncodingSteps": 70,
    "PhaseResolution": 1,
    "PixelBandwidth": 2380,
    "ProcedureStepDescription": "Young_Minjae",
    "ProtocolName": "TOM_RUN1",
    "PulseSequenceDetails": "%SiemensSeq%_ep2d_pace",
    "ReceiveCoilActiveElements": "HEA;HEP",
    "ReceiveCoilName": "Head_32",
    "ReconMatrixPE": 70,
    "RepetitionTime": 2,
    "SAR": 0.0990077,
    "ScanOptions": "FS",
    "ScanningSequence": "EP",
    "SequenceName": "_epfid2d1_70",
    "SequenceVariant": "SK",
    "SeriesDescription": "TOM_RUN1",
    "SeriesNumber": 11,
    "ShimSetting": [
      -5617,
      -1587,
      3233,
      519,
      113,
      -24,
      39,
      20
    ],
    "SliceThickness": 3,
    "SliceTiming": [
      0,
      0.06,
      0.1225,
      0.185,
      0.2475,
      0.3075,
      0.37,
      0.4325,
      0.495,
      0.555,
      0.6175,
      0.68,
      0.7425,
      0.8025,
      0.865,
      0.9275,
      0.99,
      1.05,
      1.1125,
      1.175,
      1.2375,
      1.2975,
      1.36,
      1.4225,
      1.485,
      1.545,
      1.6075,
      1.67,
      1.7325,
      1.7925,
      1.855,
      1.9175
    ],
    "SoftwareVersions": "syngo_MR_E11",
    "SpacingBetweenSlices": 3.6,
    "StationName": "MRC35115",
    "TaskName": "tom",
    "TotalReadoutTime": 0.0338094,
    "TxRefAmp": 221.575,
    "dataset": "ds002793",
    "modality": "bold",
    "run_id": 1,
    "subject_id": "14",
    "task_id": "tom"
  },
  "dummy_trs": 2,
  "dvars_nstd": 23.396756050451135,
  "dvars_std": 1.1946290309774434,
  "dvars_vstd": 1.0060879948120305,
  "efc": 0.5317728855005772,
  "fber": 438.4449768066406,
  "fd_mean": 0.21580276367652515,
  "fd_num": 59,
  "fd_perc": 44.02985074626866,
  "fwhm_avg": 2.7016986759877586,
  "fwhm_x": 2.595826666666667,
  "fwhm_y": 2.899296897082082,
  "fwhm_z": 2.6099724642145268,
  "gcor": 0.0423426,
  "gsr_x": -0.0053634727373719215,
  "gsr_y": 0.06405755132436752,
  "provenance": {
    "md5sum": "f2d918580b0d7b16548216f41d94d2ac",
    "settings": {
      "fd_thres": 0.2,
      "testing": false
    },
    "software": "mriqc",
    "version": "22.0.6",
    "webapi_port": null,
    "webapi_url": "https://mriqc.nimh.nih.gov/api/v1"
  },
  "size_t": 134,
  "size_x": 70,
  "size_y": 70,
  "size_z": 32,
  "snr": 2.6246016068046996,
  "spacing_tr": 2.0,
  "spacing_x": 3.0,
  "spacing_y": 2.999999761581421,
  "spacing_z": 3.5999996662139893,
  "summary_bg_k": 30.001752753909265,
  "summary_bg_mad": 6.063178757676156,
  "summary_bg_mean": 41.178890228271484,
  "summary_bg_median": 20.62686538696289,
  "summary_bg_n": 96842.0,
  "summary_bg_p05": 16.194028854370117,
  "summary_bg_p95": 147.7824645996093,
  "summary_bg_stdv": 61.3313102722168,
  "summary_fg_k": 0.41825101885046045,
  "summary_fg_mad": 165.74165302004843,
  "summary_fg_mean": 466.4005432128906,
  "summary_fg_median": 439.9029846191406,
  "summary_fg_n": 25678.0,
  "summary_fg_p05": 242.03171157836914,
  "summary_fg_p95": 777.105938720703,
  "summary_fg_stdv": 167.60426330566406,
  "tsnr": 71.90218945662491
}