{
  "aor": 0.004494756097560975,
  "aqi": 0.0018384489146341468,
  "bids_meta": {
    "AcquisitionMatrixPE": 70,
    "AcquisitionNumber": 1,
    "AcquisitionTime": "12:02:24.280000",
    "BandwidthPerPixelPhaseEncode": 29.155,
    "BaseResolution": 70,
    "BodyPartExamined": "BRAIN",
    "ConsistencyInfo": "N4_VE11C_LATEST_20160120",
    "ConversionSoftware": "dcm2niix",
    "ConversionSoftwareVersion": "v1.0.20181125  (JP2:OpenJPEG) (JP-LS:CharLS) GCC5.5.0",
    "DerivedVendorReportedEchoSpacing": 0.000489992,
    "DeviceSerialNumber": "167012",
    "DwellTime": 3e-06,
    "EchoTime": 0.03,
    "EchoTrainLength": 70,
    "EffectiveEchoSpacing": 0.000489992,
    "FlipAngle": 90,
    "ImageOrientationPatientDICOM": [
      0.995254,
      -0.0368163,
      -0.0900755,
      0.0410175,
      0.998134,
      0.0452434
    ],
    "ImageType": [
      "ORIGINAL",
      "PRIMARY",
      "M",
      "ND",
      "MOSAIC"
    ],
    "ImagingFrequency": 123.253,
    "InPlanePhaseEncodingDirectionDICOM": "COL",
    "InstitutionAddress": "Vassar_Street_43_Cambridge_Boston_US_02139",
    "InstitutionName": "McGovern_Institute_for_Brain_Research_(3T1)",
    "InstitutionalDepartmentName": "Department",
    "MRAcquisitionType": "2D",
    "MagneticFieldStrength": 3,
    "Manufacturer": "Siemens",
    "ManufacturersModelName": "Prisma_fit",
    "Modality": "MR",
    "PartialFourier": 1,
    "PatientPosition": "HFS",
    "PercentPhaseFOV": 100,
    "PhaseEncodingDirection": "j-",
    "PhaseEncodingSteps": 70,
    "PhaseResolution": 1,
    "PixelBandwidth": 2380,
    "ProcedureStepDescription": "Young_Minjae",
    "ProtocolName": "TPS_RUN7",
    "PulseSequenceDetails": "%SiemensSeq%_ep2d_pace",
    "ReceiveCoilActiveElements": "HEA;HEP",
    "ReceiveCoilName": "Head_32",
    "ReconMatrixPE": 70,
    "RepetitionTime": 2,
    "SAR": 0.0991007,
    "ScanOptions": "FS",
    "ScanningSequence": "EP",
    "SequenceName": "_epfid2d1_70",
    "SequenceVariant": "SK",
    "SeriesDescription": "TPS_RUN7",
    "SeriesNumber": 27,
    "ShimSetting": [
      -5617,
      -1587,
      3233,
      519,
      113,
      -24,
      39,
      20
    ],
    "SliceThickness": 3,
    "SliceTiming": [
      0,
      0.06,
      0.1225,
      0.185,
      0.2475,
      0.3075,
      0.37,
      0.4325,
      0.495,
      0.555,
      0.6175,
      0.68,
      0.7425,
      0.8025,
      0.865,
      0.9275,
      0.99,
      1.05,
      1.1125,
      1.175,
      1.2375,
      1.2975,
      1.36,
      1.4225,
      1.485,
      1.545,
      1.6075,
      1.67,
      1.7325,
      1.7925,
      1.855,
      1.9175
    ],
    "SoftwareVersions": "syngo_MR_E11",
    "SpacingBetweenSlices": 3.6,
    "StationName": "MRC35115",
    "TaskName": "tps",
    "TotalReadoutTime": 0.0338094,
    "TxRefAmp": 221.575,
    "dataset": "ds002793",
    "modality": "bold",
    "run_id": 7,
    "subject_id": "14",
    "task_id": "tps"
  },
  "dummy_trs": 1,
  "dvars_nstd": 21.047943735644186,
  "dvars_std": 1.2429906919018403,
  "dvars_vstd": 1.0409448433128838,
  "efc": 0.5331461964313541,
  "fber": 440.5826416015625,
  "fd_mean": 0.15821751333314016,
  "fd_num": 29,
  "fd_perc": 17.682926829268293,
  "fwhm_avg": 2.649259784617462,
  "fwhm_x": 2.523896666666667,
  "fwhm_y": 2.863610227579294,
  "fwhm_z": 2.5602724596064252,
  "gcor": 0.0235187,
  "gsr_x": -0.004991974215954542,
  "gsr_y": 0.06937889009714127,
  "provenance": {
    "md5sum": "4bc0a27ef4706b34659696a8f8cce891",
    "settings": {
      "fd_thres": 0.2,
      "testing": false
    },
    "software": "mriqc",
    "version": "22.0.6",
    "webapi_port": null,
    "webapi_url": "https://mriqc.nimh.nih.gov/api/v1"
  },
  "size_t": 164,
  "size_x": 70,
  "size_y": 70,
  "size_z": 32,
  "snr": 2.6624962331963533,
  "spacing_tr": 2.0,
  "spacing_x": 3.0,
  "spacing_y": 2.999999761581421,
  "spacing_z": 3.5999996662139893,
  "summary_bg_k": 36.980437464522296,
  "summary_bg_mad": 5.849046281266435,
  "summary_bg_mean": 40.86892318725586,
  "summary_bg_median": 20.475608825683594,
  "summary_bg_n": 96548.0,
  "summary_bg_p05": 16.231706619262695,
  "summary_bg_p95": 143.79512176513614,
  "summary_bg_stdv": 62.2775993347168,
  "summary_fg_k": 0.49782676608955656,
  "summary_fg_mad": 160.93916744635337,
  "summary_fg_mean": 462.64410400390625,
  "summary_fg_median": 437.90850830078125,
  "summary_fg_n": 25942.0,
  "summary_fg_p05": 242.17132568359375,
  "summary_fg_p95": 766.8984405517576,
  "summary_fg_stdv": 164.46974182128906,
  "tsnr": 96.96610510465689
}