{
  "aor": 0.0012854545454545454,
  "aqi": 0.0025611968484848483,
  "bids_meta": {
    "AcquisitionMatrixPE": 70,
    "AcquisitionNumber": 1,
    "AcquisitionTime": "12:21:34.170000",
    "BandwidthPerPixelPhaseEncode": 29.155,
    "BaseResolution": 70,
    "BodyPartExamined": "BRAIN",
    "ConsistencyInfo": "N4_VE11C_LATEST_20160120",
    "ConversionSoftware": "dcm2niix",
    "ConversionSoftwareVersion": "v1.0.20181125  (JP2:OpenJPEG) (JP-LS:CharLS) GCC5.5.0",
    "DerivedVendorReportedEchoSpacing": 0.000489992,
    "DeviceSerialNumber": "167012",
    "DwellTime": 3e-06,
    "EchoTime": 0.03,
    "EchoTrainLength": 70,
    "EffectiveEchoSpacing": 0.000489992,
    "FlipAngle": 90,
    "ImageOrientationPatientDICOM": [
      0.995254,
      -0.0368163,
      -0.0900755,
      0.0410175,
      0.998134,
      0.0452434
    ],
    "ImageType": [
      "ORIGINAL",
      "PRIMARY",
      "M",
      "ND",
      "MOSAIC"
    ],
    "ImagingFrequency": 123.253,
    "InPlanePhaseEncodingDirectionDICOM": "COL",
    "InstitutionAddress": "Vassar_Street_43_Cambridge_Boston_US_02139",
    "InstitutionName": "McGovern_Institute_for_Brain_Research_(3T1)",
    "InstitutionalDepartmentName": "Department",
    "MRAcquisitionType": "2D",
    "MagneticFieldStrength": 3,
    "Manufacturer": "Siemens",
    "ManufacturersModelName": "Prisma_fit",
    "Modality": "MR",
    "PartialFourier": 1,
    "PatientPosition": "HFS",
    "PercentPhaseFOV": 100,
    "PhaseEncodingDirection": "j-",
    "PhaseEncodingSteps": 70,
    "PhaseResolution": 1,
    "PixelBandwidth": 2380,
    "ProcedureStepDescription": "Young_Minjae",
    "ProtocolName": "TPS_RUN10",
    "PulseSequenceDetails": "%SiemensSeq%_ep2d_pace",
    "ReceiveCoilActiveElements": "HEA;HEP",
    "ReceiveCoilName": "Head_32",
    "ReconMatrixPE": 70,
    "RepetitionTime": 2,
    "SAR": 0.0991007,
    "ScanOptions": "FS",
    "ScanningSequence": "EP",
    "SequenceName": "_epfid2d1_70",
    "SequenceVariant": "SK",
    "SeriesDescription": "TPS_RUN10",
    "SeriesNumber": 33,
    "ShimSetting": [
      -5617,
      -1587,
      3233,
      519,
      113,
      -24,
      39,
      20
    ],
    "SliceThickness": 3,
    "SliceTiming": [
      0,
      0.06,
      0.1225,
      0.185,
      0.2475,
      0.3075,
      0.37,
      0.4325,
      0.495,
      0.555,
      0.6175,
      0.68,
      0.7425,
      0.8025,
      0.865,
      0.9275,
      0.99,
      1.05,
      1.1125,
      1.175,
      1.2375,
      1.2975,
      1.36,
      1.4225,
      1.485,
      1.545,
      1.6075,
      1.67,
      1.7325,
      1.7925,
      1.855,
      1.9175
    ],
    "SoftwareVersions": "syngo_MR_E11",
    "SpacingBetweenSlices": 3.6,
    "StationName": "MRC35115",
    "TaskName": "tps",
    "TotalReadoutTime": 0.0338094,
    "TxRefAmp": 221.575,
    "dataset": "ds002793",
    "modality": "bold",
    "run_id": 10,
    "subject_id": "14",
    "task_id": "tps"
  },
  "dummy_trs": 0,
  "dvars_nstd": 22.327964143231718,
  "dvars_std": 1.1817822636585362,
  "dvars_vstd": 0.9886476564024389,
  "efc": 0.5325125231635502,
  "fber": 439.3534851074219,
  "fd_mean": 0.19467073154854747,
  "fd_num": 63,
  "fd_perc": 38.18181818181818,
  "fwhm_avg": 2.6247179312201325,
  "fwhm_x": 2.5045933333333332,
  "fwhm_y": 2.833393558511222,
  "fwhm_z": 2.5361669018158426,
  "gcor": 0.0243065,
  "gsr_x": -0.003234586911275983,
  "gsr_y": 0.0688195675611496,
  "provenance": {
    "md5sum": "8f9140cd3d2405a563b191cd0fbb745a",
    "settings": {
      "fd_thres": 0.2,
      "testing": false
    },
    "software": "mriqc",
    "version": "22.0.6",
    "webapi_port": null,
    "webapi_url": "https://mriqc.nimh.nih.gov/api/v1"
  },
  "size_t": 165,
  "size_x": 70,
  "size_y": 70,
  "size_z": 32,
  "snr": 2.6722944895478813,
  "spacing_tr": 2.0,
  "spacing_x": 3.0,
  "spacing_y": 2.999999761581421,
  "spacing_z": 3.5999996662139893,
  "summary_bg_k": 35.81240964201471,
  "summary_bg_mad": 5.660845091370418,
  "summary_bg_mean": 40.64689254760742,
  "summary_bg_median": 20.333332061767578,
  "summary_bg_n": 96935.0,
  "summary_bg_p05": 16.260604858398438,
  "summary_bg_p95": 144.44362945556648,
  "summary_bg_stdv": 61.76441955566406,
  "summary_fg_k": 0.6506777070870218,
  "summary_fg_mad": 157.87469453804695,
  "summary_fg_mean": 460.1191101074219,
  "summary_fg_median": 434.1514892578125,
  "summary_fg_n": 25507.0,
  "summary_fg_p05": 243.9702911376953,
  "summary_fg_p95": 762.1351196289061,
  "summary_fg_stdv": 162.46075439453125,
  "tsnr": 81.18745502829552
}