{
  "aor": 0.004592814814814814,
  "aqi": 0.002815069703703704,
  "bids_meta": {
    "AcquisitionMatrixPE": 70,
    "AcquisitionNumber": 1,
    "AcquisitionTime": "16:24:51.995000",
    "BandwidthPerPixelPhaseEncode": 29.155,
    "BaseResolution": 70,
    "BodyPartExamined": "BRAIN",
    "ConsistencyInfo": "N4_VE11C_LATEST_20160120",
    "ConversionSoftware": "dcm2niix",
    "ConversionSoftwareVersion": "v1.0.20181125  (JP2:OpenJPEG) (JP-LS:CharLS) GCC5.5.0",
    "DerivedVendorReportedEchoSpacing": 0.000489992,
    "DeviceSerialNumber": "167012",
    "DwellTime": 3e-06,
    "EchoTime": 0.03,
    "EchoTrainLength": 70,
    "EffectiveEchoSpacing": 0.000489992,
    "FlipAngle": 90,
    "ImageOrientationPatientDICOM": [
      0.993954,
      -0.0591583,
      0.0924984,
      0.0540047,
      0.996898,
      0.0572613
    ],
    "ImageType": [
      "ORIGINAL",
      "PRIMARY",
      "M",
      "ND",
      "MOSAIC"
    ],
    "ImagingFrequency": 123.253,
    "InPlanePhaseEncodingDirectionDICOM": "COL",
    "InstitutionAddress": "Vassar_Street_43_Cambridge_Boston_US_02139",
    "InstitutionName": "McGovern_Institute_for_Brain_Research_(3T1)",
    "InstitutionalDepartmentName": "Department",
    "MRAcquisitionType": "2D",
    "MagneticFieldStrength": 3,
    "Manufacturer": "Siemens",
    "ManufacturersModelName": "Prisma_fit",
    "Modality": "MR",
    "PartialFourier": 1,
    "PatientPosition": "HFS",
    "PercentPhaseFOV": 100,
    "PhaseEncodingDirection": "j-",
    "PhaseEncodingSteps": 70,
    "PhaseResolution": 1,
    "PixelBandwidth": 2380,
    "ProcedureStepDescription": "Young_Minjae",
    "ProtocolName": "TPS",
    "PulseSequenceDetails": "%SiemensSeq%_ep2d_pace",
    "ReceiveCoilActiveElements": "HEA;HEP",
    "ReceiveCoilName": "Head_32",
    "ReconMatrixPE": 70,
    "RepetitionTime": 2,
    "SAR": 0.105758,
    "ScanOptions": "FS",
    "ScanningSequence": "EP",
    "SequenceName": "_epfid2d1_70",
    "SequenceVariant": "SK",
    "SeriesDescription": "TPS",
    "SeriesNumber": 11,
    "ShimSetting": [
      -5611,
      -1531,
      3141,
      416,
      -22,
      153,
      -57,
      -7
    ],
    "SliceThickness": 3,
    "SliceTiming": [
      0,
      0.06,
      0.1225,
      0.185,
      0.2475,
      0.3075,
      0.37,
      0.4325,
      0.495,
      0.555,
      0.6175,
      0.68,
      0.7425,
      0.8025,
      0.865,
      0.9275,
      0.99,
      1.05,
      1.1125,
      1.175,
      1.2375,
      1.2975,
      1.36,
      1.4225,
      1.485,
      1.545,
      1.6075,
      1.67,
      1.7325,
      1.7925,
      1.855,
      1.9175
    ],
    "SoftwareVersions": "syngo_MR_E11",
    "SpacingBetweenSlices": 3.6,
    "StationName": "MRC35115",
    "TaskName": "tom",
    "TotalReadoutTime": 0.0338094,
    "TxRefAmp": 240.571,
    "dataset": "ds002793",
    "modality": "bold",
    "run_id": 1,
    "subject_id": "29",
    "task_id": "tom"
  },
  "dummy_trs": 1,
  "dvars_nstd": 20.661080082537318,
  "dvars_std": 1.2571676711194029,
  "dvars_vstd": 1.0348758183582092,
  "efc": 0.5963326209612299,
  "fber": 275.5678405761719,
  "fd_mean": 0.1322152229169407,
  "fd_num": 15,
  "fd_perc": 11.11111111111111,
  "fwhm_avg": 2.579220522064259,
  "fwhm_x": 2.3679633333333334,
  "fwhm_y": 2.8411899999999997,
  "fwhm_z": 2.5285082328594433,
  "gcor": 0.0346678,
  "gsr_x": -0.010752824135124683,
  "gsr_y": 0.07950744032859802,
  "provenance": {
    "md5sum": "81f068b524dc2de3af01ec6f76a87882",
    "settings": {
      "fd_thres": 0.2,
      "testing": false
    },
    "software": "mriqc",
    "version": "22.0.6",
    "webapi_port": null,
    "webapi_url": "https://mriqc.nimh.nih.gov/api/v1"
  },
  "size_t": 135,
  "size_x": 70,
  "size_y": 70,
  "size_z": 32,
  "snr": 2.6562619681156416,
  "spacing_tr": 2.0,
  "spacing_x": 3.0,
  "spacing_y": 3.0,
  "spacing_z": 3.6000001430511475,
  "summary_bg_k": 18.506078336816138,
  "summary_bg_mad": 9.982852487143647,
  "summary_bg_mean": 55.98881530761719,
  "summary_bg_median": 24.718517303466797,
  "summary_bg_n": 86148.0,
  "summary_bg_p05": 17.33333396911621,
  "summary_bg_p95": 231.30110549926752,
  "summary_bg_stdv": 83.87300109863281,
  "summary_fg_k": 0.12978069933358372,
  "summary_fg_mad": 161.2357286109406,
  "summary_fg_mean": 441.94219970703125,
  "summary_fg_median": 416.17034912109375,
  "summary_fg_n": 33940.0,
  "summary_fg_p05": 229.21407241821288,
  "summary_fg_p95": 727.6599822998047,
  "summary_fg_stdv": 156.67288208007812,
  "tsnr": 88.39800772257149
}