{
  "aor": 0.009556363636363639,
  "aqi": 0.005763517090909091,
  "bids_meta": {
    "AcquisitionMatrixPE": 70,
    "AcquisitionNumber": 1,
    "AcquisitionTime": "17:13:2.532500",
    "BandwidthPerPixelPhaseEncode": 29.155,
    "BaseResolution": 70,
    "BodyPartExamined": "BRAIN",
    "ConsistencyInfo": "N4_VE11C_LATEST_20160120",
    "ConversionSoftware": "dcm2niix",
    "ConversionSoftwareVersion": "v1.0.20181125  (JP2:OpenJPEG) (JP-LS:CharLS) GCC5.5.0",
    "DerivedVendorReportedEchoSpacing": 0.000489992,
    "DeviceSerialNumber": "167012",
    "DwellTime": 3e-06,
    "EchoTime": 0.03,
    "EchoTrainLength": 70,
    "EffectiveEchoSpacing": 0.000489992,
    "FlipAngle": 90,
    "ImageOrientationPatientDICOM": [
      0.993954,
      -0.0591583,
      0.0924984,
      0.0540047,
      0.996898,
      0.0572613
    ],
    "ImageType": [
      "ORIGINAL",
      "PRIMARY",
      "M",
      "ND",
      "MOSAIC"
    ],
    "ImagingFrequency": 123.253,
    "InPlanePhaseEncodingDirectionDICOM": "COL",
    "InstitutionAddress": "Vassar_Street_43_Cambridge_Boston_US_02139",
    "InstitutionName": "McGovern_Institute_for_Brain_Research_(3T1)",
    "InstitutionalDepartmentName": "Department",
    "MRAcquisitionType": "2D",
    "MagneticFieldStrength": 3,
    "Manufacturer": "Siemens",
    "ManufacturersModelName": "Prisma_fit",
    "Modality": "MR",
    "PartialFourier": 1,
    "PatientPosition": "HFS",
    "PercentPhaseFOV": 100,
    "PhaseEncodingDirection": "j-",
    "PhaseEncodingSteps": 70,
    "PhaseResolution": 1,
    "PixelBandwidth": 2380,
    "ProcedureStepDescription": "Young_Minjae",
    "ProtocolName": "TPS_Run1",
    "PulseSequenceDetails": "%SiemensSeq%_ep2d_pace",
    "ReceiveCoilActiveElements": "HEA;HEP",
    "ReceiveCoilName": "Head_32",
    "ReconMatrixPE": 70,
    "RepetitionTime": 2,
    "SAR": 0.105857,
    "ScanOptions": "FS",
    "ScanningSequence": "EP",
    "SequenceName": "_epfid2d1_70",
    "SequenceVariant": "SK",
    "SeriesDescription": "TPS_Run1",
    "SeriesNumber": 27,
    "ShimSetting": [
      -5611,
      -1531,
      3141,
      416,
      -22,
      153,
      -57,
      -7
    ],
    "SliceThickness": 3,
    "SliceTiming": [
      0,
      0.0625,
      0.1225,
      0.185,
      0.2475,
      0.31,
      0.37,
      0.4325,
      0.495,
      0.5575,
      0.6175,
      0.68,
      0.7425,
      0.805,
      0.865,
      0.9275,
      0.99,
      1.0525,
      1.1125,
      1.175,
      1.2375,
      1.3,
      1.36,
      1.4225,
      1.485,
      1.5475,
      1.6075,
      1.67,
      1.7325,
      1.795,
      1.855,
      1.9175
    ],
    "SoftwareVersions": "syngo_MR_E11",
    "SpacingBetweenSlices": 3.6,
    "StationName": "MRC35115",
    "TaskName": "tps",
    "TotalReadoutTime": 0.0338094,
    "TxRefAmp": 240.571,
    "dataset": "ds002793",
    "modality": "bold",
    "run_id": 7,
    "subject_id": "29",
    "task_id": "tps"
  },
  "dummy_trs": 0,
  "dvars_nstd": 31.34002787859755,
  "dvars_std": 1.3325861651219522,
  "dvars_vstd": 1.0783737357317074,
  "efc": 0.6009075924913757,
  "fber": 259.0661315917969,
  "fd_mean": 0.2718818282752471,
  "fd_num": 61,
  "fd_perc": 36.96969696969697,
  "fwhm_avg": 2.5970764478458825,
  "fwhm_x": 2.3939666666666666,
  "fwhm_y": 2.85786,
  "fwhm_z": 2.5394026768709814,
  "gcor": 0.0674529,
  "gsr_x": -0.008576899766921997,
  "gsr_y": 0.07823986560106277,
  "provenance": {
    "md5sum": "6d69d69417230b472e8c48539d3d99bd",
    "settings": {
      "fd_thres": 0.2,
      "testing": false
    },
    "software": "mriqc",
    "version": "22.0.6",
    "webapi_port": null,
    "webapi_url": "https://mriqc.nimh.nih.gov/api/v1"
  },
  "size_t": 165,
  "size_x": 70,
  "size_y": 70,
  "size_z": 32,
  "snr": 2.6422888352078635,
  "spacing_tr": 2.0,
  "spacing_x": 3.0,
  "spacing_y": 3.0,
  "spacing_z": 3.6000001430511475,
  "summary_bg_k": 16.201749534055384,
  "summary_bg_mad": 10.935311185847345,
  "summary_bg_mean": 60.34375762939453,
  "summary_bg_median": 25.70302963256836,
  "summary_bg_n": 86087.0,
  "summary_bg_p05": 17.61212158203125,
  "summary_bg_p95": 258.8417968749999,
  "summary_bg_stdv": 91.8388671875,
  "summary_fg_k": 0.13364476857725593,
  "summary_fg_mad": 163.1536371021587,
  "summary_fg_mean": 446.6600646972656,
  "summary_fg_median": 420.1151123046875,
  "summary_fg_n": 33958.0,
  "summary_fg_p05": 231.1684768676758,
  "summary_fg_p95": 736.3863250732421,
  "summary_fg_stdv": 158.99432373046875,
  "tsnr": 59.86539876332972
}