{
  "bids_meta": {
    "AcquisitionMatrixPE": 256,
    "AcquisitionNumber": 1,
    "AcquisitionTime": "13:07:52.767500",
    "BaseResolution": 256,
    "BodyPartExamined": "BRAIN",
    "ConsistencyInfo": "N4_VE11C_LATEST_20160120",
    "ConversionSoftware": "dcm2niix",
    "ConversionSoftwareVersion": "v1.0.20181125  (JP2:OpenJPEG) (JP-LS:CharLS) GCC5.5.0",
    "DeviceSerialNumber": "167012",
    "DwellTime": 3e-06,
    "EchoTime": 0.00169,
    "FlipAngle": 7,
    "ImageOrientationPatientDICOM": [
      -0.11474,
      0.959044,
      0.258977,
      -0.0214616,
      0.258245,
      -0.965841
    ],
    "ImageType": [
      "ORIGINAL",
      "PRIMARY",
      "OTHER",
      "ND",
      "NORM",
      "MEAN"
    ],
    "ImagingFrequency": 123.253,
    "InPlanePhaseEncodingDirectionDICOM": "ROW",
    "InstitutionAddress": "Vassar_Street_43_Cambridge_Boston_US_02139",
    "InstitutionName": "McGovern_Institute_for_Brain_Research_(3T1)",
    "InstitutionalDepartmentName": "Department",
    "InversionTime": 1.4,
    "MRAcquisitionType": "3D",
    "MagneticFieldStrength": 3,
    "Manufacturer": "Siemens",
    "ManufacturersModelName": "Prisma_fit",
    "Modality": "MR",
    "PartialFourier": 1,
    "PatientPosition": "HFS",
    "PercentPhaseFOV": 100,
    "PhaseEncodingSteps": 255,
    "PhaseResolution": 1,
    "PixelBandwidth": 650,
    "ProcedureStepDescription": "Young_Minjae",
    "ProtocolName": "T1w_MPRAGE_FourEcho_vNav",
    "PulseSequenceDetails": "%CustomerSeq%_tfl_mgh_epinav_ABCD",
    "ReceiveCoilActiveElements": "HEA;HEP",
    "ReceiveCoilName": "Head_32",
    "ReconMatrixPE": 256,
    "RepetitionTime": 2.53,
    "SAR": 0.0407256,
    "ScanOptions": "IR_WE",
    "ScanningSequence": "GR_IR",
    "SequenceName": "tfl3d4_16ns",
    "SequenceVariant": "SK_SP_MP",
    "SeriesDescription": "T1w_MPRAGE_FourEcho_vNav_RMS",
    "SeriesNumber": 10,
    "ShimSetting": [
      -5639,
      -1618,
      3163,
      361,
      -38,
      -147,
      132,
      -51
    ],
    "SliceThickness": 1,
    "SoftwareVersions": "syngo_MR_E11",
    "StationName": "MRC35115",
    "TxRefAmp": 234.443,
    "WipMemBlock": "Prisma_epi_moco_navigator_ABCD_tfl.prot",
    "dataset": "ds002793",
    "modality": "T1w",
    "run_id": 1,
    "subject_id": "07"
  },
  "cjv": 0.3399984317781044,
  "cnr": 3.84826161131357,
  "efc": 0.5536703219841652,
  "fber": 33585.38504155125,
  "fwhm_avg": 3.78257,
  "fwhm_x": 3.83144,
  "fwhm_y": 3.92797,
  "fwhm_z": 3.5883,
  "icvs_csf": 0.19108370594311516,
  "icvs_gm": 0.4474534145767678,
  "icvs_wm": 0.36146287948011707,
  "inu_med": 0.3528009355068207,
  "inu_range": 0.12810556888580316,
  "provenance": {
    "md5sum": "17fde0a2ebb2549765daa65971252d2f",
    "settings": {
      "testing": false
    },
    "software": "mriqc",
    "version": "22.0.6",
    "warnings": {
      "large_rot_frame": true,
      "small_air_mask": false
    },
    "webapi_port": null,
    "webapi_url": "https://mriqc.nimh.nih.gov/api/v1"
  },
  "qi_1": 0.0,
  "qi_2": 0.0024971512390556372,
  "rpve_csf": 26.57611622765343,
  "rpve_gm": 12.104436612088032,
  "rpve_wm": 16.742601523157813,
  "size_x": 176,
  "size_y": 256,
  "size_z": 256,
  "snr_csf": 2.7712416039860748,
  "snr_gm": 15.49178749861884,
  "snr_total": 16.95145667093847,
  "snr_wm": 32.59134091021049,
  "snrd_csf": 53.4988580724224,
  "snrd_gm": 129.88757695828713,
  "snrd_total": 117.07417201075282,
  "snrd_wm": 167.83608100154896,
  "spacing_x": 1.0,
  "spacing_y": 1.0,
  "spacing_z": 1.0,
  "summary_bg_k": 4.777257153986521,
  "summary_bg_mad": 0.0,
  "summary_bg_mean": 2.6706921219077318,
  "summary_bg_median": 0.0,
  "summary_bg_n": 2613578.0,
  "summary_bg_p05": 0.0,
  "summary_bg_p95": 10.964628476649523,
  "summary_bg_stdv": 3.9033458227023976,
  "summary_csf_k": 0.9541103325495293,
  "summary_csf_mad": 87.28516067778109,
  "summary_csf_mean": 333.3422699392857,
  "summary_csf_median": 318.74972017481923,
  "summary_csf_n": 37976.0,
  "summary_csf_p05": 146.4284127112478,
  "summary_csf_p95": 549.6316219680011,
  "summary_csf_stdv": 115.01903080658423,
  "summary_gm_k": 0.2681083214073605,
  "summary_gm_mad": 47.36329794553581,
  "summary_gm_mean": 775.5150880538303,
  "summary_gm_median": 773.8787387497723,
  "summary_gm_n": 47312.0,
  "summary_gm_p05": 695.7261412777007,
  "summary_gm_p95": 861.8639583596959,
  "summary_gm_stdv": 49.95360027460187,
  "summary_wm_k": 0.36787283336786025,
  "summary_wm_mad": 29.510240931675717,
  "summary_wm_mean": 999.2946562948322,
  "summary_wm_median": 999.9784253723919,
  "summary_wm_n": 219680.0,
  "summary_wm_p05": 947.7187226526439,
  "summary_wm_p95": 1048.2744902931154,
  "summary_wm_stdv": 30.682264719821706,
  "tpm_overlap_csf": 0.151681505694172,
  "tpm_overlap_gm": 0.4665723209987024,
  "tpm_overlap_wm": 0.516712113229746,
  "wm2max": 0.9186819711062735
}