{
  "aor": 0.0023915671641791046,
  "aqi": 0.0018150272462686568,
  "bids_meta": {
    "AcquisitionMatrixPE": 70,
    "AcquisitionNumber": 1,
    "AcquisitionTime": "14:08:57.277500",
    "BandwidthPerPixelPhaseEncode": 29.155,
    "BaseResolution": 70,
    "BodyPartExamined": "BRAIN",
    "ConsistencyInfo": "N4_VE11C_LATEST_20160120",
    "ConversionSoftware": "dcm2niix",
    "ConversionSoftwareVersion": "v1.0.20181125  (JP2:OpenJPEG) (JP-LS:CharLS) GCC5.5.0",
    "DerivedVendorReportedEchoSpacing": 0.000489992,
    "DeviceSerialNumber": "167012",
    "DwellTime": 3e-06,
    "EchoTime": 0.03,
    "EchoTrainLength": 70,
    "EffectiveEchoSpacing": 0.000489992,
    "FlipAngle": 90,
    "ImageOrientationPatientDICOM": [
      0.999583,
      0.0248464,
      -0.0147449,
      -0.0223346,
      0.988253,
      0.151185
    ],
    "ImageType": [
      "ORIGINAL",
      "PRIMARY",
      "M",
      "ND",
      "MOSAIC"
    ],
    "ImagingFrequency": 123.253,
    "InPlanePhaseEncodingDirectionDICOM": "COL",
    "InstitutionAddress": "Vassar_Street_43_Cambridge_Boston_US_02139",
    "InstitutionName": "McGovern_Institute_for_Brain_Research_(3T1)",
    "InstitutionalDepartmentName": "Department",
    "MRAcquisitionType": "2D",
    "MagneticFieldStrength": 3,
    "Manufacturer": "Siemens",
    "ManufacturersModelName": "Prisma_fit",
    "Modality": "MR",
    "PartialFourier": 1,
    "PatientPosition": "HFS",
    "PercentPhaseFOV": 100,
    "PhaseEncodingDirection": "j-",
    "PhaseEncodingSteps": 70,
    "PhaseResolution": 1,
    "PixelBandwidth": 2380,
    "ProcedureStepDescription": "Young_Minjae",
    "ProtocolName": "tom_localizer_run1",
    "PulseSequenceDetails": "%SiemensSeq%_ep2d_pace",
    "ReceiveCoilActiveElements": "HEA;HEP",
    "ReceiveCoilName": "Head_32",
    "ReconMatrixPE": 70,
    "RepetitionTime": 2,
    "SAR": 0.10836,
    "ScanOptions": "FS",
    "ScanningSequence": "EP",
    "SequenceName": "_epfid2d1_70",
    "SequenceVariant": "SK",
    "SeriesDescription": "tom_localizer_run1",
    "SeriesNumber": 11,
    "ShimSetting": [
      -5607,
      -1555,
      3180,
      358,
      21,
      72,
      38,
      -74
    ],
    "SliceThickness": 3,
    "SliceTiming": [
      0,
      0.06,
      0.1225,
      0.185,
      0.2475,
      0.3075,
      0.37,
      0.4325,
      0.495,
      0.555,
      0.6175,
      0.68,
      0.7425,
      0.8025,
      0.865,
      0.9275,
      0.99,
      1.05,
      1.1125,
      1.175,
      1.2375,
      1.2975,
      1.36,
      1.4225,
      1.485,
      1.545,
      1.6075,
      1.67,
      1.7325,
      1.7925,
      1.855,
      1.9175
    ],
    "SoftwareVersions": "syngo_MR_E11",
    "SpacingBetweenSlices": 3.6,
    "StationName": "MRC35115",
    "TaskName": "tom",
    "TotalReadoutTime": 0.0338094,
    "TxRefAmp": 245.061,
    "dataset": "ds002793",
    "modality": "bold",
    "run_id": 1,
    "subject_id": "25",
    "task_id": "tom"
  },
  "dummy_trs": 2,
  "dvars_nstd": 16.932956975413532,
  "dvars_std": 1.1751281857142855,
  "dvars_vstd": 0.9984847135338347,
  "efc": 0.5641917541909091,
  "fber": 358.7424621582031,
  "fd_mean": 0.11698353279068234,
  "fd_num": 4,
  "fd_perc": 2.985074626865672,
  "fwhm_avg": 2.826214593621619,
  "fwhm_x": 2.71054,
  "fwhm_y": 3.0495900000000002,
  "fwhm_z": 2.7185137808648565,
  "gcor": 0.0358893,
  "gsr_x": -0.004083341918885708,
  "gsr_y": 0.06033291667699814,
  "provenance": {
    "md5sum": "0b4f1bc756ed3bbda486e07c0f00f7ce",
    "settings": {
      "fd_thres": 0.2,
      "testing": false
    },
    "software": "mriqc",
    "version": "22.0.6",
    "webapi_port": null,
    "webapi_url": "https://mriqc.nimh.nih.gov/api/v1"
  },
  "size_t": 134,
  "size_x": 70,
  "size_y": 70,
  "size_z": 32,
  "snr": 2.3587329926865412,
  "spacing_tr": 2.0,
  "spacing_x": 3.0,
  "spacing_y": 3.0,
  "spacing_z": 3.6000001430511475,
  "summary_bg_k": 16.224686559602947,
  "summary_bg_mad": 9.183283748816162,
  "summary_bg_mean": 52.034122467041016,
  "summary_bg_median": 24.350746154785156,
  "summary_bg_n": 89748.0,
  "summary_bg_p05": 17.559701919555664,
  "summary_bg_p95": 207.97201385498025,
  "summary_bg_stdv": 72.65802764892578,
  "summary_fg_k": 0.3320510416605371,
  "summary_fg_mad": 196.3894587922867,
  "summary_fg_mean": 506.2404479980469,
  "summary_fg_median": 467.0,
  "summary_fg_n": 31714.0,
  "summary_fg_p05": 248.76342315673827,
  "summary_fg_p95": 873.3369140624999,
  "summary_fg_stdv": 197.98452758789062,
  "tsnr": 91.34104863367975
}