{
  "aor": 0.0016514634146341462,
  "aqi": 0.0034101928048780486,
  "bids_meta": {
    "AcquisitionMatrixPE": 70,
    "AcquisitionNumber": 1,
    "AcquisitionTime": "12:05:50.302500",
    "BandwidthPerPixelPhaseEncode": 29.155,
    "BaseResolution": 70,
    "BodyPartExamined": "BRAIN",
    "ConsistencyInfo": "N4_VE11C_LATEST_20160120",
    "ConversionSoftware": "dcm2niix",
    "ConversionSoftwareVersion": "v1.0.20181125  (JP2:OpenJPEG) (JP-LS:CharLS) GCC5.5.0",
    "DerivedVendorReportedEchoSpacing": 0.000489992,
    "DeviceSerialNumber": "167012",
    "DwellTime": 3e-06,
    "EchoTime": 0.03,
    "EchoTrainLength": 70,
    "EffectiveEchoSpacing": 0.000489992,
    "FlipAngle": 90,
    "ImageOrientationPatientDICOM": [
      0.98525,
      0.0934745,
      -0.143338,
      -0.0853319,
      0.994425,
      0.0619524
    ],
    "ImageType": [
      "ORIGINAL",
      "PRIMARY",
      "M",
      "ND",
      "MOSAIC"
    ],
    "ImagingFrequency": 123.253,
    "InPlanePhaseEncodingDirectionDICOM": "COL",
    "InstitutionAddress": "Vassar_Street_43_Cambridge_Boston_US_02139",
    "InstitutionName": "MIT",
    "InstitutionalDepartmentName": "Department",
    "MRAcquisitionType": "2D",
    "MagneticFieldStrength": 3,
    "Manufacturer": "Siemens",
    "ManufacturersModelName": "Prisma_fit",
    "Modality": "MR",
    "PartialFourier": 1,
    "PatientPosition": "HFS",
    "PercentPhaseFOV": 100,
    "PhaseEncodingDirection": "j-",
    "PhaseEncodingSteps": 70,
    "PhaseResolution": 1,
    "PixelBandwidth": 2380,
    "ProcedureStepDescription": "Young_Minjae",
    "ProtocolName": "TPS_run8",
    "PulseSequenceDetails": "%SiemensSeq%_ep2d_pace",
    "ReceiveCoilActiveElements": "HEA;HEP",
    "ReceiveCoilName": "Head_32",
    "ReconMatrixPE": 70,
    "RepetitionTime": 2,
    "SAR": 0.103233,
    "ScanOptions": "FS",
    "ScanningSequence": "EP",
    "SequenceName": "_epfid2d1_70",
    "SequenceVariant": "SK",
    "SeriesDescription": "TPS_run8",
    "SeriesNumber": 33,
    "ShimSetting": [
      -5654,
      -1570,
      3203,
      453,
      -22,
      -78,
      49,
      22
    ],
    "SliceThickness": 3,
    "SliceTiming": [
      0,
      0.0625,
      0.125,
      0.1875,
      0.2475,
      0.31,
      0.3725,
      0.435,
      0.495,
      0.5575,
      0.62,
      0.6825,
      0.7425,
      0.805,
      0.8675,
      0.93,
      0.99,
      1.0525,
      1.115,
      1.1775,
      1.2375,
      1.3,
      1.3625,
      1.425,
      1.485,
      1.5475,
      1.61,
      1.6725,
      1.7325,
      1.795,
      1.8575,
      1.92
    ],
    "SoftwareVersions": "syngo_MR_E11",
    "SpacingBetweenSlices": 3.6,
    "StationName": "MRC35115",
    "TaskName": "tps",
    "TotalReadoutTime": 0.0338094,
    "TxRefAmp": 219.875,
    "dataset": "ds002793",
    "modality": "bold",
    "run_id": 8,
    "subject_id": "30",
    "task_id": "tps"
  },
  "dummy_trs": 1,
  "dvars_nstd": 22.746032925705542,
  "dvars_std": 1.2063481988957054,
  "dvars_vstd": 0.9938241306134975,
  "efc": 0.5405307190674609,
  "fber": 449.1446228027344,
  "fd_mean": 0.2802518458675751,
  "fd_num": 117,
  "fd_perc": 71.34146341463415,
  "fwhm_avg": 2.651857001940352,
  "fwhm_x": 2.497386666666667,
  "fwhm_y": 2.8084733333333336,
  "fwhm_z": 2.6497110058210556,
  "gcor": 0.0215748,
  "gsr_x": -0.020610924810171127,
  "gsr_y": 0.10641758143901825,
  "provenance": {
    "md5sum": "3a0dd0ea1e3d3e83e1b918d326c2f77e",
    "settings": {
      "fd_thres": 0.2,
      "testing": false
    },
    "software": "mriqc",
    "version": "22.0.6",
    "webapi_port": null,
    "webapi_url": "https://mriqc.nimh.nih.gov/api/v1"
  },
  "size_t": 164,
  "size_x": 70,
  "size_y": 70,
  "size_z": 32,
  "snr": 2.598605530688303,
  "spacing_tr": 2.0,
  "spacing_x": 3.0,
  "spacing_y": 3.0,
  "spacing_z": 3.6000001430511475,
  "summary_bg_k": 20.662787146436255,
  "summary_bg_mad": 4.285081470004862,
  "summary_bg_mean": 42.207847595214844,
  "summary_bg_median": 19.40853500366211,
  "summary_bg_n": 97251.0,
  "summary_bg_p05": 16.35365867614746,
  "summary_bg_p95": 162.95426177978516,
  "summary_bg_stdv": 61.89651107788086,
  "summary_fg_k": 0.37678588713723427,
  "summary_fg_mad": 155.48340574558637,
  "summary_fg_mean": 444.0646057128906,
  "summary_fg_median": 415.1981506347656,
  "summary_fg_n": 26112.0,
  "summary_fg_p05": 236.57712478637697,
  "summary_fg_p95": 750.8179656982421,
  "summary_fg_stdv": 159.77423095703125,
  "tsnr": 75.6852742487099
}