{
  "aor": 0.006854253731343283,
  "aqi": 0.0026683979552238808,
  "bids_meta": {
    "AcquisitionMatrixPE": 70,
    "AcquisitionNumber": 1,
    "AcquisitionTime": "11:14:3.970000",
    "BandwidthPerPixelPhaseEncode": 29.155,
    "BaseResolution": 70,
    "BodyPartExamined": "BRAIN",
    "ConsistencyInfo": "N4_VE11C_LATEST_20160120",
    "ConversionSoftware": "dcm2niix",
    "ConversionSoftwareVersion": "v1.0.20181125  (JP2:OpenJPEG) (JP-LS:CharLS) GCC5.5.0",
    "DerivedVendorReportedEchoSpacing": 0.000489992,
    "DeviceSerialNumber": "167012",
    "DwellTime": 3e-06,
    "EchoTime": 0.03,
    "EchoTrainLength": 70,
    "EffectiveEchoSpacing": 0.000489992,
    "FlipAngle": 90,
    "ImageOrientationPatientDICOM": [
      0.98525,
      0.0934745,
      -0.143338,
      -0.0853319,
      0.994425,
      0.0619524
    ],
    "ImageType": [
      "ORIGINAL",
      "PRIMARY",
      "M",
      "ND",
      "MOSAIC"
    ],
    "ImagingFrequency": 123.253,
    "InPlanePhaseEncodingDirectionDICOM": "COL",
    "InstitutionAddress": "Vassar_Street_43_Cambridge_Boston_US_02139",
    "InstitutionName": "MIT",
    "InstitutionalDepartmentName": "Department",
    "MRAcquisitionType": "2D",
    "MagneticFieldStrength": 3,
    "Manufacturer": "Siemens",
    "ManufacturersModelName": "Prisma_fit",
    "Modality": "MR",
    "PartialFourier": 1,
    "PatientPosition": "HFS",
    "PercentPhaseFOV": 100,
    "PhaseEncodingDirection": "j-",
    "PhaseEncodingSteps": 70,
    "PhaseResolution": 1,
    "PixelBandwidth": 2380,
    "ProcedureStepDescription": "Young_Minjae",
    "ProtocolName": "tom_localizer2",
    "PulseSequenceDetails": "%SiemensSeq%_ep2d_pace",
    "ReceiveCoilActiveElements": "HEA;HEP",
    "ReceiveCoilName": "Head_32",
    "ReconMatrixPE": 70,
    "RepetitionTime": 2,
    "SAR": 0.103137,
    "ScanOptions": "FS",
    "ScanningSequence": "EP",
    "SequenceName": "_epfid2d1_70",
    "SequenceVariant": "SK",
    "SeriesDescription": "tom_localizer2",
    "SeriesNumber": 13,
    "ShimSetting": [
      -5654,
      -1570,
      3203,
      453,
      -22,
      -78,
      49,
      22
    ],
    "SliceThickness": 3,
    "SliceTiming": [
      0,
      0.0625,
      0.125,
      0.1875,
      0.2475,
      0.31,
      0.3725,
      0.4325,
      0.495,
      0.5575,
      0.62,
      0.68,
      0.7425,
      0.805,
      0.8675,
      0.9275,
      0.99,
      1.0525,
      1.115,
      1.175,
      1.2375,
      1.3,
      1.3625,
      1.4225,
      1.485,
      1.5475,
      1.61,
      1.67,
      1.7325,
      1.795,
      1.8575,
      1.9175
    ],
    "SoftwareVersions": "syngo_MR_E11",
    "SpacingBetweenSlices": 3.6,
    "StationName": "MRC35115",
    "TaskName": "tom",
    "TotalReadoutTime": 0.0338094,
    "TxRefAmp": 219.875,
    "dataset": "ds002793",
    "modality": "bold",
    "run_id": 2,
    "subject_id": "30",
    "task_id": "tom"
  },
  "dummy_trs": 2,
  "dvars_nstd": 21.602789369548866,
  "dvars_std": 1.270557732330827,
  "dvars_vstd": 1.065312962706767,
  "efc": 0.5458186310053766,
  "fber": 432.05621337890625,
  "fd_mean": 0.16816402107844614,
  "fd_num": 27,
  "fd_perc": 20.149253731343283,
  "fwhm_avg": 2.792824038025112,
  "fwhm_x": 2.6379366666666666,
  "fwhm_y": 3.0189299999999997,
  "fwhm_z": 2.7216054474086713,
  "gcor": 0.0541348,
  "gsr_x": -0.027598615735769272,
  "gsr_y": 0.08224356919527054,
  "provenance": {
    "md5sum": "1ba3cab2c76277769cf9d863e07b8e81",
    "settings": {
      "fd_thres": 0.2,
      "testing": false
    },
    "software": "mriqc",
    "version": "22.0.6",
    "webapi_port": null,
    "webapi_url": "https://mriqc.nimh.nih.gov/api/v1"
  },
  "size_t": 134,
  "size_x": 70,
  "size_y": 70,
  "size_z": 32,
  "snr": 2.510462352419407,
  "spacing_tr": 2.0,
  "spacing_x": 3.0,
  "spacing_y": 3.0,
  "spacing_z": 3.6000001430511475,
  "summary_bg_k": 19.690713481206103,
  "summary_bg_mad": 6.195948641329905,
  "summary_bg_mean": 46.315189361572266,
  "summary_bg_median": 21.30596923828125,
  "summary_bg_n": 94375.0,
  "summary_bg_p05": 16.84328269958496,
  "summary_bg_p95": 179.9104461669922,
  "summary_bg_stdv": 66.44119262695312,
  "summary_fg_k": -0.19298094974565005,
  "summary_fg_mad": 187.6155556853479,
  "summary_fg_mean": 482.09503173828125,
  "summary_fg_median": 453.2462463378906,
  "summary_fg_n": 27527.0,
  "summary_fg_p05": 237.05148468017578,
  "summary_fg_p95": 817.3029541015624,
  "summary_fg_stdv": 180.53965759277344,
  "tsnr": 78.66550069581717
}