{
  "aor": 0.0012819852941176471,
  "aqi": 0.002140192735294118,
  "bids_meta": {
    "AcquisitionMatrixPE": 70,
    "AcquisitionNumber": 1,
    "AcquisitionTime": "11:08:45.385000",
    "BandwidthPerPixelPhaseEncode": 29.155,
    "BaseResolution": 70,
    "BodyPartExamined": "BRAIN",
    "ConsistencyInfo": "N4_VE11C_LATEST_20160120",
    "ConversionSoftware": "dcm2niix",
    "ConversionSoftwareVersion": "v1.0.20181125  (JP2:OpenJPEG) (JP-LS:CharLS) GCC5.5.0",
    "DerivedVendorReportedEchoSpacing": 0.000489992,
    "DeviceSerialNumber": "167012",
    "DwellTime": 3e-06,
    "EchoTime": 0.03,
    "EchoTrainLength": 70,
    "EffectiveEchoSpacing": 0.000489992,
    "FlipAngle": 90,
    "ImageOrientationPatientDICOM": [
      0.98525,
      0.0934745,
      -0.143338,
      -0.0853319,
      0.994425,
      0.0619524
    ],
    "ImageType": [
      "ORIGINAL",
      "PRIMARY",
      "M",
      "ND",
      "MOSAIC"
    ],
    "ImagingFrequency": 123.253,
    "InPlanePhaseEncodingDirectionDICOM": "COL",
    "InstitutionAddress": "Vassar_Street_43_Cambridge_Boston_US_02139",
    "InstitutionName": "MIT",
    "InstitutionalDepartmentName": "Department",
    "MRAcquisitionType": "2D",
    "MagneticFieldStrength": 3,
    "Manufacturer": "Siemens",
    "ManufacturersModelName": "Prisma_fit",
    "Modality": "MR",
    "PartialFourier": 1,
    "PatientPosition": "HFS",
    "PercentPhaseFOV": 100,
    "PhaseEncodingDirection": "j-",
    "PhaseEncodingSteps": 70,
    "PhaseResolution": 1,
    "PixelBandwidth": 2380,
    "ProcedureStepDescription": "Young_Minjae",
    "ProtocolName": "tom_localizer1",
    "PulseSequenceDetails": "%SiemensSeq%_ep2d_pace",
    "ReceiveCoilActiveElements": "HEA;HEP",
    "ReceiveCoilName": "Head_32",
    "ReconMatrixPE": 70,
    "RepetitionTime": 2,
    "SAR": 0.103137,
    "ScanOptions": "FS",
    "ScanningSequence": "EP",
    "SequenceName": "_epfid2d1_70",
    "SequenceVariant": "SK",
    "SeriesDescription": "tom_localizer1",
    "SeriesNumber": 11,
    "ShimSetting": [
      -5654,
      -1570,
      3203,
      453,
      -22,
      -78,
      49,
      22
    ],
    "SliceThickness": 3,
    "SliceTiming": [
      0,
      0.0625,
      0.125,
      0.1875,
      0.2475,
      0.31,
      0.3725,
      0.435,
      0.495,
      0.5575,
      0.62,
      0.6825,
      0.7425,
      0.805,
      0.8675,
      0.93,
      0.99,
      1.0525,
      1.115,
      1.1775,
      1.2375,
      1.3,
      1.3625,
      1.4225,
      1.485,
      1.5475,
      1.61,
      1.67,
      1.7325,
      1.795,
      1.8575,
      1.9175
    ],
    "SoftwareVersions": "syngo_MR_E11",
    "SpacingBetweenSlices": 3.6,
    "StationName": "MRC35115",
    "TaskName": "tom",
    "TotalReadoutTime": 0.0338094,
    "TxRefAmp": 219.875,
    "dataset": "ds002793",
    "modality": "bold",
    "run_id": 1,
    "subject_id": "30",
    "task_id": "tom"
  },
  "dummy_trs": 0,
  "dvars_nstd": 20.37865976370371,
  "dvars_std": 1.2029195302962963,
  "dvars_vstd": 0.9915274623703708,
  "efc": 0.5439906936496061,
  "fber": 438.0779113769531,
  "fd_mean": 0.15218594248659173,
  "fd_num": 25,
  "fd_perc": 18.38235294117647,
  "fwhm_avg": 2.7981501491241922,
  "fwhm_x": 2.656143333333333,
  "fwhm_y": 3.0157933333333333,
  "fwhm_z": 2.722513780705911,
  "gcor": 0.0239989,
  "gsr_x": -0.028870094567537308,
  "gsr_y": 0.0846574455499649,
  "provenance": {
    "md5sum": "3451b4119ed354f861da4f031ba32c33",
    "settings": {
      "fd_thres": 0.2,
      "testing": false
    },
    "software": "mriqc",
    "version": "22.0.6",
    "webapi_port": null,
    "webapi_url": "https://mriqc.nimh.nih.gov/api/v1"
  },
  "size_t": 136,
  "size_x": 70,
  "size_y": 70,
  "size_z": 32,
  "snr": 2.4892856489049637,
  "spacing_tr": 2.0,
  "spacing_x": 3.0,
  "spacing_y": 3.0,
  "spacing_z": 3.6000001430511475,
  "summary_bg_k": 18.460024735400687,
  "summary_bg_mad": 6.4100754620609965,
  "summary_bg_mean": 47.080814361572266,
  "summary_bg_median": 21.55882453918457,
  "summary_bg_n": 94858.0,
  "summary_bg_p05": 16.941177368164062,
  "summary_bg_p95": 185.26470947265625,
  "summary_bg_stdv": 67.389892578125,
  "summary_fg_k": -0.17265777235821522,
  "summary_fg_mad": 190.97224619705455,
  "summary_fg_mean": 489.8025817871094,
  "summary_fg_median": 460.4669189453125,
  "summary_fg_n": 27520.0,
  "summary_fg_p05": 239.4555191040039,
  "summary_fg_p95": 834.4132141113281,
  "summary_fg_stdv": 184.97618103027344,
  "tsnr": 90.00666804332286
}