{
  "aor": 0.01935139705882353,
  "aqi": 0.00382442955882353,
  "bids_meta": {
    "AcquisitionMatrixPE": 70,
    "AcquisitionNumber": 1,
    "AcquisitionTime": "17:02:42.000000",
    "BandwidthPerPixelPhaseEncode": 29.155,
    "BaseResolution": 70,
    "BodyPartExamined": "BRAIN",
    "ConsistencyInfo": "N4_VE11C_LATEST_20160120",
    "ConversionSoftware": "dcm2niix",
    "ConversionSoftwareVersion": "v1.0.20181125  (JP2:OpenJPEG) (JP-LS:CharLS) GCC5.5.0",
    "DerivedVendorReportedEchoSpacing": 0.000489992,
    "DeviceSerialNumber": "167012",
    "DwellTime": 3e-06,
    "EchoTime": 0.03,
    "EchoTrainLength": 70,
    "EffectiveEchoSpacing": 0.000489992,
    "FlipAngle": 90,
    "ImageOrientationPatientDICOM": [
      0.999429,
      -0.00162887,
      0.0337427,
      0.00226763,
      0.999819,
      -0.0189006
    ],
    "ImageType": [
      "ORIGINAL",
      "PRIMARY",
      "M",
      "ND",
      "MOSAIC"
    ],
    "ImagingFrequency": 123.253,
    "InPlanePhaseEncodingDirectionDICOM": "COL",
    "InstitutionAddress": "Vassar_Street_43_Cambridge_Boston_US_02139",
    "InstitutionName": "MIT",
    "InstitutionalDepartmentName": "Department",
    "MRAcquisitionType": "2D",
    "MagneticFieldStrength": 3,
    "Manufacturer": "Siemens",
    "ManufacturersModelName": "Prisma_fit",
    "Modality": "MR",
    "PartialFourier": 1,
    "PatientPosition": "HFS",
    "PercentPhaseFOV": 100,
    "PhaseEncodingDirection": "j-",
    "PhaseEncodingSteps": 70,
    "PhaseResolution": 1,
    "PixelBandwidth": 2380,
    "ProcedureStepDescription": "Young_Minjae",
    "ProtocolName": "tom_localizer_run2",
    "PulseSequenceDetails": "%SiemensSeq%_ep2d_pace",
    "ReceiveCoilActiveElements": "HEA;HEP",
    "ReceiveCoilName": "Head_32",
    "ReconMatrixPE": 70,
    "RepetitionTime": 2,
    "SAR": 0.0981197,
    "ScanOptions": "FS",
    "ScanningSequence": "EP",
    "SequenceName": "_epfid2d1_70",
    "SequenceVariant": "SK",
    "SeriesDescription": "tom_localizer_run2",
    "SeriesNumber": 35,
    "ShimSetting": [
      -5605,
      -1530,
      3146,
      454,
      18,
      24,
      -87,
      8
    ],
    "SliceThickness": 3,
    "SliceTiming": [
      0,
      0.0625,
      0.125,
      0.1875,
      0.2475,
      0.31,
      0.3725,
      0.435,
      0.495,
      0.5575,
      0.62,
      0.68,
      0.7425,
      0.805,
      0.8675,
      0.9275,
      0.99,
      1.0525,
      1.115,
      1.175,
      1.2375,
      1.3,
      1.3625,
      1.4225,
      1.485,
      1.5475,
      1.61,
      1.67,
      1.7325,
      1.795,
      1.8575,
      1.9175
    ],
    "SoftwareVersions": "syngo_MR_E11",
    "SpacingBetweenSlices": 3.6,
    "StationName": "MRC35115",
    "TaskName": "tom",
    "TotalReadoutTime": 0.0338094,
    "TxRefAmp": 247.815,
    "dataset": "ds002793",
    "modality": "bold",
    "run_id": 2,
    "subject_id": "01",
    "task_id": "tom"
  },
  "dummy_trs": 0,
  "dvars_nstd": 25.428087333703704,
  "dvars_std": 1.3262881040740746,
  "dvars_vstd": 1.129117933629629,
  "efc": 0.5874150161759492,
  "fber": 310.1810607910156,
  "fd_mean": 0.2499043779655105,
  "fd_num": 35,
  "fd_perc": 25.735294117647058,
  "fwhm_avg": 2.6440823718214856,
  "fwhm_x": 2.453603333333333,
  "fwhm_y": 2.7919966666666665,
  "fwhm_z": 2.6866471154644573,
  "gcor": 0.0570208,
  "gsr_x": -0.0012558258604258299,
  "gsr_y": 0.07507386803627014,
  "provenance": {
    "md5sum": "4d3b0ba43195096abb38bd31a4b93951",
    "settings": {
      "fd_thres": 0.2,
      "testing": false
    },
    "software": "mriqc",
    "version": "22.0.6",
    "webapi_port": null,
    "webapi_url": "https://mriqc.nimh.nih.gov/api/v1"
  },
  "size_t": 136,
  "size_x": 70,
  "size_y": 70,
  "size_z": 32,
  "snr": 2.617882418025109,
  "spacing_tr": 2.0,
  "spacing_x": 3.0,
  "spacing_y": 3.0,
  "spacing_z": 3.6000001430511475,
  "summary_bg_k": 16.57238033177435,
  "summary_bg_mad": 6.00671811792342,
  "summary_bg_mean": 45.75444793701172,
  "summary_bg_median": 20.919116973876953,
  "summary_bg_n": 87738.0,
  "summary_bg_p05": 16.52941131591797,
  "summary_bg_p95": 186.14926834106436,
  "summary_bg_stdv": 66.51714324951172,
  "summary_fg_k": 0.34051062523533915,
  "summary_fg_mad": 140.64007718392577,
  "summary_fg_mean": 399.3180236816406,
  "summary_fg_median": 374.7867736816406,
  "summary_fg_n": 32969.0,
  "summary_fg_p05": 212.09559631347656,
  "summary_fg_p95": 671.5573364257812,
  "summary_fg_stdv": 143.16192626953125,
  "tsnr": 67.22962980670854
}