{
  "aor": 0.011541030303030303,
  "aqi": 0.007590614363636363,
  "bids_meta": {
    "AcquisitionMatrixPE": 70,
    "AcquisitionNumber": 1,
    "AcquisitionTime": "16:03:40.725000",
    "BandwidthPerPixelPhaseEncode": 29.155,
    "BaseResolution": 70,
    "BodyPartExamined": "BRAIN",
    "ConsistencyInfo": "N4_VE11C_LATEST_20160120",
    "ConversionSoftware": "dcm2niix",
    "ConversionSoftwareVersion": "v1.0.20181125  (JP2:OpenJPEG) (JP-LS:CharLS) GCC5.5.0",
    "DerivedVendorReportedEchoSpacing": 0.000489992,
    "DeviceSerialNumber": "167012",
    "DwellTime": 3e-06,
    "EchoTime": 0.03,
    "EchoTrainLength": 70,
    "EffectiveEchoSpacing": 0.000489992,
    "FlipAngle": 90,
    "ImageOrientationPatientDICOM": [
      0.999429,
      -0.00162887,
      0.0337427,
      0.00226763,
      0.999819,
      -0.0189006
    ],
    "ImageType": [
      "ORIGINAL",
      "PRIMARY",
      "M",
      "ND",
      "MOSAIC"
    ],
    "ImagingFrequency": 123.253,
    "InPlanePhaseEncodingDirectionDICOM": "COL",
    "InstitutionAddress": "Vassar_Street_43_Cambridge_Boston_US_02139",
    "InstitutionName": "MIT",
    "InstitutionalDepartmentName": "Department",
    "MRAcquisitionType": "2D",
    "MagneticFieldStrength": 3,
    "Manufacturer": "Siemens",
    "ManufacturersModelName": "Prisma_fit",
    "Modality": "MR",
    "PartialFourier": 1,
    "PatientPosition": "HFS",
    "PercentPhaseFOV": 100,
    "PhaseEncodingDirection": "j-",
    "PhaseEncodingSteps": 70,
    "PhaseResolution": 1,
    "PixelBandwidth": 2380,
    "ProcedureStepDescription": "Young_Minjae",
    "ProtocolName": "TPS_RUN4",
    "PulseSequenceDetails": "%SiemensSeq%_ep2d_pace",
    "ReceiveCoilActiveElements": "HEA;HEP",
    "ReceiveCoilName": "Head_32",
    "ReconMatrixPE": 70,
    "RepetitionTime": 2,
    "SAR": 0.0982119,
    "ScanOptions": "FS",
    "ScanningSequence": "EP",
    "SequenceName": "_epfid2d1_70",
    "SequenceVariant": "SK",
    "SeriesDescription": "TPS_RUN4",
    "SeriesNumber": 17,
    "ShimSetting": [
      -5605,
      -1530,
      3146,
      454,
      18,
      24,
      -87,
      8
    ],
    "SliceThickness": 3,
    "SliceTiming": [
      0,
      0.0625,
      0.125,
      0.1875,
      0.2475,
      0.31,
      0.3725,
      0.435,
      0.495,
      0.5575,
      0.62,
      0.6825,
      0.7425,
      0.805,
      0.8675,
      0.93,
      0.99,
      1.0525,
      1.115,
      1.1775,
      1.2375,
      1.3,
      1.3625,
      1.425,
      1.485,
      1.5475,
      1.61,
      1.6725,
      1.7325,
      1.795,
      1.8575,
      1.92
    ],
    "SoftwareVersions": "syngo_MR_E11",
    "SpacingBetweenSlices": 3.6,
    "StationName": "MRC35115",
    "TaskName": "tps",
    "TotalReadoutTime": 0.0338094,
    "TxRefAmp": 247.815,
    "dataset": "ds002793",
    "modality": "bold",
    "run_id": 4,
    "subject_id": "01",
    "task_id": "tps"
  },
  "dummy_trs": 0,
  "dvars_nstd": 33.130490314573166,
  "dvars_std": 1.3202620770731706,
  "dvars_vstd": 1.0550800459756096,
  "efc": 0.5883915275549715,
  "fber": 304.10394287109375,
  "fd_mean": 0.328478783950096,
  "fd_num": 77,
  "fd_perc": 46.666666666666664,
  "fwhm_avg": 2.6460114457198736,
  "fwhm_x": 2.4366666666666665,
  "fwhm_y": 2.8014566666666667,
  "fwhm_z": 2.699911003826287,
  "gcor": 0.0477213,
  "gsr_x": -0.009524327702820301,
  "gsr_y": 0.08151315152645111,
  "provenance": {
    "md5sum": "f380aa9b8714a59cef715c2b85ad16f0",
    "settings": {
      "fd_thres": 0.2,
      "testing": false
    },
    "software": "mriqc",
    "version": "22.0.6",
    "webapi_port": null,
    "webapi_url": "https://mriqc.nimh.nih.gov/api/v1"
  },
  "size_t": 165,
  "size_x": 70,
  "size_y": 70,
  "size_z": 32,
  "snr": 2.6047388166020213,
  "spacing_tr": 2.0,
  "spacing_x": 3.0,
  "spacing_y": 3.0,
  "spacing_z": 3.6000001430511475,
  "summary_bg_k": 18.162001320552342,
  "summary_bg_mad": 6.271856332048261,
  "summary_bg_mean": 46.02408218383789,
  "summary_bg_median": 21.12727165222168,
  "summary_bg_n": 87174.0,
  "summary_bg_p05": 16.521211624145508,
  "summary_bg_p95": 187.1639282226561,
  "summary_bg_stdv": 67.45621490478516,
  "summary_fg_k": 0.2511633094503196,
  "summary_fg_mad": 142.54545269130213,
  "summary_fg_mean": 399.9782409667969,
  "summary_fg_median": 376.1151428222656,
  "summary_fg_n": 33233.0,
  "summary_fg_p05": 209.95635375976562,
  "summary_fg_p95": 672.2169433593748,
  "summary_fg_stdv": 144.39431762695312,
  "tsnr": 54.702213833341375
}