{
  "aor": 0.011468181818181817,
  "aqi": 0.003990566242424242,
  "bids_meta": {
    "AcquisitionMatrixPE": 70,
    "AcquisitionNumber": 1,
    "AcquisitionTime": "16:28:14.380000",
    "BandwidthPerPixelPhaseEncode": 29.155,
    "BaseResolution": 70,
    "BodyPartExamined": "BRAIN",
    "ConsistencyInfo": "N4_VE11C_LATEST_20160120",
    "ConversionSoftware": "dcm2niix",
    "ConversionSoftwareVersion": "v1.0.20181125  (JP2:OpenJPEG) (JP-LS:CharLS) GCC5.5.0",
    "DerivedVendorReportedEchoSpacing": 0.000489992,
    "DeviceSerialNumber": "167012",
    "DwellTime": 3e-06,
    "EchoTime": 0.03,
    "EchoTrainLength": 70,
    "EffectiveEchoSpacing": 0.000489992,
    "FlipAngle": 90,
    "ImageOrientationPatientDICOM": [
      0.999429,
      -0.00162887,
      0.0337427,
      0.00226763,
      0.999819,
      -0.0189006
    ],
    "ImageType": [
      "ORIGINAL",
      "PRIMARY",
      "M",
      "ND",
      "MOSAIC"
    ],
    "ImagingFrequency": 123.253,
    "InPlanePhaseEncodingDirectionDICOM": "COL",
    "InstitutionAddress": "Vassar_Street_43_Cambridge_Boston_US_02139",
    "InstitutionName": "MIT",
    "InstitutionalDepartmentName": "Department",
    "MRAcquisitionType": "2D",
    "MagneticFieldStrength": 3,
    "Manufacturer": "Siemens",
    "ManufacturersModelName": "Prisma_fit",
    "Modality": "MR",
    "PartialFourier": 1,
    "PatientPosition": "HFS",
    "PercentPhaseFOV": 100,
    "PhaseEncodingDirection": "j-",
    "PhaseEncodingSteps": 70,
    "PhaseResolution": 1,
    "PixelBandwidth": 2380,
    "ProcedureStepDescription": "Young_Minjae",
    "ProtocolName": "TPS_RUN7Real",
    "PulseSequenceDetails": "%SiemensSeq%_ep2d_pace",
    "ReceiveCoilActiveElements": "HEA;HEP",
    "ReceiveCoilName": "Head_32",
    "ReconMatrixPE": 70,
    "RepetitionTime": 2,
    "SAR": 0.0982119,
    "ScanOptions": "FS",
    "ScanningSequence": "EP",
    "SequenceName": "_epfid2d1_70",
    "SequenceVariant": "SK",
    "SeriesDescription": "TPS_RUN7Real",
    "SeriesNumber": 25,
    "ShimSetting": [
      -5605,
      -1530,
      3146,
      454,
      18,
      24,
      -87,
      8
    ],
    "SliceThickness": 3,
    "SliceTiming": [
      0,
      0.06,
      0.1225,
      0.185,
      0.2475,
      0.3075,
      0.37,
      0.4325,
      0.495,
      0.555,
      0.6175,
      0.68,
      0.7425,
      0.8025,
      0.865,
      0.9275,
      0.99,
      1.05,
      1.1125,
      1.175,
      1.2375,
      1.2975,
      1.36,
      1.4225,
      1.485,
      1.545,
      1.6075,
      1.67,
      1.7325,
      1.7925,
      1.855,
      1.9175
    ],
    "SoftwareVersions": "syngo_MR_E11",
    "SpacingBetweenSlices": 3.6,
    "StationName": "MRC35115",
    "TaskName": "tps",
    "TotalReadoutTime": 0.0338094,
    "TxRefAmp": 247.815,
    "dataset": "ds002793",
    "modality": "bold",
    "run_id": 7,
    "subject_id": "01",
    "task_id": "tps"
  },
  "dummy_trs": 0,
  "dvars_nstd": 34.17493598060975,
  "dvars_std": 1.5974874581707315,
  "dvars_vstd": 1.09425744695122,
  "efc": 0.5873170918808026,
  "fber": 308.908203125,
  "fd_mean": 0.23684636048561405,
  "fd_num": 55,
  "fd_perc": 33.333333333333336,
  "fwhm_avg": 2.643258668389903,
  "fwhm_x": 2.4551666666666665,
  "fwhm_y": 2.8085066666666667,
  "fwhm_z": 2.666102671836376,
  "gcor": 0.0502214,
  "gsr_x": -0.0003332766646053642,
  "gsr_y": 0.0647357776761055,
  "provenance": {
    "md5sum": "bfb46b23c2c39bdf55d89c98c821e9cc",
    "settings": {
      "fd_thres": 0.2,
      "testing": false
    },
    "software": "mriqc",
    "version": "22.0.6",
    "webapi_port": null,
    "webapi_url": "https://mriqc.nimh.nih.gov/api/v1"
  },
  "size_t": 165,
  "size_x": 70,
  "size_y": 70,
  "size_z": 32,
  "snr": 2.6254026951152505,
  "spacing_tr": 2.0,
  "spacing_x": 3.0,
  "spacing_y": 3.0,
  "spacing_z": 3.6000001430511475,
  "summary_bg_k": 18.69265411617069,
  "summary_bg_mad": 5.9483797928658735,
  "summary_bg_mean": 44.54294204711914,
  "summary_bg_median": 20.88484764099121,
  "summary_bg_n": 86958.0,
  "summary_bg_p05": 16.527271270751953,
  "summary_bg_p95": 180.6936309814452,
  "summary_bg_stdv": 63.98399353027344,
  "summary_fg_k": 0.2548738295975501,
  "summary_fg_mad": 141.72777729784409,
  "summary_fg_mean": 400.07745361328125,
  "summary_fg_median": 376.066650390625,
  "summary_fg_n": 33125.0,
  "summary_fg_p05": 211.66302185058595,
  "summary_fg_p95": 672.138134765625,
  "summary_fg_stdv": 143.23934936523438,
  "tsnr": 68.25772804580629
}