{
  "aor": 0.0044765185185185186,
  "aqi": 0.003108730444444444,
  "bids_meta": {
    "AcquisitionMatrixPE": 70,
    "AcquisitionNumber": 1,
    "AcquisitionTime": "16:55:51.417500",
    "BandwidthPerPixelPhaseEncode": 29.155,
    "BaseResolution": 70,
    "BodyPartExamined": "BRAIN",
    "ConsistencyInfo": "N4_VE11C_LATEST_20160120",
    "ConversionSoftware": "dcm2niix",
    "ConversionSoftwareVersion": "v1.0.20181125  (JP2:OpenJPEG) (JP-LS:CharLS) GCC5.5.0",
    "DerivedVendorReportedEchoSpacing": 0.000489992,
    "DeviceSerialNumber": "167012",
    "DwellTime": 3e-06,
    "EchoTime": 0.03,
    "EchoTrainLength": 70,
    "EffectiveEchoSpacing": 0.000489992,
    "FlipAngle": 90,
    "ImageOrientationPatientDICOM": [
      0.999429,
      -0.00162887,
      0.0337427,
      0.00226763,
      0.999819,
      -0.0189006
    ],
    "ImageType": [
      "ORIGINAL",
      "PRIMARY",
      "M",
      "ND",
      "MOSAIC"
    ],
    "ImagingFrequency": 123.253,
    "InPlanePhaseEncodingDirectionDICOM": "COL",
    "InstitutionAddress": "Vassar_Street_43_Cambridge_Boston_US_02139",
    "InstitutionName": "MIT",
    "InstitutionalDepartmentName": "Department",
    "MRAcquisitionType": "2D",
    "MagneticFieldStrength": 3,
    "Manufacturer": "Siemens",
    "ManufacturersModelName": "Prisma_fit",
    "Modality": "MR",
    "PartialFourier": 1,
    "PatientPosition": "HFS",
    "PercentPhaseFOV": 100,
    "PhaseEncodingDirection": "j-",
    "PhaseEncodingSteps": 70,
    "PhaseResolution": 1,
    "PixelBandwidth": 2380,
    "ProcedureStepDescription": "Young_Minjae",
    "ProtocolName": "tom_localizer_run1",
    "PulseSequenceDetails": "%SiemensSeq%_ep2d_pace",
    "ReceiveCoilActiveElements": "HEA;HEP",
    "ReceiveCoilName": "Head_32",
    "ReconMatrixPE": 70,
    "RepetitionTime": 2,
    "SAR": 0.0981197,
    "ScanOptions": "FS",
    "ScanningSequence": "EP",
    "SequenceName": "_epfid2d1_70",
    "SequenceVariant": "SK",
    "SeriesDescription": "tom_localizer_run1",
    "SeriesNumber": 33,
    "ShimSetting": [
      -5605,
      -1530,
      3146,
      454,
      18,
      24,
      -87,
      8
    ],
    "SliceThickness": 3,
    "SliceTiming": [
      0,
      0.0625,
      0.125,
      0.1875,
      0.2475,
      0.31,
      0.3725,
      0.435,
      0.495,
      0.5575,
      0.62,
      0.6825,
      0.7425,
      0.805,
      0.8675,
      0.93,
      0.99,
      1.0525,
      1.115,
      1.1775,
      1.2375,
      1.3,
      1.3625,
      1.425,
      1.485,
      1.5475,
      1.61,
      1.6725,
      1.7325,
      1.795,
      1.8575,
      1.92
    ],
    "SoftwareVersions": "syngo_MR_E11",
    "SpacingBetweenSlices": 3.6,
    "StationName": "MRC35115",
    "TaskName": "tom",
    "TotalReadoutTime": 0.0338094,
    "TxRefAmp": 247.815,
    "dataset": "ds002793",
    "modality": "bold",
    "run_id": 1,
    "subject_id": "01",
    "task_id": "tom"
  },
  "dummy_trs": 1,
  "dvars_nstd": 21.88509751776121,
  "dvars_std": 1.19402957238806,
  "dvars_vstd": 1.0093395938059702,
  "efc": 0.5871828325182463,
  "fber": 308.2892761230469,
  "fd_mean": 0.17048709528907674,
  "fd_num": 31,
  "fd_perc": 22.962962962962962,
  "fwhm_avg": 2.661815519589452,
  "fwhm_x": 2.45726,
  "fwhm_y": 2.812836666666667,
  "fwhm_z": 2.715349892101689,
  "gcor": 0.0314789,
  "gsr_x": -0.0019407157087698579,
  "gsr_y": 0.07510655373334885,
  "provenance": {
    "md5sum": "34d222486b247e1a35434f7e3b2b2a77",
    "settings": {
      "fd_thres": 0.2,
      "testing": false
    },
    "software": "mriqc",
    "version": "22.0.6",
    "webapi_port": null,
    "webapi_url": "https://mriqc.nimh.nih.gov/api/v1"
  },
  "size_t": 135,
  "size_x": 70,
  "size_y": 70,
  "size_z": 32,
  "snr": 2.6089665354582974,
  "spacing_tr": 2.0,
  "spacing_x": 3.0,
  "spacing_y": 3.0,
  "spacing_z": 3.6000001430511475,
  "summary_bg_k": 17.16623154671765,
  "summary_bg_mad": 6.06219466959472,
  "summary_bg_mean": 45.9088249206543,
  "summary_bg_median": 20.955554962158203,
  "summary_bg_n": 87751.0,
  "summary_bg_p05": 16.525924682617188,
  "summary_bg_p95": 187.40370178222656,
  "summary_bg_stdv": 66.99401092529297,
  "summary_fg_k": 0.31747459145371204,
  "summary_fg_mad": 141.0833240294333,
  "summary_fg_mean": 399.1170349121094,
  "summary_fg_median": 374.31109619140625,
  "summary_fg_n": 32894.0,
  "summary_fg_p05": 211.25184631347656,
  "summary_fg_p95": 672.013687133789,
  "summary_fg_stdv": 143.46884155273438,
  "tsnr": 80.51588646392338
}