{
  "aor": 0.012717818181818183,
  "aqi": 0.004541845272727272,
  "bids_meta": {
    "AcquisitionMatrixPE": 70,
    "AcquisitionNumber": 1,
    "AcquisitionTime": "15:56:4.522500",
    "BandwidthPerPixelPhaseEncode": 29.155,
    "BaseResolution": 70,
    "BodyPartExamined": "BRAIN",
    "ConsistencyInfo": "N4_VE11C_LATEST_20160120",
    "ConversionSoftware": "dcm2niix",
    "ConversionSoftwareVersion": "v1.0.20181125  (JP2:OpenJPEG) (JP-LS:CharLS) GCC5.5.0",
    "DerivedVendorReportedEchoSpacing": 0.000489992,
    "DeviceSerialNumber": "167012",
    "DwellTime": 3e-06,
    "EchoTime": 0.03,
    "EchoTrainLength": 70,
    "EffectiveEchoSpacing": 0.000489992,
    "FlipAngle": 90,
    "ImageOrientationPatientDICOM": [
      0.999612,
      0.0191046,
      0.0202531,
      -0.0181464,
      0.998754,
      -0.0464812
    ],
    "ImageType": [
      "ORIGINAL",
      "PRIMARY",
      "M",
      "ND",
      "MOSAIC"
    ],
    "ImagingFrequency": 123.253,
    "InPlanePhaseEncodingDirectionDICOM": "COL",
    "InstitutionAddress": "Vassar_Street_43_Cambridge_Boston_US_02139",
    "InstitutionName": "McGovern_Institute_for_Brain_Research_(3T1)",
    "InstitutionalDepartmentName": "Department",
    "MRAcquisitionType": "2D",
    "MagneticFieldStrength": 3,
    "Manufacturer": "Siemens",
    "ManufacturersModelName": "Prisma_fit",
    "Modality": "MR",
    "PartialFourier": 1,
    "PatientPosition": "HFS",
    "PercentPhaseFOV": 100,
    "PhaseEncodingDirection": "j-",
    "PhaseEncodingSteps": 70,
    "PhaseResolution": 1,
    "PixelBandwidth": 2380,
    "ProcedureStepDescription": "Young_Minjae",
    "ProtocolName": "TPS_RUN1",
    "PulseSequenceDetails": "%SiemensSeq%_ep2d_pace",
    "ReceiveCoilActiveElements": "HEA;HEP",
    "ReceiveCoilName": "Head_32",
    "ReconMatrixPE": 70,
    "RepetitionTime": 2,
    "SAR": 0.0896551,
    "ScanOptions": "FS",
    "ScanningSequence": "EP",
    "SequenceName": "_epfid2d1_70",
    "SequenceVariant": "SK",
    "SeriesDescription": "TPS_RUN1",
    "SeriesNumber": 15,
    "ShimSetting": [
      -5605,
      -1573,
      3194,
      559,
      24,
      -20,
      121,
      20
    ],
    "SliceThickness": 3,
    "SliceTiming": [
      0,
      0.0625,
      0.125,
      0.185,
      0.2475,
      0.31,
      0.3725,
      0.4325,
      0.495,
      0.5575,
      0.62,
      0.68,
      0.7425,
      0.805,
      0.8675,
      0.9275,
      0.99,
      1.0525,
      1.115,
      1.175,
      1.2375,
      1.3,
      1.3625,
      1.4225,
      1.485,
      1.5475,
      1.61,
      1.67,
      1.7325,
      1.795,
      1.8575,
      1.9175
    ],
    "SoftwareVersions": "syngo_MR_E11",
    "SpacingBetweenSlices": 3.6,
    "StationName": "MRC35115",
    "TaskName": "tps",
    "TotalReadoutTime": 0.0338094,
    "TxRefAmp": 231.376,
    "dataset": "ds002793",
    "modality": "bold",
    "run_id": 1,
    "subject_id": "08",
    "task_id": "tps"
  },
  "dummy_trs": 0,
  "dvars_nstd": 35.121560736524394,
  "dvars_std": 1.347176462865854,
  "dvars_vstd": 1.091547269390244,
  "efc": 0.5454326031260882,
  "fber": 371.1772155761719,
  "fd_mean": 0.37734161542765166,
  "fd_num": 131,
  "fd_perc": 79.39393939393939,
  "fwhm_avg": 2.746632986105068,
  "fwhm_x": 2.62601,
  "fwhm_y": 2.993133333333333,
  "fwhm_z": 2.62075562498187,
  "gcor": 0.0467899,
  "gsr_x": -0.016660602763295174,
  "gsr_y": 0.06445348262786865,
  "provenance": {
    "md5sum": "d047c98d70a9d11ec3abb9545c6ac856",
    "settings": {
      "fd_thres": 0.2,
      "testing": false
    },
    "software": "mriqc",
    "version": "22.0.6",
    "webapi_port": null,
    "webapi_url": "https://mriqc.nimh.nih.gov/api/v1"
  },
  "size_t": 165,
  "size_x": 70,
  "size_y": 70,
  "size_z": 32,
  "snr": 2.578851282266021,
  "spacing_tr": 2.0,
  "spacing_x": 3.0,
  "spacing_y": 3.0,
  "spacing_z": 3.5999999046325684,
  "summary_bg_k": 21.144448276178576,
  "summary_bg_mad": 7.107505472189088,
  "summary_bg_mean": 41.91933059692383,
  "summary_bg_median": 21.969696044921875,
  "summary_bg_n": 95044.0,
  "summary_bg_p05": 16.830303192138672,
  "summary_bg_p95": 148.12636260986324,
  "summary_bg_stdv": 53.23029708862305,
  "summary_fg_k": 0.17625808184046354,
  "summary_fg_mad": 166.30305830347183,
  "summary_fg_mean": 462.79638671875,
  "summary_fg_median": 432.7090759277344,
  "summary_fg_n": 27851.0,
  "summary_fg_p05": 238.7030258178711,
  "summary_fg_p95": 778.3484802246094,
  "summary_fg_stdv": 167.78839111328125,
  "tsnr": 55.13855731114745
}