{
  "aor": 0.00413962962962963,
  "aqi": 0.003475784148148148,
  "bids_meta": {
    "AcquisitionMatrixPE": 70,
    "AcquisitionNumber": 1,
    "AcquisitionTime": "15:49:33.892500",
    "BandwidthPerPixelPhaseEncode": 29.155,
    "BaseResolution": 70,
    "BodyPartExamined": "BRAIN",
    "ConsistencyInfo": "N4_VE11C_LATEST_20160120",
    "ConversionSoftware": "dcm2niix",
    "ConversionSoftwareVersion": "v1.0.20181125  (JP2:OpenJPEG) (JP-LS:CharLS) GCC5.5.0",
    "DerivedVendorReportedEchoSpacing": 0.000489992,
    "DeviceSerialNumber": "167012",
    "DwellTime": 3e-06,
    "EchoTime": 0.03,
    "EchoTrainLength": 70,
    "EffectiveEchoSpacing": 0.000489992,
    "FlipAngle": 90,
    "ImageOrientationPatientDICOM": [
      0.999612,
      0.0191046,
      0.0202531,
      -0.0181464,
      0.998754,
      -0.0464812
    ],
    "ImageType": [
      "ORIGINAL",
      "PRIMARY",
      "M",
      "ND",
      "MOSAIC"
    ],
    "ImagingFrequency": 123.253,
    "InPlanePhaseEncodingDirectionDICOM": "COL",
    "InstitutionAddress": "Vassar_Street_43_Cambridge_Boston_US_02139",
    "InstitutionName": "McGovern_Institute_for_Brain_Research_(3T1)",
    "InstitutionalDepartmentName": "Department",
    "MRAcquisitionType": "2D",
    "MagneticFieldStrength": 3,
    "Manufacturer": "Siemens",
    "ManufacturersModelName": "Prisma_fit",
    "Modality": "MR",
    "PartialFourier": 1,
    "PatientPosition": "HFS",
    "PercentPhaseFOV": 100,
    "PhaseEncodingDirection": "j-",
    "PhaseEncodingSteps": 70,
    "PhaseResolution": 1,
    "PixelBandwidth": 2380,
    "ProcedureStepDescription": "Young_Minjae",
    "ProtocolName": "TOM_RUN2",
    "PulseSequenceDetails": "%SiemensSeq%_ep2d_pace",
    "ReceiveCoilActiveElements": "HEA;HEP",
    "ReceiveCoilName": "Head_32",
    "ReconMatrixPE": 70,
    "RepetitionTime": 2,
    "SAR": 0.0895709,
    "ScanOptions": "FS",
    "ScanningSequence": "EP",
    "SequenceName": "_epfid2d1_70",
    "SequenceVariant": "SK",
    "SeriesDescription": "TOM_RUN2",
    "SeriesNumber": 13,
    "ShimSetting": [
      -5605,
      -1573,
      3194,
      559,
      24,
      -20,
      121,
      20
    ],
    "SliceThickness": 3,
    "SliceTiming": [
      0,
      0.0625,
      0.125,
      0.185,
      0.2475,
      0.31,
      0.3725,
      0.4325,
      0.495,
      0.5575,
      0.62,
      0.68,
      0.7425,
      0.805,
      0.8675,
      0.9275,
      0.99,
      1.0525,
      1.115,
      1.175,
      1.2375,
      1.3,
      1.3625,
      1.4225,
      1.485,
      1.5475,
      1.61,
      1.67,
      1.7325,
      1.795,
      1.8575,
      1.9175
    ],
    "SoftwareVersions": "syngo_MR_E11",
    "SpacingBetweenSlices": 3.6,
    "StationName": "MRC35115",
    "TaskName": "tom",
    "TotalReadoutTime": 0.0338094,
    "TxRefAmp": 231.376,
    "dataset": "ds002793",
    "modality": "bold",
    "run_id": 2,
    "subject_id": "08",
    "task_id": "tom"
  },
  "dummy_trs": 1,
  "dvars_nstd": 30.12877400261193,
  "dvars_std": 1.2766741073134327,
  "dvars_vstd": 1.022969115298507,
  "efc": 0.5448660853091138,
  "fber": 377.5589904785156,
  "fd_mean": 0.30596824558382535,
  "fd_num": 92,
  "fd_perc": 68.14814814814815,
  "fwhm_avg": 2.720422615487939,
  "fwhm_x": 2.61979,
  "fwhm_y": 2.9486666666666665,
  "fwhm_z": 2.592811179797151,
  "gcor": 0.0291478,
  "gsr_x": -0.015898406505584717,
  "gsr_y": 0.06366372108459473,
  "provenance": {
    "md5sum": "dfdbd3f132db6745ada121500daea84c",
    "settings": {
      "fd_thres": 0.2,
      "testing": false
    },
    "software": "mriqc",
    "version": "22.0.6",
    "webapi_port": null,
    "webapi_url": "https://mriqc.nimh.nih.gov/api/v1"
  },
  "size_t": 135,
  "size_x": 70,
  "size_y": 70,
  "size_z": 32,
  "snr": 2.580038973221673,
  "spacing_tr": 2.0,
  "spacing_x": 3.0,
  "spacing_y": 3.0,
  "spacing_z": 3.5999999046325684,
  "summary_bg_k": 21.70160888271416,
  "summary_bg_mad": 6.841934598649131,
  "summary_bg_mean": 41.40096664428711,
  "summary_bg_median": 21.688888549804688,
  "summary_bg_n": 95012.0,
  "summary_bg_p05": 16.72592544555664,
  "summary_bg_p95": 147.25851364135738,
  "summary_bg_stdv": 52.733097076416016,
  "summary_fg_k": 0.1788139863789282,
  "summary_fg_mad": 165.41446070000683,
  "summary_fg_mean": 460.60009765625,
  "summary_fg_median": 430.17034912109375,
  "summary_fg_n": 27912.0,
  "summary_fg_p05": 237.7585174560547,
  "summary_fg_p95": 772.198501586914,
  "summary_fg_stdv": 166.72718811035156,
  "tsnr": 68.2830646848306
}