{
  "aor": 0.008105272727272727,
  "aqi": 0.005969116181818182,
  "bids_meta": {
    "AcquisitionMatrixPE": 70,
    "AcquisitionNumber": 1,
    "AcquisitionTime": "16:27:44.832500",
    "BandwidthPerPixelPhaseEncode": 29.155,
    "BaseResolution": 70,
    "BodyPartExamined": "BRAIN",
    "ConsistencyInfo": "N4_VE11C_LATEST_20160120",
    "ConversionSoftware": "dcm2niix",
    "ConversionSoftwareVersion": "v1.0.20181125  (JP2:OpenJPEG) (JP-LS:CharLS) GCC5.5.0",
    "DerivedVendorReportedEchoSpacing": 0.000489992,
    "DeviceSerialNumber": "167012",
    "DwellTime": 3e-06,
    "EchoTime": 0.03,
    "EchoTrainLength": 70,
    "EffectiveEchoSpacing": 0.000489992,
    "FlipAngle": 90,
    "ImageOrientationPatientDICOM": [
      0.999612,
      0.0191046,
      0.0202531,
      -0.0181464,
      0.998754,
      -0.0464812
    ],
    "ImageType": [
      "ORIGINAL",
      "PRIMARY",
      "M",
      "ND",
      "MOSAIC"
    ],
    "ImagingFrequency": 123.253,
    "InPlanePhaseEncodingDirectionDICOM": "COL",
    "InstitutionAddress": "Vassar_Street_43_Cambridge_Boston_US_02139",
    "InstitutionName": "McGovern_Institute_for_Brain_Research_(3T1)",
    "InstitutionalDepartmentName": "Department",
    "MRAcquisitionType": "2D",
    "MagneticFieldStrength": 3,
    "Manufacturer": "Siemens",
    "ManufacturersModelName": "Prisma_fit",
    "Modality": "MR",
    "PartialFourier": 1,
    "PatientPosition": "HFS",
    "PercentPhaseFOV": 100,
    "PhaseEncodingDirection": "j-",
    "PhaseEncodingSteps": 70,
    "PhaseResolution": 1,
    "PixelBandwidth": 2380,
    "ProcedureStepDescription": "Young_Minjae",
    "ProtocolName": "TPS_RUN6",
    "PulseSequenceDetails": "%SiemensSeq%_ep2d_pace",
    "ReceiveCoilActiveElements": "HEA;HEP",
    "ReceiveCoilName": "Head_32",
    "ReconMatrixPE": 70,
    "RepetitionTime": 2,
    "SAR": 0.0896551,
    "ScanOptions": "FS",
    "ScanningSequence": "EP",
    "SequenceName": "_epfid2d1_70",
    "SequenceVariant": "SK",
    "SeriesDescription": "TPS_RUN6",
    "SeriesNumber": 25,
    "ShimSetting": [
      -5605,
      -1573,
      3194,
      559,
      24,
      -20,
      121,
      20
    ],
    "SliceThickness": 3,
    "SliceTiming": [
      0,
      0.0625,
      0.125,
      0.185,
      0.2475,
      0.31,
      0.3725,
      0.4325,
      0.495,
      0.5575,
      0.62,
      0.68,
      0.7425,
      0.805,
      0.8675,
      0.9275,
      0.99,
      1.0525,
      1.115,
      1.175,
      1.2375,
      1.3,
      1.3625,
      1.4225,
      1.485,
      1.5475,
      1.61,
      1.67,
      1.7325,
      1.795,
      1.8575,
      1.9175
    ],
    "SoftwareVersions": "syngo_MR_E11",
    "SpacingBetweenSlices": 3.6,
    "StationName": "MRC35115",
    "TaskName": "tps",
    "TotalReadoutTime": 0.0338094,
    "TxRefAmp": 231.376,
    "dataset": "ds002793",
    "modality": "bold",
    "run_id": 6,
    "subject_id": "08",
    "task_id": "tps"
  },
  "dummy_trs": 0,
  "dvars_nstd": 40.6678476452439,
  "dvars_std": 1.2857232678658532,
  "dvars_vstd": 1.0353992042682925,
  "efc": 0.5479290541830937,
  "fber": 358.3675842285156,
  "fd_mean": 0.45324019441681723,
  "fd_num": 141,
  "fd_perc": 85.45454545454545,
  "fwhm_avg": 2.7407989120659715,
  "fwhm_x": 2.6348033333333336,
  "fwhm_y": 2.9628766666666664,
  "fwhm_z": 2.6247167361979153,
  "gcor": 0.10329,
  "gsr_x": -0.014404594898223877,
  "gsr_y": 0.062494825571775436,
  "provenance": {
    "md5sum": "576a525180ed0503daf920ca8653d3e4",
    "settings": {
      "fd_thres": 0.2,
      "testing": false
    },
    "software": "mriqc",
    "version": "22.0.6",
    "webapi_port": null,
    "webapi_url": "https://mriqc.nimh.nih.gov/api/v1"
  },
  "size_t": 165,
  "size_x": 70,
  "size_y": 70,
  "size_z": 32,
  "snr": 2.568660080457705,
  "spacing_tr": 2.0,
  "spacing_x": 3.0,
  "spacing_y": 3.0,
  "spacing_z": 3.5999999046325684,
  "summary_bg_k": 21.06966120671508,
  "summary_bg_mad": 7.475907894560484,
  "summary_bg_mean": 43.04715347290039,
  "summary_bg_median": 22.321210861206055,
  "summary_bg_n": 95319.0,
  "summary_bg_p05": 16.909090042114258,
  "summary_bg_p95": 153.54059600830067,
  "summary_bg_stdv": 55.04770278930664,
  "summary_fg_k": 0.3023450133911929,
  "summary_fg_mad": 164.81149749001798,
  "summary_fg_mean": 460.5643005371094,
  "summary_fg_median": 430.0181579589844,
  "summary_fg_n": 27779.0,
  "summary_fg_p05": 237.0533233642578,
  "summary_fg_p95": 773.9635986328124,
  "summary_fg_stdv": 167.40650939941406,
  "tsnr": 46.76197729539126
}