{
  "aor": 0.0022429696969696973,
  "aqi": 0.001347072593939394,
  "bids_meta": {
    "AcquisitionMatrixPE": 70,
    "AcquisitionNumber": 1,
    "AcquisitionTime": "14:25:32.290000",
    "BandwidthPerPixelPhaseEncode": 29.155,
    "BaseResolution": 70,
    "BodyPartExamined": "BRAIN",
    "ConsistencyInfo": "N4_VE11C_LATEST_20160120",
    "ConversionSoftware": "dcm2niix",
    "ConversionSoftwareVersion": "v1.0.20181125  (JP2:OpenJPEG) (JP-LS:CharLS) GCC5.5.0",
    "DerivedVendorReportedEchoSpacing": 0.000489992,
    "DeviceSerialNumber": "167012",
    "DwellTime": 3e-06,
    "EchoTime": 0.03,
    "EchoTrainLength": 70,
    "EffectiveEchoSpacing": 0.000489992,
    "FlipAngle": 90,
    "ImageOrientationPatientDICOM": [
      0.995097,
      -0.0207119,
      0.0967075,
      0.0163271,
      0.998812,
      0.0459136
    ],
    "ImageType": [
      "ORIGINAL",
      "PRIMARY",
      "M",
      "ND",
      "MOSAIC"
    ],
    "ImagingFrequency": 123.253,
    "InPlanePhaseEncodingDirectionDICOM": "COL",
    "InstitutionAddress": "Vassar_Street_43_Cambridge_Boston_US_02139",
    "InstitutionName": "McGovern_Institute_for_Brain_Research_(3T1)",
    "InstitutionalDepartmentName": "Department",
    "MRAcquisitionType": "2D",
    "MagneticFieldStrength": 3,
    "Manufacturer": "Siemens",
    "ManufacturersModelName": "Prisma_fit",
    "Modality": "MR",
    "PartialFourier": 1,
    "PatientPosition": "HFS",
    "PercentPhaseFOV": 100,
    "PhaseEncodingDirection": "j-",
    "PhaseEncodingSteps": 70,
    "PhaseResolution": 1,
    "PixelBandwidth": 2380,
    "ProcedureStepDescription": "Young_Minjae",
    "ProtocolName": "TPS_Run3",
    "PulseSequenceDetails": "%SiemensSeq%_ep2d_pace",
    "ReceiveCoilActiveElements": "HEA;HEP",
    "ReceiveCoilName": "Head_32",
    "ReconMatrixPE": 70,
    "RepetitionTime": 2,
    "SAR": 0.0990096,
    "ScanOptions": "FS",
    "ScanningSequence": "EP",
    "SequenceName": "_epfid2d1_70",
    "SequenceVariant": "SK",
    "SeriesDescription": "TPS_Run3",
    "SeriesNumber": 19,
    "ShimSetting": [
      -5579,
      -1541,
      3162,
      292,
      81,
      32,
      -195,
      -42
    ],
    "SliceThickness": 3,
    "SliceTiming": [
      0,
      0.0625,
      0.125,
      0.185,
      0.2475,
      0.31,
      0.3725,
      0.4325,
      0.495,
      0.5575,
      0.62,
      0.68,
      0.7425,
      0.805,
      0.8675,
      0.9275,
      0.99,
      1.0525,
      1.115,
      1.175,
      1.2375,
      1.3,
      1.3625,
      1.4225,
      1.485,
      1.5475,
      1.61,
      1.67,
      1.7325,
      1.795,
      1.8575,
      1.9175
    ],
    "SoftwareVersions": "syngo_MR_E11",
    "SpacingBetweenSlices": 3.6,
    "StationName": "MRC35115",
    "TaskName": "tps",
    "TotalReadoutTime": 0.0338094,
    "TxRefAmp": 237.475,
    "dataset": "ds002793",
    "modality": "bold",
    "run_id": 3,
    "subject_id": "10",
    "task_id": "tps"
  },
  "dummy_trs": 0,
  "dvars_nstd": 18.731809482073167,
  "dvars_std": 1.2379269146341463,
  "dvars_vstd": 1.0151561677439018,
  "efc": 0.5843268446807448,
  "fber": 370.02227783203125,
  "fd_mean": 0.09098690283209084,
  "fd_num": 3,
  "fd_perc": 1.8181818181818181,
  "fwhm_avg": 2.922944902756448,
  "fwhm_x": 2.76426,
  "fwhm_y": 3.1591299999999998,
  "fwhm_z": 2.845444708269344,
  "gcor": 0.0287794,
  "gsr_x": -0.018267204985022545,
  "gsr_y": 0.07202287018299103,
  "provenance": {
    "md5sum": "f1deac3bffc937926e9ce873d6ae51d7",
    "settings": {
      "fd_thres": 0.2,
      "testing": false
    },
    "software": "mriqc",
    "version": "22.0.6",
    "webapi_port": null,
    "webapi_url": "https://mriqc.nimh.nih.gov/api/v1"
  },
  "size_t": 165,
  "size_x": 70,
  "size_y": 70,
  "size_z": 32,
  "snr": 2.4089646004142105,
  "spacing_tr": 2.0,
  "spacing_x": 3.0,
  "spacing_y": 3.0,
  "spacing_z": 3.5999996662139893,
  "summary_bg_k": 22.7888297829176,
  "summary_bg_mad": 8.392424755577249,
  "summary_bg_mean": 49.138458251953125,
  "summary_bg_median": 23.490907669067383,
  "summary_bg_n": 82569.0,
  "summary_bg_p05": 17.327272415161133,
  "summary_bg_p95": 184.31757202148415,
  "summary_bg_stdv": 69.02985382080078,
  "summary_fg_k": 0.8116294585798638,
  "summary_fg_mad": 186.92470322946528,
  "summary_fg_mean": 512.002197265625,
  "summary_fg_median": 476.478759765625,
  "summary_fg_n": 35807.0,
  "summary_fg_p05": 255.35271759033205,
  "summary_fg_p95": 890.2236022949218,
  "summary_fg_stdv": 197.79124450683594,
  "tsnr": 99.51333753950894
}