{
  "aor": 0.0024255151515151516,
  "aqi": 0.001582995806060606,
  "bids_meta": {
    "AcquisitionMatrixPE": 70,
    "AcquisitionNumber": 1,
    "AcquisitionTime": "15:06:12.255000",
    "BandwidthPerPixelPhaseEncode": 29.155,
    "BaseResolution": 70,
    "BodyPartExamined": "BRAIN",
    "ConsistencyInfo": "N4_VE11C_LATEST_20160120",
    "ConversionSoftware": "dcm2niix",
    "ConversionSoftwareVersion": "v1.0.20181125  (JP2:OpenJPEG) (JP-LS:CharLS) GCC5.5.0",
    "DerivedVendorReportedEchoSpacing": 0.000489992,
    "DeviceSerialNumber": "167012",
    "DwellTime": 3e-06,
    "EchoTime": 0.03,
    "EchoTrainLength": 70,
    "EffectiveEchoSpacing": 0.000489992,
    "FlipAngle": 90,
    "ImageOrientationPatientDICOM": [
      0.995097,
      -0.0207119,
      0.0967075,
      0.0163271,
      0.998812,
      0.0459136
    ],
    "ImageType": [
      "ORIGINAL",
      "PRIMARY",
      "M",
      "ND",
      "MOSAIC"
    ],
    "ImagingFrequency": 123.253,
    "InPlanePhaseEncodingDirectionDICOM": "COL",
    "InstitutionAddress": "Vassar_Street_43_Cambridge_Boston_US_02139",
    "InstitutionName": "McGovern_Institute_for_Brain_Research_(3T1)",
    "InstitutionalDepartmentName": "Department",
    "MRAcquisitionType": "2D",
    "MagneticFieldStrength": 3,
    "Manufacturer": "Siemens",
    "ManufacturersModelName": "Prisma_fit",
    "Modality": "MR",
    "PartialFourier": 1,
    "PatientPosition": "HFS",
    "PercentPhaseFOV": 100,
    "PhaseEncodingDirection": "j-",
    "PhaseEncodingSteps": 70,
    "PhaseResolution": 1,
    "PixelBandwidth": 2380,
    "ProcedureStepDescription": "Young_Minjae",
    "ProtocolName": "TPS_Run9",
    "PulseSequenceDetails": "%SiemensSeq%_ep2d_pace",
    "ReceiveCoilActiveElements": "HEA;HEP",
    "ReceiveCoilName": "Head_32",
    "ReconMatrixPE": 70,
    "RepetitionTime": 2,
    "SAR": 0.0990096,
    "ScanOptions": "FS",
    "ScanningSequence": "EP",
    "SequenceName": "_epfid2d1_70",
    "SequenceVariant": "SK",
    "SeriesDescription": "TPS_Run9",
    "SeriesNumber": 31,
    "ShimSetting": [
      -5579,
      -1541,
      3162,
      292,
      81,
      32,
      -195,
      -42
    ],
    "SliceThickness": 3,
    "SliceTiming": [
      0,
      0.0625,
      0.125,
      0.185,
      0.2475,
      0.31,
      0.3725,
      0.4325,
      0.495,
      0.5575,
      0.62,
      0.68,
      0.7425,
      0.805,
      0.8675,
      0.9275,
      0.99,
      1.0525,
      1.115,
      1.175,
      1.2375,
      1.3,
      1.3625,
      1.4225,
      1.485,
      1.5475,
      1.61,
      1.67,
      1.7325,
      1.795,
      1.855,
      1.9175
    ],
    "SoftwareVersions": "syngo_MR_E11",
    "SpacingBetweenSlices": 3.6,
    "StationName": "MRC35115",
    "TaskName": "tps",
    "TotalReadoutTime": 0.0338094,
    "TxRefAmp": 237.475,
    "dataset": "ds002793",
    "modality": "bold",
    "run_id": 9,
    "subject_id": "10",
    "task_id": "tps"
  },
  "dummy_trs": 0,
  "dvars_nstd": 18.942303180792678,
  "dvars_std": 1.2227552299390243,
  "dvars_vstd": 1.0078193240853657,
  "efc": 0.5870117226972533,
  "fber": 362.12933349609375,
  "fd_mean": 0.09039076325386003,
  "fd_num": 7,
  "fd_perc": 4.242424242424242,
  "fwhm_avg": 2.9296082376170585,
  "fwhm_x": 2.7519633333333338,
  "fwhm_y": 3.142,
  "fwhm_z": 2.894861379517842,
  "gcor": 0.0239712,
  "gsr_x": -0.018607446923851967,
  "gsr_y": 0.07269930839538574,
  "provenance": {
    "md5sum": "d4d14e6ebbc757b32ab14bc6ae4eb505",
    "settings": {
      "fd_thres": 0.2,
      "testing": false
    },
    "software": "mriqc",
    "version": "22.0.6",
    "webapi_port": null,
    "webapi_url": "https://mriqc.nimh.nih.gov/api/v1"
  },
  "size_t": 165,
  "size_x": 70,
  "size_y": 70,
  "size_z": 32,
  "snr": 2.4331100138814206,
  "spacing_tr": 2.0,
  "spacing_x": 3.0,
  "spacing_y": 3.0,
  "spacing_z": 3.5999996662139893,
  "summary_bg_k": 21.254956117195118,
  "summary_bg_mad": 8.509237141979435,
  "summary_bg_mean": 49.778160095214844,
  "summary_bg_median": 23.66060447692871,
  "summary_bg_n": 82251.0,
  "summary_bg_p05": 17.399999618530273,
  "summary_bg_p95": 187.3575668334961,
  "summary_bg_stdv": 69.6530990600586,
  "summary_fg_k": 0.6127801398352153,
  "summary_fg_mad": 187.48176495170165,
  "summary_fg_mean": 510.782470703125,
  "summary_fg_median": 475.6151123046875,
  "summary_fg_n": 35868.0,
  "summary_fg_p05": 255.47575149536132,
  "summary_fg_p95": 884.0054168701172,
  "summary_fg_stdv": 195.47348022460938,
  "tsnr": 92.41911488678306
}