{
  "bids_meta": {
    "AcquisitionMatrixPE": 256,
    "AcquisitionNumber": 1,
    "AcquisitionTime": "12:13:36.755000",
    "BaseResolution": 256,
    "BodyPartExamined": "BRAIN",
    "ConsistencyInfo": "N4_VE11C_LATEST_20160120",
    "ConversionSoftware": "dcm2niix",
    "ConversionSoftwareVersion": "v1.0.20181125  (JP2:OpenJPEG) (JP-LS:CharLS) GCC5.5.0",
    "DeviceSerialNumber": "167012",
    "DwellTime": 3e-06,
    "EchoTime": 0.00169,
    "FlipAngle": 7,
    "ImageOrientationPatientDICOM": [
      -0.0291902,
      0.998529,
      0.045701,
      0.0202903,
      0.046303,
      -0.998721
    ],
    "ImageType": [
      "ORIGINAL",
      "PRIMARY",
      "OTHER",
      "ND",
      "NORM",
      "MEAN"
    ],
    "ImagingFrequency": 123.253,
    "InPlanePhaseEncodingDirectionDICOM": "ROW",
    "InstitutionAddress": "Vassar_Street_43_Cambridge_Boston_US_02139",
    "InstitutionName": "McGovern_Institute_for_Brain_Research_(3T1)",
    "InstitutionalDepartmentName": "Department",
    "InversionTime": 1.4,
    "MRAcquisitionType": "3D",
    "MagneticFieldStrength": 3,
    "Manufacturer": "Siemens",
    "ManufacturersModelName": "Prisma_fit",
    "Modality": "MR",
    "PartialFourier": 1,
    "PatientPosition": "HFS",
    "PercentPhaseFOV": 100,
    "PhaseEncodingSteps": 255,
    "PhaseResolution": 1,
    "PixelBandwidth": 650,
    "ProcedureStepDescription": "Young_Minjae",
    "ProtocolName": "T1w_MPRAGE_FourEcho_vNav",
    "PulseSequenceDetails": "%CustomerSeq%_tfl_mgh_epinav_ABCD",
    "ReceiveCoilActiveElements": "HEA;HEP",
    "ReceiveCoilName": "Head_32",
    "ReconMatrixPE": 256,
    "RepetitionTime": 2.53,
    "SAR": 0.0399682,
    "ScanOptions": "IR_WE",
    "ScanningSequence": "GR_IR",
    "SequenceName": "tfl3d4_16ns",
    "SequenceVariant": "SK_SP_MP",
    "SeriesDescription": "T1w_MPRAGE_FourEcho_vNav_RMS",
    "SeriesNumber": 10,
    "ShimSetting": [
      -5609,
      -1613,
      3161,
      321,
      -26,
      -138,
      -11,
      -8
    ],
    "SliceThickness": 1,
    "SoftwareVersions": "syngo_MR_E11",
    "StationName": "MRC35115",
    "TxRefAmp": 253.728,
    "WipMemBlock": "Prisma_epi_moco_navigator_ABCD_tfl.prot",
    "dataset": "ds002793",
    "modality": "T1w",
    "run_id": 1,
    "subject_id": "06"
  },
  "cjv": 0.37354600207656635,
  "cnr": 3.5017680101645765,
  "efc": 0.563719005241527,
  "fber": 23757.726671006945,
  "fwhm_avg": 3.88315,
  "fwhm_x": 4.0451,
  "fwhm_y": 3.84209,
  "fwhm_z": 3.76226,
  "icvs_csf": 0.2168938921247666,
  "icvs_gm": 0.4316897958526704,
  "icvs_wm": 0.351416312022563,
  "inu_med": 0.3654926121234894,
  "inu_range": 0.1276894003152847,
  "provenance": {
    "md5sum": "14379e3a14be029542fe17f92021fa9b",
    "settings": {
      "testing": false
    },
    "software": "mriqc",
    "version": "22.0.6",
    "warnings": {
      "large_rot_frame": true,
      "small_air_mask": false
    },
    "webapi_port": null,
    "webapi_url": "https://mriqc.nimh.nih.gov/api/v1"
  },
  "qi_1": 0.0,
  "qi_2": 0.002120409232541123,
  "rpve_csf": 24.24814357221134,
  "rpve_gm": 12.669391260239474,
  "rpve_wm": 17.60700821296561,
  "size_x": 176,
  "size_y": 256,
  "size_z": 256,
  "snr_csf": 2.7182026402945803,
  "snr_gm": 15.923903170091782,
  "snr_total": 16.108528185049057,
  "snr_wm": 29.68347874476081,
  "snrd_csf": 52.3826492682623,
  "snrd_gm": 125.24220699603353,
  "snrd_total": 112.11498162276935,
  "snrd_wm": 158.72008860401226,
  "spacing_x": 1.0,
  "spacing_y": 1.0,
  "spacing_z": 1.0,
  "summary_bg_k": 6.662868015799557,
  "summary_bg_mad": 4.127621133083792,
  "summary_bg_mean": 4.2040585321091175,
  "summary_bg_median": 2.784038146957755,
  "summary_bg_n": 2777276.0,
  "summary_bg_p05": 0.0,
  "summary_bg_p95": 17.045131511986256,
  "summary_bg_stdv": 6.144403919650352,
  "summary_csf_k": 0.8044329622554365,
  "summary_csf_mad": 88.6174986123296,
  "summary_csf_mean": 333.11473697434155,
  "summary_csf_median": 330.03162414208055,
  "summary_csf_n": 40176.0,
  "summary_csf_p05": 111.64087664475664,
  "summary_csf_p95": 545.8608671538532,
  "summary_csf_stdv": 121.41387544148493,
  "summary_gm_k": 0.4509053087594004,
  "summary_gm_mad": 46.526994677005746,
  "summary_gm_mean": 789.8638376393184,
  "summary_gm_median": 789.0759547948837,
  "summary_gm_n": 27529.0,
  "summary_gm_p05": 709.5509467739612,
  "summary_gm_p95": 872.3357405204325,
  "summary_gm_stdv": 49.55202342756351,
  "summary_wm_k": 0.36571325210901406,
  "summary_wm_mad": 32.26283457083863,
  "summary_wm_mean": 1000.3442928104809,
  "summary_wm_median": 999.999987738207,
  "summary_wm_n": 199335.0,
  "summary_wm_p05": 945.5692011099309,
  "summary_wm_p95": 1056.4572511129081,
  "summary_wm_stdv": 33.688688849226,
  "tpm_overlap_csf": 0.15498096907967288,
  "tpm_overlap_gm": 0.46774056611266657,
  "tpm_overlap_wm": 0.5055231016816046,
  "wm2max": 0.9162386339973624
}