{
  "bids_meta": {
    "AcquisitionMatrixPE": 256,
    "AcquisitionNumber": 1,
    "AcquisitionTime": "15:28:26.772500",
    "BaseResolution": 256,
    "BodyPartExamined": "BRAIN",
    "ConsistencyInfo": "N4_VE11C_LATEST_20160120",
    "ConversionSoftware": "dcm2niix",
    "ConversionSoftwareVersion": "v1.0.20181125  (JP2:OpenJPEG) (JP-LS:CharLS) GCC5.5.0",
    "DeviceSerialNumber": "167012",
    "DwellTime": 3e-06,
    "EchoTime": 0.00169,
    "FlipAngle": 7,
    "ImageOrientationPatientDICOM": [
      0.0145321,
      0.992937,
      0.117752,
      0.0922183,
      0.115932,
      -0.988967
    ],
    "ImageType": [
      "ORIGINAL",
      "PRIMARY",
      "OTHER",
      "ND",
      "NORM",
      "MEAN"
    ],
    "ImagingFrequency": 123.253,
    "InPlanePhaseEncodingDirectionDICOM": "ROW",
    "InstitutionAddress": "Vassar_Street_43_Cambridge_Boston_US_02139",
    "InstitutionName": "McGovern_Institute_for_Brain_Research_(3T1)",
    "InstitutionalDepartmentName": "Department",
    "InversionTime": 1.4,
    "MRAcquisitionType": "3D",
    "MagneticFieldStrength": 3,
    "Manufacturer": "Siemens",
    "ManufacturersModelName": "Prisma_fit",
    "Modality": "MR",
    "PartialFourier": 1,
    "PatientPosition": "HFS",
    "PercentPhaseFOV": 100,
    "PhaseEncodingSteps": 255,
    "PhaseResolution": 1,
    "PixelBandwidth": 650,
    "ProcedureStepDescription": "Young_Minjae",
    "ProtocolName": "T1w_MPRAGE_FourEcho_vNav",
    "PulseSequenceDetails": "%CustomerSeq%_tfl_mgh_epinav_ABCD",
    "ReceiveCoilActiveElements": "HEA;HEP",
    "ReceiveCoilName": "Head_32",
    "ReconMatrixPE": 256,
    "RepetitionTime": 2.53,
    "SAR": 0.0402315,
    "ScanOptions": "IR_WE",
    "ScanningSequence": "GR_IR",
    "SequenceName": "tfl3d4_16ns",
    "SequenceVariant": "SK_SP_MP",
    "SeriesDescription": "T1w_MPRAGE_FourEcho_vNav_RMS",
    "SeriesNumber": 10,
    "ShimSetting": [
      -5618,
      -1592,
      3195,
      408,
      -95,
      -112,
      112,
      2
    ],
    "SliceThickness": 1,
    "SoftwareVersions": "syngo_MR_E11",
    "StationName": "MRC35115",
    "TxRefAmp": 259.505,
    "WipMemBlock": "Prisma_epi_moco_navigator_ABCD_tfl.prot",
    "dataset": "ds002793",
    "modality": "T1w",
    "run_id": 1,
    "subject_id": "05"
  },
  "cjv": 0.358380242436026,
  "cnr": 3.4851288898655737,
  "efc": 0.5536626520072457,
  "fber": 23500.537587528073,
  "fwhm_avg": 3.81438,
  "fwhm_x": 3.8508,
  "fwhm_y": 3.9483,
  "fwhm_z": 3.64404,
  "icvs_csf": 0.20993580401765943,
  "icvs_gm": 0.42363095967953984,
  "icvs_wm": 0.3664332363028007,
  "inu_med": 0.3339338004589081,
  "inu_range": 0.11960816681385039,
  "provenance": {
    "md5sum": "36e783e25a63827f713a9cf7c7288145",
    "settings": {
      "testing": false
    },
    "software": "mriqc",
    "version": "22.0.6",
    "warnings": {
      "large_rot_frame": true,
      "small_air_mask": false
    },
    "webapi_port": null,
    "webapi_url": "https://mriqc.nimh.nih.gov/api/v1"
  },
  "qi_1": 0.0,
  "qi_2": 0.002241702602218977,
  "rpve_csf": 23.44226602255219,
  "rpve_gm": 12.05741266365136,
  "rpve_wm": 16.11265949546549,
  "size_x": 176,
  "size_y": 256,
  "size_z": 256,
  "snr_csf": 2.9700612669682513,
  "snr_gm": 15.943895069348123,
  "snr_total": 17.044378588434935,
  "snr_wm": 32.21917942898843,
  "snrd_csf": 48.59245173116661,
  "snrd_gm": 118.31244666884601,
  "snrd_total": 105.25571872113045,
  "snrd_wm": 148.86225776337872,
  "spacing_x": 1.0,
  "spacing_y": 1.0,
  "spacing_z": 1.0,
  "summary_bg_k": 11.92705681656372,
  "summary_bg_mad": 0.0,
  "summary_bg_mean": 3.0807965005128537,
  "summary_bg_median": 0.0,
  "summary_bg_n": 2625679.0,
  "summary_bg_p05": 0.0,
  "summary_bg_p95": 12.019858665764332,
  "summary_bg_stdv": 4.400956946529426,
  "summary_csf_k": 1.473380375107073,
  "summary_csf_mad": 69.97145669417908,
  "summary_csf_mean": 327.7268145581457,
  "summary_csf_median": 326.42559319734573,
  "summary_csf_n": 41999.0,
  "summary_csf_p05": 114.02584653012455,
  "summary_csf_p95": 516.6348315585404,
  "summary_csf_stdv": 109.90403150704077,
  "summary_gm_k": 0.7137274440934687,
  "summary_gm_mad": 44.492071909884736,
  "summary_gm_mean": 795.0376487070101,
  "summary_gm_median": 794.7779791019857,
  "summary_gm_n": 24736.0,
  "summary_gm_p05": 712.2017510691658,
  "summary_gm_p95": 878.2386114513502,
  "summary_gm_stdv": 49.8474124594154,
  "summary_wm_k": 0.5914819918643004,
  "summary_wm_mad": 29.05543878910758,
  "summary_wm_mean": 999.7342038607255,
  "summary_wm_median": 999.9999807365239,
  "summary_wm_n": 218022.0,
  "summary_wm_p05": 948.5035293959081,
  "summary_wm_p95": 1050.2703260928392,
  "summary_wm_stdv": 31.037341891074714,
  "tpm_overlap_csf": 0.1570187694175173,
  "tpm_overlap_gm": 0.45254862442001725,
  "tpm_overlap_wm": 0.5016203934528403,
  "wm2max": 0.9197138314785374
}