{
  "aor": 0.005501768292682927,
  "aqi": 0.004161848780487805,
  "bids_meta": {
    "AcquisitionMatrixPE": 70,
    "AcquisitionNumber": 1,
    "AcquisitionTime": "14:54:50.150000",
    "BandwidthPerPixelPhaseEncode": 29.155,
    "BaseResolution": 70,
    "BodyPartExamined": "BRAIN",
    "ConsistencyInfo": "N4_VE11C_LATEST_20160120",
    "ConversionSoftware": "dcm2niix",
    "ConversionSoftwareVersion": "v1.0.20181125  (JP2:OpenJPEG) (JP-LS:CharLS) GCC5.5.0",
    "DerivedVendorReportedEchoSpacing": 0.000489992,
    "DeviceSerialNumber": "167012",
    "DwellTime": 3e-06,
    "EchoTime": 0.03,
    "EchoTrainLength": 70,
    "EffectiveEchoSpacing": 0.000489992,
    "FlipAngle": 90,
    "ImageOrientationPatientDICOM": [
      0.999498,
      0.0315736,
      -0.00253263,
      -0.0310612,
      0.992657,
      0.116906
    ],
    "ImageType": [
      "ORIGINAL",
      "PRIMARY",
      "M",
      "ND",
      "MOSAIC"
    ],
    "ImagingFrequency": 123.253,
    "InPlanePhaseEncodingDirectionDICOM": "COL",
    "InstitutionAddress": "Vassar_Street_43_Cambridge_Boston_US_02139",
    "InstitutionName": "McGovern_Institute_for_Brain_Research_(3T1)",
    "InstitutionalDepartmentName": "Department",
    "MRAcquisitionType": "2D",
    "MagneticFieldStrength": 3,
    "Manufacturer": "Siemens",
    "ManufacturersModelName": "Prisma_fit",
    "Modality": "MR",
    "PartialFourier": 1,
    "PatientPosition": "HFS",
    "PercentPhaseFOV": 100,
    "PhaseEncodingDirection": "j-",
    "PhaseEncodingSteps": 70,
    "PhaseResolution": 1,
    "PixelBandwidth": 2380,
    "ProcedureStepDescription": "Young_Minjae",
    "ProtocolName": "TPS_run4",
    "PulseSequenceDetails": "%SiemensSeq%_ep2d_pace",
    "ReceiveCoilActiveElements": "HEA;HEP",
    "ReceiveCoilName": "Head_32",
    "ReconMatrixPE": 70,
    "RepetitionTime": 2,
    "SAR": 0.0871847,
    "ScanOptions": "FS",
    "ScanningSequence": "EP",
    "SequenceName": "_epfid2d1_70",
    "SequenceVariant": "SK",
    "SeriesDescription": "TPS_run4",
    "SeriesNumber": 31,
    "ShimSetting": [
      -5613,
      -1565,
      3101,
      362,
      17,
      46,
      12,
      -60
    ],
    "SliceThickness": 3,
    "SliceTiming": [
      0,
      0.06,
      0.1225,
      0.185,
      0.2475,
      0.3075,
      0.37,
      0.4325,
      0.495,
      0.555,
      0.6175,
      0.68,
      0.7425,
      0.8025,
      0.865,
      0.9275,
      0.99,
      1.05,
      1.1125,
      1.175,
      1.2375,
      1.2975,
      1.36,
      1.4225,
      1.485,
      1.545,
      1.6075,
      1.67,
      1.7325,
      1.7925,
      1.855,
      1.9175
    ],
    "SoftwareVersions": "syngo_MR_E11",
    "SpacingBetweenSlices": 3.6,
    "StationName": "MRC35115",
    "TaskName": "tps",
    "TotalReadoutTime": 0.0338094,
    "TxRefAmp": 233.005,
    "dataset": "ds002793",
    "modality": "bold",
    "run_id": 4,
    "subject_id": "25",
    "task_id": "tps"
  },
  "dummy_trs": 1,
  "dvars_nstd": 25.00267289736197,
  "dvars_std": 1.2321839560122694,
  "dvars_vstd": 0.9934908026993867,
  "efc": 0.5725627352528609,
  "fber": 335.22808837890625,
  "fd_mean": 0.2163513912851605,
  "fd_num": 59,
  "fd_perc": 35.97560975609756,
  "fwhm_avg": 2.8073592229585604,
  "fwhm_x": 2.6874266666666666,
  "fwhm_y": 2.99404,
  "fwhm_z": 2.740611002209014,
  "gcor": 0.0610658,
  "gsr_x": -0.004178285598754883,
  "gsr_y": 0.06177977845072746,
  "provenance": {
    "md5sum": "549194d28dfb59f2353ad87a78fa8568",
    "settings": {
      "fd_thres": 0.2,
      "testing": false
    },
    "software": "mriqc",
    "version": "22.0.6",
    "webapi_port": null,
    "webapi_url": "https://mriqc.nimh.nih.gov/api/v1"
  },
  "size_t": 164,
  "size_x": 70,
  "size_y": 70,
  "size_z": 32,
  "snr": 2.343304808554847,
  "spacing_tr": 2.0,
  "spacing_x": 3.0,
  "spacing_y": 3.0,
  "spacing_z": 3.6000001430511475,
  "summary_bg_k": 14.69734370479529,
  "summary_bg_mad": 9.781558401221627,
  "summary_bg_mean": 55.943748474121094,
  "summary_bg_median": 25.26219367980957,
  "summary_bg_n": 88777.0,
  "summary_bg_p05": 17.975608825683594,
  "summary_bg_p95": 230.68169860839836,
  "summary_bg_stdv": 80.13519287109375,
  "summary_fg_k": 0.3859113065309536,
  "summary_fg_mad": 199.06644984636696,
  "summary_fg_mean": 510.26104736328125,
  "summary_fg_median": 470.7621765136719,
  "summary_fg_n": 32527.0,
  "summary_fg_p05": 249.96889801025392,
  "summary_fg_p95": 884.3091003417967,
  "summary_fg_stdv": 200.8936004638672,
  "tsnr": 64.30288210976869
}