{
  "aor": 0.012411939393939394,
  "aqi": 0.012100309090909093,
  "bids_meta": {
    "AcquisitionMatrixPE": 70,
    "AcquisitionNumber": 1,
    "AcquisitionTime": "15:14:0.382500",
    "BandwidthPerPixelPhaseEncode": 29.155,
    "BaseResolution": 70,
    "BodyPartExamined": "BRAIN",
    "ConsistencyInfo": "N4_VE11C_LATEST_20160120",
    "ConversionSoftware": "dcm2niix",
    "ConversionSoftwareVersion": "v1.0.20181125  (JP2:OpenJPEG) (JP-LS:CharLS) GCC5.5.0",
    "DerivedVendorReportedEchoSpacing": 0.000489992,
    "DeviceSerialNumber": "167012",
    "DwellTime": 3e-06,
    "EchoTime": 0.03,
    "EchoTrainLength": 70,
    "EffectiveEchoSpacing": 0.000489992,
    "FlipAngle": 90,
    "ImageOrientationPatientDICOM": [
      0.999498,
      0.0315736,
      -0.00253263,
      -0.0310612,
      0.992657,
      0.116906
    ],
    "ImageType": [
      "ORIGINAL",
      "PRIMARY",
      "M",
      "ND",
      "MOSAIC"
    ],
    "ImagingFrequency": 123.253,
    "InPlanePhaseEncodingDirectionDICOM": "COL",
    "InstitutionAddress": "Vassar_Street_43_Cambridge_Boston_US_02139",
    "InstitutionName": "McGovern_Institute_for_Brain_Research_(3T1)",
    "InstitutionalDepartmentName": "Department",
    "MRAcquisitionType": "2D",
    "MagneticFieldStrength": 3,
    "Manufacturer": "Siemens",
    "ManufacturersModelName": "Prisma_fit",
    "Modality": "MR",
    "PartialFourier": 1,
    "PatientPosition": "HFS",
    "PercentPhaseFOV": 100,
    "PhaseEncodingDirection": "j-",
    "PhaseEncodingSteps": 70,
    "PhaseResolution": 1,
    "PixelBandwidth": 2380,
    "ProcedureStepDescription": "Young_Minjae",
    "ProtocolName": "TPS_run7",
    "PulseSequenceDetails": "%SiemensSeq%_ep2d_pace",
    "ReceiveCoilActiveElements": "HEA;HEP",
    "ReceiveCoilName": "Head_32",
    "ReconMatrixPE": 70,
    "RepetitionTime": 2,
    "SAR": 0.0871847,
    "ScanOptions": "FS",
    "ScanningSequence": "EP",
    "SequenceName": "_epfid2d1_70",
    "SequenceVariant": "SK",
    "SeriesDescription": "TPS_run7",
    "SeriesNumber": 37,
    "ShimSetting": [
      -5613,
      -1565,
      3101,
      362,
      17,
      46,
      12,
      -60
    ],
    "SliceThickness": 3,
    "SliceTiming": [
      0,
      0.0625,
      0.1225,
      0.185,
      0.2475,
      0.3075,
      0.37,
      0.4325,
      0.495,
      0.555,
      0.6175,
      0.68,
      0.7425,
      0.8025,
      0.865,
      0.9275,
      0.99,
      1.05,
      1.1125,
      1.175,
      1.2375,
      1.2975,
      1.36,
      1.4225,
      1.485,
      1.545,
      1.6075,
      1.67,
      1.7325,
      1.7925,
      1.855,
      1.9175
    ],
    "SoftwareVersions": "syngo_MR_E11",
    "SpacingBetweenSlices": 3.6,
    "StationName": "MRC35115",
    "TaskName": "tps",
    "TotalReadoutTime": 0.0338094,
    "TxRefAmp": 233.005,
    "dataset": "ds002793",
    "modality": "bold",
    "run_id": 7,
    "subject_id": "25",
    "task_id": "tps"
  },
  "dummy_trs": 0,
  "dvars_nstd": 48.49093401158536,
  "dvars_std": 1.2729575161585363,
  "dvars_vstd": 1.0452873603658543,
  "efc": 0.573478945881714,
  "fber": 323.76666259765625,
  "fd_mean": 0.7833268071668714,
  "fd_num": 126,
  "fd_perc": 76.36363636363636,
  "fwhm_avg": 2.8067416302578336,
  "fwhm_x": 2.6648066666666668,
  "fwhm_y": 3.0066433333333333,
  "fwhm_z": 2.7487748907734995,
  "gcor": 0.0432981,
  "gsr_x": 0.0011169873178005219,
  "gsr_y": 0.0625443235039711,
  "provenance": {
    "md5sum": "e50d6dd55e7fbb972d7bcbefac4480bc",
    "settings": {
      "fd_thres": 0.2,
      "testing": false
    },
    "software": "mriqc",
    "version": "22.0.6",
    "webapi_port": null,
    "webapi_url": "https://mriqc.nimh.nih.gov/api/v1"
  },
  "size_t": 165,
  "size_x": 70,
  "size_y": 70,
  "size_z": 32,
  "snr": 2.36070884425828,
  "spacing_tr": 2.0,
  "spacing_x": 3.0,
  "spacing_y": 3.0,
  "spacing_z": 3.6000001430511475,
  "summary_bg_k": 15.298189895630188,
  "summary_bg_mad": 9.362860028803041,
  "summary_bg_mean": 54.986656188964844,
  "summary_bg_median": 24.92727279663086,
  "summary_bg_n": 88727.0,
  "summary_bg_p05": 17.89090919494629,
  "summary_bg_p95": 223.70302429199202,
  "summary_bg_stdv": 78.49954223632812,
  "summary_fg_k": 0.42382572956464504,
  "summary_fg_mad": 189.9348363775048,
  "summary_fg_mean": 496.2736511230469,
  "summary_fg_median": 457.61212158203125,
  "summary_fg_n": 32205.0,
  "summary_fg_p05": 246.31150512695314,
  "summary_fg_p95": 858.4933349609374,
  "summary_fg_stdv": 193.8422088623047,
  "tsnr": 35.097803455777466
}