{
  "aor": 0.01574169117647059,
  "aqi": 0.003259605683823529,
  "bids_meta": {
    "AcquisitionMatrixPE": 70,
    "AcquisitionNumber": 1,
    "AcquisitionTime": "14:14:26.592500",
    "BandwidthPerPixelPhaseEncode": 29.155,
    "BaseResolution": 70,
    "BodyPartExamined": "BRAIN",
    "ConsistencyInfo": "N4_VE11C_LATEST_20160120",
    "ConversionSoftware": "dcm2niix",
    "ConversionSoftwareVersion": "v1.0.20181125  (JP2:OpenJPEG) (JP-LS:CharLS) GCC5.5.0",
    "DerivedVendorReportedEchoSpacing": 0.000489992,
    "DeviceSerialNumber": "167012",
    "DwellTime": 3e-06,
    "EchoTime": 0.03,
    "EchoTrainLength": 70,
    "EffectiveEchoSpacing": 0.000489992,
    "FlipAngle": 90,
    "ImageOrientationPatientDICOM": [
      0.999583,
      0.0248464,
      -0.0147449,
      -0.0223346,
      0.988253,
      0.151185
    ],
    "ImageType": [
      "ORIGINAL",
      "PRIMARY",
      "M",
      "ND",
      "MOSAIC"
    ],
    "ImagingFrequency": 123.253,
    "InPlanePhaseEncodingDirectionDICOM": "COL",
    "InstitutionAddress": "Vassar_Street_43_Cambridge_Boston_US_02139",
    "InstitutionName": "McGovern_Institute_for_Brain_Research_(3T1)",
    "InstitutionalDepartmentName": "Department",
    "MRAcquisitionType": "2D",
    "MagneticFieldStrength": 3,
    "Manufacturer": "Siemens",
    "ManufacturersModelName": "Prisma_fit",
    "Modality": "MR",
    "PartialFourier": 1,
    "PatientPosition": "HFS",
    "PercentPhaseFOV": 100,
    "PhaseEncodingDirection": "j-",
    "PhaseEncodingSteps": 70,
    "PhaseResolution": 1,
    "PixelBandwidth": 2380,
    "ProcedureStepDescription": "Young_Minjae",
    "ProtocolName": "tom_localizer_run2",
    "PulseSequenceDetails": "%SiemensSeq%_ep2d_pace",
    "ReceiveCoilActiveElements": "HEA;HEP",
    "ReceiveCoilName": "Head_32",
    "ReconMatrixPE": 70,
    "RepetitionTime": 2,
    "SAR": 0.10836,
    "ScanOptions": "FS",
    "ScanningSequence": "EP",
    "SequenceName": "_epfid2d1_70",
    "SequenceVariant": "SK",
    "SeriesDescription": "tom_localizer_run2",
    "SeriesNumber": 13,
    "ShimSetting": [
      -5607,
      -1555,
      3180,
      358,
      21,
      72,
      38,
      -74
    ],
    "SliceThickness": 3,
    "SliceTiming": [
      0,
      0.0625,
      0.1225,
      0.185,
      0.2475,
      0.31,
      0.37,
      0.4325,
      0.495,
      0.5575,
      0.6175,
      0.68,
      0.7425,
      0.805,
      0.865,
      0.9275,
      0.99,
      1.0525,
      1.1125,
      1.175,
      1.2375,
      1.3,
      1.36,
      1.4225,
      1.485,
      1.5475,
      1.6075,
      1.67,
      1.7325,
      1.795,
      1.855,
      1.9175
    ],
    "SoftwareVersions": "syngo_MR_E11",
    "SpacingBetweenSlices": 3.6,
    "StationName": "MRC35115",
    "TaskName": "tom",
    "TotalReadoutTime": 0.0338094,
    "TxRefAmp": 245.061,
    "dataset": "ds002793",
    "modality": "bold",
    "run_id": 2,
    "subject_id": "25",
    "task_id": "tom"
  },
  "dummy_trs": 0,
  "dvars_nstd": 22.798361807037047,
  "dvars_std": 1.2491873082962963,
  "dvars_vstd": 1.0682966905925932,
  "efc": 0.5655366155369906,
  "fber": 352.6942138671875,
  "fd_mean": 0.2566564184352843,
  "fd_num": 30,
  "fd_perc": 22.058823529411764,
  "fwhm_avg": 2.8163895938124646,
  "fwhm_x": 2.71111,
  "fwhm_y": 3.0339533333333333,
  "fwhm_z": 2.7041054481040594,
  "gcor": 0.0683896,
  "gsr_x": -0.004480239003896713,
  "gsr_y": 0.057427871972322464,
  "provenance": {
    "md5sum": "d2435c2faaf11fb464ce68be562aaf4b",
    "settings": {
      "fd_thres": 0.2,
      "testing": false
    },
    "software": "mriqc",
    "version": "22.0.6",
    "webapi_port": null,
    "webapi_url": "https://mriqc.nimh.nih.gov/api/v1"
  },
  "size_t": 136,
  "size_x": 70,
  "size_y": 70,
  "size_z": 32,
  "snr": 2.367041307442532,
  "spacing_tr": 2.0,
  "spacing_x": 3.0,
  "spacing_y": 3.0,
  "spacing_z": 3.6000001430511475,
  "summary_bg_k": 15.85254140709922,
  "summary_bg_mad": 9.293517167053231,
  "summary_bg_mean": 52.23691177368164,
  "summary_bg_median": 24.54043960571289,
  "summary_bg_n": 89662.0,
  "summary_bg_p05": 17.647058486938477,
  "summary_bg_p95": 210.25809173583946,
  "summary_bg_stdv": 72.52943420410156,
  "summary_fg_k": 0.4008163818106052,
  "summary_fg_mad": 195.28922569452664,
  "summary_fg_mean": 504.7721252441406,
  "summary_fg_median": 466.625,
  "summary_fg_n": 31881.0,
  "summary_fg_p05": 248.4191131591797,
  "summary_fg_p95": 870.1617431640625,
  "summary_fg_stdv": 197.13119506835938,
  "tsnr": 66.84255606983788
}