{
  "aor": 0.018113939393939394,
  "aqi": 0.004443674303030303,
  "bids_meta": {
    "AcquisitionMatrixPE": 70,
    "AcquisitionNumber": 1,
    "AcquisitionTime": "14:21:6.227500",
    "BandwidthPerPixelPhaseEncode": 29.155,
    "BaseResolution": 70,
    "BodyPartExamined": "BRAIN",
    "ConsistencyInfo": "N4_VE11C_LATEST_20160120",
    "ConversionSoftware": "dcm2niix",
    "ConversionSoftwareVersion": "v1.0.20181125  (JP2:OpenJPEG) (JP-LS:CharLS) GCC5.5.0",
    "DerivedVendorReportedEchoSpacing": 0.000489992,
    "DeviceSerialNumber": "167012",
    "DwellTime": 3e-06,
    "EchoTime": 0.03,
    "EchoTrainLength": 70,
    "EffectiveEchoSpacing": 0.000489992,
    "FlipAngle": 90,
    "ImageOrientationPatientDICOM": [
      0.999583,
      0.0248464,
      -0.0147449,
      -0.0223346,
      0.988253,
      0.151185
    ],
    "ImageType": [
      "ORIGINAL",
      "PRIMARY",
      "M",
      "ND",
      "MOSAIC"
    ],
    "ImagingFrequency": 123.253,
    "InPlanePhaseEncodingDirectionDICOM": "COL",
    "InstitutionAddress": "Vassar_Street_43_Cambridge_Boston_US_02139",
    "InstitutionName": "McGovern_Institute_for_Brain_Research_(3T1)",
    "InstitutionalDepartmentName": "Department",
    "MRAcquisitionType": "2D",
    "MagneticFieldStrength": 3,
    "Manufacturer": "Siemens",
    "ManufacturersModelName": "Prisma_fit",
    "Modality": "MR",
    "PartialFourier": 1,
    "PatientPosition": "HFS",
    "PercentPhaseFOV": 100,
    "PhaseEncodingDirection": "j-",
    "PhaseEncodingSteps": 70,
    "PhaseResolution": 1,
    "PixelBandwidth": 2380,
    "ProcedureStepDescription": "Young_Minjae",
    "ProtocolName": "TPS_run1",
    "PulseSequenceDetails": "%SiemensSeq%_ep2d_pace",
    "ReceiveCoilActiveElements": "HEA;HEP",
    "ReceiveCoilName": "Head_32",
    "ReconMatrixPE": 70,
    "RepetitionTime": 2,
    "SAR": 0.108461,
    "ScanOptions": "FS",
    "ScanningSequence": "EP",
    "SequenceName": "_epfid2d1_70",
    "SequenceVariant": "SK",
    "SeriesDescription": "TPS_run1",
    "SeriesNumber": 15,
    "ShimSetting": [
      -5607,
      -1555,
      3180,
      358,
      21,
      72,
      38,
      -74
    ],
    "SliceThickness": 3,
    "SliceTiming": [
      0,
      0.0625,
      0.125,
      0.185,
      0.2475,
      0.31,
      0.3725,
      0.4325,
      0.495,
      0.5575,
      0.62,
      0.68,
      0.7425,
      0.805,
      0.8675,
      0.9275,
      0.99,
      1.0525,
      1.115,
      1.175,
      1.2375,
      1.3,
      1.3625,
      1.4225,
      1.485,
      1.5475,
      1.61,
      1.67,
      1.7325,
      1.795,
      1.8575,
      1.9175
    ],
    "SoftwareVersions": "syngo_MR_E11",
    "SpacingBetweenSlices": 3.6,
    "StationName": "MRC35115",
    "TaskName": "tps",
    "TotalReadoutTime": 0.0338094,
    "TxRefAmp": 245.061,
    "dataset": "ds002793",
    "modality": "bold",
    "run_id": 1,
    "subject_id": "25",
    "task_id": "tps"
  },
  "dummy_trs": 0,
  "dvars_nstd": 28.31751501835366,
  "dvars_std": 1.3336795996341455,
  "dvars_vstd": 1.1067464362804877,
  "efc": 0.5661508070239706,
  "fber": 345.88372802734375,
  "fd_mean": 0.3449207240726087,
  "fd_num": 61,
  "fd_perc": 36.96969696969697,
  "fwhm_avg": 2.8408862600332,
  "fwhm_x": 2.7240366666666667,
  "fwhm_y": 3.0608500000000003,
  "fwhm_z": 2.737772113432933,
  "gcor": 0.0630023,
  "gsr_x": -0.004630604293197393,
  "gsr_y": 0.06031717360019684,
  "provenance": {
    "md5sum": "7f25f17e792f54cd67bd526be4d4dc22",
    "settings": {
      "fd_thres": 0.2,
      "testing": false
    },
    "software": "mriqc",
    "version": "22.0.6",
    "webapi_port": null,
    "webapi_url": "https://mriqc.nimh.nih.gov/api/v1"
  },
  "size_t": 165,
  "size_x": 70,
  "size_y": 70,
  "size_z": 32,
  "snr": 2.3538399137227173,
  "spacing_tr": 2.0,
  "spacing_x": 3.0,
  "spacing_y": 3.0,
  "spacing_z": 3.6000001430511475,
  "summary_bg_k": 16.348661056466263,
  "summary_bg_mad": 9.290973525589864,
  "summary_bg_mean": 52.605438232421875,
  "summary_bg_median": 24.5696964263916,
  "summary_bg_n": 89575.0,
  "summary_bg_p05": 17.672727584838867,
  "summary_bg_p95": 210.4933227539064,
  "summary_bg_stdv": 73.39816284179688,
  "summary_fg_k": 0.2625935000198023,
  "summary_fg_mad": 196.3100078189073,
  "summary_fg_mean": 502.2749938964844,
  "summary_fg_median": 463.7696838378906,
  "summary_fg_n": 31772.0,
  "summary_fg_p05": 244.69878616333008,
  "summary_fg_p95": 868.0493621826171,
  "summary_fg_stdv": 197.0237579345703,
  "tsnr": 58.53691949509084
}