{
  "aor": 0.018691878787878785,
  "aqi": 0.008327653393939392,
  "bids_meta": {
    "AcquisitionMatrixPE": 70,
    "AcquisitionNumber": 1,
    "AcquisitionTime": "15:26:58.650000",
    "BandwidthPerPixelPhaseEncode": 29.155,
    "BaseResolution": 70,
    "BodyPartExamined": "BRAIN",
    "ConsistencyInfo": "N4_VE11C_LATEST_20160120",
    "ConversionSoftware": "dcm2niix",
    "ConversionSoftwareVersion": "v1.0.20181125  (JP2:OpenJPEG) (JP-LS:CharLS) GCC5.5.0",
    "DerivedVendorReportedEchoSpacing": 0.000489992,
    "DeviceSerialNumber": "167012",
    "DwellTime": 3e-06,
    "EchoTime": 0.03,
    "EchoTrainLength": 70,
    "EffectiveEchoSpacing": 0.000489992,
    "FlipAngle": 90,
    "ImageOrientationPatientDICOM": [
      0.999498,
      0.0315736,
      -0.00253263,
      -0.0310612,
      0.992657,
      0.116906
    ],
    "ImageType": [
      "ORIGINAL",
      "PRIMARY",
      "M",
      "ND",
      "MOSAIC"
    ],
    "ImagingFrequency": 123.253,
    "InPlanePhaseEncodingDirectionDICOM": "COL",
    "InstitutionAddress": "Vassar_Street_43_Cambridge_Boston_US_02139",
    "InstitutionName": "McGovern_Institute_for_Brain_Research_(3T1)",
    "InstitutionalDepartmentName": "Department",
    "MRAcquisitionType": "2D",
    "MagneticFieldStrength": 3,
    "Manufacturer": "Siemens",
    "ManufacturersModelName": "Prisma_fit",
    "Modality": "MR",
    "PartialFourier": 1,
    "PatientPosition": "HFS",
    "PercentPhaseFOV": 100,
    "PhaseEncodingDirection": "j-",
    "PhaseEncodingSteps": 70,
    "PhaseResolution": 1,
    "PixelBandwidth": 2380,
    "ProcedureStepDescription": "Young_Minjae",
    "ProtocolName": "TPS_run9",
    "PulseSequenceDetails": "%SiemensSeq%_ep2d_pace",
    "ReceiveCoilActiveElements": "HEA;HEP",
    "ReceiveCoilName": "Head_32",
    "ReconMatrixPE": 70,
    "RepetitionTime": 2,
    "SAR": 0.0871847,
    "ScanOptions": "FS",
    "ScanningSequence": "EP",
    "SequenceName": "_epfid2d1_70",
    "SequenceVariant": "SK",
    "SeriesDescription": "TPS_run9",
    "SeriesNumber": 41,
    "ShimSetting": [
      -5613,
      -1565,
      3101,
      362,
      17,
      46,
      12,
      -60
    ],
    "SliceThickness": 3,
    "SliceTiming": [
      0,
      0.0625,
      0.125,
      0.185,
      0.2475,
      0.31,
      0.3725,
      0.4325,
      0.495,
      0.5575,
      0.62,
      0.68,
      0.7425,
      0.805,
      0.8675,
      0.9275,
      0.99,
      1.0525,
      1.115,
      1.175,
      1.2375,
      1.3,
      1.3625,
      1.4225,
      1.485,
      1.5475,
      1.61,
      1.67,
      1.7325,
      1.795,
      1.8575,
      1.9175
    ],
    "SoftwareVersions": "syngo_MR_E11",
    "SpacingBetweenSlices": 3.6,
    "StationName": "MRC35115",
    "TaskName": "tps",
    "TotalReadoutTime": 0.0338094,
    "TxRefAmp": 233.005,
    "dataset": "ds002793",
    "modality": "bold",
    "run_id": 9,
    "subject_id": "25",
    "task_id": "tps"
  },
  "dummy_trs": 0,
  "dvars_nstd": 42.0408984975,
  "dvars_std": 1.3299885531707318,
  "dvars_vstd": 1.0838914537195126,
  "efc": 0.5745890981540601,
  "fber": 320.09136962890625,
  "fd_mean": 0.55237563055225,
  "fd_num": 97,
  "fd_perc": 58.78787878787879,
  "fwhm_avg": 2.7559977423509863,
  "fwhm_x": 2.61637,
  "fwhm_y": 2.9769900000000002,
  "fwhm_z": 2.6746332270529574,
  "gcor": 0.0462364,
  "gsr_x": -0.0029220033902674913,
  "gsr_y": 0.06244949996471405,
  "provenance": {
    "md5sum": "b4604d472aabc1e0cea1c0bd65b3d5f5",
    "settings": {
      "fd_thres": 0.2,
      "testing": false
    },
    "software": "mriqc",
    "version": "22.0.6",
    "webapi_port": null,
    "webapi_url": "https://mriqc.nimh.nih.gov/api/v1"
  },
  "size_t": 165,
  "size_x": 70,
  "size_y": 70,
  "size_z": 32,
  "snr": 2.3842565190977574,
  "spacing_tr": 2.0,
  "spacing_x": 3.0,
  "spacing_y": 3.0,
  "spacing_z": 3.6000001430511475,
  "summary_bg_k": 17.12563674868824,
  "summary_bg_mad": 8.967496986407475,
  "summary_bg_mean": 53.20387268066406,
  "summary_bg_median": 24.58787727355957,
  "summary_bg_n": 88188.0,
  "summary_bg_p05": 17.84848403930664,
  "summary_bg_p95": 213.65817031860337,
  "summary_bg_stdv": 75.76604461669922,
  "summary_fg_k": 0.4868668513009107,
  "summary_fg_mad": 185.7385943074034,
  "summary_fg_mean": 487.8467712402344,
  "summary_fg_median": 450.8908996582031,
  "summary_fg_n": 32106.0,
  "summary_fg_p05": 243.8939323425293,
  "summary_fg_p95": 841.1802673339844,
  "summary_fg_stdv": 189.10879516601562,
  "tsnr": 42.35185640514828
}