{
  "aor": 0.009970731707317073,
  "aqi": 0.007412709878048781,
  "bids_meta": {
    "AcquisitionMatrixPE": 70,
    "AcquisitionNumber": 1,
    "AcquisitionTime": "15:01:17.710000",
    "BandwidthPerPixelPhaseEncode": 29.155,
    "BaseResolution": 70,
    "BodyPartExamined": "BRAIN",
    "ConsistencyInfo": "N4_VE11C_LATEST_20160120",
    "ConversionSoftware": "dcm2niix",
    "ConversionSoftwareVersion": "v1.0.20181125  (JP2:OpenJPEG) (JP-LS:CharLS) GCC5.5.0",
    "DerivedVendorReportedEchoSpacing": 0.000489992,
    "DeviceSerialNumber": "167012",
    "DwellTime": 3e-06,
    "EchoTime": 0.03,
    "EchoTrainLength": 70,
    "EffectiveEchoSpacing": 0.000489992,
    "FlipAngle": 90,
    "ImageOrientationPatientDICOM": [
      0.999498,
      0.0315736,
      -0.00253263,
      -0.0310612,
      0.992657,
      0.116906
    ],
    "ImageType": [
      "ORIGINAL",
      "PRIMARY",
      "M",
      "ND",
      "MOSAIC"
    ],
    "ImagingFrequency": 123.253,
    "InPlanePhaseEncodingDirectionDICOM": "COL",
    "InstitutionAddress": "Vassar_Street_43_Cambridge_Boston_US_02139",
    "InstitutionName": "McGovern_Institute_for_Brain_Research_(3T1)",
    "InstitutionalDepartmentName": "Department",
    "MRAcquisitionType": "2D",
    "MagneticFieldStrength": 3,
    "Manufacturer": "Siemens",
    "ManufacturersModelName": "Prisma_fit",
    "Modality": "MR",
    "PartialFourier": 1,
    "PatientPosition": "HFS",
    "PercentPhaseFOV": 100,
    "PhaseEncodingDirection": "j-",
    "PhaseEncodingSteps": 70,
    "PhaseResolution": 1,
    "PixelBandwidth": 2380,
    "ProcedureStepDescription": "Young_Minjae",
    "ProtocolName": "TPS_run5",
    "PulseSequenceDetails": "%SiemensSeq%_ep2d_pace",
    "ReceiveCoilActiveElements": "HEA;HEP",
    "ReceiveCoilName": "Head_32",
    "ReconMatrixPE": 70,
    "RepetitionTime": 2,
    "SAR": 0.0871847,
    "ScanOptions": "FS",
    "ScanningSequence": "EP",
    "SequenceName": "_epfid2d1_70",
    "SequenceVariant": "SK",
    "SeriesDescription": "TPS_run5",
    "SeriesNumber": 33,
    "ShimSetting": [
      -5613,
      -1565,
      3101,
      362,
      17,
      46,
      12,
      -60
    ],
    "SliceThickness": 3,
    "SliceTiming": [
      0,
      0.0625,
      0.125,
      0.185,
      0.2475,
      0.31,
      0.3725,
      0.4325,
      0.495,
      0.5575,
      0.62,
      0.68,
      0.7425,
      0.805,
      0.8675,
      0.9275,
      0.99,
      1.0525,
      1.115,
      1.175,
      1.2375,
      1.3,
      1.3625,
      1.4225,
      1.485,
      1.5475,
      1.61,
      1.67,
      1.7325,
      1.795,
      1.8575,
      1.9175
    ],
    "SoftwareVersions": "syngo_MR_E11",
    "SpacingBetweenSlices": 3.6,
    "StationName": "MRC35115",
    "TaskName": "tps",
    "TotalReadoutTime": 0.0338094,
    "TxRefAmp": 233.005,
    "dataset": "ds002793",
    "modality": "bold",
    "run_id": 5,
    "subject_id": "25",
    "task_id": "tps"
  },
  "dummy_trs": 1,
  "dvars_nstd": 35.39744900779142,
  "dvars_std": 1.253329366073619,
  "dvars_vstd": 1.0163458438036808,
  "efc": 0.573516981739513,
  "fber": 327.42144775390625,
  "fd_mean": 0.3735514387967926,
  "fd_num": 83,
  "fd_perc": 50.609756097560975,
  "fwhm_avg": 2.8099331116691872,
  "fwhm_x": 2.67177,
  "fwhm_y": 3.0039599999999997,
  "fwhm_z": 2.7540693350075616,
  "gcor": 0.0672116,
  "gsr_x": -0.002105744555592537,
  "gsr_y": 0.0626462996006012,
  "provenance": {
    "md5sum": "e5f2ca71c86927a2c824743b15155f95",
    "settings": {
      "fd_thres": 0.2,
      "testing": false
    },
    "software": "mriqc",
    "version": "22.0.6",
    "webapi_port": null,
    "webapi_url": "https://mriqc.nimh.nih.gov/api/v1"
  },
  "size_t": 164,
  "size_x": 70,
  "size_y": 70,
  "size_z": 32,
  "snr": 2.349536207534724,
  "spacing_tr": 2.0,
  "spacing_x": 3.0,
  "spacing_y": 3.0,
  "spacing_z": 3.6000001430511475,
  "summary_bg_k": 15.710969375217257,
  "summary_bg_mad": 9.682114603888925,
  "summary_bg_mean": 55.01790237426758,
  "summary_bg_median": 25.21341323852539,
  "summary_bg_n": 88041.0,
  "summary_bg_p05": 17.95121955871582,
  "summary_bg_p95": 222.84754943847656,
  "summary_bg_stdv": 78.85292053222656,
  "summary_fg_k": 0.31171917455089737,
  "summary_fg_mad": 196.43576748890047,
  "summary_fg_mean": 508.4449462890625,
  "summary_fg_median": 468.18292236328125,
  "summary_fg_n": 32440.0,
  "summary_fg_p05": 250.42010574340821,
  "summary_fg_p95": 882.2532928466796,
  "summary_fg_stdv": 199.26303100585938,
  "tsnr": 49.22674882225692
}