{
  "aor": 0.016359151515151518,
  "aqi": 0.0053694067878787876,
  "bids_meta": {
    "AcquisitionMatrixPE": 70,
    "AcquisitionNumber": 1,
    "AcquisitionTime": "14:34:30.732500",
    "BandwidthPerPixelPhaseEncode": 29.155,
    "BaseResolution": 70,
    "BodyPartExamined": "BRAIN",
    "ConsistencyInfo": "N4_VE11C_LATEST_20160120",
    "ConversionSoftware": "dcm2niix",
    "ConversionSoftwareVersion": "v1.0.20181125  (JP2:OpenJPEG) (JP-LS:CharLS) GCC5.5.0",
    "DerivedVendorReportedEchoSpacing": 0.000489992,
    "DeviceSerialNumber": "167012",
    "DwellTime": 3e-06,
    "EchoTime": 0.03,
    "EchoTrainLength": 70,
    "EffectiveEchoSpacing": 0.000489992,
    "FlipAngle": 90,
    "ImageOrientationPatientDICOM": [
      0.999583,
      0.0248464,
      -0.0147449,
      -0.0223346,
      0.988253,
      0.151185
    ],
    "ImageType": [
      "ORIGINAL",
      "PRIMARY",
      "M",
      "ND",
      "MOSAIC"
    ],
    "ImagingFrequency": 123.253,
    "InPlanePhaseEncodingDirectionDICOM": "COL",
    "InstitutionAddress": "Vassar_Street_43_Cambridge_Boston_US_02139",
    "InstitutionName": "McGovern_Institute_for_Brain_Research_(3T1)",
    "InstitutionalDepartmentName": "Department",
    "MRAcquisitionType": "2D",
    "MagneticFieldStrength": 3,
    "Manufacturer": "Siemens",
    "ManufacturersModelName": "Prisma_fit",
    "Modality": "MR",
    "PartialFourier": 1,
    "PatientPosition": "HFS",
    "PercentPhaseFOV": 100,
    "PhaseEncodingDirection": "j-",
    "PhaseEncodingSteps": 70,
    "PhaseResolution": 1,
    "PixelBandwidth": 2380,
    "ProcedureStepDescription": "Young_Minjae",
    "ProtocolName": "TPS_run3",
    "PulseSequenceDetails": "%SiemensSeq%_ep2d_pace",
    "ReceiveCoilActiveElements": "HEA;HEP",
    "ReceiveCoilName": "Head_32",
    "ReconMatrixPE": 70,
    "RepetitionTime": 2,
    "SAR": 0.108461,
    "ScanOptions": "FS",
    "ScanningSequence": "EP",
    "SequenceName": "_epfid2d1_70",
    "SequenceVariant": "SK",
    "SeriesDescription": "TPS_run3",
    "SeriesNumber": 19,
    "ShimSetting": [
      -5607,
      -1555,
      3180,
      358,
      21,
      72,
      38,
      -74
    ],
    "SliceThickness": 3,
    "SliceTiming": [
      0,
      0.0625,
      0.1225,
      0.185,
      0.2475,
      0.31,
      0.37,
      0.4325,
      0.495,
      0.5575,
      0.6175,
      0.68,
      0.7425,
      0.805,
      0.865,
      0.9275,
      0.99,
      1.0525,
      1.1125,
      1.175,
      1.2375,
      1.3,
      1.36,
      1.4225,
      1.485,
      1.5475,
      1.6075,
      1.67,
      1.7325,
      1.795,
      1.855,
      1.9175
    ],
    "SoftwareVersions": "syngo_MR_E11",
    "SpacingBetweenSlices": 3.6,
    "StationName": "MRC35115",
    "TaskName": "tps",
    "TotalReadoutTime": 0.0338094,
    "TxRefAmp": 245.061,
    "dataset": "ds002793",
    "modality": "bold",
    "run_id": 3,
    "subject_id": "25",
    "task_id": "tps"
  },
  "dummy_trs": 0,
  "dvars_nstd": 27.661034369085357,
  "dvars_std": 1.2117961362804877,
  "dvars_vstd": 1.0533497120121946,
  "efc": 0.5684014165610554,
  "fber": 339.7235107421875,
  "fd_mean": 0.29718365303751876,
  "fd_num": 74,
  "fd_perc": 44.84848484848485,
  "fwhm_avg": 2.803500890171934,
  "fwhm_x": 2.6877,
  "fwhm_y": 3.0234666666666663,
  "fwhm_z": 2.6993360038491354,
  "gcor": 0.0889405,
  "gsr_x": -0.0012370494659990072,
  "gsr_y": 0.061941858381032944,
  "provenance": {
    "md5sum": "647100e0e098f147ef26bf30acf73269",
    "settings": {
      "fd_thres": 0.2,
      "testing": false
    },
    "software": "mriqc",
    "version": "22.0.6",
    "webapi_port": null,
    "webapi_url": "https://mriqc.nimh.nih.gov/api/v1"
  },
  "size_t": 165,
  "size_x": 70,
  "size_y": 70,
  "size_z": 32,
  "snr": 2.352076225755433,
  "spacing_tr": 2.0,
  "spacing_x": 3.0,
  "spacing_y": 3.0,
  "spacing_z": 3.6000001430511475,
  "summary_bg_k": 14.65193325440222,
  "summary_bg_mad": 9.353873155461653,
  "summary_bg_mean": 54.6092529296875,
  "summary_bg_median": 24.690908432006836,
  "summary_bg_n": 90038.0,
  "summary_bg_p05": 17.751514434814453,
  "summary_bg_p95": 223.35241241455074,
  "summary_bg_stdv": 76.93312072753906,
  "summary_fg_k": 0.26060444578275144,
  "summary_fg_mad": 197.08725642152564,
  "summary_fg_mean": 499.87799072265625,
  "summary_fg_median": 461.95452880859375,
  "summary_fg_n": 31440.0,
  "summary_fg_p05": 242.4845443725586,
  "summary_fg_p95": 863.086050415039,
  "summary_fg_stdv": 196.39974975585938,
  "tsnr": 52.82754199858755
}