{
  "aor": 0.017904969696969697,
  "aqi": 0.015931373999999998,
  "bids_meta": {
    "AcquisitionMatrixPE": 70,
    "AcquisitionNumber": 1,
    "AcquisitionTime": "15:20:28.057500",
    "BandwidthPerPixelPhaseEncode": 29.155,
    "BaseResolution": 70,
    "BodyPartExamined": "BRAIN",
    "ConsistencyInfo": "N4_VE11C_LATEST_20160120",
    "ConversionSoftware": "dcm2niix",
    "ConversionSoftwareVersion": "v1.0.20181125  (JP2:OpenJPEG) (JP-LS:CharLS) GCC5.5.0",
    "DerivedVendorReportedEchoSpacing": 0.000489992,
    "DeviceSerialNumber": "167012",
    "DwellTime": 3e-06,
    "EchoTime": 0.03,
    "EchoTrainLength": 70,
    "EffectiveEchoSpacing": 0.000489992,
    "FlipAngle": 90,
    "ImageOrientationPatientDICOM": [
      0.999498,
      0.0315736,
      -0.00253263,
      -0.0310612,
      0.992657,
      0.116906
    ],
    "ImageType": [
      "ORIGINAL",
      "PRIMARY",
      "M",
      "ND",
      "MOSAIC"
    ],
    "ImagingFrequency": 123.253,
    "InPlanePhaseEncodingDirectionDICOM": "COL",
    "InstitutionAddress": "Vassar_Street_43_Cambridge_Boston_US_02139",
    "InstitutionName": "McGovern_Institute_for_Brain_Research_(3T1)",
    "InstitutionalDepartmentName": "Department",
    "MRAcquisitionType": "2D",
    "MagneticFieldStrength": 3,
    "Manufacturer": "Siemens",
    "ManufacturersModelName": "Prisma_fit",
    "Modality": "MR",
    "PartialFourier": 1,
    "PatientPosition": "HFS",
    "PercentPhaseFOV": 100,
    "PhaseEncodingDirection": "j-",
    "PhaseEncodingSteps": 70,
    "PhaseResolution": 1,
    "PixelBandwidth": 2380,
    "ProcedureStepDescription": "Young_Minjae",
    "ProtocolName": "TPS_run8",
    "PulseSequenceDetails": "%SiemensSeq%_ep2d_pace",
    "ReceiveCoilActiveElements": "HEA;HEP",
    "ReceiveCoilName": "Head_32",
    "ReconMatrixPE": 70,
    "RepetitionTime": 2,
    "SAR": 0.0871847,
    "ScanOptions": "FS",
    "ScanningSequence": "EP",
    "SequenceName": "_epfid2d1_70",
    "SequenceVariant": "SK",
    "SeriesDescription": "TPS_run8",
    "SeriesNumber": 39,
    "ShimSetting": [
      -5613,
      -1565,
      3101,
      362,
      17,
      46,
      12,
      -60
    ],
    "SliceThickness": 3,
    "SliceTiming": [
      0,
      0.0625,
      0.1225,
      0.185,
      0.2475,
      0.31,
      0.37,
      0.4325,
      0.495,
      0.5575,
      0.6175,
      0.68,
      0.7425,
      0.805,
      0.865,
      0.9275,
      0.99,
      1.0525,
      1.1125,
      1.175,
      1.2375,
      1.3,
      1.36,
      1.4225,
      1.485,
      1.5475,
      1.6075,
      1.67,
      1.7325,
      1.795,
      1.855,
      1.9175
    ],
    "SoftwareVersions": "syngo_MR_E11",
    "SpacingBetweenSlices": 3.6,
    "StationName": "MRC35115",
    "TaskName": "tps",
    "TotalReadoutTime": 0.0338094,
    "TxRefAmp": 233.005,
    "dataset": "ds002793",
    "modality": "bold",
    "run_id": 8,
    "subject_id": "25",
    "task_id": "tps"
  },
  "dummy_trs": 0,
  "dvars_nstd": 66.6207110826219,
  "dvars_std": 1.3409272986585363,
  "dvars_vstd": 1.0951842270731709,
  "efc": 0.5746127030631006,
  "fber": 319.00433349609375,
  "fd_mean": 1.424353853114376,
  "fd_num": 145,
  "fd_perc": 87.87878787878788,
  "fwhm_avg": 2.7881355192708983,
  "fwhm_x": 2.64419,
  "fwhm_y": 2.9808166666666662,
  "fwhm_z": 2.7393998911460287,
  "gcor": 0.0472911,
  "gsr_x": -0.000613984651863575,
  "gsr_y": 0.06423956900835037,
  "provenance": {
    "md5sum": "522419f82d00aeac6be652a723c4b50b",
    "settings": {
      "fd_thres": 0.2,
      "testing": false
    },
    "software": "mriqc",
    "version": "22.0.6",
    "webapi_port": null,
    "webapi_url": "https://mriqc.nimh.nih.gov/api/v1"
  },
  "size_t": 165,
  "size_x": 70,
  "size_y": 70,
  "size_z": 32,
  "snr": 2.3736652903769957,
  "spacing_tr": 2.0,
  "spacing_x": 3.0,
  "spacing_y": 3.0,
  "spacing_z": 3.6000001430511475,
  "summary_bg_k": 16.760008748886754,
  "summary_bg_mad": 9.03938066178134,
  "summary_bg_mean": 53.015010833740234,
  "summary_bg_median": 24.5696964263916,
  "summary_bg_n": 88193.0,
  "summary_bg_p05": 17.709091186523438,
  "summary_bg_p95": 212.6218139648436,
  "summary_bg_stdv": 75.41549682617188,
  "summary_fg_k": 0.5189809344260641,
  "summary_fg_mad": 184.33684567057716,
  "summary_fg_mean": 486.1726989746094,
  "summary_fg_median": 448.67877197265625,
  "summary_fg_n": 32089.0,
  "summary_fg_p05": 242.77332458496093,
  "summary_fg_p95": 838.4921020507811,
  "summary_fg_stdv": 189.02066040039062,
  "tsnr": 27.429020744282752
}