{
  "aor": 0.022336060606060606,
  "aqi": 0.009708216303030303,
  "bids_meta": {
    "AcquisitionMatrixPE": 70,
    "AcquisitionNumber": 1,
    "AcquisitionTime": "15:33:20.207500",
    "BandwidthPerPixelPhaseEncode": 29.155,
    "BaseResolution": 70,
    "BodyPartExamined": "BRAIN",
    "ConsistencyInfo": "N4_VE11C_LATEST_20160120",
    "ConversionSoftware": "dcm2niix",
    "ConversionSoftwareVersion": "v1.0.20181125  (JP2:OpenJPEG) (JP-LS:CharLS) GCC5.5.0",
    "DerivedVendorReportedEchoSpacing": 0.000489992,
    "DeviceSerialNumber": "167012",
    "DwellTime": 3e-06,
    "EchoTime": 0.03,
    "EchoTrainLength": 70,
    "EffectiveEchoSpacing": 0.000489992,
    "FlipAngle": 90,
    "ImageOrientationPatientDICOM": [
      0.999498,
      0.0315736,
      -0.00253263,
      -0.0310612,
      0.992657,
      0.116906
    ],
    "ImageType": [
      "ORIGINAL",
      "PRIMARY",
      "M",
      "ND",
      "MOSAIC"
    ],
    "ImagingFrequency": 123.253,
    "InPlanePhaseEncodingDirectionDICOM": "COL",
    "InstitutionAddress": "Vassar_Street_43_Cambridge_Boston_US_02139",
    "InstitutionName": "McGovern_Institute_for_Brain_Research_(3T1)",
    "InstitutionalDepartmentName": "Department",
    "MRAcquisitionType": "2D",
    "MagneticFieldStrength": 3,
    "Manufacturer": "Siemens",
    "ManufacturersModelName": "Prisma_fit",
    "Modality": "MR",
    "PartialFourier": 1,
    "PatientPosition": "HFS",
    "PercentPhaseFOV": 100,
    "PhaseEncodingDirection": "j-",
    "PhaseEncodingSteps": 70,
    "PhaseResolution": 1,
    "PixelBandwidth": 2380,
    "ProcedureStepDescription": "Young_Minjae",
    "ProtocolName": "TPS_run10",
    "PulseSequenceDetails": "%SiemensSeq%_ep2d_pace",
    "ReceiveCoilActiveElements": "HEA;HEP",
    "ReceiveCoilName": "Head_32",
    "ReconMatrixPE": 70,
    "RepetitionTime": 2,
    "SAR": 0.0871847,
    "ScanOptions": "FS",
    "ScanningSequence": "EP",
    "SequenceName": "_epfid2d1_70",
    "SequenceVariant": "SK",
    "SeriesDescription": "TPS_run10",
    "SeriesNumber": 43,
    "ShimSetting": [
      -5613,
      -1565,
      3101,
      362,
      17,
      46,
      12,
      -60
    ],
    "SliceThickness": 3,
    "SliceTiming": [
      0,
      0.0625,
      0.1225,
      0.185,
      0.2475,
      0.31,
      0.37,
      0.4325,
      0.495,
      0.5575,
      0.6175,
      0.68,
      0.7425,
      0.805,
      0.865,
      0.9275,
      0.99,
      1.0525,
      1.1125,
      1.175,
      1.2375,
      1.3,
      1.36,
      1.4225,
      1.485,
      1.5475,
      1.6075,
      1.67,
      1.7325,
      1.795,
      1.855,
      1.9175
    ],
    "SoftwareVersions": "syngo_MR_E11",
    "SpacingBetweenSlices": 3.6,
    "StationName": "MRC35115",
    "TaskName": "tps",
    "TotalReadoutTime": 0.0338094,
    "TxRefAmp": 233.005,
    "dataset": "ds002793",
    "modality": "bold",
    "run_id": 10,
    "subject_id": "25",
    "task_id": "tps"
  },
  "dummy_trs": 0,
  "dvars_nstd": 40.74299169774389,
  "dvars_std": 1.3467075427439026,
  "dvars_vstd": 1.1246636251219513,
  "efc": 0.5750963460029194,
  "fber": 319.5978088378906,
  "fd_mean": 0.5710156245326604,
  "fd_num": 105,
  "fd_perc": 63.63636363636363,
  "fwhm_avg": 2.7825438530462994,
  "fwhm_x": 2.64594,
  "fwhm_y": 2.9956666666666667,
  "fwhm_z": 2.706024892472232,
  "gcor": 0.074148,
  "gsr_x": -0.0010161172831431031,
  "gsr_y": 0.06287599354982376,
  "provenance": {
    "md5sum": "d1a34fff9f13573231b080d81bca16c7",
    "settings": {
      "fd_thres": 0.2,
      "testing": false
    },
    "software": "mriqc",
    "version": "22.0.6",
    "webapi_port": null,
    "webapi_url": "https://mriqc.nimh.nih.gov/api/v1"
  },
  "size_t": 165,
  "size_x": 70,
  "size_y": 70,
  "size_z": 32,
  "snr": 2.3888777764000166,
  "spacing_tr": 2.0,
  "spacing_x": 3.0,
  "spacing_y": 3.0,
  "spacing_z": 3.6000001430511475,
  "summary_bg_k": 16.595415601616256,
  "summary_bg_mad": 9.057351580624806,
  "summary_bg_mean": 53.69049072265625,
  "summary_bg_median": 24.648483276367188,
  "summary_bg_n": 88375.0,
  "summary_bg_p05": 17.85454559326172,
  "summary_bg_p95": 216.1018051147462,
  "summary_bg_stdv": 76.56761932373047,
  "summary_fg_k": 0.49816231325383376,
  "summary_fg_mad": 184.48059039861036,
  "summary_fg_mean": 487.20733642578125,
  "summary_fg_median": 449.9939270019531,
  "summary_fg_n": 31931.0,
  "summary_fg_p05": 244.43938446044922,
  "summary_fg_p95": 838.9575500488281,
  "summary_fg_stdv": 188.3674774169922,
  "tsnr": 37.49079815740697
}