{
  "aor": 0.006008582089552239,
  "aqi": 0.002959807089552239,
  "bids_meta": {
    "AcquisitionMatrixPE": 70,
    "AcquisitionNumber": 1,
    "AcquisitionTime": "11:29:16.495000",
    "BandwidthPerPixelPhaseEncode": 29.155,
    "BaseResolution": 70,
    "BodyPartExamined": "BRAIN",
    "ConsistencyInfo": "N4_VE11C_LATEST_20160120",
    "ConversionSoftware": "dcm2niix",
    "ConversionSoftwareVersion": "v1.0.20181125  (JP2:OpenJPEG) (JP-LS:CharLS) GCC5.5.0",
    "DerivedVendorReportedEchoSpacing": 0.000489992,
    "DeviceSerialNumber": "167012",
    "DwellTime": 3e-06,
    "EchoTime": 0.03,
    "EchoTrainLength": 70,
    "EffectiveEchoSpacing": 0.000489992,
    "FlipAngle": 90,
    "ImageOrientationPatientDICOM": [
      0.998681,
      -0.0261952,
      -0.0441631,
      0.0266747,
      0.999591,
      0.010303
    ],
    "ImageType": [
      "ORIGINAL",
      "PRIMARY",
      "M",
      "ND",
      "MOSAIC"
    ],
    "ImagingFrequency": 123.253,
    "InPlanePhaseEncodingDirectionDICOM": "COL",
    "InstitutionAddress": "Vassar_Street_43_Cambridge_Boston_US_02139",
    "InstitutionName": "McGovern_Institute_for_Brain_Research_(3T1)",
    "InstitutionalDepartmentName": "Department",
    "MRAcquisitionType": "2D",
    "MagneticFieldStrength": 3,
    "Manufacturer": "Siemens",
    "ManufacturersModelName": "Prisma_fit",
    "Modality": "MR",
    "PartialFourier": 1,
    "PatientPosition": "HFS",
    "PercentPhaseFOV": 100,
    "PhaseEncodingDirection": "j-",
    "PhaseEncodingSteps": 70,
    "PhaseResolution": 1,
    "PixelBandwidth": 2380,
    "ProcedureStepDescription": "Young_Minjae",
    "ProtocolName": "tom_localizer_run1",
    "PulseSequenceDetails": "%SiemensSeq%_ep2d_pace",
    "ReceiveCoilActiveElements": "HEA;HEP",
    "ReceiveCoilName": "Head_32",
    "ReconMatrixPE": 70,
    "RepetitionTime": 2,
    "SAR": 0.0871614,
    "ScanOptions": "FS",
    "ScanningSequence": "EP",
    "SequenceName": "_epfid2d1_70",
    "SequenceVariant": "SK",
    "SeriesDescription": "tom_localizer_run1",
    "SeriesNumber": 11,
    "ShimSetting": [
      -5635,
      -1531,
      3183,
      465,
      -1,
      -159,
      86,
      -34
    ],
    "SliceThickness": 3,
    "SliceTiming": [
      0,
      0.0625,
      0.125,
      0.1875,
      0.2475,
      0.31,
      0.3725,
      0.435,
      0.495,
      0.5575,
      0.62,
      0.6825,
      0.7425,
      0.805,
      0.8675,
      0.93,
      0.99,
      1.0525,
      1.115,
      1.1775,
      1.2375,
      1.3,
      1.3625,
      1.425,
      1.485,
      1.5475,
      1.61,
      1.6725,
      1.7325,
      1.795,
      1.8575,
      1.92
    ],
    "SoftwareVersions": "syngo_MR_E11",
    "SpacingBetweenSlices": 3.6,
    "StationName": "MRC35115",
    "TaskName": "tom",
    "TotalReadoutTime": 0.0338094,
    "TxRefAmp": 215.005,
    "dataset": "ds002793",
    "modality": "bold",
    "run_id": 1,
    "subject_id": "23",
    "task_id": "tom"
  },
  "dummy_trs": 2,
  "dvars_nstd": 20.07860607518797,
  "dvars_std": 1.182387258045113,
  "dvars_vstd": 1.0359408724812027,
  "efc": 0.5611940338209584,
  "fber": 331.2580871582031,
  "fd_mean": 0.1831804436875487,
  "fd_num": 20,
  "fd_perc": 14.925373134328359,
  "fwhm_avg": 2.5339364486196394,
  "fwhm_x": 2.4070199999999997,
  "fwhm_y": 2.7138033333333333,
  "fwhm_z": 2.4809860125255843,
  "gcor": 0.018507,
  "gsr_x": -0.012930209748446941,
  "gsr_y": 0.06330268830060959,
  "provenance": {
    "md5sum": "55d613a8a733c67e537b1f5fcfa58211",
    "settings": {
      "fd_thres": 0.2,
      "testing": false
    },
    "software": "mriqc",
    "version": "22.0.6",
    "webapi_port": null,
    "webapi_url": "https://mriqc.nimh.nih.gov/api/v1"
  },
  "size_t": 134,
  "size_x": 70,
  "size_y": 70,
  "size_z": 32,
  "snr": 2.9251422203988593,
  "spacing_tr": 2.0,
  "spacing_x": 3.0,
  "spacing_y": 3.0,
  "spacing_z": 3.6000001430511475,
  "summary_bg_k": 21.90846887373675,
  "summary_bg_mad": 4.846117720397709,
  "summary_bg_mean": 34.6966667175293,
  "summary_bg_median": 19.25373077392578,
  "summary_bg_n": 92634.0,
  "summary_bg_p05": 15.746268272399902,
  "summary_bg_p95": 111.14178466796875,
  "summary_bg_stdv": 41.07570266723633,
  "summary_fg_k": 0.6804542383851158,
  "summary_fg_mad": 117.88900138599178,
  "summary_fg_mean": 375.0160217285156,
  "summary_fg_median": 356.1044616699219,
  "summary_fg_n": 29131.0,
  "summary_fg_p05": 211.66790008544922,
  "summary_fg_p95": 601.7089538574219,
  "summary_fg_stdv": 121.73710632324219,
  "tsnr": 76.1678222217597
}