{
  "aor": 0.012622941176470587,
  "aqi": 0.0030587295000000002,
  "bids_meta": {
    "AcquisitionMatrixPE": 70,
    "AcquisitionNumber": 1,
    "AcquisitionTime": "11:34:54.327500",
    "BandwidthPerPixelPhaseEncode": 29.155,
    "BaseResolution": 70,
    "BodyPartExamined": "BRAIN",
    "ConsistencyInfo": "N4_VE11C_LATEST_20160120",
    "ConversionSoftware": "dcm2niix",
    "ConversionSoftwareVersion": "v1.0.20181125  (JP2:OpenJPEG) (JP-LS:CharLS) GCC5.5.0",
    "DerivedVendorReportedEchoSpacing": 0.000489992,
    "DeviceSerialNumber": "167012",
    "DwellTime": 3e-06,
    "EchoTime": 0.03,
    "EchoTrainLength": 70,
    "EffectiveEchoSpacing": 0.000489992,
    "FlipAngle": 90,
    "ImageOrientationPatientDICOM": [
      0.998681,
      -0.0261952,
      -0.0441631,
      0.0266747,
      0.999591,
      0.010303
    ],
    "ImageType": [
      "ORIGINAL",
      "PRIMARY",
      "M",
      "ND",
      "MOSAIC"
    ],
    "ImagingFrequency": 123.253,
    "InPlanePhaseEncodingDirectionDICOM": "COL",
    "InstitutionAddress": "Vassar_Street_43_Cambridge_Boston_US_02139",
    "InstitutionName": "McGovern_Institute_for_Brain_Research_(3T1)",
    "InstitutionalDepartmentName": "Department",
    "MRAcquisitionType": "2D",
    "MagneticFieldStrength": 3,
    "Manufacturer": "Siemens",
    "ManufacturersModelName": "Prisma_fit",
    "Modality": "MR",
    "PartialFourier": 1,
    "PatientPosition": "HFS",
    "PercentPhaseFOV": 100,
    "PhaseEncodingDirection": "j-",
    "PhaseEncodingSteps": 70,
    "PhaseResolution": 1,
    "PixelBandwidth": 2380,
    "ProcedureStepDescription": "Young_Minjae",
    "ProtocolName": "tom_localizer_run2",
    "PulseSequenceDetails": "%SiemensSeq%_ep2d_pace",
    "ReceiveCoilActiveElements": "HEA;HEP",
    "ReceiveCoilName": "Head_32",
    "ReconMatrixPE": 70,
    "RepetitionTime": 2,
    "SAR": 0.0871614,
    "ScanOptions": "FS",
    "ScanningSequence": "EP",
    "SequenceName": "_epfid2d1_70",
    "SequenceVariant": "SK",
    "SeriesDescription": "tom_localizer_run2",
    "SeriesNumber": 13,
    "ShimSetting": [
      -5635,
      -1531,
      3183,
      465,
      -1,
      -159,
      86,
      -34
    ],
    "SliceThickness": 3,
    "SliceTiming": [
      0,
      0.0625,
      0.125,
      0.1875,
      0.2475,
      0.31,
      0.3725,
      0.435,
      0.495,
      0.5575,
      0.62,
      0.6825,
      0.7425,
      0.805,
      0.8675,
      0.93,
      0.99,
      1.0525,
      1.115,
      1.1775,
      1.2375,
      1.3,
      1.3625,
      1.425,
      1.485,
      1.5475,
      1.61,
      1.6725,
      1.7325,
      1.795,
      1.8575,
      1.92
    ],
    "SoftwareVersions": "syngo_MR_E11",
    "SpacingBetweenSlices": 3.6,
    "StationName": "MRC35115",
    "TaskName": "tom",
    "TotalReadoutTime": 0.0338094,
    "TxRefAmp": 215.005,
    "dataset": "ds002793",
    "modality": "bold",
    "run_id": 2,
    "subject_id": "23",
    "task_id": "tom"
  },
  "dummy_trs": 0,
  "dvars_nstd": 21.220073996222236,
  "dvars_std": 1.1498911334074073,
  "dvars_vstd": 1.034810321851852,
  "efc": 0.561126878370129,
  "fber": 332.4845275878906,
  "fd_mean": 0.18619081329546855,
  "fd_num": 21,
  "fd_perc": 15.441176470588236,
  "fwhm_avg": 2.5550047817307795,
  "fwhm_x": 2.415433333333333,
  "fwhm_y": 2.75182,
  "fwhm_z": 2.497761011859006,
  "gcor": 0.0499219,
  "gsr_x": -0.014151102863252163,
  "gsr_y": 0.0627199187874794,
  "provenance": {
    "md5sum": "b126b1b692997f1ea0dd9545ec4a8efd",
    "settings": {
      "fd_thres": 0.2,
      "testing": false
    },
    "software": "mriqc",
    "version": "22.0.6",
    "webapi_port": null,
    "webapi_url": "https://mriqc.nimh.nih.gov/api/v1"
  },
  "size_t": 136,
  "size_x": 70,
  "size_y": 70,
  "size_z": 32,
  "snr": 2.9296567129378523,
  "spacing_tr": 2.0,
  "spacing_x": 3.0,
  "spacing_y": 3.0,
  "spacing_z": 3.6000001430511475,
  "summary_bg_k": 21.76270441539233,
  "summary_bg_mad": 4.971078525784544,
  "summary_bg_mean": 35.00701904296875,
  "summary_bg_median": 19.397058486938477,
  "summary_bg_n": 92695.0,
  "summary_bg_p05": 15.816176414489746,
  "summary_bg_p95": 111.58970489501962,
  "summary_bg_stdv": 41.608551025390625,
  "summary_fg_k": 0.5785886948643335,
  "summary_fg_mad": 118.31381071916894,
  "summary_fg_mean": 376.9749755859375,
  "summary_fg_median": 358.0955810546875,
  "summary_fg_n": 29081.0,
  "summary_fg_p05": 212.10293579101562,
  "summary_fg_p95": 603.5735473632812,
  "summary_fg_stdv": 122.22914123535156,
  "tsnr": 64.44145368493628
}