{
  "aor": 0.007601829268292682,
  "aqi": 0.0028697004878048783,
  "bids_meta": {
    "AcquisitionMatrixPE": 70,
    "AcquisitionNumber": 1,
    "AcquisitionTime": "12:13:29.765000",
    "BandwidthPerPixelPhaseEncode": 29.155,
    "BaseResolution": 70,
    "BodyPartExamined": "BRAIN",
    "ConsistencyInfo": "N4_VE11C_LATEST_20160120",
    "ConversionSoftware": "dcm2niix",
    "ConversionSoftwareVersion": "v1.0.20181125  (JP2:OpenJPEG) (JP-LS:CharLS) GCC5.5.0",
    "DerivedVendorReportedEchoSpacing": 0.000489992,
    "DeviceSerialNumber": "167012",
    "DwellTime": 3e-06,
    "EchoTime": 0.03,
    "EchoTrainLength": 70,
    "EffectiveEchoSpacing": 0.000489992,
    "FlipAngle": 90,
    "ImageOrientationPatientDICOM": [
      0.998681,
      -0.0261952,
      -0.0441631,
      0.0266747,
      0.999591,
      0.010303
    ],
    "ImageType": [
      "ORIGINAL",
      "PRIMARY",
      "M",
      "ND",
      "MOSAIC"
    ],
    "ImagingFrequency": 123.253,
    "InPlanePhaseEncodingDirectionDICOM": "COL",
    "InstitutionAddress": "Vassar_Street_43_Cambridge_Boston_US_02139",
    "InstitutionName": "McGovern_Institute_for_Brain_Research_(3T1)",
    "InstitutionalDepartmentName": "Department",
    "MRAcquisitionType": "2D",
    "MagneticFieldStrength": 3,
    "Manufacturer": "Siemens",
    "ManufacturersModelName": "Prisma_fit",
    "Modality": "MR",
    "PartialFourier": 1,
    "PatientPosition": "HFS",
    "PercentPhaseFOV": 100,
    "PhaseEncodingDirection": "j-",
    "PhaseEncodingSteps": 70,
    "PhaseResolution": 1,
    "PixelBandwidth": 2380,
    "ProcedureStepDescription": "Young_Minjae",
    "ProtocolName": "TPS_run6",
    "PulseSequenceDetails": "%SiemensSeq%_ep2d_pace",
    "ReceiveCoilActiveElements": "HEA;HEP",
    "ReceiveCoilName": "Head_32",
    "ReconMatrixPE": 70,
    "RepetitionTime": 2,
    "SAR": 0.0872433,
    "ScanOptions": "FS",
    "ScanningSequence": "EP",
    "SequenceName": "_epfid2d1_70",
    "SequenceVariant": "SK",
    "SeriesDescription": "TPS_run6",
    "SeriesNumber": 25,
    "ShimSetting": [
      -5635,
      -1531,
      3183,
      465,
      -1,
      -159,
      86,
      -34
    ],
    "SliceThickness": 3,
    "SliceTiming": [
      0,
      0.0625,
      0.125,
      0.185,
      0.2475,
      0.31,
      0.3725,
      0.4325,
      0.495,
      0.5575,
      0.62,
      0.68,
      0.7425,
      0.805,
      0.8675,
      0.9275,
      0.99,
      1.0525,
      1.115,
      1.175,
      1.2375,
      1.3,
      1.3625,
      1.4225,
      1.485,
      1.5475,
      1.61,
      1.67,
      1.7325,
      1.795,
      1.8575,
      1.9175
    ],
    "SoftwareVersions": "syngo_MR_E11",
    "SpacingBetweenSlices": 3.6,
    "StationName": "MRC35115",
    "TaskName": "tps",
    "TotalReadoutTime": 0.0338094,
    "TxRefAmp": 215.005,
    "dataset": "ds002793",
    "modality": "bold",
    "run_id": 6,
    "subject_id": "23",
    "task_id": "tps"
  },
  "dummy_trs": 1,
  "dvars_nstd": 20.758373459570564,
  "dvars_std": 1.1839612501226995,
  "dvars_vstd": 1.0271823040490795,
  "efc": 0.5598959184410337,
  "fber": 346.5638732910156,
  "fd_mean": 0.21986020181672875,
  "fd_num": 41,
  "fd_perc": 25.0,
  "fwhm_avg": 2.4485397826112725,
  "fwhm_x": 2.29038,
  "fwhm_y": 2.623953333333333,
  "fwhm_z": 2.431286014500485,
  "gcor": 0.0285945,
  "gsr_x": -0.009457274340093136,
  "gsr_y": 0.06866719573736191,
  "provenance": {
    "md5sum": "fc084a9fbb1233f96c7c99a554b6b894",
    "settings": {
      "fd_thres": 0.2,
      "testing": false
    },
    "software": "mriqc",
    "version": "22.0.6",
    "webapi_port": null,
    "webapi_url": "https://mriqc.nimh.nih.gov/api/v1"
  },
  "size_t": 164,
  "size_x": 70,
  "size_y": 70,
  "size_z": 32,
  "snr": 3.076082033554776,
  "spacing_tr": 2.0,
  "spacing_x": 3.0,
  "spacing_y": 3.0,
  "spacing_z": 3.6000001430511475,
  "summary_bg_k": 22.92637832006197,
  "summary_bg_mad": 4.086193875339456,
  "summary_bg_mean": 33.4279899597168,
  "summary_bg_median": 18.54878044128418,
  "summary_bg_n": 94177.0,
  "summary_bg_p05": 15.628047943115234,
  "summary_bg_p95": 106.49511566162107,
  "summary_bg_stdv": 39.89147186279297,
  "summary_fg_k": 0.30677916304024455,
  "summary_fg_mad": 111.52061675894403,
  "summary_fg_mean": 365.90960693359375,
  "summary_fg_median": 348.55487060546875,
  "summary_fg_n": 28407.0,
  "summary_fg_p05": 213.04450531005858,
  "summary_fg_p95": 579.1213134765622,
  "summary_fg_stdv": 113.30931091308594,
  "tsnr": 78.72624327940866
}