{
  "aor": 0.008027317073170732,
  "aqi": 0.0017308866097560979,
  "bids_meta": {
    "AcquisitionMatrixPE": 70,
    "AcquisitionNumber": 1,
    "AcquisitionTime": "15:12:51.905000",
    "BandwidthPerPixelPhaseEncode": 29.155,
    "BaseResolution": 70,
    "BodyPartExamined": "BRAIN",
    "ConsistencyInfo": "N4_VE11C_LATEST_20160120",
    "ConversionSoftware": "dcm2niix",
    "ConversionSoftwareVersion": "v1.0.20181125  (JP2:OpenJPEG) (JP-LS:CharLS) GCC5.5.0",
    "DerivedVendorReportedEchoSpacing": 0.000489992,
    "DeviceSerialNumber": "167012",
    "DwellTime": 3e-06,
    "EchoTime": 0.03,
    "EchoTrainLength": 70,
    "EffectiveEchoSpacing": 0.000489992,
    "FlipAngle": 90,
    "ImageOrientationPatientDICOM": [
      0.995097,
      -0.0207119,
      0.0967075,
      0.0163271,
      0.998812,
      0.0459136
    ],
    "ImageType": [
      "ORIGINAL",
      "PRIMARY",
      "M",
      "ND",
      "MOSAIC"
    ],
    "ImagingFrequency": 123.253,
    "InPlanePhaseEncodingDirectionDICOM": "COL",
    "InstitutionAddress": "Vassar_Street_43_Cambridge_Boston_US_02139",
    "InstitutionName": "McGovern_Institute_for_Brain_Research_(3T1)",
    "InstitutionalDepartmentName": "Department",
    "MRAcquisitionType": "2D",
    "MagneticFieldStrength": 3,
    "Manufacturer": "Siemens",
    "ManufacturersModelName": "Prisma_fit",
    "Modality": "MR",
    "PartialFourier": 1,
    "PatientPosition": "HFS",
    "PercentPhaseFOV": 100,
    "PhaseEncodingDirection": "j-",
    "PhaseEncodingSteps": 70,
    "PhaseResolution": 1,
    "PixelBandwidth": 2380,
    "ProcedureStepDescription": "Young_Minjae",
    "ProtocolName": "TPS_Run10",
    "PulseSequenceDetails": "%SiemensSeq%_ep2d_pace",
    "ReceiveCoilActiveElements": "HEA;HEP",
    "ReceiveCoilName": "Head_32",
    "ReconMatrixPE": 70,
    "RepetitionTime": 2,
    "SAR": 0.0990096,
    "ScanOptions": "FS",
    "ScanningSequence": "EP",
    "SequenceName": "_epfid2d1_70",
    "SequenceVariant": "SK",
    "SeriesDescription": "TPS_Run10",
    "SeriesNumber": 33,
    "ShimSetting": [
      -5579,
      -1541,
      3162,
      292,
      81,
      32,
      -195,
      -42
    ],
    "SliceThickness": 3,
    "SliceTiming": [
      0,
      0.0625,
      0.125,
      0.185,
      0.2475,
      0.31,
      0.3725,
      0.4325,
      0.495,
      0.5575,
      0.62,
      0.68,
      0.7425,
      0.805,
      0.8675,
      0.9275,
      0.99,
      1.0525,
      1.115,
      1.175,
      1.2375,
      1.3,
      1.3625,
      1.4225,
      1.485,
      1.5475,
      1.61,
      1.67,
      1.7325,
      1.795,
      1.8575,
      1.9175
    ],
    "SoftwareVersions": "syngo_MR_E11",
    "SpacingBetweenSlices": 3.6,
    "StationName": "MRC35115",
    "TaskName": "tps",
    "TotalReadoutTime": 0.0338094,
    "TxRefAmp": 237.475,
    "dataset": "ds002793",
    "modality": "bold",
    "run_id": 10,
    "subject_id": "10",
    "task_id": "tps"
  },
  "dummy_trs": 1,
  "dvars_nstd": 20.854087402638044,
  "dvars_std": 1.2343837369938646,
  "dvars_vstd": 1.0304449660122699,
  "efc": 0.5873336874718748,
  "fber": 361.6496276855469,
  "fd_mean": 0.11463158014349434,
  "fd_num": 16,
  "fd_perc": 9.75609756097561,
  "fwhm_avg": 2.959710460251362,
  "fwhm_x": 2.7985933333333333,
  "fwhm_y": 3.1723433333333335,
  "fwhm_z": 2.90819471408742,
  "gcor": 0.0378935,
  "gsr_x": -0.016366401687264442,
  "gsr_y": 0.07336578518152237,
  "provenance": {
    "md5sum": "632a1b70330d0d15ec440dd4e7f3b3d9",
    "settings": {
      "fd_thres": 0.2,
      "testing": false
    },
    "software": "mriqc",
    "version": "22.0.6",
    "webapi_port": null,
    "webapi_url": "https://mriqc.nimh.nih.gov/api/v1"
  },
  "size_t": 164,
  "size_x": 70,
  "size_y": 70,
  "size_z": 32,
  "snr": 2.4274591031630215,
  "spacing_tr": 2.0,
  "spacing_x": 3.0,
  "spacing_y": 3.0,
  "spacing_z": 3.5999996662139893,
  "summary_bg_k": 20.67994657029987,
  "summary_bg_mad": 8.705769146495886,
  "summary_bg_mean": 51.008522033691406,
  "summary_bg_median": 23.835365295410156,
  "summary_bg_n": 82719.0,
  "summary_bg_p05": 17.432926177978516,
  "summary_bg_p95": 193.3262145996091,
  "summary_bg_stdv": 72.20753479003906,
  "summary_fg_k": 0.6371116377985326,
  "summary_fg_mad": 187.9016877785434,
  "summary_fg_mean": 511.26434326171875,
  "summary_fg_median": 476.1524353027344,
  "summary_fg_n": 35837.0,
  "summary_fg_p05": 255.64999389648438,
  "summary_fg_p95": 886.3829101562497,
  "summary_fg_stdv": 196.14987182617188,
  "tsnr": 85.19744754373096
}