{
  "aor": 0.0225390243902439,
  "aqi": 0.0031970255670731714,
  "bids_meta": {
    "AcquisitionMatrixPE": 70,
    "AcquisitionNumber": 1,
    "AcquisitionTime": "14:59:47.082500",
    "BandwidthPerPixelPhaseEncode": 29.155,
    "BaseResolution": 70,
    "BodyPartExamined": "BRAIN",
    "ConsistencyInfo": "N4_VE11C_LATEST_20160120",
    "ConversionSoftware": "dcm2niix",
    "ConversionSoftwareVersion": "v1.0.20181125  (JP2:OpenJPEG) (JP-LS:CharLS) GCC5.5.0",
    "DerivedVendorReportedEchoSpacing": 0.000489992,
    "DeviceSerialNumber": "167012",
    "DwellTime": 3e-06,
    "EchoTime": 0.03,
    "EchoTrainLength": 70,
    "EffectiveEchoSpacing": 0.000489992,
    "FlipAngle": 90,
    "ImageOrientationPatientDICOM": [
      0.995097,
      -0.0207119,
      0.0967075,
      0.0163271,
      0.998812,
      0.0459136
    ],
    "ImageType": [
      "ORIGINAL",
      "PRIMARY",
      "M",
      "ND",
      "MOSAIC"
    ],
    "ImagingFrequency": 123.253,
    "InPlanePhaseEncodingDirectionDICOM": "COL",
    "InstitutionAddress": "Vassar_Street_43_Cambridge_Boston_US_02139",
    "InstitutionName": "McGovern_Institute_for_Brain_Research_(3T1)",
    "InstitutionalDepartmentName": "Department",
    "MRAcquisitionType": "2D",
    "MagneticFieldStrength": 3,
    "Manufacturer": "Siemens",
    "ManufacturersModelName": "Prisma_fit",
    "Modality": "MR",
    "PartialFourier": 1,
    "PatientPosition": "HFS",
    "PercentPhaseFOV": 100,
    "PhaseEncodingDirection": "j-",
    "PhaseEncodingSteps": 70,
    "PhaseResolution": 1,
    "PixelBandwidth": 2380,
    "ProcedureStepDescription": "Young_Minjae",
    "ProtocolName": "TPS_Run8",
    "PulseSequenceDetails": "%SiemensSeq%_ep2d_pace",
    "ReceiveCoilActiveElements": "HEA;HEP",
    "ReceiveCoilName": "Head_32",
    "ReconMatrixPE": 70,
    "RepetitionTime": 2,
    "SAR": 0.0990096,
    "ScanOptions": "FS",
    "ScanningSequence": "EP",
    "SequenceName": "_epfid2d1_70",
    "SequenceVariant": "SK",
    "SeriesDescription": "TPS_Run8",
    "SeriesNumber": 29,
    "ShimSetting": [
      -5579,
      -1541,
      3162,
      292,
      81,
      32,
      -195,
      -42
    ],
    "SliceThickness": 3,
    "SliceTiming": [
      0,
      0.0625,
      0.1225,
      0.185,
      0.2475,
      0.31,
      0.37,
      0.4325,
      0.495,
      0.5575,
      0.6175,
      0.68,
      0.7425,
      0.805,
      0.865,
      0.9275,
      0.99,
      1.0525,
      1.1125,
      1.175,
      1.2375,
      1.3,
      1.36,
      1.4225,
      1.485,
      1.5475,
      1.6075,
      1.67,
      1.7325,
      1.795,
      1.855,
      1.9175
    ],
    "SoftwareVersions": "syngo_MR_E11",
    "SpacingBetweenSlices": 3.6,
    "StationName": "MRC35115",
    "TaskName": "tps",
    "TotalReadoutTime": 0.0338094,
    "TxRefAmp": 237.475,
    "dataset": "ds002793",
    "modality": "bold",
    "run_id": 8,
    "subject_id": "10",
    "task_id": "tps"
  },
  "dummy_trs": 1,
  "dvars_nstd": 25.016763845276085,
  "dvars_std": 1.349630965828221,
  "dvars_vstd": 1.1439124814110433,
  "efc": 0.5873432737449786,
  "fber": 358.5075378417969,
  "fd_mean": 0.1818781039929095,
  "fd_num": 28,
  "fd_perc": 17.073170731707318,
  "fwhm_avg": 2.914092680675879,
  "fwhm_x": 2.758836666666667,
  "fwhm_y": 3.1334133333333334,
  "fwhm_z": 2.850028042027636,
  "gcor": 0.0613928,
  "gsr_x": -0.01755690760910511,
  "gsr_y": 0.07358986139297485,
  "provenance": {
    "md5sum": "a01e92d9f68b0be6191060c1b4155b1e",
    "settings": {
      "fd_thres": 0.2,
      "testing": false
    },
    "software": "mriqc",
    "version": "22.0.6",
    "webapi_port": null,
    "webapi_url": "https://mriqc.nimh.nih.gov/api/v1"
  },
  "size_t": 164,
  "size_x": 70,
  "size_y": 70,
  "size_z": 32,
  "snr": 2.4437250654011597,
  "spacing_tr": 2.0,
  "spacing_x": 3.0,
  "spacing_y": 3.0,
  "spacing_z": 3.5999996662139893,
  "summary_bg_k": 21.64848552786198,
  "summary_bg_mad": 8.552084563272306,
  "summary_bg_mean": 50.34408187866211,
  "summary_bg_median": 23.689023971557617,
  "summary_bg_n": 82549.0,
  "summary_bg_p05": 17.40243911743164,
  "summary_bg_p95": 189.35487365722645,
  "summary_bg_stdv": 71.34038543701172,
  "summary_fg_k": 0.6280983306156691,
  "summary_fg_mad": 186.2157299792555,
  "summary_fg_mean": 508.8721008300781,
  "summary_fg_median": 474.2408447265625,
  "summary_fg_n": 35698.0,
  "summary_fg_p05": 255.46675338745118,
  "summary_fg_p95": 880.3402008056642,
  "summary_fg_stdv": 194.06201171875,
  "tsnr": 61.6761087293271
}