{
  "aor": 0.006408074074074074,
  "aqi": 0.0019042320666666664,
  "bids_meta": {
    "AcquisitionMatrixPE": 70,
    "AcquisitionNumber": 1,
    "AcquisitionTime": "13:59:58.520000",
    "BandwidthPerPixelPhaseEncode": 29.155,
    "BaseResolution": 70,
    "BodyPartExamined": "BRAIN",
    "ConsistencyInfo": "N4_VE11C_LATEST_20160120",
    "ConversionSoftware": "dcm2niix",
    "ConversionSoftwareVersion": "v1.0.20181125  (JP2:OpenJPEG) (JP-LS:CharLS) GCC5.5.0",
    "DerivedVendorReportedEchoSpacing": 0.000489992,
    "DeviceSerialNumber": "167012",
    "DwellTime": 3e-06,
    "EchoTime": 0.03,
    "EchoTrainLength": 70,
    "EffectiveEchoSpacing": 0.000489992,
    "FlipAngle": 90,
    "ImageOrientationPatientDICOM": [
      0.995097,
      -0.0207119,
      0.0967075,
      0.0163271,
      0.998812,
      0.0459136
    ],
    "ImageType": [
      "ORIGINAL",
      "PRIMARY",
      "M",
      "ND",
      "MOSAIC"
    ],
    "ImagingFrequency": 123.253,
    "InPlanePhaseEncodingDirectionDICOM": "COL",
    "InstitutionAddress": "Vassar_Street_43_Cambridge_Boston_US_02139",
    "InstitutionName": "McGovern_Institute_for_Brain_Research_(3T1)",
    "InstitutionalDepartmentName": "Department",
    "MRAcquisitionType": "2D",
    "MagneticFieldStrength": 3,
    "Manufacturer": "Siemens",
    "ManufacturersModelName": "Prisma_fit",
    "Modality": "MR",
    "PartialFourier": 1,
    "PatientPosition": "HFS",
    "PercentPhaseFOV": 100,
    "PhaseEncodingDirection": "j-",
    "PhaseEncodingSteps": 70,
    "PhaseResolution": 1,
    "PixelBandwidth": 2380,
    "ProcedureStepDescription": "Young_Minjae",
    "ProtocolName": "TOM_Run1",
    "PulseSequenceDetails": "%SiemensSeq%_ep2d_pace",
    "ReceiveCoilActiveElements": "HEA;HEP",
    "ReceiveCoilName": "Head_32",
    "ReconMatrixPE": 70,
    "RepetitionTime": 2,
    "SAR": 0.0989166,
    "ScanOptions": "FS",
    "ScanningSequence": "EP",
    "SequenceName": "_epfid2d1_70",
    "SequenceVariant": "SK",
    "SeriesDescription": "TOM_Run1",
    "SeriesNumber": 11,
    "ShimSetting": [
      -5579,
      -1541,
      3162,
      292,
      81,
      32,
      -195,
      -42
    ],
    "SliceThickness": 3,
    "SliceTiming": [
      0,
      0.0625,
      0.125,
      0.1875,
      0.2475,
      0.31,
      0.3725,
      0.435,
      0.495,
      0.5575,
      0.62,
      0.6825,
      0.7425,
      0.805,
      0.8675,
      0.93,
      0.99,
      1.0525,
      1.115,
      1.1775,
      1.2375,
      1.3,
      1.3625,
      1.425,
      1.485,
      1.5475,
      1.61,
      1.6725,
      1.7325,
      1.795,
      1.8575,
      1.92
    ],
    "SoftwareVersions": "syngo_MR_E11",
    "SpacingBetweenSlices": 3.6,
    "StationName": "MRC35115",
    "TaskName": "tom",
    "TotalReadoutTime": 0.0338094,
    "TxRefAmp": 237.475,
    "dataset": "ds002793",
    "modality": "bold",
    "run_id": 1,
    "subject_id": "10",
    "task_id": "tom"
  },
  "dummy_trs": 1,
  "dvars_nstd": 19.26556079768657,
  "dvars_std": 1.2656326670895512,
  "dvars_vstd": 1.0414057420149254,
  "efc": 0.5828400446458033,
  "fber": 373.41009521484375,
  "fd_mean": 0.11267258913057768,
  "fd_num": 13,
  "fd_perc": 9.62962962962963,
  "fwhm_avg": 2.9366197178528517,
  "fwhm_x": 2.79008,
  "fwhm_y": 3.1652233333333335,
  "fwhm_z": 2.8545558202252224,
  "gcor": 0.0182375,
  "gsr_x": -0.019053876399993896,
  "gsr_y": 0.0721251592040062,
  "provenance": {
    "md5sum": "a61f1c825c3ca2d922e60286f2589c2c",
    "settings": {
      "fd_thres": 0.2,
      "testing": false
    },
    "software": "mriqc",
    "version": "22.0.6",
    "webapi_port": null,
    "webapi_url": "https://mriqc.nimh.nih.gov/api/v1"
  },
  "size_t": 135,
  "size_x": 70,
  "size_y": 70,
  "size_z": 32,
  "snr": 2.410054740621339,
  "spacing_tr": 2.0,
  "spacing_x": 3.0,
  "spacing_y": 3.0,
  "spacing_z": 3.5999996662139893,
  "summary_bg_k": 23.773990238427096,
  "summary_bg_mad": 8.1378372099347,
  "summary_bg_mean": 47.622474670410156,
  "summary_bg_median": 23.103702545166016,
  "summary_bg_n": 82479.0,
  "summary_bg_p05": 17.125925064086914,
  "summary_bg_p95": 175.9340744018554,
  "summary_bg_stdv": 67.08758544921875,
  "summary_fg_k": 0.8271092235292259,
  "summary_fg_mad": 185.21542141151167,
  "summary_fg_mean": 506.8221740722656,
  "summary_fg_median": 471.6888732910156,
  "summary_fg_n": 35537.0,
  "summary_fg_p05": 252.9614715576172,
  "summary_fg_p95": 880.9140624999995,
  "summary_fg_stdv": 195.71432495117188,
  "tsnr": 90.22825916018337
}