{
  "aor": 0.00859658536585366,
  "aqi": 0.0020646263536585364,
  "bids_meta": {
    "AcquisitionMatrixPE": 70,
    "AcquisitionNumber": 1,
    "AcquisitionTime": "14:19:10.205000",
    "BandwidthPerPixelPhaseEncode": 29.155,
    "BaseResolution": 70,
    "BodyPartExamined": "BRAIN",
    "ConsistencyInfo": "N4_VE11C_LATEST_20160120",
    "ConversionSoftware": "dcm2niix",
    "ConversionSoftwareVersion": "v1.0.20181125  (JP2:OpenJPEG) (JP-LS:CharLS) GCC5.5.0",
    "DerivedVendorReportedEchoSpacing": 0.000489992,
    "DeviceSerialNumber": "167012",
    "DwellTime": 3e-06,
    "EchoTime": 0.03,
    "EchoTrainLength": 70,
    "EffectiveEchoSpacing": 0.000489992,
    "FlipAngle": 90,
    "ImageOrientationPatientDICOM": [
      0.995097,
      -0.0207119,
      0.0967075,
      0.0163271,
      0.998812,
      0.0459136
    ],
    "ImageType": [
      "ORIGINAL",
      "PRIMARY",
      "M",
      "ND",
      "MOSAIC"
    ],
    "ImagingFrequency": 123.253,
    "InPlanePhaseEncodingDirectionDICOM": "COL",
    "InstitutionAddress": "Vassar_Street_43_Cambridge_Boston_US_02139",
    "InstitutionName": "McGovern_Institute_for_Brain_Research_(3T1)",
    "InstitutionalDepartmentName": "Department",
    "MRAcquisitionType": "2D",
    "MagneticFieldStrength": 3,
    "Manufacturer": "Siemens",
    "ManufacturersModelName": "Prisma_fit",
    "Modality": "MR",
    "PartialFourier": 1,
    "PatientPosition": "HFS",
    "PercentPhaseFOV": 100,
    "PhaseEncodingDirection": "j-",
    "PhaseEncodingSteps": 70,
    "PhaseResolution": 1,
    "PixelBandwidth": 2380,
    "ProcedureStepDescription": "Young_Minjae",
    "ProtocolName": "TPS_Run2",
    "PulseSequenceDetails": "%SiemensSeq%_ep2d_pace",
    "ReceiveCoilActiveElements": "HEA;HEP",
    "ReceiveCoilName": "Head_32",
    "ReconMatrixPE": 70,
    "RepetitionTime": 2,
    "SAR": 0.0990096,
    "ScanOptions": "FS",
    "ScanningSequence": "EP",
    "SequenceName": "_epfid2d1_70",
    "SequenceVariant": "SK",
    "SeriesDescription": "TPS_Run2",
    "SeriesNumber": 17,
    "ShimSetting": [
      -5579,
      -1541,
      3162,
      292,
      81,
      32,
      -195,
      -42
    ],
    "SliceThickness": 3,
    "SliceTiming": [
      0,
      0.0625,
      0.1225,
      0.185,
      0.2475,
      0.31,
      0.37,
      0.4325,
      0.495,
      0.5575,
      0.6175,
      0.68,
      0.7425,
      0.805,
      0.865,
      0.9275,
      0.99,
      1.0525,
      1.1125,
      1.175,
      1.2375,
      1.3,
      1.36,
      1.4225,
      1.485,
      1.5475,
      1.6075,
      1.67,
      1.7325,
      1.795,
      1.855,
      1.9175
    ],
    "SoftwareVersions": "syngo_MR_E11",
    "SpacingBetweenSlices": 3.6,
    "StationName": "MRC35115",
    "TaskName": "tps",
    "TotalReadoutTime": 0.0338094,
    "TxRefAmp": 237.475,
    "dataset": "ds002793",
    "modality": "bold",
    "run_id": 2,
    "subject_id": "10",
    "task_id": "tps"
  },
  "dummy_trs": 1,
  "dvars_nstd": 21.330930183312887,
  "dvars_std": 1.2100683330674846,
  "dvars_vstd": 1.0262623940490796,
  "efc": 0.5839931289907058,
  "fber": 369.2745056152344,
  "fd_mean": 0.13004113873749318,
  "fd_num": 16,
  "fd_perc": 9.75609756097561,
  "fwhm_avg": 2.946297866429393,
  "fwhm_x": 2.7887500000000003,
  "fwhm_y": 3.1817266666666666,
  "fwhm_z": 2.8684169326215123,
  "gcor": 0.0493905,
  "gsr_x": -0.018831776455044746,
  "gsr_y": 0.07249527424573898,
  "provenance": {
    "md5sum": "2ab482a58b627ebf4d298b98b6944c79",
    "settings": {
      "fd_thres": 0.2,
      "testing": false
    },
    "software": "mriqc",
    "version": "22.0.6",
    "webapi_port": null,
    "webapi_url": "https://mriqc.nimh.nih.gov/api/v1"
  },
  "size_t": 164,
  "size_x": 70,
  "size_y": 70,
  "size_z": 32,
  "snr": 2.4149943691312474,
  "spacing_tr": 2.0,
  "spacing_x": 3.0,
  "spacing_y": 3.0,
  "spacing_z": 3.5999996662139893,
  "summary_bg_k": 23.30993419398779,
  "summary_bg_mad": 8.312515672228916,
  "summary_bg_mean": 48.353355407714844,
  "summary_bg_median": 23.399389266967773,
  "summary_bg_n": 82520.0,
  "summary_bg_p05": 17.286584854125977,
  "summary_bg_p95": 180.03109664916997,
  "summary_bg_stdv": 67.49143981933594,
  "summary_fg_k": 0.7640440211021988,
  "summary_fg_mad": 186.2925793404656,
  "summary_fg_mean": 509.9721984863281,
  "summary_fg_median": 474.9024353027344,
  "summary_fg_n": 35611.0,
  "summary_fg_p05": 254.43901824951172,
  "summary_fg_p95": 885.7835083007812,
  "summary_fg_stdv": 196.64466857910156,
  "tsnr": 79.66715354600456
}