{
  "aor": 0.0040094512195121956,
  "aqi": 0.0015800668963414637,
  "bids_meta": {
    "AcquisitionMatrixPE": 70,
    "AcquisitionNumber": 1,
    "AcquisitionTime": "14:52:34.590000",
    "BandwidthPerPixelPhaseEncode": 29.155,
    "BaseResolution": 70,
    "BodyPartExamined": "BRAIN",
    "ConsistencyInfo": "N4_VE11C_LATEST_20160120",
    "ConversionSoftware": "dcm2niix",
    "ConversionSoftwareVersion": "v1.0.20181125  (JP2:OpenJPEG) (JP-LS:CharLS) GCC5.5.0",
    "DerivedVendorReportedEchoSpacing": 0.000489992,
    "DeviceSerialNumber": "167012",
    "DwellTime": 3e-06,
    "EchoTime": 0.03,
    "EchoTrainLength": 70,
    "EffectiveEchoSpacing": 0.000489992,
    "FlipAngle": 90,
    "ImageOrientationPatientDICOM": [
      0.995097,
      -0.0207119,
      0.0967075,
      0.0163271,
      0.998812,
      0.0459136
    ],
    "ImageType": [
      "ORIGINAL",
      "PRIMARY",
      "M",
      "ND",
      "MOSAIC"
    ],
    "ImagingFrequency": 123.253,
    "InPlanePhaseEncodingDirectionDICOM": "COL",
    "InstitutionAddress": "Vassar_Street_43_Cambridge_Boston_US_02139",
    "InstitutionName": "McGovern_Institute_for_Brain_Research_(3T1)",
    "InstitutionalDepartmentName": "Department",
    "MRAcquisitionType": "2D",
    "MagneticFieldStrength": 3,
    "Manufacturer": "Siemens",
    "ManufacturersModelName": "Prisma_fit",
    "Modality": "MR",
    "PartialFourier": 1,
    "PatientPosition": "HFS",
    "PercentPhaseFOV": 100,
    "PhaseEncodingDirection": "j-",
    "PhaseEncodingSteps": 70,
    "PhaseResolution": 1,
    "PixelBandwidth": 2380,
    "ProcedureStepDescription": "Young_Minjae",
    "ProtocolName": "TPS_Run7",
    "PulseSequenceDetails": "%SiemensSeq%_ep2d_pace",
    "ReceiveCoilActiveElements": "HEA;HEP",
    "ReceiveCoilName": "Head_32",
    "ReconMatrixPE": 70,
    "RepetitionTime": 2,
    "SAR": 0.0990096,
    "ScanOptions": "FS",
    "ScanningSequence": "EP",
    "SequenceName": "_epfid2d1_70",
    "SequenceVariant": "SK",
    "SeriesDescription": "TPS_Run7",
    "SeriesNumber": 27,
    "ShimSetting": [
      -5579,
      -1541,
      3162,
      292,
      81,
      32,
      -195,
      -42
    ],
    "SliceThickness": 3,
    "SliceTiming": [
      0,
      0.0625,
      0.1225,
      0.185,
      0.2475,
      0.31,
      0.37,
      0.4325,
      0.495,
      0.5575,
      0.6175,
      0.68,
      0.7425,
      0.805,
      0.865,
      0.9275,
      0.99,
      1.0525,
      1.1125,
      1.175,
      1.2375,
      1.3,
      1.36,
      1.4225,
      1.485,
      1.5475,
      1.6075,
      1.67,
      1.7325,
      1.795,
      1.855,
      1.9175
    ],
    "SoftwareVersions": "syngo_MR_E11",
    "SpacingBetweenSlices": 3.6,
    "StationName": "MRC35115",
    "TaskName": "tps",
    "TotalReadoutTime": 0.0338094,
    "TxRefAmp": 237.475,
    "dataset": "ds002793",
    "modality": "bold",
    "run_id": 7,
    "subject_id": "10",
    "task_id": "tps"
  },
  "dummy_trs": 1,
  "dvars_nstd": 20.126609837055216,
  "dvars_std": 1.2496568612269938,
  "dvars_vstd": 1.020723281779141,
  "efc": 0.5865508085017292,
  "fber": 361.59051513671875,
  "fd_mean": 0.10457107971281607,
  "fd_num": 9,
  "fd_perc": 5.487804878048781,
  "fwhm_avg": 2.9107523097921235,
  "fwhm_x": 2.7630766666666666,
  "fwhm_y": 3.1357633333333332,
  "fwhm_z": 2.8334169293763707,
  "gcor": 0.0295046,
  "gsr_x": -0.017199954017996788,
  "gsr_y": 0.07277332246303558,
  "provenance": {
    "md5sum": "8a85b066f6c84a840b88ef2271e46ccd",
    "settings": {
      "fd_thres": 0.2,
      "testing": false
    },
    "software": "mriqc",
    "version": "22.0.6",
    "webapi_port": null,
    "webapi_url": "https://mriqc.nimh.nih.gov/api/v1"
  },
  "size_t": 164,
  "size_x": 70,
  "size_y": 70,
  "size_z": 32,
  "snr": 2.442371399746994,
  "spacing_tr": 2.0,
  "spacing_x": 3.0,
  "spacing_y": 3.0,
  "spacing_z": 3.5999996662139893,
  "summary_bg_k": 22.921465023491074,
  "summary_bg_mad": 8.434559561362875,
  "summary_bg_mean": 49.741939544677734,
  "summary_bg_median": 23.542682647705078,
  "summary_bg_n": 82512.0,
  "summary_bg_p05": 17.335365295410156,
  "summary_bg_p95": 187.30091171264644,
  "summary_bg_stdv": 70.56452941894531,
  "summary_fg_k": 0.6560393566502216,
  "summary_fg_mad": 184.85065276265937,
  "summary_fg_mean": 507.2146911621094,
  "summary_fg_median": 472.29266357421875,
  "summary_fg_n": 35660.0,
  "summary_fg_p05": 254.3152328491211,
  "summary_fg_p95": 877.5423461914052,
  "summary_fg_stdv": 193.37191772460938,
  "tsnr": 96.79309772327542
}