{
  "aor": 0.001989925925925926,
  "aqi": 0.0014813706370370371,
  "bids_meta": {
    "AcquisitionMatrixPE": 70,
    "AcquisitionNumber": 1,
    "AcquisitionTime": "14:05:54.017500",
    "BandwidthPerPixelPhaseEncode": 29.155,
    "BaseResolution": 70,
    "BodyPartExamined": "BRAIN",
    "ConsistencyInfo": "N4_VE11C_LATEST_20160120",
    "ConversionSoftware": "dcm2niix",
    "ConversionSoftwareVersion": "v1.0.20181125  (JP2:OpenJPEG) (JP-LS:CharLS) GCC5.5.0",
    "DerivedVendorReportedEchoSpacing": 0.000489992,
    "DeviceSerialNumber": "167012",
    "DwellTime": 3e-06,
    "EchoTime": 0.03,
    "EchoTrainLength": 70,
    "EffectiveEchoSpacing": 0.000489992,
    "FlipAngle": 90,
    "ImageOrientationPatientDICOM": [
      0.995097,
      -0.0207119,
      0.0967075,
      0.0163271,
      0.998812,
      0.0459136
    ],
    "ImageType": [
      "ORIGINAL",
      "PRIMARY",
      "M",
      "ND",
      "MOSAIC"
    ],
    "ImagingFrequency": 123.253,
    "InPlanePhaseEncodingDirectionDICOM": "COL",
    "InstitutionAddress": "Vassar_Street_43_Cambridge_Boston_US_02139",
    "InstitutionName": "McGovern_Institute_for_Brain_Research_(3T1)",
    "InstitutionalDepartmentName": "Department",
    "MRAcquisitionType": "2D",
    "MagneticFieldStrength": 3,
    "Manufacturer": "Siemens",
    "ManufacturersModelName": "Prisma_fit",
    "Modality": "MR",
    "PartialFourier": 1,
    "PatientPosition": "HFS",
    "PercentPhaseFOV": 100,
    "PhaseEncodingDirection": "j-",
    "PhaseEncodingSteps": 70,
    "PhaseResolution": 1,
    "PixelBandwidth": 2380,
    "ProcedureStepDescription": "Young_Minjae",
    "ProtocolName": "TOM_Run2",
    "PulseSequenceDetails": "%SiemensSeq%_ep2d_pace",
    "ReceiveCoilActiveElements": "HEA;HEP",
    "ReceiveCoilName": "Head_32",
    "ReconMatrixPE": 70,
    "RepetitionTime": 2,
    "SAR": 0.0989166,
    "ScanOptions": "FS",
    "ScanningSequence": "EP",
    "SequenceName": "_epfid2d1_70",
    "SequenceVariant": "SK",
    "SeriesDescription": "TOM_Run2",
    "SeriesNumber": 13,
    "ShimSetting": [
      -5579,
      -1541,
      3162,
      292,
      81,
      32,
      -195,
      -42
    ],
    "SliceThickness": 3,
    "SliceTiming": [
      0,
      0.0625,
      0.1225,
      0.185,
      0.2475,
      0.31,
      0.37,
      0.4325,
      0.495,
      0.5575,
      0.6175,
      0.68,
      0.7425,
      0.805,
      0.865,
      0.9275,
      0.99,
      1.0525,
      1.1125,
      1.175,
      1.2375,
      1.3,
      1.36,
      1.4225,
      1.485,
      1.5475,
      1.6075,
      1.67,
      1.7325,
      1.795,
      1.855,
      1.9175
    ],
    "SoftwareVersions": "syngo_MR_E11",
    "SpacingBetweenSlices": 3.6,
    "StationName": "MRC35115",
    "TaskName": "tom",
    "TotalReadoutTime": 0.0338094,
    "TxRefAmp": 237.475,
    "dataset": "ds002793",
    "modality": "bold",
    "run_id": 2,
    "subject_id": "10",
    "task_id": "tom"
  },
  "dummy_trs": 1,
  "dvars_nstd": 18.269658992611948,
  "dvars_std": 1.222109251791045,
  "dvars_vstd": 1.0078036529104477,
  "efc": 0.5832409673257746,
  "fber": 370.6839904785156,
  "fd_mean": 0.08838935827652507,
  "fd_num": 5,
  "fd_perc": 3.7037037037037037,
  "fwhm_avg": 2.9653186083308296,
  "fwhm_x": 2.7952399999999997,
  "fwhm_y": 3.1947433333333333,
  "fwhm_z": 2.9059724916591567,
  "gcor": 0.0381565,
  "gsr_x": -0.019826604053378105,
  "gsr_y": 0.07359525561332703,
  "provenance": {
    "md5sum": "ff4a12370f0b648f28ed7d605df9699b",
    "settings": {
      "fd_thres": 0.2,
      "testing": false
    },
    "software": "mriqc",
    "version": "22.0.6",
    "webapi_port": null,
    "webapi_url": "https://mriqc.nimh.nih.gov/api/v1"
  },
  "size_t": 135,
  "size_x": 70,
  "size_y": 70,
  "size_z": 32,
  "snr": 2.3898905142138434,
  "spacing_tr": 2.0,
  "spacing_x": 3.0,
  "spacing_y": 3.0,
  "spacing_z": 3.5999996662139893,
  "summary_bg_k": 25.24346715966237,
  "summary_bg_mad": 8.148820537832107,
  "summary_bg_mean": 47.915855407714844,
  "summary_bg_median": 23.207406997680664,
  "summary_bg_n": 82259.0,
  "summary_bg_p05": 17.22222137451172,
  "summary_bg_p95": 177.3340698242187,
  "summary_bg_stdv": 67.65010070800781,
  "summary_fg_k": 0.8482990371436654,
  "summary_fg_mad": 186.55527430142274,
  "summary_fg_mean": 509.806884765625,
  "summary_fg_median": 473.611083984375,
  "summary_fg_n": 35712.0,
  "summary_fg_p05": 253.76703338623048,
  "summary_fg_p95": 891.5696014404297,
  "summary_fg_stdv": 198.16993713378906,
  "tsnr": 95.02647812478244
}