{
  "aor": 0.00746525925925926,
  "aqi": 0.00939884651851852,
  "bids_meta": {
    "AcquisitionMatrixPE": 70,
    "AcquisitionNumber": 1,
    "AcquisitionTime": "14:14:9.552500",
    "BandwidthPerPixelPhaseEncode": 29.155,
    "BaseResolution": 70,
    "BodyPartExamined": "BRAIN",
    "ConsistencyInfo": "N4_VE11C_LATEST_20160120",
    "ConversionSoftware": "dcm2niix",
    "ConversionSoftwareVersion": "v1.0.20181125  (JP2:OpenJPEG) (JP-LS:CharLS) GCC5.5.0",
    "DerivedVendorReportedEchoSpacing": 0.000489992,
    "DeviceSerialNumber": "167012",
    "DwellTime": 3e-06,
    "EchoTime": 0.03,
    "EchoTrainLength": 70,
    "EffectiveEchoSpacing": 0.000489992,
    "FlipAngle": 90,
    "ImageOrientationPatientDICOM": [
      0.998843,
      -0.0277708,
      0.0392651,
      0.0272024,
      0.999518,
      0.0149385
    ],
    "ImageType": [
      "ORIGINAL",
      "PRIMARY",
      "M",
      "ND",
      "MOSAIC"
    ],
    "ImagingFrequency": 123.253,
    "InPlanePhaseEncodingDirectionDICOM": "COL",
    "InstitutionAddress": "Vassar_Street_43_Cambridge_Boston_US_02139",
    "InstitutionName": "McGovern_Institute_for_Brain_Research_(3T1)",
    "InstitutionalDepartmentName": "Department",
    "MRAcquisitionType": "2D",
    "MagneticFieldStrength": 3,
    "Manufacturer": "Siemens",
    "ManufacturersModelName": "Prisma_fit",
    "Modality": "MR",
    "PartialFourier": 1,
    "PatientPosition": "HFS",
    "PercentPhaseFOV": 100,
    "PhaseEncodingDirection": "j-",
    "PhaseEncodingSteps": 70,
    "PhaseResolution": 1,
    "PixelBandwidth": 2380,
    "ProcedureStepDescription": "Young_Minjae",
    "ProtocolName": "tom_localizer_run2",
    "PulseSequenceDetails": "%SiemensSeq%_ep2d_pace",
    "ReceiveCoilActiveElements": "HEA;HEP",
    "ReceiveCoilName": "Head_32",
    "ReconMatrixPE": 70,
    "RepetitionTime": 2,
    "SAR": 0.106016,
    "ScanOptions": "FS",
    "ScanningSequence": "EP",
    "SequenceName": "_epfid2d1_70",
    "SequenceVariant": "SK",
    "SeriesDescription": "tom_localizer_run2",
    "SeriesNumber": 13,
    "ShimSetting": [
      -5622,
      -1570,
      3200,
      596,
      8,
      -84,
      38,
      -32
    ],
    "SliceThickness": 3,
    "SliceTiming": [
      0,
      0.0625,
      0.125,
      0.1875,
      0.2475,
      0.31,
      0.3725,
      0.435,
      0.495,
      0.5575,
      0.62,
      0.6825,
      0.7425,
      0.805,
      0.8675,
      0.93,
      0.99,
      1.0525,
      1.115,
      1.1775,
      1.2375,
      1.3,
      1.3625,
      1.425,
      1.485,
      1.5475,
      1.61,
      1.6725,
      1.7325,
      1.795,
      1.8575,
      1.92
    ],
    "SoftwareVersions": "syngo_MR_E11",
    "SpacingBetweenSlices": 3.6,
    "StationName": "MRC35115",
    "TaskName": "tom",
    "TotalReadoutTime": 0.0338094,
    "TxRefAmp": 242.864,
    "dataset": "ds002793",
    "modality": "bold",
    "run_id": 2,
    "subject_id": "26",
    "task_id": "tom"
  },
  "dummy_trs": 1,
  "dvars_nstd": 30.429971182462697,
  "dvars_std": 1.217146839477612,
  "dvars_vstd": 1.0095161716417915,
  "efc": 0.5913366265010565,
  "fber": 293.1421813964844,
  "fd_mean": 0.2876868136496449,
  "fd_num": 60,
  "fd_perc": 44.44444444444444,
  "fwhm_avg": 2.5458876149555443,
  "fwhm_x": 2.33485,
  "fwhm_y": 2.770293333333333,
  "fwhm_z": 2.5325195115333003,
  "gcor": 0.061045,
  "gsr_x": -0.01952505297958851,
  "gsr_y": 0.10364926606416702,
  "provenance": {
    "md5sum": "bade20ada00968828b9c8bb5d1ab18c3",
    "settings": {
      "fd_thres": 0.2,
      "testing": false
    },
    "software": "mriqc",
    "version": "22.0.6",
    "webapi_port": null,
    "webapi_url": "https://mriqc.nimh.nih.gov/api/v1"
  },
  "size_t": 135,
  "size_x": 70,
  "size_y": 70,
  "size_z": 32,
  "snr": 2.887287416320465,
  "spacing_tr": 2.0,
  "spacing_x": 3.0,
  "spacing_y": 3.0,
  "spacing_z": 3.5999999046325684,
  "summary_bg_k": 14.5927267418923,
  "summary_bg_mad": 6.380682900226381,
  "summary_bg_mean": 52.242576599121094,
  "summary_bg_median": 21.333332061767578,
  "summary_bg_n": 90899.0,
  "summary_bg_p05": 16.711111068725586,
  "summary_bg_p95": 231.33703155517546,
  "summary_bg_stdv": 80.86687469482422,
  "summary_fg_k": 0.22203697692226232,
  "summary_fg_mad": 126.35064316446935,
  "summary_fg_mean": 392.3203430175781,
  "summary_fg_median": 372.1555480957031,
  "summary_fg_n": 30218.0,
  "summary_fg_p05": 217.0103713989258,
  "summary_fg_p95": 633.6477416992187,
  "summary_fg_stdv": 128.89239501953125,
  "tsnr": 51.092837856849656
}