{
  "aor": 0.006427575757575758,
  "aqi": 0.006320558666666667,
  "bids_meta": {
    "AcquisitionMatrixPE": 70,
    "AcquisitionNumber": 1,
    "AcquisitionTime": "15:05:56.767500",
    "BandwidthPerPixelPhaseEncode": 29.155,
    "BaseResolution": 70,
    "BodyPartExamined": "BRAIN",
    "ConsistencyInfo": "N4_VE11C_LATEST_20160120",
    "ConversionSoftware": "dcm2niix",
    "ConversionSoftwareVersion": "v1.0.20181125  (JP2:OpenJPEG) (JP-LS:CharLS) GCC5.5.0",
    "DerivedVendorReportedEchoSpacing": 0.000489992,
    "DeviceSerialNumber": "167012",
    "DwellTime": 3e-06,
    "EchoTime": 0.03,
    "EchoTrainLength": 70,
    "EffectiveEchoSpacing": 0.000489992,
    "FlipAngle": 90,
    "ImageOrientationPatientDICOM": [
      0.998843,
      -0.0277708,
      0.0392651,
      0.0272024,
      0.999518,
      0.0149385
    ],
    "ImageType": [
      "ORIGINAL",
      "PRIMARY",
      "M",
      "ND",
      "MOSAIC"
    ],
    "ImagingFrequency": 123.253,
    "InPlanePhaseEncodingDirectionDICOM": "COL",
    "InstitutionAddress": "Vassar_Street_43_Cambridge_Boston_US_02139",
    "InstitutionName": "McGovern_Institute_for_Brain_Research_(3T1)",
    "InstitutionalDepartmentName": "Department",
    "MRAcquisitionType": "2D",
    "MagneticFieldStrength": 3,
    "Manufacturer": "Siemens",
    "ManufacturersModelName": "Prisma_fit",
    "Modality": "MR",
    "PartialFourier": 1,
    "PatientPosition": "HFS",
    "PercentPhaseFOV": 100,
    "PhaseEncodingDirection": "j-",
    "PhaseEncodingSteps": 70,
    "PhaseResolution": 1,
    "PixelBandwidth": 2380,
    "ProcedureStepDescription": "Young_Minjae",
    "ProtocolName": "run8",
    "PulseSequenceDetails": "%SiemensSeq%_ep2d_pace",
    "ReceiveCoilActiveElements": "HEA;HEP",
    "ReceiveCoilName": "Head_32",
    "ReconMatrixPE": 70,
    "RepetitionTime": 2,
    "SAR": 0.106116,
    "ScanOptions": "FS",
    "ScanningSequence": "EP",
    "SequenceName": "_epfid2d1_70",
    "SequenceVariant": "SK",
    "SeriesDescription": "run8",
    "SeriesNumber": 29,
    "ShimSetting": [
      -5622,
      -1570,
      3200,
      596,
      8,
      -84,
      38,
      -32
    ],
    "SliceThickness": 3,
    "SliceTiming": [
      0,
      0.06,
      0.1225,
      0.185,
      0.2475,
      0.3075,
      0.37,
      0.4325,
      0.495,
      0.555,
      0.6175,
      0.68,
      0.74,
      0.8025,
      0.865,
      0.9275,
      0.9875,
      1.05,
      1.1125,
      1.175,
      1.235,
      1.2975,
      1.36,
      1.4225,
      1.4825,
      1.545,
      1.6075,
      1.67,
      1.73,
      1.7925,
      1.855,
      1.9175
    ],
    "SoftwareVersions": "syngo_MR_E11",
    "SpacingBetweenSlices": 3.6,
    "StationName": "MRC35115",
    "TaskName": "tps",
    "TotalReadoutTime": 0.0338094,
    "TxRefAmp": 242.864,
    "dataset": "ds002793",
    "modality": "bold",
    "run_id": 8,
    "subject_id": "26",
    "task_id": "tps"
  },
  "dummy_trs": 0,
  "dvars_nstd": 33.156824077012175,
  "dvars_std": 1.2323981354268296,
  "dvars_vstd": 1.023905877073172,
  "efc": 0.5597268186450464,
  "fber": 339.02410888671875,
  "fd_mean": 0.35802243416339696,
  "fd_num": 84,
  "fd_perc": 50.90909090909091,
  "fwhm_avg": 2.611628172599691,
  "fwhm_x": 2.276123333333333,
  "fwhm_y": 2.7897166666666666,
  "fwhm_z": 2.7690445177990735,
  "gcor": 0.0886106,
  "gsr_x": 0.01767142117023468,
  "gsr_y": 0.12648597359657288,
  "provenance": {
    "md5sum": "ed77a98c692e6ca5d48179cf25156e33",
    "settings": {
      "fd_thres": 0.2,
      "testing": false
    },
    "software": "mriqc",
    "version": "22.0.6",
    "webapi_port": null,
    "webapi_url": "https://mriqc.nimh.nih.gov/api/v1"
  },
  "size_t": 165,
  "size_x": 70,
  "size_y": 70,
  "size_z": 32,
  "snr": 2.7762601287384547,
  "spacing_tr": 2.0,
  "spacing_x": 3.0,
  "spacing_y": 3.0,
  "spacing_z": 3.5999999046325684,
  "summary_bg_k": 18.760965948552396,
  "summary_bg_mad": 2.5069445925831637,
  "summary_bg_mean": 40.30430603027344,
  "summary_bg_median": 17.763635635375977,
  "summary_bg_n": 98004.0,
  "summary_bg_p05": 15.957574844360352,
  "summary_bg_p95": 172.11756591796853,
  "summary_bg_stdv": 64.35566711425781,
  "summary_fg_k": 1.1422811482307091,
  "summary_fg_mad": 104.09215435240175,
  "summary_fg_mean": 350.2284851074219,
  "summary_fg_median": 326.478759765625,
  "summary_fg_n": 26674.0,
  "summary_fg_p05": 202.56362915039062,
  "summary_fg_p95": 581.7278717041012,
  "summary_fg_stdv": 117.59439849853516,
  "tsnr": 54.89798174821772
}