{
  "aor": 0.007718969696969699,
  "aqi": 0.004080032121212121,
  "bids_meta": {
    "AcquisitionMatrixPE": 70,
    "AcquisitionNumber": 1,
    "AcquisitionTime": "14:59:3.687500",
    "BandwidthPerPixelPhaseEncode": 29.155,
    "BaseResolution": 70,
    "BodyPartExamined": "BRAIN",
    "ConsistencyInfo": "N4_VE11C_LATEST_20160120",
    "ConversionSoftware": "dcm2niix",
    "ConversionSoftwareVersion": "v1.0.20181125  (JP2:OpenJPEG) (JP-LS:CharLS) GCC5.5.0",
    "DerivedVendorReportedEchoSpacing": 0.000489992,
    "DeviceSerialNumber": "167012",
    "DwellTime": 3e-06,
    "EchoTime": 0.03,
    "EchoTrainLength": 70,
    "EffectiveEchoSpacing": 0.000489992,
    "FlipAngle": 90,
    "ImageOrientationPatientDICOM": [
      0.998843,
      -0.0277708,
      0.0392651,
      0.0272024,
      0.999518,
      0.0149385
    ],
    "ImageType": [
      "ORIGINAL",
      "PRIMARY",
      "M",
      "ND",
      "MOSAIC"
    ],
    "ImagingFrequency": 123.253,
    "InPlanePhaseEncodingDirectionDICOM": "COL",
    "InstitutionAddress": "Vassar_Street_43_Cambridge_Boston_US_02139",
    "InstitutionName": "McGovern_Institute_for_Brain_Research_(3T1)",
    "InstitutionalDepartmentName": "Department",
    "MRAcquisitionType": "2D",
    "MagneticFieldStrength": 3,
    "Manufacturer": "Siemens",
    "ManufacturersModelName": "Prisma_fit",
    "Modality": "MR",
    "PartialFourier": 1,
    "PatientPosition": "HFS",
    "PercentPhaseFOV": 100,
    "PhaseEncodingDirection": "j-",
    "PhaseEncodingSteps": 70,
    "PhaseResolution": 1,
    "PixelBandwidth": 2380,
    "ProcedureStepDescription": "Young_Minjae",
    "ProtocolName": "run7",
    "PulseSequenceDetails": "%SiemensSeq%_ep2d_pace",
    "ReceiveCoilActiveElements": "HEA;HEP",
    "ReceiveCoilName": "Head_32",
    "ReconMatrixPE": 70,
    "RepetitionTime": 2,
    "SAR": 0.106116,
    "ScanOptions": "FS",
    "ScanningSequence": "EP",
    "SequenceName": "_epfid2d1_70",
    "SequenceVariant": "SK",
    "SeriesDescription": "run7",
    "SeriesNumber": 27,
    "ShimSetting": [
      -5622,
      -1570,
      3200,
      596,
      8,
      -84,
      38,
      -32
    ],
    "SliceThickness": 3,
    "SliceTiming": [
      0,
      0.0625,
      0.1225,
      0.185,
      0.2475,
      0.31,
      0.37,
      0.4325,
      0.495,
      0.5575,
      0.6175,
      0.68,
      0.7425,
      0.805,
      0.865,
      0.9275,
      0.99,
      1.0525,
      1.1125,
      1.175,
      1.2375,
      1.3,
      1.36,
      1.4225,
      1.485,
      1.5475,
      1.6075,
      1.67,
      1.7325,
      1.7925,
      1.855,
      1.9175
    ],
    "SoftwareVersions": "syngo_MR_E11",
    "SpacingBetweenSlices": 3.6,
    "StationName": "MRC35115",
    "TaskName": "tps",
    "TotalReadoutTime": 0.0338094,
    "TxRefAmp": 242.864,
    "dataset": "ds002793",
    "modality": "bold",
    "run_id": 7,
    "subject_id": "26",
    "task_id": "tps"
  },
  "dummy_trs": 0,
  "dvars_nstd": 27.48670127932926,
  "dvars_std": 1.2250729895731707,
  "dvars_vstd": 1.0354605913414636,
  "efc": 0.5601158357922918,
  "fber": 339.72100830078125,
  "fd_mean": 0.25654988546102975,
  "fd_num": 62,
  "fd_perc": 37.57575757575758,
  "fwhm_avg": 2.609311135534005,
  "fwhm_x": 2.2947566666666668,
  "fwhm_y": 2.767376666666667,
  "fwhm_z": 2.7658000732686805,
  "gcor": 0.0503504,
  "gsr_x": 0.01694757491350174,
  "gsr_y": 0.1297900378704071,
  "provenance": {
    "md5sum": "c43c0644968a0fe5106e6038900601d0",
    "settings": {
      "fd_thres": 0.2,
      "testing": false
    },
    "software": "mriqc",
    "version": "22.0.6",
    "webapi_port": null,
    "webapi_url": "https://mriqc.nimh.nih.gov/api/v1"
  },
  "size_t": 165,
  "size_x": 70,
  "size_y": 70,
  "size_z": 32,
  "snr": 2.779031689163548,
  "spacing_tr": 2.0,
  "spacing_x": 3.0,
  "spacing_y": 3.0,
  "spacing_z": 3.5999999046325684,
  "summary_bg_k": 18.902570575168085,
  "summary_bg_mad": 2.4710055827355464,
  "summary_bg_mean": 40.44532775878906,
  "summary_bg_median": 17.709091186523438,
  "summary_bg_n": 98077.0,
  "summary_bg_p05": 15.927271842956543,
  "summary_bg_p95": 171.860595703125,
  "summary_bg_stdv": 64.86771392822266,
  "summary_fg_k": 1.114150501066205,
  "summary_fg_mad": 103.97534196599958,
  "summary_fg_mean": 348.870849609375,
  "summary_fg_median": 325.5454406738281,
  "summary_fg_n": 26648.0,
  "summary_fg_p05": 202.0124183654785,
  "summary_fg_p95": 579.9084716796874,
  "summary_fg_stdv": 117.14128112792969,
  "tsnr": 67.36647539923433
}