{
  "aor": 0.008884848484848487,
  "aqi": 0.008666542727272726,
  "bids_meta": {
    "AcquisitionMatrixPE": 70,
    "AcquisitionNumber": 1,
    "AcquisitionTime": "14:39:47.647500",
    "BandwidthPerPixelPhaseEncode": 29.155,
    "BaseResolution": 70,
    "BodyPartExamined": "BRAIN",
    "ConsistencyInfo": "N4_VE11C_LATEST_20160120",
    "ConversionSoftware": "dcm2niix",
    "ConversionSoftwareVersion": "v1.0.20181125  (JP2:OpenJPEG) (JP-LS:CharLS) GCC5.5.0",
    "DerivedVendorReportedEchoSpacing": 0.000489992,
    "DeviceSerialNumber": "167012",
    "DwellTime": 3e-06,
    "EchoTime": 0.03,
    "EchoTrainLength": 70,
    "EffectiveEchoSpacing": 0.000489992,
    "FlipAngle": 90,
    "ImageOrientationPatientDICOM": [
      0.998843,
      -0.0277708,
      0.0392651,
      0.0272024,
      0.999518,
      0.0149385
    ],
    "ImageType": [
      "ORIGINAL",
      "PRIMARY",
      "M",
      "ND",
      "MOSAIC"
    ],
    "ImagingFrequency": 123.253,
    "InPlanePhaseEncodingDirectionDICOM": "COL",
    "InstitutionAddress": "Vassar_Street_43_Cambridge_Boston_US_02139",
    "InstitutionName": "McGovern_Institute_for_Brain_Research_(3T1)",
    "InstitutionalDepartmentName": "Department",
    "MRAcquisitionType": "2D",
    "MagneticFieldStrength": 3,
    "Manufacturer": "Siemens",
    "ManufacturersModelName": "Prisma_fit",
    "Modality": "MR",
    "PartialFourier": 1,
    "PatientPosition": "HFS",
    "PercentPhaseFOV": 100,
    "PhaseEncodingDirection": "j-",
    "PhaseEncodingSteps": 70,
    "PhaseResolution": 1,
    "PixelBandwidth": 2380,
    "ProcedureStepDescription": "Young_Minjae",
    "ProtocolName": "run4",
    "PulseSequenceDetails": "%SiemensSeq%_ep2d_pace",
    "ReceiveCoilActiveElements": "HEA;HEP",
    "ReceiveCoilName": "Head_32",
    "ReconMatrixPE": 70,
    "RepetitionTime": 2,
    "SAR": 0.106116,
    "ScanOptions": "FS",
    "ScanningSequence": "EP",
    "SequenceName": "_epfid2d1_70",
    "SequenceVariant": "SK",
    "SeriesDescription": "run4",
    "SeriesNumber": 21,
    "ShimSetting": [
      -5622,
      -1570,
      3200,
      596,
      8,
      -84,
      38,
      -32
    ],
    "SliceThickness": 3,
    "SliceTiming": [
      0,
      0.0625,
      0.125,
      0.185,
      0.2475,
      0.31,
      0.3725,
      0.4325,
      0.495,
      0.5575,
      0.62,
      0.68,
      0.7425,
      0.805,
      0.8675,
      0.9275,
      0.99,
      1.0525,
      1.115,
      1.175,
      1.2375,
      1.3,
      1.3625,
      1.4225,
      1.485,
      1.5475,
      1.61,
      1.67,
      1.7325,
      1.795,
      1.8575,
      1.9175
    ],
    "SoftwareVersions": "syngo_MR_E11",
    "SpacingBetweenSlices": 3.6,
    "StationName": "MRC35115",
    "TaskName": "tps",
    "TotalReadoutTime": 0.0338094,
    "TxRefAmp": 242.864,
    "dataset": "ds002793",
    "modality": "bold",
    "run_id": 4,
    "subject_id": "26",
    "task_id": "tps"
  },
  "dummy_trs": 0,
  "dvars_nstd": 36.3000817062805,
  "dvars_std": 1.337440540304879,
  "dvars_vstd": 1.07067860304878,
  "efc": 0.5812629996420189,
  "fber": 307.97845458984375,
  "fd_mean": 0.31829515239388295,
  "fd_num": 83,
  "fd_perc": 50.303030303030305,
  "fwhm_avg": 2.529971874709179,
  "fwhm_x": 2.252076666666667,
  "fwhm_y": 2.749333333333333,
  "fwhm_z": 2.588505624127537,
  "gcor": 0.0640309,
  "gsr_x": -0.019549520686268806,
  "gsr_y": 0.1304973065853119,
  "provenance": {
    "md5sum": "32e2327b00e47336f91e7f5ed86ada5d",
    "settings": {
      "fd_thres": 0.2,
      "testing": false
    },
    "software": "mriqc",
    "version": "22.0.6",
    "webapi_port": null,
    "webapi_url": "https://mriqc.nimh.nih.gov/api/v1"
  },
  "size_t": 165,
  "size_x": 70,
  "size_y": 70,
  "size_z": 32,
  "snr": 2.831465786257875,
  "spacing_tr": 2.0,
  "spacing_x": 3.0,
  "spacing_y": 3.0,
  "spacing_z": 3.5999999046325684,
  "summary_bg_k": 18.700198192130344,
  "summary_bg_mad": 4.214184710551748,
  "summary_bg_mean": 44.89124298095703,
  "summary_bg_median": 19.333332061767578,
  "summary_bg_n": 92285.0,
  "summary_bg_p05": 16.296968460083008,
  "summary_bg_p95": 190.4169677734375,
  "summary_bg_stdv": 70.75235748291016,
  "summary_fg_k": 0.6887795298175954,
  "summary_fg_mad": 112.4037170427817,
  "summary_fg_mean": 366.1343688964844,
  "summary_fg_median": 344.24847412109375,
  "summary_fg_n": 29276.0,
  "summary_fg_p05": 208.8802947998047,
  "summary_fg_p95": 600.5211944580078,
  "summary_fg_stdv": 121.57752227783203,
  "tsnr": 56.44057438429445
}