{
  "aor": 0.009072727272727272,
  "aqi": 0.009139882545454545,
  "bids_meta": {
    "AcquisitionMatrixPE": 70,
    "AcquisitionNumber": 1,
    "AcquisitionTime": "15:18:33.087500",
    "BandwidthPerPixelPhaseEncode": 29.155,
    "BaseResolution": 70,
    "BodyPartExamined": "BRAIN",
    "ConsistencyInfo": "N4_VE11C_LATEST_20160120",
    "ConversionSoftware": "dcm2niix",
    "ConversionSoftwareVersion": "v1.0.20181125  (JP2:OpenJPEG) (JP-LS:CharLS) GCC5.5.0",
    "DerivedVendorReportedEchoSpacing": 0.000489992,
    "DeviceSerialNumber": "167012",
    "DwellTime": 3e-06,
    "EchoTime": 0.03,
    "EchoTrainLength": 70,
    "EffectiveEchoSpacing": 0.000489992,
    "FlipAngle": 90,
    "ImageOrientationPatientDICOM": [
      0.998843,
      -0.0277708,
      0.0392651,
      0.0272024,
      0.999518,
      0.0149385
    ],
    "ImageType": [
      "ORIGINAL",
      "PRIMARY",
      "M",
      "ND",
      "MOSAIC"
    ],
    "ImagingFrequency": 123.253,
    "InPlanePhaseEncodingDirectionDICOM": "COL",
    "InstitutionAddress": "Vassar_Street_43_Cambridge_Boston_US_02139",
    "InstitutionName": "McGovern_Institute_for_Brain_Research_(3T1)",
    "InstitutionalDepartmentName": "Department",
    "MRAcquisitionType": "2D",
    "MagneticFieldStrength": 3,
    "Manufacturer": "Siemens",
    "ManufacturersModelName": "Prisma_fit",
    "Modality": "MR",
    "PartialFourier": 1,
    "PatientPosition": "HFS",
    "PercentPhaseFOV": 100,
    "PhaseEncodingDirection": "j-",
    "PhaseEncodingSteps": 70,
    "PhaseResolution": 1,
    "PixelBandwidth": 2380,
    "ProcedureStepDescription": "Young_Minjae",
    "ProtocolName": "run10",
    "PulseSequenceDetails": "%SiemensSeq%_ep2d_pace",
    "ReceiveCoilActiveElements": "HEA;HEP",
    "ReceiveCoilName": "Head_32",
    "ReconMatrixPE": 70,
    "RepetitionTime": 2,
    "SAR": 0.106116,
    "ScanOptions": "FS",
    "ScanningSequence": "EP",
    "SequenceName": "_epfid2d1_70",
    "SequenceVariant": "SK",
    "SeriesDescription": "run10",
    "SeriesNumber": 33,
    "ShimSetting": [
      -5622,
      -1570,
      3200,
      596,
      8,
      -84,
      38,
      -32
    ],
    "SliceThickness": 3,
    "SliceTiming": [
      0,
      0.0625,
      0.125,
      0.1875,
      0.2475,
      0.31,
      0.3725,
      0.435,
      0.495,
      0.5575,
      0.62,
      0.6825,
      0.7425,
      0.805,
      0.8675,
      0.93,
      0.99,
      1.0525,
      1.115,
      1.1775,
      1.2375,
      1.3,
      1.3625,
      1.425,
      1.485,
      1.5475,
      1.61,
      1.6725,
      1.7325,
      1.795,
      1.8575,
      1.92
    ],
    "SoftwareVersions": "syngo_MR_E11",
    "SpacingBetweenSlices": 3.6,
    "StationName": "MRC35115",
    "TaskName": "tps",
    "TotalReadoutTime": 0.0338094,
    "TxRefAmp": 242.864,
    "dataset": "ds002793",
    "modality": "bold",
    "run_id": 10,
    "subject_id": "26",
    "task_id": "tps"
  },
  "dummy_trs": 0,
  "dvars_nstd": 39.08060206457316,
  "dvars_std": 1.2768314652439023,
  "dvars_vstd": 1.0423733976219511,
  "efc": 0.5871671646310229,
  "fber": 291.9210510253906,
  "fd_mean": 0.42824804078530976,
  "fd_num": 110,
  "fd_perc": 66.66666666666667,
  "fwhm_avg": 2.5903415047477014,
  "fwhm_x": 2.3059433333333335,
  "fwhm_y": 2.83027,
  "fwhm_z": 2.6348111809097707,
  "gcor": 0.110095,
  "gsr_x": -0.022657690569758415,
  "gsr_y": 0.12687787413597107,
  "provenance": {
    "md5sum": "781bd2d31617d03a367ec87b0551f80f",
    "settings": {
      "fd_thres": 0.2,
      "testing": false
    },
    "software": "mriqc",
    "version": "22.0.6",
    "webapi_port": null,
    "webapi_url": "https://mriqc.nimh.nih.gov/api/v1"
  },
  "size_t": 165,
  "size_x": 70,
  "size_y": 70,
  "size_z": 32,
  "snr": 2.7924846151111518,
  "spacing_tr": 2.0,
  "spacing_x": 3.0,
  "spacing_y": 3.0,
  "spacing_z": 3.5999999046325684,
  "summary_bg_k": 17.767600862487605,
  "summary_bg_mad": 4.843166870073058,
  "summary_bg_mean": 46.80381774902344,
  "summary_bg_median": 19.92727279663086,
  "summary_bg_n": 90982.0,
  "summary_bg_p05": 16.436363220214844,
  "summary_bg_p95": 202.10211791992182,
  "summary_bg_stdv": 73.93850708007812,
  "summary_fg_k": 0.7518033895653664,
  "summary_fg_mad": 113.76949556352785,
  "summary_fg_mean": 369.2557067871094,
  "summary_fg_median": 347.21514892578125,
  "summary_fg_n": 29916.0,
  "summary_fg_p05": 208.42120742797852,
  "summary_fg_p95": 609.6924285888672,
  "summary_fg_stdv": 124.33706665039062,
  "tsnr": 49.03162040328607
}