{
  "bids_meta": {
    "AcquisitionMatrixPE": 256,
    "AcquisitionNumber": 1,
    "AcquisitionTime": "13:52:41.760000",
    "BaseResolution": 256,
    "BodyPartExamined": "BRAIN",
    "ConsistencyInfo": "N4_VE11C_LATEST_20160120",
    "ConversionSoftware": "dcm2niix",
    "ConversionSoftwareVersion": "v1.0.20181125  (JP2:OpenJPEG) (JP-LS:CharLS) GCC5.5.0",
    "DeviceSerialNumber": "167012",
    "DwellTime": 3e-06,
    "EchoTime": 0.00169,
    "FlipAngle": 7,
    "ImageOrientationPatientDICOM": [
      0.02176,
      0.998129,
      0.0571366,
      0.0951965,
      0.0548219,
      -0.993948
    ],
    "ImageType": [
      "ORIGINAL",
      "PRIMARY",
      "OTHER",
      "ND",
      "NORM",
      "MEAN"
    ],
    "ImagingFrequency": 123.253,
    "InPlanePhaseEncodingDirectionDICOM": "ROW",
    "InstitutionAddress": "Vassar_Street_43_Cambridge_Boston_US_02139",
    "InstitutionName": "McGovern_Institute_for_Brain_Research_(3T1)",
    "InstitutionalDepartmentName": "Department",
    "InversionTime": 1.4,
    "MRAcquisitionType": "3D",
    "MagneticFieldStrength": 3,
    "Manufacturer": "Siemens",
    "ManufacturersModelName": "Prisma_fit",
    "Modality": "MR",
    "PartialFourier": 1,
    "PatientPosition": "HFS",
    "PercentPhaseFOV": 100,
    "PhaseEncodingSteps": 255,
    "PhaseResolution": 1,
    "PixelBandwidth": 650,
    "ProcedureStepDescription": "Young_Minjae",
    "ProtocolName": "T1w_MPRAGE_FourEcho_vNav",
    "PulseSequenceDetails": "%CustomerSeq%_tfl_mgh_epinav_ABCD",
    "ReceiveCoilActiveElements": "HEA;HEP",
    "ReceiveCoilName": "Head_32",
    "ReconMatrixPE": 256,
    "RepetitionTime": 2.53,
    "SAR": 0.0365632,
    "ScanOptions": "IR_WE",
    "ScanningSequence": "GR_IR",
    "SequenceName": "tfl3d4_16ns",
    "SequenceVariant": "SK_SP_MP",
    "SeriesDescription": "T1w_MPRAGE_FourEcho_vNav_RMS",
    "SeriesNumber": 10,
    "ShimSetting": [
      -5584,
      -1565,
      3166,
      303,
      53,
      -102,
      -177,
      -57
    ],
    "SliceThickness": 1,
    "SoftwareVersions": "syngo_MR_E11",
    "StationName": "MRC35115",
    "TxRefAmp": 237.475,
    "WipMemBlock": "Prisma_epi_moco_navigator_ABCD_tfl.prot",
    "dataset": "ds002793",
    "modality": "T1w",
    "run_id": 1,
    "subject_id": "10"
  },
  "cjv": 0.3557067487497055,
  "cnr": 3.623532401600611,
  "efc": 0.5779715032123405,
  "fber": 22045.57634768337,
  "fwhm_avg": 3.845833333333333,
  "fwhm_x": 3.82097,
  "fwhm_y": 4.09857,
  "fwhm_z": 3.61796,
  "icvs_csf": 0.24880182782820923,
  "icvs_gm": 0.41286037210031007,
  "icvs_wm": 0.33833780007148073,
  "inu_med": 0.36634621024131775,
  "inu_range": 0.12797154486179352,
  "provenance": {
    "md5sum": "9ee6f8c3043de1e028c22ee1e005b915",
    "settings": {
      "testing": false
    },
    "software": "mriqc",
    "version": "22.0.6",
    "warnings": {
      "large_rot_frame": true,
      "small_air_mask": false
    },
    "webapi_port": null,
    "webapi_url": "https://mriqc.nimh.nih.gov/api/v1"
  },
  "qi_1": 0.0,
  "qi_2": 0.002487996807523978,
  "rpve_csf": 19.07626930923929,
  "rpve_gm": 11.383475701945466,
  "rpve_wm": 15.604781818949858,
  "size_x": 176,
  "size_y": 256,
  "size_z": 256,
  "snr_csf": 4.599790711704764,
  "snr_gm": 16.81275703198639,
  "snr_total": 17.007128231592663,
  "snr_wm": 29.608836951086836,
  "snrd_csf": 51.2814133627475,
  "snrd_gm": 129.08863661722012,
  "snrd_total": 114.60182209403803,
  "snrd_wm": 163.43541630214645,
  "spacing_x": 1.0,
  "spacing_y": 1.0,
  "spacing_z": 1.0,
  "summary_bg_k": 6.103322114472547,
  "summary_bg_mad": 0.0,
  "summary_bg_mean": 2.761265608004043,
  "summary_bg_median": 0.0,
  "summary_bg_n": 2418256.0,
  "summary_bg_p05": 0.0,
  "summary_bg_p95": 10.914251191541553,
  "summary_bg_stdv": 4.008366576210705,
  "summary_csf_k": 6.694424209445463,
  "summary_csf_mad": 34.683467851865494,
  "summary_csf_mean": 320.59998111409254,
  "summary_csf_median": 313.7586360704154,
  "summary_csf_n": 116588.0,
  "summary_csf_p05": 246.8196344747208,
  "summary_csf_p95": 436.52100657122196,
  "summary_csf_stdv": 68.21121006265672,
  "summary_gm_k": 0.647288245546211,
  "summary_gm_mad": 42.63498545929585,
  "summary_gm_mean": 789.1315263568415,
  "summary_gm_median": 789.8119786735624,
  "summary_gm_n": 38093.0,
  "summary_gm_p05": 710.4488863572478,
  "summary_gm_p95": 866.8169249389321,
  "summary_gm_stdv": 46.97632935583657,
  "summary_wm_k": 0.6206984204160326,
  "summary_wm_mad": 32.115468001994984,
  "summary_wm_mean": 1000.549618868963,
  "summary_wm_median": 999.958268346265,
  "summary_wm_n": 216487.0,
  "summary_wm_p05": 946.7017309833318,
  "summary_wm_p95": 1056.7207219619304,
  "summary_wm_stdv": 33.77221335928804,
  "tpm_overlap_csf": 0.14814514690833883,
  "tpm_overlap_gm": 0.4327762671801758,
  "tpm_overlap_wm": 0.43524497826215175,
  "wm2max": 0.8995119204054816
}