{
  "aor": 0.0019049999999999998,
  "aqi": 0.0010384025220588234,
  "bids_meta": {
    "AcquisitionMatrixPE": 70,
    "AcquisitionNumber": 1,
    "AcquisitionTime": "10:38:38.337500",
    "BandwidthPerPixelPhaseEncode": 29.155,
    "BaseResolution": 70,
    "BodyPartExamined": "BRAIN",
    "ConsistencyInfo": "N4_VE11C_LATEST_20160120",
    "ConversionSoftware": "dcm2niix",
    "ConversionSoftwareVersion": "v1.0.20181125  (JP2:OpenJPEG) (JP-LS:CharLS) GCC5.5.0",
    "DerivedVendorReportedEchoSpacing": 0.000489992,
    "DeviceSerialNumber": "167012",
    "DwellTime": 3e-06,
    "EchoTime": 0.03,
    "EchoTrainLength": 70,
    "EffectiveEchoSpacing": 0.000489992,
    "FlipAngle": 90,
    "ImageOrientationPatientDICOM": [
      0.996092,
      0.00128682,
      0.0883088,
      -0.0229523,
      0.96931,
      0.244769
    ],
    "ImageType": [
      "ORIGINAL",
      "PRIMARY",
      "M",
      "ND",
      "MOSAIC"
    ],
    "ImagingFrequency": 123.253,
    "InPlanePhaseEncodingDirectionDICOM": "COL",
    "InstitutionAddress": "Vassar_Street_43_Cambridge_Boston_US_02139",
    "InstitutionName": "McGovern_Institute_for_Brain_Research_(3T1)",
    "InstitutionalDepartmentName": "Department",
    "MRAcquisitionType": "2D",
    "MagneticFieldStrength": 3,
    "Manufacturer": "Siemens",
    "ManufacturersModelName": "Prisma_fit",
    "Modality": "MR",
    "PartialFourier": 1,
    "PatientPosition": "HFS",
    "PercentPhaseFOV": 100,
    "PhaseEncodingDirection": "j-",
    "PhaseEncodingSteps": 70,
    "PhaseResolution": 1,
    "PixelBandwidth": 2380,
    "ProcedureStepDescription": "Young_Minjae",
    "ProtocolName": "tom_localizer_run2",
    "PulseSequenceDetails": "%SiemensSeq%_ep2d_pace",
    "ReceiveCoilActiveElements": "HEA;HEP",
    "ReceiveCoilName": "Head_32",
    "ReconMatrixPE": 70,
    "RepetitionTime": 2,
    "SAR": 0.091394,
    "ScanOptions": "FS",
    "ScanningSequence": "EP",
    "SequenceName": "_epfid2d1_70",
    "SequenceVariant": "SK",
    "SeriesDescription": "tom_localizer_run2",
    "SeriesNumber": 13,
    "ShimSetting": [
      -5582,
      -1595,
      3141,
      598,
      71,
      -136,
      15,
      -9
    ],
    "SliceThickness": 3,
    "SliceTiming": [
      0,
      0.0625,
      0.125,
      0.1875,
      0.2475,
      0.31,
      0.3725,
      0.435,
      0.495,
      0.5575,
      0.62,
      0.6825,
      0.7425,
      0.805,
      0.8675,
      0.93,
      0.99,
      1.0525,
      1.115,
      1.1775,
      1.2375,
      1.3,
      1.3625,
      1.425,
      1.485,
      1.5475,
      1.61,
      1.6725,
      1.7325,
      1.795,
      1.8575,
      1.92
    ],
    "SoftwareVersions": "syngo_MR_E11",
    "SpacingBetweenSlices": 3.6,
    "StationName": "MRC35115",
    "TaskName": "tom",
    "TotalReadoutTime": 0.0338094,
    "TxRefAmp": 211.559,
    "dataset": "ds002793",
    "modality": "bold",
    "run_id": 2,
    "subject_id": "21",
    "task_id": "tom"
  },
  "dummy_trs": 0,
  "dvars_nstd": 21.86114601533333,
  "dvars_std": 1.2322300995555546,
  "dvars_vstd": 1.0050970206666667,
  "efc": 0.5534995034820586,
  "fber": 441.5480041503906,
  "fd_mean": 0.15244300322554308,
  "fd_num": 39,
  "fd_perc": 28.676470588235293,
  "fwhm_avg": 2.668608911457857,
  "fwhm_x": 2.518476666666667,
  "fwhm_y": 2.9314999999999998,
  "fwhm_z": 2.5558500677069045,
  "gcor": 0.0440971,
  "gsr_x": -0.013285140506923199,
  "gsr_y": 0.06276002526283264,
  "provenance": {
    "md5sum": "0269221c24b2a56aa696668cbb673eca",
    "settings": {
      "fd_thres": 0.2,
      "testing": false
    },
    "software": "mriqc",
    "version": "22.0.6",
    "webapi_port": null,
    "webapi_url": "https://mriqc.nimh.nih.gov/api/v1"
  },
  "size_t": 136,
  "size_x": 70,
  "size_y": 70,
  "size_z": 32,
  "snr": 2.637800520947675,
  "spacing_tr": 2.0,
  "spacing_x": 3.0,
  "spacing_y": 3.0,
  "spacing_z": 3.5999999046325684,
  "summary_bg_k": 23.55127158674531,
  "summary_bg_mad": 4.415102693844943,
  "summary_bg_mean": 35.84897994995117,
  "summary_bg_median": 19.205883026123047,
  "summary_bg_n": 89292.0,
  "summary_bg_p05": 15.977941513061523,
  "summary_bg_p95": 128.5110252380369,
  "summary_bg_stdv": 46.431026458740234,
  "summary_fg_k": 0.15079706005862148,
  "summary_fg_mad": 155.22629859511463,
  "summary_fg_mean": 439.9568176269531,
  "summary_fg_median": 413.0367736816406,
  "summary_fg_n": 31375.0,
  "summary_fg_p05": 230.38750305175782,
  "summary_fg_p95": 730.4757202148437,
  "summary_fg_stdv": 156.58128356933594,
  "tsnr": 98.98146391217597
}