{
  "aor": 0.0016803030303030302,
  "aqi": 0.0010346703393939393,
  "bids_meta": {
    "AcquisitionMatrixPE": 70,
    "AcquisitionNumber": 1,
    "AcquisitionTime": "11:36:59.545000",
    "BandwidthPerPixelPhaseEncode": 29.155,
    "BaseResolution": 70,
    "BodyPartExamined": "BRAIN",
    "ConsistencyInfo": "N4_VE11C_LATEST_20160120",
    "ConversionSoftware": "dcm2niix",
    "ConversionSoftwareVersion": "v1.0.20181125  (JP2:OpenJPEG) (JP-LS:CharLS) GCC5.5.0",
    "DerivedVendorReportedEchoSpacing": 0.000489992,
    "DeviceSerialNumber": "167012",
    "DwellTime": 3e-06,
    "EchoTime": 0.03,
    "EchoTrainLength": 70,
    "EffectiveEchoSpacing": 0.000489992,
    "FlipAngle": 90,
    "ImageOrientationPatientDICOM": [
      0.996092,
      0.00128682,
      0.0883088,
      -0.0229523,
      0.96931,
      0.244769
    ],
    "ImageType": [
      "ORIGINAL",
      "PRIMARY",
      "M",
      "ND",
      "MOSAIC"
    ],
    "ImagingFrequency": 123.253,
    "InPlanePhaseEncodingDirectionDICOM": "COL",
    "InstitutionAddress": "Vassar_Street_43_Cambridge_Boston_US_02139",
    "InstitutionName": "McGovern_Institute_for_Brain_Research_(3T1)",
    "InstitutionalDepartmentName": "Department",
    "MRAcquisitionType": "2D",
    "MagneticFieldStrength": 3,
    "Manufacturer": "Siemens",
    "ManufacturersModelName": "Prisma_fit",
    "Modality": "MR",
    "PartialFourier": 1,
    "PatientPosition": "HFS",
    "PercentPhaseFOV": 100,
    "PhaseEncodingDirection": "j-",
    "PhaseEncodingSteps": 70,
    "PhaseResolution": 1,
    "PixelBandwidth": 2380,
    "ProcedureStepDescription": "Young_Minjae",
    "ProtocolName": "TPS_run9",
    "PulseSequenceDetails": "%SiemensSeq%_ep2d_pace",
    "ReceiveCoilActiveElements": "HEA;HEP",
    "ReceiveCoilName": "Head_32",
    "ReconMatrixPE": 70,
    "RepetitionTime": 2,
    "SAR": 0.0914798,
    "ScanOptions": "FS",
    "ScanningSequence": "EP",
    "SequenceName": "_epfid2d1_70",
    "SequenceVariant": "SK",
    "SeriesDescription": "TPS_run9",
    "SeriesNumber": 31,
    "ShimSetting": [
      -5582,
      -1595,
      3141,
      598,
      71,
      -136,
      15,
      -9
    ],
    "SliceThickness": 3,
    "SliceTiming": [
      0,
      0.0625,
      0.125,
      0.1875,
      0.2475,
      0.31,
      0.3725,
      0.435,
      0.495,
      0.5575,
      0.62,
      0.6825,
      0.7425,
      0.805,
      0.8675,
      0.93,
      0.99,
      1.0525,
      1.115,
      1.1775,
      1.2375,
      1.3,
      1.3625,
      1.425,
      1.485,
      1.5475,
      1.61,
      1.6725,
      1.7325,
      1.795,
      1.8575,
      1.92
    ],
    "SoftwareVersions": "syngo_MR_E11",
    "SpacingBetweenSlices": 3.6,
    "StationName": "MRC35115",
    "TaskName": "tps",
    "TotalReadoutTime": 0.0338094,
    "TxRefAmp": 211.559,
    "dataset": "ds002793",
    "modality": "bold",
    "run_id": 9,
    "subject_id": "21",
    "task_id": "tps"
  },
  "dummy_trs": 0,
  "dvars_nstd": 21.356241069085367,
  "dvars_std": 1.2481247364634145,
  "dvars_vstd": 1.014936368292683,
  "efc": 0.5569378831801688,
  "fber": 425.8686218261719,
  "fd_mean": 0.1520721706726209,
  "fd_num": 38,
  "fd_perc": 23.03030303030303,
  "fwhm_avg": 2.721616134085906,
  "fwhm_x": 2.5784533333333335,
  "fwhm_y": 2.984586666666667,
  "fwhm_z": 2.601808402257718,
  "gcor": 0.0381701,
  "gsr_x": -0.013316669501364231,
  "gsr_y": 0.06338298320770264,
  "provenance": {
    "md5sum": "1c1058844ffb559da69d0b9590ed1f30",
    "settings": {
      "fd_thres": 0.2,
      "testing": false
    },
    "software": "mriqc",
    "version": "22.0.6",
    "webapi_port": null,
    "webapi_url": "https://mriqc.nimh.nih.gov/api/v1"
  },
  "size_t": 165,
  "size_x": 70,
  "size_y": 70,
  "size_z": 32,
  "snr": 2.5872726712154788,
  "spacing_tr": 2.0,
  "spacing_x": 3.0,
  "spacing_y": 3.0,
  "spacing_z": 3.5999999046325684,
  "summary_bg_k": 20.262817002835337,
  "summary_bg_mad": 4.807226446305783,
  "summary_bg_mean": 37.95945739746094,
  "summary_bg_median": 19.709091186523438,
  "summary_bg_n": 89026.0,
  "summary_bg_p05": 16.2060604095459,
  "summary_bg_p95": 142.15757369995117,
  "summary_bg_stdv": 49.9931526184082,
  "summary_fg_k": 0.2519317498058271,
  "summary_fg_mad": 158.82263152168682,
  "summary_fg_mean": 445.4251403808594,
  "summary_fg_median": 417.2181701660156,
  "summary_fg_n": 31632.0,
  "summary_fg_p05": 230.74545288085938,
  "summary_fg_p95": 745.1990753173823,
  "summary_fg_stdv": 161.25535583496094,
  "tsnr": 100.65255085006356
}