{
  "aor": 0.0065875757575757565,
  "aqi": 0.003206394181818182,
  "bids_meta": {
    "AcquisitionMatrixPE": 70,
    "AcquisitionNumber": 1,
    "AcquisitionTime": "10:07:30.870000",
    "BandwidthPerPixelPhaseEncode": 29.155,
    "BaseResolution": 70,
    "BodyPartExamined": "BRAIN",
    "ConsistencyInfo": "N4_VE11C_LATEST_20160120",
    "ConversionSoftware": "dcm2niix",
    "ConversionSoftwareVersion": "v1.0.20181125  (JP2:OpenJPEG) (JP-LS:CharLS) GCC5.5.0",
    "DerivedVendorReportedEchoSpacing": 0.000489992,
    "DeviceSerialNumber": "167012",
    "DwellTime": 3e-06,
    "EchoTime": 0.03,
    "EchoTrainLength": 70,
    "EffectiveEchoSpacing": 0.000489992,
    "FlipAngle": 90,
    "ImageOrientationPatientDICOM": [
      0.992969,
      -0.0993523,
      0.0643563,
      0.101913,
      0.994075,
      -0.0378004
    ],
    "ImageType": [
      "ORIGINAL",
      "PRIMARY",
      "M",
      "ND",
      "MOSAIC"
    ],
    "ImagingFrequency": 123.253,
    "InPlanePhaseEncodingDirectionDICOM": "COL",
    "InstitutionAddress": "Vassar_Street_43_Cambridge_Boston_US_02139",
    "InstitutionName": "McGovern_Institute_for_Brain_Research_(3T1)",
    "InstitutionalDepartmentName": "Department",
    "MRAcquisitionType": "2D",
    "MagneticFieldStrength": 3,
    "Manufacturer": "Siemens",
    "ManufacturersModelName": "Prisma_fit",
    "Modality": "MR",
    "PartialFourier": 1,
    "PatientPosition": "HFS",
    "PercentPhaseFOV": 100,
    "PhaseEncodingDirection": "j-",
    "PhaseEncodingSteps": 70,
    "PhaseResolution": 1,
    "PixelBandwidth": 2380,
    "ProcedureStepDescription": "Young_Minjae",
    "ProtocolName": "tps_run3",
    "PulseSequenceDetails": "%SiemensSeq%_ep2d_pace",
    "ReceiveCoilActiveElements": "HEA;HEP",
    "ReceiveCoilName": "Head_32",
    "ReconMatrixPE": 70,
    "RepetitionTime": 2,
    "SAR": 0.0895129,
    "ScanOptions": "FS",
    "ScanningSequence": "EP",
    "SequenceName": "_epfid2d1_70",
    "SequenceVariant": "SK",
    "SeriesDescription": "tps_run3",
    "SeriesNumber": 19,
    "ShimSetting": [
      -5585,
      -1553,
      3208,
      614,
      49,
      168,
      -78,
      -45
    ],
    "SliceThickness": 3,
    "SliceTiming": [
      0,
      0.0625,
      0.125,
      0.1875,
      0.2475,
      0.31,
      0.3725,
      0.435,
      0.495,
      0.5575,
      0.62,
      0.6825,
      0.7425,
      0.805,
      0.8675,
      0.93,
      0.99,
      1.0525,
      1.115,
      1.1775,
      1.2375,
      1.3,
      1.3625,
      1.425,
      1.485,
      1.5475,
      1.61,
      1.6725,
      1.7325,
      1.795,
      1.8575,
      1.9175
    ],
    "SoftwareVersions": "syngo_MR_E11",
    "SpacingBetweenSlices": 3.6,
    "StationName": "MRC35115",
    "TaskName": "tps",
    "TotalReadoutTime": 0.0338094,
    "TxRefAmp": 217.918,
    "dataset": "ds002793",
    "modality": "bold",
    "run_id": 3,
    "subject_id": "27",
    "task_id": "tps"
  },
  "dummy_trs": 0,
  "dvars_nstd": 23.606057551036585,
  "dvars_std": 1.2495730696951215,
  "dvars_vstd": 1.035884037682927,
  "efc": 0.5445008792273198,
  "fber": 369.5724792480469,
  "fd_mean": 0.18871710075217213,
  "fd_num": 44,
  "fd_perc": 26.666666666666668,
  "fwhm_avg": 2.904951878163011,
  "fwhm_x": 2.65164,
  "fwhm_y": 3.083576666666667,
  "fwhm_z": 2.9796389678223654,
  "gcor": 0.0668034,
  "gsr_x": 0.006951713003218174,
  "gsr_y": 0.03101155161857605,
  "provenance": {
    "md5sum": "eb2e9da7fa9963b65660dd73d76a85c1",
    "settings": {
      "fd_thres": 0.2,
      "testing": false
    },
    "software": "mriqc",
    "version": "22.0.6",
    "webapi_port": null,
    "webapi_url": "https://mriqc.nimh.nih.gov/api/v1"
  },
  "size_t": 165,
  "size_x": 70,
  "size_y": 70,
  "size_z": 32,
  "snr": 2.5024897562205455,
  "spacing_tr": 2.0,
  "spacing_x": 3.0,
  "spacing_y": 3.0,
  "spacing_z": 3.5999999046325684,
  "summary_bg_k": 52.3170148114864,
  "summary_bg_mad": 7.008664004630368,
  "summary_bg_mean": 36.28453063964844,
  "summary_bg_median": 21.51515007019043,
  "summary_bg_n": 90612.0,
  "summary_bg_p05": 16.30908966064453,
  "summary_bg_p95": 104.81817626953125,
  "summary_bg_stdv": 48.8186149597168,
  "summary_fg_k": 0.5520014042769934,
  "summary_fg_mad": 158.1756897546793,
  "summary_fg_mean": 460.5677185058594,
  "summary_fg_median": 424.25152587890625,
  "summary_fg_n": 30144.0,
  "summary_fg_p05": 244.95847396850587,
  "summary_fg_p95": 785.940573120117,
  "summary_fg_stdv": 169.52896118164062,
  "tsnr": 67.94632249895949
}