{
  "aor": 0.002342848484848485,
  "aqi": 0.0036819394545454546,
  "bids_meta": {
    "AcquisitionMatrixPE": 70,
    "AcquisitionNumber": 1,
    "AcquisitionTime": "10:26:55.865000",
    "BandwidthPerPixelPhaseEncode": 29.155,
    "BaseResolution": 70,
    "BodyPartExamined": "BRAIN",
    "ConsistencyInfo": "N4_VE11C_LATEST_20160120",
    "ConversionSoftware": "dcm2niix",
    "ConversionSoftwareVersion": "v1.0.20181125  (JP2:OpenJPEG) (JP-LS:CharLS) GCC5.5.0",
    "DerivedVendorReportedEchoSpacing": 0.000489992,
    "DeviceSerialNumber": "167012",
    "DwellTime": 3e-06,
    "EchoTime": 0.03,
    "EchoTrainLength": 70,
    "EffectiveEchoSpacing": 0.000489992,
    "FlipAngle": 90,
    "ImageOrientationPatientDICOM": [
      0.992969,
      -0.0993523,
      0.0643563,
      0.101913,
      0.994075,
      -0.0378004
    ],
    "ImageType": [
      "ORIGINAL",
      "PRIMARY",
      "M",
      "ND",
      "MOSAIC"
    ],
    "ImagingFrequency": 123.253,
    "InPlanePhaseEncodingDirectionDICOM": "COL",
    "InstitutionAddress": "Vassar_Street_43_Cambridge_Boston_US_02139",
    "InstitutionName": "McGovern_Institute_for_Brain_Research_(3T1)",
    "InstitutionalDepartmentName": "Department",
    "MRAcquisitionType": "2D",
    "MagneticFieldStrength": 3,
    "Manufacturer": "Siemens",
    "ManufacturersModelName": "Prisma_fit",
    "Modality": "MR",
    "PartialFourier": 1,
    "PatientPosition": "HFS",
    "PercentPhaseFOV": 100,
    "PhaseEncodingDirection": "j-",
    "PhaseEncodingSteps": 70,
    "PhaseResolution": 1,
    "PixelBandwidth": 2380,
    "ProcedureStepDescription": "Young_Minjae",
    "ProtocolName": "tps_run6",
    "PulseSequenceDetails": "%SiemensSeq%_ep2d_pace",
    "ReceiveCoilActiveElements": "HEA;HEP",
    "ReceiveCoilName": "Head_32",
    "ReconMatrixPE": 70,
    "RepetitionTime": 2,
    "SAR": 0.0895129,
    "ScanOptions": "FS",
    "ScanningSequence": "EP",
    "SequenceName": "_epfid2d1_70",
    "SequenceVariant": "SK",
    "SeriesDescription": "tps_run6",
    "SeriesNumber": 25,
    "ShimSetting": [
      -5585,
      -1553,
      3208,
      614,
      49,
      168,
      -78,
      -45
    ],
    "SliceThickness": 3,
    "SliceTiming": [
      0,
      0.0625,
      0.125,
      0.185,
      0.2475,
      0.31,
      0.3725,
      0.4325,
      0.495,
      0.5575,
      0.62,
      0.68,
      0.7425,
      0.805,
      0.8675,
      0.9275,
      0.99,
      1.0525,
      1.1125,
      1.175,
      1.2375,
      1.3,
      1.36,
      1.4225,
      1.485,
      1.5475,
      1.6075,
      1.67,
      1.7325,
      1.795,
      1.855,
      1.9175
    ],
    "SoftwareVersions": "syngo_MR_E11",
    "SpacingBetweenSlices": 3.6,
    "StationName": "MRC35115",
    "TaskName": "tps",
    "TotalReadoutTime": 0.0338094,
    "TxRefAmp": 217.918,
    "dataset": "ds002793",
    "modality": "bold",
    "run_id": 6,
    "subject_id": "27",
    "task_id": "tps"
  },
  "dummy_trs": 0,
  "dvars_nstd": 22.06587497768293,
  "dvars_std": 1.236632190365854,
  "dvars_vstd": 0.9944641506707325,
  "efc": 0.5455974767156534,
  "fber": 365.0453796386719,
  "fd_mean": 0.11353385067346163,
  "fd_num": 12,
  "fd_perc": 7.2727272727272725,
  "fwhm_avg": 2.916011878087953,
  "fwhm_x": 2.6716933333333333,
  "fwhm_y": 3.1052033333333333,
  "fwhm_z": 2.971138967597192,
  "gcor": 0.11629,
  "gsr_x": 0.007397760171443224,
  "gsr_y": 0.03218751400709152,
  "provenance": {
    "md5sum": "75208769b6679ace0d53b8aea6df98c2",
    "settings": {
      "fd_thres": 0.2,
      "testing": false
    },
    "software": "mriqc",
    "version": "22.0.6",
    "webapi_port": null,
    "webapi_url": "https://mriqc.nimh.nih.gov/api/v1"
  },
  "size_t": 165,
  "size_x": 70,
  "size_y": 70,
  "size_z": 32,
  "snr": 2.4914444168408396,
  "spacing_tr": 2.0,
  "spacing_x": 3.0,
  "spacing_y": 3.0,
  "spacing_z": 3.5999999046325684,
  "summary_bg_k": 55.294989317183116,
  "summary_bg_mad": 7.278227787282358,
  "summary_bg_mean": 37.049781799316406,
  "summary_bg_median": 21.81212043762207,
  "summary_bg_n": 90347.0,
  "summary_bg_p05": 16.399999618530273,
  "summary_bg_p95": 107.20423736572263,
  "summary_bg_stdv": 50.82143783569336,
  "summary_fg_k": 0.5489518617496083,
  "summary_fg_mad": 161.06001798729662,
  "summary_fg_mean": 466.0029602050781,
  "summary_fg_median": 428.736328125,
  "summary_fg_n": 30254.0,
  "summary_fg_p05": 247.1069648742676,
  "summary_fg_p95": 794.7893768310546,
  "summary_fg_stdv": 172.08059692382812,
  "tsnr": 71.6786367725581
}