{
  "aor": 0.0040314545454545455,
  "aqi": 0.002418863460606061,
  "bids_meta": {
    "AcquisitionMatrixPE": 70,
    "AcquisitionNumber": 1,
    "AcquisitionTime": "10:52:47.360000",
    "BandwidthPerPixelPhaseEncode": 29.155,
    "BaseResolution": 70,
    "BodyPartExamined": "BRAIN",
    "ConsistencyInfo": "N4_VE11C_LATEST_20160120",
    "ConversionSoftware": "dcm2niix",
    "ConversionSoftwareVersion": "v1.0.20181125  (JP2:OpenJPEG) (JP-LS:CharLS) GCC5.5.0",
    "DerivedVendorReportedEchoSpacing": 0.000489992,
    "DeviceSerialNumber": "167012",
    "DwellTime": 3e-06,
    "EchoTime": 0.03,
    "EchoTrainLength": 70,
    "EffectiveEchoSpacing": 0.000489992,
    "FlipAngle": 90,
    "ImageOrientationPatientDICOM": [
      0.992969,
      -0.0993523,
      0.0643563,
      0.101913,
      0.994075,
      -0.0378004
    ],
    "ImageType": [
      "ORIGINAL",
      "PRIMARY",
      "M",
      "ND",
      "MOSAIC"
    ],
    "ImagingFrequency": 123.253,
    "InPlanePhaseEncodingDirectionDICOM": "COL",
    "InstitutionAddress": "Vassar_Street_43_Cambridge_Boston_US_02139",
    "InstitutionName": "McGovern_Institute_for_Brain_Research_(3T1)",
    "InstitutionalDepartmentName": "Department",
    "MRAcquisitionType": "2D",
    "MagneticFieldStrength": 3,
    "Manufacturer": "Siemens",
    "ManufacturersModelName": "Prisma_fit",
    "Modality": "MR",
    "PartialFourier": 1,
    "PatientPosition": "HFS",
    "PercentPhaseFOV": 100,
    "PhaseEncodingDirection": "j-",
    "PhaseEncodingSteps": 70,
    "PhaseResolution": 1,
    "PixelBandwidth": 2380,
    "ProcedureStepDescription": "Young_Minjae",
    "ProtocolName": "tps_abc_run10",
    "PulseSequenceDetails": "%SiemensSeq%_ep2d_pace",
    "ReceiveCoilActiveElements": "HEA;HEP",
    "ReceiveCoilName": "Head_32",
    "ReconMatrixPE": 70,
    "RepetitionTime": 2,
    "SAR": 0.0895129,
    "ScanOptions": "FS",
    "ScanningSequence": "EP",
    "SequenceName": "_epfid2d1_70",
    "SequenceVariant": "SK",
    "SeriesDescription": "tps_abc_run10",
    "SeriesNumber": 33,
    "ShimSetting": [
      -5585,
      -1553,
      3208,
      614,
      49,
      168,
      -78,
      -45
    ],
    "SliceThickness": 3,
    "SliceTiming": [
      0,
      0.0625,
      0.125,
      0.1875,
      0.2475,
      0.31,
      0.3725,
      0.435,
      0.495,
      0.5575,
      0.62,
      0.6825,
      0.7425,
      0.805,
      0.8675,
      0.93,
      0.99,
      1.0525,
      1.115,
      1.1775,
      1.2375,
      1.3,
      1.3625,
      1.425,
      1.485,
      1.5475,
      1.61,
      1.67,
      1.7325,
      1.795,
      1.8575,
      1.9175
    ],
    "SoftwareVersions": "syngo_MR_E11",
    "SpacingBetweenSlices": 3.6,
    "StationName": "MRC35115",
    "TaskName": "tps",
    "TotalReadoutTime": 0.0338094,
    "TxRefAmp": 217.918,
    "dataset": "ds002793",
    "modality": "bold",
    "run_id": 10,
    "subject_id": "27",
    "task_id": "tps"
  },
  "dummy_trs": 0,
  "dvars_nstd": 21.203301290426836,
  "dvars_std": 1.2875181493902437,
  "dvars_vstd": 1.0434386545121959,
  "efc": 0.5468714717955105,
  "fber": 363.3233642578125,
  "fd_mean": 0.11473417170164724,
  "fd_num": 13,
  "fd_perc": 7.878787878787879,
  "fwhm_avg": 2.878796692682991,
  "fwhm_x": 2.633523333333333,
  "fwhm_y": 3.0566166666666668,
  "fwhm_z": 2.946250078048973,
  "gcor": 0.0715978,
  "gsr_x": 0.010044688358902931,
  "gsr_y": 0.029342664405703545,
  "provenance": {
    "md5sum": "c08feaeb04dbaaf9311c74c1a482afa6",
    "settings": {
      "fd_thres": 0.2,
      "testing": false
    },
    "software": "mriqc",
    "version": "22.0.6",
    "webapi_port": null,
    "webapi_url": "https://mriqc.nimh.nih.gov/api/v1"
  },
  "size_t": 165,
  "size_x": 70,
  "size_y": 70,
  "size_z": 32,
  "snr": 2.5093108244117848,
  "spacing_tr": 2.0,
  "spacing_x": 3.0,
  "spacing_y": 3.0,
  "spacing_z": 3.5999999046325684,
  "summary_bg_k": 49.29978369032384,
  "summary_bg_mad": 7.14344730987602,
  "summary_bg_mean": 37.334739685058594,
  "summary_bg_median": 21.66666603088379,
  "summary_bg_n": 90776.0,
  "summary_bg_p05": 16.35151481628418,
  "summary_bg_p95": 111.72120666503906,
  "summary_bg_stdv": 51.01749038696289,
  "summary_fg_k": 0.572670559785895,
  "summary_fg_mad": 156.10451237261688,
  "summary_fg_mean": 457.6907958984375,
  "summary_fg_median": 421.86663818359375,
  "summary_fg_n": 30049.0,
  "summary_fg_p05": 244.363623046875,
  "summary_fg_p95": 783.3587524414058,
  "summary_fg_stdv": 168.1177215576172,
  "tsnr": 90.36597786471248
}