{
  "aor": 0.005585636363636363,
  "aqi": 0.0032997070909090904,
  "bids_meta": {
    "AcquisitionMatrixPE": 70,
    "AcquisitionNumber": 1,
    "AcquisitionTime": "10:20:25.057500",
    "BandwidthPerPixelPhaseEncode": 29.155,
    "BaseResolution": 70,
    "BodyPartExamined": "BRAIN",
    "ConsistencyInfo": "N4_VE11C_LATEST_20160120",
    "ConversionSoftware": "dcm2niix",
    "ConversionSoftwareVersion": "v1.0.20181125  (JP2:OpenJPEG) (JP-LS:CharLS) GCC5.5.0",
    "DerivedVendorReportedEchoSpacing": 0.000489992,
    "DeviceSerialNumber": "167012",
    "DwellTime": 3e-06,
    "EchoTime": 0.03,
    "EchoTrainLength": 70,
    "EffectiveEchoSpacing": 0.000489992,
    "FlipAngle": 90,
    "ImageOrientationPatientDICOM": [
      0.992969,
      -0.0993523,
      0.0643563,
      0.101913,
      0.994075,
      -0.0378004
    ],
    "ImageType": [
      "ORIGINAL",
      "PRIMARY",
      "M",
      "ND",
      "MOSAIC"
    ],
    "ImagingFrequency": 123.253,
    "InPlanePhaseEncodingDirectionDICOM": "COL",
    "InstitutionAddress": "Vassar_Street_43_Cambridge_Boston_US_02139",
    "InstitutionName": "McGovern_Institute_for_Brain_Research_(3T1)",
    "InstitutionalDepartmentName": "Department",
    "MRAcquisitionType": "2D",
    "MagneticFieldStrength": 3,
    "Manufacturer": "Siemens",
    "ManufacturersModelName": "Prisma_fit",
    "Modality": "MR",
    "PartialFourier": 1,
    "PatientPosition": "HFS",
    "PercentPhaseFOV": 100,
    "PhaseEncodingDirection": "j-",
    "PhaseEncodingSteps": 70,
    "PhaseResolution": 1,
    "PixelBandwidth": 2380,
    "ProcedureStepDescription": "Young_Minjae",
    "ProtocolName": "tps_run5",
    "PulseSequenceDetails": "%SiemensSeq%_ep2d_pace",
    "ReceiveCoilActiveElements": "HEA;HEP",
    "ReceiveCoilName": "Head_32",
    "ReconMatrixPE": 70,
    "RepetitionTime": 2,
    "SAR": 0.0895129,
    "ScanOptions": "FS",
    "ScanningSequence": "EP",
    "SequenceName": "_epfid2d1_70",
    "SequenceVariant": "SK",
    "SeriesDescription": "tps_run5",
    "SeriesNumber": 23,
    "ShimSetting": [
      -5585,
      -1553,
      3208,
      614,
      49,
      168,
      -78,
      -45
    ],
    "SliceThickness": 3,
    "SliceTiming": [
      0,
      0.0625,
      0.125,
      0.185,
      0.2475,
      0.31,
      0.3725,
      0.4325,
      0.495,
      0.5575,
      0.62,
      0.68,
      0.7425,
      0.805,
      0.8675,
      0.9275,
      0.99,
      1.0525,
      1.115,
      1.175,
      1.2375,
      1.3,
      1.3625,
      1.4225,
      1.485,
      1.5475,
      1.6075,
      1.67,
      1.7325,
      1.795,
      1.855,
      1.9175
    ],
    "SoftwareVersions": "syngo_MR_E11",
    "SpacingBetweenSlices": 3.6,
    "StationName": "MRC35115",
    "TaskName": "tps",
    "TotalReadoutTime": 0.0338094,
    "TxRefAmp": 217.918,
    "dataset": "ds002793",
    "modality": "bold",
    "run_id": 5,
    "subject_id": "27",
    "task_id": "tps"
  },
  "dummy_trs": 0,
  "dvars_nstd": 22.777379239329267,
  "dvars_std": 1.2836916965243903,
  "dvars_vstd": 1.0486466887804877,
  "efc": 0.5456715384062458,
  "fber": 364.0784912109375,
  "fd_mean": 0.1763564566436348,
  "fd_num": 44,
  "fd_perc": 26.666666666666668,
  "fwhm_avg": 2.9006459521522157,
  "fwhm_x": 2.6404733333333334,
  "fwhm_y": 3.0914366666666666,
  "fwhm_z": 2.970027856456647,
  "gcor": 0.0954809,
  "gsr_x": 0.0071611530147492886,
  "gsr_y": 0.030814822763204575,
  "provenance": {
    "md5sum": "5fee4b0b65caa0af3b8003a67da78f2c",
    "settings": {
      "fd_thres": 0.2,
      "testing": false
    },
    "software": "mriqc",
    "version": "22.0.6",
    "webapi_port": null,
    "webapi_url": "https://mriqc.nimh.nih.gov/api/v1"
  },
  "size_t": 165,
  "size_x": 70,
  "size_y": 70,
  "size_z": 32,
  "snr": 2.50584176984589,
  "spacing_tr": 2.0,
  "spacing_x": 3.0,
  "spacing_y": 3.0,
  "spacing_z": 3.5999999046325684,
  "summary_bg_k": 51.70167117094836,
  "summary_bg_mad": 7.152431355378096,
  "summary_bg_mean": 36.7175407409668,
  "summary_bg_median": 21.66666603088379,
  "summary_bg_n": 90551.0,
  "summary_bg_p05": 16.35151481628418,
  "summary_bg_p95": 106.61817932128906,
  "summary_bg_stdv": 49.600101470947266,
  "summary_fg_k": 0.5686678607464293,
  "summary_fg_mad": 158.7777028106585,
  "summary_fg_mean": 461.3827209472656,
  "summary_fg_median": 425.24847412109375,
  "summary_fg_n": 30130.0,
  "summary_fg_p05": 245.0378677368164,
  "summary_fg_p95": 786.467251586914,
  "summary_fg_stdv": 169.7000274658203,
  "tsnr": 69.78621410531923
}