{
  "aor": 0.003772484848484848,
  "aqi": 0.002849346787878788,
  "bids_meta": {
    "AcquisitionMatrixPE": 70,
    "AcquisitionNumber": 1,
    "AcquisitionTime": "10:39:56.707500",
    "BandwidthPerPixelPhaseEncode": 29.155,
    "BaseResolution": 70,
    "BodyPartExamined": "BRAIN",
    "ConsistencyInfo": "N4_VE11C_LATEST_20160120",
    "ConversionSoftware": "dcm2niix",
    "ConversionSoftwareVersion": "v1.0.20181125  (JP2:OpenJPEG) (JP-LS:CharLS) GCC5.5.0",
    "DerivedVendorReportedEchoSpacing": 0.000489992,
    "DeviceSerialNumber": "167012",
    "DwellTime": 3e-06,
    "EchoTime": 0.03,
    "EchoTrainLength": 70,
    "EffectiveEchoSpacing": 0.000489992,
    "FlipAngle": 90,
    "ImageOrientationPatientDICOM": [
      0.992969,
      -0.0993523,
      0.0643563,
      0.101913,
      0.994075,
      -0.0378004
    ],
    "ImageType": [
      "ORIGINAL",
      "PRIMARY",
      "M",
      "ND",
      "MOSAIC"
    ],
    "ImagingFrequency": 123.253,
    "InPlanePhaseEncodingDirectionDICOM": "COL",
    "InstitutionAddress": "Vassar_Street_43_Cambridge_Boston_US_02139",
    "InstitutionName": "McGovern_Institute_for_Brain_Research_(3T1)",
    "InstitutionalDepartmentName": "Department",
    "MRAcquisitionType": "2D",
    "MagneticFieldStrength": 3,
    "Manufacturer": "Siemens",
    "ManufacturersModelName": "Prisma_fit",
    "Modality": "MR",
    "PartialFourier": 1,
    "PatientPosition": "HFS",
    "PercentPhaseFOV": 100,
    "PhaseEncodingDirection": "j-",
    "PhaseEncodingSteps": 70,
    "PhaseResolution": 1,
    "PixelBandwidth": 2380,
    "ProcedureStepDescription": "Young_Minjae",
    "ProtocolName": "tps_run8",
    "PulseSequenceDetails": "%SiemensSeq%_ep2d_pace",
    "ReceiveCoilActiveElements": "HEA;HEP",
    "ReceiveCoilName": "Head_32",
    "ReconMatrixPE": 70,
    "RepetitionTime": 2,
    "SAR": 0.0895129,
    "ScanOptions": "FS",
    "ScanningSequence": "EP",
    "SequenceName": "_epfid2d1_70",
    "SequenceVariant": "SK",
    "SeriesDescription": "tps_run8",
    "SeriesNumber": 29,
    "ShimSetting": [
      -5585,
      -1553,
      3208,
      614,
      49,
      168,
      -78,
      -45
    ],
    "SliceThickness": 3,
    "SliceTiming": [
      0,
      0.0625,
      0.1225,
      0.185,
      0.2475,
      0.31,
      0.37,
      0.4325,
      0.495,
      0.5575,
      0.6175,
      0.68,
      0.7425,
      0.805,
      0.865,
      0.9275,
      0.99,
      1.0525,
      1.1125,
      1.175,
      1.2375,
      1.2975,
      1.36,
      1.4225,
      1.485,
      1.545,
      1.6075,
      1.67,
      1.7325,
      1.7925,
      1.855,
      1.9175
    ],
    "SoftwareVersions": "syngo_MR_E11",
    "SpacingBetweenSlices": 3.6,
    "StationName": "MRC35115",
    "TaskName": "tps",
    "TotalReadoutTime": 0.0338094,
    "TxRefAmp": 217.918,
    "dataset": "ds002793",
    "modality": "bold",
    "run_id": 8,
    "subject_id": "27",
    "task_id": "tps"
  },
  "dummy_trs": 0,
  "dvars_nstd": 21.037579867621947,
  "dvars_std": 1.2390486248170736,
  "dvars_vstd": 1.0203013345731708,
  "efc": 0.5464165361359006,
  "fber": 364.716552734375,
  "fd_mean": 0.12143676834852778,
  "fd_num": 18,
  "fd_perc": 10.909090909090908,
  "fwhm_avg": 2.8976752113859647,
  "fwhm_x": 2.6511299999999998,
  "fwhm_y": 3.074756666666667,
  "fwhm_z": 2.9671389674912283,
  "gcor": 0.0683432,
  "gsr_x": 0.008984876796603203,
  "gsr_y": 0.030147576704621315,
  "provenance": {
    "md5sum": "c454b273755b37cd780b73a15b732d9c",
    "settings": {
      "fd_thres": 0.2,
      "testing": false
    },
    "software": "mriqc",
    "version": "22.0.6",
    "webapi_port": null,
    "webapi_url": "https://mriqc.nimh.nih.gov/api/v1"
  },
  "size_t": 165,
  "size_x": 70,
  "size_y": 70,
  "size_z": 32,
  "snr": 2.5054084967157553,
  "spacing_tr": 2.0,
  "spacing_x": 3.0,
  "spacing_y": 3.0,
  "spacing_z": 3.5999999046325684,
  "summary_bg_k": 50.573059545579454,
  "summary_bg_mad": 7.107502644349774,
  "summary_bg_mean": 37.07223892211914,
  "summary_bg_median": 21.62424087524414,
  "summary_bg_n": 90769.0,
  "summary_bg_p05": 16.35151481628418,
  "summary_bg_p95": 109.89090576171822,
  "summary_bg_stdv": 50.382911682128906,
  "summary_fg_k": 0.5910763209173506,
  "summary_fg_mad": 156.176407359348,
  "summary_fg_mean": 457.37548828125,
  "summary_fg_median": 421.6726989746094,
  "summary_fg_n": 30065.0,
  "summary_fg_p05": 244.16241149902345,
  "summary_fg_p95": 781.2448364257813,
  "summary_fg_stdv": 168.3021697998047,
  "tsnr": 76.37513146735728
}