{
  "aor": 0.005536585365853659,
  "aqi": 0.0032138736585365854,
  "bids_meta": {
    "AcquisitionMatrixPE": 70,
    "AcquisitionNumber": 1,
    "AcquisitionTime": "10:13:58.937500",
    "BandwidthPerPixelPhaseEncode": 29.155,
    "BaseResolution": 70,
    "BodyPartExamined": "BRAIN",
    "ConsistencyInfo": "N4_VE11C_LATEST_20160120",
    "ConversionSoftware": "dcm2niix",
    "ConversionSoftwareVersion": "v1.0.20181125  (JP2:OpenJPEG) (JP-LS:CharLS) GCC5.5.0",
    "DerivedVendorReportedEchoSpacing": 0.000489992,
    "DeviceSerialNumber": "167012",
    "DwellTime": 3e-06,
    "EchoTime": 0.03,
    "EchoTrainLength": 70,
    "EffectiveEchoSpacing": 0.000489992,
    "FlipAngle": 90,
    "ImageOrientationPatientDICOM": [
      0.992969,
      -0.0993523,
      0.0643563,
      0.101913,
      0.994075,
      -0.0378004
    ],
    "ImageType": [
      "ORIGINAL",
      "PRIMARY",
      "M",
      "ND",
      "MOSAIC"
    ],
    "ImagingFrequency": 123.253,
    "InPlanePhaseEncodingDirectionDICOM": "COL",
    "InstitutionAddress": "Vassar_Street_43_Cambridge_Boston_US_02139",
    "InstitutionName": "McGovern_Institute_for_Brain_Research_(3T1)",
    "InstitutionalDepartmentName": "Department",
    "MRAcquisitionType": "2D",
    "MagneticFieldStrength": 3,
    "Manufacturer": "Siemens",
    "ManufacturersModelName": "Prisma_fit",
    "Modality": "MR",
    "PartialFourier": 1,
    "PatientPosition": "HFS",
    "PercentPhaseFOV": 100,
    "PhaseEncodingDirection": "j-",
    "PhaseEncodingSteps": 70,
    "PhaseResolution": 1,
    "PixelBandwidth": 2380,
    "ProcedureStepDescription": "Young_Minjae",
    "ProtocolName": "tps_run4",
    "PulseSequenceDetails": "%SiemensSeq%_ep2d_pace",
    "ReceiveCoilActiveElements": "HEA;HEP",
    "ReceiveCoilName": "Head_32",
    "ReconMatrixPE": 70,
    "RepetitionTime": 2,
    "SAR": 0.0895129,
    "ScanOptions": "FS",
    "ScanningSequence": "EP",
    "SequenceName": "_epfid2d1_70",
    "SequenceVariant": "SK",
    "SeriesDescription": "tps_run4",
    "SeriesNumber": 21,
    "ShimSetting": [
      -5585,
      -1553,
      3208,
      614,
      49,
      168,
      -78,
      -45
    ],
    "SliceThickness": 3,
    "SliceTiming": [
      0,
      0.0625,
      0.125,
      0.185,
      0.2475,
      0.31,
      0.3725,
      0.4325,
      0.495,
      0.5575,
      0.62,
      0.68,
      0.7425,
      0.805,
      0.8675,
      0.9275,
      0.99,
      1.0525,
      1.115,
      1.175,
      1.2375,
      1.3,
      1.3625,
      1.4225,
      1.485,
      1.5475,
      1.61,
      1.67,
      1.7325,
      1.795,
      1.8575,
      1.9175
    ],
    "SoftwareVersions": "syngo_MR_E11",
    "SpacingBetweenSlices": 3.6,
    "StationName": "MRC35115",
    "TaskName": "tps",
    "TotalReadoutTime": 0.0338094,
    "TxRefAmp": 217.918,
    "dataset": "ds002793",
    "modality": "bold",
    "run_id": 4,
    "subject_id": "27",
    "task_id": "tps"
  },
  "dummy_trs": 1,
  "dvars_nstd": 22.123383855276067,
  "dvars_std": 1.2775006115950918,
  "dvars_vstd": 1.040134225705521,
  "efc": 0.5452576794114947,
  "fber": 367.3450622558594,
  "fd_mean": 0.15721960426208947,
  "fd_num": 35,
  "fd_perc": 21.341463414634145,
  "fwhm_avg": 2.911415581874318,
  "fwhm_x": 2.6639033333333333,
  "fwhm_y": 3.089843333333333,
  "fwhm_z": 2.980500078956288,
  "gcor": 0.0857578,
  "gsr_x": 0.006833942607045174,
  "gsr_y": 0.030979497358202934,
  "provenance": {
    "md5sum": "31b7e949d6ec5f6a14e84e8468fd22e6",
    "settings": {
      "fd_thres": 0.2,
      "testing": false
    },
    "software": "mriqc",
    "version": "22.0.6",
    "webapi_port": null,
    "webapi_url": "https://mriqc.nimh.nih.gov/api/v1"
  },
  "size_t": 164,
  "size_x": 70,
  "size_y": 70,
  "size_z": 32,
  "snr": 2.502704937743649,
  "spacing_tr": 2.0,
  "spacing_x": 3.0,
  "spacing_y": 3.0,
  "spacing_z": 3.5999999046325684,
  "summary_bg_k": 52.27898583488417,
  "summary_bg_mad": 7.096604151631801,
  "summary_bg_mean": 36.549442291259766,
  "summary_bg_median": 21.59756088256836,
  "summary_bg_n": 90609.0,
  "summary_bg_p05": 16.31707191467285,
  "summary_bg_p95": 105.48535919189422,
  "summary_bg_stdv": 49.402015686035156,
  "summary_fg_k": 0.5588475480802138,
  "summary_fg_mad": 158.63843738009942,
  "summary_fg_mean": 461.2682800292969,
  "summary_fg_median": 424.5182800292969,
  "summary_fg_n": 30165.0,
  "summary_fg_p05": 245.2451171875,
  "summary_fg_p95": 786.93896484375,
  "summary_fg_stdv": 169.6209716796875,
  "tsnr": 73.26572252030019
}