{
  "bids_meta": {
    "AcquisitionMatrixPE": 256,
    "AcquisitionNumber": 1,
    "AcquisitionTime": "09:15:19.732500",
    "BaseResolution": 256,
    "BodyPartExamined": "BRAIN",
    "ConsistencyInfo": "N4_VE11C_LATEST_20160120",
    "ConversionSoftware": "dcm2niix",
    "ConversionSoftwareVersion": "v1.0.20181125  (JP2:OpenJPEG) (JP-LS:CharLS) GCC5.5.0",
    "DeviceSerialNumber": "167012",
    "DwellTime": 3e-06,
    "EchoTime": 0.00169,
    "FlipAngle": 7,
    "ImageOrientationPatientDICOM": [
      -0.0167292,
      0.997252,
      0.0721764,
      0.0208026,
      0.072518,
      -0.99715
    ],
    "ImageType": [
      "ORIGINAL",
      "PRIMARY",
      "OTHER",
      "ND",
      "NORM",
      "MEAN"
    ],
    "ImagingFrequency": 123.253,
    "InPlanePhaseEncodingDirectionDICOM": "ROW",
    "InstitutionAddress": "Vassar_Street_43_Cambridge_Boston_US_02139",
    "InstitutionName": "McGovern_Institute_for_Brain_Research_(3T1)",
    "InstitutionalDepartmentName": "Department",
    "InversionTime": 1.4,
    "MRAcquisitionType": "3D",
    "MagneticFieldStrength": 3,
    "Manufacturer": "Siemens",
    "ManufacturersModelName": "Prisma_fit",
    "Modality": "MR",
    "PartialFourier": 1,
    "PatientPosition": "HFS",
    "PercentPhaseFOV": 100,
    "PhaseEncodingSteps": 255,
    "PhaseResolution": 1,
    "PixelBandwidth": 650,
    "ProcedureStepDescription": "Young_Minjae",
    "ProtocolName": "T1w_MPRAGE_FourEcho_vNav",
    "PulseSequenceDetails": "%CustomerSeq%_tfl_mgh_epinav_ABCD",
    "ReceiveCoilActiveElements": "HEA;HEP",
    "ReceiveCoilName": "Head_32",
    "ReconMatrixPE": 256,
    "RepetitionTime": 2.53,
    "SAR": 0.0404601,
    "ScanOptions": "IR_WE",
    "ScanningSequence": "GR_IR",
    "SequenceName": "tfl3d4_16ns",
    "SequenceVariant": "SK_SP_MP",
    "SeriesDescription": "T1w_MPRAGE_FourEcho_vNav_RMS",
    "SeriesNumber": 10,
    "ShimSetting": [
      -5594,
      -1567,
      3172,
      404,
      62,
      -131,
      34,
      -15
    ],
    "SliceThickness": 1,
    "SoftwareVersions": "syngo_MR_E11",
    "StationName": "MRC35115",
    "TxRefAmp": 240.242,
    "WipMemBlock": "Prisma_epi_moco_navigator_ABCD_tfl.prot",
    "dataset": "ds002793",
    "modality": "T1w",
    "run_id": 1,
    "subject_id": "03"
  },
  "cjv": 0.39764952134234466,
  "cnr": 3.1854890573478114,
  "efc": 0.5360932926729762,
  "fber": 25928.951226947112,
  "fwhm_avg": 3.8991299999999995,
  "fwhm_x": 3.91403,
  "fwhm_y": 4.13182,
  "fwhm_z": 3.65154,
  "icvs_csf": 0.2126828704635016,
  "icvs_gm": 0.40738603612819624,
  "icvs_wm": 0.37993109340830217,
  "inu_med": 0.33103911578655243,
  "inu_range": 0.11346786618232724,
  "provenance": {
    "md5sum": "841bf23aaefc931e5091fedc4f500e75",
    "settings": {
      "testing": false
    },
    "software": "mriqc",
    "version": "22.0.6",
    "warnings": {
      "large_rot_frame": true,
      "small_air_mask": false
    },
    "webapi_port": null,
    "webapi_url": "https://mriqc.nimh.nih.gov/api/v1"
  },
  "qi_1": 0.0,
  "qi_2": 0.002001844055491619,
  "rpve_csf": 23.412594441970032,
  "rpve_gm": 12.479841998631795,
  "rpve_wm": 15.630207907014816,
  "size_x": 176,
  "size_y": 256,
  "size_z": 256,
  "snr_csf": 2.5009913685506144,
  "snr_gm": 14.362624974748865,
  "snr_total": 16.29636067790034,
  "snr_wm": 32.02546569040153,
  "snrd_csf": 56.6475331138754,
  "snrd_gm": 136.6884944538344,
  "snrd_total": 121.62479457839015,
  "snrd_wm": 171.53835616746065,
  "spacing_x": 1.0,
  "spacing_y": 1.0,
  "spacing_z": 1.0,
  "summary_bg_k": 7.9811189654467665,
  "summary_bg_mad": 0.0,
  "summary_bg_mean": 2.710998755849578,
  "summary_bg_median": 0.0,
  "summary_bg_n": 2824746.0,
  "summary_bg_p05": 0.0,
  "summary_bg_p95": 9.901413291692734,
  "summary_bg_stdv": 3.8191830453980447,
  "summary_csf_k": 1.0396787683575281,
  "summary_csf_mad": 98.57381508614988,
  "summary_csf_mean": 334.1337878167083,
  "summary_csf_median": 330.23244935274124,
  "summary_csf_n": 42449.0,
  "summary_csf_p05": 83.0093430519104,
  "summary_csf_p95": 558.4054931044578,
  "summary_csf_stdv": 132.03906407956225,
  "summary_gm_k": 0.39978533427801244,
  "summary_gm_mad": 51.173411884543555,
  "summary_gm_mean": 796.9338494342724,
  "summary_gm_median": 796.8392238914967,
  "summary_gm_n": 23619.0,
  "summary_gm_p05": 705.1324622958898,
  "summary_gm_p95": 890.6823811411857,
  "summary_gm_stdv": 55.478880532462505,
  "summary_wm_k": 0.43279843017512976,
  "summary_wm_mad": 29.613362267759406,
  "summary_wm_mean": 1000.6168268638671,
  "summary_wm_median": 999.9999717772007,
  "summary_wm_n": 236185.0,
  "summary_wm_p05": 950.3645932674408,
  "summary_wm_p95": 1052.9928489625454,
  "summary_wm_stdv": 31.22508395218014,
  "tpm_overlap_csf": 0.15461437367110958,
  "tpm_overlap_gm": 0.45192897183143577,
  "tpm_overlap_wm": 0.5115910465897254,
  "wm2max": 0.9132651068317644
}