{
  "aor": 0.013127393939393937,
  "aqi": 0.005234493636363637,
  "bids_meta": {
    "AcquisitionMatrixPE": 70,
    "AcquisitionNumber": 1,
    "AcquisitionTime": "13:13:11.460000",
    "BandwidthPerPixelPhaseEncode": 29.155,
    "BaseResolution": 70,
    "BodyPartExamined": "BRAIN",
    "ConsistencyInfo": "N4_VE11C_LATEST_20160120",
    "ConversionSoftware": "dcm2niix",
    "ConversionSoftwareVersion": "v1.0.20181125  (JP2:OpenJPEG) (JP-LS:CharLS) GCC5.5.0",
    "DerivedVendorReportedEchoSpacing": 0.000489992,
    "DeviceSerialNumber": "167012",
    "DwellTime": 3e-06,
    "EchoTime": 0.03,
    "EchoTrainLength": 70,
    "EffectiveEchoSpacing": 0.000489992,
    "FlipAngle": 90,
    "ImageOrientationPatientDICOM": [
      0.999345,
      0.0191994,
      0.0306611,
      -0.024598,
      0.982098,
      0.18676
    ],
    "ImageType": [
      "ORIGINAL",
      "PRIMARY",
      "M",
      "ND",
      "MOSAIC"
    ],
    "ImagingFrequency": 123.253,
    "InPlanePhaseEncodingDirectionDICOM": "COL",
    "InstitutionAddress": "Vassar_Street_43_Cambridge_Boston_US_02139",
    "InstitutionName": "McGovern_Institute_for_Brain_Research_(3T1)",
    "InstitutionalDepartmentName": "Department",
    "MRAcquisitionType": "2D",
    "MagneticFieldStrength": 3,
    "Manufacturer": "Siemens",
    "ManufacturersModelName": "Prisma_fit",
    "Modality": "MR",
    "PartialFourier": 1,
    "PatientPosition": "HFS",
    "PercentPhaseFOV": 100,
    "PhaseEncodingDirection": "j-",
    "PhaseEncodingSteps": 70,
    "PhaseResolution": 1,
    "PixelBandwidth": 2380,
    "ProcedureStepDescription": "Young_Minjae",
    "ProtocolName": "TPS_RUN5",
    "PulseSequenceDetails": "%SiemensSeq%_ep2d_pace",
    "ReceiveCoilActiveElements": "HEA;HEP",
    "ReceiveCoilName": "Head_32",
    "ReconMatrixPE": 70,
    "RepetitionTime": 2,
    "SAR": 0.0887135,
    "ScanOptions": "FS",
    "ScanningSequence": "EP",
    "SequenceName": "_epfid2d1_70",
    "SequenceVariant": "SK",
    "SeriesDescription": "TPS_RUN5",
    "SeriesNumber": 23,
    "ShimSetting": [
      -5610,
      -1538,
      3198,
      439,
      -73,
      44,
      43,
      -32
    ],
    "SliceThickness": 3,
    "SliceTiming": [
      0,
      0.0625,
      0.125,
      0.185,
      0.2475,
      0.31,
      0.3725,
      0.4325,
      0.495,
      0.5575,
      0.62,
      0.68,
      0.7425,
      0.805,
      0.8675,
      0.9275,
      0.99,
      1.0525,
      1.115,
      1.175,
      1.2375,
      1.3,
      1.3625,
      1.4225,
      1.485,
      1.5475,
      1.61,
      1.67,
      1.7325,
      1.795,
      1.8575,
      1.9175
    ],
    "SoftwareVersions": "syngo_MR_E11",
    "SpacingBetweenSlices": 3.6,
    "StationName": "MRC35115",
    "TaskName": "tps",
    "TotalReadoutTime": 0.0338094,
    "TxRefAmp": 217.854,
    "dataset": "ds002793",
    "modality": "bold",
    "run_id": 5,
    "subject_id": "11",
    "task_id": "tps"
  },
  "dummy_trs": 0,
  "dvars_nstd": 35.54180974451219,
  "dvars_std": 1.3978577702439023,
  "dvars_vstd": 1.0696306201829269,
  "efc": 0.5749899692949285,
  "fber": 335.17584228515625,
  "fd_mean": 0.2939347880201459,
  "fd_num": 58,
  "fd_perc": 35.15151515151515,
  "fwhm_avg": 2.7039520024782284,
  "fwhm_x": 2.5524999999999998,
  "fwhm_y": 2.950253333333333,
  "fwhm_z": 2.6091026741013525,
  "gcor": 0.0513291,
  "gsr_x": -0.01511196419596672,
  "gsr_y": 0.06896050274372101,
  "provenance": {
    "md5sum": "f1621e01bbe00b46eba491cbbe1e51ec",
    "settings": {
      "fd_thres": 0.2,
      "testing": false
    },
    "software": "mriqc",
    "version": "22.0.6",
    "webapi_port": null,
    "webapi_url": "https://mriqc.nimh.nih.gov/api/v1"
  },
  "size_t": 165,
  "size_x": 70,
  "size_y": 70,
  "size_z": 32,
  "snr": 2.6021022060322645,
  "spacing_tr": 2.0,
  "spacing_x": 3.0,
  "spacing_y": 3.0,
  "spacing_z": 3.6000001430511475,
  "summary_bg_k": 21.945303721913987,
  "summary_bg_mad": 6.999679959128292,
  "summary_bg_mean": 44.372772216796875,
  "summary_bg_median": 21.727272033691406,
  "summary_bg_n": 87918.0,
  "summary_bg_p05": 16.587879180908203,
  "summary_bg_p95": 166.9733306884764,
  "summary_bg_stdv": 62.96625900268555,
  "summary_fg_k": 0.26123138466149864,
  "summary_fg_mad": 157.2546964240277,
  "summary_fg_mean": 438.6400146484375,
  "summary_fg_median": 411.84844970703125,
  "summary_fg_n": 32092.0,
  "summary_fg_p05": 225.59453887939452,
  "summary_fg_p95": 734.1809051513669,
  "summary_fg_stdv": 158.27281188964844,
  "tsnr": 53.50744993239641
}