{
  "aor": 0.0032745731707317072,
  "aqi": 0.00409989268292683,
  "bids_meta": {
    "AcquisitionMatrixPE": 70,
    "AcquisitionNumber": 1,
    "AcquisitionTime": "13:06:56.857500",
    "BandwidthPerPixelPhaseEncode": 29.155,
    "BaseResolution": 70,
    "BodyPartExamined": "BRAIN",
    "ConsistencyInfo": "N4_VE11C_LATEST_20160120",
    "ConversionSoftware": "dcm2niix",
    "ConversionSoftwareVersion": "v1.0.20181125  (JP2:OpenJPEG) (JP-LS:CharLS) GCC5.5.0",
    "DerivedVendorReportedEchoSpacing": 0.000489992,
    "DeviceSerialNumber": "167012",
    "DwellTime": 3e-06,
    "EchoTime": 0.03,
    "EchoTrainLength": 70,
    "EffectiveEchoSpacing": 0.000489992,
    "FlipAngle": 90,
    "ImageOrientationPatientDICOM": [
      0.999345,
      0.0191994,
      0.0306611,
      -0.024598,
      0.982098,
      0.18676
    ],
    "ImageType": [
      "ORIGINAL",
      "PRIMARY",
      "M",
      "ND",
      "MOSAIC"
    ],
    "ImagingFrequency": 123.253,
    "InPlanePhaseEncodingDirectionDICOM": "COL",
    "InstitutionAddress": "Vassar_Street_43_Cambridge_Boston_US_02139",
    "InstitutionName": "McGovern_Institute_for_Brain_Research_(3T1)",
    "InstitutionalDepartmentName": "Department",
    "MRAcquisitionType": "2D",
    "MagneticFieldStrength": 3,
    "Manufacturer": "Siemens",
    "ManufacturersModelName": "Prisma_fit",
    "Modality": "MR",
    "PartialFourier": 1,
    "PatientPosition": "HFS",
    "PercentPhaseFOV": 100,
    "PhaseEncodingDirection": "j-",
    "PhaseEncodingSteps": 70,
    "PhaseResolution": 1,
    "PixelBandwidth": 2380,
    "ProcedureStepDescription": "Young_Minjae",
    "ProtocolName": "TPS_RUN4",
    "PulseSequenceDetails": "%SiemensSeq%_ep2d_pace",
    "ReceiveCoilActiveElements": "HEA;HEP",
    "ReceiveCoilName": "Head_32",
    "ReconMatrixPE": 70,
    "RepetitionTime": 2,
    "SAR": 0.0887135,
    "ScanOptions": "FS",
    "ScanningSequence": "EP",
    "SequenceName": "_epfid2d1_70",
    "SequenceVariant": "SK",
    "SeriesDescription": "TPS_RUN4",
    "SeriesNumber": 21,
    "ShimSetting": [
      -5610,
      -1538,
      3198,
      439,
      -73,
      44,
      43,
      -32
    ],
    "SliceThickness": 3,
    "SliceTiming": [
      0,
      0.0625,
      0.125,
      0.1875,
      0.2475,
      0.31,
      0.3725,
      0.435,
      0.495,
      0.5575,
      0.62,
      0.68,
      0.7425,
      0.805,
      0.8675,
      0.9275,
      0.99,
      1.0525,
      1.115,
      1.175,
      1.2375,
      1.3,
      1.3625,
      1.4225,
      1.485,
      1.5475,
      1.61,
      1.67,
      1.7325,
      1.795,
      1.8575,
      1.9175
    ],
    "SoftwareVersions": "syngo_MR_E11",
    "SpacingBetweenSlices": 3.6,
    "StationName": "MRC35115",
    "TaskName": "tps",
    "TotalReadoutTime": 0.0338094,
    "TxRefAmp": 217.854,
    "dataset": "ds002793",
    "modality": "bold",
    "run_id": 4,
    "subject_id": "11",
    "task_id": "tps"
  },
  "dummy_trs": 1,
  "dvars_nstd": 30.771585721717788,
  "dvars_std": 1.40189123,
  "dvars_vstd": 0.9873494448466257,
  "efc": 0.5736037220493718,
  "fber": 341.63629150390625,
  "fd_mean": 0.1922959650874735,
  "fd_num": 51,
  "fd_perc": 31.097560975609756,
  "fwhm_avg": 2.736552557322392,
  "fwhm_x": 2.573123333333333,
  "fwhm_y": 2.9737233333333335,
  "fwhm_z": 2.662811005300508,
  "gcor": 0.031238,
  "gsr_x": -0.014884511940181255,
  "gsr_y": 0.06895826756954193,
  "provenance": {
    "md5sum": "4309ab839084cfa4e1a06893117a35f0",
    "settings": {
      "fd_thres": 0.2,
      "testing": false
    },
    "software": "mriqc",
    "version": "22.0.6",
    "webapi_port": null,
    "webapi_url": "https://mriqc.nimh.nih.gov/api/v1"
  },
  "size_t": 164,
  "size_x": 70,
  "size_y": 70,
  "size_z": 32,
  "snr": 2.580527453736507,
  "spacing_tr": 2.0,
  "spacing_x": 3.0,
  "spacing_y": 3.0,
  "spacing_z": 3.6000001430511475,
  "summary_bg_k": 22.647521812260415,
  "summary_bg_mad": 6.88867595467803,
  "summary_bg_mean": 44.23192596435547,
  "summary_bg_median": 21.621950149536133,
  "summary_bg_n": 87921.0,
  "summary_bg_p05": 16.542682647705078,
  "summary_bg_p95": 166.35975646972656,
  "summary_bg_stdv": 62.989017486572266,
  "summary_fg_k": 0.2839039131725074,
  "summary_fg_mad": 158.24973389928942,
  "summary_fg_mean": 439.45709228515625,
  "summary_fg_median": 412.0914611816406,
  "summary_fg_n": 32019.0,
  "summary_fg_p05": 224.8719482421875,
  "summary_fg_p95": 737.197509765625,
  "summary_fg_stdv": 159.6902313232422,
  "tsnr": 70.81592141278088
}