{
  "bids_meta": {
    "AcquisitionMatrixPE": 256,
    "AcquisitionNumber": 1,
    "AcquisitionTime": "14:27:16.710000",
    "BaseResolution": 256,
    "BodyPartExamined": "BRAIN",
    "ConsistencyInfo": "N4_VE11C_LATEST_20160120",
    "ConversionSoftware": "dcm2niix",
    "ConversionSoftwareVersion": "v1.0.20181125  (JP2:OpenJPEG) (JP-LS:CharLS) GCC5.5.0",
    "DeviceSerialNumber": "167012",
    "DwellTime": 3e-06,
    "EchoTime": 0.00169,
    "FlipAngle": 7,
    "ImageOrientationPatientDICOM": [
      0.0300509,
      0.998836,
      -0.0377345,
      0.0817333,
      -0.0400806,
      -0.995848
    ],
    "ImageType": [
      "ORIGINAL",
      "PRIMARY",
      "OTHER",
      "ND",
      "NORM",
      "MEAN"
    ],
    "ImagingFrequency": 123.253,
    "InPlanePhaseEncodingDirectionDICOM": "ROW",
    "InstitutionAddress": "Vassar_Street_43_Cambridge_Boston_US_02139",
    "InstitutionName": "McGovern_Institute_for_Brain_Research_(3T1)",
    "InstitutionalDepartmentName": "Department",
    "InversionTime": 1.4,
    "MRAcquisitionType": "3D",
    "MagneticFieldStrength": 3,
    "Manufacturer": "Siemens",
    "ManufacturersModelName": "Prisma_fit",
    "Modality": "MR",
    "PartialFourier": 1,
    "PatientPosition": "HFS",
    "PercentPhaseFOV": 100,
    "PhaseEncodingSteps": 255,
    "PhaseResolution": 1,
    "PixelBandwidth": 650,
    "ProcedureStepDescription": "Young_Minjae",
    "ProtocolName": "T1w_MPRAGE_FourEcho_vNav",
    "PulseSequenceDetails": "%CustomerSeq%_tfl_mgh_epinav_ABCD",
    "ReceiveCoilActiveElements": "HEA;HEP",
    "ReceiveCoilName": "Head_32",
    "ReconMatrixPE": 256,
    "RepetitionTime": 2.53,
    "SAR": 0.0289613,
    "ScanOptions": "IR_WE",
    "ScanningSequence": "GR_IR",
    "SequenceName": "tfl3d4_16ns",
    "SequenceVariant": "SK_SP_MP",
    "SeriesDescription": "T1w_MPRAGE_FourEcho_vNav_RMS",
    "SeriesNumber": 10,
    "ShimSetting": [
      -5609,
      -1543,
      3159,
      462,
      -45,
      -144,
      41,
      -61
    ],
    "SliceThickness": 1,
    "SoftwareVersions": "syngo_MR_E11",
    "StationName": "MRC35115",
    "TxRefAmp": 244.421,
    "WipMemBlock": "Prisma_epi_moco_navigator_ABCD_tfl.prot",
    "dataset": "ds002793",
    "modality": "T1w",
    "run_id": 1,
    "subject_id": "18"
  },
  "cjv": 0.3942505704092534,
  "cnr": 3.212563791948863,
  "efc": 0.526483322996039,
  "fber": 27585.61304718244,
  "fwhm_avg": 3.8077966666666665,
  "fwhm_x": 3.84596,
  "fwhm_y": 3.96818,
  "fwhm_z": 3.60925,
  "icvs_csf": 0.1971375452035761,
  "icvs_gm": 0.4242324515245922,
  "icvs_wm": 0.3786300032718317,
  "inu_med": 0.3093967139720917,
  "inu_range": 0.0896065846085548,
  "provenance": {
    "md5sum": "d977dec2e4759be9afbde58027594995",
    "settings": {
      "testing": false
    },
    "software": "mriqc",
    "version": "22.0.6",
    "warnings": {
      "large_rot_frame": true,
      "small_air_mask": false
    },
    "webapi_port": null,
    "webapi_url": "https://mriqc.nimh.nih.gov/api/v1"
  },
  "qi_1": 0.0,
  "qi_2": 0.002491835490521315,
  "rpve_csf": 29.471526002800005,
  "rpve_gm": 14.401156060607974,
  "rpve_wm": 18.563568704637717,
  "size_x": 176,
  "size_y": 256,
  "size_z": 256,
  "snr_csf": 2.51924530696731,
  "snr_gm": 14.868765277851878,
  "snr_total": 16.722726336887817,
  "snr_wm": 32.78016842584426,
  "snrd_csf": 46.07741800446753,
  "snrd_gm": 119.61053339617365,
  "snrd_total": 105.02487589835658,
  "snrd_wm": 149.38667629442858,
  "spacing_x": 1.0,
  "spacing_y": 1.0,
  "spacing_z": 1.0,
  "summary_bg_k": 6.35945992806348,
  "summary_bg_mad": 0.0,
  "summary_bg_mean": 2.9321558265893115,
  "summary_bg_median": 0.0,
  "summary_bg_n": 2677603.0,
  "summary_bg_p05": 0.0,
  "summary_bg_p95": 12.048895759508014,
  "summary_bg_stdv": 4.385507364459393,
  "summary_csf_k": 1.3928087983831219,
  "summary_csf_mad": 85.4803512222804,
  "summary_csf_mean": 306.23063367455524,
  "summary_csf_median": 308.44394540414214,
  "summary_csf_n": 30963.0,
  "summary_csf_p05": 81.87409587018192,
  "summary_csf_p95": 521.785314230248,
  "summary_csf_stdv": 122.43308091660177,
  "summary_gm_k": 0.2743416134492569,
  "summary_gm_mad": 50.44552800018438,
  "summary_gm_mean": 800.7147575609843,
  "summary_gm_median": 800.6773476116359,
  "summary_gm_n": 30819.0,
  "summary_gm_p05": 711.5661282464862,
  "summary_gm_p95": 891.579356007278,
  "summary_gm_stdv": 53.84874551105656,
  "summary_wm_k": 0.6597537914973826,
  "summary_wm_mad": 28.137522768981565,
  "summary_wm_mean": 1001.3181735217928,
  "summary_wm_median": 999.9999527446926,
  "summary_wm_n": 203372.0,
  "summary_wm_p05": 953.4589030500501,
  "summary_wm_p95": 1053.957204837352,
  "summary_wm_stdv": 30.506173159394475,
  "tpm_overlap_csf": 0.13636167923450332,
  "tpm_overlap_gm": 0.45926826670697324,
  "tpm_overlap_wm": 0.5064100791757714,
  "wm2max": 0.918639582290251
}