{
  "bids_meta": {
    "AcquisitionMatrixPE": 256,
    "AcquisitionNumber": 1,
    "AcquisitionTime": "15:26:55.747500",
    "BaseResolution": 256,
    "BodyPartExamined": "BRAIN",
    "ConsistencyInfo": "N4_VE11C_LATEST_20160120",
    "ConversionSoftware": "dcm2niix",
    "ConversionSoftwareVersion": "v1.0.20181125  (JP2:OpenJPEG) (JP-LS:CharLS) GCC5.5.0",
    "DeviceSerialNumber": "167012",
    "DwellTime": 3e-06,
    "EchoTime": 0.00169,
    "FlipAngle": 7,
    "ImageOrientationPatientDICOM": [
      -0.0443159,
      0.972503,
      0.228635,
      -0.0330306,
      0.227308,
      -0.973262
    ],
    "ImageType": [
      "ORIGINAL",
      "PRIMARY",
      "OTHER",
      "ND",
      "NORM",
      "MEAN"
    ],
    "ImagingFrequency": 123.253,
    "InPlanePhaseEncodingDirectionDICOM": "ROW",
    "InstitutionAddress": "Vassar_Street_43_Cambridge_Boston_US_02139",
    "InstitutionName": "McGovern_Institute_for_Brain_Research_(3T1)",
    "InstitutionalDepartmentName": "Department",
    "InversionTime": 1.4,
    "MRAcquisitionType": "3D",
    "MagneticFieldStrength": 3,
    "Manufacturer": "Siemens",
    "ManufacturersModelName": "Prisma_fit",
    "Modality": "MR",
    "PartialFourier": 1,
    "PatientPosition": "HFS",
    "PercentPhaseFOV": 100,
    "PhaseEncodingSteps": 255,
    "PhaseResolution": 1,
    "PixelBandwidth": 650,
    "ProcedureStepDescription": "Young_Minjae",
    "ProtocolName": "T1w_MPRAGE_FourEcho_vNav",
    "PulseSequenceDetails": "%CustomerSeq%_tfl_mgh_epinav_ABCD",
    "ReceiveCoilActiveElements": "HEA;HEP",
    "ReceiveCoilName": "Head_32",
    "ReconMatrixPE": 256,
    "RepetitionTime": 2.53,
    "SAR": 0.030103,
    "ScanOptions": "IR_WE",
    "ScanningSequence": "GR_IR",
    "SequenceName": "tfl3d4_16ns",
    "SequenceVariant": "SK_SP_MP",
    "SeriesDescription": "T1w_MPRAGE_FourEcho_vNav_RMS",
    "SeriesNumber": 10,
    "ShimSetting": [
      -5622,
      -1619,
      3186,
      318,
      32,
      -159,
      -60,
      -20
    ],
    "SliceThickness": 1,
    "SoftwareVersions": "syngo_MR_E11",
    "StationName": "MRC35115",
    "TxRefAmp": 228.248,
    "WipMemBlock": "Prisma_epi_moco_navigator_ABCD_tfl.prot",
    "dataset": "ds002793",
    "modality": "T1w",
    "run_id": 1,
    "subject_id": "04"
  },
  "cjv": 0.37619661484525596,
  "cnr": 3.461333452251426,
  "efc": 0.5226285279785624,
  "fber": 26113.458193440085,
  "fwhm_avg": 3.8763400000000003,
  "fwhm_x": 3.98175,
  "fwhm_y": 3.98903,
  "fwhm_z": 3.65824,
  "icvs_csf": 0.21209957341617294,
  "icvs_gm": 0.4289047206450537,
  "icvs_wm": 0.3589957059387734,
  "inu_med": 0.33243703842163086,
  "inu_range": 0.10639145970344543,
  "provenance": {
    "md5sum": "19e3377620c99143a661ff04e4419f99",
    "settings": {
      "testing": false
    },
    "software": "mriqc",
    "version": "22.0.6",
    "warnings": {
      "large_rot_frame": true,
      "small_air_mask": false
    },
    "webapi_port": null,
    "webapi_url": "https://mriqc.nimh.nih.gov/api/v1"
  },
  "qi_1": 0.0,
  "qi_2": 0.0024723969260213485,
  "rpve_csf": 28.349005626014574,
  "rpve_gm": 14.466773429902075,
  "rpve_wm": 19.60372249960259,
  "size_x": 176,
  "size_y": 256,
  "size_z": 256,
  "snr_csf": 2.435904623395256,
  "snr_gm": 15.116604136924607,
  "snr_total": 16.914716088237284,
  "snr_wm": 33.19163950439199,
  "snrd_csf": 54.56481015047574,
  "snrd_gm": 133.83423578530807,
  "snrd_total": 119.2235671500033,
  "snrd_wm": 169.27165551422613,
  "spacing_x": 1.0,
  "spacing_y": 1.0,
  "spacing_z": 1.0,
  "summary_bg_k": 6.1152279657790025,
  "summary_bg_mad": 0.0,
  "summary_bg_mean": 2.636566621113608,
  "summary_bg_median": 0.0,
  "summary_bg_n": 2622973.0,
  "summary_bg_p05": 0.0,
  "summary_bg_p95": 11.001660538837314,
  "summary_bg_stdv": 3.8703254404825786,
  "summary_csf_k": 0.12783948614145446,
  "summary_csf_mad": 103.12635365927181,
  "summary_csf_mean": 323.17952819025396,
  "summary_csf_median": 322.3505408652127,
  "summary_csf_n": 38277.0,
  "summary_csf_p05": 77.80042207464577,
  "summary_csf_p95": 550.4340233158318,
  "summary_csf_stdv": 132.33126083079267,
  "summary_gm_k": 0.18131636179202415,
  "summary_gm_mad": 50.13630649957002,
  "summary_gm_mean": 791.5679809949112,
  "summary_gm_median": 790.6476385183632,
  "summary_gm_n": 29078.0,
  "summary_gm_p05": 706.5594749487936,
  "summary_gm_p95": 880.6423539724201,
  "summary_gm_stdv": 52.30235811897953,
  "summary_wm_k": 0.463928323930904,
  "summary_wm_mad": 28.621340150145162,
  "summary_wm_mean": 1000.437906536076,
  "summary_wm_median": 999.9999918937683,
  "summary_wm_n": 179276.0,
  "summary_wm_p05": 951.8229089509696,
  "summary_wm_p95": 1050.8755953460932,
  "summary_wm_stdv": 30.127984571591934,
  "tpm_overlap_csf": 0.1451301164713271,
  "tpm_overlap_gm": 0.4650931303049281,
  "tpm_overlap_wm": 0.5115520423031304,
  "wm2max": 0.9253658366220794
}