{
  "aor": 0.003755661764705882,
  "aqi": 0.0022713461029411765,
  "bids_meta": {
    "AcquisitionMatrixPE": 70,
    "AcquisitionNumber": 1,
    "AcquisitionTime": "12:35:3.782500",
    "BandwidthPerPixelPhaseEncode": 29.155,
    "BaseResolution": 70,
    "BodyPartExamined": "BRAIN",
    "ConsistencyInfo": "N4_VE11C_LATEST_20160120",
    "ConversionSoftware": "dcm2niix",
    "ConversionSoftwareVersion": "v1.0.20181125  (JP2:OpenJPEG) (JP-LS:CharLS) GCC5.5.0",
    "DerivedVendorReportedEchoSpacing": 0.000489992,
    "DeviceSerialNumber": "167012",
    "DwellTime": 3e-06,
    "EchoTime": 0.03,
    "EchoTrainLength": 70,
    "EffectiveEchoSpacing": 0.000489992,
    "FlipAngle": 90,
    "ImageOrientationPatientDICOM": [
      0.999345,
      0.0191994,
      0.0306611,
      -0.024598,
      0.982098,
      0.18676
    ],
    "ImageType": [
      "ORIGINAL",
      "PRIMARY",
      "M",
      "ND",
      "MOSAIC"
    ],
    "ImagingFrequency": 123.253,
    "InPlanePhaseEncodingDirectionDICOM": "COL",
    "InstitutionAddress": "Vassar_Street_43_Cambridge_Boston_US_02139",
    "InstitutionName": "McGovern_Institute_for_Brain_Research_(3T1)",
    "InstitutionalDepartmentName": "Department",
    "MRAcquisitionType": "2D",
    "MagneticFieldStrength": 3,
    "Manufacturer": "Siemens",
    "ManufacturersModelName": "Prisma_fit",
    "Modality": "MR",
    "PartialFourier": 1,
    "PatientPosition": "HFS",
    "PercentPhaseFOV": 100,
    "PhaseEncodingDirection": "j-",
    "PhaseEncodingSteps": 70,
    "PhaseResolution": 1,
    "PixelBandwidth": 2380,
    "ProcedureStepDescription": "Young_Minjae",
    "ProtocolName": "TOM_RUN1",
    "PulseSequenceDetails": "%SiemensSeq%_ep2d_pace",
    "ReceiveCoilActiveElements": "HEA;HEP",
    "ReceiveCoilName": "Head_32",
    "ReconMatrixPE": 70,
    "RepetitionTime": 2,
    "SAR": 0.0886303,
    "ScanOptions": "FS",
    "ScanningSequence": "EP",
    "SequenceName": "_epfid2d1_70",
    "SequenceVariant": "SK",
    "SeriesDescription": "TOM_RUN1",
    "SeriesNumber": 11,
    "ShimSetting": [
      -5610,
      -1538,
      3198,
      439,
      -73,
      44,
      43,
      -32
    ],
    "SliceThickness": 3,
    "SliceTiming": [
      0,
      0.0625,
      0.1225,
      0.185,
      0.2475,
      0.31,
      0.37,
      0.4325,
      0.495,
      0.5575,
      0.6175,
      0.68,
      0.7425,
      0.805,
      0.865,
      0.9275,
      0.99,
      1.0525,
      1.1125,
      1.175,
      1.2375,
      1.3,
      1.36,
      1.4225,
      1.485,
      1.5475,
      1.6075,
      1.67,
      1.7325,
      1.795,
      1.855,
      1.9175
    ],
    "SoftwareVersions": "syngo_MR_E11",
    "SpacingBetweenSlices": 3.6,
    "StationName": "MRC35115",
    "TaskName": "tom",
    "TotalReadoutTime": 0.0338094,
    "TxRefAmp": 217.854,
    "dataset": "ds002793",
    "modality": "bold",
    "run_id": 1,
    "subject_id": "11",
    "task_id": "tom"
  },
  "dummy_trs": 0,
  "dvars_nstd": 28.583277102296304,
  "dvars_std": 1.47827118637037,
  "dvars_vstd": 1.0254879341481482,
  "efc": 0.5706385743923332,
  "fber": 351.3322448730469,
  "fd_mean": 0.14628830639656676,
  "fd_num": 7,
  "fd_perc": 5.147058823529412,
  "fwhm_avg": 2.692227002291799,
  "fwhm_x": 2.5393733333333333,
  "fwhm_y": 2.91413,
  "fwhm_z": 2.623177673542062,
  "gcor": 0.0328691,
  "gsr_x": -0.010573368519544601,
  "gsr_y": 0.05704900994896889,
  "provenance": {
    "md5sum": "257800f621fd3a62182f4fc660f06603",
    "settings": {
      "fd_thres": 0.2,
      "testing": false
    },
    "software": "mriqc",
    "version": "22.0.6",
    "webapi_port": null,
    "webapi_url": "https://mriqc.nimh.nih.gov/api/v1"
  },
  "size_t": 136,
  "size_x": 70,
  "size_y": 70,
  "size_z": 32,
  "snr": 2.6125398236698705,
  "spacing_tr": 2.0,
  "spacing_x": 3.0,
  "spacing_y": 3.0,
  "spacing_z": 3.6000001430511475,
  "summary_bg_k": 20.45854009108102,
  "summary_bg_mad": 6.39917414150371,
  "summary_bg_mean": 40.75901412963867,
  "summary_bg_median": 21.066177368164062,
  "summary_bg_n": 87525.0,
  "summary_bg_p05": 16.360294342041016,
  "summary_bg_p95": 151.13970947265625,
  "summary_bg_stdv": 54.157798767089844,
  "summary_fg_k": 0.21388334167118916,
  "summary_fg_mad": 154.75751070491881,
  "summary_fg_mean": 434.4489440917969,
  "summary_fg_median": 407.8676452636719,
  "summary_fg_n": 31905.0,
  "summary_fg_p05": 223.87647094726563,
  "summary_fg_p95": 725.6220581054688,
  "summary_fg_stdv": 156.11676025390625,
  "tsnr": 90.46240361407399
}