{
  "aor": 0.0023441176470588234,
  "aqi": 0.002039162169117647,
  "bids_meta": {
    "AcquisitionMatrixPE": 70,
    "AcquisitionNumber": 1,
    "AcquisitionTime": "12:40:17.570000",
    "BandwidthPerPixelPhaseEncode": 29.155,
    "BaseResolution": 70,
    "BodyPartExamined": "BRAIN",
    "ConsistencyInfo": "N4_VE11C_LATEST_20160120",
    "ConversionSoftware": "dcm2niix",
    "ConversionSoftwareVersion": "v1.0.20181125  (JP2:OpenJPEG) (JP-LS:CharLS) GCC5.5.0",
    "DerivedVendorReportedEchoSpacing": 0.000489992,
    "DeviceSerialNumber": "167012",
    "DwellTime": 3e-06,
    "EchoTime": 0.03,
    "EchoTrainLength": 70,
    "EffectiveEchoSpacing": 0.000489992,
    "FlipAngle": 90,
    "ImageOrientationPatientDICOM": [
      0.999345,
      0.0191994,
      0.0306611,
      -0.024598,
      0.982098,
      0.18676
    ],
    "ImageType": [
      "ORIGINAL",
      "PRIMARY",
      "M",
      "ND",
      "MOSAIC"
    ],
    "ImagingFrequency": 123.253,
    "InPlanePhaseEncodingDirectionDICOM": "COL",
    "InstitutionAddress": "Vassar_Street_43_Cambridge_Boston_US_02139",
    "InstitutionName": "McGovern_Institute_for_Brain_Research_(3T1)",
    "InstitutionalDepartmentName": "Department",
    "MRAcquisitionType": "2D",
    "MagneticFieldStrength": 3,
    "Manufacturer": "Siemens",
    "ManufacturersModelName": "Prisma_fit",
    "Modality": "MR",
    "PartialFourier": 1,
    "PatientPosition": "HFS",
    "PercentPhaseFOV": 100,
    "PhaseEncodingDirection": "j-",
    "PhaseEncodingSteps": 70,
    "PhaseResolution": 1,
    "PixelBandwidth": 2380,
    "ProcedureStepDescription": "Young_Minjae",
    "ProtocolName": "TOM_RUN2",
    "PulseSequenceDetails": "%SiemensSeq%_ep2d_pace",
    "ReceiveCoilActiveElements": "HEA;HEP",
    "ReceiveCoilName": "Head_32",
    "ReconMatrixPE": 70,
    "RepetitionTime": 2,
    "SAR": 0.0886303,
    "ScanOptions": "FS",
    "ScanningSequence": "EP",
    "SequenceName": "_epfid2d1_70",
    "SequenceVariant": "SK",
    "SeriesDescription": "TOM_RUN2",
    "SeriesNumber": 13,
    "ShimSetting": [
      -5610,
      -1538,
      3198,
      439,
      -73,
      44,
      43,
      -32
    ],
    "SliceThickness": 3,
    "SliceTiming": [
      0,
      0.0625,
      0.125,
      0.185,
      0.2475,
      0.31,
      0.3725,
      0.4325,
      0.495,
      0.5575,
      0.62,
      0.68,
      0.7425,
      0.805,
      0.8675,
      0.9275,
      0.99,
      1.0525,
      1.115,
      1.175,
      1.2375,
      1.3,
      1.3625,
      1.4225,
      1.485,
      1.5475,
      1.61,
      1.67,
      1.7325,
      1.795,
      1.8575,
      1.9175
    ],
    "SoftwareVersions": "syngo_MR_E11",
    "SpacingBetweenSlices": 3.6,
    "StationName": "MRC35115",
    "TaskName": "tom",
    "TotalReadoutTime": 0.0338094,
    "TxRefAmp": 217.854,
    "dataset": "ds002793",
    "modality": "bold",
    "run_id": 2,
    "subject_id": "11",
    "task_id": "tom"
  },
  "dummy_trs": 0,
  "dvars_nstd": 30.215437966296303,
  "dvars_std": 1.528966817111111,
  "dvars_vstd": 1.0120952716296299,
  "efc": 0.5713267760308028,
  "fber": 348.8206787109375,
  "fd_mean": 0.14154085740982714,
  "fd_num": 10,
  "fd_perc": 7.352941176470588,
  "fwhm_avg": 2.6771968175743623,
  "fwhm_x": 2.5217733333333334,
  "fwhm_y": 2.921953333333333,
  "fwhm_z": 2.587863786056421,
  "gcor": 0.0246244,
  "gsr_x": -0.01107314694672823,
  "gsr_y": 0.05644712597131729,
  "provenance": {
    "md5sum": "fcc1b881ac554d3daa5078d905853824",
    "settings": {
      "fd_thres": 0.2,
      "testing": false
    },
    "software": "mriqc",
    "version": "22.0.6",
    "webapi_port": null,
    "webapi_url": "https://mriqc.nimh.nih.gov/api/v1"
  },
  "size_t": 136,
  "size_x": 70,
  "size_y": 70,
  "size_z": 32,
  "snr": 2.606149952957263,
  "spacing_tr": 2.0,
  "spacing_x": 3.0,
  "spacing_y": 3.0,
  "spacing_z": 3.6000001430511475,
  "summary_bg_k": 20.304602795529945,
  "summary_bg_mad": 6.4100754620609965,
  "summary_bg_mean": 41.01502990722656,
  "summary_bg_median": 21.132352828979492,
  "summary_bg_n": 87326.0,
  "summary_bg_p05": 16.40441131591797,
  "summary_bg_p95": 151.98529052734375,
  "summary_bg_stdv": 54.814781188964844,
  "summary_fg_k": 0.2954745817368365,
  "summary_fg_mad": 155.4770035173784,
  "summary_fg_mean": 436.0892639160156,
  "summary_fg_median": 409.4264831542969,
  "summary_fg_n": 32017.0,
  "summary_fg_p05": 224.3499969482422,
  "summary_fg_p95": 728.4323364257812,
  "summary_fg_stdv": 157.09767150878906,
  "tsnr": 97.29373274976388
}