{
  "aor": 0.004644303030303031,
  "aqi": 0.0025275001818181823,
  "bids_meta": {
    "AcquisitionMatrixPE": 70,
    "AcquisitionNumber": 1,
    "AcquisitionTime": "12:53:54.482500",
    "BandwidthPerPixelPhaseEncode": 29.155,
    "BaseResolution": 70,
    "BodyPartExamined": "BRAIN",
    "ConsistencyInfo": "N4_VE11C_LATEST_20160120",
    "ConversionSoftware": "dcm2niix",
    "ConversionSoftwareVersion": "v1.0.20181125  (JP2:OpenJPEG) (JP-LS:CharLS) GCC5.5.0",
    "DerivedVendorReportedEchoSpacing": 0.000489992,
    "DeviceSerialNumber": "167012",
    "DwellTime": 3e-06,
    "EchoTime": 0.03,
    "EchoTrainLength": 70,
    "EffectiveEchoSpacing": 0.000489992,
    "FlipAngle": 90,
    "ImageOrientationPatientDICOM": [
      0.999345,
      0.0191994,
      0.0306611,
      -0.024598,
      0.982098,
      0.18676
    ],
    "ImageType": [
      "ORIGINAL",
      "PRIMARY",
      "M",
      "ND",
      "MOSAIC"
    ],
    "ImagingFrequency": 123.253,
    "InPlanePhaseEncodingDirectionDICOM": "COL",
    "InstitutionAddress": "Vassar_Street_43_Cambridge_Boston_US_02139",
    "InstitutionName": "McGovern_Institute_for_Brain_Research_(3T1)",
    "InstitutionalDepartmentName": "Department",
    "MRAcquisitionType": "2D",
    "MagneticFieldStrength": 3,
    "Manufacturer": "Siemens",
    "ManufacturersModelName": "Prisma_fit",
    "Modality": "MR",
    "PartialFourier": 1,
    "PatientPosition": "HFS",
    "PercentPhaseFOV": 100,
    "PhaseEncodingDirection": "j-",
    "PhaseEncodingSteps": 70,
    "PhaseResolution": 1,
    "PixelBandwidth": 2380,
    "ProcedureStepDescription": "Young_Minjae",
    "ProtocolName": "TPS_RUN2",
    "PulseSequenceDetails": "%SiemensSeq%_ep2d_pace",
    "ReceiveCoilActiveElements": "HEA;HEP",
    "ReceiveCoilName": "Head_32",
    "ReconMatrixPE": 70,
    "RepetitionTime": 2,
    "SAR": 0.0887135,
    "ScanOptions": "FS",
    "ScanningSequence": "EP",
    "SequenceName": "_epfid2d1_70",
    "SequenceVariant": "SK",
    "SeriesDescription": "TPS_RUN2",
    "SeriesNumber": 17,
    "ShimSetting": [
      -5610,
      -1538,
      3198,
      439,
      -73,
      44,
      43,
      -32
    ],
    "SliceThickness": 3,
    "SliceTiming": [
      0,
      0.06,
      0.1225,
      0.185,
      0.245,
      0.3075,
      0.37,
      0.4325,
      0.4925,
      0.555,
      0.6175,
      0.68,
      0.74,
      0.8025,
      0.865,
      0.9275,
      0.9875,
      1.05,
      1.1125,
      1.175,
      1.235,
      1.2975,
      1.36,
      1.4225,
      1.4825,
      1.545,
      1.6075,
      1.67,
      1.73,
      1.7925,
      1.855,
      1.9175
    ],
    "SoftwareVersions": "syngo_MR_E11",
    "SpacingBetweenSlices": 3.6,
    "StationName": "MRC35115",
    "TaskName": "tps",
    "TotalReadoutTime": 0.0338094,
    "TxRefAmp": 217.854,
    "dataset": "ds002793",
    "modality": "bold",
    "run_id": 2,
    "subject_id": "11",
    "task_id": "tps"
  },
  "dummy_trs": 0,
  "dvars_nstd": 26.060979994146354,
  "dvars_std": 1.2695221227439024,
  "dvars_vstd": 1.0317712257926825,
  "efc": 0.5725531489797571,
  "fber": 340.9665222167969,
  "fd_mean": 0.19544897092351954,
  "fd_num": 45,
  "fd_perc": 27.272727272727273,
  "fwhm_avg": 2.7327670018767733,
  "fwhm_x": 2.57226,
  "fwhm_y": 2.97153,
  "fwhm_z": 2.654511005630321,
  "gcor": 0.0292875,
  "gsr_x": -0.01788300648331642,
  "gsr_y": 0.0803622454404831,
  "provenance": {
    "md5sum": "d08dd8fc96c235f5e470d9ea81a1ae06",
    "settings": {
      "fd_thres": 0.2,
      "testing": false
    },
    "software": "mriqc",
    "version": "22.0.6",
    "webapi_port": null,
    "webapi_url": "https://mriqc.nimh.nih.gov/api/v1"
  },
  "size_t": 165,
  "size_x": 70,
  "size_y": 70,
  "size_z": 32,
  "snr": 2.576499620747137,
  "spacing_tr": 2.0,
  "spacing_x": 3.0,
  "spacing_y": 3.0,
  "spacing_z": 3.6000001430511475,
  "summary_bg_k": 22.17724932557043,
  "summary_bg_mad": 6.927793455915113,
  "summary_bg_mean": 45.23697280883789,
  "summary_bg_median": 21.599998474121094,
  "summary_bg_n": 88816.0,
  "summary_bg_p05": 16.51515007019043,
  "summary_bg_p95": 171.56666564941406,
  "summary_bg_stdv": 66.2398910522461,
  "summary_fg_k": 0.2915246618055707,
  "summary_fg_mad": 156.74697484215028,
  "summary_fg_mean": 437.03192138671875,
  "summary_fg_median": 409.7605895996094,
  "summary_fg_n": 31950.0,
  "summary_fg_p05": 224.26333084106446,
  "summary_fg_p95": 734.0178649902343,
  "summary_fg_stdv": 159.03521728515625,
  "tsnr": 75.00995362945832
}