{
  "aor": 0.003854451219512196,
  "aqi": 0.0021745196524390244,
  "bids_meta": {
    "AcquisitionMatrixPE": 70,
    "AcquisitionNumber": 1,
    "AcquisitionTime": "13:44:36.372500",
    "BandwidthPerPixelPhaseEncode": 29.155,
    "BaseResolution": 70,
    "BodyPartExamined": "BRAIN",
    "ConsistencyInfo": "N4_VE11C_LATEST_20160120",
    "ConversionSoftware": "dcm2niix",
    "ConversionSoftwareVersion": "v1.0.20181125  (JP2:OpenJPEG) (JP-LS:CharLS) GCC5.5.0",
    "DerivedVendorReportedEchoSpacing": 0.000489992,
    "DeviceSerialNumber": "167012",
    "DwellTime": 3e-06,
    "EchoTime": 0.03,
    "EchoTrainLength": 70,
    "EffectiveEchoSpacing": 0.000489992,
    "FlipAngle": 90,
    "ImageOrientationPatientDICOM": [
      0.999345,
      0.0191994,
      0.0306611,
      -0.024598,
      0.982098,
      0.18676
    ],
    "ImageType": [
      "ORIGINAL",
      "PRIMARY",
      "M",
      "ND",
      "MOSAIC"
    ],
    "ImagingFrequency": 123.253,
    "InPlanePhaseEncodingDirectionDICOM": "COL",
    "InstitutionAddress": "Vassar_Street_43_Cambridge_Boston_US_02139",
    "InstitutionName": "McGovern_Institute_for_Brain_Research_(3T1)",
    "InstitutionalDepartmentName": "Department",
    "MRAcquisitionType": "2D",
    "MagneticFieldStrength": 3,
    "Manufacturer": "Siemens",
    "ManufacturersModelName": "Prisma_fit",
    "Modality": "MR",
    "PartialFourier": 1,
    "PatientPosition": "HFS",
    "PercentPhaseFOV": 100,
    "PhaseEncodingDirection": "j-",
    "PhaseEncodingSteps": 70,
    "PhaseResolution": 1,
    "PixelBandwidth": 2380,
    "ProcedureStepDescription": "Young_Minjae",
    "ProtocolName": "TPS_RUN10",
    "PulseSequenceDetails": "%SiemensSeq%_ep2d_pace",
    "ReceiveCoilActiveElements": "HEA;HEP",
    "ReceiveCoilName": "Head_32",
    "ReconMatrixPE": 70,
    "RepetitionTime": 2,
    "SAR": 0.0887135,
    "ScanOptions": "FS",
    "ScanningSequence": "EP",
    "SequenceName": "_epfid2d1_70",
    "SequenceVariant": "SK",
    "SeriesDescription": "TPS_RUN10",
    "SeriesNumber": 33,
    "ShimSetting": [
      -5610,
      -1538,
      3198,
      439,
      -73,
      44,
      43,
      -32
    ],
    "SliceThickness": 3,
    "SliceTiming": [
      0,
      0.0625,
      0.125,
      0.1875,
      0.2475,
      0.31,
      0.3725,
      0.435,
      0.495,
      0.5575,
      0.62,
      0.6825,
      0.7425,
      0.805,
      0.8675,
      0.93,
      0.99,
      1.0525,
      1.115,
      1.1775,
      1.2375,
      1.3,
      1.3625,
      1.425,
      1.485,
      1.5475,
      1.61,
      1.6725,
      1.7325,
      1.795,
      1.8575,
      1.92
    ],
    "SoftwareVersions": "syngo_MR_E11",
    "SpacingBetweenSlices": 3.6,
    "StationName": "MRC35115",
    "TaskName": "tps",
    "TotalReadoutTime": 0.0338094,
    "TxRefAmp": 217.854,
    "dataset": "ds002793",
    "modality": "bold",
    "run_id": 10,
    "subject_id": "11",
    "task_id": "tps"
  },
  "dummy_trs": 1,
  "dvars_nstd": 27.1191793102454,
  "dvars_std": 1.3858639687730059,
  "dvars_vstd": 1.0324447182208585,
  "efc": 0.5747406231160237,
  "fber": 341.01324462890625,
  "fd_mean": 0.16348953167684463,
  "fd_num": 32,
  "fd_perc": 19.51219512195122,
  "fwhm_avg": 2.649671076531147,
  "fwhm_x": 2.4885033333333335,
  "fwhm_y": 2.8498099999999997,
  "fwhm_z": 2.6106998962601065,
  "gcor": 0.0265527,
  "gsr_x": -0.009831585921347141,
  "gsr_y": 0.07121430337429047,
  "provenance": {
    "md5sum": "1057b208a12fb59bc46e6a434d3dfc24",
    "settings": {
      "fd_thres": 0.2,
      "testing": false
    },
    "software": "mriqc",
    "version": "22.0.6",
    "webapi_port": null,
    "webapi_url": "https://mriqc.nimh.nih.gov/api/v1"
  },
  "size_t": 164,
  "size_x": 70,
  "size_y": 70,
  "size_z": 32,
  "snr": 2.6742916584639853,
  "spacing_tr": 2.0,
  "spacing_x": 3.0,
  "spacing_y": 3.0,
  "spacing_z": 3.6000001430511475,
  "summary_bg_k": 21.539079151036177,
  "summary_bg_mad": 6.454744011872387,
  "summary_bg_mean": 43.39273452758789,
  "summary_bg_median": 21.21341323852539,
  "summary_bg_n": 88378.0,
  "summary_bg_p05": 16.46341323852539,
  "summary_bg_p95": 162.89237289428678,
  "summary_bg_stdv": 61.719573974609375,
  "summary_fg_k": 0.04617752291679933,
  "summary_fg_mad": 150.11347462369218,
  "summary_fg_mean": 427.608642578125,
  "summary_fg_median": 401.9755859375,
  "summary_fg_n": 31585.0,
  "summary_fg_p05": 223.77926025390624,
  "summary_fg_p95": 708.9719360351562,
  "summary_fg_stdv": 150.3086700439453,
  "tsnr": 83.29738808982074
}