{
  "aor": 0.006224909090909091,
  "aqi": 0.0015194541878787878,
  "bids_meta": {
    "AcquisitionMatrixPE": 70,
    "AcquisitionNumber": 1,
    "AcquisitionTime": "14:22:26.042500",
    "BandwidthPerPixelPhaseEncode": 29.155,
    "BaseResolution": 70,
    "BodyPartExamined": "BRAIN",
    "ConsistencyInfo": "N4_VE11C_LATEST_20160120",
    "ConversionSoftware": "dcm2niix",
    "ConversionSoftwareVersion": "v1.0.20181125  (JP2:OpenJPEG) (JP-LS:CharLS) GCC5.5.0",
    "DerivedVendorReportedEchoSpacing": 0.000489992,
    "DeviceSerialNumber": "167012",
    "DwellTime": 3e-06,
    "EchoTime": 0.03,
    "EchoTrainLength": 70,
    "EffectiveEchoSpacing": 0.000489992,
    "FlipAngle": 90,
    "ImageOrientationPatientDICOM": [
      0.994448,
      0.103952,
      -0.0163413,
      -0.09628,
      0.96151,
      0.25735
    ],
    "ImageType": [
      "ORIGINAL",
      "PRIMARY",
      "M",
      "ND",
      "MOSAIC"
    ],
    "ImagingFrequency": 123.253,
    "InPlanePhaseEncodingDirectionDICOM": "COL",
    "InstitutionAddress": "Vassar_Street_43_Cambridge_Boston_US_02139",
    "InstitutionName": "McGovern_Institute_for_Brain_Research_(3T1)",
    "InstitutionalDepartmentName": "Department",
    "MRAcquisitionType": "2D",
    "MagneticFieldStrength": 3,
    "Manufacturer": "Siemens",
    "ManufacturersModelName": "Prisma_fit",
    "Modality": "MR",
    "PartialFourier": 1,
    "PatientPosition": "HFS",
    "PercentPhaseFOV": 100,
    "PhaseEncodingDirection": "j-",
    "PhaseEncodingSteps": 70,
    "PhaseResolution": 1,
    "PixelBandwidth": 2380,
    "ProcedureStepDescription": "Young_Minjae",
    "ProtocolName": "TPS_RUN10",
    "PulseSequenceDetails": "%SiemensSeq%_ep2d_pace",
    "ReceiveCoilActiveElements": "HEA;HEP",
    "ReceiveCoilName": "Head_32",
    "ReconMatrixPE": 70,
    "RepetitionTime": 2,
    "SAR": 0.110281,
    "ScanOptions": "FS",
    "ScanningSequence": "EP",
    "SequenceName": "_epfid2d1_70",
    "SequenceVariant": "SK",
    "SeriesDescription": "TPS_RUN10",
    "SeriesNumber": 36,
    "ShimSetting": [
      -5644,
      -1599,
      3221,
      517,
      -57,
      -51,
      112,
      -33
    ],
    "SliceThickness": 3,
    "SliceTiming": [
      0,
      0.0625,
      0.1225,
      0.185,
      0.2475,
      0.31,
      0.37,
      0.4325,
      0.495,
      0.5575,
      0.6175,
      0.68,
      0.7425,
      0.805,
      0.865,
      0.9275,
      0.99,
      1.0525,
      1.1125,
      1.175,
      1.2375,
      1.3,
      1.36,
      1.4225,
      1.485,
      1.5475,
      1.6075,
      1.67,
      1.7325,
      1.795,
      1.855,
      1.9175
    ],
    "SoftwareVersions": "syngo_MR_E11",
    "SpacingBetweenSlices": 3.6,
    "StationName": "MRC35115",
    "TaskName": "tps",
    "TotalReadoutTime": 0.0338094,
    "TxRefAmp": 234.443,
    "dataset": "ds002793",
    "modality": "bold",
    "run_id": 9,
    "subject_id": "07",
    "task_id": "tps"
  },
  "dummy_trs": 0,
  "dvars_nstd": 22.86856530329268,
  "dvars_std": 1.3213287235365854,
  "dvars_vstd": 1.0579456622560972,
  "efc": 0.5514702543911078,
  "fber": 466.5216979980469,
  "fd_mean": 0.1529298711499098,
  "fd_num": 27,
  "fd_perc": 16.363636363636363,
  "fwhm_avg": 2.9651859522184427,
  "fwhm_x": 2.7927199999999996,
  "fwhm_y": 3.1253100000000003,
  "fwhm_z": 2.9775278566553287,
  "gcor": 0.0335931,
  "gsr_x": -0.013134067878127098,
  "gsr_y": 0.06650535017251968,
  "provenance": {
    "md5sum": "def6897803b58185eb21a8c7c2c3953d",
    "settings": {
      "fd_thres": 0.2,
      "testing": false
    },
    "software": "mriqc",
    "version": "22.0.6",
    "webapi_port": null,
    "webapi_url": "https://mriqc.nimh.nih.gov/api/v1"
  },
  "size_t": 165,
  "size_x": 70,
  "size_y": 70,
  "size_z": 32,
  "snr": 2.395660612233502,
  "spacing_tr": 2.0,
  "spacing_x": 3.0,
  "spacing_y": 3.0,
  "spacing_z": 3.5999999046325684,
  "summary_bg_k": 19.40760922192403,
  "summary_bg_mad": 7.0356217968152235,
  "summary_bg_mean": 44.810096740722656,
  "summary_bg_median": 22.66666603088379,
  "summary_bg_n": 88264.0,
  "summary_bg_p05": 17.51515007019043,
  "summary_bg_p95": 169.76697082519516,
  "summary_bg_stdv": 60.54853439331055,
  "summary_fg_k": 0.7514982676502058,
  "summary_fg_mad": 212.90173287191928,
  "summary_fg_mean": 554.9591674804688,
  "summary_fg_median": 512.8666381835938,
  "summary_fg_n": 30937.0,
  "summary_fg_p05": 279.97938842773436,
  "summary_fg_p95": 949.8375244140618,
  "summary_fg_stdv": 214.0780487060547,
  "tsnr": 90.15560339670628
}