{
  "aor": 0.003176617647058824,
  "aqi": 0.0013352930294117647,
  "bids_meta": {
    "AcquisitionMatrixPE": 70,
    "AcquisitionNumber": 1,
    "AcquisitionTime": "14:36:32.110000",
    "BandwidthPerPixelPhaseEncode": 29.155,
    "BaseResolution": 70,
    "BodyPartExamined": "BRAIN",
    "ConsistencyInfo": "N4_VE11C_LATEST_20160120",
    "ConversionSoftware": "dcm2niix",
    "ConversionSoftwareVersion": "v1.0.20181125  (JP2:OpenJPEG) (JP-LS:CharLS) GCC5.5.0",
    "DerivedVendorReportedEchoSpacing": 0.000489992,
    "DeviceSerialNumber": "167012",
    "DwellTime": 3e-06,
    "EchoTime": 0.03,
    "EchoTrainLength": 70,
    "EffectiveEchoSpacing": 0.000489992,
    "FlipAngle": 90,
    "ImageOrientationPatientDICOM": [
      0.994448,
      0.103952,
      -0.0163413,
      -0.09628,
      0.96151,
      0.25735
    ],
    "ImageType": [
      "ORIGINAL",
      "PRIMARY",
      "M",
      "ND",
      "MOSAIC"
    ],
    "ImagingFrequency": 123.253,
    "InPlanePhaseEncodingDirectionDICOM": "COL",
    "InstitutionAddress": "Vassar_Street_43_Cambridge_Boston_US_02139",
    "InstitutionName": "McGovern_Institute_for_Brain_Research_(3T1)",
    "InstitutionalDepartmentName": "Department",
    "MRAcquisitionType": "2D",
    "MagneticFieldStrength": 3,
    "Manufacturer": "Siemens",
    "ManufacturersModelName": "Prisma_fit",
    "Modality": "MR",
    "PartialFourier": 1,
    "PatientPosition": "HFS",
    "PercentPhaseFOV": 100,
    "PhaseEncodingDirection": "j-",
    "PhaseEncodingSteps": 70,
    "PhaseResolution": 1,
    "PixelBandwidth": 2380,
    "ProcedureStepDescription": "Young_Minjae",
    "ProtocolName": "TOM_RUN2",
    "PulseSequenceDetails": "%SiemensSeq%_ep2d_pace",
    "ReceiveCoilActiveElements": "HEA;HEP",
    "ReceiveCoilName": "Head_32",
    "ReconMatrixPE": 70,
    "RepetitionTime": 2,
    "SAR": 0.110177,
    "ScanOptions": "FS",
    "ScanningSequence": "EP",
    "SequenceName": "_epfid2d1_70",
    "SequenceVariant": "SK",
    "SeriesDescription": "TOM_RUN2",
    "SeriesNumber": 40,
    "ShimSetting": [
      -5644,
      -1599,
      3221,
      517,
      -57,
      -51,
      112,
      -33
    ],
    "SliceThickness": 3,
    "SliceTiming": [
      0,
      0.0625,
      0.125,
      0.185,
      0.2475,
      0.31,
      0.3725,
      0.4325,
      0.495,
      0.5575,
      0.62,
      0.68,
      0.7425,
      0.805,
      0.8675,
      0.9275,
      0.99,
      1.0525,
      1.115,
      1.175,
      1.2375,
      1.3,
      1.3625,
      1.4225,
      1.485,
      1.5475,
      1.61,
      1.67,
      1.7325,
      1.795,
      1.8575,
      1.9175
    ],
    "SoftwareVersions": "syngo_MR_E11",
    "SpacingBetweenSlices": 3.6,
    "StationName": "MRC35115",
    "TaskName": "tom",
    "TotalReadoutTime": 0.0338094,
    "TxRefAmp": 234.443,
    "dataset": "ds002793",
    "modality": "bold",
    "run_id": 2,
    "subject_id": "07",
    "task_id": "tom"
  },
  "dummy_trs": 0,
  "dvars_nstd": 21.133292346666657,
  "dvars_std": 1.2783814644444438,
  "dvars_vstd": 1.0214556525185186,
  "efc": 0.5514444333006507,
  "fber": 467.3831787109375,
  "fd_mean": 0.1283424458520346,
  "fd_num": 12,
  "fd_perc": 8.823529411764707,
  "fwhm_avg": 2.989415581963357,
  "fwhm_x": 2.8088800000000003,
  "fwhm_y": 3.1687833333333333,
  "fwhm_z": 2.9905834125567385,
  "gcor": 0.0389593,
  "gsr_x": -0.01233072392642498,
  "gsr_y": 0.06670963019132614,
  "provenance": {
    "md5sum": "ef2e9235850e6eb0b06259f9346ad4f0",
    "settings": {
      "fd_thres": 0.2,
      "testing": false
    },
    "software": "mriqc",
    "version": "22.0.6",
    "webapi_port": null,
    "webapi_url": "https://mriqc.nimh.nih.gov/api/v1"
  },
  "size_t": 136,
  "size_x": 70,
  "size_y": 70,
  "size_z": 32,
  "snr": 2.3759576104599884,
  "spacing_tr": 2.0,
  "spacing_x": 3.0,
  "spacing_y": 3.0,
  "spacing_z": 3.5999999046325684,
  "summary_bg_k": 19.15759272097123,
  "summary_bg_mad": 7.151373743474483,
  "summary_bg_mean": 45.5162467956543,
  "summary_bg_median": 22.78676414489746,
  "summary_bg_n": 88338.0,
  "summary_bg_p05": 17.53676414489746,
  "summary_bg_p95": 174.5926521301268,
  "summary_bg_stdv": 62.223087310791016,
  "summary_fg_k": 0.7921229298511365,
  "summary_fg_mad": 214.9991299801055,
  "summary_fg_mean": 557.531005859375,
  "summary_fg_median": 514.808837890625,
  "summary_fg_n": 31035.0,
  "summary_fg_p05": 279.2705932617188,
  "summary_fg_p95": 957.1154296875,
  "summary_fg_stdv": 216.67076110839844,
  "tsnr": 97.69924525218084
}