{
  "bids_meta": {
    "AcquisitionMatrixPE": 256,
    "AcquisitionNumber": 1,
    "AcquisitionTime": "15:33:0.745000",
    "BaseResolution": 256,
    "BodyPartExamined": "BRAIN",
    "ConsistencyInfo": "N4_VE11C_LATEST_20160120",
    "ConversionSoftware": "dcm2niix",
    "ConversionSoftwareVersion": "v1.0.20181125  (JP2:OpenJPEG) (JP-LS:CharLS) GCC5.5.0",
    "DeviceSerialNumber": "167012",
    "DwellTime": 3e-06,
    "EchoTime": 0.00169,
    "FlipAngle": 7,
    "ImageOrientationPatientDICOM": [
      0.00827611,
      0.999684,
      -0.0237227,
      0.0310689,
      -0.0239691,
      -0.99923
    ],
    "ImageType": [
      "ORIGINAL",
      "PRIMARY",
      "OTHER",
      "ND",
      "NORM",
      "MEAN"
    ],
    "ImagingFrequency": 123.253,
    "InPlanePhaseEncodingDirectionDICOM": "ROW",
    "InstitutionAddress": "Vassar_Street_43_Cambridge_Boston_US_02139",
    "InstitutionName": "MIT",
    "InstitutionalDepartmentName": "Department",
    "InversionTime": 1.4,
    "MRAcquisitionType": "3D",
    "MagneticFieldStrength": 3,
    "Manufacturer": "Siemens",
    "ManufacturersModelName": "Prisma_fit",
    "Modality": "MR",
    "PartialFourier": 1,
    "PatientPosition": "HFS",
    "PercentPhaseFOV": 100,
    "PhaseEncodingSteps": 255,
    "PhaseResolution": 1,
    "PixelBandwidth": 650,
    "ProcedureStepDescription": "Young_Minjae",
    "ProtocolName": "T1w_MPRAGE_FourEcho_vNav",
    "PulseSequenceDetails": "%CustomerSeq%_tfl_mgh_epinav_ABCD",
    "ReceiveCoilActiveElements": "HEA;HEP",
    "ReceiveCoilName": "Head_32",
    "ReconMatrixPE": 256,
    "RepetitionTime": 2.53,
    "SAR": 0.0362686,
    "ScanOptions": "IR_WE",
    "ScanningSequence": "GR_IR",
    "SequenceName": "tfl3d4_16ns",
    "SequenceVariant": "SK_SP_MP",
    "SeriesDescription": "T1w_MPRAGE_FourEcho_vNav_RMS",
    "SeriesNumber": 10,
    "ShimSetting": [
      -5605,
      -1546,
      3129,
      388,
      1,
      -118,
      -73,
      -7
    ],
    "SliceThickness": 1,
    "SoftwareVersions": "syngo_MR_E11",
    "StationName": "MRC35115",
    "TxRefAmp": 247.815,
    "WipMemBlock": "Prisma_epi_moco_navigator_ABCD_tfl.prot",
    "dataset": "ds002793",
    "modality": "T1w",
    "run_id": 1,
    "subject_id": "01"
  },
  "cjv": 0.4239048313456892,
  "cnr": 3.124348520491233,
  "efc": 0.5663462038600541,
  "fber": 10923.878773630402,
  "fwhm_avg": 3.9105366666666668,
  "fwhm_x": 3.95844,
  "fwhm_y": 3.98764,
  "fwhm_z": 3.78553,
  "icvs_csf": 0.20814367351979837,
  "icvs_gm": 0.4145812895017596,
  "icvs_wm": 0.377275036978442,
  "inu_med": 0.33871233463287354,
  "inu_range": 0.11267972290515899,
  "provenance": {
    "md5sum": "28273ff062c5c3a91a490e5b5f21aad4",
    "settings": {
      "testing": false
    },
    "software": "mriqc",
    "version": "22.0.6",
    "warnings": {
      "large_rot_frame": true,
      "small_air_mask": false
    },
    "webapi_port": null,
    "webapi_url": "https://mriqc.nimh.nih.gov/api/v1"
  },
  "qi_1": 0.0,
  "qi_2": 0.0021230767652739824,
  "rpve_csf": 23.588290498378253,
  "rpve_gm": 12.05062312390241,
  "rpve_wm": 15.125774887565333,
  "size_x": 176,
  "size_y": 256,
  "size_z": 256,
  "snr_csf": 3.199193211738877,
  "snr_gm": 15.215381588044881,
  "snr_total": 15.971583101279236,
  "snr_wm": 29.500174504053945,
  "snrd_csf": 51.12777368356847,
  "snrd_gm": 123.58042360654095,
  "snrd_total": 109.53532437270826,
  "snrd_wm": 153.89777582801537,
  "spacing_x": 1.0,
  "spacing_y": 1.0,
  "spacing_z": 1.0,
  "summary_bg_k": 6.016752430989984,
  "summary_bg_mad": 4.257047510982454,
  "summary_bg_mean": 4.5901282444453395,
  "summary_bg_median": 2.8713349122554064,
  "summary_bg_n": 2780756.0,
  "summary_bg_p05": 0.0,
  "summary_bg_p95": 17.60526515543461,
  "summary_bg_stdv": 6.428551156376201,
  "summary_csf_k": 2.232737906455516,
  "summary_csf_mad": 70.02377055473693,
  "summary_csf_mean": 342.52705340633975,
  "summary_csf_median": 332.22602453734726,
  "summary_csf_n": 48154.0,
  "summary_csf_p05": 170.79098272426054,
  "summary_csf_p95": 534.7463059744797,
  "summary_csf_stdv": 103.84573638134182,
  "summary_gm_k": 0.09990628008289981,
  "summary_gm_mad": 52.001233646928,
  "summary_gm_mean": 802.8976189242667,
  "summary_gm_median": 803.0201569022611,
  "summary_gm_n": 23972.0,
  "summary_gm_p05": 716.1056874542497,
  "summary_gm_p95": 889.6736911702901,
  "summary_gm_stdv": 52.775765297353665,
  "summary_wm_k": 0.6478590137852915,
  "summary_wm_mad": 31.5083662491694,
  "summary_wm_mean": 1001.0743406591496,
  "summary_wm_median": 1000.0209781266749,
  "summary_wm_n": 223212.0,
  "summary_wm_p05": 947.5195623952895,
  "summary_wm_p95": 1058.6632780134678,
  "summary_wm_stdv": 33.8987397487026,
  "tpm_overlap_csf": 0.15358790789616925,
  "tpm_overlap_gm": 0.46036170267022475,
  "tpm_overlap_wm": 0.511432659039318,
  "wm2max": 0.9046508541417818
}