{
  "bids_meta": {
    "AcquisitionMatrixPE": 256,
    "AcquisitionNumber": 1,
    "AcquisitionTime": "13:34:29.745000",
    "BaseResolution": 256,
    "BodyPartExamined": "BRAIN",
    "ConsistencyInfo": "N4_VE11C_LATEST_20160120",
    "ConversionSoftware": "dcm2niix",
    "ConversionSoftwareVersion": "v1.0.20181125  (JP2:OpenJPEG) (JP-LS:CharLS) GCC5.5.0",
    "DeviceSerialNumber": "167012",
    "DwellTime": 3e-06,
    "EchoTime": 0.00169,
    "FlipAngle": 7,
    "ImageOrientationPatientDICOM": [
      0.103564,
      0.987038,
      0.122597,
      0.0602928,
      0.116803,
      -0.991323
    ],
    "ImageType": [
      "ORIGINAL",
      "PRIMARY",
      "OTHER",
      "ND",
      "NORM",
      "MEAN"
    ],
    "ImagingFrequency": 123.253,
    "InPlanePhaseEncodingDirectionDICOM": "ROW",
    "InstitutionAddress": "Vassar_Street_43_Cambridge_Boston_US_02139",
    "InstitutionName": "McGovern_Institute_for_Brain_Research_(3T1)",
    "InstitutionalDepartmentName": "Department",
    "InversionTime": 1.4,
    "MRAcquisitionType": "3D",
    "MagneticFieldStrength": 3,
    "Manufacturer": "Siemens",
    "ManufacturersModelName": "Prisma_fit",
    "Modality": "MR",
    "PartialFourier": 1,
    "PatientPosition": "HFS",
    "PercentPhaseFOV": 100,
    "PhaseEncodingSteps": 255,
    "PhaseResolution": 1,
    "PixelBandwidth": 650,
    "ProcedureStepDescription": "Young_Minjae",
    "ProtocolName": "T1w_MPRAGE_FourEcho_vNav",
    "PulseSequenceDetails": "%CustomerSeq%_tfl_mgh_epinav_ABCD",
    "ReceiveCoilActiveElements": "HEA;HEP",
    "ReceiveCoilName": "Head_32",
    "ReconMatrixPE": 256,
    "RepetitionTime": 2.53,
    "SAR": 0.0425622,
    "ScanOptions": "IR_WE",
    "ScanningSequence": "GR_IR",
    "SequenceName": "tfl3d4_16ns",
    "SequenceVariant": "SK_SP_MP",
    "SeriesDescription": "T1w_MPRAGE_FourEcho_vNav_RMS",
    "SeriesNumber": 10,
    "ShimSetting": [
      -5618,
      -1627,
      3176,
      235,
      -8,
      -216,
      130,
      18
    ],
    "SliceThickness": 1,
    "SoftwareVersions": "syngo_MR_E11",
    "StationName": "MRC35115",
    "TxRefAmp": 249.426,
    "WipMemBlock": "Prisma_epi_moco_navigator_ABCD_tfl.prot",
    "dataset": "ds002793",
    "modality": "T1w",
    "run_id": 1,
    "subject_id": "20"
  },
  "cjv": 0.36560970708348145,
  "cnr": 3.4432500841784712,
  "efc": 0.563337400228529,
  "fber": 27313.759726562497,
  "fwhm_avg": 3.8334766666666664,
  "fwhm_x": 3.81395,
  "fwhm_y": 4.0735,
  "fwhm_z": 3.61298,
  "icvs_csf": 0.22208337797448283,
  "icvs_gm": 0.4159773621588101,
  "icvs_wm": 0.3619392598667071,
  "inu_med": 0.3338380455970764,
  "inu_range": 0.12069258093833923,
  "provenance": {
    "md5sum": "74887f8bb030e0461f2584c5cfa6ea68",
    "settings": {
      "testing": false
    },
    "software": "mriqc",
    "version": "22.0.6",
    "warnings": {
      "large_rot_frame": true,
      "small_air_mask": false
    },
    "webapi_port": null,
    "webapi_url": "https://mriqc.nimh.nih.gov/api/v1"
  },
  "qi_1": 0.0,
  "qi_2": 0.0021271366926783226,
  "rpve_csf": 21.688811890561393,
  "rpve_gm": 11.842225577240628,
  "rpve_wm": 15.789016449009173,
  "size_x": 176,
  "size_y": 256,
  "size_z": 256,
  "snr_csf": 3.1571470981077456,
  "snr_gm": 15.24793595182636,
  "snr_total": 17.7156978589603,
  "snr_wm": 34.74201052694681,
  "snrd_csf": 56.17001830136005,
  "snrd_gm": 135.12592151439745,
  "snrd_total": 120.45115491713291,
  "snrd_wm": 170.05752493564128,
  "spacing_x": 1.0,
  "spacing_y": 1.0,
  "spacing_z": 1.0,
  "summary_bg_k": 6.455561124291616,
  "summary_bg_mad": 0.0,
  "summary_bg_mean": 2.597167238575419,
  "summary_bg_median": 0.0,
  "summary_bg_n": 2714368.0,
  "summary_bg_p05": 0.0,
  "summary_bg_p95": 10.229443598538637,
  "summary_bg_stdv": 3.8524399541270213,
  "summary_csf_k": 2.112850172282182,
  "summary_csf_mad": 66.75562476909782,
  "summary_csf_mean": 344.5995803862694,
  "summary_csf_median": 330.30010655522346,
  "summary_csf_n": 52470.0,
  "summary_csf_p05": 176.05735157243907,
  "summary_csf_p95": 543.0961556139401,
  "summary_csf_stdv": 104.61880576432821,
  "summary_gm_k": 0.4621709340747624,
  "summary_gm_mad": 48.026286615359155,
  "summary_gm_mean": 795.4816618354291,
  "summary_gm_median": 794.5894914101809,
  "summary_gm_n": 33460.0,
  "summary_gm_p05": 711.3561240739189,
  "summary_gm_p95": 884.150529631041,
  "summary_gm_stdv": 52.11050335662412,
  "summary_wm_k": 0.5866072908821711,
  "summary_wm_mad": 27.073791249875896,
  "summary_wm_mean": 1000.1436444805881,
  "summary_wm_median": 1000.0000054370612,
  "summary_wm_n": 244859.0,
  "summary_wm_p05": 953.246518339403,
  "summary_wm_p95": 1047.552539434284,
  "summary_wm_stdv": 28.783537517721584,
  "tpm_overlap_csf": 0.14678709891646038,
  "tpm_overlap_gm": 0.4435531254049399,
  "tpm_overlap_wm": 0.500080837752443,
  "wm2max": 0.917511377368157
}