{
  "bids_meta": {
    "AcquisitionMatrixPE": 256,
    "AcquisitionNumber": 1,
    "AcquisitionTime": "11:01:28.732500",
    "BaseResolution": 256,
    "BodyPartExamined": "BRAIN",
    "ConsistencyInfo": "N4_VE11C_LATEST_20160120",
    "ConversionSoftware": "dcm2niix",
    "ConversionSoftwareVersion": "v1.0.20181125  (JP2:OpenJPEG) (JP-LS:CharLS) GCC5.5.0",
    "DeviceSerialNumber": "167012",
    "DwellTime": 3e-06,
    "EchoTime": 0.00169,
    "FlipAngle": 7,
    "ImageOrientationPatientDICOM": [
      0.0482777,
      0.997306,
      0.0552329,
      -0.0903179,
      0.0594296,
      -0.994138
    ],
    "ImageType": [
      "ORIGINAL",
      "PRIMARY",
      "OTHER",
      "ND",
      "NORM",
      "MEAN"
    ],
    "ImagingFrequency": 123.253,
    "InPlanePhaseEncodingDirectionDICOM": "ROW",
    "InstitutionAddress": "Vassar_Street_43_Cambridge_Boston_US_02139",
    "InstitutionName": "McGovern_Institute_for_Brain_Research_(3T1)",
    "InstitutionalDepartmentName": "Department",
    "InversionTime": 1.4,
    "MRAcquisitionType": "3D",
    "MagneticFieldStrength": 3,
    "Manufacturer": "Siemens",
    "ManufacturersModelName": "Prisma_fit",
    "Modality": "MR",
    "PartialFourier": 1,
    "PatientPosition": "HFS",
    "PercentPhaseFOV": 100,
    "PhaseEncodingSteps": 255,
    "PhaseResolution": 1,
    "PixelBandwidth": 650,
    "ProcedureStepDescription": "Young_Minjae",
    "ProtocolName": "T1w_MPRAGE_FourEcho_vNav",
    "PulseSequenceDetails": "%CustomerSeq%_tfl_mgh_epinav_ABCD",
    "ReceiveCoilActiveElements": "HEA;HEP",
    "ReceiveCoilName": "Head_32",
    "ReconMatrixPE": 256,
    "RepetitionTime": 2.53,
    "SAR": 0.0365969,
    "ScanOptions": "IR_WE",
    "ScanningSequence": "GR_IR",
    "SequenceName": "tfl3d4_16ns",
    "SequenceVariant": "SK_SP_MP",
    "SeriesDescription": "T1w_MPRAGE_FourEcho_vNav_RMS",
    "SeriesNumber": 10,
    "ShimSetting": [
      -5626,
      -1626,
      3159,
      244,
      127,
      -183,
      86,
      32
    ],
    "SliceThickness": 1,
    "SoftwareVersions": "syngo_MR_E11",
    "StationName": "MRC35115",
    "TxRefAmp": 221.575,
    "WipMemBlock": "Prisma_epi_moco_navigator_ABCD_tfl.prot",
    "dataset": "ds002793",
    "modality": "T1w",
    "run_id": 1,
    "subject_id": "14"
  },
  "cjv": 0.3727854797831115,
  "cnr": 3.439151494218192,
  "efc": 0.5240721078303042,
  "fber": 25442.00277744234,
  "fwhm_avg": 3.8742566666666662,
  "fwhm_x": 3.94987,
  "fwhm_y": 3.98821,
  "fwhm_z": 3.68469,
  "icvs_csf": 0.19436253538770254,
  "icvs_gm": 0.4552828944462063,
  "icvs_wm": 0.3503545701660912,
  "inu_med": 0.3686608076095581,
  "inu_range": 0.13502761721611023,
  "provenance": {
    "md5sum": "4255f719fe7ae3000ae343fa26dd72af",
    "settings": {
      "testing": false
    },
    "software": "mriqc",
    "version": "22.0.6",
    "warnings": {
      "large_rot_frame": true,
      "small_air_mask": false
    },
    "webapi_port": null,
    "webapi_url": "https://mriqc.nimh.nih.gov/api/v1"
  },
  "qi_1": 0.0015053402546066849,
  "qi_2": 0.0008901955925515547,
  "rpve_csf": 30.94679732004143,
  "rpve_gm": 14.216676386728874,
  "rpve_wm": 20.47821894447371,
  "size_x": 176,
  "size_y": 256,
  "size_z": 256,
  "snr_csf": 2.4568771063629504,
  "snr_gm": 15.751440706839947,
  "snr_total": 16.83973637347141,
  "snr_wm": 32.310891307211335,
  "snrd_csf": 63.352228062092465,
  "snrd_gm": 150.4719548688794,
  "snrd_total": 134.42774625269303,
  "snrd_wm": 189.45905582710722,
  "spacing_x": 1.0,
  "spacing_y": 1.0,
  "spacing_z": 1.0,
  "summary_bg_k": 140.57923126485076,
  "summary_bg_mad": 3.457931224183722,
  "summary_bg_mean": 4.001832176917911,
  "summary_bg_median": 2.3323391675949097,
  "summary_bg_n": 2783048.0,
  "summary_bg_p05": 0.0,
  "summary_bg_p95": 15.160204589366913,
  "summary_bg_stdv": 8.947624753913608,
  "summary_csf_k": 0.2717600774624507,
  "summary_csf_mad": 104.8433409693081,
  "summary_csf_mean": 327.757157380234,
  "summary_csf_median": 334.3847900032997,
  "summary_csf_n": 25169.0,
  "summary_csf_p05": 67.37019038200378,
  "summary_csf_p95": 553.0434987187385,
  "summary_csf_stdv": 136.09884934040466,
  "summary_gm_k": 0.2688116126893907,
  "summary_gm_mad": 48.11342830370384,
  "summary_gm_mean": 793.7319202715486,
  "summary_gm_median": 794.2188391685486,
  "summary_gm_n": 31740.0,
  "summary_gm_p05": 710.3301433950662,
  "summary_gm_p95": 877.209010836482,
  "summary_gm_stdv": 50.42118638717632,
  "summary_wm_k": 0.6842310683227604,
  "summary_wm_mad": 28.598791845912913,
  "summary_wm_mean": 1000.436949964456,
  "summary_wm_median": 999.9999768733978,
  "summary_wm_n": 157978.0,
  "summary_wm_p05": 950.5811510682106,
  "summary_wm_p95": 1052.1143749952316,
  "summary_wm_stdv": 30.949217784271376,
  "tpm_overlap_csf": 0.1406502276565442,
  "tpm_overlap_gm": 0.47364579165009146,
  "tpm_overlap_wm": 0.5047864742262527,
  "wm2max": 0.921258815950446
}