{
  "bids_meta": {
    "AcquisitionMatrixPE": 256,
    "AcquisitionNumber": 1,
    "AcquisitionTime": "09:35:20.865000",
    "BaseResolution": 256,
    "BodyPartExamined": "BRAIN",
    "ConsistencyInfo": "N4_VE11C_LATEST_20160120",
    "ConversionSoftware": "dcm2niix",
    "ConversionSoftwareVersion": "v1.0.20181125  (JP2:OpenJPEG) (JP-LS:CharLS) GCC5.5.0",
    "DeviceSerialNumber": "167012",
    "DwellTime": 3e-06,
    "EchoTime": 0.00169,
    "FlipAngle": 7,
    "ImageOrientationPatientDICOM": [
      0.107577,
      0.993835,
      -0.0268231,
      0.0587851,
      -0.033291,
      -0.997715
    ],
    "ImageType": [
      "ORIGINAL",
      "PRIMARY",
      "OTHER",
      "ND",
      "NORM",
      "MEAN"
    ],
    "ImagingFrequency": 123.253,
    "InPlanePhaseEncodingDirectionDICOM": "ROW",
    "InstitutionAddress": "Vassar_Street_43_Cambridge_Boston_US_02139",
    "InstitutionName": "McGovern_Institute_for_Brain_Research_(3T1)",
    "InstitutionalDepartmentName": "Department",
    "InversionTime": 1.4,
    "MRAcquisitionType": "3D",
    "MagneticFieldStrength": 3,
    "Manufacturer": "Siemens",
    "ManufacturersModelName": "Prisma_fit",
    "Modality": "MR",
    "PartialFourier": 1,
    "PatientPosition": "HFS",
    "PercentPhaseFOV": 100,
    "PhaseEncodingSteps": 255,
    "PhaseResolution": 1,
    "PixelBandwidth": 650,
    "ProcedureStepDescription": "Young_Minjae",
    "ProtocolName": "T1w_MPRAGE_FourEcho_vNav",
    "PulseSequenceDetails": "%CustomerSeq%_tfl_mgh_epinav_ABCD",
    "ReceiveCoilActiveElements": "HEA;HEP",
    "ReceiveCoilName": "Head_32",
    "ReconMatrixPE": 256,
    "RepetitionTime": 2.53,
    "SAR": 0.0330562,
    "ScanOptions": "IR_WE",
    "ScanningSequence": "GR_IR",
    "SequenceName": "tfl3d4_16ns",
    "SequenceVariant": "SK_SP_MP",
    "SeriesDescription": "T1w_MPRAGE_FourEcho_vNav_RMS",
    "SeriesNumber": 10,
    "ShimSetting": [
      -5592,
      -1587,
      3162,
      496,
      32,
      -105,
      -87,
      -71
    ],
    "SliceThickness": 1,
    "SoftwareVersions": "syngo_MR_E11",
    "StationName": "MRC35115",
    "TxRefAmp": 217.918,
    "WipMemBlock": "Prisma_epi_moco_navigator_ABCD_tfl.prot",
    "dataset": "ds002793",
    "modality": "T1w",
    "run_id": 1,
    "subject_id": "27"
  },
  "cjv": 0.36337872347524613,
  "cnr": 3.5384276046472887,
  "efc": 0.5410031665101459,
  "fber": 22759.12329179057,
  "fwhm_avg": 3.8329533333333337,
  "fwhm_x": 3.99595,
  "fwhm_y": 3.80456,
  "fwhm_z": 3.69835,
  "icvs_csf": 0.2205692603969307,
  "icvs_gm": 0.42832890071313445,
  "icvs_wm": 0.3511018388899349,
  "inu_med": 0.3650335371494293,
  "inu_range": 0.1183936655521392,
  "provenance": {
    "md5sum": "99dcd7ac9a88ba0ac63abf9ce7c48f02",
    "settings": {
      "testing": false
    },
    "software": "mriqc",
    "version": "22.0.6",
    "warnings": {
      "large_rot_frame": true,
      "small_air_mask": false
    },
    "webapi_port": null,
    "webapi_url": "https://mriqc.nimh.nih.gov/api/v1"
  },
  "qi_1": 0.0,
  "qi_2": 0.0022001659250370158,
  "rpve_csf": 25.685596787091022,
  "rpve_gm": 13.654911959454523,
  "rpve_wm": 18.94405147350337,
  "size_x": 176,
  "size_y": 256,
  "size_z": 256,
  "snr_csf": 2.8829438878925644,
  "snr_gm": 16.435373562751195,
  "snr_total": 17.006117809630574,
  "snr_wm": 31.700035978247964,
  "snrd_csf": 55.01950560169462,
  "snrd_gm": 137.74846103287769,
  "snrd_total": 122.01120214317046,
  "snrd_wm": 173.2656397949391,
  "spacing_x": 1.0,
  "spacing_y": 1.0,
  "spacing_z": 1.0,
  "summary_bg_k": 6.053042469666266,
  "summary_bg_mad": 3.7811840602884654,
  "summary_bg_mean": 3.269900053563376,
  "summary_bg_median": 2.550369892269373,
  "summary_bg_n": 2619271.0,
  "summary_bg_p05": 0.0,
  "summary_bg_p95": 12.928413530811667,
  "summary_bg_stdv": 4.603286643797363,
  "summary_csf_k": 2.473883655295598,
  "summary_csf_mad": 73.1804545821983,
  "summary_csf_mean": 327.2494874372815,
  "summary_csf_median": 317.55047893244773,
  "summary_csf_n": 43270.0,
  "summary_csf_p05": 130.7035142443143,
  "summary_csf_p95": 531.8806219442747,
  "summary_csf_stdv": 110.14671871966502,
  "summary_gm_k": 0.575054398238434,
  "summary_gm_mad": 44.61797191140389,
  "summary_gm_mean": 795.9270635970915,
  "summary_gm_median": 795.0287683401257,
  "summary_gm_n": 23291.0,
  "summary_gm_p05": 718.4490077672526,
  "summary_gm_p95": 878.1904450580478,
  "summary_gm_stdv": 48.37198849334482,
  "summary_wm_k": 0.3367964849966678,
  "summary_wm_mad": 29.871354076278877,
  "summary_wm_mean": 1000.8583862700667,
  "summary_wm_median": 1000.0196529887617,
  "summary_wm_n": 189723.0,
  "summary_wm_p05": 950.032403100282,
  "summary_wm_p95": 1054.2836770042777,
  "summary_wm_stdv": 31.546242351225597,
  "tpm_overlap_csf": 0.13954859744102663,
  "tpm_overlap_gm": 0.462052115583312,
  "tpm_overlap_wm": 0.4980840331756217,
  "wm2max": 0.9135644034990464
}