{
  "bids_meta": {
    "AcquisitionMatrixPE": 256,
    "AcquisitionNumber": 1,
    "AcquisitionTime": "11:59:7.762500",
    "BaseResolution": 256,
    "BodyPartExamined": "BRAIN",
    "ConsistencyInfo": "N4_VE11C_LATEST_20160120",
    "ConversionSoftware": "dcm2niix",
    "ConversionSoftwareVersion": "v1.0.20181125  (JP2:OpenJPEG) (JP-LS:CharLS) GCC5.5.0",
    "DeviceSerialNumber": "167012",
    "DwellTime": 3e-06,
    "EchoTime": 0.00169,
    "FlipAngle": 7,
    "ImageOrientationPatientDICOM": [
      -0.0115431,
      0.993584,
      0.112509,
      -0.00410771,
      0.112469,
      -0.993647
    ],
    "ImageType": [
      "ORIGINAL",
      "PRIMARY",
      "OTHER",
      "ND",
      "NORM",
      "MEAN"
    ],
    "ImagingFrequency": 123.253,
    "InPlanePhaseEncodingDirectionDICOM": "ROW",
    "InstitutionAddress": "Vassar_Street_43_Cambridge_Boston_US_02139",
    "InstitutionName": "McGovern_Institute_for_Brain_Research_(3T1)",
    "InstitutionalDepartmentName": "Department",
    "InversionTime": 1.4,
    "MRAcquisitionType": "3D",
    "MagneticFieldStrength": 3,
    "Manufacturer": "Siemens",
    "ManufacturersModelName": "Prisma_fit",
    "Modality": "MR",
    "PartialFourier": 1,
    "PatientPosition": "HFS",
    "PercentPhaseFOV": 100,
    "PhaseEncodingSteps": 255,
    "PhaseResolution": 1,
    "PixelBandwidth": 650,
    "ProcedureStepDescription": "Young_Minjae",
    "ProtocolName": "T1w_MPRAGE_FourEcho_vNav",
    "PulseSequenceDetails": "%CustomerSeq%_tfl_mgh_epinav_ABCD",
    "ReceiveCoilActiveElements": "HEA;HEP",
    "ReceiveCoilName": "Head_32",
    "ReconMatrixPE": 256,
    "RepetitionTime": 2.53,
    "SAR": 0.0430503,
    "ScanOptions": "IR_WE",
    "ScanningSequence": "GR_IR",
    "SequenceName": "tfl3d4_16ns",
    "SequenceVariant": "SK_SP_MP",
    "SeriesDescription": "T1w_MPRAGE_FourEcho_vNav_RMS",
    "SeriesNumber": 10,
    "ShimSetting": [
      -5611,
      -1638,
      3170,
      244,
      -16,
      -218,
      -80,
      5
    ],
    "SliceThickness": 1,
    "SoftwareVersions": "syngo_MR_E11",
    "StationName": "MRC35115",
    "TxRefAmp": 254.923,
    "WipMemBlock": "Prisma_epi_moco_navigator_ABCD_tfl.prot",
    "dataset": "ds002793",
    "modality": "T1w",
    "run_id": 1,
    "subject_id": "02"
  },
  "cjv": 0.3620155225369031,
  "cnr": 3.5903022849911057,
  "efc": 0.546470559239588,
  "fber": 19676.43801652893,
  "fwhm_avg": 3.9692366666666667,
  "fwhm_x": 4.09211,
  "fwhm_y": 4.08828,
  "fwhm_z": 3.72732,
  "icvs_csf": 0.1726690722599905,
  "icvs_gm": 0.4547951878869949,
  "icvs_wm": 0.37253573985301464,
  "inu_med": 0.312771737575531,
  "inu_range": 0.10845402479171751,
  "provenance": {
    "md5sum": "abe80f8aa6f2375caec6b69167c9fd3a",
    "settings": {
      "testing": false
    },
    "software": "mriqc",
    "version": "22.0.6",
    "warnings": {
      "large_rot_frame": true,
      "small_air_mask": false
    },
    "webapi_port": null,
    "webapi_url": "https://mriqc.nimh.nih.gov/api/v1"
  },
  "qi_1": 0.00020598138781992756,
  "qi_2": 0.001135175762776538,
  "rpve_csf": 30.35188429113502,
  "rpve_gm": 12.739426582197822,
  "rpve_wm": 17.279904634515248,
  "size_x": 176,
  "size_y": 256,
  "size_z": 256,
  "snr_csf": 1.9631165028076345,
  "snr_gm": 15.227835044137485,
  "snr_total": 16.041119395912926,
  "snr_wm": 30.932406640793655,
  "snrd_csf": 52.36676215733038,
  "snrd_gm": 132.3858917650813,
  "snrd_total": 118.09652236392083,
  "snrd_wm": 169.53691316935078,
  "spacing_x": 1.0,
  "spacing_y": 1.0,
  "spacing_z": 1.0,
  "summary_bg_k": 107.80490713588138,
  "summary_bg_mad": 3.8643531093849517,
  "summary_bg_mean": 4.122265608064106,
  "summary_bg_median": 2.6064665634185076,
  "summary_bg_n": 2732930.0,
  "summary_bg_p05": 0.0,
  "summary_bg_p95": 15.724963564425707,
  "summary_bg_stdv": 7.114355234082914,
  "summary_csf_k": 2.3046168422789,
  "summary_csf_mad": 150.83751847624072,
  "summary_csf_mean": 301.6613404097609,
  "summary_csf_median": 308.8878288110718,
  "summary_csf_n": 22612.0,
  "summary_csf_p05": 64.58005584403872,
  "summary_csf_p95": 557.9314007365147,
  "summary_csf_stdv": 157.34216391075879,
  "summary_gm_k": 0.303555739113039,
  "summary_gm_mad": 48.79943430694385,
  "summary_gm_mean": 779.7011542385212,
  "summary_gm_median": 780.8844577725977,
  "summary_gm_n": 41660.0,
  "summary_gm_p05": 693.190859593451,
  "summary_gm_p95": 862.8265966754407,
  "summary_gm_stdv": 51.27945524363626,
  "summary_wm_k": 0.48958185051484815,
  "summary_wm_mad": 30.531583244396806,
  "summary_wm_mean": 1000.2067427790038,
  "summary_wm_median": 1000.0215185135603,
  "summary_wm_n": 204239.0,
  "summary_wm_p05": 947.6552357394248,
  "summary_wm_p95": 1053.8741334602237,
  "summary_wm_stdv": 32.32917121381684,
  "tpm_overlap_csf": 0.13003832947714042,
  "tpm_overlap_gm": 0.461006812275417,
  "tpm_overlap_wm": 0.498416823403565,
  "wm2max": 0.90924047162051
}