{
  "aor": 0.004278848484848485,
  "aqi": 0.0014517173696969696,
  "bids_meta": {
    "AcquisitionMatrixPE": 70,
    "AcquisitionNumber": 1,
    "AcquisitionTime": "14:03:17.877500",
    "BandwidthPerPixelPhaseEncode": 29.155,
    "BaseResolution": 70,
    "BodyPartExamined": "BRAIN",
    "ConsistencyInfo": "N4_VE11C_LATEST_20160120",
    "ConversionSoftware": "dcm2niix",
    "ConversionSoftwareVersion": "v1.0.20181125  (JP2:OpenJPEG) (JP-LS:CharLS) GCC5.5.0",
    "DerivedVendorReportedEchoSpacing": 0.000489992,
    "DeviceSerialNumber": "167012",
    "DwellTime": 3e-06,
    "EchoTime": 0.03,
    "EchoTrainLength": 70,
    "EffectiveEchoSpacing": 0.000489992,
    "FlipAngle": 90,
    "ImageOrientationPatientDICOM": [
      0.992455,
      0.121901,
      0.0131587,
      -0.121331,
      0.960977,
      0.248601
    ],
    "ImageType": [
      "ORIGINAL",
      "PRIMARY",
      "M",
      "ND",
      "MOSAIC"
    ],
    "ImagingFrequency": 123.253,
    "InPlanePhaseEncodingDirectionDICOM": "COL",
    "InstitutionAddress": "Vassar_Street_43_Cambridge_Boston_US_02139",
    "InstitutionName": "McGovern_Institute_for_Brain_Research_(3T1)",
    "InstitutionalDepartmentName": "Department",
    "MRAcquisitionType": "2D",
    "MagneticFieldStrength": 3,
    "Manufacturer": "Siemens",
    "ManufacturersModelName": "Prisma_fit",
    "Modality": "MR",
    "PartialFourier": 1,
    "PatientPosition": "HFS",
    "PercentPhaseFOV": 100,
    "PhaseEncodingDirection": "j-",
    "PhaseEncodingSteps": 70,
    "PhaseResolution": 1,
    "PixelBandwidth": 2380,
    "ProcedureStepDescription": "Young_Minjae",
    "ProtocolName": "TPS_RUN8",
    "PulseSequenceDetails": "%SiemensSeq%_ep2d_pace",
    "ReceiveCoilActiveElements": "HEA;HEP",
    "ReceiveCoilName": "Head_32",
    "ReconMatrixPE": 70,
    "RepetitionTime": 2,
    "SAR": 0.110281,
    "ScanOptions": "FS",
    "ScanningSequence": "EP",
    "SequenceName": "_epfid2d1_70",
    "SequenceVariant": "SK",
    "SeriesDescription": "TPS_RUN8",
    "SeriesNumber": 25,
    "ShimSetting": [
      -5643,
      -1599,
      3222,
      512,
      -53,
      -55,
      113,
      -35
    ],
    "SliceThickness": 3,
    "SliceTiming": [
      0,
      0.0625,
      0.125,
      0.1875,
      0.2475,
      0.31,
      0.3725,
      0.435,
      0.495,
      0.5575,
      0.62,
      0.6825,
      0.7425,
      0.805,
      0.8675,
      0.93,
      0.99,
      1.0525,
      1.115,
      1.1775,
      1.2375,
      1.3,
      1.3625,
      1.425,
      1.485,
      1.5475,
      1.61,
      1.6725,
      1.7325,
      1.795,
      1.8575,
      1.92
    ],
    "SoftwareVersions": "syngo_MR_E11",
    "SpacingBetweenSlices": 3.6,
    "StationName": "MRC35115",
    "TaskName": "tps",
    "TotalReadoutTime": 0.0338094,
    "TxRefAmp": 234.443,
    "dataset": "ds002793",
    "modality": "bold",
    "run_id": 8,
    "subject_id": "07",
    "task_id": "tps"
  },
  "dummy_trs": 0,
  "dvars_nstd": 22.205203823963426,
  "dvars_std": 1.3141797953658532,
  "dvars_vstd": 1.048126405487806,
  "efc": 0.5517699542733591,
  "fber": 463.7770080566406,
  "fd_mean": 0.14583426722391554,
  "fd_num": 21,
  "fd_perc": 12.727272727272727,
  "fwhm_avg": 2.96205255310746,
  "fwhm_x": 2.78344,
  "fwhm_y": 3.1216899999999996,
  "fwhm_z": 2.9810276593223812,
  "gcor": 0.0323207,
  "gsr_x": -0.014179306104779243,
  "gsr_y": 0.06735368072986603,
  "provenance": {
    "md5sum": "753ca5e9aad7eb4007a2b824bc68197d",
    "settings": {
      "fd_thres": 0.2,
      "testing": false
    },
    "software": "mriqc",
    "version": "22.0.6",
    "webapi_port": null,
    "webapi_url": "https://mriqc.nimh.nih.gov/api/v1"
  },
  "size_t": 165,
  "size_x": 70,
  "size_y": 70,
  "size_z": 32,
  "snr": 2.3800305501379344,
  "spacing_tr": 2.0,
  "spacing_x": 3.0,
  "spacing_y": 3.0,
  "spacing_z": 3.6000001430511475,
  "summary_bg_k": 18.104151239217718,
  "summary_bg_mad": 7.188373193065027,
  "summary_bg_mean": 45.2745475769043,
  "summary_bg_median": 22.69696807861328,
  "summary_bg_n": 88365.0,
  "summary_bg_p05": 17.466665267944336,
  "summary_bg_p95": 173.45817871093755,
  "summary_bg_stdv": 61.6003532409668,
  "summary_fg_k": 0.7609881523016999,
  "summary_fg_mad": 212.36702239162452,
  "summary_fg_mean": 554.904052734375,
  "summary_fg_median": 512.2091064453125,
  "summary_fg_n": 30960.0,
  "summary_fg_p05": 280.2605895996094,
  "summary_fg_p95": 954.5738861083984,
  "summary_fg_stdv": 215.20767211914062,
  "tsnr": 95.35357846878469
}