{
  "aor": 0.005525575757575758,
  "aqi": 0.0026476324848484847,
  "bids_meta": {
    "AcquisitionMatrixPE": 70,
    "AcquisitionNumber": 1,
    "AcquisitionTime": "13:17:30.315000",
    "BandwidthPerPixelPhaseEncode": 29.155,
    "BaseResolution": 70,
    "BodyPartExamined": "BRAIN",
    "ConsistencyInfo": "N4_VE11C_LATEST_20160120",
    "ConversionSoftware": "dcm2niix",
    "ConversionSoftwareVersion": "v1.0.20181125  (JP2:OpenJPEG) (JP-LS:CharLS) GCC5.5.0",
    "DerivedVendorReportedEchoSpacing": 0.000489992,
    "DeviceSerialNumber": "167012",
    "DwellTime": 3e-06,
    "EchoTime": 0.03,
    "EchoTrainLength": 70,
    "EffectiveEchoSpacing": 0.000489992,
    "FlipAngle": 90,
    "ImageOrientationPatientDICOM": [
      0.992455,
      0.121901,
      0.0131587,
      -0.121331,
      0.960977,
      0.248601
    ],
    "ImageType": [
      "ORIGINAL",
      "PRIMARY",
      "M",
      "ND",
      "MOSAIC"
    ],
    "ImagingFrequency": 123.253,
    "InPlanePhaseEncodingDirectionDICOM": "COL",
    "InstitutionAddress": "Vassar_Street_43_Cambridge_Boston_US_02139",
    "InstitutionName": "McGovern_Institute_for_Brain_Research_(3T1)",
    "InstitutionalDepartmentName": "Department",
    "MRAcquisitionType": "2D",
    "MagneticFieldStrength": 3,
    "Manufacturer": "Siemens",
    "ManufacturersModelName": "Prisma_fit",
    "Modality": "MR",
    "PartialFourier": 1,
    "PatientPosition": "HFS",
    "PercentPhaseFOV": 100,
    "PhaseEncodingDirection": "j-",
    "PhaseEncodingSteps": 70,
    "PhaseResolution": 1,
    "PixelBandwidth": 2380,
    "ProcedureStepDescription": "Young_Minjae",
    "ProtocolName": "TPS_RUN1",
    "PulseSequenceDetails": "%SiemensSeq%_ep2d_pace",
    "ReceiveCoilActiveElements": "HEA;HEP",
    "ReceiveCoilName": "Head_32",
    "ReconMatrixPE": 70,
    "RepetitionTime": 2,
    "SAR": 0.110281,
    "ScanOptions": "FS",
    "ScanningSequence": "EP",
    "SequenceName": "_epfid2d1_70",
    "SequenceVariant": "SK",
    "SeriesDescription": "TPS_RUN1",
    "SeriesNumber": 11,
    "ShimSetting": [
      -5643,
      -1599,
      3222,
      512,
      -53,
      -55,
      113,
      -35
    ],
    "SliceThickness": 3,
    "SliceTiming": [
      0,
      0.0625,
      0.125,
      0.1875,
      0.2475,
      0.31,
      0.3725,
      0.435,
      0.495,
      0.5575,
      0.62,
      0.6825,
      0.7425,
      0.805,
      0.8675,
      0.93,
      0.99,
      1.0525,
      1.115,
      1.1775,
      1.2375,
      1.3,
      1.3625,
      1.425,
      1.485,
      1.5475,
      1.61,
      1.6725,
      1.7325,
      1.795,
      1.8575,
      1.92
    ],
    "SoftwareVersions": "syngo_MR_E11",
    "SpacingBetweenSlices": 3.6,
    "StationName": "MRC35115",
    "TaskName": "tps",
    "TotalReadoutTime": 0.0338094,
    "TxRefAmp": 234.443,
    "dataset": "ds002793",
    "modality": "bold",
    "run_id": 1,
    "subject_id": "07",
    "task_id": "tps"
  },
  "dummy_trs": 0,
  "dvars_nstd": 27.496428646890237,
  "dvars_std": 1.2690100081707318,
  "dvars_vstd": 1.0124778070121945,
  "efc": 0.5493077767196549,
  "fber": 473.38433837890625,
  "fd_mean": 0.24632355397369765,
  "fd_num": 72,
  "fd_perc": 43.63636363636363,
  "fwhm_avg": 2.9893514417744877,
  "fwhm_x": 2.81672,
  "fwhm_y": 3.153556666666667,
  "fwhm_z": 2.997777658656796,
  "gcor": 0.0666081,
  "gsr_x": -0.01442545186728239,
  "gsr_y": 0.06507189571857452,
  "provenance": {
    "md5sum": "41dab9aca568be3d59bb07f4b21a7e27",
    "settings": {
      "fd_thres": 0.2,
      "testing": false
    },
    "software": "mriqc",
    "version": "22.0.6",
    "webapi_port": null,
    "webapi_url": "https://mriqc.nimh.nih.gov/api/v1"
  },
  "size_t": 165,
  "size_x": 70,
  "size_y": 70,
  "size_z": 32,
  "snr": 2.356579777195246,
  "spacing_tr": 2.0,
  "spacing_x": 3.0,
  "spacing_y": 3.0,
  "spacing_z": 3.6000001430511475,
  "summary_bg_k": 19.469479336253638,
  "summary_bg_mad": 7.071563634502156,
  "summary_bg_mean": 44.20978927612305,
  "summary_bg_median": 22.53333282470703,
  "summary_bg_n": 88319.0,
  "summary_bg_p05": 17.393938064575195,
  "summary_bg_p95": 165.21453704833962,
  "summary_bg_stdv": 59.32316589355469,
  "summary_fg_k": 0.8678498835849333,
  "summary_fg_mad": 215.22442959396807,
  "summary_fg_mean": 557.5420532226562,
  "summary_fg_median": 514.1151123046875,
  "summary_fg_n": 30978.0,
  "summary_fg_p05": 279.83636474609375,
  "summary_fg_p95": 960.620245361328,
  "summary_fg_stdv": 218.1580352783203,
  "tsnr": 66.63336502329912
}