{
  "aor": 0.003778475609756097,
  "aqi": 0.0014897716707317073,
  "bids_meta": {
    "AcquisitionMatrixPE": 70,
    "AcquisitionNumber": 1,
    "AcquisitionTime": "13:50:30.595000",
    "BandwidthPerPixelPhaseEncode": 29.155,
    "BaseResolution": 70,
    "BodyPartExamined": "BRAIN",
    "ConsistencyInfo": "N4_VE11C_LATEST_20160120",
    "ConversionSoftware": "dcm2niix",
    "ConversionSoftwareVersion": "v1.0.20181125  (JP2:OpenJPEG) (JP-LS:CharLS) GCC5.5.0",
    "DerivedVendorReportedEchoSpacing": 0.000489992,
    "DeviceSerialNumber": "167012",
    "DwellTime": 3e-06,
    "EchoTime": 0.03,
    "EchoTrainLength": 70,
    "EffectiveEchoSpacing": 0.000489992,
    "FlipAngle": 90,
    "ImageOrientationPatientDICOM": [
      0.992455,
      0.121901,
      0.0131587,
      -0.121331,
      0.960977,
      0.248601
    ],
    "ImageType": [
      "ORIGINAL",
      "PRIMARY",
      "M",
      "ND",
      "MOSAIC"
    ],
    "ImagingFrequency": 123.253,
    "InPlanePhaseEncodingDirectionDICOM": "COL",
    "InstitutionAddress": "Vassar_Street_43_Cambridge_Boston_US_02139",
    "InstitutionName": "McGovern_Institute_for_Brain_Research_(3T1)",
    "InstitutionalDepartmentName": "Department",
    "MRAcquisitionType": "2D",
    "MagneticFieldStrength": 3,
    "Manufacturer": "Siemens",
    "ManufacturersModelName": "Prisma_fit",
    "Modality": "MR",
    "PartialFourier": 1,
    "PatientPosition": "HFS",
    "PercentPhaseFOV": 100,
    "PhaseEncodingDirection": "j-",
    "PhaseEncodingSteps": 70,
    "PhaseResolution": 1,
    "PixelBandwidth": 2380,
    "ProcedureStepDescription": "Young_Minjae",
    "ProtocolName": "TPS_RUN6",
    "PulseSequenceDetails": "%SiemensSeq%_ep2d_pace",
    "ReceiveCoilActiveElements": "HEA;HEP",
    "ReceiveCoilName": "Head_32",
    "ReconMatrixPE": 70,
    "RepetitionTime": 2,
    "SAR": 0.110281,
    "ScanOptions": "FS",
    "ScanningSequence": "EP",
    "SequenceName": "_epfid2d1_70",
    "SequenceVariant": "SK",
    "SeriesDescription": "TPS_RUN6",
    "SeriesNumber": 21,
    "ShimSetting": [
      -5643,
      -1599,
      3222,
      512,
      -53,
      -55,
      113,
      -35
    ],
    "SliceThickness": 3,
    "SliceTiming": [
      0,
      0.0625,
      0.125,
      0.1875,
      0.2475,
      0.31,
      0.3725,
      0.435,
      0.495,
      0.5575,
      0.62,
      0.6825,
      0.7425,
      0.805,
      0.8675,
      0.93,
      0.99,
      1.0525,
      1.115,
      1.1775,
      1.2375,
      1.3,
      1.3625,
      1.425,
      1.485,
      1.5475,
      1.61,
      1.6725,
      1.7325,
      1.795,
      1.8575,
      1.92
    ],
    "SoftwareVersions": "syngo_MR_E11",
    "SpacingBetweenSlices": 3.6,
    "StationName": "MRC35115",
    "TaskName": "tps",
    "TotalReadoutTime": 0.0338094,
    "TxRefAmp": 234.443,
    "dataset": "ds002793",
    "modality": "bold",
    "run_id": 6,
    "subject_id": "07",
    "task_id": "tps"
  },
  "dummy_trs": 1,
  "dvars_nstd": 21.302345673680986,
  "dvars_std": 1.2952360699999999,
  "dvars_vstd": 1.036715434907975,
  "efc": 0.551082886495149,
  "fber": 466.1395568847656,
  "fd_mean": 0.12996929588453865,
  "fd_num": 12,
  "fd_perc": 7.317073170731708,
  "fwhm_avg": 2.9641610716186206,
  "fwhm_x": 2.78651,
  "fwhm_y": 3.12439,
  "fwhm_z": 2.981583214855861,
  "gcor": 0.0546959,
  "gsr_x": -0.014308460988104343,
  "gsr_y": 0.06673171371221542,
  "provenance": {
    "md5sum": "57b60515725f1ea6d37ec5fa18e5f291",
    "settings": {
      "fd_thres": 0.2,
      "testing": false
    },
    "software": "mriqc",
    "version": "22.0.6",
    "webapi_port": null,
    "webapi_url": "https://mriqc.nimh.nih.gov/api/v1"
  },
  "size_t": 164,
  "size_x": 70,
  "size_y": 70,
  "size_z": 32,
  "snr": 2.376573996435204,
  "spacing_tr": 2.0,
  "spacing_x": 3.0,
  "spacing_y": 3.0,
  "spacing_z": 3.6000001430511475,
  "summary_bg_k": 18.076552298667664,
  "summary_bg_mad": 7.105641926080851,
  "summary_bg_mean": 44.86583709716797,
  "summary_bg_median": 22.60975456237793,
  "summary_bg_n": 88276.0,
  "summary_bg_p05": 17.426828384399414,
  "summary_bg_p95": 171.64785766601562,
  "summary_bg_stdv": 60.74129104614258,
  "summary_fg_k": 0.7522333818978191,
  "summary_fg_mad": 212.43246990471863,
  "summary_fg_mean": 554.9319458007812,
  "summary_fg_median": 511.8414306640625,
  "summary_fg_n": 30930.0,
  "summary_fg_p05": 280.31036376953125,
  "summary_fg_p95": 955.5521240234375,
  "summary_fg_stdv": 215.365966796875,
  "tsnr": 94.7253841876518
}