{
  "aor": 0.0023039634146341465,
  "aqi": 0.001837276256097561,
  "bids_meta": {
    "AcquisitionMatrixPE": 70,
    "AcquisitionNumber": 1,
    "AcquisitionTime": "13:56:58.522500",
    "BandwidthPerPixelPhaseEncode": 29.155,
    "BaseResolution": 70,
    "BodyPartExamined": "BRAIN",
    "ConsistencyInfo": "N4_VE11C_LATEST_20160120",
    "ConversionSoftware": "dcm2niix",
    "ConversionSoftwareVersion": "v1.0.20181125  (JP2:OpenJPEG) (JP-LS:CharLS) GCC5.5.0",
    "DerivedVendorReportedEchoSpacing": 0.000489992,
    "DeviceSerialNumber": "167012",
    "DwellTime": 3e-06,
    "EchoTime": 0.03,
    "EchoTrainLength": 70,
    "EffectiveEchoSpacing": 0.000489992,
    "FlipAngle": 90,
    "ImageOrientationPatientDICOM": [
      0.992455,
      0.121901,
      0.0131587,
      -0.121331,
      0.960977,
      0.248601
    ],
    "ImageType": [
      "ORIGINAL",
      "PRIMARY",
      "M",
      "ND",
      "MOSAIC"
    ],
    "ImagingFrequency": 123.253,
    "InPlanePhaseEncodingDirectionDICOM": "COL",
    "InstitutionAddress": "Vassar_Street_43_Cambridge_Boston_US_02139",
    "InstitutionName": "McGovern_Institute_for_Brain_Research_(3T1)",
    "InstitutionalDepartmentName": "Department",
    "MRAcquisitionType": "2D",
    "MagneticFieldStrength": 3,
    "Manufacturer": "Siemens",
    "ManufacturersModelName": "Prisma_fit",
    "Modality": "MR",
    "PartialFourier": 1,
    "PatientPosition": "HFS",
    "PercentPhaseFOV": 100,
    "PhaseEncodingDirection": "j-",
    "PhaseEncodingSteps": 70,
    "PhaseResolution": 1,
    "PixelBandwidth": 2380,
    "ProcedureStepDescription": "Young_Minjae",
    "ProtocolName": "TPS_RUN7",
    "PulseSequenceDetails": "%SiemensSeq%_ep2d_pace",
    "ReceiveCoilActiveElements": "HEA;HEP",
    "ReceiveCoilName": "Head_32",
    "ReconMatrixPE": 70,
    "RepetitionTime": 2,
    "SAR": 0.110281,
    "ScanOptions": "FS",
    "ScanningSequence": "EP",
    "SequenceName": "_epfid2d1_70",
    "SequenceVariant": "SK",
    "SeriesDescription": "TPS_RUN7",
    "SeriesNumber": 23,
    "ShimSetting": [
      -5643,
      -1599,
      3222,
      512,
      -53,
      -55,
      113,
      -35
    ],
    "SliceThickness": 3,
    "SliceTiming": [
      0,
      0.0625,
      0.125,
      0.1875,
      0.2475,
      0.31,
      0.3725,
      0.435,
      0.495,
      0.5575,
      0.62,
      0.6825,
      0.7425,
      0.805,
      0.8675,
      0.93,
      0.99,
      1.0525,
      1.115,
      1.1775,
      1.2375,
      1.3,
      1.3625,
      1.425,
      1.485,
      1.5475,
      1.61,
      1.6725,
      1.7325,
      1.795,
      1.8575,
      1.92
    ],
    "SoftwareVersions": "syngo_MR_E11",
    "SpacingBetweenSlices": 3.6,
    "StationName": "MRC35115",
    "TaskName": "tps",
    "TotalReadoutTime": 0.0338094,
    "TxRefAmp": 234.443,
    "dataset": "ds002793",
    "modality": "bold",
    "run_id": 7,
    "subject_id": "07",
    "task_id": "tps"
  },
  "dummy_trs": 1,
  "dvars_nstd": 21.885886081042944,
  "dvars_std": 1.2480931052147242,
  "dvars_vstd": 0.99742273791411,
  "efc": 0.5515364821380885,
  "fber": 463.79791259765625,
  "fd_mean": 0.14588938918833833,
  "fd_num": 20,
  "fd_perc": 12.195121951219512,
  "fwhm_avg": 2.9716647751817753,
  "fwhm_x": 2.7881666666666667,
  "fwhm_y": 3.1346333333333334,
  "fwhm_z": 2.9921943255453245,
  "gcor": 0.0336406,
  "gsr_x": -0.01433439739048481,
  "gsr_y": 0.0678112730383873,
  "provenance": {
    "md5sum": "a1acf5316b6f255f4166ee38a01a410a",
    "settings": {
      "fd_thres": 0.2,
      "testing": false
    },
    "software": "mriqc",
    "version": "22.0.6",
    "webapi_port": null,
    "webapi_url": "https://mriqc.nimh.nih.gov/api/v1"
  },
  "size_t": 164,
  "size_x": 70,
  "size_y": 70,
  "size_z": 32,
  "snr": 2.3475479498125127,
  "spacing_tr": 2.0,
  "spacing_x": 3.0,
  "spacing_y": 3.0,
  "spacing_z": 3.6000001430511475,
  "summary_bg_k": 18.161153500887174,
  "summary_bg_mad": 7.114682528369216,
  "summary_bg_mean": 44.89728927612305,
  "summary_bg_median": 22.640243530273438,
  "summary_bg_n": 88307.0,
  "summary_bg_p05": 17.44512176513672,
  "summary_bg_p95": 171.18535308837886,
  "summary_bg_stdv": 60.71560287475586,
  "summary_fg_k": 0.7476622704901263,
  "summary_fg_mad": 213.78401873803438,
  "summary_fg_mean": 550.6930541992188,
  "summary_fg_median": 508.219482421875,
  "summary_fg_n": 31405.0,
  "summary_fg_p05": 274.443896484375,
  "summary_fg_p95": 952.6914184570312,
  "summary_fg_stdv": 216.48605346679688,
  "tsnr": 89.04206508072093
}