{
  "aor": 0.004044338235294118,
  "aqi": 0.0018662565441176472,
  "bids_meta": {
    "AcquisitionMatrixPE": 70,
    "AcquisitionNumber": 1,
    "AcquisitionTime": "14:31:10.710000",
    "BandwidthPerPixelPhaseEncode": 29.155,
    "BaseResolution": 70,
    "BodyPartExamined": "BRAIN",
    "ConsistencyInfo": "N4_VE11C_LATEST_20160120",
    "ConversionSoftware": "dcm2niix",
    "ConversionSoftwareVersion": "v1.0.20181125  (JP2:OpenJPEG) (JP-LS:CharLS) GCC5.5.0",
    "DerivedVendorReportedEchoSpacing": 0.000489992,
    "DeviceSerialNumber": "167012",
    "DwellTime": 3e-06,
    "EchoTime": 0.03,
    "EchoTrainLength": 70,
    "EffectiveEchoSpacing": 0.000489992,
    "FlipAngle": 90,
    "ImageOrientationPatientDICOM": [
      0.994448,
      0.103952,
      -0.0163413,
      -0.09628,
      0.96151,
      0.25735
    ],
    "ImageType": [
      "ORIGINAL",
      "PRIMARY",
      "M",
      "ND",
      "MOSAIC"
    ],
    "ImagingFrequency": 123.253,
    "InPlanePhaseEncodingDirectionDICOM": "COL",
    "InstitutionAddress": "Vassar_Street_43_Cambridge_Boston_US_02139",
    "InstitutionName": "McGovern_Institute_for_Brain_Research_(3T1)",
    "InstitutionalDepartmentName": "Department",
    "MRAcquisitionType": "2D",
    "MagneticFieldStrength": 3,
    "Manufacturer": "Siemens",
    "ManufacturersModelName": "Prisma_fit",
    "Modality": "MR",
    "PartialFourier": 1,
    "PatientPosition": "HFS",
    "PercentPhaseFOV": 100,
    "PhaseEncodingDirection": "j-",
    "PhaseEncodingSteps": 70,
    "PhaseResolution": 1,
    "PixelBandwidth": 2380,
    "ProcedureStepDescription": "Young_Minjae",
    "ProtocolName": "TOM_RUN1",
    "PulseSequenceDetails": "%SiemensSeq%_ep2d_pace",
    "ReceiveCoilActiveElements": "HEA;HEP",
    "ReceiveCoilName": "Head_32",
    "ReconMatrixPE": 70,
    "RepetitionTime": 2,
    "SAR": 0.110177,
    "ScanOptions": "FS",
    "ScanningSequence": "EP",
    "SequenceName": "_epfid2d1_70",
    "SequenceVariant": "SK",
    "SeriesDescription": "TOM_RUN1",
    "SeriesNumber": 38,
    "ShimSetting": [
      -5644,
      -1599,
      3221,
      517,
      -57,
      -51,
      112,
      -33
    ],
    "SliceThickness": 3,
    "SliceTiming": [
      0,
      0.06,
      0.1225,
      0.185,
      0.2475,
      0.3075,
      0.37,
      0.4325,
      0.495,
      0.555,
      0.6175,
      0.68,
      0.7425,
      0.8025,
      0.865,
      0.9275,
      0.99,
      1.05,
      1.1125,
      1.175,
      1.2375,
      1.2975,
      1.36,
      1.4225,
      1.485,
      1.545,
      1.6075,
      1.67,
      1.7325,
      1.7925,
      1.855,
      1.9175
    ],
    "SoftwareVersions": "syngo_MR_E11",
    "SpacingBetweenSlices": 3.6,
    "StationName": "MRC35115",
    "TaskName": "tom",
    "TotalReadoutTime": 0.0338094,
    "TxRefAmp": 234.443,
    "dataset": "ds002793",
    "modality": "bold",
    "run_id": 1,
    "subject_id": "07",
    "task_id": "tom"
  },
  "dummy_trs": 0,
  "dvars_nstd": 21.275293484148158,
  "dvars_std": 1.2504425034074071,
  "dvars_vstd": 1.0149567008888887,
  "efc": 0.551140043360053,
  "fber": 472.1466979980469,
  "fd_mean": 0.1571142592079806,
  "fd_num": 22,
  "fd_perc": 16.176470588235293,
  "fwhm_avg": 2.9680678039456887,
  "fwhm_x": 2.7865866666666665,
  "fwhm_y": 3.1542,
  "fwhm_z": 2.963416745170401,
  "gcor": 0.0736517,
  "gsr_x": -0.014021974056959152,
  "gsr_y": 0.06665953248739243,
  "provenance": {
    "md5sum": "d9c4259a11cb14a153f230c3f8e0bda9",
    "settings": {
      "fd_thres": 0.2,
      "testing": false
    },
    "software": "mriqc",
    "version": "22.0.6",
    "webapi_port": null,
    "webapi_url": "https://mriqc.nimh.nih.gov/api/v1"
  },
  "size_t": 136,
  "size_x": 70,
  "size_y": 70,
  "size_z": 32,
  "snr": 2.3788280652252722,
  "spacing_tr": 2.0,
  "spacing_x": 3.0,
  "spacing_y": 3.0,
  "spacing_z": 3.5999999046325684,
  "summary_bg_k": 18.494669490967055,
  "summary_bg_mad": 7.085965820130759,
  "summary_bg_mean": 45.259098052978516,
  "summary_bg_median": 22.742647171020508,
  "summary_bg_n": 88306.0,
  "summary_bg_p05": 17.55882453918457,
  "summary_bg_p95": 172.5441131591797,
  "summary_bg_stdv": 61.18789291381836,
  "summary_fg_k": 0.841482529512767,
  "summary_fg_mad": 215.4352054251115,
  "summary_fg_mean": 559.7421264648438,
  "summary_fg_median": 517.6544189453125,
  "summary_fg_n": 30997.0,
  "summary_fg_p05": 281.1970520019531,
  "summary_fg_p95": 959.0059082031246,
  "summary_fg_stdv": 217.60549926757812,
  "tsnr": 80.81030228594318
}