{
  "bids_meta": {
    "AcquisitionMatrixPE": 256,
    "AcquisitionNumber": 1,
    "AcquisitionTime": "18:05:28.815000",
    "BaseResolution": 256,
    "BodyPartExamined": "BRAIN",
    "ConsistencyInfo": "N4_VE11C_LATEST_20160120",
    "ConversionSoftware": "dcm2niix",
    "ConversionSoftwareVersion": "v1.0.20181125  (JP2:OpenJPEG) (JP-LS:CharLS) GCC5.5.0",
    "DeviceSerialNumber": "167012",
    "DwellTime": 3e-06,
    "EchoTime": 0.00169,
    "FlipAngle": 7,
    "ImageOrientationPatientDICOM": [
      0.0420539,
      0.990942,
      0.12754,
      -0.0211274,
      0.128506,
      -0.991484
    ],
    "ImageType": [
      "ORIGINAL",
      "PRIMARY",
      "OTHER",
      "ND",
      "NORM",
      "MEAN"
    ],
    "ImagingFrequency": 123.253,
    "InPlanePhaseEncodingDirectionDICOM": "ROW",
    "InstitutionAddress": "Vassar_Street_43_Cambridge_Boston_US_02139",
    "InstitutionName": "McGovern_Institute_for_Brain_Research_(3T1)",
    "InstitutionalDepartmentName": "Department",
    "InversionTime": 1.4,
    "MRAcquisitionType": "3D",
    "MagneticFieldStrength": 3,
    "Manufacturer": "Siemens",
    "ManufacturersModelName": "Prisma_fit",
    "Modality": "MR",
    "PartialFourier": 1,
    "PatientPosition": "HFS",
    "PercentPhaseFOV": 100,
    "PhaseEncodingSteps": 255,
    "PhaseResolution": 1,
    "PixelBandwidth": 650,
    "ProcedureStepDescription": "Young_Minjae",
    "ProtocolName": "T1w_MPRAGE_FourEcho_vNav",
    "PulseSequenceDetails": "%CustomerSeq%_tfl_mgh_epinav_ABCD",
    "ReceiveCoilActiveElements": "HEA;HEP",
    "ReceiveCoilName": "Head_32",
    "ReconMatrixPE": 256,
    "RepetitionTime": 2.53,
    "SAR": 0.0368201,
    "ScanOptions": "IR_WE",
    "ScanningSequence": "GR_IR",
    "SequenceName": "tfl3d4_16ns",
    "SequenceVariant": "SK_SP_MP",
    "SeriesDescription": "T1w_MPRAGE_FourEcho_vNav_RMS",
    "SeriesNumber": 10,
    "ShimSetting": [
      -5622,
      -1648,
      3140,
      469,
      -26,
      -293,
      -21,
      -17
    ],
    "SliceThickness": 1,
    "SoftwareVersions": "syngo_MR_E11",
    "StationName": "MRC35115",
    "TxRefAmp": 221.973,
    "WipMemBlock": "Prisma_epi_moco_navigator_ABCD_tfl.prot",
    "dataset": "ds002793",
    "modality": "T1w",
    "run_id": 1,
    "subject_id": "17"
  },
  "cjv": 0.38280681226191215,
  "cnr": 3.346465606402254,
  "efc": 0.5294694874891318,
  "fber": 22766.498775510205,
  "fwhm_avg": 3.9129133333333335,
  "fwhm_x": 4.14777,
  "fwhm_y": 3.88478,
  "fwhm_z": 3.70619,
  "icvs_csf": 0.23202338279114723,
  "icvs_gm": 0.4266657283186683,
  "icvs_wm": 0.34131088889018446,
  "inu_med": 0.3746488690376282,
  "inu_range": 0.11342971920967099,
  "provenance": {
    "md5sum": "8473ea655acacd35eca1a1c62b980c8a",
    "settings": {
      "testing": false
    },
    "software": "mriqc",
    "version": "22.0.6",
    "warnings": {
      "large_rot_frame": true,
      "small_air_mask": false
    },
    "webapi_port": null,
    "webapi_url": "https://mriqc.nimh.nih.gov/api/v1"
  },
  "qi_1": 0.0,
  "qi_2": 0.0029185367902529414,
  "rpve_csf": 23.845929186419735,
  "rpve_gm": 13.115723936335494,
  "rpve_wm": 18.795442811413622,
  "size_x": 176,
  "size_y": 256,
  "size_z": 256,
  "snr_csf": 2.5636387768763345,
  "snr_gm": 13.7105945195527,
  "snr_total": 16.45241951397832,
  "snr_wm": 33.08302524550593,
  "snrd_csf": 56.90846564829702,
  "snrd_gm": 141.69473036930162,
  "snrd_total": 126.49499084490184,
  "snrd_wm": 180.88177651710686,
  "spacing_x": 1.0,
  "spacing_y": 1.0,
  "spacing_z": 1.0,
  "summary_bg_k": 5.063464827283211,
  "summary_bg_mad": 0.0,
  "summary_bg_mean": 2.5094070315917745,
  "summary_bg_median": 0.0,
  "summary_bg_n": 2671029.0,
  "summary_bg_p05": 0.0,
  "summary_bg_p95": 9.28118884563446,
  "summary_bg_stdv": 3.621903686850165,
  "summary_csf_k": 0.34401566163917074,
  "summary_csf_mad": 98.89153091898379,
  "summary_csf_mean": 326.947852781383,
  "summary_csf_median": 314.6168974041939,
  "summary_csf_n": 51323.0,
  "summary_csf_p05": 102.05456614494324,
  "summary_csf_p95": 545.3353136479853,
  "summary_csf_stdv": 122.72159212122357,
  "summary_gm_k": 0.2274781967652233,
  "summary_gm_mad": 54.04205197160402,
  "summary_gm_mean": 783.0765103972913,
  "summary_gm_median": 783.35544526577,
  "summary_gm_n": 21954.0,
  "summary_gm_p05": 686.8657413125038,
  "summary_gm_p95": 877.3948768526315,
  "summary_gm_stdv": 57.1337445002163,
  "summary_wm_k": 0.4424545169317602,
  "summary_wm_mad": 28.89094379041905,
  "summary_wm_mean": 1000.5462209504988,
  "summary_wm_median": 999.9999591708183,
  "summary_wm_n": 180760.0,
  "summary_wm_p05": 951.5336680412292,
  "summary_wm_p95": 1050.56510835886,
  "summary_wm_stdv": 30.22689689493415,
  "tpm_overlap_csf": 0.1347167710721694,
  "tpm_overlap_gm": 0.45609145913982346,
  "tpm_overlap_wm": 0.4778689362843555,
  "wm2max": 0.924041849044518
}