{
  "aor": 0.005353757575757576,
  "aqi": 0.002659486951515152,
  "bids_meta": {
    "AcquisitionMatrixPE": 70,
    "AcquisitionNumber": 1,
    "AcquisitionTime": "10:00:56.440000",
    "BandwidthPerPixelPhaseEncode": 29.155,
    "BaseResolution": 70,
    "BodyPartExamined": "BRAIN",
    "ConsistencyInfo": "N4_VE11C_LATEST_20160120",
    "ConversionSoftware": "dcm2niix",
    "ConversionSoftwareVersion": "v1.0.20181125  (JP2:OpenJPEG) (JP-LS:CharLS) GCC5.5.0",
    "DerivedVendorReportedEchoSpacing": 0.000489992,
    "DeviceSerialNumber": "167012",
    "DwellTime": 3e-06,
    "EchoTime": 0.03,
    "EchoTrainLength": 70,
    "EffectiveEchoSpacing": 0.000489992,
    "FlipAngle": 90,
    "ImageOrientationPatientDICOM": [
      0.999461,
      0.0213558,
      0.024941,
      -0.0228555,
      0.997847,
      0.0614791
    ],
    "ImageType": [
      "ORIGINAL",
      "PRIMARY",
      "M",
      "ND",
      "MOSAIC"
    ],
    "ImagingFrequency": 123.253,
    "InPlanePhaseEncodingDirectionDICOM": "COL",
    "InstitutionAddress": "Vassar_Street_43_Cambridge_Boston_US_02139",
    "InstitutionName": "McGovern_Institute_for_Brain_Research_(3T1)",
    "InstitutionalDepartmentName": "Department",
    "MRAcquisitionType": "2D",
    "MagneticFieldStrength": 3,
    "Manufacturer": "Siemens",
    "ManufacturersModelName": "Prisma_fit",
    "Modality": "MR",
    "PartialFourier": 1,
    "PatientPosition": "HFS",
    "PercentPhaseFOV": 100,
    "PhaseEncodingDirection": "j-",
    "PhaseEncodingSteps": 70,
    "PhaseResolution": 1,
    "PixelBandwidth": 2380,
    "ProcedureStepDescription": "Young_Minjae",
    "ProtocolName": "TPS_07",
    "PulseSequenceDetails": "%SiemensSeq%_ep2d_pace",
    "ReceiveCoilActiveElements": "HEA;HEP",
    "ReceiveCoilName": "Head_32",
    "ReconMatrixPE": 70,
    "RepetitionTime": 2,
    "SAR": 0.109562,
    "ScanOptions": "FS",
    "ScanningSequence": "EP",
    "SequenceName": "_epfid2d1_70",
    "SequenceVariant": "SK",
    "SeriesDescription": "TPS_07",
    "SeriesNumber": 23,
    "ShimSetting": [
      -5593,
      -1545,
      3180,
      443,
      72,
      -30,
      39,
      0
    ],
    "SliceThickness": 3,
    "SliceTiming": [
      0,
      0.0625,
      0.1225,
      0.185,
      0.2475,
      0.31,
      0.37,
      0.4325,
      0.495,
      0.5575,
      0.6175,
      0.68,
      0.7425,
      0.805,
      0.865,
      0.9275,
      0.99,
      1.0525,
      1.1125,
      1.175,
      1.2375,
      1.3,
      1.36,
      1.4225,
      1.485,
      1.545,
      1.6075,
      1.67,
      1.7325,
      1.7925,
      1.855,
      1.9175
    ],
    "SoftwareVersions": "syngo_MR_E11",
    "SpacingBetweenSlices": 3.6,
    "StationName": "MRC35115",
    "TaskName": "tps",
    "TotalReadoutTime": 0.0338094,
    "TxRefAmp": 240.242,
    "dataset": "ds002793",
    "modality": "bold",
    "run_id": 7,
    "subject_id": "03",
    "task_id": "tps"
  },
  "dummy_trs": 0,
  "dvars_nstd": 18.152549243475608,
  "dvars_std": 1.2212108688414622,
  "dvars_vstd": 1.0239505938414628,
  "efc": 0.5792298851183649,
  "fber": 331.1799621582031,
  "fd_mean": 0.1362277567535145,
  "fd_num": 16,
  "fd_perc": 9.696969696969697,
  "fwhm_avg": 2.7202347796797177,
  "fwhm_x": 2.5234799999999997,
  "fwhm_y": 2.9846133333333333,
  "fwhm_z": 2.65261100570582,
  "gcor": 0.0627292,
  "gsr_x": -0.02587619423866272,
  "gsr_y": 0.11491421610116959,
  "provenance": {
    "md5sum": "f5cf685053d38c8d68cab941f53b3306",
    "settings": {
      "fd_thres": 0.2,
      "testing": false
    },
    "software": "mriqc",
    "version": "22.0.6",
    "webapi_port": null,
    "webapi_url": "https://mriqc.nimh.nih.gov/api/v1"
  },
  "size_t": 165,
  "size_x": 70,
  "size_y": 70,
  "size_z": 32,
  "snr": 2.3444011444524193,
  "spacing_tr": 2.0,
  "spacing_x": 3.0,
  "spacing_y": 3.0,
  "spacing_z": 3.6000001430511475,
  "summary_bg_k": 13.598092506275417,
  "summary_bg_mad": 7.610691199806135,
  "summary_bg_mean": 53.31085205078125,
  "summary_bg_median": 22.636362075805664,
  "summary_bg_n": 87548.0,
  "summary_bg_p05": 17.030302047729492,
  "summary_bg_p95": 229.5593887329101,
  "summary_bg_stdv": 78.7591323852539,
  "summary_fg_k": 0.651567211669946,
  "summary_fg_mad": 175.58502233300578,
  "summary_fg_mean": 459.7497253417969,
  "summary_fg_median": 426.00604248046875,
  "summary_fg_n": 32747.0,
  "summary_fg_p05": 224.76908264160156,
  "summary_fg_p95": 802.4108825683593,
  "summary_fg_stdv": 181.70932006835938,
  "tsnr": 81.35240596532822
}