{
  "aor": 0.0023453048780487803,
  "aqi": 0.0015578175853658536,
  "bids_meta": {
    "AcquisitionMatrixPE": 70,
    "AcquisitionNumber": 1,
    "AcquisitionTime": "09:41:43.075000",
    "BandwidthPerPixelPhaseEncode": 29.155,
    "BaseResolution": 70,
    "BodyPartExamined": "BRAIN",
    "ConsistencyInfo": "N4_VE11C_LATEST_20160120",
    "ConversionSoftware": "dcm2niix",
    "ConversionSoftwareVersion": "v1.0.20181125  (JP2:OpenJPEG) (JP-LS:CharLS) GCC5.5.0",
    "DerivedVendorReportedEchoSpacing": 0.000489992,
    "DeviceSerialNumber": "167012",
    "DwellTime": 3e-06,
    "EchoTime": 0.03,
    "EchoTrainLength": 70,
    "EffectiveEchoSpacing": 0.000489992,
    "FlipAngle": 90,
    "ImageOrientationPatientDICOM": [
      0.999461,
      0.0213558,
      0.024941,
      -0.0228555,
      0.997847,
      0.0614791
    ],
    "ImageType": [
      "ORIGINAL",
      "PRIMARY",
      "M",
      "ND",
      "MOSAIC"
    ],
    "ImagingFrequency": 123.253,
    "InPlanePhaseEncodingDirectionDICOM": "COL",
    "InstitutionAddress": "Vassar_Street_43_Cambridge_Boston_US_02139",
    "InstitutionName": "McGovern_Institute_for_Brain_Research_(3T1)",
    "InstitutionalDepartmentName": "Department",
    "MRAcquisitionType": "2D",
    "MagneticFieldStrength": 3,
    "Manufacturer": "Siemens",
    "ManufacturersModelName": "Prisma_fit",
    "Modality": "MR",
    "PartialFourier": 1,
    "PatientPosition": "HFS",
    "PercentPhaseFOV": 100,
    "PhaseEncodingDirection": "j-",
    "PhaseEncodingSteps": 70,
    "PhaseResolution": 1,
    "PixelBandwidth": 2380,
    "ProcedureStepDescription": "Young_Minjae",
    "ProtocolName": "TPS_04",
    "PulseSequenceDetails": "%SiemensSeq%_ep2d_pace",
    "ReceiveCoilActiveElements": "HEA;HEP",
    "ReceiveCoilName": "Head_32",
    "ReconMatrixPE": 70,
    "RepetitionTime": 2,
    "SAR": 0.109562,
    "ScanOptions": "FS",
    "ScanningSequence": "EP",
    "SequenceName": "_epfid2d1_70",
    "SequenceVariant": "SK",
    "SeriesDescription": "TPS_04",
    "SeriesNumber": 17,
    "ShimSetting": [
      -5593,
      -1545,
      3180,
      443,
      72,
      -30,
      39,
      0
    ],
    "SliceThickness": 3,
    "SliceTiming": [
      0,
      0.06,
      0.1225,
      0.185,
      0.2475,
      0.3075,
      0.37,
      0.4325,
      0.495,
      0.555,
      0.6175,
      0.68,
      0.7425,
      0.8025,
      0.865,
      0.9275,
      0.99,
      1.05,
      1.1125,
      1.175,
      1.2375,
      1.2975,
      1.36,
      1.4225,
      1.485,
      1.545,
      1.6075,
      1.67,
      1.7325,
      1.7925,
      1.855,
      1.9175
    ],
    "SoftwareVersions": "syngo_MR_E11",
    "SpacingBetweenSlices": 3.6,
    "StationName": "MRC35115",
    "TaskName": "tps",
    "TotalReadoutTime": 0.0338094,
    "TxRefAmp": 240.242,
    "dataset": "ds002793",
    "modality": "bold",
    "run_id": 4,
    "subject_id": "03",
    "task_id": "tps"
  },
  "dummy_trs": 1,
  "dvars_nstd": 17.65385095920247,
  "dvars_std": 1.239598602392638,
  "dvars_vstd": 1.018281533435583,
  "efc": 0.5761131094211572,
  "fber": 338.1506652832031,
  "fd_mean": 0.13295310690939435,
  "fd_num": 16,
  "fd_perc": 9.75609756097561,
  "fwhm_avg": 2.8015451491249657,
  "fwhm_x": 2.6064833333333333,
  "fwhm_y": 3.075696666666667,
  "fwhm_z": 2.722455447374896,
  "gcor": 0.0269154,
  "gsr_x": -0.02877078391611576,
  "gsr_y": 0.1186571940779686,
  "provenance": {
    "md5sum": "089e1bf4e82afb07baea1ac5905367cb",
    "settings": {
      "fd_thres": 0.2,
      "testing": false
    },
    "software": "mriqc",
    "version": "22.0.6",
    "webapi_port": null,
    "webapi_url": "https://mriqc.nimh.nih.gov/api/v1"
  },
  "size_t": 164,
  "size_x": 70,
  "size_y": 70,
  "size_z": 32,
  "snr": 2.256610106325703,
  "spacing_tr": 2.0,
  "spacing_x": 3.0,
  "spacing_y": 3.0,
  "spacing_z": 3.6000001430511475,
  "summary_bg_k": 13.526700545427229,
  "summary_bg_mad": 7.738461463551899,
  "summary_bg_mean": 53.889991760253906,
  "summary_bg_median": 22.780487060546875,
  "summary_bg_n": 87716.0,
  "summary_bg_p05": 17.09756088256836,
  "summary_bg_p95": 231.33688354492188,
  "summary_bg_stdv": 79.34212493896484,
  "summary_fg_k": 0.8586135508914681,
  "summary_fg_mad": 181.89902195435764,
  "summary_fg_mean": 467.6085510253906,
  "summary_fg_median": 430.969482421875,
  "summary_fg_n": 32970.0,
  "summary_fg_p05": 224.42285079956056,
  "summary_fg_p95": 828.9868438720703,
  "summary_fg_stdv": 190.97802734375,
  "tsnr": 99.26416360773146
}