{
  "aor": 0.012661757575757578,
  "aqi": 0.0057387870909090906,
  "bids_meta": {
    "AcquisitionMatrixPE": 70,
    "AcquisitionNumber": 1,
    "AcquisitionTime": "12:40:17.385000",
    "BandwidthPerPixelPhaseEncode": 29.155,
    "BaseResolution": 70,
    "BodyPartExamined": "BRAIN",
    "ConsistencyInfo": "N4_VE11C_LATEST_20160120",
    "ConversionSoftware": "dcm2niix",
    "ConversionSoftwareVersion": "v1.0.20181125  (JP2:OpenJPEG) (JP-LS:CharLS) GCC5.5.0",
    "DerivedVendorReportedEchoSpacing": 0.000489992,
    "DeviceSerialNumber": "167012",
    "DwellTime": 3e-06,
    "EchoTime": 0.03,
    "EchoTrainLength": 70,
    "EffectiveEchoSpacing": 0.000489992,
    "FlipAngle": 90,
    "ImageOrientationPatientDICOM": [
      0.993989,
      -0.0867773,
      0.0667576,
      0.0873123,
      0.996168,
      -0.00513377
    ],
    "ImageType": [
      "ORIGINAL",
      "PRIMARY",
      "M",
      "ND",
      "MOSAIC"
    ],
    "ImagingFrequency": 123.254,
    "InPlanePhaseEncodingDirectionDICOM": "COL",
    "InstitutionAddress": "Vassar_Street_43_Cambridge_Boston_US_02139",
    "InstitutionName": "McGovern_Institute_for_Brain_Research_(3T1)",
    "InstitutionalDepartmentName": "Department",
    "MRAcquisitionType": "2D",
    "MagneticFieldStrength": 3,
    "Manufacturer": "Siemens",
    "ManufacturersModelName": "Prisma_fit",
    "Modality": "MR",
    "PartialFourier": 1,
    "PatientPosition": "HFS",
    "PercentPhaseFOV": 100,
    "PhaseEncodingDirection": "j-",
    "PhaseEncodingSteps": 70,
    "PhaseResolution": 1,
    "PixelBandwidth": 2380,
    "ProcedureStepDescription": "Young_Minjae",
    "ProtocolName": "TPS_RUN8",
    "PulseSequenceDetails": "%SiemensSeq%_ep2d_pace",
    "ReceiveCoilActiveElements": "HEA;HEP",
    "ReceiveCoilName": "Head_32",
    "ReconMatrixPE": 70,
    "RepetitionTime": 2,
    "SAR": 0.0925973,
    "ScanOptions": "FS",
    "ScanningSequence": "EP",
    "SequenceName": "_epfid2d1_70",
    "SequenceVariant": "SK",
    "SeriesDescription": "TPS_RUN8",
    "SeriesNumber": 29,
    "ShimSetting": [
      -5618,
      -1563,
      3172,
      523,
      -16,
      9,
      83,
      12
    ],
    "SliceThickness": 3,
    "SliceTiming": [
      0,
      0.0625,
      0.125,
      0.1875,
      0.2475,
      0.31,
      0.3725,
      0.435,
      0.495,
      0.5575,
      0.62,
      0.6825,
      0.7425,
      0.805,
      0.8675,
      0.93,
      0.99,
      1.0525,
      1.115,
      1.1775,
      1.2375,
      1.3,
      1.3625,
      1.425,
      1.485,
      1.5475,
      1.61,
      1.6725,
      1.7325,
      1.795,
      1.8575,
      1.92
    ],
    "SoftwareVersions": "syngo_MR_E11",
    "SpacingBetweenSlices": 3.6,
    "StationName": "MRC35115",
    "TaskName": "tps",
    "TotalReadoutTime": 0.0338094,
    "TxRefAmp": 216.169,
    "dataset": "ds002793",
    "modality": "bold",
    "run_id": 8,
    "subject_id": "12",
    "task_id": "tps"
  },
  "dummy_trs": 0,
  "dvars_nstd": 44.09467115640246,
  "dvars_std": 1.338218278841464,
  "dvars_vstd": 1.0739212928048785,
  "efc": 0.5284233076764342,
  "fber": 438.09454345703125,
  "fd_mean": 0.7550309891337447,
  "fd_num": 155,
  "fd_perc": 93.93939393939394,
  "fwhm_avg": 2.9241139527213797,
  "fwhm_x": 2.628903333333333,
  "fwhm_y": 3.018383093453797,
  "fwhm_z": 3.1250554313770094,
  "gcor": 0.0650934,
  "gsr_x": 0.01233453955501318,
  "gsr_y": 0.06860120594501495,
  "provenance": {
    "md5sum": "8e711b9a300904fd404a76e4b9ce16d5",
    "settings": {
      "fd_thres": 0.2,
      "testing": false
    },
    "software": "mriqc",
    "version": "22.0.6",
    "webapi_port": null,
    "webapi_url": "https://mriqc.nimh.nih.gov/api/v1"
  },
  "size_t": 165,
  "size_x": 70,
  "size_y": 70,
  "size_z": 32,
  "snr": 2.4625047654778687,
  "spacing_tr": 2.0,
  "spacing_x": 3.0,
  "spacing_y": 3.000000238418579,
  "spacing_z": 3.6000001430511475,
  "summary_bg_k": 27.534830785268888,
  "summary_bg_mad": 2.605787474061541,
  "summary_bg_mean": 31.01072883605957,
  "summary_bg_median": 17.61212158203125,
  "summary_bg_n": 96862.0,
  "summary_bg_p05": 15.73939323425293,
  "summary_bg_p95": 100.85454559326172,
  "summary_bg_stdv": 37.851966857910156,
  "summary_fg_k": 1.8433855412144426,
  "summary_fg_mad": 122.40003852858015,
  "summary_fg_mean": 403.3696594238281,
  "summary_fg_median": 367.9242248535156,
  "summary_fg_n": 27866.0,
  "summary_fg_p05": 227.97119903564453,
  "summary_fg_p95": 704.72119140625,
  "summary_fg_stdv": 149.4078826904297,
  "tsnr": 49.16845520969946
}