{
  "aor": 0.006262444444444444,
  "aqi": 0.0025290484444444447,
  "bids_meta": {
    "AcquisitionMatrixPE": 70,
    "AcquisitionNumber": 1,
    "AcquisitionTime": "11:42:47.722500",
    "BandwidthPerPixelPhaseEncode": 29.155,
    "BaseResolution": 70,
    "BodyPartExamined": "BRAIN",
    "ConsistencyInfo": "N4_VE11C_LATEST_20160120",
    "ConversionSoftware": "dcm2niix",
    "ConversionSoftwareVersion": "v1.0.20181125  (JP2:OpenJPEG) (JP-LS:CharLS) GCC5.5.0",
    "DerivedVendorReportedEchoSpacing": 0.000489992,
    "DeviceSerialNumber": "167012",
    "DwellTime": 3e-06,
    "EchoTime": 0.03,
    "EchoTrainLength": 70,
    "EffectiveEchoSpacing": 0.000489992,
    "FlipAngle": 90,
    "ImageOrientationPatientDICOM": [
      0.993989,
      -0.0867773,
      0.0667576,
      0.0873123,
      0.996168,
      -0.00513377
    ],
    "ImageType": [
      "ORIGINAL",
      "PRIMARY",
      "M",
      "ND",
      "MOSAIC"
    ],
    "ImagingFrequency": 123.253,
    "InPlanePhaseEncodingDirectionDICOM": "COL",
    "InstitutionAddress": "Vassar_Street_43_Cambridge_Boston_US_02139",
    "InstitutionName": "McGovern_Institute_for_Brain_Research_(3T1)",
    "InstitutionalDepartmentName": "Department",
    "MRAcquisitionType": "2D",
    "MagneticFieldStrength": 3,
    "Manufacturer": "Siemens",
    "ManufacturersModelName": "Prisma_fit",
    "Modality": "MR",
    "PartialFourier": 1,
    "PatientPosition": "HFS",
    "PercentPhaseFOV": 100,
    "PhaseEncodingDirection": "j-",
    "PhaseEncodingSteps": 70,
    "PhaseResolution": 1,
    "PixelBandwidth": 2380,
    "ProcedureStepDescription": "Young_Minjae",
    "ProtocolName": "TOM_RUN1",
    "PulseSequenceDetails": "%SiemensSeq%_ep2d_pace",
    "ReceiveCoilActiveElements": "HEA;HEP",
    "ReceiveCoilName": "Head_32",
    "ReconMatrixPE": 70,
    "RepetitionTime": 2,
    "SAR": 0.0925104,
    "ScanOptions": "FS",
    "ScanningSequence": "EP",
    "SequenceName": "_epfid2d1_70",
    "SequenceVariant": "SK",
    "SeriesDescription": "TOM_RUN1",
    "SeriesNumber": 11,
    "ShimSetting": [
      -5618,
      -1563,
      3172,
      523,
      -16,
      9,
      83,
      12
    ],
    "SliceThickness": 3,
    "SliceTiming": [
      0,
      0.0625,
      0.125,
      0.1875,
      0.2475,
      0.31,
      0.3725,
      0.435,
      0.495,
      0.5575,
      0.62,
      0.6825,
      0.7425,
      0.805,
      0.8675,
      0.93,
      0.99,
      1.0525,
      1.115,
      1.1775,
      1.2375,
      1.3,
      1.3625,
      1.425,
      1.485,
      1.5475,
      1.61,
      1.6725,
      1.7325,
      1.795,
      1.8575,
      1.92
    ],
    "SoftwareVersions": "syngo_MR_E11",
    "SpacingBetweenSlices": 3.6,
    "StationName": "MRC35115",
    "TaskName": "tom",
    "TotalReadoutTime": 0.0338094,
    "TxRefAmp": 216.169,
    "dataset": "ds002793",
    "modality": "bold",
    "run_id": 1,
    "subject_id": "12",
    "task_id": "tom"
  },
  "dummy_trs": 1,
  "dvars_nstd": 25.5339143669403,
  "dvars_std": 1.3026328186567167,
  "dvars_vstd": 1.039868984776119,
  "efc": 0.5568425358401576,
  "fber": 385.2481689453125,
  "fd_mean": 0.22550559087323932,
  "fd_num": 40,
  "fd_perc": 29.62962962962963,
  "fwhm_avg": 2.8832583988931226,
  "fwhm_x": 2.6910399999999997,
  "fwhm_y": 3.072679755805353,
  "fwhm_z": 2.8860554408740158,
  "gcor": 0.0254619,
  "gsr_x": -0.01159406267106533,
  "gsr_y": 0.06560128927230835,
  "provenance": {
    "md5sum": "35bfd85525ccddf2e79648100e9e5926",
    "settings": {
      "fd_thres": 0.2,
      "testing": false
    },
    "software": "mriqc",
    "version": "22.0.6",
    "webapi_port": null,
    "webapi_url": "https://mriqc.nimh.nih.gov/api/v1"
  },
  "size_t": 135,
  "size_x": 70,
  "size_y": 70,
  "size_z": 32,
  "snr": 2.5803640944630843,
  "spacing_tr": 2.0,
  "spacing_x": 3.0,
  "spacing_y": 3.000000238418579,
  "spacing_z": 3.6000001430511475,
  "summary_bg_k": 23.12706980083815,
  "summary_bg_mad": 5.721745438846875,
  "summary_bg_mean": 38.38014602661133,
  "summary_bg_median": 20.30370330810547,
  "summary_bg_n": 90217.0,
  "summary_bg_p05": 16.19259262084961,
  "summary_bg_p95": 133.7851837158201,
  "summary_bg_stdv": 49.90239715576172,
  "summary_fg_k": 0.7054558758318779,
  "summary_fg_mad": 149.0838696406504,
  "summary_fg_mean": 438.346435546875,
  "summary_fg_median": 408.5407409667969,
  "summary_fg_n": 31081.0,
  "summary_fg_p05": 233.62962341308594,
  "summary_fg_p95": 742.3333129882812,
  "summary_fg_stdv": 158.32423400878906,
  "tsnr": 75.45008774567395
}