{
  "aor": 0.02022669117647059,
  "aqi": 0.007335849411764706,
  "bids_meta": {
    "AcquisitionMatrixPE": 70,
    "AcquisitionNumber": 1,
    "AcquisitionTime": "11:48:22.350000",
    "BandwidthPerPixelPhaseEncode": 29.155,
    "BaseResolution": 70,
    "BodyPartExamined": "BRAIN",
    "ConsistencyInfo": "N4_VE11C_LATEST_20160120",
    "ConversionSoftware": "dcm2niix",
    "ConversionSoftwareVersion": "v1.0.20181125  (JP2:OpenJPEG) (JP-LS:CharLS) GCC5.5.0",
    "DerivedVendorReportedEchoSpacing": 0.000489992,
    "DeviceSerialNumber": "167012",
    "DwellTime": 3e-06,
    "EchoTime": 0.03,
    "EchoTrainLength": 70,
    "EffectiveEchoSpacing": 0.000489992,
    "FlipAngle": 90,
    "ImageOrientationPatientDICOM": [
      0.993989,
      -0.0867773,
      0.0667576,
      0.0873123,
      0.996168,
      -0.00513377
    ],
    "ImageType": [
      "ORIGINAL",
      "PRIMARY",
      "M",
      "ND",
      "MOSAIC"
    ],
    "ImagingFrequency": 123.253,
    "InPlanePhaseEncodingDirectionDICOM": "COL",
    "InstitutionAddress": "Vassar_Street_43_Cambridge_Boston_US_02139",
    "InstitutionName": "McGovern_Institute_for_Brain_Research_(3T1)",
    "InstitutionalDepartmentName": "Department",
    "MRAcquisitionType": "2D",
    "MagneticFieldStrength": 3,
    "Manufacturer": "Siemens",
    "ManufacturersModelName": "Prisma_fit",
    "Modality": "MR",
    "PartialFourier": 1,
    "PatientPosition": "HFS",
    "PercentPhaseFOV": 100,
    "PhaseEncodingDirection": "j-",
    "PhaseEncodingSteps": 70,
    "PhaseResolution": 1,
    "PixelBandwidth": 2380,
    "ProcedureStepDescription": "Young_Minjae",
    "ProtocolName": "TOM_RUN2",
    "PulseSequenceDetails": "%SiemensSeq%_ep2d_pace",
    "ReceiveCoilActiveElements": "HEA;HEP",
    "ReceiveCoilName": "Head_32",
    "ReconMatrixPE": 70,
    "RepetitionTime": 2,
    "SAR": 0.0925104,
    "ScanOptions": "FS",
    "ScanningSequence": "EP",
    "SequenceName": "_epfid2d1_70",
    "SequenceVariant": "SK",
    "SeriesDescription": "TOM_RUN2",
    "SeriesNumber": 13,
    "ShimSetting": [
      -5618,
      -1563,
      3172,
      523,
      -16,
      9,
      83,
      12
    ],
    "SliceThickness": 3,
    "SliceTiming": [
      0,
      0.0625,
      0.1225,
      0.185,
      0.2475,
      0.31,
      0.37,
      0.4325,
      0.495,
      0.5575,
      0.6175,
      0.68,
      0.7425,
      0.805,
      0.865,
      0.9275,
      0.99,
      1.0525,
      1.1125,
      1.175,
      1.2375,
      1.3,
      1.36,
      1.4225,
      1.485,
      1.5475,
      1.6075,
      1.67,
      1.7325,
      1.795,
      1.855,
      1.9175
    ],
    "SoftwareVersions": "syngo_MR_E11",
    "SpacingBetweenSlices": 3.6,
    "StationName": "MRC35115",
    "TaskName": "tom",
    "TotalReadoutTime": 0.0338094,
    "TxRefAmp": 216.169,
    "dataset": "ds002793",
    "modality": "bold",
    "run_id": 2,
    "subject_id": "12",
    "task_id": "tom"
  },
  "dummy_trs": 0,
  "dvars_nstd": 41.082990476518525,
  "dvars_std": 1.3455909835555555,
  "dvars_vstd": 1.1010433320740742,
  "efc": 0.5558054144763499,
  "fber": 380.9002685546875,
  "fd_mean": 0.5517621403714102,
  "fd_num": 91,
  "fd_perc": 66.91176470588235,
  "fwhm_avg": 2.888700251272027,
  "fwhm_x": 2.7023166666666665,
  "fwhm_y": 3.0278397593689155,
  "fwhm_z": 2.9359443277804984,
  "gcor": 0.115997,
  "gsr_x": -0.00857533048838377,
  "gsr_y": 0.06297814846038818,
  "provenance": {
    "md5sum": "965266a7646ef1b6b96722aec23023d7",
    "settings": {
      "fd_thres": 0.2,
      "testing": false
    },
    "software": "mriqc",
    "version": "22.0.6",
    "webapi_port": null,
    "webapi_url": "https://mriqc.nimh.nih.gov/api/v1"
  },
  "size_t": 136,
  "size_x": 70,
  "size_y": 70,
  "size_z": 32,
  "snr": 2.5609364158504624,
  "spacing_tr": 2.0,
  "spacing_x": 3.0,
  "spacing_y": 3.000000238418579,
  "spacing_z": 3.6000001430511475,
  "summary_bg_k": 24.734258534314343,
  "summary_bg_mad": 5.407137003754669,
  "summary_bg_mean": 36.65488815307617,
  "summary_bg_median": 20.02941131591797,
  "summary_bg_n": 90121.0,
  "summary_bg_p05": 16.110294342041016,
  "summary_bg_p95": 125.24264526367188,
  "summary_bg_stdv": 46.040130615234375,
  "summary_fg_k": 0.9240641050381511,
  "summary_fg_mad": 144.43377067193356,
  "summary_fg_mean": 431.2582702636719,
  "summary_fg_median": 400.8382263183594,
  "summary_fg_n": 30999.0,
  "summary_fg_p05": 232.05955963134767,
  "summary_fg_p95": 733.8610534667968,
  "summary_fg_stdv": 156.5176544189453,
  "tsnr": 37.36927735270001
}