{
  "aor": 0.014749451219512195,
  "aqi": 0.00651749237804878,
  "bids_meta": {
    "AcquisitionMatrixPE": 70,
    "AcquisitionNumber": 1,
    "AcquisitionTime": "12:27:25.280000",
    "BandwidthPerPixelPhaseEncode": 29.155,
    "BaseResolution": 70,
    "BodyPartExamined": "BRAIN",
    "ConsistencyInfo": "N4_VE11C_LATEST_20160120",
    "ConversionSoftware": "dcm2niix",
    "ConversionSoftwareVersion": "v1.0.20181125  (JP2:OpenJPEG) (JP-LS:CharLS) GCC5.5.0",
    "DerivedVendorReportedEchoSpacing": 0.000489992,
    "DeviceSerialNumber": "167012",
    "DwellTime": 3e-06,
    "EchoTime": 0.03,
    "EchoTrainLength": 70,
    "EffectiveEchoSpacing": 0.000489992,
    "FlipAngle": 90,
    "ImageOrientationPatientDICOM": [
      0.993989,
      -0.0867773,
      0.0667576,
      0.0873123,
      0.996168,
      -0.00513377
    ],
    "ImageType": [
      "ORIGINAL",
      "PRIMARY",
      "M",
      "ND",
      "MOSAIC"
    ],
    "ImagingFrequency": 123.254,
    "InPlanePhaseEncodingDirectionDICOM": "COL",
    "InstitutionAddress": "Vassar_Street_43_Cambridge_Boston_US_02139",
    "InstitutionName": "McGovern_Institute_for_Brain_Research_(3T1)",
    "InstitutionalDepartmentName": "Department",
    "MRAcquisitionType": "2D",
    "MagneticFieldStrength": 3,
    "Manufacturer": "Siemens",
    "ManufacturersModelName": "Prisma_fit",
    "Modality": "MR",
    "PartialFourier": 1,
    "PatientPosition": "HFS",
    "PercentPhaseFOV": 100,
    "PhaseEncodingDirection": "j-",
    "PhaseEncodingSteps": 70,
    "PhaseResolution": 1,
    "PixelBandwidth": 2380,
    "ProcedureStepDescription": "Young_Minjae",
    "ProtocolName": "TPS_RUN6",
    "PulseSequenceDetails": "%SiemensSeq%_ep2d_pace",
    "ReceiveCoilActiveElements": "HEA;HEP",
    "ReceiveCoilName": "Head_32",
    "ReconMatrixPE": 70,
    "RepetitionTime": 2,
    "SAR": 0.0925973,
    "ScanOptions": "FS",
    "ScanningSequence": "EP",
    "SequenceName": "_epfid2d1_70",
    "SequenceVariant": "SK",
    "SeriesDescription": "TPS_RUN6",
    "SeriesNumber": 25,
    "ShimSetting": [
      -5618,
      -1563,
      3172,
      523,
      -16,
      9,
      83,
      12
    ],
    "SliceThickness": 3,
    "SliceTiming": [
      0,
      0.0625,
      0.125,
      0.185,
      0.2475,
      0.31,
      0.3725,
      0.4325,
      0.495,
      0.5575,
      0.62,
      0.68,
      0.7425,
      0.805,
      0.8675,
      0.9275,
      0.99,
      1.0525,
      1.1125,
      1.175,
      1.2375,
      1.3,
      1.36,
      1.4225,
      1.485,
      1.5475,
      1.6075,
      1.67,
      1.7325,
      1.795,
      1.855,
      1.9175
    ],
    "SoftwareVersions": "syngo_MR_E11",
    "SpacingBetweenSlices": 3.6,
    "StationName": "MRC35115",
    "TaskName": "tps",
    "TotalReadoutTime": 0.0338094,
    "TxRefAmp": 216.169,
    "dataset": "ds002793",
    "modality": "bold",
    "run_id": 6,
    "subject_id": "12",
    "task_id": "tps"
  },
  "dummy_trs": 1,
  "dvars_nstd": 47.227039137975446,
  "dvars_std": 1.3779467176687112,
  "dvars_vstd": 1.1023255884049072,
  "efc": 0.5288560815218794,
  "fber": 440.0489807128906,
  "fd_mean": 0.7677058745536106,
  "fd_num": 155,
  "fd_perc": 94.51219512195122,
  "fwhm_avg": 2.929686174766863,
  "fwhm_x": 2.6439066666666666,
  "fwhm_y": 3.030013092529528,
  "fwhm_z": 3.115138765104396,
  "gcor": 0.0565425,
  "gsr_x": 0.013668089173734188,
  "gsr_y": 0.0680697113275528,
  "provenance": {
    "md5sum": "4946f12d3fac36477741956c843ccf79",
    "settings": {
      "fd_thres": 0.2,
      "testing": false
    },
    "software": "mriqc",
    "version": "22.0.6",
    "webapi_port": null,
    "webapi_url": "https://mriqc.nimh.nih.gov/api/v1"
  },
  "size_t": 164,
  "size_x": 70,
  "size_y": 70,
  "size_z": 32,
  "snr": 2.469569325278005,
  "spacing_tr": 2.0,
  "spacing_x": 3.0,
  "spacing_y": 3.000000238418579,
  "spacing_z": 3.6000001430511475,
  "summary_bg_k": 28.78254741717346,
  "summary_bg_mad": 2.6668758728524105,
  "summary_bg_mean": 31.078611373901367,
  "summary_bg_median": 17.621950149536133,
  "summary_bg_n": 96812.0,
  "summary_bg_p05": 15.682926177978516,
  "summary_bg_p95": 100.12743453979489,
  "summary_bg_stdv": 38.34806823730469,
  "summary_fg_k": 1.8259261012949812,
  "summary_fg_mad": 122.53615940182156,
  "summary_fg_mean": 404.08172607421875,
  "summary_fg_median": 368.7042541503906,
  "summary_fg_n": 27974.0,
  "summary_fg_p05": 229.4164581298828,
  "summary_fg_p95": 705.3584991455077,
  "summary_fg_stdv": 149.2963409423828,
  "tsnr": 47.5424920207588
}