{
  "aor": 0.007151818181818181,
  "aqi": 0.002346612612121212,
  "bids_meta": {
    "AcquisitionMatrixPE": 70,
    "AcquisitionNumber": 1,
    "AcquisitionTime": "11:20:58.470000",
    "BandwidthPerPixelPhaseEncode": 29.155,
    "BaseResolution": 70,
    "BodyPartExamined": "BRAIN",
    "ConsistencyInfo": "N4_VE11C_LATEST_20160120",
    "ConversionSoftware": "dcm2niix",
    "ConversionSoftwareVersion": "v1.0.20181125  (JP2:OpenJPEG) (JP-LS:CharLS) GCC5.5.0",
    "DerivedVendorReportedEchoSpacing": 0.000489992,
    "DeviceSerialNumber": "167012",
    "DwellTime": 3e-06,
    "EchoTime": 0.03,
    "EchoTrainLength": 70,
    "EffectiveEchoSpacing": 0.000489992,
    "FlipAngle": 90,
    "ImageOrientationPatientDICOM": [
      0.98525,
      0.0934745,
      -0.143338,
      -0.0853319,
      0.994425,
      0.0619524
    ],
    "ImageType": [
      "ORIGINAL",
      "PRIMARY",
      "M",
      "ND",
      "MOSAIC"
    ],
    "ImagingFrequency": 123.253,
    "InPlanePhaseEncodingDirectionDICOM": "COL",
    "InstitutionAddress": "Vassar_Street_43_Cambridge_Boston_US_02139",
    "InstitutionName": "MIT",
    "InstitutionalDepartmentName": "Department",
    "MRAcquisitionType": "2D",
    "MagneticFieldStrength": 3,
    "Manufacturer": "Siemens",
    "ManufacturersModelName": "Prisma_fit",
    "Modality": "MR",
    "PartialFourier": 1,
    "PatientPosition": "HFS",
    "PercentPhaseFOV": 100,
    "PhaseEncodingDirection": "j-",
    "PhaseEncodingSteps": 70,
    "PhaseResolution": 1,
    "PixelBandwidth": 2380,
    "ProcedureStepDescription": "Young_Minjae",
    "ProtocolName": "TPS_run1",
    "PulseSequenceDetails": "%SiemensSeq%_ep2d_pace",
    "ReceiveCoilActiveElements": "HEA;HEP",
    "ReceiveCoilName": "Head_32",
    "ReconMatrixPE": 70,
    "RepetitionTime": 2,
    "SAR": 0.103233,
    "ScanOptions": "FS",
    "ScanningSequence": "EP",
    "SequenceName": "_epfid2d1_70",
    "SequenceVariant": "SK",
    "SeriesDescription": "TPS_run1",
    "SeriesNumber": 17,
    "ShimSetting": [
      -5654,
      -1570,
      3203,
      453,
      -22,
      -78,
      49,
      22
    ],
    "SliceThickness": 3,
    "SliceTiming": [
      0,
      0.0625,
      0.1225,
      0.185,
      0.2475,
      0.31,
      0.37,
      0.4325,
      0.495,
      0.5575,
      0.6175,
      0.68,
      0.7425,
      0.805,
      0.865,
      0.9275,
      0.99,
      1.0525,
      1.1125,
      1.175,
      1.2375,
      1.3,
      1.36,
      1.4225,
      1.485,
      1.5475,
      1.6075,
      1.67,
      1.7325,
      1.795,
      1.855,
      1.9175
    ],
    "SoftwareVersions": "syngo_MR_E11",
    "SpacingBetweenSlices": 3.6,
    "StationName": "MRC35115",
    "TaskName": "tps",
    "TotalReadoutTime": 0.0338094,
    "TxRefAmp": 219.875,
    "dataset": "ds002793",
    "modality": "bold",
    "run_id": 1,
    "subject_id": "30",
    "task_id": "tps"
  },
  "dummy_trs": 0,
  "dvars_nstd": 22.836412982012202,
  "dvars_std": 1.2567895603048782,
  "dvars_vstd": 1.0395984196951222,
  "efc": 0.5459546942365276,
  "fber": 429.9732971191406,
  "fd_mean": 0.18865763831020085,
  "fd_num": 41,
  "fd_perc": 24.848484848484848,
  "fwhm_avg": 2.7551820015490587,
  "fwhm_x": 2.6129266666666666,
  "fwhm_y": 2.9733666666666667,
  "fwhm_z": 2.679252671313842,
  "gcor": 0.0896627,
  "gsr_x": -0.027134977281093597,
  "gsr_y": 0.08438227325677872,
  "provenance": {
    "md5sum": "3a13dc8371093b4d12bd191d92bbd0c5",
    "settings": {
      "fd_thres": 0.2,
      "testing": false
    },
    "software": "mriqc",
    "version": "22.0.6",
    "webapi_port": null,
    "webapi_url": "https://mriqc.nimh.nih.gov/api/v1"
  },
  "size_t": 165,
  "size_x": 70,
  "size_y": 70,
  "size_z": 32,
  "snr": 2.5387376111363293,
  "spacing_tr": 2.0,
  "spacing_x": 3.0,
  "spacing_y": 3.0,
  "spacing_z": 3.6000001430511475,
  "summary_bg_k": 20.839288314288595,
  "summary_bg_mad": 5.7776546499332895,
  "summary_bg_mean": 45.21749496459961,
  "summary_bg_median": 21.006059646606445,
  "summary_bg_n": 94281.0,
  "summary_bg_p05": 16.85454559326172,
  "summary_bg_p95": 174.2848358154297,
  "summary_bg_stdv": 64.8537826538086,
  "summary_fg_k": -0.19450434756217438,
  "summary_fg_mad": 182.95310471450549,
  "summary_fg_mean": 475.48028564453125,
  "summary_fg_median": 447.6848449707031,
  "summary_fg_n": 27419.0,
  "summary_fg_p05": 236.03030090332032,
  "summary_fg_p95": 802.7248291015625,
  "summary_fg_stdv": 176.3383026123047,
  "tsnr": 76.94442358531523
}