{
  "aor": 0.001613636363636364,
  "aqi": 0.002491736666666667,
  "bids_meta": {
    "AcquisitionMatrixPE": 70,
    "AcquisitionNumber": 1,
    "AcquisitionTime": "11:53:17.817500",
    "BandwidthPerPixelPhaseEncode": 29.155,
    "BaseResolution": 70,
    "BodyPartExamined": "BRAIN",
    "ConsistencyInfo": "N4_VE11C_LATEST_20160120",
    "ConversionSoftware": "dcm2niix",
    "ConversionSoftwareVersion": "v1.0.20181125  (JP2:OpenJPEG) (JP-LS:CharLS) GCC5.5.0",
    "DerivedVendorReportedEchoSpacing": 0.000489992,
    "DeviceSerialNumber": "167012",
    "DwellTime": 3e-06,
    "EchoTime": 0.03,
    "EchoTrainLength": 70,
    "EffectiveEchoSpacing": 0.000489992,
    "FlipAngle": 90,
    "ImageOrientationPatientDICOM": [
      0.98525,
      0.0934745,
      -0.143338,
      -0.0853319,
      0.994425,
      0.0619524
    ],
    "ImageType": [
      "ORIGINAL",
      "PRIMARY",
      "M",
      "ND",
      "MOSAIC"
    ],
    "ImagingFrequency": 123.253,
    "InPlanePhaseEncodingDirectionDICOM": "COL",
    "InstitutionAddress": "Vassar_Street_43_Cambridge_Boston_US_02139",
    "InstitutionName": "MIT",
    "InstitutionalDepartmentName": "Department",
    "MRAcquisitionType": "2D",
    "MagneticFieldStrength": 3,
    "Manufacturer": "Siemens",
    "ManufacturersModelName": "Prisma_fit",
    "Modality": "MR",
    "PartialFourier": 1,
    "PatientPosition": "HFS",
    "PercentPhaseFOV": 100,
    "PhaseEncodingDirection": "j-",
    "PhaseEncodingSteps": 70,
    "PhaseResolution": 1,
    "PixelBandwidth": 2380,
    "ProcedureStepDescription": "Young_Minjae",
    "ProtocolName": "TPS_run6",
    "PulseSequenceDetails": "%SiemensSeq%_ep2d_pace",
    "ReceiveCoilActiveElements": "HEA;HEP",
    "ReceiveCoilName": "Head_32",
    "ReconMatrixPE": 70,
    "RepetitionTime": 2,
    "SAR": 0.103233,
    "ScanOptions": "FS",
    "ScanningSequence": "EP",
    "SequenceName": "_epfid2d1_70",
    "SequenceVariant": "SK",
    "SeriesDescription": "TPS_run6",
    "SeriesNumber": 29,
    "ShimSetting": [
      -5654,
      -1570,
      3203,
      453,
      -22,
      -78,
      49,
      22
    ],
    "SliceThickness": 3,
    "SliceTiming": [
      0,
      0.06,
      0.1225,
      0.185,
      0.2475,
      0.3075,
      0.37,
      0.4325,
      0.495,
      0.555,
      0.6175,
      0.68,
      0.7425,
      0.8025,
      0.865,
      0.9275,
      0.99,
      1.05,
      1.1125,
      1.175,
      1.2375,
      1.2975,
      1.36,
      1.4225,
      1.485,
      1.545,
      1.6075,
      1.67,
      1.7325,
      1.7925,
      1.855,
      1.9175
    ],
    "SoftwareVersions": "syngo_MR_E11",
    "SpacingBetweenSlices": 3.6,
    "StationName": "MRC35115",
    "TaskName": "tps",
    "TotalReadoutTime": 0.0338094,
    "TxRefAmp": 219.875,
    "dataset": "ds002793",
    "modality": "bold",
    "run_id": 6,
    "subject_id": "30",
    "task_id": "tps"
  },
  "dummy_trs": 0,
  "dvars_nstd": 22.04787868420732,
  "dvars_std": 1.1893072213414635,
  "dvars_vstd": 1.0022382904878047,
  "efc": 0.5314578785048215,
  "fber": 454.2236022949219,
  "fd_mean": 0.25424459070027705,
  "fd_num": 113,
  "fd_perc": 68.48484848484848,
  "fwhm_avg": 2.750838110508552,
  "fwhm_x": 2.5347500000000003,
  "fwhm_y": 2.87607,
  "fwhm_z": 2.841694331525657,
  "gcor": 0.0285103,
  "gsr_x": -0.008453287184238434,
  "gsr_y": 0.10978922247886658,
  "provenance": {
    "md5sum": "310e4262fea7a53628e5cd31a36ba0c8",
    "settings": {
      "fd_thres": 0.2,
      "testing": false
    },
    "software": "mriqc",
    "version": "22.0.6",
    "webapi_port": null,
    "webapi_url": "https://mriqc.nimh.nih.gov/api/v1"
  },
  "size_t": 165,
  "size_x": 70,
  "size_y": 70,
  "size_z": 32,
  "snr": 2.540326951741865,
  "spacing_tr": 2.0,
  "spacing_x": 3.0,
  "spacing_y": 3.0,
  "spacing_z": 3.6000001430511475,
  "summary_bg_k": 25.51377485930392,
  "summary_bg_mad": 2.89332076163734,
  "summary_bg_mean": 37.80487060546875,
  "summary_bg_median": 18.193939208984375,
  "summary_bg_n": 98644.0,
  "summary_bg_p05": 16.12727165222168,
  "summary_bg_p95": 140.90545120239236,
  "summary_bg_stdv": 55.97193908691406,
  "summary_fg_k": 0.8970811198716802,
  "summary_fg_mad": 143.01270223691085,
  "summary_fg_mean": 419.9680480957031,
  "summary_fg_median": 390.3939208984375,
  "summary_fg_n": 25237.0,
  "summary_fg_p05": 226.60120239257813,
  "summary_fg_p95": 720.212109375,
  "summary_fg_stdv": 153.67556762695312,
  "tsnr": 85.27817011624575
}