{
  "aor": 0.0025087195121951222,
  "aqi": 0.0034774898780487802,
  "bids_meta": {
    "AcquisitionMatrixPE": 70,
    "AcquisitionNumber": 1,
    "AcquisitionTime": "12:18:32.340000",
    "BandwidthPerPixelPhaseEncode": 29.155,
    "BaseResolution": 70,
    "BodyPartExamined": "BRAIN",
    "ConsistencyInfo": "N4_VE11C_LATEST_20160120",
    "ConversionSoftware": "dcm2niix",
    "ConversionSoftwareVersion": "v1.0.20181125  (JP2:OpenJPEG) (JP-LS:CharLS) GCC5.5.0",
    "DerivedVendorReportedEchoSpacing": 0.000489992,
    "DeviceSerialNumber": "167012",
    "DwellTime": 3e-06,
    "EchoTime": 0.03,
    "EchoTrainLength": 70,
    "EffectiveEchoSpacing": 0.000489992,
    "FlipAngle": 90,
    "ImageOrientationPatientDICOM": [
      0.98525,
      0.0934745,
      -0.143338,
      -0.0853319,
      0.994425,
      0.0619524
    ],
    "ImageType": [
      "ORIGINAL",
      "PRIMARY",
      "M",
      "ND",
      "MOSAIC"
    ],
    "ImagingFrequency": 123.253,
    "InPlanePhaseEncodingDirectionDICOM": "COL",
    "InstitutionAddress": "Vassar_Street_43_Cambridge_Boston_US_02139",
    "InstitutionName": "MIT",
    "InstitutionalDepartmentName": "Department",
    "MRAcquisitionType": "2D",
    "MagneticFieldStrength": 3,
    "Manufacturer": "Siemens",
    "ManufacturersModelName": "Prisma_fit",
    "Modality": "MR",
    "PartialFourier": 1,
    "PatientPosition": "HFS",
    "PercentPhaseFOV": 100,
    "PhaseEncodingDirection": "j-",
    "PhaseEncodingSteps": 70,
    "PhaseResolution": 1,
    "PixelBandwidth": 2380,
    "ProcedureStepDescription": "Young_Minjae",
    "ProtocolName": "TPS_run10",
    "PulseSequenceDetails": "%SiemensSeq%_ep2d_pace",
    "ReceiveCoilActiveElements": "HEA;HEP",
    "ReceiveCoilName": "Head_32",
    "ReconMatrixPE": 70,
    "RepetitionTime": 2,
    "SAR": 0.103233,
    "ScanOptions": "FS",
    "ScanningSequence": "EP",
    "SequenceName": "_epfid2d1_70",
    "SequenceVariant": "SK",
    "SeriesDescription": "TPS_run10",
    "SeriesNumber": 37,
    "ShimSetting": [
      -5654,
      -1570,
      3203,
      453,
      -22,
      -78,
      49,
      22
    ],
    "SliceThickness": 3,
    "SliceTiming": [
      0,
      0.0625,
      0.125,
      0.185,
      0.2475,
      0.31,
      0.3725,
      0.4325,
      0.495,
      0.5575,
      0.62,
      0.68,
      0.7425,
      0.805,
      0.8675,
      0.9275,
      0.99,
      1.0525,
      1.115,
      1.175,
      1.2375,
      1.3,
      1.3625,
      1.4225,
      1.485,
      1.5475,
      1.61,
      1.67,
      1.7325,
      1.795,
      1.8575,
      1.9175
    ],
    "SoftwareVersions": "syngo_MR_E11",
    "SpacingBetweenSlices": 3.6,
    "StationName": "MRC35115",
    "TaskName": "tps",
    "TotalReadoutTime": 0.0338094,
    "TxRefAmp": 219.875,
    "dataset": "ds002793",
    "modality": "bold",
    "run_id": 10,
    "subject_id": "30",
    "task_id": "tps"
  },
  "dummy_trs": 1,
  "dvars_nstd": 21.117091179018402,
  "dvars_std": 1.2106523444785278,
  "dvars_vstd": 1.0111757538650303,
  "efc": 0.5422188823766854,
  "fber": 440.5540771484375,
  "fd_mean": 0.17439746630756164,
  "fd_num": 37,
  "fd_perc": 22.5609756097561,
  "fwhm_avg": 2.695042927626608,
  "fwhm_x": 2.5713033333333333,
  "fwhm_y": 2.8460199999999998,
  "fwhm_z": 2.6678054495464916,
  "gcor": 0.0328036,
  "gsr_x": -0.021900413557887077,
  "gsr_y": 0.10475584119558334,
  "provenance": {
    "md5sum": "de19393d7156f3a081f0b15769701eb0",
    "settings": {
      "fd_thres": 0.2,
      "testing": false
    },
    "software": "mriqc",
    "version": "22.0.6",
    "webapi_port": null,
    "webapi_url": "https://mriqc.nimh.nih.gov/api/v1"
  },
  "size_t": 164,
  "size_x": 70,
  "size_y": 70,
  "size_z": 32,
  "snr": 2.5413923344765923,
  "spacing_tr": 2.0,
  "spacing_x": 3.0,
  "spacing_y": 3.0,
  "spacing_z": 3.6000001430511475,
  "summary_bg_k": 20.626809606844954,
  "summary_bg_mad": 4.881738598322448,
  "summary_bg_mean": 43.96708679199219,
  "summary_bg_median": 20.06707191467285,
  "summary_bg_n": 96416.0,
  "summary_bg_p05": 16.591463088989258,
  "summary_bg_p95": 170.26676559448242,
  "summary_bg_stdv": 64.74951171875,
  "summary_fg_k": 0.37234116117054983,
  "summary_fg_mad": 163.70094843443877,
  "summary_fg_mean": 456.959716796875,
  "summary_fg_median": 426.3475341796875,
  "summary_fg_n": 26421.0,
  "summary_fg_p05": 240.71340942382812,
  "summary_fg_p95": 781.7621459960938,
  "summary_fg_stdv": 167.7582244873047,
  "tsnr": 80.74172539287247
}