{
  "aor": 0.002712058823529412,
  "aqi": 0.0017342160514705882,
  "bids_meta": {
    "AcquisitionMatrixPE": 70,
    "AcquisitionNumber": 1,
    "AcquisitionTime": "09:42:37.620000",
    "BandwidthPerPixelPhaseEncode": 29.155,
    "BaseResolution": 70,
    "BodyPartExamined": "BRAIN",
    "ConsistencyInfo": "N4_VE11C_LATEST_20160120",
    "ConversionSoftware": "dcm2niix",
    "ConversionSoftwareVersion": "v1.0.20181125  (JP2:OpenJPEG) (JP-LS:CharLS) GCC5.5.0",
    "DerivedVendorReportedEchoSpacing": 0.000489992,
    "DeviceSerialNumber": "167012",
    "DwellTime": 3e-06,
    "EchoTime": 0.03,
    "EchoTrainLength": 70,
    "EffectiveEchoSpacing": 0.000489992,
    "FlipAngle": 90,
    "ImageOrientationPatientDICOM": [
      0.992969,
      -0.0993523,
      0.0643563,
      0.101913,
      0.994075,
      -0.0378004
    ],
    "ImageType": [
      "ORIGINAL",
      "PRIMARY",
      "M",
      "ND",
      "MOSAIC"
    ],
    "ImagingFrequency": 123.253,
    "InPlanePhaseEncodingDirectionDICOM": "COL",
    "InstitutionAddress": "Vassar_Street_43_Cambridge_Boston_US_02139",
    "InstitutionName": "McGovern_Institute_for_Brain_Research_(3T1)",
    "InstitutionalDepartmentName": "Department",
    "MRAcquisitionType": "2D",
    "MagneticFieldStrength": 3,
    "Manufacturer": "Siemens",
    "ManufacturersModelName": "Prisma_fit",
    "Modality": "MR",
    "PartialFourier": 1,
    "PatientPosition": "HFS",
    "PercentPhaseFOV": 100,
    "PhaseEncodingDirection": "j-",
    "PhaseEncodingSteps": 70,
    "PhaseResolution": 1,
    "PixelBandwidth": 2380,
    "ProcedureStepDescription": "Young_Minjae",
    "ProtocolName": "tom_localizer_run1",
    "PulseSequenceDetails": "%SiemensSeq%_ep2d_pace",
    "ReceiveCoilActiveElements": "HEA;HEP",
    "ReceiveCoilName": "Head_32",
    "ReconMatrixPE": 70,
    "RepetitionTime": 2,
    "SAR": 0.0894289,
    "ScanOptions": "FS",
    "ScanningSequence": "EP",
    "SequenceName": "_epfid2d1_70",
    "SequenceVariant": "SK",
    "SeriesDescription": "tom_localizer_run1",
    "SeriesNumber": 11,
    "ShimSetting": [
      -5585,
      -1553,
      3208,
      614,
      49,
      168,
      -78,
      -45
    ],
    "SliceThickness": 3,
    "SliceTiming": [
      0,
      0.0625,
      0.125,
      0.1875,
      0.2475,
      0.31,
      0.3725,
      0.435,
      0.495,
      0.5575,
      0.62,
      0.6825,
      0.7425,
      0.805,
      0.8675,
      0.93,
      0.99,
      1.0525,
      1.115,
      1.1775,
      1.2375,
      1.3,
      1.3625,
      1.425,
      1.485,
      1.5475,
      1.61,
      1.6725,
      1.7325,
      1.795,
      1.8575,
      1.92
    ],
    "SoftwareVersions": "syngo_MR_E11",
    "SpacingBetweenSlices": 3.6,
    "StationName": "MRC35115",
    "TaskName": "tom",
    "TotalReadoutTime": 0.0338094,
    "TxRefAmp": 217.918,
    "dataset": "ds002793",
    "modality": "bold",
    "run_id": 1,
    "subject_id": "27",
    "task_id": "tom"
  },
  "dummy_trs": 0,
  "dvars_nstd": 18.040817077111118,
  "dvars_std": 1.2093891179259266,
  "dvars_vstd": 1.0050006739259263,
  "efc": 0.5428846645054767,
  "fber": 380.1823425292969,
  "fd_mean": 0.0831070725242568,
  "fd_num": 4,
  "fd_perc": 2.9411764705882355,
  "fwhm_avg": 2.8588311367705437,
  "fwhm_x": 2.6308000000000002,
  "fwhm_y": 3.0398599999999996,
  "fwhm_z": 2.9058334103116303,
  "gcor": 0.0299498,
  "gsr_x": 0.00714290514588356,
  "gsr_y": 0.03164300322532654,
  "provenance": {
    "md5sum": "3e167b0eea4fa627ccf900fa9d079316",
    "settings": {
      "fd_thres": 0.2,
      "testing": false
    },
    "software": "mriqc",
    "version": "22.0.6",
    "webapi_port": null,
    "webapi_url": "https://mriqc.nimh.nih.gov/api/v1"
  },
  "size_t": 136,
  "size_x": 70,
  "size_y": 70,
  "size_z": 32,
  "snr": 2.5090377430507895,
  "spacing_tr": 2.0,
  "spacing_x": 3.0,
  "spacing_y": 3.0,
  "spacing_z": 3.5999999046325684,
  "summary_bg_k": 54.319325017936016,
  "summary_bg_mad": 6.573595270420308,
  "summary_bg_mean": 35.112701416015625,
  "summary_bg_median": 21.014705657958984,
  "summary_bg_n": 90774.0,
  "summary_bg_p05": 16.15441131591797,
  "summary_bg_p95": 98.09080810546868,
  "summary_bg_stdv": 47.260101318359375,
  "summary_fg_k": 0.5351163846600597,
  "summary_fg_mad": 155.41160124971333,
  "summary_fg_mean": 453.4161682128906,
  "summary_fg_median": 418.2573547363281,
  "summary_fg_n": 30158.0,
  "summary_fg_p05": 241.17941207885744,
  "summary_fg_p95": 775.6048004150388,
  "summary_fg_stdv": 166.69754028320312,
  "tsnr": 98.58721830602735
}