{
  "aor": 0.001998814814814815,
  "aqi": 0.003259027407407407,
  "bids_meta": {
    "AcquisitionMatrixPE": 70,
    "AcquisitionNumber": 1,
    "AcquisitionTime": "16:29:59.520000",
    "BandwidthPerPixelPhaseEncode": 29.155,
    "BaseResolution": 70,
    "BodyPartExamined": "BRAIN",
    "ConsistencyInfo": "N4_VE11C_LATEST_20160120",
    "ConversionSoftware": "dcm2niix",
    "ConversionSoftwareVersion": "v1.0.20181125  (JP2:OpenJPEG) (JP-LS:CharLS) GCC5.5.0",
    "DerivedVendorReportedEchoSpacing": 0.000489992,
    "DeviceSerialNumber": "167012",
    "DwellTime": 3e-06,
    "EchoTime": 0.03,
    "EchoTrainLength": 70,
    "EffectiveEchoSpacing": 0.000489992,
    "FlipAngle": 90,
    "ImageOrientationPatientDICOM": [
      0.993954,
      -0.0591583,
      0.0924984,
      0.0540047,
      0.996898,
      0.0572613
    ],
    "ImageType": [
      "ORIGINAL",
      "PRIMARY",
      "M",
      "ND",
      "MOSAIC"
    ],
    "ImagingFrequency": 123.253,
    "InPlanePhaseEncodingDirectionDICOM": "COL",
    "InstitutionAddress": "Vassar_Street_43_Cambridge_Boston_US_02139",
    "InstitutionName": "McGovern_Institute_for_Brain_Research_(3T1)",
    "InstitutionalDepartmentName": "Department",
    "MRAcquisitionType": "2D",
    "MagneticFieldStrength": 3,
    "Manufacturer": "Siemens",
    "ManufacturersModelName": "Prisma_fit",
    "Modality": "MR",
    "PartialFourier": 1,
    "PatientPosition": "HFS",
    "PercentPhaseFOV": 100,
    "PhaseEncodingDirection": "j-",
    "PhaseEncodingSteps": 70,
    "PhaseResolution": 1,
    "PixelBandwidth": 2380,
    "ProcedureStepDescription": "Young_Minjae",
    "ProtocolName": "TPS",
    "PulseSequenceDetails": "%SiemensSeq%_ep2d_pace",
    "ReceiveCoilActiveElements": "HEA;HEP",
    "ReceiveCoilName": "Head_32",
    "ReconMatrixPE": 70,
    "RepetitionTime": 2,
    "SAR": 0.105758,
    "ScanOptions": "FS",
    "ScanningSequence": "EP",
    "SequenceName": "_epfid2d1_70",
    "SequenceVariant": "SK",
    "SeriesDescription": "TPS",
    "SeriesNumber": 13,
    "ShimSetting": [
      -5611,
      -1531,
      3141,
      416,
      -22,
      153,
      -57,
      -7
    ],
    "SliceThickness": 3,
    "SliceTiming": [
      0,
      0.0625,
      0.125,
      0.1875,
      0.2475,
      0.31,
      0.3725,
      0.435,
      0.495,
      0.5575,
      0.62,
      0.6825,
      0.7425,
      0.805,
      0.8675,
      0.93,
      0.99,
      1.0525,
      1.115,
      1.1775,
      1.2375,
      1.3,
      1.3625,
      1.425,
      1.485,
      1.5475,
      1.61,
      1.6725,
      1.7325,
      1.795,
      1.8575,
      1.92
    ],
    "SoftwareVersions": "syngo_MR_E11",
    "SpacingBetweenSlices": 3.6,
    "StationName": "MRC35115",
    "TaskName": "tom",
    "TotalReadoutTime": 0.0338094,
    "TxRefAmp": 240.571,
    "dataset": "ds002793",
    "modality": "bold",
    "run_id": 2,
    "subject_id": "29",
    "task_id": "tom"
  },
  "dummy_trs": 1,
  "dvars_nstd": 19.744458227313434,
  "dvars_std": 1.2352108952985075,
  "dvars_vstd": 1.0187635020149255,
  "efc": 0.5970342743055065,
  "fber": 270.8778991699219,
  "fd_mean": 0.12229739486393085,
  "fd_num": 10,
  "fd_perc": 7.407407407407407,
  "fwhm_avg": 2.5795853369767223,
  "fwhm_x": 2.3738566666666667,
  "fwhm_y": 2.8437633333333334,
  "fwhm_z": 2.5211360109301673,
  "gcor": 0.0364357,
  "gsr_x": -0.010824101977050304,
  "gsr_y": 0.07965037971735,
  "provenance": {
    "md5sum": "8ea81c4fe794ab503bceef668e289278",
    "settings": {
      "fd_thres": 0.2,
      "testing": false
    },
    "software": "mriqc",
    "version": "22.0.6",
    "webapi_port": null,
    "webapi_url": "https://mriqc.nimh.nih.gov/api/v1"
  },
  "size_t": 135,
  "size_x": 70,
  "size_y": 70,
  "size_z": 32,
  "snr": 2.6572591454078927,
  "spacing_tr": 2.0,
  "spacing_x": 3.0,
  "spacing_y": 3.0,
  "spacing_z": 3.6000001430511475,
  "summary_bg_k": 18.207892678496112,
  "summary_bg_mad": 10.070713454644276,
  "summary_bg_mean": 56.612945556640625,
  "summary_bg_median": 24.82962989807129,
  "summary_bg_n": 86254.0,
  "summary_bg_p05": 17.38518524169922,
  "summary_bg_p95": 233.92110824584955,
  "summary_bg_stdv": 85.00421142578125,
  "summary_fg_k": 0.12861974486486538,
  "summary_fg_mad": 161.20826463551847,
  "summary_fg_mean": 441.1809997558594,
  "summary_fg_median": 415.6666564941406,
  "summary_fg_n": 33830.0,
  "summary_fg_p05": 229.26259231567383,
  "summary_fg_p95": 726.4566772460937,
  "summary_fg_stdv": 156.42453002929688,
  "tsnr": 92.40730157168582
}