{
  "aor": 0.011292121212121212,
  "aqi": 0.005612605212121212,
  "bids_meta": {
    "AcquisitionMatrixPE": 70,
    "AcquisitionNumber": 1,
    "AcquisitionTime": "17:06:51.857500",
    "BandwidthPerPixelPhaseEncode": 29.155,
    "BaseResolution": 70,
    "BodyPartExamined": "BRAIN",
    "ConsistencyInfo": "N4_VE11C_LATEST_20160120",
    "ConversionSoftware": "dcm2niix",
    "ConversionSoftwareVersion": "v1.0.20181125  (JP2:OpenJPEG) (JP-LS:CharLS) GCC5.5.0",
    "DerivedVendorReportedEchoSpacing": 0.000489992,
    "DeviceSerialNumber": "167012",
    "DwellTime": 3e-06,
    "EchoTime": 0.03,
    "EchoTrainLength": 70,
    "EffectiveEchoSpacing": 0.000489992,
    "FlipAngle": 90,
    "ImageOrientationPatientDICOM": [
      0.993954,
      -0.0591583,
      0.0924984,
      0.0540047,
      0.996898,
      0.0572613
    ],
    "ImageType": [
      "ORIGINAL",
      "PRIMARY",
      "M",
      "ND",
      "MOSAIC"
    ],
    "ImagingFrequency": 123.253,
    "InPlanePhaseEncodingDirectionDICOM": "COL",
    "InstitutionAddress": "Vassar_Street_43_Cambridge_Boston_US_02139",
    "InstitutionName": "McGovern_Institute_for_Brain_Research_(3T1)",
    "InstitutionalDepartmentName": "Department",
    "MRAcquisitionType": "2D",
    "MagneticFieldStrength": 3,
    "Manufacturer": "Siemens",
    "ManufacturersModelName": "Prisma_fit",
    "Modality": "MR",
    "PartialFourier": 1,
    "PatientPosition": "HFS",
    "PercentPhaseFOV": 100,
    "PhaseEncodingDirection": "j-",
    "PhaseEncodingSteps": 70,
    "PhaseResolution": 1,
    "PixelBandwidth": 2380,
    "ProcedureStepDescription": "Young_Minjae",
    "ProtocolName": "TPS_Run1",
    "PulseSequenceDetails": "%SiemensSeq%_ep2d_pace",
    "ReceiveCoilActiveElements": "HEA;HEP",
    "ReceiveCoilName": "Head_32",
    "ReconMatrixPE": 70,
    "RepetitionTime": 2,
    "SAR": 0.105857,
    "ScanOptions": "FS",
    "ScanningSequence": "EP",
    "SequenceName": "_epfid2d1_70",
    "SequenceVariant": "SK",
    "SeriesDescription": "TPS_Run1",
    "SeriesNumber": 25,
    "ShimSetting": [
      -5611,
      -1531,
      3141,
      416,
      -22,
      153,
      -57,
      -7
    ],
    "SliceThickness": 3,
    "SliceTiming": [
      0,
      0.06,
      0.1225,
      0.185,
      0.2475,
      0.3075,
      0.37,
      0.4325,
      0.495,
      0.555,
      0.6175,
      0.68,
      0.7425,
      0.8025,
      0.865,
      0.9275,
      0.99,
      1.05,
      1.1125,
      1.175,
      1.2375,
      1.2975,
      1.36,
      1.4225,
      1.485,
      1.545,
      1.6075,
      1.67,
      1.7325,
      1.7925,
      1.855,
      1.9175
    ],
    "SoftwareVersions": "syngo_MR_E11",
    "SpacingBetweenSlices": 3.6,
    "StationName": "MRC35115",
    "TaskName": "tps",
    "TotalReadoutTime": 0.0338094,
    "TxRefAmp": 240.571,
    "dataset": "ds002793",
    "modality": "bold",
    "run_id": 6,
    "subject_id": "29",
    "task_id": "tps"
  },
  "dummy_trs": 0,
  "dvars_nstd": 29.977552902500005,
  "dvars_std": 1.333974813658537,
  "dvars_vstd": 1.0785752029878046,
  "efc": 0.6002421195972006,
  "fber": 261.5056457519531,
  "fd_mean": 0.26503663198567523,
  "fd_num": 71,
  "fd_perc": 43.03030303030303,
  "fwhm_avg": 2.6072357068239698,
  "fwhm_x": 2.398753333333333,
  "fwhm_y": 2.8623233333333338,
  "fwhm_z": 2.5606304538052433,
  "gcor": 0.0734354,
  "gsr_x": -0.00904238410294056,
  "gsr_y": 0.07827870547771454,
  "provenance": {
    "md5sum": "a4026cd76e8f39f1ca4f77be109f63ff",
    "settings": {
      "fd_thres": 0.2,
      "testing": false
    },
    "software": "mriqc",
    "version": "22.0.6",
    "webapi_port": null,
    "webapi_url": "https://mriqc.nimh.nih.gov/api/v1"
  },
  "size_t": 165,
  "size_x": 70,
  "size_y": 70,
  "size_z": 32,
  "snr": 2.6389749008569927,
  "spacing_tr": 2.0,
  "spacing_x": 3.0,
  "spacing_y": 3.0,
  "spacing_z": 3.6000001430511475,
  "summary_bg_k": 16.333864998199072,
  "summary_bg_mad": 10.890385302658338,
  "summary_bg_mean": 60.079437255859375,
  "summary_bg_median": 25.66060447692871,
  "summary_bg_n": 86143.0,
  "summary_bg_p05": 17.59393882751465,
  "summary_bg_p95": 256.1999816894531,
  "summary_bg_stdv": 91.15619659423828,
  "summary_fg_k": 0.130334697840488,
  "summary_fg_mad": 164.30827782832915,
  "summary_fg_mean": 448.0443115234375,
  "summary_fg_median": 421.412109375,
  "summary_fg_n": 33981.0,
  "summary_fg_p05": 231.5393829345703,
  "summary_fg_p95": 739.6969604492188,
  "summary_fg_stdv": 159.68545532226562,
  "tsnr": 60.523875647224486
}