{
  "aor": 0.0032069512195121957,
  "aqi": 0.0029143383536585363,
  "bids_meta": {
    "AcquisitionMatrixPE": 70,
    "AcquisitionNumber": 1,
    "AcquisitionTime": "16:42:44.627500",
    "BandwidthPerPixelPhaseEncode": 29.155,
    "BaseResolution": 70,
    "BodyPartExamined": "BRAIN",
    "ConsistencyInfo": "N4_VE11C_LATEST_20160120",
    "ConversionSoftware": "dcm2niix",
    "ConversionSoftwareVersion": "v1.0.20181125  (JP2:OpenJPEG) (JP-LS:CharLS) GCC5.5.0",
    "DerivedVendorReportedEchoSpacing": 0.000489992,
    "DeviceSerialNumber": "167012",
    "DwellTime": 3e-06,
    "EchoTime": 0.03,
    "EchoTrainLength": 70,
    "EffectiveEchoSpacing": 0.000489992,
    "FlipAngle": 90,
    "ImageOrientationPatientDICOM": [
      0.993954,
      -0.0591583,
      0.0924984,
      0.0540047,
      0.996898,
      0.0572613
    ],
    "ImageType": [
      "ORIGINAL",
      "PRIMARY",
      "M",
      "ND",
      "MOSAIC"
    ],
    "ImagingFrequency": 123.253,
    "InPlanePhaseEncodingDirectionDICOM": "COL",
    "InstitutionAddress": "Vassar_Street_43_Cambridge_Boston_US_02139",
    "InstitutionName": "McGovern_Institute_for_Brain_Research_(3T1)",
    "InstitutionalDepartmentName": "Department",
    "MRAcquisitionType": "2D",
    "MagneticFieldStrength": 3,
    "Manufacturer": "Siemens",
    "ManufacturersModelName": "Prisma_fit",
    "Modality": "MR",
    "PartialFourier": 1,
    "PatientPosition": "HFS",
    "PercentPhaseFOV": 100,
    "PhaseEncodingDirection": "j-",
    "PhaseEncodingSteps": 70,
    "PhaseResolution": 1,
    "PixelBandwidth": 2380,
    "ProcedureStepDescription": "Young_Minjae",
    "ProtocolName": "TPS_Run1",
    "PulseSequenceDetails": "%SiemensSeq%_ep2d_pace",
    "ReceiveCoilActiveElements": "HEA;HEP",
    "ReceiveCoilName": "Head_32",
    "ReconMatrixPE": 70,
    "RepetitionTime": 2,
    "SAR": 0.105857,
    "ScanOptions": "FS",
    "ScanningSequence": "EP",
    "SequenceName": "_epfid2d1_70",
    "SequenceVariant": "SK",
    "SeriesDescription": "TPS_Run1",
    "SeriesNumber": 17,
    "ShimSetting": [
      -5611,
      -1531,
      3141,
      416,
      -22,
      153,
      -57,
      -7
    ],
    "SliceThickness": 3,
    "SliceTiming": [
      0,
      0.0625,
      0.1225,
      0.185,
      0.2475,
      0.31,
      0.37,
      0.4325,
      0.495,
      0.5575,
      0.6175,
      0.68,
      0.7425,
      0.805,
      0.865,
      0.9275,
      0.99,
      1.0525,
      1.1125,
      1.175,
      1.2375,
      1.3,
      1.36,
      1.4225,
      1.485,
      1.5475,
      1.6075,
      1.67,
      1.7325,
      1.795,
      1.855,
      1.9175
    ],
    "SoftwareVersions": "syngo_MR_E11",
    "SpacingBetweenSlices": 3.6,
    "StationName": "MRC35115",
    "TaskName": "tps",
    "TotalReadoutTime": 0.0338094,
    "TxRefAmp": 240.571,
    "dataset": "ds002793",
    "modality": "bold",
    "run_id": 2,
    "subject_id": "29",
    "task_id": "tps"
  },
  "dummy_trs": 1,
  "dvars_nstd": 22.473644759815947,
  "dvars_std": 1.2396608001227,
  "dvars_vstd": 1.0211707046625764,
  "efc": 0.5986611060825076,
  "fber": 265.7670593261719,
  "fd_mean": 0.15684319175114086,
  "fd_num": 38,
  "fd_perc": 23.170731707317074,
  "fwhm_avg": 2.583687003598023,
  "fwhm_x": 2.3977933333333334,
  "fwhm_y": 2.8287066666666667,
  "fwhm_z": 2.5245610107940695,
  "gcor": 0.0486255,
  "gsr_x": -0.006486466154456139,
  "gsr_y": 0.07760893553495407,
  "provenance": {
    "md5sum": "2cc4253316a977df3e95e67583e6a901",
    "settings": {
      "fd_thres": 0.2,
      "testing": false
    },
    "software": "mriqc",
    "version": "22.0.6",
    "webapi_port": null,
    "webapi_url": "https://mriqc.nimh.nih.gov/api/v1"
  },
  "size_t": 164,
  "size_x": 70,
  "size_y": 70,
  "size_z": 32,
  "snr": 2.6458356924848268,
  "spacing_tr": 2.0,
  "spacing_x": 3.0,
  "spacing_y": 3.0,
  "spacing_z": 3.6000001430511475,
  "summary_bg_k": 16.56911602943015,
  "summary_bg_mad": 10.522859510474428,
  "summary_bg_mean": 58.8640022277832,
  "summary_bg_median": 25.237804412841797,
  "summary_bg_n": 86576.0,
  "summary_bg_p05": 17.457317352294922,
  "summary_bg_p95": 250.33688354492188,
  "summary_bg_stdv": 88.92941284179688,
  "summary_fg_k": 0.12474416499548768,
  "summary_fg_mad": 162.168644112142,
  "summary_fg_mean": 443.3771057128906,
  "summary_fg_median": 417.0091247558594,
  "summary_fg_n": 33926.0,
  "summary_fg_p05": 230.16615295410156,
  "summary_fg_p95": 729.606689453125,
  "summary_fg_stdv": 157.60728454589844,
  "tsnr": 84.33071333239786
}