{
  "aor": 0.0037832727272727276,
  "aqi": 0.0048275109696969696,
  "bids_meta": {
    "AcquisitionMatrixPE": 70,
    "AcquisitionNumber": 1,
    "AcquisitionTime": "17:00:53.795000",
    "BandwidthPerPixelPhaseEncode": 29.155,
    "BaseResolution": 70,
    "BodyPartExamined": "BRAIN",
    "ConsistencyInfo": "N4_VE11C_LATEST_20160120",
    "ConversionSoftware": "dcm2niix",
    "ConversionSoftwareVersion": "v1.0.20181125  (JP2:OpenJPEG) (JP-LS:CharLS) GCC5.5.0",
    "DerivedVendorReportedEchoSpacing": 0.000489992,
    "DeviceSerialNumber": "167012",
    "DwellTime": 3e-06,
    "EchoTime": 0.03,
    "EchoTrainLength": 70,
    "EffectiveEchoSpacing": 0.000489992,
    "FlipAngle": 90,
    "ImageOrientationPatientDICOM": [
      0.993954,
      -0.0591583,
      0.0924984,
      0.0540047,
      0.996898,
      0.0572613
    ],
    "ImageType": [
      "ORIGINAL",
      "PRIMARY",
      "M",
      "ND",
      "MOSAIC"
    ],
    "ImagingFrequency": 123.253,
    "InPlanePhaseEncodingDirectionDICOM": "COL",
    "InstitutionAddress": "Vassar_Street_43_Cambridge_Boston_US_02139",
    "InstitutionName": "McGovern_Institute_for_Brain_Research_(3T1)",
    "InstitutionalDepartmentName": "Department",
    "MRAcquisitionType": "2D",
    "MagneticFieldStrength": 3,
    "Manufacturer": "Siemens",
    "ManufacturersModelName": "Prisma_fit",
    "Modality": "MR",
    "PartialFourier": 1,
    "PatientPosition": "HFS",
    "PercentPhaseFOV": 100,
    "PhaseEncodingDirection": "j-",
    "PhaseEncodingSteps": 70,
    "PhaseResolution": 1,
    "PixelBandwidth": 2380,
    "ProcedureStepDescription": "Young_Minjae",
    "ProtocolName": "TPS_Run1",
    "PulseSequenceDetails": "%SiemensSeq%_ep2d_pace",
    "ReceiveCoilActiveElements": "HEA;HEP",
    "ReceiveCoilName": "Head_32",
    "ReconMatrixPE": 70,
    "RepetitionTime": 2,
    "SAR": 0.105857,
    "ScanOptions": "FS",
    "ScanningSequence": "EP",
    "SequenceName": "_epfid2d1_70",
    "SequenceVariant": "SK",
    "SeriesDescription": "TPS_Run1",
    "SeriesNumber": 23,
    "ShimSetting": [
      -5611,
      -1531,
      3141,
      416,
      -22,
      153,
      -57,
      -7
    ],
    "SliceThickness": 3,
    "SliceTiming": [
      0,
      0.06,
      0.1225,
      0.185,
      0.2475,
      0.3075,
      0.37,
      0.4325,
      0.495,
      0.555,
      0.6175,
      0.68,
      0.7425,
      0.8025,
      0.865,
      0.9275,
      0.99,
      1.05,
      1.1125,
      1.175,
      1.2375,
      1.2975,
      1.36,
      1.4225,
      1.485,
      1.545,
      1.6075,
      1.67,
      1.7325,
      1.7925,
      1.855,
      1.9175
    ],
    "SoftwareVersions": "syngo_MR_E11",
    "SpacingBetweenSlices": 3.6,
    "StationName": "MRC35115",
    "TaskName": "tps",
    "TotalReadoutTime": 0.0338094,
    "TxRefAmp": 240.571,
    "dataset": "ds002793",
    "modality": "bold",
    "run_id": 5,
    "subject_id": "29",
    "task_id": "tps"
  },
  "dummy_trs": 0,
  "dvars_nstd": 25.082157117499996,
  "dvars_std": 1.2641126089634143,
  "dvars_vstd": 1.032587353414634,
  "efc": 0.6004684793362973,
  "fber": 259.8471984863281,
  "fd_mean": 0.18300684564715103,
  "fd_num": 52,
  "fd_perc": 31.515151515151516,
  "fwhm_avg": 2.5983212626133083,
  "fwhm_x": 2.4033866666666666,
  "fwhm_y": 2.848596666666667,
  "fwhm_z": 2.5429804545065915,
  "gcor": 0.0721583,
  "gsr_x": -0.006521173752844334,
  "gsr_y": 0.07830977439880371,
  "provenance": {
    "md5sum": "0c89a6b05de55e2459cb0db442499811",
    "settings": {
      "fd_thres": 0.2,
      "testing": false
    },
    "software": "mriqc",
    "version": "22.0.6",
    "webapi_port": null,
    "webapi_url": "https://mriqc.nimh.nih.gov/api/v1"
  },
  "size_t": 165,
  "size_x": 70,
  "size_y": 70,
  "size_z": 32,
  "snr": 2.644620579826656,
  "spacing_tr": 2.0,
  "spacing_x": 3.0,
  "spacing_y": 3.0,
  "spacing_z": 3.6000001430511475,
  "summary_bg_k": 16.493358501173933,
  "summary_bg_mad": 10.863430338312796,
  "summary_bg_mean": 60.297183990478516,
  "summary_bg_median": 25.612119674682617,
  "summary_bg_n": 86382.0,
  "summary_bg_p05": 17.581817626953125,
  "summary_bg_p95": 257.06000061035155,
  "summary_bg_stdv": 91.69084167480469,
  "summary_fg_k": 0.16181234637797948,
  "summary_fg_mad": 162.49316695187073,
  "summary_fg_mean": 445.7109069824219,
  "summary_fg_median": 419.2060546875,
  "summary_fg_n": 33963.0,
  "summary_fg_p05": 230.63150634765626,
  "summary_fg_p95": 733.9072631835935,
  "summary_fg_stdv": 158.51040649414062,
  "tsnr": 72.26217976724729
}