{
  "bids_meta": {
    "AcquisitionMatrixPE": 256,
    "AcquisitionNumber": 1,
    "AcquisitionTime": "14:01:10.717500",
    "BaseResolution": 256,
    "BodyPartExamined": "BRAIN",
    "ConsistencyInfo": "N4_VE11C_LATEST_20160120",
    "ConversionSoftware": "dcm2niix",
    "ConversionSoftwareVersion": "v1.0.20181125  (JP2:OpenJPEG) (JP-LS:CharLS) GCC5.5.0",
    "DeviceSerialNumber": "167012",
    "DwellTime": 3e-06,
    "EchoTime": 0.00169,
    "FlipAngle": 7,
    "ImageOrientationPatientDICOM": [
      0.0331305,
      0.999118,
      0.0258107,
      0.0374217,
      0.0245667,
      -0.998998
    ],
    "ImageType": [
      "ORIGINAL",
      "PRIMARY",
      "OTHER",
      "ND",
      "NORM",
      "MEAN"
    ],
    "ImagingFrequency": 123.253,
    "InPlanePhaseEncodingDirectionDICOM": "ROW",
    "InstitutionAddress": "Vassar_Street_43_Cambridge_Boston_US_02139",
    "InstitutionName": "McGovern_Institute_for_Brain_Research_(3T1)",
    "InstitutionalDepartmentName": "Department",
    "InversionTime": 1.4,
    "MRAcquisitionType": "3D",
    "MagneticFieldStrength": 3,
    "Manufacturer": "Siemens",
    "ManufacturersModelName": "Prisma_fit",
    "Modality": "MR",
    "PartialFourier": 1,
    "PatientPosition": "HFS",
    "PercentPhaseFOV": 100,
    "PhaseEncodingSteps": 255,
    "PhaseResolution": 1,
    "PixelBandwidth": 650,
    "ProcedureStepDescription": "Young_Minjae",
    "ProtocolName": "T1w_MPRAGE_FourEcho_vNav",
    "PulseSequenceDetails": "%CustomerSeq%_tfl_mgh_epinav_ABCD",
    "ReceiveCoilActiveElements": "HEA;HEP",
    "ReceiveCoilName": "Head_32",
    "ReconMatrixPE": 256,
    "RepetitionTime": 2.53,
    "SAR": 0.0391874,
    "ScanOptions": "IR_WE",
    "ScanningSequence": "GR_IR",
    "SequenceName": "tfl3d4_16ns",
    "SequenceVariant": "SK_SP_MP",
    "SeriesDescription": "T1w_MPRAGE_FourEcho_vNav_RMS",
    "SeriesNumber": 10,
    "ShimSetting": [
      -5627,
      -1596,
      3155,
      391,
      -24,
      -231,
      79,
      -38
    ],
    "SliceThickness": 1,
    "SoftwareVersions": "syngo_MR_E11",
    "StationName": "MRC35115",
    "TxRefAmp": 242.864,
    "WipMemBlock": "Prisma_epi_moco_navigator_ABCD_tfl.prot",
    "dataset": "ds002793",
    "modality": "T1w",
    "run_id": 1,
    "subject_id": "26"
  },
  "cjv": 0.39264324235346915,
  "cnr": 3.2466507274025513,
  "efc": 0.551162497476447,
  "fber": 28706.603704705245,
  "fwhm_avg": 3.9040033333333333,
  "fwhm_x": 3.86752,
  "fwhm_y": 4.12089,
  "fwhm_z": 3.7236,
  "icvs_csf": 0.19813919311885236,
  "icvs_gm": 0.42890407574821937,
  "icvs_wm": 0.37295673113292827,
  "inu_med": 0.3315659761428833,
  "inu_range": 0.11180137097835541,
  "provenance": {
    "md5sum": "67b50e873a05b30be7ee642e0b3acde5",
    "settings": {
      "testing": false
    },
    "software": "mriqc",
    "version": "22.0.6",
    "warnings": {
      "large_rot_frame": true,
      "small_air_mask": false
    },
    "webapi_port": null,
    "webapi_url": "https://mriqc.nimh.nih.gov/api/v1"
  },
  "qi_1": 0.0,
  "qi_2": 0.001568580766544183,
  "rpve_csf": 26.212869373480363,
  "rpve_gm": 12.970028088704288,
  "rpve_wm": 17.18067090880208,
  "size_x": 176,
  "size_y": 256,
  "size_z": 256,
  "snr_csf": 2.585696445937294,
  "snr_gm": 14.205084104213016,
  "snr_total": 15.796660960569023,
  "snr_wm": 30.59920233155676,
  "snrd_csf": 41.230467906301975,
  "snrd_gm": 101.40129121114005,
  "snrd_total": 90.33278181618635,
  "snrd_wm": 128.36658633111705,
  "spacing_x": 1.0,
  "spacing_y": 1.0,
  "spacing_z": 1.0,
  "summary_bg_k": 38.19507433848712,
  "summary_bg_mad": 0.0,
  "summary_bg_mean": 3.094555611172781,
  "summary_bg_median": 0.0,
  "summary_bg_n": 2915415.0,
  "summary_bg_p05": 0.0,
  "summary_bg_p95": 12.678412176668644,
  "summary_bg_stdv": 5.1037359708743475,
  "summary_csf_k": 0.56768754803204,
  "summary_csf_mad": 79.62796021464855,
  "summary_csf_mean": 310.4098130955532,
  "summary_csf_median": 321.19940542057157,
  "summary_csf_n": 37926.0,
  "summary_csf_p05": 79.0115924491547,
  "summary_csf_p95": 517.5786762367934,
  "summary_csf_stdv": 124.2199838821467,
  "summary_gm_k": 0.3724314035053409,
  "summary_gm_mad": 51.374737546163544,
  "summary_gm_mean": 789.6323579459045,
  "summary_gm_median": 789.9506384432316,
  "summary_gm_n": 27171.0,
  "summary_gm_p05": 697.0015430375934,
  "summary_gm_p95": 883.901172847487,
  "summary_gm_stdv": 55.609392796563455,
  "summary_wm_k": 0.45875858791622726,
  "summary_wm_mad": 31.107374754382977,
  "summary_wm_mean": 1000.6810113335521,
  "summary_wm_median": 1000.0194831434637,
  "summary_wm_n": 209597.0,
  "summary_wm_p05": 948.3141181468964,
  "summary_wm_p95": 1055.4972591251135,
  "summary_wm_stdv": 32.681149225007815,
  "tpm_overlap_csf": 0.15908454746121808,
  "tpm_overlap_gm": 0.4644850856336412,
  "tpm_overlap_wm": 0.5191619425131162,
  "wm2max": 0.9154947128564817
}