{
  "aor": 0.0035912686567164172,
  "aqi": 0.0029195207462686568,
  "bids_meta": {
    "AcquisitionMatrixPE": 70,
    "AcquisitionNumber": 1,
    "AcquisitionTime": "16:49:28.160000",
    "BandwidthPerPixelPhaseEncode": 29.155,
    "BaseResolution": 70,
    "BodyPartExamined": "BRAIN",
    "ConsistencyInfo": "N4_VE11C_LATEST_20160120",
    "ConversionSoftware": "dcm2niix",
    "ConversionSoftwareVersion": "v1.0.20181125  (JP2:OpenJPEG) (JP-LS:CharLS) GCC5.5.0",
    "DerivedVendorReportedEchoSpacing": 0.000489992,
    "DeviceSerialNumber": "167012",
    "DwellTime": 3e-06,
    "EchoTime": 0.03,
    "EchoTrainLength": 70,
    "EffectiveEchoSpacing": 0.000489992,
    "FlipAngle": 90,
    "ImageOrientationPatientDICOM": [
      0.995469,
      -0.0192095,
      0.0931306,
      0.00920856,
      0.994254,
      0.106649
    ],
    "ImageType": [
      "ORIGINAL",
      "PRIMARY",
      "M",
      "ND",
      "MOSAIC"
    ],
    "ImagingFrequency": 123.253,
    "InPlanePhaseEncodingDirectionDICOM": "COL",
    "InstitutionAddress": "Vassar_Street_43_Cambridge_Boston_US_02139",
    "InstitutionName": "McGovern_Institute_for_Brain_Research_(3T1)",
    "InstitutionalDepartmentName": "Department",
    "MRAcquisitionType": "2D",
    "MagneticFieldStrength": 3,
    "Manufacturer": "Siemens",
    "ManufacturersModelName": "Prisma_fit",
    "Modality": "MR",
    "PartialFourier": 1,
    "PatientPosition": "HFS",
    "PercentPhaseFOV": 100,
    "PhaseEncodingDirection": "j-",
    "PhaseEncodingSteps": 70,
    "PhaseResolution": 1,
    "PixelBandwidth": 2380,
    "ProcedureStepDescription": "Young_Minjae",
    "ProtocolName": "TOM_Run2",
    "PulseSequenceDetails": "%SiemensSeq%_ep2d_pace",
    "ReceiveCoilActiveElements": "HEA;HEP",
    "ReceiveCoilName": "Head_32",
    "ReconMatrixPE": 70,
    "RepetitionTime": 2,
    "SAR": 0.108841,
    "ScanOptions": "FS",
    "ScanningSequence": "EP",
    "SequenceName": "_epfid2d1_70",
    "SequenceVariant": "SK",
    "SeriesDescription": "TOM_Run2",
    "SeriesNumber": 33,
    "ShimSetting": [
      -5614,
      -1575,
      3228,
      525,
      -85,
      3,
      99,
      23
    ],
    "SliceThickness": 3,
    "SliceTiming": [
      0,
      0.06,
      0.1225,
      0.185,
      0.2475,
      0.3075,
      0.37,
      0.4325,
      0.495,
      0.555,
      0.6175,
      0.68,
      0.7425,
      0.8025,
      0.865,
      0.9275,
      0.99,
      1.05,
      1.1125,
      1.175,
      1.2375,
      1.2975,
      1.36,
      1.4225,
      1.485,
      1.545,
      1.6075,
      1.67,
      1.7325,
      1.7925,
      1.855,
      1.9175
    ],
    "SoftwareVersions": "syngo_MR_E11",
    "SpacingBetweenSlices": 3.6,
    "StationName": "MRC35115",
    "TaskName": "tom",
    "TotalReadoutTime": 0.0338094,
    "TxRefAmp": 259.505,
    "dataset": "ds002793",
    "modality": "bold",
    "run_id": 2,
    "subject_id": "05",
    "task_id": "tom"
  },
  "dummy_trs": 2,
  "dvars_nstd": 19.239057605639093,
  "dvars_std": 1.2062738533082702,
  "dvars_vstd": 1.0372706584962406,
  "efc": 0.5666077011694834,
  "fber": 373.9877014160156,
  "fd_mean": 0.1587897677955671,
  "fd_num": 33,
  "fd_perc": 24.62686567164179,
  "fwhm_avg": 2.626247986196241,
  "fwhm_x": 2.45562,
  "fwhm_y": 2.7920433333333334,
  "fwhm_z": 2.6310806252553895,
  "gcor": 0.015946,
  "gsr_x": 0.002514585619792342,
  "gsr_y": 0.06167402118444443,
  "provenance": {
    "md5sum": "d907076caf99c4123b26cac2bda9f356",
    "settings": {
      "fd_thres": 0.2,
      "testing": false
    },
    "software": "mriqc",
    "version": "22.0.6",
    "webapi_port": null,
    "webapi_url": "https://mriqc.nimh.nih.gov/api/v1"
  },
  "size_t": 134,
  "size_x": 70,
  "size_y": 70,
  "size_z": 32,
  "snr": 2.7670882749442045,
  "spacing_tr": 2.0,
  "spacing_x": 3.0,
  "spacing_y": 3.0,
  "spacing_z": 3.5999999046325684,
  "summary_bg_k": 25.80186690606888,
  "summary_bg_mad": 5.797638990368659,
  "summary_bg_mean": 40.19265365600586,
  "summary_bg_median": 20.485074996948242,
  "summary_bg_n": 89751.0,
  "summary_bg_p05": 16.291044235229492,
  "summary_bg_p95": 136.0895538330078,
  "summary_bg_stdv": 56.36826705932617,
  "summary_fg_k": 0.10985419244389849,
  "summary_fg_mad": 146.66697193535794,
  "summary_fg_mean": 426.9494323730469,
  "summary_fg_median": 406.276123046875,
  "summary_fg_n": 31040.0,
  "summary_fg_p05": 226.2305923461914,
  "summary_fg_p95": 701.4779724121094,
  "summary_fg_stdv": 146.82205200195312,
  "tsnr": 85.07628093659878
}