{
  "aor": 0.0020642944785276072,
  "aqi": 0.0017896902515337427,
  "bids_meta": {
    "AcquisitionMatrixPE": 70,
    "AcquisitionNumber": 1,
    "AcquisitionTime": "15:51:10.622500",
    "BandwidthPerPixelPhaseEncode": 29.155,
    "BaseResolution": 70,
    "BodyPartExamined": "BRAIN",
    "ConsistencyInfo": "N4_VE11C_LATEST_20160120",
    "ConversionSoftware": "dcm2niix",
    "ConversionSoftwareVersion": "v1.0.20181125  (JP2:OpenJPEG) (JP-LS:CharLS) GCC5.5.0",
    "DerivedVendorReportedEchoSpacing": 0.000489992,
    "DeviceSerialNumber": "167012",
    "DwellTime": 3e-06,
    "EchoTime": 0.03,
    "EchoTrainLength": 70,
    "EffectiveEchoSpacing": 0.000489992,
    "FlipAngle": 90,
    "ImageOrientationPatientDICOM": [
      0.995469,
      -0.0192095,
      0.0931306,
      0.00920856,
      0.994254,
      0.106649
    ],
    "ImageType": [
      "ORIGINAL",
      "PRIMARY",
      "M",
      "ND",
      "MOSAIC"
    ],
    "ImagingFrequency": 123.253,
    "InPlanePhaseEncodingDirectionDICOM": "COL",
    "InstitutionAddress": "Vassar_Street_43_Cambridge_Boston_US_02139",
    "InstitutionName": "McGovern_Institute_for_Brain_Research_(3T1)",
    "InstitutionalDepartmentName": "Department",
    "MRAcquisitionType": "2D",
    "MagneticFieldStrength": 3,
    "Manufacturer": "Siemens",
    "ManufacturersModelName": "Prisma_fit",
    "Modality": "MR",
    "PartialFourier": 1,
    "PatientPosition": "HFS",
    "PercentPhaseFOV": 100,
    "PhaseEncodingDirection": "j-",
    "PhaseEncodingSteps": 70,
    "PhaseResolution": 1,
    "PixelBandwidth": 2380,
    "ProcedureStepDescription": "Young_Minjae",
    "ProtocolName": "TPS_Run3",
    "PulseSequenceDetails": "%SiemensSeq%_ep2d_pace",
    "ReceiveCoilActiveElements": "HEA;HEP",
    "ReceiveCoilName": "Head_32",
    "ReconMatrixPE": 70,
    "RepetitionTime": 2,
    "SAR": 0.108943,
    "ScanOptions": "FS",
    "ScanningSequence": "EP",
    "SequenceName": "_epfid2d1_70",
    "SequenceVariant": "SK",
    "SeriesDescription": "TPS_Run3",
    "SeriesNumber": 15,
    "ShimSetting": [
      -5614,
      -1575,
      3228,
      525,
      -85,
      3,
      99,
      23
    ],
    "SliceThickness": 3,
    "SliceTiming": [
      0,
      0.06,
      0.1225,
      0.185,
      0.2475,
      0.3075,
      0.37,
      0.4325,
      0.495,
      0.555,
      0.6175,
      0.68,
      0.7425,
      0.8025,
      0.865,
      0.9275,
      0.99,
      1.05,
      1.1125,
      1.175,
      1.2375,
      1.2975,
      1.36,
      1.4225,
      1.485,
      1.545,
      1.6075,
      1.67,
      1.7325,
      1.7925,
      1.855,
      1.9175
    ],
    "SoftwareVersions": "syngo_MR_E11",
    "SpacingBetweenSlices": 3.6,
    "StationName": "MRC35115",
    "TaskName": "tps",
    "TotalReadoutTime": 0.0338094,
    "TxRefAmp": 259.505,
    "dataset": "ds002793",
    "modality": "bold",
    "run_id": 3,
    "subject_id": "05",
    "task_id": "tps"
  },
  "dummy_trs": 2,
  "dvars_nstd": 18.406946717654325,
  "dvars_std": 1.1788138676543207,
  "dvars_vstd": 1.0081901056172837,
  "efc": 0.5661634341041342,
  "fber": 369.77734375,
  "fd_mean": 0.13695072039493789,
  "fd_num": 17,
  "fd_perc": 10.429447852760736,
  "fwhm_avg": 2.736882246228472,
  "fwhm_x": 2.54099,
  "fwhm_y": 2.9510400000000003,
  "fwhm_z": 2.7186167386854154,
  "gcor": 0.0168224,
  "gsr_x": -0.005102464929223061,
  "gsr_y": 0.05907795950770378,
  "provenance": {
    "md5sum": "551e35d3611247fb01b3778e8130fd57",
    "settings": {
      "fd_thres": 0.2,
      "testing": false
    },
    "software": "mriqc",
    "version": "22.0.6",
    "webapi_port": null,
    "webapi_url": "https://mriqc.nimh.nih.gov/api/v1"
  },
  "size_t": 163,
  "size_x": 70,
  "size_y": 70,
  "size_z": 32,
  "snr": 2.619731561798091,
  "spacing_tr": 2.0,
  "spacing_x": 3.0,
  "spacing_y": 3.0,
  "spacing_z": 3.5999999046325684,
  "summary_bg_k": 24.63674758803111,
  "summary_bg_mad": 6.658065658582884,
  "summary_bg_mean": 42.38434600830078,
  "summary_bg_median": 21.312883377075195,
  "summary_bg_n": 88775.0,
  "summary_bg_p05": 16.503067016601562,
  "summary_bg_p95": 145.1067474365236,
  "summary_bg_stdv": 59.14408493041992,
  "summary_fg_k": 0.16877442327449943,
  "summary_fg_mad": 160.80320493211357,
  "summary_fg_mean": 447.80975341796875,
  "summary_fg_median": 423.0306701660156,
  "summary_fg_n": 31560.0,
  "summary_fg_p05": 229.36624755859376,
  "summary_fg_p95": 747.7692993164062,
  "summary_fg_stdv": 161.47607421875,
  "tsnr": 99.88478774670511
}