{
  "aor": 0.001514939024390244,
  "aqi": 0.0017386427804878051,
  "bids_meta": {
    "AcquisitionMatrixPE": 70,
    "AcquisitionNumber": 1,
    "AcquisitionTime": "15:37:47.220000",
    "BandwidthPerPixelPhaseEncode": 29.155,
    "BaseResolution": 70,
    "BodyPartExamined": "BRAIN",
    "ConsistencyInfo": "N4_VE11C_LATEST_20160120",
    "ConversionSoftware": "dcm2niix",
    "ConversionSoftwareVersion": "v1.0.20181125  (JP2:OpenJPEG) (JP-LS:CharLS) GCC5.5.0",
    "DerivedVendorReportedEchoSpacing": 0.000489992,
    "DeviceSerialNumber": "167012",
    "DwellTime": 3e-06,
    "EchoTime": 0.03,
    "EchoTrainLength": 70,
    "EffectiveEchoSpacing": 0.000489992,
    "FlipAngle": 90,
    "ImageOrientationPatientDICOM": [
      0.995469,
      -0.0192095,
      0.0931306,
      0.00920856,
      0.994254,
      0.106649
    ],
    "ImageType": [
      "ORIGINAL",
      "PRIMARY",
      "M",
      "ND",
      "MOSAIC"
    ],
    "ImagingFrequency": 123.253,
    "InPlanePhaseEncodingDirectionDICOM": "COL",
    "InstitutionAddress": "Vassar_Street_43_Cambridge_Boston_US_02139",
    "InstitutionName": "McGovern_Institute_for_Brain_Research_(3T1)",
    "InstitutionalDepartmentName": "Department",
    "MRAcquisitionType": "2D",
    "MagneticFieldStrength": 3,
    "Manufacturer": "Siemens",
    "ManufacturersModelName": "Prisma_fit",
    "Modality": "MR",
    "PartialFourier": 1,
    "PatientPosition": "HFS",
    "PercentPhaseFOV": 100,
    "PhaseEncodingDirection": "j-",
    "PhaseEncodingSteps": 70,
    "PhaseResolution": 1,
    "PixelBandwidth": 2380,
    "ProcedureStepDescription": "Young_Minjae",
    "ProtocolName": "TPS_Run1",
    "PulseSequenceDetails": "%SiemensSeq%_ep2d_pace",
    "ReceiveCoilActiveElements": "HEA;HEP",
    "ReceiveCoilName": "Head_32",
    "ReconMatrixPE": 70,
    "RepetitionTime": 2,
    "SAR": 0.108943,
    "ScanOptions": "FS",
    "ScanningSequence": "EP",
    "SequenceName": "_epfid2d1_70",
    "SequenceVariant": "SK",
    "SeriesDescription": "TPS_Run1",
    "SeriesNumber": 11,
    "ShimSetting": [
      -5614,
      -1575,
      3228,
      525,
      -85,
      3,
      99,
      23
    ],
    "SliceThickness": 3,
    "SliceTiming": [
      0,
      0.06,
      0.1225,
      0.185,
      0.2475,
      0.3075,
      0.37,
      0.4325,
      0.495,
      0.555,
      0.6175,
      0.68,
      0.7425,
      0.8025,
      0.865,
      0.9275,
      0.99,
      1.05,
      1.1125,
      1.175,
      1.2375,
      1.2975,
      1.36,
      1.4225,
      1.485,
      1.545,
      1.6075,
      1.67,
      1.7325,
      1.7925,
      1.855,
      1.9175
    ],
    "SoftwareVersions": "syngo_MR_E11",
    "SpacingBetweenSlices": 3.6,
    "StationName": "MRC35115",
    "TaskName": "tps",
    "TotalReadoutTime": 0.0338094,
    "TxRefAmp": 259.505,
    "dataset": "ds002793",
    "modality": "bold",
    "run_id": 1,
    "subject_id": "05",
    "task_id": "tps"
  },
  "dummy_trs": 1,
  "dvars_nstd": 18.31872985153374,
  "dvars_std": 1.163196787546012,
  "dvars_vstd": 0.9935971029447853,
  "efc": 0.565198055171297,
  "fber": 371.0248718261719,
  "fd_mean": 0.13597987545698065,
  "fd_num": 28,
  "fd_perc": 17.073170731707318,
  "fwhm_avg": 2.7415672461732092,
  "fwhm_x": 2.5736133333333333,
  "fwhm_y": 2.93873,
  "fwhm_z": 2.712358405186293,
  "gcor": 0.0141531,
  "gsr_x": -0.0034015129785984755,
  "gsr_y": 0.0574929378926754,
  "provenance": {
    "md5sum": "d60bd8ce74a4812905f8ce79018f3fb8",
    "settings": {
      "fd_thres": 0.2,
      "testing": false
    },
    "software": "mriqc",
    "version": "22.0.6",
    "webapi_port": null,
    "webapi_url": "https://mriqc.nimh.nih.gov/api/v1"
  },
  "size_t": 164,
  "size_x": 70,
  "size_y": 70,
  "size_z": 32,
  "snr": 2.6079447007319265,
  "spacing_tr": 2.0,
  "spacing_x": 3.0,
  "spacing_y": 3.0,
  "spacing_z": 3.5999999046325684,
  "summary_bg_k": 24.86783033301579,
  "summary_bg_mad": 6.545147206916725,
  "summary_bg_mean": 41.78622055053711,
  "summary_bg_median": 21.189023971557617,
  "summary_bg_n": 88729.0,
  "summary_bg_p05": 16.46341323852539,
  "summary_bg_p95": 141.7634033203124,
  "summary_bg_stdv": 58.203514099121094,
  "summary_fg_k": 0.21195360356223825,
  "summary_fg_mad": 159.92214069258236,
  "summary_fg_mean": 446.1933898925781,
  "summary_fg_median": 420.6889953613281,
  "summary_fg_n": 31419.0,
  "summary_fg_p05": 226.75486907958984,
  "summary_fg_p95": 746.433526611328,
  "summary_fg_stdv": 161.3079833984375,
  "tsnr": 90.41169324424118
}