{
  "aor": 0.01260220588235294,
  "aqi": 0.0028459625441176473,
  "bids_meta": {
    "AcquisitionMatrixPE": 70,
    "AcquisitionNumber": 1,
    "AcquisitionTime": "16:44:12.462500",
    "BandwidthPerPixelPhaseEncode": 29.155,
    "BaseResolution": 70,
    "BodyPartExamined": "BRAIN",
    "ConsistencyInfo": "N4_VE11C_LATEST_20160120",
    "ConversionSoftware": "dcm2niix",
    "ConversionSoftwareVersion": "v1.0.20181125  (JP2:OpenJPEG) (JP-LS:CharLS) GCC5.5.0",
    "DerivedVendorReportedEchoSpacing": 0.000489992,
    "DeviceSerialNumber": "167012",
    "DwellTime": 3e-06,
    "EchoTime": 0.03,
    "EchoTrainLength": 70,
    "EffectiveEchoSpacing": 0.000489992,
    "FlipAngle": 90,
    "ImageOrientationPatientDICOM": [
      0.995469,
      -0.0192095,
      0.0931306,
      0.00920856,
      0.994254,
      0.106649
    ],
    "ImageType": [
      "ORIGINAL",
      "PRIMARY",
      "M",
      "ND",
      "MOSAIC"
    ],
    "ImagingFrequency": 123.253,
    "InPlanePhaseEncodingDirectionDICOM": "COL",
    "InstitutionAddress": "Vassar_Street_43_Cambridge_Boston_US_02139",
    "InstitutionName": "McGovern_Institute_for_Brain_Research_(3T1)",
    "InstitutionalDepartmentName": "Department",
    "MRAcquisitionType": "2D",
    "MagneticFieldStrength": 3,
    "Manufacturer": "Siemens",
    "ManufacturersModelName": "Prisma_fit",
    "Modality": "MR",
    "PartialFourier": 1,
    "PatientPosition": "HFS",
    "PercentPhaseFOV": 100,
    "PhaseEncodingDirection": "j-",
    "PhaseEncodingSteps": 70,
    "PhaseResolution": 1,
    "PixelBandwidth": 2380,
    "ProcedureStepDescription": "Young_Minjae",
    "ProtocolName": "TOM_Run1",
    "PulseSequenceDetails": "%SiemensSeq%_ep2d_pace",
    "ReceiveCoilActiveElements": "HEA;HEP",
    "ReceiveCoilName": "Head_32",
    "ReconMatrixPE": 70,
    "RepetitionTime": 2,
    "SAR": 0.108841,
    "ScanOptions": "FS",
    "ScanningSequence": "EP",
    "SequenceName": "_epfid2d1_70",
    "SequenceVariant": "SK",
    "SeriesDescription": "TOM_Run1",
    "SeriesNumber": 31,
    "ShimSetting": [
      -5614,
      -1575,
      3228,
      525,
      -85,
      3,
      99,
      23
    ],
    "SliceThickness": 3,
    "SliceTiming": [
      0,
      0.0625,
      0.1225,
      0.185,
      0.2475,
      0.31,
      0.37,
      0.4325,
      0.495,
      0.5575,
      0.6175,
      0.68,
      0.7425,
      0.805,
      0.865,
      0.9275,
      0.99,
      1.0525,
      1.1125,
      1.175,
      1.2375,
      1.3,
      1.36,
      1.4225,
      1.485,
      1.5475,
      1.6075,
      1.67,
      1.7325,
      1.795,
      1.855,
      1.9175
    ],
    "SoftwareVersions": "syngo_MR_E11",
    "SpacingBetweenSlices": 3.6,
    "StationName": "MRC35115",
    "TaskName": "tom",
    "TotalReadoutTime": 0.0338094,
    "TxRefAmp": 259.505,
    "dataset": "ds002793",
    "modality": "bold",
    "run_id": 1,
    "subject_id": "05",
    "task_id": "tom"
  },
  "dummy_trs": 0,
  "dvars_nstd": 22.692876434444443,
  "dvars_std": 1.262196471925926,
  "dvars_vstd": 1.076511132148148,
  "efc": 0.56570746766247,
  "fber": 376.170654296875,
  "fd_mean": 0.20864021195782234,
  "fd_num": 46,
  "fd_perc": 33.8235294117647,
  "fwhm_avg": 2.610494467567074,
  "fwhm_x": 2.43811,
  "fwhm_y": 2.7748233333333334,
  "fwhm_z": 2.618550069367888,
  "gcor": 0.0416608,
  "gsr_x": 0.0025992169976234436,
  "gsr_y": 0.06226244196295738,
  "provenance": {
    "md5sum": "80a593108b04d20f2a42073243db2b06",
    "settings": {
      "fd_thres": 0.2,
      "testing": false
    },
    "software": "mriqc",
    "version": "22.0.6",
    "webapi_port": null,
    "webapi_url": "https://mriqc.nimh.nih.gov/api/v1"
  },
  "size_t": 136,
  "size_x": 70,
  "size_y": 70,
  "size_z": 32,
  "snr": 2.7741900402882442,
  "spacing_tr": 2.0,
  "spacing_x": 3.0,
  "spacing_y": 3.0,
  "spacing_z": 3.5999999046325684,
  "summary_bg_k": 26.44717427013325,
  "summary_bg_mad": 5.668771524968881,
  "summary_bg_mean": 39.98199462890625,
  "summary_bg_median": 20.40441131591797,
  "summary_bg_n": 89894.0,
  "summary_bg_p05": 16.316177368164062,
  "summary_bg_p95": 135.63750305175768,
  "summary_bg_stdv": 56.23203659057617,
  "summary_fg_k": 0.09755928550505777,
  "summary_fg_mad": 146.16712305813198,
  "summary_fg_mean": 427.01318359375,
  "summary_fg_median": 405.871337890625,
  "summary_fg_n": 30914.0,
  "summary_fg_p05": 226.78897018432616,
  "summary_fg_p95": 700.6720397949218,
  "summary_fg_stdv": 146.30027770996094,
  "tsnr": 77.37885563937016
}