{
  "aor": 0.001281463414634146,
  "aqi": 0.0026415282926829276,
  "bids_meta": {
    "AcquisitionMatrixPE": 70,
    "AcquisitionNumber": 1,
    "AcquisitionTime": "16:10:45.247500",
    "BandwidthPerPixelPhaseEncode": 29.155,
    "BaseResolution": 70,
    "BodyPartExamined": "BRAIN",
    "ConsistencyInfo": "N4_VE11C_LATEST_20160120",
    "ConversionSoftware": "dcm2niix",
    "ConversionSoftwareVersion": "v1.0.20181125  (JP2:OpenJPEG) (JP-LS:CharLS) GCC5.5.0",
    "DerivedVendorReportedEchoSpacing": 0.000489992,
    "DeviceSerialNumber": "167012",
    "DwellTime": 3e-06,
    "EchoTime": 0.03,
    "EchoTrainLength": 70,
    "EffectiveEchoSpacing": 0.000489992,
    "FlipAngle": 90,
    "ImageOrientationPatientDICOM": [
      0.995469,
      -0.0192095,
      0.0931306,
      0.00920856,
      0.994254,
      0.106649
    ],
    "ImageType": [
      "ORIGINAL",
      "PRIMARY",
      "M",
      "ND",
      "MOSAIC"
    ],
    "ImagingFrequency": 123.253,
    "InPlanePhaseEncodingDirectionDICOM": "COL",
    "InstitutionAddress": "Vassar_Street_43_Cambridge_Boston_US_02139",
    "InstitutionName": "McGovern_Institute_for_Brain_Research_(3T1)",
    "InstitutionalDepartmentName": "Department",
    "MRAcquisitionType": "2D",
    "MagneticFieldStrength": 3,
    "Manufacturer": "Siemens",
    "ManufacturersModelName": "Prisma_fit",
    "Modality": "MR",
    "PartialFourier": 1,
    "PatientPosition": "HFS",
    "PercentPhaseFOV": 100,
    "PhaseEncodingDirection": "j-",
    "PhaseEncodingSteps": 70,
    "PhaseResolution": 1,
    "PixelBandwidth": 2380,
    "ProcedureStepDescription": "Young_Minjae",
    "ProtocolName": "TPS_Run6",
    "PulseSequenceDetails": "%SiemensSeq%_ep2d_pace",
    "ReceiveCoilActiveElements": "HEA;HEP",
    "ReceiveCoilName": "Head_32",
    "ReconMatrixPE": 70,
    "RepetitionTime": 2,
    "SAR": 0.108943,
    "ScanOptions": "FS",
    "ScanningSequence": "EP",
    "SequenceName": "_epfid2d1_70",
    "SequenceVariant": "SK",
    "SeriesDescription": "TPS_Run6",
    "SeriesNumber": 21,
    "ShimSetting": [
      -5614,
      -1575,
      3228,
      525,
      -85,
      3,
      99,
      23
    ],
    "SliceThickness": 3,
    "SliceTiming": [
      0,
      0.0625,
      0.125,
      0.185,
      0.2475,
      0.31,
      0.3725,
      0.4325,
      0.495,
      0.5575,
      0.6175,
      0.68,
      0.7425,
      0.805,
      0.865,
      0.9275,
      0.99,
      1.0525,
      1.1125,
      1.175,
      1.2375,
      1.3,
      1.36,
      1.4225,
      1.485,
      1.5475,
      1.6075,
      1.67,
      1.7325,
      1.795,
      1.855,
      1.9175
    ],
    "SoftwareVersions": "syngo_MR_E11",
    "SpacingBetweenSlices": 3.6,
    "StationName": "MRC35115",
    "TaskName": "tps",
    "TotalReadoutTime": 0.0338094,
    "TxRefAmp": 259.505,
    "dataset": "ds002793",
    "modality": "bold",
    "run_id": 6,
    "subject_id": "05",
    "task_id": "tps"
  },
  "dummy_trs": 1,
  "dvars_nstd": 20.289163454907975,
  "dvars_std": 1.1782023930061347,
  "dvars_vstd": 0.9906535007975462,
  "efc": 0.5672174087545278,
  "fber": 365.9417724609375,
  "fd_mean": 0.1743507730220115,
  "fd_num": 55,
  "fd_perc": 33.53658536585366,
  "fwhm_avg": 2.7700828019315673,
  "fwhm_x": 2.5920900000000002,
  "fwhm_y": 2.9828333333333332,
  "fwhm_z": 2.7353250724613685,
  "gcor": 0.0354466,
  "gsr_x": -0.006261881906539202,
  "gsr_y": 0.0602608248591423,
  "provenance": {
    "md5sum": "43edc0cbbd421e57588cde43ed86d821",
    "settings": {
      "fd_thres": 0.2,
      "testing": false
    },
    "software": "mriqc",
    "version": "22.0.6",
    "webapi_port": null,
    "webapi_url": "https://mriqc.nimh.nih.gov/api/v1"
  },
  "size_t": 164,
  "size_x": 70,
  "size_y": 70,
  "size_z": 32,
  "snr": 2.5799621475247734,
  "spacing_tr": 2.0,
  "spacing_x": 3.0,
  "spacing_y": 3.0,
  "spacing_z": 3.5999999046325684,
  "summary_bg_k": 24.82786627939526,
  "summary_bg_mad": 6.843472943236204,
  "summary_bg_mean": 42.910980224609375,
  "summary_bg_median": 21.56097412109375,
  "summary_bg_n": 88603.0,
  "summary_bg_p05": 16.59756088256836,
  "summary_bg_p95": 147.09511108398422,
  "summary_bg_stdv": 59.9118537902832,
  "summary_fg_k": 0.2020485503467775,
  "summary_fg_mad": 162.272640730771,
  "summary_fg_mean": 448.9633483886719,
  "summary_fg_median": 423.6158447265625,
  "summary_fg_n": 32007.0,
  "summary_fg_p05": 226.58718872070312,
  "summary_fg_p95": 754.4572937011717,
  "summary_fg_stdv": 164.19203186035156,
  "tsnr": 87.626617255155
}