{
  "aor": 0.001863575757575758,
  "aqi": 0.0023716020484848485,
  "bids_meta": {
    "AcquisitionMatrixPE": 70,
    "AcquisitionNumber": 1,
    "AcquisitionTime": "16:29:40.912500",
    "BandwidthPerPixelPhaseEncode": 29.155,
    "BaseResolution": 70,
    "BodyPartExamined": "BRAIN",
    "ConsistencyInfo": "N4_VE11C_LATEST_20160120",
    "ConversionSoftware": "dcm2niix",
    "ConversionSoftwareVersion": "v1.0.20181125  (JP2:OpenJPEG) (JP-LS:CharLS) GCC5.5.0",
    "DerivedVendorReportedEchoSpacing": 0.000489992,
    "DeviceSerialNumber": "167012",
    "DwellTime": 3e-06,
    "EchoTime": 0.03,
    "EchoTrainLength": 70,
    "EffectiveEchoSpacing": 0.000489992,
    "FlipAngle": 90,
    "ImageOrientationPatientDICOM": [
      0.995469,
      -0.0192095,
      0.0931306,
      0.00920856,
      0.994254,
      0.106649
    ],
    "ImageType": [
      "ORIGINAL",
      "PRIMARY",
      "M",
      "ND",
      "MOSAIC"
    ],
    "ImagingFrequency": 123.253,
    "InPlanePhaseEncodingDirectionDICOM": "COL",
    "InstitutionAddress": "Vassar_Street_43_Cambridge_Boston_US_02139",
    "InstitutionName": "McGovern_Institute_for_Brain_Research_(3T1)",
    "InstitutionalDepartmentName": "Department",
    "MRAcquisitionType": "2D",
    "MagneticFieldStrength": 3,
    "Manufacturer": "Siemens",
    "ManufacturersModelName": "Prisma_fit",
    "Modality": "MR",
    "PartialFourier": 1,
    "PatientPosition": "HFS",
    "PercentPhaseFOV": 100,
    "PhaseEncodingDirection": "j-",
    "PhaseEncodingSteps": 70,
    "PhaseResolution": 1,
    "PixelBandwidth": 2380,
    "ProcedureStepDescription": "Young_Minjae",
    "ProtocolName": "TPS_Run9",
    "PulseSequenceDetails": "%SiemensSeq%_ep2d_pace",
    "ReceiveCoilActiveElements": "HEA;HEP",
    "ReceiveCoilName": "Head_32",
    "ReconMatrixPE": 70,
    "RepetitionTime": 2,
    "SAR": 0.108943,
    "ScanOptions": "FS",
    "ScanningSequence": "EP",
    "SequenceName": "_epfid2d1_70",
    "SequenceVariant": "SK",
    "SeriesDescription": "TPS_Run9",
    "SeriesNumber": 27,
    "ShimSetting": [
      -5614,
      -1575,
      3228,
      525,
      -85,
      3,
      99,
      23
    ],
    "SliceThickness": 3,
    "SliceTiming": [
      0,
      0.0625,
      0.125,
      0.1875,
      0.2475,
      0.31,
      0.3725,
      0.435,
      0.495,
      0.5575,
      0.62,
      0.6825,
      0.7425,
      0.805,
      0.8675,
      0.93,
      0.99,
      1.0525,
      1.115,
      1.1775,
      1.2375,
      1.3,
      1.3625,
      1.425,
      1.485,
      1.5475,
      1.61,
      1.6725,
      1.7325,
      1.795,
      1.8575,
      1.92
    ],
    "SoftwareVersions": "syngo_MR_E11",
    "SpacingBetweenSlices": 3.6,
    "StationName": "MRC35115",
    "TaskName": "tps",
    "TotalReadoutTime": 0.0338094,
    "TxRefAmp": 259.505,
    "dataset": "ds002793",
    "modality": "bold",
    "run_id": 9,
    "subject_id": "05",
    "task_id": "tps"
  },
  "dummy_trs": 0,
  "dvars_nstd": 20.667705896707332,
  "dvars_std": 1.1837505662195118,
  "dvars_vstd": 1.0027638420731704,
  "efc": 0.5673306401631788,
  "fber": 364.0436096191406,
  "fd_mean": 0.178274468730127,
  "fd_num": 55,
  "fd_perc": 33.333333333333336,
  "fwhm_avg": 2.6864118753158217,
  "fwhm_x": 2.517916666666667,
  "fwhm_y": 2.8841133333333335,
  "fwhm_z": 2.6572056259474652,
  "gcor": 0.0323481,
  "gsr_x": -0.0017517020460218191,
  "gsr_y": 0.0587194599211216,
  "provenance": {
    "md5sum": "aa2d9f4f8a4bece83f1fd1d59fb80740",
    "settings": {
      "fd_thres": 0.2,
      "testing": false
    },
    "software": "mriqc",
    "version": "22.0.6",
    "webapi_port": null,
    "webapi_url": "https://mriqc.nimh.nih.gov/api/v1"
  },
  "size_t": 165,
  "size_x": 70,
  "size_y": 70,
  "size_z": 32,
  "snr": 2.6723964148817023,
  "spacing_tr": 2.0,
  "spacing_x": 3.0,
  "spacing_y": 3.0,
  "spacing_z": 3.5999999046325684,
  "summary_bg_k": 25.068924405220834,
  "summary_bg_mad": 6.379681845109058,
  "summary_bg_mean": 41.433570861816406,
  "summary_bg_median": 21.066665649414062,
  "summary_bg_n": 89060.0,
  "summary_bg_p05": 16.466665267944336,
  "summary_bg_p95": 140.55211944580083,
  "summary_bg_stdv": 57.73135757446289,
  "summary_fg_k": 0.11615985610080637,
  "summary_fg_mad": 155.03972906850305,
  "summary_fg_mean": 434.97216796875,
  "summary_fg_median": 412.6302795410156,
  "summary_fg_n": 31746.0,
  "summary_fg_p05": 224.16362380981445,
  "summary_fg_p95": 722.2605895996094,
  "summary_fg_stdv": 154.40216064453125,
  "tsnr": 86.31936906580813
}