{
  "aor": 0.0018964242424242426,
  "aqi": 0.004965521939393939,
  "bids_meta": {
    "AcquisitionMatrixPE": 70,
    "AcquisitionNumber": 1,
    "AcquisitionTime": "10:07:13.165000",
    "BandwidthPerPixelPhaseEncode": 29.155,
    "BaseResolution": 70,
    "BodyPartExamined": "BRAIN",
    "ConsistencyInfo": "N4_VE11C_LATEST_20160120",
    "ConversionSoftware": "dcm2niix",
    "ConversionSoftwareVersion": "v1.0.20181125  (JP2:OpenJPEG) (JP-LS:CharLS) GCC5.5.0",
    "DerivedVendorReportedEchoSpacing": 0.000489992,
    "DeviceSerialNumber": "167012",
    "DwellTime": 3e-06,
    "EchoTime": 0.03,
    "EchoTrainLength": 70,
    "EffectiveEchoSpacing": 0.000489992,
    "FlipAngle": 90,
    "ImageOrientationPatientDICOM": [
      0.999461,
      0.0213558,
      0.024941,
      -0.0228555,
      0.997847,
      0.0614791
    ],
    "ImageType": [
      "ORIGINAL",
      "PRIMARY",
      "M",
      "ND",
      "MOSAIC"
    ],
    "ImagingFrequency": 123.253,
    "InPlanePhaseEncodingDirectionDICOM": "COL",
    "InstitutionAddress": "Vassar_Street_43_Cambridge_Boston_US_02139",
    "InstitutionName": "McGovern_Institute_for_Brain_Research_(3T1)",
    "InstitutionalDepartmentName": "Department",
    "MRAcquisitionType": "2D",
    "MagneticFieldStrength": 3,
    "Manufacturer": "Siemens",
    "ManufacturersModelName": "Prisma_fit",
    "Modality": "MR",
    "PartialFourier": 1,
    "PatientPosition": "HFS",
    "PercentPhaseFOV": 100,
    "PhaseEncodingDirection": "j-",
    "PhaseEncodingSteps": 70,
    "PhaseResolution": 1,
    "PixelBandwidth": 2380,
    "ProcedureStepDescription": "Young_Minjae",
    "ProtocolName": "TPS_08",
    "PulseSequenceDetails": "%SiemensSeq%_ep2d_pace",
    "ReceiveCoilActiveElements": "HEA;HEP",
    "ReceiveCoilName": "Head_32",
    "ReconMatrixPE": 70,
    "RepetitionTime": 2,
    "SAR": 0.109562,
    "ScanOptions": "FS",
    "ScanningSequence": "EP",
    "SequenceName": "_epfid2d1_70",
    "SequenceVariant": "SK",
    "SeriesDescription": "TPS_08",
    "SeriesNumber": 25,
    "ShimSetting": [
      -5593,
      -1545,
      3180,
      443,
      72,
      -30,
      39,
      0
    ],
    "SliceThickness": 3,
    "SliceTiming": [
      0,
      0.06,
      0.1225,
      0.185,
      0.2475,
      0.3075,
      0.37,
      0.4325,
      0.495,
      0.555,
      0.6175,
      0.68,
      0.7425,
      0.8025,
      0.865,
      0.9275,
      0.99,
      1.05,
      1.1125,
      1.175,
      1.2375,
      1.2975,
      1.36,
      1.4225,
      1.485,
      1.545,
      1.6075,
      1.67,
      1.7325,
      1.7925,
      1.855,
      1.9175
    ],
    "SoftwareVersions": "syngo_MR_E11",
    "SpacingBetweenSlices": 3.6,
    "StationName": "MRC35115",
    "TaskName": "tps",
    "TotalReadoutTime": 0.0338094,
    "TxRefAmp": 240.242,
    "dataset": "ds002793",
    "modality": "bold",
    "run_id": 8,
    "subject_id": "03",
    "task_id": "tps"
  },
  "dummy_trs": 0,
  "dvars_nstd": 17.903665082926842,
  "dvars_std": 1.0801966615243896,
  "dvars_vstd": 0.9411006762195122,
  "efc": 0.5799253537703165,
  "fber": 342.38031005859375,
  "fd_mean": 0.13733624118255913,
  "fd_num": 17,
  "fd_perc": 10.303030303030303,
  "fwhm_avg": 2.68771922419635,
  "fwhm_x": 2.4815366666666665,
  "fwhm_y": 2.93446,
  "fwhm_z": 2.6471610059223836,
  "gcor": 0.0933424,
  "gsr_x": -0.024122795090079308,
  "gsr_y": 0.13015471398830414,
  "provenance": {
    "md5sum": "474fd29f8707c71793de740d53b298a6",
    "settings": {
      "fd_thres": 0.2,
      "testing": false
    },
    "software": "mriqc",
    "version": "22.0.6",
    "webapi_port": null,
    "webapi_url": "https://mriqc.nimh.nih.gov/api/v1"
  },
  "size_t": 165,
  "size_x": 70,
  "size_y": 70,
  "size_z": 32,
  "snr": 2.3894568853714397,
  "spacing_tr": 2.0,
  "spacing_x": 3.0,
  "spacing_y": 3.0,
  "spacing_z": 3.6000001430511475,
  "summary_bg_k": 12.621667736070428,
  "summary_bg_mad": 7.161418228719485,
  "summary_bg_mean": 53.29607391357422,
  "summary_bg_median": 22.060606002807617,
  "summary_bg_n": 88680.0,
  "summary_bg_p05": 16.836362838745117,
  "summary_bg_p95": 234.05453491210938,
  "summary_bg_stdv": 79.5106201171875,
  "summary_fg_k": 0.42788408733050787,
  "summary_fg_mad": 169.879257014125,
  "summary_fg_mean": 448.38299560546875,
  "summary_fg_median": 415.9333190917969,
  "summary_fg_n": 32436.0,
  "summary_fg_p05": 222.99393844604492,
  "summary_fg_p95": 779.4499969482422,
  "summary_fg_stdv": 174.0675506591797,
  "tsnr": 68.48367879213765
}