{
  "aor": 0.004394121212121212,
  "aqi": 0.0032001780606060607,
  "bids_meta": {
    "AcquisitionMatrixPE": 70,
    "AcquisitionNumber": 1,
    "AcquisitionTime": "09:47:59.425000",
    "BandwidthPerPixelPhaseEncode": 29.155,
    "BaseResolution": 70,
    "BodyPartExamined": "BRAIN",
    "ConsistencyInfo": "N4_VE11C_LATEST_20160120",
    "ConversionSoftware": "dcm2niix",
    "ConversionSoftwareVersion": "v1.0.20181125  (JP2:OpenJPEG) (JP-LS:CharLS) GCC5.5.0",
    "DerivedVendorReportedEchoSpacing": 0.000489992,
    "DeviceSerialNumber": "167012",
    "DwellTime": 3e-06,
    "EchoTime": 0.03,
    "EchoTrainLength": 70,
    "EffectiveEchoSpacing": 0.000489992,
    "FlipAngle": 90,
    "ImageOrientationPatientDICOM": [
      0.999461,
      0.0213558,
      0.024941,
      -0.0228555,
      0.997847,
      0.0614791
    ],
    "ImageType": [
      "ORIGINAL",
      "PRIMARY",
      "M",
      "ND",
      "MOSAIC"
    ],
    "ImagingFrequency": 123.253,
    "InPlanePhaseEncodingDirectionDICOM": "COL",
    "InstitutionAddress": "Vassar_Street_43_Cambridge_Boston_US_02139",
    "InstitutionName": "McGovern_Institute_for_Brain_Research_(3T1)",
    "InstitutionalDepartmentName": "Department",
    "MRAcquisitionType": "2D",
    "MagneticFieldStrength": 3,
    "Manufacturer": "Siemens",
    "ManufacturersModelName": "Prisma_fit",
    "Modality": "MR",
    "PartialFourier": 1,
    "PatientPosition": "HFS",
    "PercentPhaseFOV": 100,
    "PhaseEncodingDirection": "j-",
    "PhaseEncodingSteps": 70,
    "PhaseResolution": 1,
    "PixelBandwidth": 2380,
    "ProcedureStepDescription": "Young_Minjae",
    "ProtocolName": "TPS_05",
    "PulseSequenceDetails": "%SiemensSeq%_ep2d_pace",
    "ReceiveCoilActiveElements": "HEA;HEP",
    "ReceiveCoilName": "Head_32",
    "ReconMatrixPE": 70,
    "RepetitionTime": 2,
    "SAR": 0.109562,
    "ScanOptions": "FS",
    "ScanningSequence": "EP",
    "SequenceName": "_epfid2d1_70",
    "SequenceVariant": "SK",
    "SeriesDescription": "TPS_05",
    "SeriesNumber": 19,
    "ShimSetting": [
      -5593,
      -1545,
      3180,
      443,
      72,
      -30,
      39,
      0
    ],
    "SliceThickness": 3,
    "SliceTiming": [
      0,
      0.06,
      0.1225,
      0.185,
      0.2475,
      0.3075,
      0.37,
      0.4325,
      0.495,
      0.555,
      0.6175,
      0.68,
      0.7425,
      0.8025,
      0.865,
      0.9275,
      0.99,
      1.05,
      1.1125,
      1.175,
      1.2375,
      1.2975,
      1.36,
      1.4225,
      1.485,
      1.545,
      1.6075,
      1.67,
      1.7325,
      1.7925,
      1.855,
      1.9175
    ],
    "SoftwareVersions": "syngo_MR_E11",
    "SpacingBetweenSlices": 3.6,
    "StationName": "MRC35115",
    "TaskName": "tps",
    "TotalReadoutTime": 0.0338094,
    "TxRefAmp": 240.242,
    "dataset": "ds002793",
    "modality": "bold",
    "run_id": 5,
    "subject_id": "03",
    "task_id": "tps"
  },
  "dummy_trs": 0,
  "dvars_nstd": 16.960703390548773,
  "dvars_std": 1.1272697495121955,
  "dvars_vstd": 0.9820766110365852,
  "efc": 0.5778070966489878,
  "fber": 331.46826171875,
  "fd_mean": 0.13626916226984148,
  "fd_num": 19,
  "fd_perc": 11.515151515151516,
  "fwhm_avg": 2.7844201495604097,
  "fwhm_x": 2.61275,
  "fwhm_y": 3.0509299999999997,
  "fwhm_z": 2.6895804486812307,
  "gcor": 0.0390891,
  "gsr_x": -0.029137680307030678,
  "gsr_y": 0.1178477331995964,
  "provenance": {
    "md5sum": "ad0d3bc0b87fc548a485a3d457a14a73",
    "settings": {
      "fd_thres": 0.2,
      "testing": false
    },
    "software": "mriqc",
    "version": "22.0.6",
    "webapi_port": null,
    "webapi_url": "https://mriqc.nimh.nih.gov/api/v1"
  },
  "size_t": 165,
  "size_x": 70,
  "size_y": 70,
  "size_z": 32,
  "snr": 2.30298766522586,
  "spacing_tr": 2.0,
  "spacing_x": 3.0,
  "spacing_y": 3.0,
  "spacing_z": 3.6000001430511475,
  "summary_bg_k": 13.173037098892483,
  "summary_bg_mad": 8.257644278170911,
  "summary_bg_mean": 55.193267822265625,
  "summary_bg_median": 23.230302810668945,
  "summary_bg_n": 87898.0,
  "summary_bg_p05": 17.16363525390625,
  "summary_bg_p95": 235.76060180664027,
  "summary_bg_stdv": 80.81212615966797,
  "summary_fg_k": 0.8234875711065857,
  "summary_fg_mad": 180.8504591365516,
  "summary_fg_mean": 472.5440673828125,
  "summary_fg_median": 435.5212097167969,
  "summary_fg_n": 32551.0,
  "summary_fg_p05": 229.75453186035156,
  "summary_fg_p95": 828.7514953613281,
  "summary_fg_stdv": 189.10848999023438,
  "tsnr": 75.61792523227632
}