{
  "aor": 0.004381515151515151,
  "aqi": 0.002206753103030303,
  "bids_meta": {
    "AcquisitionMatrixPE": 70,
    "AcquisitionNumber": 1,
    "AcquisitionTime": "09:35:17.237500",
    "BandwidthPerPixelPhaseEncode": 29.155,
    "BaseResolution": 70,
    "BodyPartExamined": "BRAIN",
    "ConsistencyInfo": "N4_VE11C_LATEST_20160120",
    "ConversionSoftware": "dcm2niix",
    "ConversionSoftwareVersion": "v1.0.20181125  (JP2:OpenJPEG) (JP-LS:CharLS) GCC5.5.0",
    "DerivedVendorReportedEchoSpacing": 0.000489992,
    "DeviceSerialNumber": "167012",
    "DwellTime": 3e-06,
    "EchoTime": 0.03,
    "EchoTrainLength": 70,
    "EffectiveEchoSpacing": 0.000489992,
    "FlipAngle": 90,
    "ImageOrientationPatientDICOM": [
      0.999461,
      0.0213558,
      0.024941,
      -0.0228555,
      0.997847,
      0.0614791
    ],
    "ImageType": [
      "ORIGINAL",
      "PRIMARY",
      "M",
      "ND",
      "MOSAIC"
    ],
    "ImagingFrequency": 123.253,
    "InPlanePhaseEncodingDirectionDICOM": "COL",
    "InstitutionAddress": "Vassar_Street_43_Cambridge_Boston_US_02139",
    "InstitutionName": "McGovern_Institute_for_Brain_Research_(3T1)",
    "InstitutionalDepartmentName": "Department",
    "MRAcquisitionType": "2D",
    "MagneticFieldStrength": 3,
    "Manufacturer": "Siemens",
    "ManufacturersModelName": "Prisma_fit",
    "Modality": "MR",
    "PartialFourier": 1,
    "PatientPosition": "HFS",
    "PercentPhaseFOV": 100,
    "PhaseEncodingDirection": "j-",
    "PhaseEncodingSteps": 70,
    "PhaseResolution": 1,
    "PixelBandwidth": 2380,
    "ProcedureStepDescription": "Young_Minjae",
    "ProtocolName": "TPS_03",
    "PulseSequenceDetails": "%SiemensSeq%_ep2d_pace",
    "ReceiveCoilActiveElements": "HEA;HEP",
    "ReceiveCoilName": "Head_32",
    "ReconMatrixPE": 70,
    "RepetitionTime": 2,
    "SAR": 0.109562,
    "ScanOptions": "FS",
    "ScanningSequence": "EP",
    "SequenceName": "_epfid2d1_70",
    "SequenceVariant": "SK",
    "SeriesDescription": "TPS_03",
    "SeriesNumber": 15,
    "ShimSetting": [
      -5593,
      -1545,
      3180,
      443,
      72,
      -30,
      39,
      0
    ],
    "SliceThickness": 3,
    "SliceTiming": [
      0,
      0.0625,
      0.125,
      0.1875,
      0.2475,
      0.31,
      0.3725,
      0.435,
      0.495,
      0.5575,
      0.62,
      0.6825,
      0.7425,
      0.805,
      0.8675,
      0.93,
      0.99,
      1.0525,
      1.115,
      1.1775,
      1.2375,
      1.3,
      1.3625,
      1.425,
      1.485,
      1.5475,
      1.61,
      1.6725,
      1.7325,
      1.795,
      1.8575,
      1.92
    ],
    "SoftwareVersions": "syngo_MR_E11",
    "SpacingBetweenSlices": 3.6,
    "StationName": "MRC35115",
    "TaskName": "tps",
    "TotalReadoutTime": 0.0338094,
    "TxRefAmp": 240.242,
    "dataset": "ds002793",
    "modality": "bold",
    "run_id": 3,
    "subject_id": "03",
    "task_id": "tps"
  },
  "dummy_trs": 0,
  "dvars_nstd": 16.834455972621953,
  "dvars_std": 1.2404121793292684,
  "dvars_vstd": 1.038032193109756,
  "efc": 0.5754672213860114,
  "fber": 338.5220031738281,
  "fd_mean": 0.12609339927697552,
  "fd_num": 15,
  "fd_perc": 9.090909090909092,
  "fwhm_avg": 2.7965420012695787,
  "fwhm_x": 2.608713333333333,
  "fwhm_y": 3.08056,
  "fwhm_z": 2.7003526704754033,
  "gcor": 0.0266744,
  "gsr_x": -0.029192227870225906,
  "gsr_y": 0.117154061794281,
  "provenance": {
    "md5sum": "cf19ae37cd90ce3a890ba5aa5e51a728",
    "settings": {
      "fd_thres": 0.2,
      "testing": false
    },
    "software": "mriqc",
    "version": "22.0.6",
    "webapi_port": null,
    "webapi_url": "https://mriqc.nimh.nih.gov/api/v1"
  },
  "size_t": 165,
  "size_x": 70,
  "size_y": 70,
  "size_z": 32,
  "snr": 2.2500716094101265,
  "spacing_tr": 2.0,
  "spacing_x": 3.0,
  "spacing_y": 3.0,
  "spacing_z": 3.6000001430511475,
  "summary_bg_k": 13.468143727619761,
  "summary_bg_mad": 8.006051414362387,
  "summary_bg_mean": 54.312923431396484,
  "summary_bg_median": 23.030302047729492,
  "summary_bg_n": 87860.0,
  "summary_bg_p05": 17.14545440673828,
  "summary_bg_p95": 230.6487861633301,
  "summary_bg_stdv": 79.307861328125,
  "summary_fg_k": 0.8804402183719868,
  "summary_fg_mad": 183.96845738740234,
  "summary_fg_mean": 471.9466552734375,
  "summary_fg_median": 434.4060363769531,
  "summary_fg_n": 32915.0,
  "summary_fg_p05": 225.50120391845704,
  "summary_fg_p95": 835.3951354980468,
  "summary_fg_stdv": 193.06027221679688,
  "tsnr": 91.18860352039337
}