{
  "aor": 0.0030913939393939394,
  "aqi": 0.002814102303030303,
  "bids_meta": {
    "AcquisitionMatrixPE": 70,
    "AcquisitionNumber": 1,
    "AcquisitionTime": "10:13:18.977500",
    "BandwidthPerPixelPhaseEncode": 29.155,
    "BaseResolution": 70,
    "BodyPartExamined": "BRAIN",
    "ConsistencyInfo": "N4_VE11C_LATEST_20160120",
    "ConversionSoftware": "dcm2niix",
    "ConversionSoftwareVersion": "v1.0.20181125  (JP2:OpenJPEG) (JP-LS:CharLS) GCC5.5.0",
    "DerivedVendorReportedEchoSpacing": 0.000489992,
    "DeviceSerialNumber": "167012",
    "DwellTime": 3e-06,
    "EchoTime": 0.03,
    "EchoTrainLength": 70,
    "EffectiveEchoSpacing": 0.000489992,
    "FlipAngle": 90,
    "ImageOrientationPatientDICOM": [
      0.999461,
      0.0213558,
      0.024941,
      -0.0228555,
      0.997847,
      0.0614791
    ],
    "ImageType": [
      "ORIGINAL",
      "PRIMARY",
      "M",
      "ND",
      "MOSAIC"
    ],
    "ImagingFrequency": 123.253,
    "InPlanePhaseEncodingDirectionDICOM": "COL",
    "InstitutionAddress": "Vassar_Street_43_Cambridge_Boston_US_02139",
    "InstitutionName": "McGovern_Institute_for_Brain_Research_(3T1)",
    "InstitutionalDepartmentName": "Department",
    "MRAcquisitionType": "2D",
    "MagneticFieldStrength": 3,
    "Manufacturer": "Siemens",
    "ManufacturersModelName": "Prisma_fit",
    "Modality": "MR",
    "PartialFourier": 1,
    "PatientPosition": "HFS",
    "PercentPhaseFOV": 100,
    "PhaseEncodingDirection": "j-",
    "PhaseEncodingSteps": 70,
    "PhaseResolution": 1,
    "PixelBandwidth": 2380,
    "ProcedureStepDescription": "Young_Minjae",
    "ProtocolName": "TPS_09",
    "PulseSequenceDetails": "%SiemensSeq%_ep2d_pace",
    "ReceiveCoilActiveElements": "HEA;HEP",
    "ReceiveCoilName": "Head_32",
    "ReconMatrixPE": 70,
    "RepetitionTime": 2,
    "SAR": 0.109562,
    "ScanOptions": "FS",
    "ScanningSequence": "EP",
    "SequenceName": "_epfid2d1_70",
    "SequenceVariant": "SK",
    "SeriesDescription": "TPS_09",
    "SeriesNumber": 27,
    "ShimSetting": [
      -5593,
      -1545,
      3180,
      443,
      72,
      -30,
      39,
      0
    ],
    "SliceThickness": 3,
    "SliceTiming": [
      0,
      0.0625,
      0.125,
      0.185,
      0.2475,
      0.31,
      0.3725,
      0.4325,
      0.495,
      0.5575,
      0.62,
      0.68,
      0.7425,
      0.805,
      0.8675,
      0.9275,
      0.99,
      1.0525,
      1.115,
      1.175,
      1.2375,
      1.3,
      1.3625,
      1.4225,
      1.485,
      1.5475,
      1.61,
      1.67,
      1.7325,
      1.795,
      1.8575,
      1.9175
    ],
    "SoftwareVersions": "syngo_MR_E11",
    "SpacingBetweenSlices": 3.6,
    "StationName": "MRC35115",
    "TaskName": "tps",
    "TotalReadoutTime": 0.0338094,
    "TxRefAmp": 240.242,
    "dataset": "ds002793",
    "modality": "bold",
    "run_id": 9,
    "subject_id": "03",
    "task_id": "tps"
  },
  "dummy_trs": 0,
  "dvars_nstd": 17.676088955609757,
  "dvars_std": 1.1861258428658534,
  "dvars_vstd": 1.0023362818902435,
  "efc": 0.5796466303028678,
  "fber": 343.2943420410156,
  "fd_mean": 0.12065157528357899,
  "fd_num": 6,
  "fd_perc": 3.6363636363636362,
  "fwhm_avg": 2.6809305205589102,
  "fwhm_x": 2.4844,
  "fwhm_y": 2.916233333333333,
  "fwhm_z": 2.642158228343398,
  "gcor": 0.0411807,
  "gsr_x": -0.019375307485461235,
  "gsr_y": 0.12495031952857971,
  "provenance": {
    "md5sum": "e4a243e5003ef92c44d4b11ef3cf68fd",
    "settings": {
      "fd_thres": 0.2,
      "testing": false
    },
    "software": "mriqc",
    "version": "22.0.6",
    "webapi_port": null,
    "webapi_url": "https://mriqc.nimh.nih.gov/api/v1"
  },
  "size_t": 165,
  "size_x": 70,
  "size_y": 70,
  "size_z": 32,
  "snr": 2.4126580689537467,
  "spacing_tr": 2.0,
  "spacing_x": 3.0,
  "spacing_y": 3.0,
  "spacing_z": 3.6000001430511475,
  "summary_bg_k": 13.265186635205193,
  "summary_bg_mad": 6.801999851850166,
  "summary_bg_mean": 52.13017272949219,
  "summary_bg_median": 21.7757568359375,
  "summary_bg_n": 88460.0,
  "summary_bg_p05": 16.830303192138672,
  "summary_bg_p95": 229.46151046752934,
  "summary_bg_stdv": 78.04330444335938,
  "summary_fg_k": 0.43227228296335474,
  "summary_fg_mad": 166.96796250580485,
  "summary_fg_mean": 445.88690185546875,
  "summary_fg_median": 413.74847412109375,
  "summary_fg_n": 32304.0,
  "summary_fg_p05": 223.3793846130371,
  "summary_fg_p95": 769.6899505615235,
  "summary_fg_stdv": 171.48806762695312,
  "tsnr": 82.7147697606124
}