{
  "aor": 0.004842269938650307,
  "aqi": 0.0023204162944785276,
  "bids_meta": {
    "AcquisitionMatrixPE": 70,
    "AcquisitionNumber": 1,
    "AcquisitionTime": "09:54:24.835000",
    "BandwidthPerPixelPhaseEncode": 29.155,
    "BaseResolution": 70,
    "BodyPartExamined": "BRAIN",
    "ConsistencyInfo": "N4_VE11C_LATEST_20160120",
    "ConversionSoftware": "dcm2niix",
    "ConversionSoftwareVersion": "v1.0.20181125  (JP2:OpenJPEG) (JP-LS:CharLS) GCC5.5.0",
    "DerivedVendorReportedEchoSpacing": 0.000489992,
    "DeviceSerialNumber": "167012",
    "DwellTime": 3e-06,
    "EchoTime": 0.03,
    "EchoTrainLength": 70,
    "EffectiveEchoSpacing": 0.000489992,
    "FlipAngle": 90,
    "ImageOrientationPatientDICOM": [
      0.999461,
      0.0213558,
      0.024941,
      -0.0228555,
      0.997847,
      0.0614791
    ],
    "ImageType": [
      "ORIGINAL",
      "PRIMARY",
      "M",
      "ND",
      "MOSAIC"
    ],
    "ImagingFrequency": 123.253,
    "InPlanePhaseEncodingDirectionDICOM": "COL",
    "InstitutionAddress": "Vassar_Street_43_Cambridge_Boston_US_02139",
    "InstitutionName": "McGovern_Institute_for_Brain_Research_(3T1)",
    "InstitutionalDepartmentName": "Department",
    "MRAcquisitionType": "2D",
    "MagneticFieldStrength": 3,
    "Manufacturer": "Siemens",
    "ManufacturersModelName": "Prisma_fit",
    "Modality": "MR",
    "PartialFourier": 1,
    "PatientPosition": "HFS",
    "PercentPhaseFOV": 100,
    "PhaseEncodingDirection": "j-",
    "PhaseEncodingSteps": 70,
    "PhaseResolution": 1,
    "PixelBandwidth": 2380,
    "ProcedureStepDescription": "Young_Minjae",
    "ProtocolName": "TPS_06",
    "PulseSequenceDetails": "%SiemensSeq%_ep2d_pace",
    "ReceiveCoilActiveElements": "HEA;HEP",
    "ReceiveCoilName": "Head_32",
    "ReconMatrixPE": 70,
    "RepetitionTime": 2,
    "SAR": 0.109562,
    "ScanOptions": "FS",
    "ScanningSequence": "EP",
    "SequenceName": "_epfid2d1_70",
    "SequenceVariant": "SK",
    "SeriesDescription": "TPS_06",
    "SeriesNumber": 21,
    "ShimSetting": [
      -5593,
      -1545,
      3180,
      443,
      72,
      -30,
      39,
      0
    ],
    "SliceThickness": 3,
    "SliceTiming": [
      0,
      0.0625,
      0.125,
      0.1875,
      0.2475,
      0.31,
      0.3725,
      0.435,
      0.495,
      0.5575,
      0.62,
      0.6825,
      0.7425,
      0.805,
      0.8675,
      0.93,
      0.99,
      1.0525,
      1.115,
      1.1775,
      1.2375,
      1.3,
      1.3625,
      1.425,
      1.485,
      1.5475,
      1.61,
      1.6725,
      1.7325,
      1.795,
      1.8575,
      1.92
    ],
    "SoftwareVersions": "syngo_MR_E11",
    "SpacingBetweenSlices": 3.6,
    "StationName": "MRC35115",
    "TaskName": "tps",
    "TotalReadoutTime": 0.0338094,
    "TxRefAmp": 240.242,
    "dataset": "ds002793",
    "modality": "bold",
    "run_id": 6,
    "subject_id": "03",
    "task_id": "tps"
  },
  "dummy_trs": 2,
  "dvars_nstd": 17.99309701728395,
  "dvars_std": 1.258797049444445,
  "dvars_vstd": 1.0331291699999996,
  "efc": 0.5779512515192641,
  "fber": 341.17962646484375,
  "fd_mean": 0.1371462358511789,
  "fd_num": 18,
  "fd_perc": 11.042944785276074,
  "fwhm_avg": 2.7393766309904186,
  "fwhm_x": 2.5423566666666666,
  "fwhm_y": 2.9823066666666667,
  "fwhm_z": 2.6934665596379217,
  "gcor": 0.0327228,
  "gsr_x": -0.025612637400627136,
  "gsr_y": 0.1165623739361763,
  "provenance": {
    "md5sum": "4ba90458c3362ddb986bcba13c7ec92d",
    "settings": {
      "fd_thres": 0.2,
      "testing": false
    },
    "software": "mriqc",
    "version": "22.0.6",
    "webapi_port": null,
    "webapi_url": "https://mriqc.nimh.nih.gov/api/v1"
  },
  "size_t": 163,
  "size_x": 70,
  "size_y": 70,
  "size_z": 32,
  "snr": 2.340441245059653,
  "spacing_tr": 2.0,
  "spacing_x": 3.0,
  "spacing_y": 3.0,
  "spacing_z": 3.6000001430511475,
  "summary_bg_k": 13.79696786149766,
  "summary_bg_mad": 7.276576329122706,
  "summary_bg_mean": 52.58940124511719,
  "summary_bg_median": 22.312883377075195,
  "summary_bg_n": 87773.0,
  "summary_bg_p05": 16.975460052490234,
  "summary_bg_p95": 226.2392578125,
  "summary_bg_stdv": 77.7463607788086,
  "summary_fg_k": 0.6192330277578004,
  "summary_fg_mad": 173.71459891955632,
  "summary_fg_mean": 458.2417907714844,
  "summary_fg_median": 423.81903076171875,
  "summary_fg_n": 32614.0,
  "summary_fg_p05": 224.34753875732423,
  "summary_fg_p95": 800.8785064697264,
  "summary_fg_stdv": 181.0823211669922,
  "tsnr": 85.06386818061583
}