{
  "aor": 0.0025426470588235293,
  "aqi": 0.0028968658823529413,
  "bids_meta": {
    "AcquisitionMatrixPE": 70,
    "AcquisitionNumber": 1,
    "AcquisitionTime": "10:32:21.722500",
    "BandwidthPerPixelPhaseEncode": 29.155,
    "BaseResolution": 70,
    "BodyPartExamined": "BRAIN",
    "ConsistencyInfo": "N4_VE11C_LATEST_20160120",
    "ConversionSoftware": "dcm2niix",
    "ConversionSoftwareVersion": "v1.0.20181125  (JP2:OpenJPEG) (JP-LS:CharLS) GCC5.5.0",
    "DerivedVendorReportedEchoSpacing": 0.000489992,
    "DeviceSerialNumber": "167012",
    "DwellTime": 3e-06,
    "EchoTime": 0.03,
    "EchoTrainLength": 70,
    "EffectiveEchoSpacing": 0.000489992,
    "FlipAngle": 90,
    "ImageOrientationPatientDICOM": [
      0.999461,
      0.0213558,
      0.024941,
      -0.0228555,
      0.997847,
      0.0614791
    ],
    "ImageType": [
      "ORIGINAL",
      "PRIMARY",
      "M",
      "ND",
      "MOSAIC"
    ],
    "ImagingFrequency": 123.253,
    "InPlanePhaseEncodingDirectionDICOM": "COL",
    "InstitutionAddress": "Vassar_Street_43_Cambridge_Boston_US_02139",
    "InstitutionName": "McGovern_Institute_for_Brain_Research_(3T1)",
    "InstitutionalDepartmentName": "Department",
    "MRAcquisitionType": "2D",
    "MagneticFieldStrength": 3,
    "Manufacturer": "Siemens",
    "ManufacturersModelName": "Prisma_fit",
    "Modality": "MR",
    "PartialFourier": 1,
    "PatientPosition": "HFS",
    "PercentPhaseFOV": 100,
    "PhaseEncodingDirection": "j-",
    "PhaseEncodingSteps": 70,
    "PhaseResolution": 1,
    "PixelBandwidth": 2380,
    "ProcedureStepDescription": "Young_Minjae",
    "ProtocolName": "TOM_RUN2",
    "PulseSequenceDetails": "%SiemensSeq%_ep2d_pace",
    "ReceiveCoilActiveElements": "HEA;HEP",
    "ReceiveCoilName": "Head_32",
    "ReconMatrixPE": 70,
    "RepetitionTime": 2,
    "SAR": 0.109459,
    "ScanOptions": "FS",
    "ScanningSequence": "EP",
    "SequenceName": "_epfid2d1_70",
    "SequenceVariant": "SK",
    "SeriesDescription": "TOM_RUN2",
    "SeriesNumber": 33,
    "ShimSetting": [
      -5593,
      -1545,
      3180,
      443,
      72,
      -30,
      39,
      0
    ],
    "SliceThickness": 3,
    "SliceTiming": [
      0,
      0.0625,
      0.125,
      0.185,
      0.2475,
      0.31,
      0.3725,
      0.4325,
      0.495,
      0.5575,
      0.62,
      0.68,
      0.7425,
      0.805,
      0.8675,
      0.9275,
      0.99,
      1.0525,
      1.115,
      1.175,
      1.2375,
      1.3,
      1.3625,
      1.4225,
      1.485,
      1.5475,
      1.61,
      1.67,
      1.7325,
      1.795,
      1.8575,
      1.9175
    ],
    "SoftwareVersions": "syngo_MR_E11",
    "SpacingBetweenSlices": 3.6,
    "StationName": "MRC35115",
    "TaskName": "tom",
    "TotalReadoutTime": 0.0338094,
    "TxRefAmp": 240.242,
    "dataset": "ds002793",
    "modality": "bold",
    "run_id": 2,
    "subject_id": "03",
    "task_id": "tom"
  },
  "dummy_trs": 0,
  "dvars_nstd": 16.90349407214815,
  "dvars_std": 1.1411824494074074,
  "dvars_vstd": 0.981453856666666,
  "efc": 0.5830194007232298,
  "fber": 326.3153381347656,
  "fd_mean": 0.13125565906676168,
  "fd_num": 7,
  "fd_perc": 5.147058823529412,
  "fwhm_avg": 2.69889089069204,
  "fwhm_x": 2.49057,
  "fwhm_y": 2.9460333333333337,
  "fwhm_z": 2.660069338742786,
  "gcor": 0.0673994,
  "gsr_x": -0.02246648073196411,
  "gsr_y": 0.12852555513381958,
  "provenance": {
    "md5sum": "9eafda9c5d310ce1401fd5c212c7035a",
    "settings": {
      "fd_thres": 0.2,
      "testing": false
    },
    "software": "mriqc",
    "version": "22.0.6",
    "webapi_port": null,
    "webapi_url": "https://mriqc.nimh.nih.gov/api/v1"
  },
  "size_t": 136,
  "size_x": 70,
  "size_y": 70,
  "size_z": 32,
  "snr": 2.396717081936264,
  "spacing_tr": 2.0,
  "spacing_x": 3.0,
  "spacing_y": 3.0,
  "spacing_z": 3.6000001430511475,
  "summary_bg_k": 11.726882204893071,
  "summary_bg_mad": 7.979888245024898,
  "summary_bg_mean": 56.53865432739258,
  "summary_bg_median": 22.897058486938477,
  "summary_bg_n": 88708.0,
  "summary_bg_p05": 17.044116973876953,
  "summary_bg_p95": 253.71544799804678,
  "summary_bg_stdv": 84.47103881835938,
  "summary_fg_k": 0.37737333319837596,
  "summary_fg_mad": 172.19989506915283,
  "summary_fg_mean": 454.4646301269531,
  "summary_fg_median": 421.7720642089844,
  "summary_fg_n": 32413.0,
  "summary_fg_p05": 225.1073486328125,
  "summary_fg_p95": 787.9926635742187,
  "summary_fg_stdv": 175.9763641357422,
  "tsnr": 77.79632967989892
}