{
  "bids_meta": {
    "AcquisitionMatrixPE": 256,
    "AcquisitionNumber": 1,
    "AcquisitionTime": "13:17:2.785000",
    "BaseResolution": 256,
    "BodyPartExamined": "BRAIN",
    "ConsistencyInfo": "N4_VE11C_LATEST_20160120",
    "ConversionSoftware": "dcm2niix",
    "ConversionSoftwareVersion": "v1.0.20181125  (JP2:OpenJPEG) (JP-LS:CharLS) GCC5.5.0",
    "DeviceSerialNumber": "167012",
    "DwellTime": 3e-06,
    "EchoTime": 0.00169,
    "FlipAngle": 7,
    "ImageOrientationPatientDICOM": [
      -0.0060319,
      0.997949,
      -0.0637226,
      -0.059192,
      -0.0639684,
      -0.996195
    ],
    "ImageType": [
      "ORIGINAL",
      "PRIMARY",
      "OTHER",
      "ND",
      "NORM",
      "MEAN"
    ],
    "ImagingFrequency": 123.253,
    "InPlanePhaseEncodingDirectionDICOM": "ROW",
    "InstitutionAddress": "Vassar_Street_43_Cambridge_Boston_US_02139",
    "InstitutionName": "McGovern_Institute_for_Brain_Research_(3T1)",
    "InstitutionalDepartmentName": "Department",
    "InversionTime": 1.4,
    "MRAcquisitionType": "3D",
    "MagneticFieldStrength": 3,
    "Manufacturer": "Siemens",
    "ManufacturersModelName": "Prisma_fit",
    "Modality": "MR",
    "PartialFourier": 1,
    "PatientPosition": "HFS",
    "PercentPhaseFOV": 100,
    "PhaseEncodingSteps": 255,
    "PhaseResolution": 1,
    "PixelBandwidth": 650,
    "ProcedureStepDescription": "Young_Minjae",
    "ProtocolName": "T1w_MPRAGE_FourEcho_vNav",
    "PulseSequenceDetails": "%CustomerSeq%_tfl_mgh_epinav_ABCD",
    "ReceiveCoilActiveElements": "HEA;HEP",
    "ReceiveCoilName": "Head_32",
    "ReconMatrixPE": 256,
    "RepetitionTime": 2.53,
    "SAR": 0.0436686,
    "ScanOptions": "IR_WE",
    "ScanningSequence": "GR_IR",
    "SequenceName": "tfl3d4_16ns",
    "SequenceVariant": "SK_SP_MP",
    "SeriesDescription": "T1w_MPRAGE_FourEcho_vNav_RMS",
    "SeriesNumber": 10,
    "ShimSetting": [
      -5647,
      -1585,
      3191,
      291,
      -34,
      -256,
      56,
      8
    ],
    "SliceThickness": 1,
    "SoftwareVersions": "syngo_MR_E11",
    "StationName": "MRC35115",
    "TxRefAmp": 271.274,
    "WipMemBlock": "Prisma_epi_moco_navigator_ABCD_tfl.prot",
    "dataset": "ds002793",
    "modality": "T1w",
    "run_id": 1,
    "subject_id": "09"
  },
  "cjv": 0.3631321452718934,
  "cnr": 3.623849123497485,
  "efc": 0.5744213220679624,
  "fber": 18835.855449122548,
  "fwhm_avg": 3.8702799999999997,
  "fwhm_x": 3.93242,
  "fwhm_y": 3.97091,
  "fwhm_z": 3.70751,
  "icvs_csf": 0.2148022016748327,
  "icvs_gm": 0.42078401931258935,
  "icvs_wm": 0.36441377901257793,
  "inu_med": 0.3479541540145874,
  "inu_range": 0.1365703016519546,
  "provenance": {
    "md5sum": "1feb76e475216132d473b3e973e83491",
    "settings": {
      "testing": false
    },
    "software": "mriqc",
    "version": "22.0.6",
    "warnings": {
      "large_rot_frame": true,
      "small_air_mask": false
    },
    "webapi_port": null,
    "webapi_url": "https://mriqc.nimh.nih.gov/api/v1"
  },
  "qi_1": 0.0,
  "qi_2": 0.001956765611338405,
  "rpve_csf": 23.50638985497736,
  "rpve_gm": 12.330475006874273,
  "rpve_wm": 16.199631887270424,
  "size_x": 176,
  "size_y": 256,
  "size_z": 256,
  "snr_csf": 3.3722696518803303,
  "snr_gm": 17.24217660069533,
  "snr_total": 17.221266181280463,
  "snr_wm": 31.049352291265727,
  "snrd_csf": 40.05575863788991,
  "snrd_gm": 92.98848829335151,
  "snrd_total": 83.32943547252383,
  "snrd_wm": 116.94405948633008,
  "spacing_x": 1.0,
  "spacing_y": 1.0,
  "spacing_z": 1.0,
  "summary_bg_k": 7.3388474105829715,
  "summary_bg_mad": 0.0,
  "summary_bg_mean": 3.7159930734598774,
  "summary_bg_median": 0.0,
  "summary_bg_n": 2715443.0,
  "summary_bg_p05": 0.0,
  "summary_bg_p95": 15.067375913262367,
  "summary_bg_stdv": 5.6021348844279455,
  "summary_csf_k": 2.4021337085806787,
  "summary_csf_mad": 69.33415045962899,
  "summary_csf_mean": 355.496114958373,
  "summary_csf_median": 342.5206762859598,
  "summary_csf_n": 46934.0,
  "summary_csf_p05": 213.68684553895147,
  "summary_csf_p95": 546.2059685608372,
  "summary_csf_stdv": 101.56869487423269,
  "summary_gm_k": 0.5304833939193263,
  "summary_gm_mad": 43.69908258157226,
  "summary_gm_mean": 795.1456587027675,
  "summary_gm_median": 795.1535804122686,
  "summary_gm_n": 27305.0,
  "summary_gm_p05": 719.6225336305797,
  "summary_gm_p95": 870.1603757124394,
  "summary_gm_stdv": 46.11593061059771,
  "summary_wm_k": 0.5150628703209859,
  "summary_wm_mad": 30.68723454015549,
  "summary_wm_mean": 1000.264456051004,
  "summary_wm_median": 999.9999926351011,
  "summary_wm_n": 229449.0,
  "summary_wm_p05": 948.0602625217289,
  "summary_wm_p95": 1053.4542270284146,
  "summary_wm_stdv": 32.20672058207655,
  "tpm_overlap_csf": 0.15672364943267883,
  "tpm_overlap_gm": 0.4577439794677391,
  "tpm_overlap_wm": 0.513772287085251,
  "wm2max": 0.9072711124248679
}