{
  "aor": 0.0017328658536585363,
  "aqi": 0.0012669362926829271,
  "bids_meta": {
    "AcquisitionMatrixPE": 70,
    "AcquisitionNumber": 1,
    "AcquisitionTime": "14:36:41.200000",
    "BandwidthPerPixelPhaseEncode": 29.155,
    "BaseResolution": 70,
    "BodyPartExamined": "BRAIN",
    "ConsistencyInfo": "N4_VE11C_LATEST_20160120",
    "ConversionSoftware": "dcm2niix",
    "ConversionSoftwareVersion": "v1.0.20181125  (JP2:OpenJPEG) (JP-LS:CharLS) GCC5.5.0",
    "DerivedVendorReportedEchoSpacing": 0.000489992,
    "DeviceSerialNumber": "167012",
    "DwellTime": 3e-06,
    "EchoTime": 0.03,
    "EchoTrainLength": 70,
    "EffectiveEchoSpacing": 0.000489992,
    "FlipAngle": 90,
    "ImageOrientationPatientDICOM": [
      0.997719,
      0.0632689,
      -0.02355,
      -0.0643448,
      0.996766,
      -0.0481404
    ],
    "ImageType": [
      "ORIGINAL",
      "PRIMARY",
      "M",
      "ND",
      "MOSAIC"
    ],
    "ImagingFrequency": 123.253,
    "InPlanePhaseEncodingDirectionDICOM": "COL",
    "InstitutionAddress": "Vassar_Street_43_Cambridge_Boston_US_02139",
    "InstitutionName": "McGovern_Institute_for_Brain_Research_(3T1)",
    "InstitutionalDepartmentName": "Department",
    "MRAcquisitionType": "2D",
    "MagneticFieldStrength": 3,
    "Manufacturer": "Siemens",
    "ManufacturersModelName": "Prisma_fit",
    "Modality": "MR",
    "PartialFourier": 1,
    "PatientPosition": "HFS",
    "PercentPhaseFOV": 100,
    "PhaseEncodingDirection": "j-",
    "PhaseEncodingSteps": 70,
    "PhaseResolution": 1,
    "PixelBandwidth": 2380,
    "ProcedureStepDescription": "Young_Minjae",
    "ProtocolName": "TPS_run8",
    "PulseSequenceDetails": "%SiemensSeq%_ep2d_pace",
    "ReceiveCoilActiveElements": "HEA;HEP",
    "ReceiveCoilName": "Head_32",
    "ReconMatrixPE": 70,
    "RepetitionTime": 2,
    "SAR": 0.083491,
    "ScanOptions": "FS",
    "ScanningSequence": "EP",
    "SequenceName": "_epfid2d1_70",
    "SequenceVariant": "SK",
    "SeriesDescription": "TPS_run8",
    "SeriesNumber": 29,
    "ShimSetting": [
      -5610,
      -1503,
      3170,
      519,
      -38,
      135,
      15,
      -20
    ],
    "SliceThickness": 3,
    "SliceTiming": [
      0,
      0.0625,
      0.125,
      0.185,
      0.2475,
      0.31,
      0.3725,
      0.4325,
      0.495,
      0.5575,
      0.62,
      0.68,
      0.7425,
      0.805,
      0.8675,
      0.9275,
      0.99,
      1.0525,
      1.115,
      1.175,
      1.2375,
      1.3,
      1.3625,
      1.4225,
      1.485,
      1.5475,
      1.61,
      1.67,
      1.7325,
      1.795,
      1.8575,
      1.9175
    ],
    "SoftwareVersions": "syngo_MR_E11",
    "SpacingBetweenSlices": 3.6,
    "StationName": "MRC35115",
    "TaskName": "tps",
    "TotalReadoutTime": 0.0338094,
    "TxRefAmp": 214.908,
    "dataset": "ds002793",
    "modality": "bold",
    "run_id": 8,
    "subject_id": "24",
    "task_id": "tps"
  },
  "dummy_trs": 1,
  "dvars_nstd": 20.49434120650306,
  "dvars_std": 1.3589537117791406,
  "dvars_vstd": 1.0141254620245392,
  "efc": 0.554207393057763,
  "fber": 383.8639221191406,
  "fd_mean": 0.0924611622557812,
  "fd_num": 4,
  "fd_perc": 2.4390243902439024,
  "fwhm_avg": 2.7732663204911225,
  "fwhm_x": 2.6305433333333332,
  "fwhm_y": 2.9492833333333333,
  "fwhm_z": 2.7399722948067,
  "gcor": 0.0195104,
  "gsr_x": -0.009973980486392975,
  "gsr_y": 0.05744122713804245,
  "provenance": {
    "md5sum": "8f14e61424280b4f246e66d4bb78af88",
    "settings": {
      "fd_thres": 0.2,
      "testing": false
    },
    "software": "mriqc",
    "version": "22.0.6",
    "webapi_port": null,
    "webapi_url": "https://mriqc.nimh.nih.gov/api/v1"
  },
  "size_t": 164,
  "size_x": 70,
  "size_y": 70,
  "size_z": 32,
  "snr": 2.5958652970619154,
  "spacing_tr": 2.0,
  "spacing_x": 3.0,
  "spacing_y": 3.0,
  "spacing_z": 3.5999999046325684,
  "summary_bg_k": 27.417047717416104,
  "summary_bg_mad": 6.436662807295657,
  "summary_bg_mean": 41.57962417602539,
  "summary_bg_median": 21.128047943115234,
  "summary_bg_n": 90800.0,
  "summary_bg_p05": 16.41463279724121,
  "summary_bg_p95": 147.15365447998053,
  "summary_bg_stdv": 59.73240661621094,
  "summary_fg_k": 1.1031166247661472,
  "summary_fg_mad": 159.78651751906028,
  "summary_fg_mean": 457.70379638671875,
  "summary_fg_median": 429.92071533203125,
  "summary_fg_n": 29440.0,
  "summary_fg_p05": 237.09724502563478,
  "summary_fg_p95": 764.1920745849609,
  "summary_fg_stdv": 165.61468505859375,
  "tsnr": 107.47721745632589
}