{
  "aor": 0.0020480606060606058,
  "aqi": 0.000977480290909091,
  "bids_meta": {
    "AcquisitionMatrixPE": 70,
    "AcquisitionNumber": 1,
    "AcquisitionTime": "13:55:7.715000",
    "BandwidthPerPixelPhaseEncode": 29.155,
    "BaseResolution": 70,
    "BodyPartExamined": "BRAIN",
    "ConsistencyInfo": "N4_VE11C_LATEST_20160120",
    "ConversionSoftware": "dcm2niix",
    "ConversionSoftwareVersion": "v1.0.20181125  (JP2:OpenJPEG) (JP-LS:CharLS) GCC5.5.0",
    "DerivedVendorReportedEchoSpacing": 0.000489992,
    "DeviceSerialNumber": "167012",
    "DwellTime": 3e-06,
    "EchoTime": 0.03,
    "EchoTrainLength": 70,
    "EffectiveEchoSpacing": 0.000489992,
    "FlipAngle": 90,
    "ImageOrientationPatientDICOM": [
      0.997719,
      0.0632689,
      -0.02355,
      -0.0643448,
      0.996766,
      -0.0481404
    ],
    "ImageType": [
      "ORIGINAL",
      "PRIMARY",
      "M",
      "ND",
      "MOSAIC"
    ],
    "ImagingFrequency": 123.253,
    "InPlanePhaseEncodingDirectionDICOM": "COL",
    "InstitutionAddress": "Vassar_Street_43_Cambridge_Boston_US_02139",
    "InstitutionName": "McGovern_Institute_for_Brain_Research_(3T1)",
    "InstitutionalDepartmentName": "Department",
    "MRAcquisitionType": "2D",
    "MagneticFieldStrength": 3,
    "Manufacturer": "Siemens",
    "ManufacturersModelName": "Prisma_fit",
    "Modality": "MR",
    "PartialFourier": 1,
    "PatientPosition": "HFS",
    "PercentPhaseFOV": 100,
    "PhaseEncodingDirection": "j-",
    "PhaseEncodingSteps": 70,
    "PhaseResolution": 1,
    "PixelBandwidth": 2380,
    "ProcedureStepDescription": "Young_Minjae",
    "ProtocolName": "TPS_run2",
    "PulseSequenceDetails": "%SiemensSeq%_ep2d_pace",
    "ReceiveCoilActiveElements": "HEA;HEP",
    "ReceiveCoilName": "Head_32",
    "ReconMatrixPE": 70,
    "RepetitionTime": 2,
    "SAR": 0.083491,
    "ScanOptions": "FS",
    "ScanningSequence": "EP",
    "SequenceName": "_epfid2d1_70",
    "SequenceVariant": "SK",
    "SeriesDescription": "TPS_run2",
    "SeriesNumber": 17,
    "ShimSetting": [
      -5610,
      -1503,
      3170,
      519,
      -38,
      135,
      15,
      -20
    ],
    "SliceThickness": 3,
    "SliceTiming": [
      0,
      0.06,
      0.1225,
      0.185,
      0.2475,
      0.3075,
      0.37,
      0.4325,
      0.495,
      0.555,
      0.6175,
      0.68,
      0.7425,
      0.8025,
      0.865,
      0.9275,
      0.9875,
      1.05,
      1.1125,
      1.175,
      1.235,
      1.2975,
      1.36,
      1.4225,
      1.4825,
      1.545,
      1.6075,
      1.67,
      1.73,
      1.7925,
      1.855,
      1.9175
    ],
    "SoftwareVersions": "syngo_MR_E11",
    "SpacingBetweenSlices": 3.6,
    "StationName": "MRC35115",
    "TaskName": "tps",
    "TotalReadoutTime": 0.0338094,
    "TxRefAmp": 214.908,
    "dataset": "ds002793",
    "modality": "bold",
    "run_id": 2,
    "subject_id": "24",
    "task_id": "tps"
  },
  "dummy_trs": 0,
  "dvars_nstd": 16.91036531981708,
  "dvars_std": 1.2200209778658535,
  "dvars_vstd": 1.018311327560975,
  "efc": 0.5525977753410667,
  "fber": 385.6297302246094,
  "fd_mean": 0.08299812599667272,
  "fd_num": 3,
  "fd_perc": 1.8181818181818181,
  "fwhm_avg": 2.783016876136674,
  "fwhm_x": 2.6381033333333335,
  "fwhm_y": 2.9607833333333335,
  "fwhm_z": 2.7501639617433535,
  "gcor": 0.0216276,
  "gsr_x": -0.011436520144343376,
  "gsr_y": 0.06771864742040634,
  "provenance": {
    "md5sum": "80d36a05f1aa7eec226922d83d0a3cf0",
    "settings": {
      "fd_thres": 0.2,
      "testing": false
    },
    "software": "mriqc",
    "version": "22.0.6",
    "webapi_port": null,
    "webapi_url": "https://mriqc.nimh.nih.gov/api/v1"
  },
  "size_t": 165,
  "size_x": 70,
  "size_y": 70,
  "size_z": 32,
  "snr": 2.6150342282281622,
  "spacing_tr": 2.0,
  "spacing_x": 3.0,
  "spacing_y": 3.0,
  "spacing_z": 3.5999999046325684,
  "summary_bg_k": 30.129878775542835,
  "summary_bg_mad": 6.325769088578659,
  "summary_bg_mean": 41.92523956298828,
  "summary_bg_median": 20.89090919494629,
  "summary_bg_n": 91693.0,
  "summary_bg_p05": 16.266666412353516,
  "summary_bg_p95": 147.6763549804686,
  "summary_bg_stdv": 62.45325469970703,
  "summary_fg_k": 1.1674084455621898,
  "summary_fg_mad": 155.43958554756932,
  "summary_fg_mean": 451.719482421875,
  "summary_fg_median": 423.78179931640625,
  "summary_fg_n": 29127.0,
  "summary_fg_p05": 237.15150451660156,
  "summary_fg_p95": 750.2042236328125,
  "summary_fg_stdv": 162.0531463623047,
  "tsnr": 111.65687458007596
}