{
  "aor": 0.0025899264705882357,
  "aqi": 0.0011971996985294118,
  "bids_meta": {
    "AcquisitionMatrixPE": 70,
    "AcquisitionNumber": 1,
    "AcquisitionTime": "13:36:56.422500",
    "BandwidthPerPixelPhaseEncode": 29.155,
    "BaseResolution": 70,
    "BodyPartExamined": "BRAIN",
    "ConsistencyInfo": "N4_VE11C_LATEST_20160120",
    "ConversionSoftware": "dcm2niix",
    "ConversionSoftwareVersion": "v1.0.20181125  (JP2:OpenJPEG) (JP-LS:CharLS) GCC5.5.0",
    "DerivedVendorReportedEchoSpacing": 0.000489992,
    "DeviceSerialNumber": "167012",
    "DwellTime": 3e-06,
    "EchoTime": 0.03,
    "EchoTrainLength": 70,
    "EffectiveEchoSpacing": 0.000489992,
    "FlipAngle": 90,
    "ImageOrientationPatientDICOM": [
      0.997719,
      0.0632689,
      -0.02355,
      -0.0643448,
      0.996766,
      -0.0481404
    ],
    "ImageType": [
      "ORIGINAL",
      "PRIMARY",
      "M",
      "ND",
      "MOSAIC"
    ],
    "ImagingFrequency": 123.253,
    "InPlanePhaseEncodingDirectionDICOM": "COL",
    "InstitutionAddress": "Vassar_Street_43_Cambridge_Boston_US_02139",
    "InstitutionName": "McGovern_Institute_for_Brain_Research_(3T1)",
    "InstitutionalDepartmentName": "Department",
    "MRAcquisitionType": "2D",
    "MagneticFieldStrength": 3,
    "Manufacturer": "Siemens",
    "ManufacturersModelName": "Prisma_fit",
    "Modality": "MR",
    "PartialFourier": 1,
    "PatientPosition": "HFS",
    "PercentPhaseFOV": 100,
    "PhaseEncodingDirection": "j-",
    "PhaseEncodingSteps": 70,
    "PhaseResolution": 1,
    "PixelBandwidth": 2380,
    "ProcedureStepDescription": "Young_Minjae",
    "ProtocolName": "tom_localizer_run1",
    "PulseSequenceDetails": "%SiemensSeq%_ep2d_pace",
    "ReceiveCoilActiveElements": "HEA;HEP",
    "ReceiveCoilName": "Head_32",
    "ReconMatrixPE": 70,
    "RepetitionTime": 2,
    "SAR": 0.0834126,
    "ScanOptions": "FS",
    "ScanningSequence": "EP",
    "SequenceName": "_epfid2d1_70",
    "SequenceVariant": "SK",
    "SeriesDescription": "tom_localizer_run1",
    "SeriesNumber": 11,
    "ShimSetting": [
      -5610,
      -1503,
      3170,
      519,
      -38,
      135,
      15,
      -20
    ],
    "SliceThickness": 3,
    "SliceTiming": [
      0,
      0.0625,
      0.1225,
      0.185,
      0.2475,
      0.31,
      0.37,
      0.4325,
      0.495,
      0.5575,
      0.6175,
      0.68,
      0.7425,
      0.805,
      0.865,
      0.9275,
      0.99,
      1.0525,
      1.1125,
      1.175,
      1.2375,
      1.3,
      1.36,
      1.4225,
      1.485,
      1.5475,
      1.6075,
      1.67,
      1.7325,
      1.795,
      1.855,
      1.9175
    ],
    "SoftwareVersions": "syngo_MR_E11",
    "SpacingBetweenSlices": 3.6,
    "StationName": "MRC35115",
    "TaskName": "tom",
    "TotalReadoutTime": 0.0338094,
    "TxRefAmp": 214.908,
    "dataset": "ds002793",
    "modality": "bold",
    "run_id": 1,
    "subject_id": "24",
    "task_id": "tom"
  },
  "dummy_trs": 0,
  "dvars_nstd": 16.501931042222214,
  "dvars_std": 1.1985568999259266,
  "dvars_vstd": 1.0137004170370372,
  "efc": 0.5514055212781056,
  "fber": 392.1739501953125,
  "fd_mean": 0.07600355944809854,
  "fd_num": 2,
  "fd_perc": 1.4705882352941178,
  "fwhm_avg": 2.7716755798027255,
  "fwhm_x": 2.6192033333333335,
  "fwhm_y": 2.949923333333333,
  "fwhm_z": 2.7459000727415104,
  "gcor": 0.0300474,
  "gsr_x": -0.011997746303677559,
  "gsr_y": 0.06737881898880005,
  "provenance": {
    "md5sum": "d7a093305454d0ab2489f328615ca672",
    "settings": {
      "fd_thres": 0.2,
      "testing": false
    },
    "software": "mriqc",
    "version": "22.0.6",
    "webapi_port": null,
    "webapi_url": "https://mriqc.nimh.nih.gov/api/v1"
  },
  "size_t": 136,
  "size_x": 70,
  "size_y": 70,
  "size_z": 32,
  "snr": 2.6168795035208556,
  "spacing_tr": 2.0,
  "spacing_x": 3.0,
  "spacing_y": 3.0,
  "spacing_z": 3.5999999046325684,
  "summary_bg_k": 31.080749644372922,
  "summary_bg_mad": 6.093931510221033,
  "summary_bg_mean": 41.01982879638672,
  "summary_bg_median": 20.617647171020508,
  "summary_bg_n": 91809.0,
  "summary_bg_p05": 16.16176414489746,
  "summary_bg_p95": 143.77206420898438,
  "summary_bg_stdv": 60.90123748779297,
  "summary_fg_k": 1.375837604152954,
  "summary_fg_mad": 152.41915906442512,
  "summary_fg_mean": 448.52001953125,
  "summary_fg_median": 420.1323547363281,
  "summary_fg_n": 29190.0,
  "summary_fg_p05": 235.9705909729004,
  "summary_fg_p95": 743.2867431640625,
  "summary_fg_stdv": 160.54432678222656,
  "tsnr": 108.0654160771519
}