{
  "aor": 0.0014417910447761192,
  "aqi": 0.001347879,
  "bids_meta": {
    "AcquisitionMatrixPE": 70,
    "AcquisitionNumber": 1,
    "AcquisitionTime": "13:42:19.905000",
    "BandwidthPerPixelPhaseEncode": 29.155,
    "BaseResolution": 70,
    "BodyPartExamined": "BRAIN",
    "ConsistencyInfo": "N4_VE11C_LATEST_20160120",
    "ConversionSoftware": "dcm2niix",
    "ConversionSoftwareVersion": "v1.0.20181125  (JP2:OpenJPEG) (JP-LS:CharLS) GCC5.5.0",
    "DerivedVendorReportedEchoSpacing": 0.000489992,
    "DeviceSerialNumber": "167012",
    "DwellTime": 3e-06,
    "EchoTime": 0.03,
    "EchoTrainLength": 70,
    "EffectiveEchoSpacing": 0.000489992,
    "FlipAngle": 90,
    "ImageOrientationPatientDICOM": [
      0.997719,
      0.0632689,
      -0.02355,
      -0.0643448,
      0.996766,
      -0.0481404
    ],
    "ImageType": [
      "ORIGINAL",
      "PRIMARY",
      "M",
      "ND",
      "MOSAIC"
    ],
    "ImagingFrequency": 123.253,
    "InPlanePhaseEncodingDirectionDICOM": "COL",
    "InstitutionAddress": "Vassar_Street_43_Cambridge_Boston_US_02139",
    "InstitutionName": "McGovern_Institute_for_Brain_Research_(3T1)",
    "InstitutionalDepartmentName": "Department",
    "MRAcquisitionType": "2D",
    "MagneticFieldStrength": 3,
    "Manufacturer": "Siemens",
    "ManufacturersModelName": "Prisma_fit",
    "Modality": "MR",
    "PartialFourier": 1,
    "PatientPosition": "HFS",
    "PercentPhaseFOV": 100,
    "PhaseEncodingDirection": "j-",
    "PhaseEncodingSteps": 70,
    "PhaseResolution": 1,
    "PixelBandwidth": 2380,
    "ProcedureStepDescription": "Young_Minjae",
    "ProtocolName": "tom_localizer_run2",
    "PulseSequenceDetails": "%SiemensSeq%_ep2d_pace",
    "ReceiveCoilActiveElements": "HEA;HEP",
    "ReceiveCoilName": "Head_32",
    "ReconMatrixPE": 70,
    "RepetitionTime": 2,
    "SAR": 0.0834126,
    "ScanOptions": "FS",
    "ScanningSequence": "EP",
    "SequenceName": "_epfid2d1_70",
    "SequenceVariant": "SK",
    "SeriesDescription": "tom_localizer_run2",
    "SeriesNumber": 13,
    "ShimSetting": [
      -5610,
      -1503,
      3170,
      519,
      -38,
      135,
      15,
      -20
    ],
    "SliceThickness": 3,
    "SliceTiming": [
      0,
      0.0625,
      0.125,
      0.1875,
      0.2475,
      0.31,
      0.3725,
      0.435,
      0.495,
      0.5575,
      0.62,
      0.6825,
      0.7425,
      0.805,
      0.8675,
      0.93,
      0.99,
      1.0525,
      1.115,
      1.1775,
      1.2375,
      1.3,
      1.3625,
      1.425,
      1.485,
      1.5475,
      1.61,
      1.6725,
      1.7325,
      1.795,
      1.8575,
      1.92
    ],
    "SoftwareVersions": "syngo_MR_E11",
    "SpacingBetweenSlices": 3.6,
    "StationName": "MRC35115",
    "TaskName": "tom",
    "TotalReadoutTime": 0.0338094,
    "TxRefAmp": 214.908,
    "dataset": "ds002793",
    "modality": "bold",
    "run_id": 2,
    "subject_id": "24",
    "task_id": "tom"
  },
  "dummy_trs": 2,
  "dvars_nstd": 16.687690433609024,
  "dvars_std": 1.185057925413534,
  "dvars_vstd": 0.998877239548872,
  "efc": 0.5518649408396512,
  "fber": 389.0917663574219,
  "fd_mean": 0.07392047424740421,
  "fd_num": 1,
  "fd_perc": 0.746268656716418,
  "fwhm_avg": 2.7768744688823492,
  "fwhm_x": 2.6107566666666666,
  "fwhm_y": 2.952366666666667,
  "fwhm_z": 2.7675000733137147,
  "gcor": 0.0183236,
  "gsr_x": -0.012089289724826813,
  "gsr_y": 0.06836380809545517,
  "provenance": {
    "md5sum": "c52b203562c4a2dc065e6b367c8b4549",
    "settings": {
      "fd_thres": 0.2,
      "testing": false
    },
    "software": "mriqc",
    "version": "22.0.6",
    "webapi_port": null,
    "webapi_url": "https://mriqc.nimh.nih.gov/api/v1"
  },
  "size_t": 134,
  "size_x": 70,
  "size_y": 70,
  "size_z": 32,
  "snr": 2.6041289678437973,
  "spacing_tr": 2.0,
  "spacing_x": 3.0,
  "spacing_y": 3.0,
  "spacing_z": 3.5999999046325684,
  "summary_bg_k": 32.152636277855514,
  "summary_bg_mad": 6.162758291295954,
  "summary_bg_mean": 41.10564422607422,
  "summary_bg_median": 20.701492309570312,
  "summary_bg_n": 91804.0,
  "summary_bg_p05": 16.194028854370117,
  "summary_bg_p95": 143.70895385742188,
  "summary_bg_stdv": 61.038360595703125,
  "summary_fg_k": 1.197324783246339,
  "summary_fg_mad": 152.99567632114503,
  "summary_fg_mean": 447.7873229980469,
  "summary_fg_median": 419.6268615722656,
  "summary_fg_n": 29234.0,
  "summary_fg_p05": 234.79327926635742,
  "summary_fg_p95": 743.5279663085937,
  "summary_fg_stdv": 161.13629150390625,
  "tsnr": 103.0324623985216
}